{
  "aor": 0.006284496124031007,
  "aqi": 0.01121128054263566,
  "bids_meta": {
    "AcquisitionMatrixPE": 64,
    "AcquisitionNumber": 1,
    "AcquisitionTime": "16:16:42.960000",
    "BandwidthPerPixelPhaseEncode": 27.902,
    "BaseResolution": 64,
    "ConversionSoftware": "dcm2niix",
    "ConversionSoftwareVersion": "v1.0.20171103 (OpenJPEG build) GCC7.2.1",
    "DerivedVendorReportedEchoSpacing": 0.000559996,
    "DeviceSerialNumber": "35267",
    "DwellTime": 3.9e-06,
    "EchoTime": 0.03,
    "EffectiveEchoSpacing": 0.000559996,
    "FlipAngle": 80,
    "ImageComments": "PROJECT:MH_EPIL_SUBJECT:303_SESSION:20150206",
    "ImageOrientationPatientDICOM": [
      1,
      2e-16,
      0,
      -2e-16,
      0.993373,
      -0.114937
    ],
    "ImageType": [
      "ORIGINAL",
      "PRIMARY",
      "M",
      "ND",
      "MOSAIC"
    ],
    "InPlanePhaseEncodingDirectionDICOM": "COL",
    "InstitutionAddress": "Newton_Road_500_Iowa_City_CDI_US_52242",
    "InstitutionName": "University_of_Iowa",
    "InstitutionalDepartmentName": "Department",
    "MRAcquisitionType": "2D",
    "MagneticFieldStrength": 3,
    "Manufacturer": "Siemens",
    "ManufacturersModelName": "TrioTim",
    "Modality": "MR",
    "PartialFourier": 1,
    "PatientPosition": "HFS",
    "PercentPhaseFOV": 100,
    "PhaseEncodingDirection": "j-",
    "PhaseEncodingSteps": 64,
    "PhaseResolution": 1,
    "PixelBandwidth": 2003,
    "ProcedureStepDescription": "RESEARCH_HOWARD",
    "ProtocolName": "REST",
    "PulseSequenceDetails": "%SiemensSeq%_ep2d_pace",
    "ReceiveCoilName": "HeadMatrix",
    "ReconMatrixPE": 64,
    "RepetitionTime": 2.26,
    "SAR": 0.126681,
    "ScanOptions": "FS",
    "ScanningSequence": "EP",
    "SequenceName": "_epfid2d1_64",
    "SequenceVariant": "SK",
    "SeriesDescription": "REST",
    "SeriesNumber": 5,
    "ShimSetting": [
      6571,
      25518,
      6068,
      586,
      230,
      -580,
      86,
      -15
    ],
    "SliceThickness": 4,
    "SliceTiming": [
      1.1225,
      0,
      1.185,
      0.0625,
      1.2475,
      0.125,
      1.31,
      0.1875,
      1.3725,
      0.25,
      1.435,
      0.31,
      1.4975,
      0.3725,
      1.56,
      0.435,
      1.6225,
      0.4975,
      1.685,
      0.56,
      1.7475,
      0.6225,
      1.81,
      0.685,
      1.8725,
      0.7475,
      1.935,
      0.81,
      1.9975,
      0.8725,
      2.06,
      0.935,
      2.1225,
      0.9975,
      2.185,
      1.06
    ],
    "SoftwareVersions": "syngo_MR_B17",
    "SpacingBetweenSlices": 4,
    "StationName": "MRC35267",
    "TaskName": "rest",
    "TotalReadoutTime": 0.0352797,
    "TxRefAmp": 270.739,
    "dataset": "ds002799",
    "modality": "bold",
    "run_id": 2,
    "session_id": "preop",
    "subject_id": "303",
    "task_id": "rest"
  },
  "dummy_trs": 1,
  "dvars_nstd": 27.755880631328125,
  "dvars_std": 1.1863357806250003,
  "dvars_vstd": 1.0201956840625004,
  "efc": 0.45467125467696606,
  "fber": 1896.9501953125,
  "fd_mean": 0.3784775901813755,
  "fd_num": 103,
  "fd_perc": 79.84496124031008,
  "fwhm_avg": 1.9545056515151515,
  "fwhm_x": 1.861472,
  "fwhm_y": 2.1918574545454548,
  "fwhm_z": 1.8101875,
  "gcor": 0.0102112,
  "gsr_x": -0.023823441937565804,
  "gsr_y": 0.03408563509583473,
  "provenance": {
    "md5sum": "1734426e67e0fdae0ecc753b66be6ad5",
    "settings": {
      "fd_thres": 0.2,
      "testing": false
    },
    "software": "mriqc",
    "version": "21.0.0rc2",
    "webapi_port": null,
    "webapi_url": "https://mriqc.nimh.nih.gov/api/v1"
  },
  "size_t": 129,
  "size_x": 64,
  "size_y": 64,
  "size_z": 36,
  "snr": 6.169124098848211,
  "spacing_tr": 2.259999990463257,
  "spacing_x": 3.4375,
  "spacing_y": 3.4375,
  "spacing_z": 4.0,
  "summary_bg_k": 40.66943269025069,
  "summary_bg_mad": 8.884119558139943,
  "summary_bg_mean": 41.12042999267578,
  "summary_bg_median": 18.542634963989258,
  "summary_bg_n": 102089.0,
  "summary_bg_p05": 11.364340782165527,
  "summary_bg_p95": 153.81084899902336,
  "summary_bg_stdv": 67.19619750976562,
  "summary_fg_k": 1.1245063333350522,
  "summary_fg_mad": 116.70610488939113,
  "summary_fg_mean": 823.53369140625,
  "summary_fg_median": 820.3875732421875,
  "summary_fg_n": 16100.0,
  "summary_fg_p05": 611.5069458007813,
  "summary_fg_p95": 1048.0662780761718,
  "summary_fg_stdv": 132.97869873046875,
  "tsnr": 49.27493055537343
}