{
  "bids_meta": {
    "AcquisitionMatrixPE": 256,
    "AcquisitionNumber": 1,
    "AcquisitionTime": "09:48:17.000000",
    "ConversionSoftware": "dcm2niix",
    "ConversionSoftwareVersion": "v1.0.20171215 (OpenJPEG build) GCC7.2.0",
    "DeviceSerialNumber": "0000000319335MR2",
    "EchoTime": 0.003416,
    "FlipAngle": 12,
    "ImageOrientationPatientDICOM": [
      0,
      1,
      0,
      0,
      0,
      -1
    ],
    "ImageType": [
      "ORIGINAL",
      "PRIMARY",
      "OTHER"
    ],
    "InPlanePhaseEncodingDirectionDICOM": "ROW",
    "InstitutionName": "Iowa_MRRF",
    "InversionTime": 0.45,
    "MRAcquisitionType": "3D",
    "MagneticFieldStrength": 3,
    "Manufacturer": "GE",
    "ManufacturersModelName": "DISCOVERY_MR750w",
    "Modality": "MR",
    "PatientPosition": "HFS",
    "PercentPhaseFOV": 90,
    "PixelBandwidth": 244.141,
    "ProcedureStepDescription": "MH_EPIL",
    "ProtocolName": "SAG_FSPGR_BRAVO",
    "ReconMatrixPE": 256,
    "RepetitionTime": 0.008784,
    "SAR": 0.0309274,
    "ScanOptions": "FAST_GEMS_EDR_GEMS_FILTERED_GEMS",
    "ScanningSequence": "GR",
    "SequenceVariant": "SS_SK",
    "SeriesDescription": "SAG_FSPGR_BRAVO",
    "SeriesNumber": 7,
    "SliceThickness": 1,
    "SoftwareVersions": "25_LX_MR_Software_release:DV25.0_R02_1549.b",
    "SpacingBetweenSlices": 1,
    "StationName": "Iowa3T",
    "dataset": "ds002799",
    "modality": "T1w",
    "session_id": "preop",
    "subject_id": "352"
  },
  "cjv": 0.5537604678334878,
  "cnr": 2.0031876467863343,
  "efc": 0.7062533447450552,
  "fber": 19.5037440926276,
  "fwhm_avg": 3.2910866666666667,
  "fwhm_x": 3.20895,
  "fwhm_y": 3.46885,
  "fwhm_z": 3.19546,
  "icvs_csf": 0.232714146049744,
  "icvs_gm": 0.394102382677975,
  "icvs_wm": 0.373183471272281,
  "inu_med": 1.358215570449829,
  "inu_range": 0.5505694448947906,
  "provenance": {
    "md5sum": "5f26ff13c2970d8550673eb3ef7b932c",
    "settings": {
      "testing": false
    },
    "software": "mriqc",
    "version": "21.0.0rc2",
    "warnings": {
      "large_rot_frame": true,
      "small_air_mask": false
    },
    "webapi_port": null,
    "webapi_url": "https://mriqc.nimh.nih.gov/api/v1"
  },
  "qi_1": 6.065379274599019e-05,
  "qi_2": 0.0003113740524050223,
  "rpve_csf": 41.71129480065266,
  "rpve_gm": 23.613056292055308,
  "rpve_wm": 30.515935220602827,
  "size_x": 172,
  "size_y": 256,
  "size_z": 256,
  "snr_csf": 2.593824692152102,
  "snr_gm": 7.685306085652037,
  "snr_total": 7.396079733996198,
  "snr_wm": 11.909108424184456,
  "snrd_csf": 3.554701407464841,
  "snrd_gm": 7.743145798538479,
  "snrd_total": 7.505460706553297,
  "snrd_wm": 11.21853491365657,
  "spacing_x": 1.0,
  "spacing_y": 1.0,
  "spacing_z": 1.0,
  "summary_bg_k": 90.45319118396691,
  "summary_bg_mad": 58.397678643194716,
  "summary_bg_mean": 129.45960831681904,
  "summary_bg_median": 118.36790004372597,
  "summary_bg_n": 3043257.0,
  "summary_bg_p05": 36.56073363125324,
  "summary_bg_p95": 237.6111031025648,
  "summary_bg_stdv": 93.81801056065434,
  "summary_csf_k": 0.8290030085132267,
  "summary_csf_mad": 114.59920526903852,
  "summary_csf_mean": 324.4198048451667,
  "summary_csf_median": 316.85969147086143,
  "summary_csf_n": 5099.0,
  "summary_csf_p05": 140.31780642271042,
  "summary_csf_p95": 535.4969184458255,
  "summary_csf_stdv": 122.14727546468119,
  "summary_gm_k": -0.05837513488072377,
  "summary_gm_mad": 89.79266998214298,
  "summary_gm_mean": 692.9463244790186,
  "summary_gm_median": 690.2100929170847,
  "summary_gm_n": 3812.0,
  "summary_gm_p05": 547.9093885101378,
  "summary_gm_p95": 843.5396153144537,
  "summary_gm_stdv": 89.79727652462208,
  "summary_wm_k": 0.28848725496605043,
  "summary_wm_mad": 81.7567501004726,
  "summary_wm_mean": 1002.6673471187931,
  "summary_wm_median": 1000.0000292658806,
  "summary_wm_n": 105788.0,
  "summary_wm_p05": 868.6372459977865,
  "summary_wm_p95": 1144.6943507641554,
  "summary_wm_stdv": 83.9689477333021,
  "tpm_overlap_csf": 0.06648411601781845,
  "tpm_overlap_gm": 0.26394063234329224,
  "tpm_overlap_wm": 0.2611542046070099,
  "wm2max": 0.45835397255822913
}