{
  "bids_meta": {
    "AcquisitionMatrixPE": 256,
    "AcquisitionNumber": 1,
    "AcquisitionTime": "09:13:53.000000",
    "ConversionSoftware": "dcm2niix",
    "ConversionSoftwareVersion": "v1.0.20171215 (OpenJPEG build) GCC7.2.0",
    "DeviceSerialNumber": "0000000319335MR2",
    "EchoTime": 0.085796,
    "EchoTrainLength": 140,
    "FlipAngle": 90,
    "ImageOrientationPatientDICOM": [
      0,
      1,
      0,
      0,
      0,
      -1
    ],
    "ImageType": [
      "ORIGINAL",
      "PRIMARY",
      "OTHER"
    ],
    "InPlanePhaseEncodingDirectionDICOM": "ROW",
    "InstitutionName": "Iowa_MRRF",
    "MRAcquisitionType": "3D",
    "MagneticFieldStrength": 3,
    "Manufacturer": "GE",
    "ManufacturersModelName": "DISCOVERY_MR750w",
    "Modality": "MR",
    "PatientPosition": "HFS",
    "PercentPhaseFOV": 90,
    "PixelBandwidth": 976.562,
    "ProcedureStepDescription": "MH_EPIL",
    "ProtocolName": "SAG_CUBE_T2",
    "ReconMatrixPE": 256,
    "RepetitionTime": 3.5,
    "SAR": 0.121292,
    "ScanOptions": "EDR_GEMS_FILTERED_GEMS",
    "ScanningSequence": "SE",
    "SequenceVariant": "SK",
    "SeriesDescription": "SAG_CUBE_T2",
    "SeriesNumber": 3,
    "SliceThickness": 1,
    "SoftwareVersions": "25_LX_MR_Software_release:DV25.0_R02_1549.b",
    "SpacingBetweenSlices": 0.5,
    "StationName": "Iowa3T",
    "dataset": "ds002799",
    "modality": "T2w",
    "session_id": "preop",
    "subject_id": "352"
  },
  "cjv": 0.7423310517456843,
  "cnr": 1.8388572528434899,
  "efc": 0.5808473835716207,
  "fber": 195.3664246414015,
  "fwhm_avg": 4.659886666666667,
  "fwhm_x": 6.58904,
  "fwhm_y": 3.76126,
  "fwhm_z": 3.62936,
  "icvs_csf": 0.3265016036063075,
  "icvs_gm": 0.5585145697458583,
  "icvs_wm": 0.11498382664783416,
  "inu_med": 1.4483306407928467,
  "inu_range": 0.7220256388187407,
  "provenance": {
    "md5sum": "812d655aebf572cc001e80bc7304ceef",
    "settings": {
      "testing": false
    },
    "software": "mriqc",
    "version": "21.0.0rc2",
    "warnings": {
      "large_rot_frame": true,
      "small_air_mask": false
    },
    "webapi_port": null,
    "webapi_url": "https://mriqc.nimh.nih.gov/api/v1"
  },
  "qi_1": 1.1200713261420487e-06,
  "qi_2": 0.0012961265613763305,
  "rpve_csf": 15.806309933490425,
  "rpve_gm": 10.386771846244816,
  "rpve_wm": 40.8730434719215,
  "size_x": 344,
  "size_y": 256,
  "size_z": 256,
  "snr_csf": 6.235227944179311,
  "snr_gm": 6.626910121001989,
  "snr_total": 5.382714023409526,
  "snr_wm": 3.2860040050472765,
  "snrd_csf": 54.525655943734925,
  "snrd_gm": 19.857943950039026,
  "snrd_total": 28.558223930946955,
  "snrd_wm": 11.291071899066917,
  "spacing_x": 0.5,
  "spacing_y": 1.0,
  "spacing_z": 1.0,
  "summary_bg_k": 6.247167452057587,
  "summary_bg_mad": 57.99194651053034,
  "summary_bg_mean": 109.37904100800138,
  "summary_bg_median": 84.81495940685272,
  "summary_bg_n": 5870812.0,
  "summary_bg_p05": 19.491636633872986,
  "summary_bg_p95": 282.4970309436321,
  "summary_bg_stdv": 84.86308077255953,
  "summary_csf_k": -0.18212545469276842,
  "summary_csf_mad": 819.111837076346,
  "summary_csf_mean": 4800.735098138894,
  "summary_csf_median": 4826.550671339035,
  "summary_csf_n": 361899.0,
  "summary_csf_p05": 3534.044442117214,
  "summary_csf_p95": 6023.179120361805,
  "summary_csf_stdv": 774.076592897157,
  "summary_gm_k": 0.030846091161272238,
  "summary_gm_mad": 268.6764929242079,
  "summary_gm_mean": 1781.8026038841494,
  "summary_gm_median": 1757.8032037317753,
  "summary_gm_n": 335552.0,
  "summary_gm_p05": 1390.3595131337643,
  "summary_gm_p95": 2254.0497364103794,
  "summary_gm_stdv": 265.25191263543286,
  "summary_wm_k": 0.04784486478099792,
  "summary_wm_mad": 294.25543229417246,
  "summary_wm_mean": 979.7468985249837,
  "summary_wm_median": 999.4731784760952,
  "summary_wm_n": 13469.0,
  "summary_wm_p05": 439.93150683641437,
  "summary_wm_p95": 1448.9134431838988,
  "summary_wm_stdv": 304.1493782503912,
  "tpm_overlap_csf": 0.1281316876411438,
  "tpm_overlap_gm": 0.38202670216560364,
  "tpm_overlap_wm": 0.11994457989931107,
  "wm2max": 0.15928553437998488
}