{
  "aor": 0.0016447619047619045,
  "aqi": 0.005867205238095238,
  "bids_meta": {
    "AcquisitionMatrixPE": 64,
    "AcquisitionNumber": 1,
    "AcquisitionTime": "09:56:59.000000",
    "ConversionSoftware": "dcm2niix",
    "ConversionSoftwareVersion": "v1.0.20171215 (OpenJPEG build) GCC7.2.0",
    "DeviceSerialNumber": "0000000319335MR2",
    "EchoTime": 0.03,
    "EffectiveEchoSpacing": 0.000664,
    "FlipAngle": 80,
    "ImageOrientationPatientDICOM": [
      1,
      0,
      0,
      0,
      0.998005,
      -0.063142
    ],
    "ImageType": [
      "ORIGINAL",
      "PRIMARY",
      "EPI",
      "NONE"
    ],
    "InPlanePhaseEncodingDirectionDICOM": "COL",
    "InstitutionName": "Iowa_MRRF",
    "MRAcquisitionType": "2D",
    "MagneticFieldStrength": 3,
    "Manufacturer": "GE",
    "ManufacturersModelName": "DISCOVERY_MR750w",
    "Modality": "MR",
    "PatientPosition": "HFS",
    "PercentPhaseFOV": 100,
    "PixelBandwidth": 7812.5,
    "ProcedureStepDescription": "MH_EPIL",
    "ProtocolName": "REST",
    "ReconMatrixPE": 64,
    "RepetitionTime": 2.26,
    "SAR": 0.0240961,
    "ScanOptions": "SAT_GEMS_EPI_GEMS_PFF_FS",
    "ScanningSequence": "EP_GR",
    "SequenceVariant": "SS",
    "SeriesDescription": "REST",
    "SeriesNumber": 8,
    "SliceThickness": 4,
    "SoftwareVersions": "25_LX_MR_Software_release:DV25.0_R02_1549.b",
    "SpacingBetweenSlices": 4,
    "StationName": "Iowa3T",
    "TaskName": "rest",
    "TotalReadoutTime": 0.041832,
    "dataset": "ds002799",
    "modality": "bold",
    "run_id": 4,
    "session_id": "preop",
    "subject_id": "352",
    "task_id": "rest"
  },
  "dummy_trs": 4,
  "dvars_nstd": 26.390618362320005,
  "dvars_std": 1.16066212208,
  "dvars_vstd": 0.9992130471199999,
  "efc": 0.4811550090838409,
  "fber": 7398.35302734375,
  "fd_mean": 0.1918514765890014,
  "fd_num": 42,
  "fd_perc": 33.333333333333336,
  "fwhm_avg": 2.6034303243986354,
  "fwhm_x": 2.5563723636363638,
  "fwhm_y": 2.9999127272727275,
  "fwhm_z": 2.254005882286815,
  "gcor": 0.0259861,
  "gsr_x": -0.012361903674900532,
  "gsr_y": 0.028851406648755074,
  "provenance": {
    "md5sum": "fbcb0c3989d091adf3774d60842d6ba8",
    "settings": {
      "fd_thres": 0.2,
      "testing": false
    },
    "software": "mriqc",
    "version": "21.0.0rc2",
    "webapi_port": null,
    "webapi_url": "https://mriqc.nimh.nih.gov/api/v1"
  },
  "size_t": 126,
  "size_x": 64,
  "size_y": 64,
  "size_z": 30,
  "snr": 5.225776595084962,
  "spacing_tr": 2.259999990463257,
  "spacing_x": 3.4375,
  "spacing_y": 3.4375,
  "spacing_z": 3.9999806880950928,
  "summary_bg_k": 36.87893322541575,
  "summary_bg_mad": 13.155153736350167,
  "summary_bg_mean": 68.12654876708984,
  "summary_bg_median": 21.57936668395996,
  "summary_bg_n": 74827.0,
  "summary_bg_p05": 7.603175163269043,
  "summary_bg_p95": 278.36589660644523,
  "summary_bg_stdv": 128.8133544921875,
  "summary_fg_k": 1.7738946249683583,
  "summary_fg_mad": 284.64795263238545,
  "summary_fg_mean": 1925.1766357421875,
  "summary_fg_median": 1863.7183837890625,
  "summary_fg_n": 20336.0,
  "summary_fg_p05": 1479.5378112792969,
  "summary_fg_p95": 2672.26806640625,
  "summary_fg_stdv": 356.6307373046875,
  "tsnr": 66.69154827017337
}