{
  "aor": 0.005874076923076924,
  "aqi": 0.010763920153846153,
  "bids_meta": {
    "AcquisitionMatrixPE": 64,
    "AcquisitionNumber": 1,
    "AcquisitionTime": "09:42:25.000000",
    "ConversionSoftware": "dcm2niix",
    "ConversionSoftwareVersion": "v1.0.20171215 (OpenJPEG build) GCC7.2.0",
    "DeviceSerialNumber": "0000000319335MR2",
    "EchoTime": 0.03,
    "EffectiveEchoSpacing": 0.000664,
    "FlipAngle": 80,
    "ImageOrientationPatientDICOM": [
      1,
      0,
      0,
      0,
      0.998005,
      -0.063142
    ],
    "ImageType": [
      "ORIGINAL",
      "PRIMARY",
      "EPI",
      "NONE"
    ],
    "InPlanePhaseEncodingDirectionDICOM": "COL",
    "InstitutionName": "Iowa_MRRF",
    "MRAcquisitionType": "2D",
    "MagneticFieldStrength": 3,
    "Manufacturer": "GE",
    "ManufacturersModelName": "DISCOVERY_MR750w",
    "Modality": "MR",
    "PatientPosition": "HFS",
    "PercentPhaseFOV": 100,
    "PixelBandwidth": 7812.5,
    "ProcedureStepDescription": "MH_EPIL",
    "ProtocolName": "REST",
    "ReconMatrixPE": 64,
    "RepetitionTime": 2.26,
    "SAR": 0.0240961,
    "ScanOptions": "SAT_GEMS_EPI_GEMS_PFF_FS",
    "ScanningSequence": "EP_GR",
    "SequenceVariant": "SS",
    "SeriesDescription": "REST",
    "SeriesNumber": 6,
    "SliceThickness": 4,
    "SoftwareVersions": "25_LX_MR_Software_release:DV25.0_R02_1549.b",
    "SpacingBetweenSlices": 4,
    "StationName": "Iowa3T",
    "TaskName": "rest",
    "TotalReadoutTime": 0.041832,
    "dataset": "ds002799",
    "modality": "bold",
    "run_id": 3,
    "session_id": "preop",
    "subject_id": "352",
    "task_id": "rest"
  },
  "dummy_trs": 0,
  "dvars_nstd": 29.160304712790698,
  "dvars_std": 1.1364235305426356,
  "dvars_vstd": 1.0109624417054264,
  "efc": 0.4814198319182112,
  "fber": 6523.52685546875,
  "fd_mean": 0.3128672508984582,
  "fd_num": 77,
  "fd_perc": 59.23076923076923,
  "fwhm_avg": 2.6743559118055438,
  "fwhm_x": 2.6346327272727272,
  "fwhm_y": 3.0801163636363635,
  "fwhm_z": 2.3083186445075397,
  "gcor": 0.0803715,
  "gsr_x": -0.014696914702653885,
  "gsr_y": 0.032217975705862045,
  "provenance": {
    "md5sum": "38df73dfb98faf415ddd4f74acbc96cc",
    "settings": {
      "fd_thres": 0.2,
      "testing": false
    },
    "software": "mriqc",
    "version": "21.0.0rc2",
    "webapi_port": null,
    "webapi_url": "https://mriqc.nimh.nih.gov/api/v1"
  },
  "size_t": 130,
  "size_x": 64,
  "size_y": 64,
  "size_z": 30,
  "snr": 5.109496612188243,
  "spacing_tr": 2.259999990463257,
  "spacing_x": 3.4375,
  "spacing_y": 3.4375,
  "spacing_z": 3.9999806880950928,
  "summary_bg_k": 38.19295366434413,
  "summary_bg_mad": 16.388455721328807,
  "summary_bg_mean": 69.7351303100586,
  "summary_bg_median": 23.39230728149414,
  "summary_bg_n": 75099.0,
  "summary_bg_p05": 7.900000095367432,
  "summary_bg_p95": 277.9222991943353,
  "summary_bg_stdv": 127.5589599609375,
  "summary_fg_k": 1.6404944479901387,
  "summary_fg_mad": 298.50490821844386,
  "summary_fg_mean": 1929.7740478515625,
  "summary_fg_median": 1866.7923583984375,
  "summary_fg_n": 20153.0,
  "summary_fg_p05": 1472.44462890625,
  "summary_fg_p95": 2689.849169921873,
  "summary_fg_stdv": 365.34832763671875,
  "tsnr": 46.71209013857879
}