{
  "aor": 0.0013303100775193797,
  "aqi": 0.004651235581395349,
  "bids_meta": {
    "AcquisitionMatrixPE": 64,
    "AcquisitionNumber": 1,
    "AcquisitionTime": "10:10:17.000000",
    "ConversionSoftware": "dcm2niix",
    "ConversionSoftwareVersion": "v1.0.20171215 (OpenJPEG build) GCC7.2.0",
    "DeviceSerialNumber": "0000000319335MR2",
    "EchoTime": 0.03,
    "EffectiveEchoSpacing": 0.000664,
    "FlipAngle": 80,
    "ImageOrientationPatientDICOM": [
      1,
      0,
      0,
      0,
      0.998005,
      -0.063142
    ],
    "ImageType": [
      "ORIGINAL",
      "PRIMARY",
      "EPI",
      "NONE"
    ],
    "InPlanePhaseEncodingDirectionDICOM": "COL",
    "InstitutionName": "Iowa_MRRF",
    "MRAcquisitionType": "2D",
    "MagneticFieldStrength": 3,
    "Manufacturer": "GE",
    "ManufacturersModelName": "DISCOVERY_MR750w",
    "Modality": "MR",
    "PatientPosition": "HFS",
    "PercentPhaseFOV": 100,
    "PixelBandwidth": 7812.5,
    "ProcedureStepDescription": "MH_EPIL",
    "ProtocolName": "REST",
    "ReconMatrixPE": 64,
    "RepetitionTime": 2.26,
    "SAR": 0.0240961,
    "ScanOptions": "SAT_GEMS_EPI_GEMS_PFF_FS",
    "ScanningSequence": "EP_GR",
    "SequenceVariant": "SS",
    "SeriesDescription": "REST",
    "SeriesNumber": 10,
    "SliceThickness": 4,
    "SoftwareVersions": "25_LX_MR_Software_release:DV25.0_R02_1549.b",
    "SpacingBetweenSlices": 4,
    "StationName": "Iowa3T",
    "TaskName": "rest",
    "TotalReadoutTime": 0.041832,
    "dataset": "ds002799",
    "modality": "bold",
    "run_id": 5,
    "session_id": "preop",
    "subject_id": "352",
    "task_id": "rest"
  },
  "dummy_trs": 1,
  "dvars_nstd": 25.76273214796876,
  "dvars_std": 1.2360776417187502,
  "dvars_vstd": 1.0067996643749997,
  "efc": 0.47899764793055083,
  "fber": 7834.3701171875,
  "fd_mean": 0.16041419830217724,
  "fd_num": 31,
  "fd_perc": 24.031007751937985,
  "fwhm_avg": 2.615190741576087,
  "fwhm_x": 2.5831854545454545,
  "fwhm_y": 3.0127709090909094,
  "fwhm_z": 2.249615861091897,
  "gcor": 0.0201459,
  "gsr_x": -0.011188230477273464,
  "gsr_y": 0.029233703389763832,
  "provenance": {
    "md5sum": "faa9b1399eb61379714be61068d16a08",
    "settings": {
      "fd_thres": 0.2,
      "testing": false
    },
    "software": "mriqc",
    "version": "21.0.0rc2",
    "webapi_port": null,
    "webapi_url": "https://mriqc.nimh.nih.gov/api/v1"
  },
  "size_t": 129,
  "size_x": 64,
  "size_y": 64,
  "size_z": 30,
  "snr": 5.4472892880328185,
  "spacing_tr": 2.259999990463257,
  "spacing_x": 3.4375,
  "spacing_y": 3.4375,
  "spacing_z": 3.9999806880950928,
  "summary_bg_k": 36.88837956315577,
  "summary_bg_mad": 12.188369203679358,
  "summary_bg_mean": 66.39849853515625,
  "summary_bg_median": 20.779069900512695,
  "summary_bg_n": 75012.0,
  "summary_bg_p05": 7.174806284904482,
  "summary_bg_p95": 273.80195007324215,
  "summary_bg_stdv": 125.5946273803711,
  "summary_fg_k": 0.9353799811210197,
  "summary_fg_mad": 303.24373347349155,
  "summary_fg_mean": 1896.7984619140625,
  "summary_fg_median": 1848.0386962890625,
  "summary_fg_n": 20173.0,
  "summary_fg_p05": 1456.617041015625,
  "summary_fg_p95": 2577.7023437499993,
  "summary_fg_stdv": 339.25,
  "tsnr": 74.1497382086236
}