{
  "aor": 0.001598153846153846,
  "aqi": 0.009526771923076922,
  "bids_meta": {
    "AcquisitionMatrixPE": 64,
    "AcquisitionNumber": 1,
    "AcquisitionTime": "09:28:29.000000",
    "ConversionSoftware": "dcm2niix",
    "ConversionSoftwareVersion": "v1.0.20171215 (OpenJPEG build) GCC7.2.0",
    "DeviceSerialNumber": "0000000319335MR2",
    "EchoTime": 0.03,
    "EffectiveEchoSpacing": 0.000664,
    "FlipAngle": 80,
    "ImageOrientationPatientDICOM": [
      1,
      0,
      0,
      0,
      0.998005,
      -0.063142
    ],
    "ImageType": [
      "ORIGINAL",
      "PRIMARY",
      "EPI",
      "NONE"
    ],
    "InPlanePhaseEncodingDirectionDICOM": "COL",
    "InstitutionName": "Iowa_MRRF",
    "MRAcquisitionType": "2D",
    "MagneticFieldStrength": 3,
    "Manufacturer": "GE",
    "ManufacturersModelName": "DISCOVERY_MR750w",
    "Modality": "MR",
    "PatientPosition": "HFS",
    "PercentPhaseFOV": 100,
    "PixelBandwidth": 7812.5,
    "ProcedureStepDescription": "MH_EPIL",
    "ProtocolName": "REST",
    "ReconMatrixPE": 64,
    "RepetitionTime": 2.26,
    "SAR": 0.0240961,
    "ScanOptions": "SAT_GEMS_EPI_GEMS_PFF_FS",
    "ScanningSequence": "EP_GR",
    "SequenceVariant": "SS",
    "SeriesDescription": "REST",
    "SeriesNumber": 4,
    "SliceThickness": 4,
    "SoftwareVersions": "25_LX_MR_Software_release:DV25.0_R02_1549.b",
    "SpacingBetweenSlices": 4,
    "StationName": "Iowa3T",
    "TaskName": "rest",
    "TotalReadoutTime": 0.041832,
    "dataset": "ds002799",
    "modality": "bold",
    "run_id": 2,
    "session_id": "preop",
    "subject_id": "352",
    "task_id": "rest"
  },
  "dummy_trs": 0,
  "dvars_nstd": 28.67725969674418,
  "dvars_std": 1.1269562934883721,
  "dvars_vstd": 0.9781476800000001,
  "efc": 0.4806089011338793,
  "fber": 6330.1162109375,
  "fd_mean": 0.2604851425822722,
  "fd_num": 69,
  "fd_perc": 53.07692307692308,
  "fwhm_avg": 2.632271087707999,
  "fwhm_x": 2.5723752727272724,
  "fwhm_y": 3.0574545454545454,
  "fwhm_z": 2.266983444942179,
  "gcor": 0.0406622,
  "gsr_x": -0.014175305142998695,
  "gsr_y": 0.030104313045740128,
  "provenance": {
    "md5sum": "336676790c804aea0459beb84c6fb325",
    "settings": {
      "fd_thres": 0.2,
      "testing": false
    },
    "software": "mriqc",
    "version": "21.0.0rc2",
    "webapi_port": null,
    "webapi_url": "https://mriqc.nimh.nih.gov/api/v1"
  },
  "size_t": 130,
  "size_x": 64,
  "size_y": 64,
  "size_z": 30,
  "snr": 5.190313129865403,
  "spacing_tr": 2.259999990463257,
  "spacing_x": 3.4375,
  "spacing_y": 3.4375,
  "spacing_z": 3.9999806880950928,
  "summary_bg_k": 40.73497955471493,
  "summary_bg_mad": 16.38845996308778,
  "summary_bg_mean": 67.8678970336914,
  "summary_bg_median": 23.423076629638672,
  "summary_bg_n": 75008.0,
  "summary_bg_p05": 7.715384483337402,
  "summary_bg_p95": 266.59845733642527,
  "summary_bg_stdv": 126.12024688720703,
  "summary_fg_k": 1.6056393444063675,
  "summary_fg_mad": 291.76478714647294,
  "summary_fg_mean": 1925.3563232421875,
  "summary_fg_median": 1864.8692626953125,
  "summary_fg_n": 20249.0,
  "summary_fg_p05": 1474.8969482421876,
  "summary_fg_p95": 2663.4569335937495,
  "summary_fg_stdv": 359.2891540527344,
  "tsnr": 51.916576012037694
}