{
  "aor": 0.0025531221719457017,
  "aqi": 0.01252948149321267,
  "bids_meta": {
    "AcquisitionMatrixPE": 68,
    "AcquisitionNumber": 1,
    "AcquisitionTime": "18:14:27.332500",
    "BandwidthPerPixelPhaseEncode": 25.355,
    "BaseResolution": 68,
    "BodyPartExamined": "BRAIN",
    "ConsistencyInfo": "N4_VE11A_LATEST_20140830",
    "ConversionSoftware": "dcm2niix",
    "ConversionSoftwareVersion": "v1.0.20171103 (OpenJPEG build) GCC6.3.0",
    "DelayTime": 0.1,
    "DerivedVendorReportedEchoSpacing": 0.000579999,
    "DeviceSerialNumber": "45685",
    "DwellTime": 3.8e-06,
    "EchoTime": 0.03,
    "EchoTrainLength": 68,
    "EffectiveEchoSpacing": 0.000579999,
    "FlipAngle": 90,
    "ImageOrientationPatientDICOM": [
      1,
      0,
      0,
      0,
      1,
      0
    ],
    "ImageType": [
      "ORIGINAL",
      "PRIMARY",
      "M",
      "ND",
      "MOSAIC"
    ],
    "InPlanePhaseEncodingDirectionDICOM": "COL",
    "InstitutionAddress": "HAWKINS_DRIVE_200_IOWA_CITY_IOWA_US_52242",
    "InstitutionName": "UIHC_SKYRA",
    "InstitutionalDepartmentName": "Department",
    "MRAcquisitionType": "2D",
    "MagneticFieldStrength": 3,
    "Manufacturer": "Siemens",
    "ManufacturersModelName": "Skyra",
    "Modality": "MR",
    "PartialFourier": 1,
    "PatientPosition": "HFS",
    "PercentPhaseFOV": 100,
    "PhaseEncodingDirection": "j-",
    "PhaseEncodingSteps": 68,
    "PhaseResolution": 1,
    "PixelBandwidth": 1935,
    "ProcedureStepDescription": "RESEARCH_HOWARD",
    "ProtocolName": "ES-FMRI",
    "PulseSequenceDetails": "%SiemensSeq%_ep2d_pace",
    "ReceiveCoilActiveElements": "HE",
    "ReceiveCoilName": "Head_TxRx",
    "ReconMatrixPE": 68,
    "RepetitionTime": 3,
    "SAR": 0.131732,
    "ScanOptions": "FS",
    "ScanningSequence": "EP",
    "SequenceName": "_epfid2d1_68",
    "SequenceVariant": "SK",
    "SeriesDescription": "ES-FMRI",
    "SeriesNumber": 13,
    "ShimSetting": [
      -3805,
      -1378,
      -767,
      546,
      359,
      -51,
      116,
      260
    ],
    "SliceThickness": 3,
    "SliceTiming": [
      1.44,
      0,
      1.5075,
      0.0675,
      1.5725,
      0.1325,
      1.6375,
      0.1975,
      1.7025,
      0.2625,
      1.7675,
      0.3275,
      1.8325,
      0.395,
      1.9,
      0.46,
      1.965,
      0.525,
      2.03,
      0.59,
      2.095,
      0.655,
      2.16,
      0.72,
      2.2275,
      0.7875,
      2.2925,
      0.8525,
      2.3575,
      0.9175,
      2.4225,
      0.9825,
      2.4875,
      1.0475,
      2.5525,
      1.1125,
      2.62,
      1.18,
      2.685,
      1.245,
      2.75,
      1.31,
      2.815,
      1.375
    ],
    "SoftwareVersions": "syngo_MR_E11",
    "SpacingBetweenSlices": 3,
    "StationName": "AWP45685",
    "TaskName": "es",
    "TotalReadoutTime": 0.03886,
    "TxRefAmp": 200.092,
    "dataset": "ds002799",
    "modality": "bold",
    "run_id": 4,
    "session_id": "postop",
    "subject_id": "369",
    "task_id": "es"
  },
  "dummy_trs": 0,
  "dvars_nstd": 47.440305674909105,
  "dvars_std": 1.276413794727273,
  "dvars_vstd": 1.0153240689090905,
  "efc": 0.5177553485468737,
  "fber": 1697.1839599609375,
  "fd_mean": 0.18250655571491686,
  "fd_num": 43,
  "fd_perc": 19.457013574660632,
  "fwhm_avg": 2.1114719050585364,
  "fwhm_x": 2.0372861906495796,
  "fwhm_y": 2.1625761911926973,
  "fwhm_z": 2.1345533333333333,
  "gcor": 0.0265209,
  "gsr_x": -0.007521849125623703,
  "gsr_y": 0.04393879324197769,
  "provenance": {
    "md5sum": "758df962d7287a040102f493258b2816",
    "settings": {
      "fd_thres": 0.2,
      "testing": false
    },
    "software": "mriqc",
    "version": "21.0.0rc2",
    "webapi_port": null,
    "webapi_url": "https://mriqc.nimh.nih.gov/api/v1"
  },
  "size_t": 221,
  "size_x": 68,
  "size_y": 68,
  "size_z": 44,
  "snr": 4.4219997287268935,
  "spacing_tr": 3.0,
  "spacing_x": 3.2352941036224365,
  "spacing_y": 3.2352941036224365,
  "spacing_z": 3.0,
  "summary_bg_k": 42.86633988173924,
  "summary_bg_mad": 2.1735889967556696,
  "summary_bg_mean": 17.694961547851562,
  "summary_bg_median": 6.176470756530762,
  "summary_bg_n": 130287.0,
  "summary_bg_p05": 4.647058963775635,
  "summary_bg_p95": 67.04977416992188,
  "summary_bg_stdv": 32.72522735595703,
  "summary_fg_k": 1.0846190042495225,
  "summary_fg_mad": 53.20932584524459,
  "summary_fg_mean": 267.1862487792969,
  "summary_fg_median": 265.51812744140625,
  "summary_fg_n": 32214.0,
  "summary_fg_p05": 165.77217712402344,
  "summary_fg_p95": 364.70182800292963,
  "summary_fg_stdv": 60.04387664794922,
  "tsnr": 42.12222239514813
}