{
  "aor": 0.003088144796380091,
  "aqi": 0.012368058868778281,
  "bids_meta": {
    "AcquisitionMatrixPE": 68,
    "AcquisitionNumber": 1,
    "AcquisitionTime": "20:02:7.090000",
    "BandwidthPerPixelPhaseEncode": 25.355,
    "BaseResolution": 68,
    "BodyPartExamined": "BRAIN",
    "ConsistencyInfo": "N4_VE11A_LATEST_20140830",
    "ConversionSoftware": "dcm2niix",
    "ConversionSoftwareVersion": "v1.0.20171103 (OpenJPEG build) GCC6.3.0",
    "DelayTime": 0.1,
    "DerivedVendorReportedEchoSpacing": 0.000579999,
    "DeviceSerialNumber": "45685",
    "DwellTime": 3.8e-06,
    "EchoTime": 0.03,
    "EchoTrainLength": 68,
    "EffectiveEchoSpacing": 0.000579999,
    "FlipAngle": 90,
    "ImageOrientationPatientDICOM": [
      1,
      0,
      0,
      0,
      1,
      0
    ],
    "ImageType": [
      "ORIGINAL",
      "PRIMARY",
      "M",
      "ND",
      "MOSAIC"
    ],
    "InPlanePhaseEncodingDirectionDICOM": "COL",
    "InstitutionAddress": "HAWKINS_DRIVE_200_IOWA_CITY_IOWA_US_52242",
    "InstitutionName": "UIHC_SKYRA",
    "InstitutionalDepartmentName": "Department",
    "MRAcquisitionType": "2D",
    "MagneticFieldStrength": 3,
    "Manufacturer": "Siemens",
    "ManufacturersModelName": "Skyra",
    "Modality": "MR",
    "PartialFourier": 1,
    "PatientPosition": "HFS",
    "PercentPhaseFOV": 100,
    "PhaseEncodingDirection": "j-",
    "PhaseEncodingSteps": 68,
    "PhaseResolution": 1,
    "PixelBandwidth": 1935,
    "ProcedureStepDescription": "RESEARCH_HOWARD",
    "ProtocolName": "ES-FMRI",
    "PulseSequenceDetails": "%SiemensSeq%_ep2d_pace",
    "ReceiveCoilActiveElements": "HE",
    "ReceiveCoilName": "Head_TxRx",
    "ReconMatrixPE": 68,
    "RepetitionTime": 3,
    "SAR": 0.164273,
    "ScanOptions": "FS",
    "ScanningSequence": "EP",
    "SequenceName": "_epfid2d1_68",
    "SequenceVariant": "SK",
    "SeriesDescription": "ES-FMRI",
    "SeriesNumber": 27,
    "ShimSetting": [
      -3843,
      -1335,
      -847,
      392,
      393,
      -22,
      131,
      357
    ],
    "SliceThickness": 3,
    "SliceTiming": [
      1.44,
      0,
      1.5075,
      0.0675,
      1.5725,
      0.1325,
      1.6375,
      0.1975,
      1.7025,
      0.2625,
      1.7675,
      0.3275,
      1.8325,
      0.3925,
      1.9,
      0.46,
      1.965,
      0.525,
      2.03,
      0.59,
      2.095,
      0.655,
      2.16,
      0.72,
      2.2275,
      0.7875,
      2.2925,
      0.8525,
      2.3575,
      0.9175,
      2.4225,
      0.9825,
      2.4875,
      1.0475,
      2.5525,
      1.1125,
      2.62,
      1.18,
      2.685,
      1.245,
      2.75,
      1.31,
      2.815,
      1.375
    ],
    "SoftwareVersions": "syngo_MR_E11",
    "SpacingBetweenSlices": 3,
    "StationName": "AWP45685",
    "TaskName": "es",
    "TotalReadoutTime": 0.03886,
    "TxRefAmp": 221.994,
    "dataset": "ds002799",
    "modality": "bold",
    "run_id": 10,
    "session_id": "postop",
    "subject_id": "369",
    "task_id": "es"
  },
  "dummy_trs": 0,
  "dvars_nstd": 41.67818000959091,
  "dvars_std": 1.2069384507272738,
  "dvars_vstd": 1.027401854045454,
  "efc": 0.5209639666809871,
  "fber": 1644.353515625,
  "fd_mean": 0.31111910083005423,
  "fd_num": 126,
  "fd_perc": 57.01357466063349,
  "fwhm_avg": 2.06287539985253,
  "fwhm_x": 1.9798725540370619,
  "fwhm_y": 2.1123736455205298,
  "fwhm_z": 2.09638,
  "gcor": 0.0164787,
  "gsr_x": -0.0058931768871843815,
  "gsr_y": 0.04667166247963905,
  "provenance": {
    "md5sum": "25e48be7fd79e62ca7e72f0e18132a85",
    "settings": {
      "fd_thres": 0.2,
      "testing": false
    },
    "software": "mriqc",
    "version": "21.0.0rc2",
    "webapi_port": null,
    "webapi_url": "https://mriqc.nimh.nih.gov/api/v1"
  },
  "size_t": 221,
  "size_x": 68,
  "size_y": 68,
  "size_z": 44,
  "snr": 4.631078806827072,
  "spacing_tr": 3.0,
  "spacing_x": 3.2352941036224365,
  "spacing_y": 3.2352941036224365,
  "spacing_z": 3.0,
  "summary_bg_k": 43.1908514997856,
  "summary_bg_mad": 1.8247417902036727,
  "summary_bg_mean": 17.223112106323242,
  "summary_bg_median": 6.049774169921875,
  "summary_bg_n": 129904.0,
  "summary_bg_p05": 4.769230842590332,
  "summary_bg_p95": 65.50611152648922,
  "summary_bg_stdv": 31.40713882446289,
  "summary_fg_k": 1.3434955955878216,
  "summary_fg_mad": 48.25165976132858,
  "summary_fg_mean": 257.2148132324219,
  "summary_fg_median": 255.13348388671875,
  "summary_fg_n": 32360.0,
  "summary_fg_p05": 167.62851486206054,
  "summary_fg_p95": 347.7832595825195,
  "summary_fg_stdv": 55.090736389160156,
  "tsnr": 41.48199619119987
}