{
  "aor": 0.007749076923076923,
  "aqi": 0.005597413000000001,
  "bids_meta": {
    "AcquisitionMatrixPE": 64,
    "AcquisitionNumber": 1,
    "AcquisitionTime": "15:38:42.000000",
    "BodyPartExamined": "HEAD",
    "ConversionSoftware": "dcm2niix",
    "ConversionSoftwareVersion": "v1.0.20171103 (OpenJPEG build) GCC6.3.0",
    "DeviceSerialNumber": "0000000319335MR2",
    "EchoTime": 0.03,
    "EffectiveEchoSpacing": 0.00064,
    "FlipAngle": 80,
    "ImageOrientationPatientDICOM": [
      1,
      0,
      0,
      0,
      0.999679,
      -0.0253288
    ],
    "ImageType": [
      "ORIGINAL",
      "PRIMARY",
      "EPI",
      "NONE"
    ],
    "InPlanePhaseEncodingDirectionDICOM": "COL",
    "InstitutionName": "Iowa_MRRF",
    "MRAcquisitionType": "2D",
    "MagneticFieldStrength": 3,
    "Manufacturer": "GE",
    "ManufacturersModelName": "DISCOVERY_MR750w",
    "Modality": "MR",
    "PatientPosition": "HFS",
    "PercentPhaseFOV": 100,
    "PixelBandwidth": 7812.5,
    "ProcedureStepDescription": "MH_EPIL",
    "ProtocolName": "REST",
    "ReconMatrixPE": 64,
    "RepetitionTime": 2.26,
    "SAR": 0.0896405,
    "ScanOptions": "SAT_GEMS_EPI_GEMS_ACC_GEMS_FS",
    "ScanningSequence": "EP_GR",
    "SequenceVariant": "SS",
    "SeriesDescription": "REST",
    "SeriesNumber": 9,
    "SliceThickness": 4,
    "SoftwareVersions": "27_LX_MR_Software_release:DV25.1_R02_1649.a",
    "SpacingBetweenSlices": 4,
    "StationName": "Iowa3T",
    "TaskName": "rest",
    "TotalReadoutTime": 0.04032,
    "dataset": "ds002799",
    "modality": "bold",
    "run_id": 4,
    "session_id": "preop",
    "subject_id": "405",
    "task_id": "rest"
  },
  "dummy_trs": 0,
  "dvars_nstd": 16.746658872170542,
  "dvars_std": 1.11489880883721,
  "dvars_vstd": 1.0119001399999996,
  "efc": 0.47647671997087376,
  "fber": 18194.55078125,
  "fd_mean": 0.20106264877643515,
  "fd_num": 41,
  "fd_perc": 31.53846153846154,
  "fwhm_avg": 2.5436761115057056,
  "fwhm_x": 2.565303272727273,
  "fwhm_y": 2.7474269090909087,
  "fwhm_z": 2.318298152698935,
  "gcor": 0.110044,
  "gsr_x": 0.004416656214743853,
  "gsr_y": 0.02853047475218773,
  "provenance": {
    "md5sum": "abe3b56af201abd8c79cf87ff3e89a41",
    "settings": {
      "fd_thres": 0.2,
      "testing": false
    },
    "software": "mriqc",
    "version": "21.0.0rc2",
    "webapi_port": null,
    "webapi_url": "https://mriqc.nimh.nih.gov/api/v1"
  },
  "size_t": 130,
  "size_x": 64,
  "size_y": 64,
  "size_z": 30,
  "snr": 4.463331212106349,
  "spacing_tr": 2.259999990463257,
  "spacing_x": 3.4375,
  "spacing_y": 3.4375,
  "spacing_z": 3.999985933303833,
  "summary_bg_k": 53.66123748133813,
  "summary_bg_mad": 17.300827853610343,
  "summary_bg_mean": 60.964454650878906,
  "summary_bg_median": 12.076923370361328,
  "summary_bg_n": 73628.0,
  "summary_bg_p05": 0.007692307699471712,
  "summary_bg_p95": 299.1892349243162,
  "summary_bg_stdv": 147.76722717285156,
  "summary_fg_k": 0.4059476246802687,
  "summary_fg_mad": 318.64545849754495,
  "summary_fg_mean": 1563.0958251953125,
  "summary_fg_median": 1523.6614990234375,
  "summary_fg_n": 20350.0,
  "summary_fg_p05": 1062.2238464355469,
  "summary_fg_p95": 2191.201501464843,
  "summary_fg_stdv": 341.3647766113281,
  "tsnr": 63.11292831553146
}