{
  "aor": 0.008346227272727273,
  "aqi": 0.01306089781818182,
  "bids_meta": {
    "AcquisitionMatrixPE": 68,
    "AcquisitionNumber": 1,
    "AcquisitionTime": "18:34:42.802500",
    "BandwidthPerPixelPhaseEncode": 25.355,
    "BaseResolution": 68,
    "BodyPartExamined": "BRAIN",
    "ConsistencyInfo": "N4_VE11A_LATEST_20140830",
    "ConversionSoftware": "dcm2niix",
    "ConversionSoftwareVersion": "v1.0.20180622 GCC7.3.0",
    "DelayTime": 0.1,
    "DerivedVendorReportedEchoSpacing": 0.000579999,
    "DeviceSerialNumber": "45685",
    "DwellTime": 3.8e-06,
    "EchoTime": 0.03,
    "EchoTrainLength": 68,
    "EffectiveEchoSpacing": 0.000579999,
    "FlipAngle": 90,
    "ImageOrientationPatientDICOM": [
      1,
      0,
      0,
      0,
      0.981627,
      -0.190809
    ],
    "ImageType": [
      "ORIGINAL",
      "PRIMARY",
      "M",
      "ND",
      "MOSAIC"
    ],
    "InPlanePhaseEncodingDirectionDICOM": "COL",
    "InstitutionAddress": "HAWKINS_DRIVE_200_IOWA_CITY_IOWA_US_52242",
    "InstitutionName": "UIHC_SKYRA",
    "InstitutionalDepartmentName": "Department",
    "MRAcquisitionType": "2D",
    "MagneticFieldStrength": 3,
    "Manufacturer": "Siemens",
    "ManufacturersModelName": "Skyra",
    "Modality": "MR",
    "PartialFourier": 1,
    "PatientPosition": "HFS",
    "PercentPhaseFOV": 100,
    "PhaseEncodingDirection": "j-",
    "PhaseEncodingSteps": 68,
    "PhaseResolution": 1,
    "PixelBandwidth": 1935,
    "ProcedureStepDescription": "RESEARCH_OYA",
    "ProtocolName": "ES-FMRI",
    "PulseSequenceDetails": "%SiemensSeq%_ep2d_pace",
    "ReceiveCoilActiveElements": "HE",
    "ReceiveCoilName": "TxRx_CP_Head",
    "ReconMatrixPE": 68,
    "RepetitionTime": 3,
    "SAR": 0.0425177,
    "ScanOptions": "FS",
    "ScanningSequence": "EP",
    "SequenceName": "_epfid2d1_68",
    "SequenceVariant": "SK",
    "SeriesDescription": "ES-FMRI",
    "SeriesNumber": 9,
    "ShimSetting": [
      -3733,
      -1293,
      -805,
      378,
      566,
      105,
      -265,
      305
    ],
    "SliceThickness": 3,
    "SliceTiming": [
      1.44,
      0,
      1.505,
      0.065,
      1.57,
      0.13,
      1.6375,
      0.1975,
      1.7025,
      0.2625,
      1.7675,
      0.3275,
      1.8325,
      0.3925,
      1.8975,
      0.4575,
      1.9625,
      0.5225,
      2.03,
      0.59,
      2.095,
      0.655,
      2.16,
      0.72,
      2.225,
      0.785,
      2.29,
      0.85,
      2.355,
      0.9175,
      2.4225,
      0.9825,
      2.4875,
      1.0475,
      2.5525,
      1.1125,
      2.6175,
      1.1775,
      2.6825,
      1.2425,
      2.75,
      1.31,
      2.815,
      1.375
    ],
    "SoftwareVersions": "syngo_MR_E11",
    "SpacingBetweenSlices": 3,
    "StationName": "AWP45685",
    "TaskName": "es",
    "TotalReadoutTime": 0.03886,
    "TxRefAmp": 200.506,
    "dataset": "ds002799",
    "modality": "bold",
    "run_id": 3,
    "session_id": "postop",
    "subject_id": "413",
    "task_id": "es"
  },
  "dummy_trs": 0,
  "dvars_nstd": 42.4017554850685,
  "dvars_std": 1.1952319825114155,
  "dvars_vstd": 1.0696955264840184,
  "efc": 0.5444482085675469,
  "fber": 838.91943359375,
  "fd_mean": 0.3030817162056721,
  "fd_num": 99,
  "fd_perc": 45.0,
  "fwhm_avg": 2.2320632589883798,
  "fwhm_x": 2.1413045547368506,
  "fwhm_y": 2.331568555561623,
  "fwhm_z": 2.223316666666667,
  "gcor": 0.0681507,
  "gsr_x": 0.008258640766143799,
  "gsr_y": 0.033265914767980576,
  "provenance": {
    "md5sum": "fb5073fb956e038980118ce3decb4ec5",
    "settings": {
      "fd_thres": 0.2,
      "testing": false
    },
    "software": "mriqc",
    "version": "21.0.0rc2",
    "webapi_port": null,
    "webapi_url": "https://mriqc.nimh.nih.gov/api/v1"
  },
  "size_t": 220,
  "size_x": 68,
  "size_y": 68,
  "size_z": 44,
  "snr": 5.010013141430157,
  "spacing_tr": 3.0,
  "spacing_x": 3.2352941036224365,
  "spacing_y": 3.2352941036224365,
  "spacing_z": 3.0,
  "summary_bg_k": 44.41335404793168,
  "summary_bg_mad": 4.771283194699194,
  "summary_bg_mean": 33.98900604248047,
  "summary_bg_median": 14.413636207580566,
  "summary_bg_n": 128187.0,
  "summary_bg_p05": 11.03636360168457,
  "summary_bg_p95": 122.33908767700184,
  "summary_bg_stdv": 57.9251708984375,
  "summary_fg_k": 0.3761153078131172,
  "summary_fg_mad": 83.77376691449221,
  "summary_fg_mean": 434.6009826660156,
  "summary_fg_median": 434.26361083984375,
  "summary_fg_n": 33869.0,
  "summary_fg_p05": 290.11907348632815,
  "summary_fg_p95": 575.40634765625,
  "summary_fg_stdv": 86.6778564453125,
  "tsnr": 35.227071724890266
}