{
  "aor": 0.003136318181818182,
  "aqi": 0.00997544990909091,
  "bids_meta": {
    "AcquisitionMatrixPE": 68,
    "AcquisitionNumber": 1,
    "AcquisitionTime": "18:39:30.987500",
    "BandwidthPerPixelPhaseEncode": 25.355,
    "BaseResolution": 68,
    "BodyPartExamined": "BRAIN",
    "ConsistencyInfo": "N4_VE11A_LATEST_20140830",
    "ConversionSoftware": "dcm2niix",
    "ConversionSoftwareVersion": "v1.0.20180622 GCC7.3.0",
    "DelayTime": 0.1,
    "DerivedVendorReportedEchoSpacing": 0.000579999,
    "DeviceSerialNumber": "45685",
    "DwellTime": 3.8e-06,
    "EchoTime": 0.03,
    "EchoTrainLength": 68,
    "EffectiveEchoSpacing": 0.000579999,
    "FlipAngle": 90,
    "ImageOrientationPatientDICOM": [
      0.995056,
      -0.00173338,
      0.0993046,
      1.2772e-08,
      0.999848,
      0.0174524
    ],
    "ImageType": [
      "ORIGINAL",
      "PRIMARY",
      "M",
      "ND",
      "MOSAIC"
    ],
    "InPlanePhaseEncodingDirectionDICOM": "COL",
    "InstitutionAddress": "HAWKINS_DRIVE_200_IOWA_CITY_IOWA_US_52242",
    "InstitutionName": "UIHC_SKYRA",
    "InstitutionalDepartmentName": "Department",
    "MRAcquisitionType": "2D",
    "MagneticFieldStrength": 3,
    "Manufacturer": "Siemens",
    "ManufacturersModelName": "Skyra",
    "Modality": "MR",
    "PartialFourier": 1,
    "PatientPosition": "HFS",
    "PercentPhaseFOV": 100,
    "PhaseEncodingDirection": "j-",
    "PhaseEncodingSteps": 68,
    "PhaseResolution": 1,
    "PixelBandwidth": 1935,
    "ProcedureStepDescription": "RESEARCH_OYA",
    "ProtocolName": "ES-FMRI",
    "PulseSequenceDetails": "%SiemensSeq%_ep2d_pace",
    "ReceiveCoilActiveElements": "HE",
    "ReceiveCoilName": "TxRx_CP_Head",
    "ReconMatrixPE": 68,
    "RepetitionTime": 3,
    "SAR": 0.0524114,
    "ScanOptions": "FS",
    "ScanningSequence": "EP",
    "SequenceName": "_epfid2d1_68",
    "SequenceVariant": "SK",
    "SeriesDescription": "ES-FMRI",
    "SeriesNumber": 17,
    "ShimSetting": [
      -3723,
      -1378,
      -839,
      373,
      489,
      40,
      132,
      134
    ],
    "SliceThickness": 3,
    "SliceTiming": [
      1.44,
      0,
      1.505,
      0.065,
      1.5725,
      0.1325,
      1.6375,
      0.1975,
      1.7025,
      0.2625,
      1.7675,
      0.3275,
      1.8325,
      0.3925,
      1.9,
      0.46,
      1.965,
      0.525,
      2.03,
      0.59,
      2.095,
      0.655,
      2.16,
      0.72,
      2.225,
      0.785,
      2.2925,
      0.8525,
      2.3575,
      0.9175,
      2.4225,
      0.9825,
      2.4875,
      1.0475,
      2.5525,
      1.1125,
      2.62,
      1.18,
      2.685,
      1.245,
      2.75,
      1.31,
      2.815,
      1.375
    ],
    "SoftwareVersions": "syngo_MR_E11",
    "SpacingBetweenSlices": 3,
    "StationName": "AWP45685",
    "TaskName": "es",
    "TotalReadoutTime": 0.03886,
    "TxRefAmp": 208.384,
    "dataset": "ds002799",
    "modality": "bold",
    "run_id": 6,
    "session_id": "postop",
    "subject_id": "405",
    "task_id": "es"
  },
  "dummy_trs": 0,
  "dvars_nstd": 38.67394371534248,
  "dvars_std": 1.1706830685844751,
  "dvars_vstd": 1.0300999598173515,
  "efc": 0.5170860819932028,
  "fber": 985.0394287109375,
  "fd_mean": 0.19736147999178105,
  "fd_num": 80,
  "fd_perc": 36.36363636363637,
  "fwhm_avg": 2.004587702875214,
  "fwhm_x": 1.9501287357263077,
  "fwhm_y": 2.1368443728993345,
  "fwhm_z": 1.9267899999999998,
  "gcor": 0.117986,
  "gsr_x": -0.023899488151073456,
  "gsr_y": 0.03546670451760292,
  "provenance": {
    "md5sum": "6d05f6a68939dbe99e926c2b487a620d",
    "settings": {
      "fd_thres": 0.2,
      "testing": false
    },
    "software": "mriqc",
    "version": "21.0.0rc2",
    "webapi_port": null,
    "webapi_url": "https://mriqc.nimh.nih.gov/api/v1"
  },
  "size_t": 220,
  "size_x": 68,
  "size_y": 68,
  "size_z": 44,
  "snr": 5.299831944133635,
  "spacing_tr": 3.0,
  "spacing_x": 3.2352941036224365,
  "spacing_y": 3.2352941036224365,
  "spacing_z": 3.0,
  "summary_bg_k": 40.48972214175449,
  "summary_bg_mad": 2.5675975041196044,
  "summary_bg_mean": 28.92253875732422,
  "summary_bg_median": 13.449999809265137,
  "summary_bg_n": 134152.0,
  "summary_bg_p05": 11.631817817687988,
  "summary_bg_p95": 98.83181762695312,
  "summary_bg_stdv": 41.3136100769043,
  "summary_fg_k": 2.5837818399698333,
  "summary_fg_mad": 71.8455334771904,
  "summary_fg_mean": 440.2533874511719,
  "summary_fg_median": 437.2090759277344,
  "summary_fg_n": 28945.0,
  "summary_fg_p05": 314.78179931640625,
  "summary_fg_p95": 571.6045288085937,
  "summary_fg_stdv": 82.49346923828125,
  "tsnr": 41.51196073181927
}