{
  "aor": 0.0006684090909090909,
  "aqi": 0.008210705227272729,
  "bids_meta": {
    "AcquisitionMatrixPE": 68,
    "AcquisitionNumber": 1,
    "AcquisitionTime": "17:36:30.477500",
    "BandwidthPerPixelPhaseEncode": 25.355,
    "BaseResolution": 68,
    "BodyPartExamined": "BRAIN",
    "ConsistencyInfo": "N4_VE11A_LATEST_20140830",
    "ConversionSoftware": "dcm2niix",
    "ConversionSoftwareVersion": "v1.0.20180622 GCC7.3.0",
    "DelayTime": 0.1,
    "DerivedVendorReportedEchoSpacing": 0.000579999,
    "DeviceSerialNumber": "45685",
    "DwellTime": 3.8e-06,
    "EchoTime": 0.03,
    "EchoTrainLength": 68,
    "EffectiveEchoSpacing": 0.000579999,
    "FlipAngle": 90,
    "ImageOrientationPatientDICOM": [
      0.995056,
      -0.00173338,
      0.0993046,
      1.2772e-08,
      0.999848,
      0.0174524
    ],
    "ImageType": [
      "ORIGINAL",
      "PRIMARY",
      "M",
      "ND",
      "MOSAIC"
    ],
    "InPlanePhaseEncodingDirectionDICOM": "COL",
    "InstitutionAddress": "HAWKINS_DRIVE_200_IOWA_CITY_IOWA_US_52242",
    "InstitutionName": "UIHC_SKYRA",
    "InstitutionalDepartmentName": "Department",
    "MRAcquisitionType": "2D",
    "MagneticFieldStrength": 3,
    "Manufacturer": "Siemens",
    "ManufacturersModelName": "Skyra",
    "Modality": "MR",
    "PartialFourier": 1,
    "PatientPosition": "HFS",
    "PercentPhaseFOV": 100,
    "PhaseEncodingDirection": "j-",
    "PhaseEncodingSteps": 68,
    "PhaseResolution": 1,
    "PixelBandwidth": 1935,
    "ProcedureStepDescription": "RESEARCH_OYA",
    "ProtocolName": "ES-FMRI",
    "PulseSequenceDetails": "%SiemensSeq%_ep2d_pace",
    "ReceiveCoilActiveElements": "HE",
    "ReceiveCoilName": "TxRx_CP_Head",
    "ReconMatrixPE": 68,
    "RepetitionTime": 3,
    "SAR": 0.0524114,
    "ScanOptions": "FS",
    "ScanningSequence": "EP",
    "SequenceName": "_epfid2d1_68",
    "SequenceVariant": "SK",
    "SeriesDescription": "ES-FMRI",
    "SeriesNumber": 5,
    "ShimSetting": [
      -3723,
      -1378,
      -839,
      373,
      489,
      40,
      132,
      134
    ],
    "SliceThickness": 3,
    "SliceTiming": [
      1.44,
      0,
      1.5075,
      0.0675,
      1.5725,
      0.1325,
      1.6375,
      0.1975,
      1.7025,
      0.2625,
      1.7675,
      0.3275,
      1.8325,
      0.395,
      1.9,
      0.46,
      1.965,
      0.525,
      2.03,
      0.59,
      2.095,
      0.655,
      2.16,
      0.72,
      2.2275,
      0.7875,
      2.2925,
      0.8525,
      2.3575,
      0.9175,
      2.4225,
      0.9825,
      2.4875,
      1.0475,
      2.5525,
      1.1125,
      2.62,
      1.18,
      2.685,
      1.245,
      2.75,
      1.31,
      2.815,
      1.375
    ],
    "SoftwareVersions": "syngo_MR_E11",
    "SpacingBetweenSlices": 3,
    "StationName": "AWP45685",
    "TaskName": "es",
    "TotalReadoutTime": 0.03886,
    "TxRefAmp": 208.384,
    "dataset": "ds002799",
    "modality": "bold",
    "run_id": 1,
    "session_id": "postop",
    "subject_id": "405",
    "task_id": "es"
  },
  "dummy_trs": 0,
  "dvars_nstd": 36.30464281219177,
  "dvars_std": 1.1820882224200921,
  "dvars_vstd": 1.0034173052511417,
  "efc": 0.5241016462800351,
  "fber": 690.8442993164062,
  "fd_mean": 0.20272341072925384,
  "fd_num": 107,
  "fd_perc": 48.63636363636363,
  "fwhm_avg": 2.01160497564409,
  "fwhm_x": 1.9451430993410592,
  "fwhm_y": 2.1706218275912104,
  "fwhm_z": 1.9190500000000001,
  "gcor": 0.0368648,
  "gsr_x": -0.021346407011151314,
  "gsr_y": 0.03396089747548103,
  "provenance": {
    "md5sum": "25e76e0594835c4ce5d1d4d8f05afcc5",
    "settings": {
      "fd_thres": 0.2,
      "testing": false
    },
    "software": "mriqc",
    "version": "21.0.0rc2",
    "webapi_port": null,
    "webapi_url": "https://mriqc.nimh.nih.gov/api/v1"
  },
  "size_t": 220,
  "size_x": 68,
  "size_y": 68,
  "size_z": 44,
  "snr": 5.334892149621747,
  "spacing_tr": 3.0,
  "spacing_x": 3.2352941036224365,
  "spacing_y": 3.2352941036224365,
  "spacing_z": 3.0,
  "summary_bg_k": 47.39173560556284,
  "summary_bg_mad": 2.291293566461572,
  "summary_bg_mean": 32.30695343017578,
  "summary_bg_median": 17.299999237060547,
  "summary_bg_n": 134385.0,
  "summary_bg_p05": 15.613636016845703,
  "summary_bg_p95": 100.37999572753895,
  "summary_bg_stdv": 41.59475326538086,
  "summary_fg_k": 2.6464672087876213,
  "summary_fg_mad": 76.46178886499163,
  "summary_fg_mean": 472.55120849609375,
  "summary_fg_median": 470.29998779296875,
  "summary_fg_n": 28987.0,
  "summary_fg_p05": 339.6058868408203,
  "summary_fg_p95": 613.0368103027344,
  "summary_fg_stdv": 88.15396118164062,
  "tsnr": 47.38511484581977
}