{
  "aor": 0.0010233181818181817,
  "aqi": 0.008670909636363636,
  "bids_meta": {
    "AcquisitionMatrixPE": 68,
    "AcquisitionNumber": 1,
    "AcquisitionTime": "18:26:7.285000",
    "BandwidthPerPixelPhaseEncode": 25.355,
    "BaseResolution": 68,
    "BodyPartExamined": "BRAIN",
    "ConsistencyInfo": "N4_VE11A_LATEST_20140830",
    "ConversionSoftware": "dcm2niix",
    "ConversionSoftwareVersion": "v1.0.20180622 GCC7.3.0",
    "DelayTime": 0.1,
    "DerivedVendorReportedEchoSpacing": 0.000579999,
    "DeviceSerialNumber": "45685",
    "DwellTime": 3.8e-06,
    "EchoTime": 0.03,
    "EchoTrainLength": 68,
    "EffectiveEchoSpacing": 0.000579999,
    "FlipAngle": 90,
    "ImageOrientationPatientDICOM": [
      0.995056,
      -0.00173338,
      0.0993046,
      1.2772e-08,
      0.999848,
      0.0174524
    ],
    "ImageType": [
      "ORIGINAL",
      "PRIMARY",
      "M",
      "ND",
      "MOSAIC"
    ],
    "InPlanePhaseEncodingDirectionDICOM": "COL",
    "InstitutionAddress": "HAWKINS_DRIVE_200_IOWA_CITY_IOWA_US_52242",
    "InstitutionName": "UIHC_SKYRA",
    "InstitutionalDepartmentName": "Department",
    "MRAcquisitionType": "2D",
    "MagneticFieldStrength": 3,
    "Manufacturer": "Siemens",
    "ManufacturersModelName": "Skyra",
    "Modality": "MR",
    "PartialFourier": 1,
    "PatientPosition": "HFS",
    "PercentPhaseFOV": 100,
    "PhaseEncodingDirection": "j-",
    "PhaseEncodingSteps": 68,
    "PhaseResolution": 1,
    "PixelBandwidth": 1935,
    "ProcedureStepDescription": "RESEARCH_OYA",
    "ProtocolName": "ES-FMRI",
    "PulseSequenceDetails": "%SiemensSeq%_ep2d_pace",
    "ReceiveCoilActiveElements": "HE",
    "ReceiveCoilName": "TxRx_CP_Head",
    "ReconMatrixPE": 68,
    "RepetitionTime": 3,
    "SAR": 0.0524114,
    "ScanOptions": "FS",
    "ScanningSequence": "EP",
    "SequenceName": "_epfid2d1_68",
    "SequenceVariant": "SK",
    "SeriesDescription": "ES-FMRI",
    "SeriesNumber": 13,
    "ShimSetting": [
      -3723,
      -1378,
      -839,
      373,
      489,
      40,
      132,
      134
    ],
    "SliceThickness": 3,
    "SliceTiming": [
      1.44,
      0,
      1.505,
      0.065,
      1.57,
      0.13,
      1.6375,
      0.1975,
      1.7025,
      0.2625,
      1.7675,
      0.3275,
      1.8325,
      0.3925,
      1.8975,
      0.4575,
      1.965,
      0.525,
      2.03,
      0.59,
      2.095,
      0.655,
      2.16,
      0.72,
      2.225,
      0.785,
      2.29,
      0.85,
      2.3575,
      0.9175,
      2.4225,
      0.9825,
      2.4875,
      1.0475,
      2.5525,
      1.1125,
      2.6175,
      1.1775,
      2.685,
      1.245,
      2.75,
      1.31,
      2.815,
      1.375
    ],
    "SoftwareVersions": "syngo_MR_E11",
    "SpacingBetweenSlices": 3,
    "StationName": "AWP45685",
    "TaskName": "es",
    "TotalReadoutTime": 0.03886,
    "TxRefAmp": 208.384,
    "dataset": "ds002799",
    "modality": "bold",
    "run_id": 5,
    "session_id": "postop",
    "subject_id": "405",
    "task_id": "es"
  },
  "dummy_trs": 0,
  "dvars_nstd": 34.37347400757989,
  "dvars_std": 1.1433176157534248,
  "dvars_vstd": 1.004205428356164,
  "efc": 0.5180718265182305,
  "fber": 885.5499877929688,
  "fd_mean": 0.1749479549085708,
  "fd_num": 71,
  "fd_perc": 32.27272727272727,
  "fwhm_avg": 2.012510935219639,
  "fwhm_x": 1.9437614629714335,
  "fwhm_y": 2.157878009354149,
  "fwhm_z": 1.9358933333333335,
  "gcor": 0.0401182,
  "gsr_x": -0.0221352968364954,
  "gsr_y": 0.03536640852689743,
  "provenance": {
    "md5sum": "8219fbe9e06c19915ee59cba3b8fed10",
    "settings": {
      "fd_thres": 0.2,
      "testing": false
    },
    "software": "mriqc",
    "version": "21.0.0rc2",
    "webapi_port": null,
    "webapi_url": "https://mriqc.nimh.nih.gov/api/v1"
  },
  "size_t": 220,
  "size_x": 68,
  "size_y": 68,
  "size_z": 44,
  "snr": 5.400668707818636,
  "spacing_tr": 3.0,
  "spacing_x": 3.2352941036224365,
  "spacing_y": 3.2352941036224365,
  "spacing_z": 3.0,
  "summary_bg_k": 40.30131193218599,
  "summary_bg_mad": 2.870856406123179,
  "summary_bg_mean": 31.065715789794922,
  "summary_bg_median": 15.318181037902832,
  "summary_bg_n": 134238.0,
  "summary_bg_p05": 13.259090423583984,
  "summary_bg_p95": 103.62931213378899,
  "summary_bg_stdv": 42.1820068359375,
  "summary_fg_k": 2.508981727914432,
  "summary_fg_mad": 76.7718557901448,
  "summary_fg_mean": 476.10833740234375,
  "summary_fg_median": 472.8908996582031,
  "summary_fg_n": 28995.0,
  "summary_fg_p05": 345.8658905029297,
  "summary_fg_p95": 617.695880126953,
  "summary_fg_stdv": 87.5600357055664,
  "tsnr": 47.64697309222538
}