{
  "bids_meta": {
    "AcquisitionMatrixPE": 256,
    "AcquisitionNumber": 1,
    "BodyPartExamined": "BRAIN",
    "ConversionSoftware": "dcm2niix",
    "ConversionSoftwareVersion": "v1.0.20171215 (OpenJPEG build) GCC7.2.0",
    "EchoTime": 0.00344,
    "FlipAngle": 10,
    "ImageOrientationPatientDICOM": [
      0.998692,
      -0.0504192,
      0.0085519,
      0.0082917,
      -0.00536776,
      -0.999951
    ],
    "ImageType": [
      "ORIGINAL",
      "PRIMARY",
      "M",
      "DIS2D"
    ],
    "InPlanePhaseEncodingDirectionDICOM": "ROW",
    "InversionTime": 1,
    "MRAcquisitionType": "3D",
    "MagneticFieldStrength": 3,
    "Modality": "MR",
    "PatientPosition": "HFS",
    "PercentPhaseFOV": 100,
    "PhaseEncodingSteps": 256,
    "PixelBandwidth": 190,
    "ProtocolName": "MPRAGE_TI=1000",
    "ReconMatrixPE": 256,
    "RepetitionTime": 1.9,
    "SAR": 0.104959,
    "ScanOptions": "IR",
    "ScanningSequence": "GR_IR",
    "SequenceName": "_tfl3d1_16ns",
    "SequenceVariant": "SK_SP_MP",
    "SeriesDescription": "MPRAGE_TI=1000",
    "SeriesNumber": 2,
    "SliceThickness": 1,
    "dataset": "ds002799",
    "modality": "T1w",
    "session_id": "postop",
    "subject_id": "339"
  },
  "cjv": 0.933750898887961,
  "cnr": 1.4711815082934743,
  "efc": 0.6559369323509808,
  "fber": 142.3794341225478,
  "fwhm_avg": 3.6242426911094223,
  "fwhm_x": 3.72338688,
  "fwhm_y": 3.665293833328267,
  "fwhm_z": 3.48404736,
  "icvs_csf": 0.18268189002915847,
  "icvs_gm": 0.42887795674012663,
  "icvs_wm": 0.3884401532307149,
  "inu_med": 1.8729374408721924,
  "inu_range": 0.8176415741443634,
  "provenance": {
    "md5sum": "8d0e737a8aadb593902a523e2cb205f6",
    "settings": {
      "testing": false
    },
    "software": "mriqc",
    "version": "21.0.0rc2",
    "warnings": {
      "large_rot_frame": true,
      "small_air_mask": false
    },
    "webapi_port": null,
    "webapi_url": "https://mriqc.nimh.nih.gov/api/v1"
  },
  "qi_1": 9.492560032090977e-05,
  "qi_2": 0.011019179050148207,
  "rpve_csf": 36.77447846398582,
  "rpve_gm": 16.73622837649391,
  "rpve_wm": 20.760482791104053,
  "size_x": 256,
  "size_y": 224,
  "size_z": 256,
  "snr_csf": 3.348751191219258,
  "snr_gm": 9.739548197901737,
  "snr_total": 9.616639201735985,
  "snr_wm": 15.76161821608696,
  "snrd_csf": 12.335739968298434,
  "snrd_gm": 19.971622172895632,
  "snrd_total": 18.724859485252363,
  "snrd_wm": 23.86721631456302,
  "spacing_x": 0.9765625,
  "spacing_y": 1.0000044107437134,
  "spacing_z": 0.9765625,
  "summary_bg_k": 91.74871482662559,
  "summary_bg_mad": 27.451343519160112,
  "summary_bg_mean": 63.40204254646815,
  "summary_bg_median": 62.519369937479496,
  "summary_bg_n": 3348536.0,
  "summary_bg_p05": 23.938643507659435,
  "summary_bg_p95": 113.49551048129797,
  "summary_bg_stdv": 30.03750435147839,
  "summary_csf_k": 27.281346711760598,
  "summary_csf_mad": 135.07439321561628,
  "summary_csf_mean": 523.8160309112604,
  "summary_csf_median": 516.8887685537338,
  "summary_csf_n": 36773.0,
  "summary_csf_p05": 326.3092765510082,
  "summary_csf_p95": 719.8636746704578,
  "summary_csf_stdv": 154.3505954576599,
  "summary_gm_k": -0.3168405921945938,
  "summary_gm_mad": 90.50903218869526,
  "summary_gm_mean": 844.3366452561238,
  "summary_gm_median": 836.8453953713179,
  "summary_gm_n": 31596.0,
  "summary_gm_p05": 714.7505663484335,
  "summary_gm_p95": 993.5892804097384,
  "summary_gm_stdv": 85.92104431968325,
  "summary_wm_k": 0.5808936618602583,
  "summary_wm_mad": 61.909096890490794,
  "summary_wm_mean": 1003.9791399522663,
  "summary_wm_median": 1000.0775049850345,
  "summary_wm_n": 219452.0,
  "summary_wm_p05": 907.1893704682589,
  "summary_wm_p95": 1113.4180727899075,
  "summary_wm_stdv": 63.45003493248977,
  "tpm_overlap_csf": 0.1450725942850113,
  "tpm_overlap_gm": 0.4318358600139618,
  "tpm_overlap_wm": 0.47645384073257446,
  "wm2max": 0.5663837241613963
}