{
  "bids_meta": {
    "AcquisitionMatrixPE": 256,
    "AcquisitionNumber": 1,
    "AcquisitionTime": "15:45:54.465000",
    "BaseResolution": 256,
    "BodyPartExamined": "BRAIN",
    "ConsistencyInfo": "N4_VE11A_LATEST_20140830",
    "ConversionSoftware": "dcm2niix",
    "ConversionSoftwareVersion": "v1.0.20180622 GCC7.3.0",
    "DeviceSerialNumber": "45685",
    "DwellTime": 1.03e-05,
    "EchoTime": 0.00344,
    "FlipAngle": 10,
    "ImageComments": "Image_quality:_high",
    "ImageOrientationPatientDICOM": [
      0.999994,
      0,
      -0.00349065,
      -0.00349065,
      0,
      -0.999994
    ],
    "ImageType": [
      "ORIGINAL",
      "PRIMARY",
      "M",
      "DIS2D"
    ],
    "InPlanePhaseEncodingDirectionDICOM": "ROW",
    "InstitutionAddress": "HAWKINS_DRIVE_200_IOWA_CITY_IOWA_US_52242",
    "InstitutionName": "UIHC_SKYRA",
    "InstitutionalDepartmentName": "Department",
    "InversionTime": 1,
    "MRAcquisitionType": "3D",
    "MagneticFieldStrength": 3,
    "Manufacturer": "Siemens",
    "ManufacturersModelName": "Skyra",
    "Modality": "MR",
    "PartialFourier": 1,
    "PatientPosition": "HFS",
    "PercentPhaseFOV": 100,
    "PhaseEncodingSteps": 256,
    "PhaseResolution": 1,
    "PixelBandwidth": 190,
    "ProcedureStepDescription": "RESEARCH_HOWARD",
    "ProtocolName": "MPRAGE_TI=1000",
    "PulseSequenceDetails": "%SiemensSeq%_tfl",
    "ReceiveCoilActiveElements": "HE",
    "ReceiveCoilName": "TxRx_CP_Head",
    "ReconMatrixPE": 256,
    "RepetitionTime": 1.9,
    "SAR": 0.0413563,
    "ScanOptions": "IR",
    "ScanningSequence": "GR_IR",
    "SequenceName": "_tfl3d1_16ns",
    "SequenceVariant": "SK_SP_MP",
    "SeriesDescription": "MPRAGE_TI=1000",
    "SeriesNumber": 3,
    "ShimSetting": [
      -3806,
      -1401,
      -1100,
      -63,
      447,
      -256,
      357,
      418
    ],
    "SliceThickness": 1,
    "SoftwareVersions": "syngo_MR_E11",
    "StationName": "AWP45685",
    "TxRefAmp": 231.303,
    "dataset": "ds002799",
    "modality": "T1w",
    "session_id": "postop",
    "subject_id": "384"
  },
  "cjv": 0.5830403616323602,
  "cnr": 2.2013624674082255,
  "efc": 0.7043298756423085,
  "fber": 43.592089240933646,
  "fwhm_avg": 3.394241626666666,
  "fwhm_x": 3.37395712,
  "fwhm_y": 3.48641,
  "fwhm_z": 3.32235776,
  "icvs_csf": 0.19699748924550534,
  "icvs_gm": 0.4001270028127551,
  "icvs_wm": 0.40287550794173954,
  "inu_med": 1.2762012481689453,
  "inu_range": 0.48542075753211966,
  "provenance": {
    "md5sum": "d152042cea785f01694223e1996c7537",
    "settings": {
      "testing": false
    },
    "software": "mriqc",
    "version": "21.0.0rc2",
    "warnings": {
      "large_rot_frame": true,
      "small_air_mask": false
    },
    "webapi_port": null,
    "webapi_url": "https://mriqc.nimh.nih.gov/api/v1"
  },
  "qi_1": 0.0,
  "qi_2": 0.00339481101188078,
  "rpve_csf": 35.741516646327,
  "rpve_gm": 16.95052297210309,
  "rpve_wm": 19.044803136742363,
  "size_x": 256,
  "size_y": 224,
  "size_z": 256,
  "snr_csf": 0.8511833309153276,
  "snr_gm": 9.467114400424435,
  "snr_total": 7.360262264795221,
  "snr_wm": 11.7624890630459,
  "snrd_csf": 6.187714271671228,
  "snrd_gm": 11.086377881270312,
  "snrd_total": 10.833357071329758,
  "snrd_wm": 15.225979061047733,
  "spacing_x": 0.9765625,
  "spacing_y": 1.0,
  "spacing_z": 0.9765625,
  "summary_bg_k": 5.873237977887785,
  "summary_bg_mad": 43.02753609950758,
  "summary_bg_mean": 98.87552150320212,
  "summary_bg_median": 92.94044137001038,
  "summary_bg_n": 3525561.0,
  "summary_bg_p05": 35.60936450958252,
  "summary_bg_p95": 180.98459511995316,
  "summary_bg_stdv": 45.9413995030853,
  "summary_csf_k": 8.16673291567108,
  "summary_csf_mad": 128.95062199146903,
  "summary_csf_mean": 548.8641861497197,
  "summary_csf_median": 406.3918724656105,
  "summary_csf_n": 34725.0,
  "summary_csf_p05": 204.7538459300995,
  "summary_csf_p95": 1765.58351111412,
  "summary_csf_stdv": 477.4365358067264,
  "summary_gm_k": 0.014315600102174919,
  "summary_gm_mad": 77.60794854757809,
  "summary_gm_mean": 729.2775546009251,
  "summary_gm_median": 728.1224808096886,
  "summary_gm_n": 22390.0,
  "summary_gm_p05": 605.5372434854507,
  "summary_gm_p95": 857.8295910358429,
  "summary_gm_stdv": 76.90899146656719,
  "summary_wm_k": 0.6527775506229343,
  "summary_wm_mad": 80.9076062239207,
  "summary_wm_mean": 1005.4527496122251,
  "summary_wm_median": 999.9999788403511,
  "summary_wm_n": 170447.0,
  "summary_wm_p05": 876.4354839920998,
  "summary_wm_p95": 1153.6543866991997,
  "summary_wm_stdv": 85.01576834741584,
  "tpm_overlap_csf": 0.1393681913614273,
  "tpm_overlap_gm": 0.38910025358200073,
  "tpm_overlap_wm": 0.431472510099411,
  "wm2max": 0.4809264888470266
}