{
  "aor": 0.001498217054263566,
  "aqi": 0.009444890155038759,
  "bids_meta": {
    "AcquisitionMatrixPE": 64,
    "AcquisitionNumber": 1,
    "AcquisitionTime": "09:08:2.000000",
    "ConversionSoftware": "dcm2niix",
    "ConversionSoftwareVersion": "v1.0.20171215 (OpenJPEG build) GCC7.2.0",
    "DeviceSerialNumber": "0000000319335MR2",
    "EchoTime": 0.03,
    "EffectiveEchoSpacing": 0.000664,
    "FlipAngle": 80,
    "ImageOrientationPatientDICOM": [
      1,
      0,
      0,
      0,
      0.998005,
      -0.063142
    ],
    "ImageType": [
      "ORIGINAL",
      "PRIMARY",
      "EPI",
      "NONE"
    ],
    "InPlanePhaseEncodingDirectionDICOM": "COL",
    "InstitutionName": "Iowa_MRRF",
    "MRAcquisitionType": "2D",
    "MagneticFieldStrength": 3,
    "Manufacturer": "GE",
    "ManufacturersModelName": "DISCOVERY_MR750w",
    "Modality": "MR",
    "PatientPosition": "HFS",
    "PercentPhaseFOV": 100,
    "PixelBandwidth": 7812.5,
    "ProcedureStepDescription": "MH_EPIL",
    "ProtocolName": "REST",
    "ReconMatrixPE": 64,
    "RepetitionTime": 2.26,
    "SAR": 0.0240961,
    "ScanOptions": "SAT_GEMS_EPI_GEMS_PFF_FS",
    "ScanningSequence": "EP_GR",
    "SequenceVariant": "SS",
    "SeriesDescription": "REST",
    "SeriesNumber": 2,
    "SliceThickness": 4,
    "SoftwareVersions": "25_LX_MR_Software_release:DV25.0_R02_1549.b",
    "SpacingBetweenSlices": 4,
    "StationName": "Iowa3T",
    "TaskName": "rest",
    "TotalReadoutTime": 0.041832,
    "dataset": "ds002799",
    "modality": "bold",
    "run_id": 1,
    "session_id": "preop",
    "subject_id": "352",
    "task_id": "rest"
  },
  "dummy_trs": 1,
  "dvars_nstd": 17.716551624531252,
  "dvars_std": 0.9730850374999996,
  "dvars_vstd": 0.9194721477343754,
  "efc": 0.4884891930902497,
  "fber": 6685.07861328125,
  "fd_mean": 0.12846872380794333,
  "fd_num": 17,
  "fd_perc": 13.178294573643411,
  "fwhm_avg": 2.5860078061513936,
  "fwhm_x": 2.5652334545454547,
  "fwhm_y": 2.9877818181818183,
  "fwhm_z": 2.2050081457269077,
  "gcor": 0.0205731,
  "gsr_x": -0.01438394095748663,
  "gsr_y": 0.03204843029379845,
  "provenance": {
    "md5sum": "7ad9d369702b4477187d016b42317b3b",
    "settings": {
      "fd_thres": 0.2,
      "testing": false
    },
    "software": "mriqc",
    "version": "21.0.0rc2",
    "webapi_port": null,
    "webapi_url": "https://mriqc.nimh.nih.gov/api/v1"
  },
  "size_t": 129,
  "size_x": 64,
  "size_y": 64,
  "size_z": 30,
  "snr": 5.327984653095065,
  "spacing_tr": 2.259999990463257,
  "spacing_x": 3.4375,
  "spacing_y": 3.4375,
  "spacing_z": 3.9999806880950928,
  "summary_bg_k": 35.12699857042035,
  "summary_bg_mad": 16.630428275789498,
  "summary_bg_mean": 70.17023468017578,
  "summary_bg_median": 23.038759231567383,
  "summary_bg_n": 74108.0,
  "summary_bg_p05": 7.087984538078311,
  "summary_bg_p95": 278.4096954345699,
  "summary_bg_stdv": 132.62469482421875,
  "summary_fg_k": 1.33617921731358,
  "summary_fg_mad": 297.84206268313176,
  "summary_fg_mean": 1938.8438720703125,
  "summary_fg_median": 1882.0736083984375,
  "summary_fg_n": 20998.0,
  "summary_fg_p05": 1490.5817993164062,
  "summary_fg_p95": 2670.199670410156,
  "summary_fg_stdv": 353.2346496582031,
  "tsnr": 58.74948494252749
}