{
  "bids_meta": {
    "AcquisitionMatrixPE": 256,
    "AcquisitionNumber": 1,
    "AcquisitionTime": "17:56:23.592500",
    "BaseResolution": 256,
    "BodyPartExamined": "BRAIN",
    "ConsistencyInfo": "N4_VE11A_LATEST_20140830",
    "ConversionSoftware": "dcm2niix",
    "ConversionSoftwareVersion": "v1.0.20180622 GCC7.3.0",
    "DeviceSerialNumber": "45685",
    "DwellTime": 1.03e-05,
    "EchoTime": 0.00344,
    "FlipAngle": 10,
    "ImageComments": "Image_quality:_high",
    "ImageOrientationPatientDICOM": [
      0.999962,
      0.00191738,
      0.0085519,
      0.00856126,
      -0.00492646,
      -0.999951
    ],
    "ImageType": [
      "ORIGINAL",
      "PRIMARY",
      "M",
      "DIS2D"
    ],
    "InPlanePhaseEncodingDirectionDICOM": "ROW",
    "InstitutionAddress": "HAWKINS_DRIVE_200_IOWA_CITY_IOWA_US_52242",
    "InstitutionName": "UIHC_SKYRA",
    "InstitutionalDepartmentName": "Department",
    "InversionTime": 1,
    "MRAcquisitionType": "3D",
    "MagneticFieldStrength": 3,
    "Manufacturer": "Siemens",
    "ManufacturersModelName": "Skyra",
    "Modality": "MR",
    "PartialFourier": 1,
    "PatientPosition": "HFS",
    "PercentPhaseFOV": 100,
    "PhaseEncodingSteps": 256,
    "PhaseResolution": 1,
    "PixelBandwidth": 190,
    "ProcedureStepDescription": "RESEARCH_OYA",
    "ProtocolName": "MPRAGE_TI=1000",
    "PulseSequenceDetails": "%SiemensSeq%_tfl",
    "ReceiveCoilActiveElements": "HE",
    "ReceiveCoilName": "TxRx_CP_Head",
    "ReconMatrixPE": 256,
    "RepetitionTime": 1.9,
    "SAR": 0.0386235,
    "ScanOptions": "IR",
    "ScanningSequence": "GR_IR",
    "SequenceName": "_tfl3d1_16ns",
    "SequenceVariant": "SK_SP_MP",
    "SeriesDescription": "MPRAGE_TI=1000",
    "SeriesNumber": 2,
    "ShimSetting": [
      -3792,
      -1435,
      -1012,
      199,
      312,
      -702,
      -38,
      223
    ],
    "SliceThickness": 1,
    "SoftwareVersions": "syngo_MR_E11",
    "StationName": "AWP45685",
    "TxRefAmp": 200.506,
    "dataset": "ds002799",
    "modality": "T1w",
    "session_id": "postop",
    "subject_id": "413"
  },
  "cjv": 0.6636883756666017,
  "cnr": 1.9429225181940923,
  "efc": 0.6764450141198282,
  "fber": 91.20738081487308,
  "fwhm_avg": 3.6370760502741963,
  "fwhm_x": 3.83721472,
  "fwhm_y": 3.6534847908225894,
  "fwhm_z": 3.42052864,
  "icvs_csf": 0.2149275926134713,
  "icvs_gm": 0.416458973703701,
  "icvs_wm": 0.36861343368282773,
  "inu_med": 1.2818483114242554,
  "inu_range": 0.5959965884685516,
  "provenance": {
    "md5sum": "040c995c6b72cf16c124515246ca6150",
    "settings": {
      "testing": false
    },
    "software": "mriqc",
    "version": "21.0.0rc2",
    "warnings": {
      "large_rot_frame": true,
      "small_air_mask": false
    },
    "webapi_port": null,
    "webapi_url": "https://mriqc.nimh.nih.gov/api/v1"
  },
  "qi_1": 0.0,
  "qi_2": 0.004603687066554117,
  "rpve_csf": 26.945170113002384,
  "rpve_gm": 13.669713055141017,
  "rpve_wm": 17.2919365911947,
  "size_x": 256,
  "size_y": 224,
  "size_z": 256,
  "snr_csf": 1.7215447367171894,
  "snr_gm": 11.41554414052363,
  "snr_total": 9.297343046154587,
  "snr_wm": 14.754940261222941,
  "snrd_csf": 8.614203349534376,
  "snrd_gm": 14.84575470877201,
  "snrd_total": 14.015550713557971,
  "snrd_wm": 18.586694082367526,
  "spacing_x": 0.9765625,
  "spacing_y": 0.9999986886978149,
  "spacing_z": 0.9765625,
  "summary_bg_k": 1.52056001320664,
  "summary_bg_mad": 35.247599600430114,
  "summary_bg_mean": 77.19787391615749,
  "summary_bg_median": 73.61880019307137,
  "summary_bg_n": 3194004.0,
  "summary_bg_p05": 24.989867955446243,
  "summary_bg_p95": 140.61866238713264,
  "summary_bg_stdv": 35.24851318062655,
  "summary_csf_k": 44.37572312100976,
  "summary_csf_mad": 101.1365783989614,
  "summary_csf_mean": 505.3401778961275,
  "summary_csf_median": 463.46074029803276,
  "summary_csf_n": 57332.0,
  "summary_csf_p05": 304.3360675871372,
  "summary_csf_p95": 690.32146320492,
  "summary_csf_stdv": 269.2097907727876,
  "summary_gm_k": -0.050610493137120294,
  "summary_gm_mad": 70.69546965313539,
  "summary_gm_mean": 800.7936257522192,
  "summary_gm_median": 798.7302120029926,
  "summary_gm_n": 23917.0,
  "summary_gm_p05": 688.9098733663559,
  "summary_gm_p95": 919.7622211277485,
  "summary_gm_stdv": 69.96718719988674,
  "summary_wm_k": 1.5772573169906003,
  "summary_wm_mad": 62.88492201440372,
  "summary_wm_mean": 1004.8211579245288,
  "summary_wm_median": 999.9999593198299,
  "summary_wm_n": 198678.0,
  "summary_wm_p05": 903.8227377831936,
  "summary_wm_p95": 1120.896888077259,
  "summary_wm_stdv": 67.7737371333095,
  "tpm_overlap_csf": 0.13433006405830383,
  "tpm_overlap_gm": 0.395003080368042,
  "tpm_overlap_wm": 0.42746812105178833,
  "wm2max": 0.3999250498427166
}