{
  "aor": 0.01935909090909091,
  "aqi": 0.025814370519480517,
  "bids_meta": {
    "AcquisitionMatrixPE": 68,
    "AcquisitionNumber": 1,
    "AcquisitionTime": "17:33:35.580000",
    "BandwidthPerPixelPhaseEncode": 25.355,
    "BaseResolution": 68,
    "ConversionSoftware": "dcm2niix",
    "ConversionSoftwareVersion": "v1.0.20171103 (OpenJPEG build) GCC7.2.1",
    "DelayTime": 0.1,
    "DerivedVendorReportedEchoSpacing": 0.000579999,
    "DeviceSerialNumber": "35053",
    "DwellTime": 3.8e-06,
    "EchoTime": 0.03,
    "EffectiveEchoSpacing": 0.000579999,
    "FlipAngle": 90,
    "ImageOrientationPatientDICOM": [
      1,
      0,
      0,
      0,
      1,
      0
    ],
    "ImageType": [
      "ORIGINAL",
      "PRIMARY",
      "M",
      "ND",
      "MOSAIC"
    ],
    "InPlanePhaseEncodingDirectionDICOM": "COL",
    "InstitutionAddress": "Hawkins_200_Iowa_City_IA_US_52242",
    "InstitutionName": "UI_Hospitals_and_Clinics",
    "InstitutionalDepartmentName": "Radiation_Oncology",
    "MRAcquisitionType": "2D",
    "MagneticFieldStrength": 3,
    "Manufacturer": "Siemens",
    "ManufacturersModelName": "TrioTim",
    "Modality": "MR",
    "PartialFourier": 1,
    "PatientPosition": "HFS",
    "PercentPhaseFOV": 100,
    "PhaseEncodingDirection": "j-",
    "PhaseEncodingSteps": 68,
    "PhaseResolution": 1,
    "PixelBandwidth": 1935,
    "ProcedureStepDescription": "RESEARCH_OYA",
    "ProtocolName": "ES_FMRI",
    "PulseSequenceDetails": "%SiemensSeq%_ep2d_bold",
    "ReceiveCoilName": "TxRx_Head",
    "ReconMatrixPE": 68,
    "RepetitionTime": 3,
    "SAR": 0.0503535,
    "ScanOptions": "FS",
    "ScanningSequence": "EP",
    "SequenceName": "_epfid2d1_68",
    "SequenceVariant": "SK",
    "SeriesDescription": "ES_FMRI",
    "SeriesNumber": 4,
    "ShimSetting": [
      -1208,
      -19506,
      6084,
      605,
      415,
      -378,
      -194,
      26
    ],
    "SliceThickness": 3,
    "SliceTiming": [
      0,
      1.4875,
      0.065,
      1.5525,
      0.13,
      1.6175,
      0.1925,
      1.6825,
      0.2575,
      1.7475,
      0.3225,
      1.81,
      0.3875,
      1.875,
      0.4525,
      1.94,
      0.5175,
      2.005,
      0.5825,
      2.07,
      0.6475,
      2.135,
      0.71,
      2.2,
      0.775,
      2.265,
      0.84,
      2.3275,
      0.905,
      2.3925,
      0.97,
      2.4575,
      1.035,
      2.5225,
      1.1,
      2.5875,
      1.165,
      2.6525,
      1.23,
      2.7175,
      1.2925,
      2.7825,
      1.3575,
      2.8475,
      1.4225
    ],
    "SoftwareVersions": "syngo_MR_B19",
    "SpacingBetweenSlices": 3,
    "StationName": "MRC35053",
    "TaskName": "es",
    "TotalReadoutTime": 0.03886,
    "TxRefAmp": 182.635,
    "dataset": "ds002799",
    "modality": "bold",
    "run_id": 2,
    "session_id": "postop",
    "subject_id": "294",
    "task_id": "es"
  },
  "dummy_trs": 1,
  "dvars_nstd": 44.77359289082606,
  "dvars_std": 1.013142112,
  "dvars_vstd": 1.0249129047826089,
  "efc": 0.4504406125231554,
  "fber": 2471.582763671875,
  "fd_mean": 1.0848100995236274,
  "fd_num": 74,
  "fd_perc": 32.03463203463203,
  "fwhm_avg": 2.1002582283137854,
  "fwhm_x": 1.9398360084089628,
  "fwhm_y": 2.2758920098657263,
  "fwhm_z": 2.0850466666666665,
  "gcor": 0.0582332,
  "gsr_x": 0.011155127547681332,
  "gsr_y": 0.024490095674991608,
  "provenance": {
    "md5sum": "7e8dc0827fc1cc603989489858588d7d",
    "settings": {
      "fd_thres": 0.2,
      "testing": false
    },
    "software": "mriqc",
    "version": "21.0.0rc2",
    "webapi_port": null,
    "webapi_url": "https://mriqc.nimh.nih.gov/api/v1"
  },
  "size_t": 231,
  "size_x": 68,
  "size_y": 68,
  "size_z": 45,
  "snr": 4.877976105468322,
  "spacing_tr": 3.0,
  "spacing_x": 3.2352941036224365,
  "spacing_y": 3.2352941036224365,
  "spacing_z": 3.0,
  "summary_bg_k": 51.57957351608654,
  "summary_bg_mad": 4.589007035126822,
  "summary_bg_mean": 33.59577560424805,
  "summary_bg_median": 10.428571701049805,
  "summary_bg_n": 150785.0,
  "summary_bg_p05": 6.1298699378967285,
  "summary_bg_p95": 142.6952423095702,
  "summary_bg_stdv": 70.72869873046875,
  "summary_fg_k": 1.3972931949546465,
  "summary_fg_mad": 96.45578919945953,
  "summary_fg_mean": 530.9205322265625,
  "summary_fg_median": 533.9393920898438,
  "summary_fg_n": 18678.0,
  "summary_fg_p05": 346.1222869873047,
  "summary_fg_p95": 701.005191040039,
  "summary_fg_stdv": 109.4562759399414,
  "tsnr": 20.61243324307725
}