{
  "aor": 0.0017489230769230767,
  "aqi": 0.001992271076923077,
  "bids_meta": {
    "AcquisitionMatrixPE": 64,
    "AcquisitionNumber": 1,
    "AcquisitionTime": "11:13:56.000000",
    "ConversionSoftware": "dcm2niix",
    "ConversionSoftwareVersion": "v1.0.20180622 GCC7.3.0",
    "DeviceSerialNumber": "0000000319335MR2",
    "EchoTime": 0.03,
    "EffectiveEchoSpacing": 0.00064,
    "FlipAngle": 80,
    "ImageOrientationPatientDICOM": [
      1,
      0,
      0,
      0,
      1,
      0
    ],
    "ImageType": [
      "ORIGINAL",
      "PRIMARY",
      "EPI",
      "NONE"
    ],
    "InPlanePhaseEncodingDirectionDICOM": "COL",
    "InstitutionName": "Iowa_MRRF",
    "MRAcquisitionType": "2D",
    "MagneticFieldStrength": 3,
    "Manufacturer": "GE",
    "ManufacturersModelName": "DISCOVERY_MR750w",
    "Modality": "MR",
    "PatientPosition": "HFS",
    "PercentPhaseFOV": 100,
    "PhaseEncodingAxis": "j",
    "PixelBandwidth": 7812.5,
    "ProcedureStepDescription": "MH_EPIL",
    "ProtocolName": "REST",
    "ReconMatrixPE": 64,
    "RepetitionTime": 2.26,
    "SAR": 0.0404822,
    "ScanOptions": "SAT_GEMS_EPI_GEMS_ACC_GEMS_FS",
    "ScanningSequence": "EP_GR",
    "SequenceVariant": "SS",
    "SeriesDescription": "REST",
    "SeriesNumber": 6,
    "SliceThickness": 4,
    "SoftwareVersions": "25_LX_MR_Software_release:DV25.0_R02_1549.b",
    "SpacingBetweenSlices": 4,
    "StationName": "Iowa3T",
    "TaskName": "rest",
    "TotalReadoutTime": 0.04032,
    "dataset": "ds002799",
    "modality": "bold",
    "run_id": 2,
    "session_id": "preop",
    "subject_id": "376",
    "task_id": "rest"
  },
  "dummy_trs": 0,
  "dvars_nstd": 13.05175443387596,
  "dvars_std": 1.1510265614728687,
  "dvars_vstd": 0.9632641241860463,
  "efc": 0.43282507953372656,
  "fber": 50911.40234375,
  "fd_mean": 0.0583623730369629,
  "fd_num": 3,
  "fd_perc": 2.3076923076923075,
  "fwhm_avg": 2.308550212121212,
  "fwhm_x": 2.3088232727272726,
  "fwhm_y": 2.4638923636363637,
  "fwhm_z": 2.152935,
  "gcor": 0.0850402,
  "gsr_x": -0.015103728510439396,
  "gsr_y": 0.02780410647392273,
  "provenance": {
    "md5sum": "e08274886485f3fba15543feea48d64f",
    "settings": {
      "fd_thres": 0.2,
      "testing": false
    },
    "software": "mriqc",
    "version": "21.0.0rc2",
    "webapi_port": null,
    "webapi_url": "https://mriqc.nimh.nih.gov/api/v1"
  },
  "size_t": 130,
  "size_x": 64,
  "size_y": 64,
  "size_z": 30,
  "snr": 4.288773380829282,
  "spacing_tr": 2.259999990463257,
  "spacing_x": 3.4375,
  "spacing_y": 3.4375,
  "spacing_z": 4.0,
  "summary_bg_k": 129.1968085884105,
  "summary_bg_mad": 9.465844800131087,
  "summary_bg_mean": 31.362964630126953,
  "summary_bg_median": 6.476922988891602,
  "summary_bg_n": 76827.0,
  "summary_bg_p05": 0.0,
  "summary_bg_p95": 134.3746154785156,
  "summary_bg_stdv": 96.26844024658203,
  "summary_fg_k": 1.5601060737593864,
  "summary_fg_mad": 305.37035912883215,
  "summary_fg_mean": 1427.105712890625,
  "summary_fg_median": 1388.71923828125,
  "summary_fg_n": 18644.0,
  "summary_fg_p05": 985.2915283203125,
  "summary_fg_p95": 2008.9000244140623,
  "summary_fg_stdv": 323.794677734375,
  "tsnr": 106.28767042793334
}