{
  "aor": 0.0037766923076923077,
  "aqi": 0.004659804769230769,
  "bids_meta": {
    "AcquisitionMatrixPE": 64,
    "AcquisitionNumber": 1,
    "AcquisitionTime": "11:06:36.000000",
    "ConversionSoftware": "dcm2niix",
    "ConversionSoftwareVersion": "v1.0.20180622 GCC7.3.0",
    "DeviceSerialNumber": "0000000319335MR2",
    "EchoTime": 0.03,
    "EffectiveEchoSpacing": 0.00064,
    "FlipAngle": 80,
    "ImageOrientationPatientDICOM": [
      1,
      0,
      0,
      0,
      1,
      0
    ],
    "ImageType": [
      "ORIGINAL",
      "PRIMARY",
      "EPI",
      "NONE"
    ],
    "InPlanePhaseEncodingDirectionDICOM": "COL",
    "InstitutionName": "Iowa_MRRF",
    "MRAcquisitionType": "2D",
    "MagneticFieldStrength": 3,
    "Manufacturer": "GE",
    "ManufacturersModelName": "DISCOVERY_MR750w",
    "Modality": "MR",
    "PatientPosition": "HFS",
    "PercentPhaseFOV": 100,
    "PhaseEncodingAxis": "j",
    "PixelBandwidth": 7812.5,
    "ProcedureStepDescription": "MH_EPIL",
    "ProtocolName": "REST",
    "ReconMatrixPE": 64,
    "RepetitionTime": 2.26,
    "SAR": 0.0404822,
    "ScanOptions": "SAT_GEMS_EPI_GEMS_ACC_GEMS_FS",
    "ScanningSequence": "EP_GR",
    "SequenceVariant": "SS",
    "SeriesDescription": "REST",
    "SeriesNumber": 4,
    "SliceThickness": 4,
    "SoftwareVersions": "25_LX_MR_Software_release:DV25.0_R02_1549.b",
    "SpacingBetweenSlices": 4,
    "StationName": "Iowa3T",
    "TaskName": "rest",
    "TotalReadoutTime": 0.04032,
    "dataset": "ds002799",
    "modality": "bold",
    "run_id": 1,
    "session_id": "preop",
    "subject_id": "376",
    "task_id": "rest"
  },
  "dummy_trs": 0,
  "dvars_nstd": 12.748943078139535,
  "dvars_std": 1.0165496454263563,
  "dvars_vstd": 0.9144422300775195,
  "efc": 0.4310963617136717,
  "fber": 48402.1875,
  "fd_mean": 0.06609464235964341,
  "fd_num": 3,
  "fd_perc": 2.3076923076923075,
  "fwhm_avg": 2.284169409090909,
  "fwhm_x": 2.2672,
  "fwhm_y": 2.4576407272727274,
  "fwhm_z": 2.1276675,
  "gcor": 0.0270289,
  "gsr_x": -0.014264886267483234,
  "gsr_y": 0.026258045807480812,
  "provenance": {
    "md5sum": "373e833e8b8c75c95de27a700a6782e4",
    "settings": {
      "fd_thres": 0.2,
      "testing": false
    },
    "software": "mriqc",
    "version": "21.0.0rc2",
    "webapi_port": null,
    "webapi_url": "https://mriqc.nimh.nih.gov/api/v1"
  },
  "size_t": 130,
  "size_x": 64,
  "size_y": 64,
  "size_z": 30,
  "snr": 4.389628848057609,
  "spacing_tr": 2.259999990463257,
  "spacing_x": 3.4375,
  "spacing_y": 3.4375,
  "spacing_z": 4.0,
  "summary_bg_k": 137.59725081399972,
  "summary_bg_mad": 9.671128381874718,
  "summary_bg_mean": 29.697790145874023,
  "summary_bg_median": 6.761538505554199,
  "summary_bg_n": 76926.0,
  "summary_bg_p05": 0.015384615398943424,
  "summary_bg_p95": 125.07499694824219,
  "summary_bg_stdv": 86.21653747558594,
  "summary_fg_k": 1.3364828294226045,
  "summary_fg_mad": 303.7168196794454,
  "summary_fg_mean": 1422.891845703125,
  "summary_fg_median": 1387.9923095703125,
  "summary_fg_n": 18542.0,
  "summary_fg_p05": 987.9057922363281,
  "summary_fg_p95": 1989.7865844726564,
  "summary_fg_stdv": 316.1895751953125,
  "tsnr": 74.06395299709402
}