{
  "aor": 0.015217227272727275,
  "aqi": 0.017975249727272723,
  "bids_meta": {
    "AcquisitionMatrixPE": 68,
    "AcquisitionNumber": 1,
    "AcquisitionTime": "18:35:45.777500",
    "BandwidthPerPixelPhaseEncode": 25.355,
    "BaseResolution": 68,
    "BodyPartExamined": "BRAIN",
    "ConsistencyInfo": "N4_VE11A_LATEST_20140830",
    "ConversionSoftware": "dcm2niix",
    "ConversionSoftwareVersion": "v1.0.20170923 (OpenJPEG build) GCC6.3.0",
    "DerivedVendorReportedEchoSpacing": 0.000579999,
    "DeviceSerialNumber": "45685",
    "DwellTime": 3.8e-06,
    "EchoTime": 0.03,
    "EchoTrainLength": 68,
    "EffectiveEchoSpacing": 0.000579999,
    "FlipAngle": 90,
    "ImageType": [
      "ORIGINAL",
      "PRIMARY",
      "M",
      "ND",
      "MOSAIC"
    ],
    "InstitutionAddress": "HAWKINS_DRIVE_200_IOWA_CITY_IOWA_US_52242",
    "InstitutionName": "UIHC_SKYRA",
    "MagneticFieldStrength": 3,
    "Manufacturer": "Siemens",
    "ManufacturersModelName": "Skyra",
    "Modality": "MR",
    "PartialFourier": 1,
    "PercentPhaseFOV": 100,
    "PhaseEncodingDirection": "j-",
    "PhaseEncodingSteps": 68,
    "PhaseResolution": 1,
    "ProcedureStepDescription": "RESEARCH_HOWARD",
    "ProtocolName": "ES-FMRI",
    "PulseSequenceDetails": "%SiemensSeq%_ep2d_pace",
    "ReceiveCoilActiveElements": "HE",
    "ReceiveCoilName": "TxRx_CP_Head",
    "ReconMatrixPE": 68,
    "RepetitionTime": 3,
    "ScanOptions": "FS",
    "ScanningSequence": "EP",
    "SequenceName": "_epfid2d1_68",
    "SequenceVariant": "SK",
    "SeriesDescription": "ES-FMRI",
    "SliceTiming": [
      1.44,
      0,
      1.505,
      0.065,
      1.57,
      0.13,
      1.635,
      0.195,
      1.7,
      0.26,
      1.765,
      0.325,
      1.8325,
      0.3925,
      1.8975,
      0.4575,
      1.9625,
      0.5225,
      2.0275,
      0.5875,
      2.0925,
      0.6525,
      2.16,
      0.72,
      2.225,
      0.785,
      2.29,
      0.85,
      2.355,
      0.915,
      2.42,
      0.98,
      2.485,
      1.045,
      2.5525,
      1.1125,
      2.6175,
      1.1775,
      2.6825,
      1.2425,
      2.7475,
      1.3075,
      2.8125,
      1.3725
    ],
    "SoftwareVersions": "syngo_MR_E11",
    "StationName": "AWP45685",
    "TaskName": "es",
    "TotalReadoutTime": 0.03886,
    "dataset": "ds002799",
    "modality": "bold",
    "run_id": 5,
    "session_id": "postop",
    "subject_id": "400",
    "task_id": "es"
  },
  "dummy_trs": 0,
  "dvars_nstd": 61.05598144863015,
  "dvars_std": 1.2675978954794527,
  "dvars_vstd": 1.1317471485844754,
  "efc": 0.4908044175010056,
  "fber": 820.3212890625,
  "fd_mean": 0.475710406703877,
  "fd_num": 117,
  "fd_perc": 53.18181818181818,
  "fwhm_avg": 2.116964066748579,
  "fwhm_x": 1.9469821902581224,
  "fwhm_y": 2.3040100099876146,
  "fwhm_z": 2.0999,
  "gcor": 0.0572173,
  "gsr_x": -0.015088371932506561,
  "gsr_y": 0.027823079377412796,
  "provenance": {
    "md5sum": "3b8748e7b49268383f230bbc98244615",
    "settings": {
      "fd_thres": 0.2,
      "testing": false
    },
    "software": "mriqc",
    "version": "21.0.0rc2",
    "webapi_port": null,
    "webapi_url": "https://mriqc.nimh.nih.gov/api/v1"
  },
  "size_t": 220,
  "size_x": 68,
  "size_y": 68,
  "size_z": 44,
  "snr": 3.643222368727747,
  "spacing_tr": 3.0,
  "spacing_x": 3.2352941036224365,
  "spacing_y": 3.2352941036224365,
  "spacing_z": 3.0,
  "summary_bg_k": 57.87853410513031,
  "summary_bg_mad": 2.688900499353171,
  "summary_bg_mean": 29.06380844116211,
  "summary_bg_median": 13.940908432006836,
  "summary_bg_n": 141289.0,
  "summary_bg_p05": 12.004545211791992,
  "summary_bg_p95": 94.63272247314458,
  "summary_bg_stdv": 45.70158386230469,
  "summary_fg_k": 3.3656606432436407,
  "summary_fg_mad": 99.0378100980026,
  "summary_fg_mean": 434.2608337402344,
  "summary_fg_median": 424.85906982421875,
  "summary_fg_n": 22805.0,
  "summary_fg_p05": 270.83635864257815,
  "summary_fg_p95": 626.6545166015625,
  "summary_fg_stdv": 116.61373138427734,
  "tsnr": 22.863680277834646
}