{
  "aor": 0.007127,
  "aqi": 0.03408870909090909,
  "bids_meta": {
    "AcquisitionMatrixPE": 68,
    "AcquisitionNumber": 1,
    "AcquisitionTime": "18:04:43.365000",
    "BandwidthPerPixelPhaseEncode": 25.355,
    "BaseResolution": 68,
    "BodyPartExamined": "BRAIN",
    "ConsistencyInfo": "N4_VE11A_LATEST_20140830",
    "ConversionSoftware": "dcm2niix",
    "ConversionSoftwareVersion": "v1.0.20170923 (OpenJPEG build) GCC6.3.0",
    "DerivedVendorReportedEchoSpacing": 0.000579999,
    "DeviceSerialNumber": "45685",
    "DwellTime": 3.8e-06,
    "EchoTime": 0.03,
    "EchoTrainLength": 68,
    "EffectiveEchoSpacing": 0.000579999,
    "FlipAngle": 90,
    "ImageType": [
      "ORIGINAL",
      "PRIMARY",
      "M",
      "ND",
      "MOSAIC"
    ],
    "InstitutionAddress": "HAWKINS_DRIVE_200_IOWA_CITY_IOWA_US_52242",
    "InstitutionName": "UIHC_SKYRA",
    "MagneticFieldStrength": 3,
    "Manufacturer": "Siemens",
    "ManufacturersModelName": "Skyra",
    "Modality": "MR",
    "PartialFourier": 1,
    "PercentPhaseFOV": 100,
    "PhaseEncodingDirection": "j-",
    "PhaseEncodingSteps": 68,
    "PhaseResolution": 1,
    "ProcedureStepDescription": "RESEARCH_HOWARD",
    "ProtocolName": "ES-FMRI",
    "PulseSequenceDetails": "%SiemensSeq%_ep2d_pace",
    "ReceiveCoilActiveElements": "HE",
    "ReceiveCoilName": "TxRx_CP_Head",
    "ReconMatrixPE": 68,
    "RepetitionTime": 3,
    "ScanOptions": "FS",
    "ScanningSequence": "EP",
    "SequenceName": "_epfid2d1_68",
    "SequenceVariant": "SK",
    "SeriesDescription": "ES-FMRI",
    "SliceTiming": [
      1.44,
      0,
      1.505,
      0.065,
      1.57,
      0.13,
      1.635,
      0.195,
      1.7,
      0.26,
      1.7675,
      0.3275,
      1.8325,
      0.3925,
      1.8975,
      0.4575,
      1.9625,
      0.5225,
      2.0275,
      0.5875,
      2.0925,
      0.6525,
      2.16,
      0.72,
      2.225,
      0.785,
      2.29,
      0.85,
      2.355,
      0.915,
      2.42,
      0.98,
      2.485,
      1.0475,
      2.5525,
      1.1125,
      2.6175,
      1.1775,
      2.6825,
      1.2425,
      2.7475,
      1.3075,
      2.8125,
      1.3725
    ],
    "SoftwareVersions": "syngo_MR_E11",
    "StationName": "AWP45685",
    "TaskName": "es",
    "TotalReadoutTime": 0.03886,
    "dataset": "ds002799",
    "modality": "bold",
    "run_id": 2,
    "session_id": "postop",
    "subject_id": "400",
    "task_id": "es"
  },
  "dummy_trs": 0,
  "dvars_nstd": 56.82455327621005,
  "dvars_std": 0.9712106759817353,
  "dvars_vstd": 0.8979273755251141,
  "efc": 0.49421779205593247,
  "fber": 695.3516235351562,
  "fd_mean": 0.5035357529863203,
  "fd_num": 90,
  "fd_perc": 40.90909090909091,
  "fwhm_avg": 2.1925252185114594,
  "fwhm_x": 2.0260785542373596,
  "fwhm_y": 2.396357101297019,
  "fwhm_z": 2.15514,
  "gcor": 0.0289773,
  "gsr_x": -0.014608814381062984,
  "gsr_y": 0.02432834915816784,
  "provenance": {
    "md5sum": "1e0736518b1063a5b8866bb12bdfe455",
    "settings": {
      "fd_thres": 0.2,
      "testing": false
    },
    "software": "mriqc",
    "version": "21.0.0rc2",
    "webapi_port": null,
    "webapi_url": "https://mriqc.nimh.nih.gov/api/v1"
  },
  "size_t": 220,
  "size_x": 68,
  "size_y": 68,
  "size_z": 44,
  "snr": 3.6127288196867995,
  "spacing_tr": 3.0,
  "spacing_x": 3.2352941036224365,
  "spacing_y": 3.2352941036224365,
  "spacing_z": 3.0,
  "summary_bg_k": 46.27004031819817,
  "summary_bg_mad": 4.73758807534761,
  "summary_bg_mean": 29.624061584472656,
  "summary_bg_median": 15.399999618530273,
  "summary_bg_n": 140376.0,
  "summary_bg_p05": 10.148863315582275,
  "summary_bg_p95": 95.99317932128906,
  "summary_bg_stdv": 43.94823455810547,
  "summary_fg_k": 3.5098780185783394,
  "summary_fg_mad": 99.07151794263109,
  "summary_fg_mean": 436.9091491699219,
  "summary_fg_median": 426.9954528808594,
  "summary_fg_n": 23411.0,
  "summary_fg_p05": 270.29998779296875,
  "summary_fg_p95": 633.5295104980469,
  "summary_fg_stdv": 118.18942260742188,
  "tsnr": 18.121103392448276
}