{
  "aor": 0.006127846153846155,
  "aqi": 0.00997073423076923,
  "bids_meta": {
    "AcquisitionMatrixPE": 64,
    "AcquisitionNumber": 1,
    "AcquisitionTime": "08:16:26.782500",
    "BandwidthPerPixelPhaseEncode": 27.902,
    "BaseResolution": 64,
    "ConversionSoftware": "dcm2niix",
    "ConversionSoftwareVersion": "v1.0.20171215 (OpenJPEG build) GCC7.2.0",
    "DerivedVendorReportedEchoSpacing": 0.000559996,
    "DeviceSerialNumber": "35267",
    "DwellTime": 3.9e-06,
    "EchoTime": 0.03,
    "EffectiveEchoSpacing": 0.000559996,
    "FlipAngle": 80,
    "ImageComments": "PROJECT:MH_EPIL_SUBJECT:330_SESSION:20151109",
    "ImageOrientationPatientDICOM": [
      1,
      0,
      0,
      0,
      1,
      0
    ],
    "ImageType": [
      "ORIGINAL",
      "PRIMARY",
      "M",
      "ND",
      "MOSAIC"
    ],
    "InPlanePhaseEncodingDirectionDICOM": "COL",
    "InstitutionAddress": "Newton_Road_500_Iowa_City_CDI_US_52242",
    "InstitutionName": "University_of_Iowa",
    "InstitutionalDepartmentName": "Department",
    "MRAcquisitionType": "2D",
    "MagneticFieldStrength": 3,
    "Manufacturer": "Siemens",
    "ManufacturersModelName": "TrioTim",
    "Modality": "MR",
    "PartialFourier": 1,
    "PatientPosition": "HFS",
    "PercentPhaseFOV": 100,
    "PhaseEncodingDirection": "j-",
    "PhaseEncodingSteps": 64,
    "PhaseResolution": 1,
    "PixelBandwidth": 2003,
    "ProcedureStepDescription": "RESEARCH_HOWARD",
    "ProtocolName": "REST",
    "PulseSequenceDetails": "%SiemensSeq%_ep2d_pace",
    "ReceiveCoilName": "HeadMatrix",
    "ReconMatrixPE": 64,
    "RepetitionTime": 2.26,
    "SAR": 0.172333,
    "ScanOptions": "FS",
    "ScanningSequence": "EP",
    "SequenceName": "_epfid2d1_64",
    "SequenceVariant": "SK",
    "SeriesDescription": "REST",
    "SeriesNumber": 8,
    "ShimSetting": [
      6503,
      25325,
      6181,
      515,
      20,
      -469,
      132,
      -72
    ],
    "SliceThickness": 4,
    "SliceTiming": [
      1.125,
      0,
      1.1875,
      0.0625,
      1.25,
      0.125,
      1.3125,
      0.1875,
      1.375,
      0.25,
      1.4375,
      0.3125,
      1.4975,
      0.375,
      1.56,
      0.4375,
      1.6225,
      0.5,
      1.685,
      0.5625,
      1.7475,
      0.625,
      1.81,
      0.6875,
      1.8725,
      0.75,
      1.935,
      0.8125,
      1.9975,
      0.875,
      2.06,
      0.9375,
      2.1225,
      1,
      2.185,
      1.0625
    ],
    "SoftwareVersions": "syngo_MR_B17",
    "SpacingBetweenSlices": 4,
    "StationName": "MRC35267",
    "TaskName": "rest",
    "TotalReadoutTime": 0.0352797,
    "TxRefAmp": 307.609,
    "dataset": "ds002799",
    "modality": "bold",
    "run_id": 4,
    "session_id": "preop",
    "subject_id": "330",
    "task_id": "rest"
  },
  "dummy_trs": 0,
  "dvars_nstd": 25.065688954031014,
  "dvars_std": 1.1652755675193796,
  "dvars_vstd": 0.9884474729457361,
  "efc": 0.5055457546627776,
  "fber": 1218.1805419921875,
  "fd_mean": 0.2468968480002054,
  "fd_num": 42,
  "fd_perc": 32.30769230769231,
  "fwhm_avg": 1.8547022272727272,
  "fwhm_x": 1.7657774545454545,
  "fwhm_y": 2.079336727272727,
  "fwhm_z": 1.7189925,
  "gcor": 0.0227553,
  "gsr_x": -0.00937536172568798,
  "gsr_y": 0.04427369311451912,
  "provenance": {
    "md5sum": "2f95c3c59427277c9e3ee65a99396f8c",
    "settings": {
      "fd_thres": 0.2,
      "testing": false
    },
    "software": "mriqc",
    "version": "21.0.0rc2",
    "webapi_port": null,
    "webapi_url": "https://mriqc.nimh.nih.gov/api/v1"
  },
  "size_t": 130,
  "size_x": 64,
  "size_y": 64,
  "size_z": 36,
  "snr": 5.47446427316355,
  "spacing_tr": 2.259999990463257,
  "spacing_x": 3.4375,
  "spacing_y": 3.4375,
  "spacing_z": 4.0,
  "summary_bg_k": 32.824960441299076,
  "summary_bg_mad": 12.910043694170069,
  "summary_bg_mean": 46.36211395263672,
  "summary_bg_median": 22.869230270385742,
  "summary_bg_n": 93316.0,
  "summary_bg_p05": 13.0,
  "summary_bg_p95": 158.3326873779297,
  "summary_bg_stdv": 68.2744140625,
  "summary_fg_k": 2.253011015864378,
  "summary_fg_mad": 117.77566158626777,
  "summary_fg_mean": 824.0469360351562,
  "summary_fg_median": 812.7769165039062,
  "summary_fg_n": 22854.0,
  "summary_fg_p05": 604.8842376708984,
  "summary_fg_p95": 1082.8365783691404,
  "summary_fg_stdv": 148.46368408203125,
  "tsnr": 52.652743791695684
}