{
  "aor": 0.014203227272727274,
  "aqi": 0.043309780909090906,
  "bids_meta": {
    "AcquisitionMatrixPE": 68,
    "AcquisitionNumber": 1,
    "AcquisitionTime": "17:20:59.922500",
    "BandwidthPerPixelPhaseEncode": 25.355,
    "BaseResolution": 68,
    "BodyPartExamined": "BRAIN",
    "ConsistencyInfo": "N4_VE11A_LATEST_20140830",
    "ConversionSoftware": "dcm2niix",
    "ConversionSoftwareVersion": "v1.0.20171103 (OpenJPEG build) GCC6.3.0",
    "DelayTime": 0.1,
    "DerivedVendorReportedEchoSpacing": 0.000579999,
    "DeviceSerialNumber": "45685",
    "DwellTime": 3.8e-06,
    "EchoTime": 0.03,
    "EchoTrainLength": 68,
    "EffectiveEchoSpacing": 0.000579999,
    "FlipAngle": 90,
    "ImageOrientationPatientDICOM": [
      1,
      0,
      0,
      0,
      1,
      0
    ],
    "ImageType": [
      "ORIGINAL",
      "PRIMARY",
      "M",
      "ND",
      "MOSAIC"
    ],
    "InPlanePhaseEncodingDirectionDICOM": "COL",
    "InstitutionAddress": "HAWKINS_DRIVE_200_IOWA_CITY_IOWA_US_52242",
    "InstitutionName": "UIHC_SKYRA",
    "InstitutionalDepartmentName": "Department",
    "MRAcquisitionType": "2D",
    "MagneticFieldStrength": 3,
    "Manufacturer": "Siemens",
    "ManufacturersModelName": "Skyra",
    "Modality": "MR",
    "PartialFourier": 1,
    "PatientPosition": "HFS",
    "PercentPhaseFOV": 100,
    "PhaseEncodingDirection": "j-",
    "PhaseEncodingSteps": 68,
    "PhaseResolution": 1,
    "PixelBandwidth": 1935,
    "ProcedureStepDescription": "RESEARCH_HOWARD",
    "ProtocolName": "ES-FMRI",
    "PulseSequenceDetails": "%SiemensSeq%_ep2d_pace",
    "ReceiveCoilActiveElements": "HE",
    "ReceiveCoilName": "TxRx_CP_Head",
    "ReconMatrixPE": 68,
    "RepetitionTime": 3,
    "SAR": 0.0389721,
    "ScanOptions": "FS",
    "ScanningSequence": "EP",
    "SequenceName": "_epfid2d1_68",
    "SequenceVariant": "SK",
    "SeriesDescription": "ES-FMRI",
    "SeriesNumber": 11,
    "ShimSetting": [
      -3810,
      -1553,
      -982,
      397,
      515,
      -471,
      587,
      481
    ],
    "SliceThickness": 3,
    "SliceTiming": [
      1.44,
      0,
      1.505,
      0.065,
      1.57,
      0.13,
      1.6375,
      0.1975,
      1.7025,
      0.2625,
      1.7675,
      0.3275,
      1.8325,
      0.3925,
      1.8975,
      0.4575,
      1.9625,
      0.5225,
      2.03,
      0.59,
      2.095,
      0.655,
      2.16,
      0.72,
      2.225,
      0.785,
      2.29,
      0.85,
      2.355,
      0.9175,
      2.4225,
      0.9825,
      2.4875,
      1.0475,
      2.5525,
      1.1125,
      2.6175,
      1.1775,
      2.6825,
      1.2425,
      2.75,
      1.31,
      2.815,
      1.375
    ],
    "SoftwareVersions": "syngo_MR_E11",
    "SpacingBetweenSlices": 3,
    "StationName": "AWP45685",
    "TaskName": "es",
    "TotalReadoutTime": 0.03886,
    "TxRefAmp": 190.99,
    "dataset": "ds002799",
    "modality": "bold",
    "run_id": 3,
    "session_id": "postop",
    "subject_id": "403",
    "task_id": "es"
  },
  "dummy_trs": 0,
  "dvars_nstd": 78.55003421383564,
  "dvars_std": 1.1903065527853887,
  "dvars_vstd": 1.0932419023744286,
  "efc": 0.503181464901862,
  "fber": 949.607177734375,
  "fd_mean": 1.3940187524577163,
  "fd_num": 203,
  "fd_perc": 92.27272727272727,
  "fwhm_avg": 2.0065038846177647,
  "fwhm_x": 1.8392083716091172,
  "fwhm_y": 2.1954232822441764,
  "fwhm_z": 1.9848800000000002,
  "gcor": 0.0834629,
  "gsr_x": -0.01432507112622261,
  "gsr_y": 0.040555328130722046,
  "provenance": {
    "md5sum": "bb13ccc1c1da433ff3ab9e77350b3f94",
    "settings": {
      "fd_thres": 0.2,
      "testing": false
    },
    "software": "mriqc",
    "version": "21.0.0rc2",
    "webapi_port": null,
    "webapi_url": "https://mriqc.nimh.nih.gov/api/v1"
  },
  "size_t": 220,
  "size_x": 68,
  "size_y": 68,
  "size_z": 44,
  "snr": 4.975826260696114,
  "spacing_tr": 3.0,
  "spacing_x": 3.2352941036224365,
  "spacing_y": 3.2352941036224365,
  "spacing_z": 3.0,
  "summary_bg_k": 43.65036092066511,
  "summary_bg_mad": 2.284553411455529,
  "summary_bg_mean": 34.93808364868164,
  "summary_bg_median": 16.454544067382812,
  "summary_bg_n": 137809.0,
  "summary_bg_p05": 14.677271842956543,
  "summary_bg_p95": 116.88363037109339,
  "summary_bg_stdv": 57.87789535522461,
  "summary_fg_k": 4.786541055046867,
  "summary_fg_mad": 87.56786761136128,
  "summary_fg_mean": 527.7042846679688,
  "summary_fg_median": 526.713623046875,
  "summary_fg_n": 26317.0,
  "summary_fg_p05": 369.7763427734375,
  "summary_fg_p95": 690.0863403320312,
  "summary_fg_stdv": 105.85249328613281,
  "tsnr": 19.303955183160724
}