{
  "aor": 0.008112227272727273,
  "aqi": 0.0174659235,
  "bids_meta": {
    "AcquisitionMatrixPE": 68,
    "AcquisitionNumber": 1,
    "AcquisitionTime": "17:07:45.597500",
    "BandwidthPerPixelPhaseEncode": 25.355,
    "BaseResolution": 68,
    "BodyPartExamined": "BRAIN",
    "ConsistencyInfo": "N4_VE11A_LATEST_20140830",
    "ConversionSoftware": "dcm2niix",
    "ConversionSoftwareVersion": "v1.0.20171103 (OpenJPEG build) GCC6.3.0",
    "DelayTime": 0.1,
    "DerivedVendorReportedEchoSpacing": 0.000579999,
    "DeviceSerialNumber": "45685",
    "DwellTime": 3.8e-06,
    "EchoTime": 0.03,
    "EchoTrainLength": 68,
    "EffectiveEchoSpacing": 0.000579999,
    "FlipAngle": 90,
    "ImageOrientationPatientDICOM": [
      1,
      0,
      0,
      0,
      1,
      0
    ],
    "ImageType": [
      "ORIGINAL",
      "PRIMARY",
      "M",
      "ND",
      "MOSAIC"
    ],
    "InPlanePhaseEncodingDirectionDICOM": "COL",
    "InstitutionAddress": "HAWKINS_DRIVE_200_IOWA_CITY_IOWA_US_52242",
    "InstitutionName": "UIHC_SKYRA",
    "InstitutionalDepartmentName": "Department",
    "MRAcquisitionType": "2D",
    "MagneticFieldStrength": 3,
    "Manufacturer": "Siemens",
    "ManufacturersModelName": "Skyra",
    "Modality": "MR",
    "PartialFourier": 1,
    "PatientPosition": "HFS",
    "PercentPhaseFOV": 100,
    "PhaseEncodingDirection": "j-",
    "PhaseEncodingSteps": 68,
    "PhaseResolution": 1,
    "PixelBandwidth": 1935,
    "ProcedureStepDescription": "RESEARCH_HOWARD",
    "ProtocolName": "ES-FMRI",
    "PulseSequenceDetails": "%SiemensSeq%_ep2d_pace",
    "ReceiveCoilActiveElements": "HE",
    "ReceiveCoilName": "TxRx_CP_Head",
    "ReconMatrixPE": 68,
    "RepetitionTime": 3,
    "SAR": 0.0389721,
    "ScanOptions": "FS",
    "ScanningSequence": "EP",
    "SequenceName": "_epfid2d1_68",
    "SequenceVariant": "SK",
    "SeriesDescription": "ES-FMRI",
    "SeriesNumber": 9,
    "ShimSetting": [
      -3810,
      -1553,
      -982,
      397,
      515,
      -471,
      587,
      481
    ],
    "SliceThickness": 3,
    "SliceTiming": [
      1.44,
      0,
      1.505,
      0.065,
      1.57,
      0.13,
      1.635,
      0.195,
      1.7025,
      0.2625,
      1.7675,
      0.3275,
      1.8325,
      0.3925,
      1.8975,
      0.4575,
      1.9625,
      0.5225,
      2.0275,
      0.5875,
      2.095,
      0.655,
      2.16,
      0.72,
      2.225,
      0.785,
      2.29,
      0.85,
      2.355,
      0.915,
      2.42,
      0.9825,
      2.4875,
      1.0475,
      2.5525,
      1.1125,
      2.6175,
      1.1775,
      2.6825,
      1.2425,
      2.7475,
      1.3075,
      2.815,
      1.375
    ],
    "SoftwareVersions": "syngo_MR_E11",
    "SpacingBetweenSlices": 3,
    "StationName": "AWP45685",
    "TaskName": "es",
    "TotalReadoutTime": 0.03886,
    "TxRefAmp": 190.99,
    "dataset": "ds002799",
    "modality": "bold",
    "run_id": 2,
    "session_id": "postop",
    "subject_id": "403",
    "task_id": "es"
  },
  "dummy_trs": 0,
  "dvars_nstd": 49.93903154872148,
  "dvars_std": 1.193356614748858,
  "dvars_vstd": 1.0628485632876714,
  "efc": 0.4956175218271073,
  "fber": 1231.714599609375,
  "fd_mean": 0.7593375587222291,
  "fd_num": 195,
  "fd_perc": 88.63636363636364,
  "fwhm_avg": 1.99922364218764,
  "fwhm_x": 1.8385901897882557,
  "fwhm_y": 2.1919707367746644,
  "fwhm_z": 1.96711,
  "gcor": 0.0421997,
  "gsr_x": -0.01670755073428154,
  "gsr_y": 0.04019995778799057,
  "provenance": {
    "md5sum": "d1560b498a6734ad71c3fd2530aaedc9",
    "settings": {
      "fd_thres": 0.2,
      "testing": false
    },
    "software": "mriqc",
    "version": "21.0.0rc2",
    "webapi_port": null,
    "webapi_url": "https://mriqc.nimh.nih.gov/api/v1"
  },
  "size_t": 220,
  "size_x": 68,
  "size_y": 68,
  "size_z": 44,
  "snr": 4.809691370614743,
  "spacing_tr": 3.0,
  "spacing_x": 3.2352941036224365,
  "spacing_y": 3.2352941036224365,
  "spacing_z": 3.0,
  "summary_bg_k": 41.05578676810107,
  "summary_bg_mad": 2.3384675819055842,
  "summary_bg_mean": 36.23411560058594,
  "summary_bg_median": 15.622726440429688,
  "summary_bg_n": 138091.0,
  "summary_bg_p05": 13.931818008422852,
  "summary_bg_p95": 128.29772186279297,
  "summary_bg_stdv": 62.144195556640625,
  "summary_fg_k": 4.36041752800847,
  "summary_fg_mad": 99.50956156379999,
  "summary_fg_mean": 572.1564331054688,
  "summary_fg_median": 571.6136474609375,
  "summary_fg_n": 26404.0,
  "summary_fg_p05": 400.65089416503906,
  "summary_fg_p95": 751.879278564453,
  "summary_fg_stdv": 118.8439712524414,
  "tsnr": 31.600984641350806
}