{
  "aor": 0.008573818181818184,
  "aqi": 0.030907184090909097,
  "bids_meta": {
    "AcquisitionMatrixPE": 68,
    "AcquisitionNumber": 1,
    "AcquisitionTime": "17:50:19.385000",
    "BandwidthPerPixelPhaseEncode": 25.355,
    "BaseResolution": 68,
    "BodyPartExamined": "BRAIN",
    "ConsistencyInfo": "N4_VE11A_LATEST_20140830",
    "ConversionSoftware": "dcm2niix",
    "ConversionSoftwareVersion": "v1.0.20171103 (OpenJPEG build) GCC6.3.0",
    "DelayTime": 0.1,
    "DerivedVendorReportedEchoSpacing": 0.000579999,
    "DeviceSerialNumber": "45685",
    "DwellTime": 3.8e-06,
    "EchoTime": 0.03,
    "EchoTrainLength": 68,
    "EffectiveEchoSpacing": 0.000579999,
    "FlipAngle": 90,
    "ImageOrientationPatientDICOM": [
      1,
      0,
      0,
      0,
      1,
      0
    ],
    "ImageType": [
      "ORIGINAL",
      "PRIMARY",
      "M",
      "ND",
      "MOSAIC"
    ],
    "InPlanePhaseEncodingDirectionDICOM": "COL",
    "InstitutionAddress": "HAWKINS_DRIVE_200_IOWA_CITY_IOWA_US_52242",
    "InstitutionName": "UIHC_SKYRA",
    "InstitutionalDepartmentName": "Department",
    "MRAcquisitionType": "2D",
    "MagneticFieldStrength": 3,
    "Manufacturer": "Siemens",
    "ManufacturersModelName": "Skyra",
    "Modality": "MR",
    "PartialFourier": 1,
    "PatientPosition": "HFS",
    "PercentPhaseFOV": 100,
    "PhaseEncodingDirection": "j-",
    "PhaseEncodingSteps": 68,
    "PhaseResolution": 1,
    "PixelBandwidth": 1935,
    "ProcedureStepDescription": "RESEARCH_HOWARD",
    "ProtocolName": "ES-FMRI",
    "PulseSequenceDetails": "%SiemensSeq%_ep2d_pace",
    "ReceiveCoilActiveElements": "HE",
    "ReceiveCoilName": "TxRx_CP_Head",
    "ReconMatrixPE": 68,
    "RepetitionTime": 3,
    "SAR": 0.0389721,
    "ScanOptions": "FS",
    "ScanningSequence": "EP",
    "SequenceName": "_epfid2d1_68",
    "SequenceVariant": "SK",
    "SeriesDescription": "ES-FMRI",
    "SeriesNumber": 17,
    "ShimSetting": [
      -3810,
      -1553,
      -982,
      397,
      515,
      -471,
      587,
      481
    ],
    "SliceThickness": 3,
    "SliceTiming": [
      1.44,
      0,
      1.505,
      0.065,
      1.57,
      0.13,
      1.635,
      0.1975,
      1.7025,
      0.2625,
      1.7675,
      0.3275,
      1.8325,
      0.3925,
      1.8975,
      0.4575,
      1.9625,
      0.5225,
      2.03,
      0.59,
      2.095,
      0.655,
      2.16,
      0.72,
      2.225,
      0.785,
      2.29,
      0.85,
      2.355,
      0.9175,
      2.4225,
      0.9825,
      2.4875,
      1.0475,
      2.5525,
      1.1125,
      2.6175,
      1.1775,
      2.6825,
      1.2425,
      2.75,
      1.31,
      2.815,
      1.375
    ],
    "SoftwareVersions": "syngo_MR_E11",
    "SpacingBetweenSlices": 3,
    "StationName": "AWP45685",
    "TaskName": "es",
    "TotalReadoutTime": 0.03886,
    "TxRefAmp": 190.99,
    "dataset": "ds002799",
    "modality": "bold",
    "run_id": 6,
    "session_id": "postop",
    "subject_id": "403",
    "task_id": "es"
  },
  "dummy_trs": 0,
  "dvars_nstd": 67.56095363643834,
  "dvars_std": 1.2255426068036526,
  "dvars_vstd": 1.0728435594977168,
  "efc": 0.5027779300266733,
  "fber": 1137.5872802734375,
  "fd_mean": 1.0762247634519815,
  "fd_num": 210,
  "fd_perc": 95.45454545454545,
  "fwhm_avg": 1.9772175007350266,
  "fwhm_x": 1.8426825534423592,
  "fwhm_y": 2.1612532820960535,
  "fwhm_z": 1.9277166666666667,
  "gcor": 0.0346133,
  "gsr_x": -0.02197679691016674,
  "gsr_y": 0.03609359264373779,
  "provenance": {
    "md5sum": "5130238e1a14bf6c1298fb687a2a7343",
    "settings": {
      "fd_thres": 0.2,
      "testing": false
    },
    "software": "mriqc",
    "version": "21.0.0rc2",
    "webapi_port": null,
    "webapi_url": "https://mriqc.nimh.nih.gov/api/v1"
  },
  "size_t": 220,
  "size_x": 68,
  "size_y": 68,
  "size_z": 44,
  "snr": 4.661061370433587,
  "spacing_tr": 3.0,
  "spacing_x": 3.2352941036224365,
  "spacing_y": 3.2352941036224365,
  "spacing_z": 3.0,
  "summary_bg_k": 29.647490673533454,
  "summary_bg_mad": 3.406614600883966,
  "summary_bg_mean": 38.4920539855957,
  "summary_bg_median": 15.793181419372559,
  "summary_bg_n": 139568.0,
  "summary_bg_p05": 13.381817817687988,
  "summary_bg_p95": 149.72703704833975,
  "summary_bg_stdv": 62.30605697631836,
  "summary_fg_k": 5.474174217166446,
  "summary_fg_mad": 89.72100708811435,
  "summary_fg_mean": 550.900390625,
  "summary_fg_median": 550.8931884765625,
  "summary_fg_n": 26470.0,
  "summary_fg_p05": 370.5263427734375,
  "summary_fg_p95": 723.4920257568359,
  "summary_fg_stdv": 118.18827056884766,
  "tsnr": 24.842341998941265
}