{
  "aor": 0.00680453125,
  "aqi": 0.017800498281249997,
  "bids_meta": {
    "AcquisitionMatrixPE": 68,
    "AcquisitionNumber": 1,
    "AcquisitionTime": "16:57:17.252500",
    "BandwidthPerPixelPhaseEncode": 25.355,
    "BaseResolution": 68,
    "BodyPartExamined": "BRAIN",
    "ConsistencyInfo": "N4_VE11A_LATEST_20140830",
    "ConversionSoftware": "dcm2niix",
    "ConversionSoftwareVersion": "v1.0.20171103 (OpenJPEG build) GCC6.3.0",
    "DelayTime": 0.1,
    "DerivedVendorReportedEchoSpacing": 0.000579999,
    "DeviceSerialNumber": "45685",
    "DwellTime": 3.8e-06,
    "EchoTime": 0.03,
    "EchoTrainLength": 68,
    "EffectiveEchoSpacing": 0.000579999,
    "FlipAngle": 90,
    "ImageOrientationPatientDICOM": [
      1,
      0,
      0,
      0,
      1,
      0
    ],
    "ImageType": [
      "ORIGINAL",
      "PRIMARY",
      "M",
      "ND",
      "MOSAIC"
    ],
    "InPlanePhaseEncodingDirectionDICOM": "COL",
    "InstitutionAddress": "HAWKINS_DRIVE_200_IOWA_CITY_IOWA_US_52242",
    "InstitutionName": "UIHC_SKYRA",
    "InstitutionalDepartmentName": "Department",
    "MRAcquisitionType": "2D",
    "MagneticFieldStrength": 3,
    "Manufacturer": "Siemens",
    "ManufacturersModelName": "Skyra",
    "Modality": "MR",
    "PartialFourier": 1,
    "PatientPosition": "HFS",
    "PercentPhaseFOV": 100,
    "PhaseEncodingDirection": "j-",
    "PhaseEncodingSteps": 68,
    "PhaseResolution": 1,
    "PixelBandwidth": 1935,
    "ProcedureStepDescription": "RESEARCH_HOWARD",
    "ProtocolName": "ES-FMRI",
    "PulseSequenceDetails": "%SiemensSeq%_ep2d_pace",
    "ReceiveCoilActiveElements": "HE",
    "ReceiveCoilName": "TxRx_CP_Head",
    "ReconMatrixPE": 68,
    "RepetitionTime": 3,
    "SAR": 0.0389721,
    "ScanOptions": "FS",
    "ScanningSequence": "EP",
    "SequenceName": "_epfid2d1_68",
    "SequenceVariant": "SK",
    "SeriesDescription": "ES-FMRI",
    "SeriesNumber": 7,
    "ShimSetting": [
      -3810,
      -1553,
      -982,
      397,
      515,
      -471,
      587,
      481
    ],
    "SliceThickness": 3,
    "SliceTiming": [
      1.44,
      0,
      1.505,
      0.065,
      1.5725,
      0.1325,
      1.6375,
      0.1975,
      1.7025,
      0.2625,
      1.7675,
      0.3275,
      1.8325,
      0.3925,
      1.8975,
      0.46,
      1.965,
      0.525,
      2.03,
      0.59,
      2.095,
      0.655,
      2.16,
      0.72,
      2.225,
      0.785,
      2.2925,
      0.8525,
      2.3575,
      0.9175,
      2.4225,
      0.9825,
      2.4875,
      1.0475,
      2.5525,
      1.1125,
      2.6175,
      1.1775,
      2.685,
      1.245,
      2.75,
      1.31,
      2.815,
      1.375
    ],
    "SoftwareVersions": "syngo_MR_E11",
    "SpacingBetweenSlices": 3,
    "StationName": "AWP45685",
    "TaskName": "es",
    "TotalReadoutTime": 0.03886,
    "TxRefAmp": 190.99,
    "dataset": "ds002799",
    "modality": "bold",
    "run_id": 1,
    "session_id": "postop",
    "subject_id": "403",
    "task_id": "es"
  },
  "dummy_trs": 0,
  "dvars_nstd": 45.47063152434552,
  "dvars_std": 1.1453324948691102,
  "dvars_vstd": 1.0310609580104708,
  "efc": 0.49607733814928,
  "fber": 1186.2342529296875,
  "fd_mean": 0.588929440004739,
  "fd_num": 158,
  "fd_perc": 82.29166666666667,
  "fwhm_avg": 1.9858532583111412,
  "fwhm_x": 1.8247336442736437,
  "fwhm_y": 2.1794494639931137,
  "fwhm_z": 1.9533766666666665,
  "gcor": 0.0557482,
  "gsr_x": -0.01688365451991558,
  "gsr_y": 0.03858282044529915,
  "provenance": {
    "md5sum": "fb3737be5b4350d1a15ca26a8b40af56",
    "settings": {
      "fd_thres": 0.2,
      "testing": false
    },
    "software": "mriqc",
    "version": "21.0.0rc2",
    "webapi_port": null,
    "webapi_url": "https://mriqc.nimh.nih.gov/api/v1"
  },
  "size_t": 192,
  "size_x": 68,
  "size_y": 68,
  "size_z": 44,
  "snr": 4.972210941990945,
  "spacing_tr": 3.0,
  "spacing_x": 3.2352941036224365,
  "spacing_y": 3.2352941036224365,
  "spacing_z": 3.0,
  "summary_bg_k": 41.809867604817896,
  "summary_bg_mad": 2.247068987422553,
  "summary_bg_mean": 36.04579162597656,
  "summary_bg_median": 15.963541984558105,
  "summary_bg_n": 137977.0,
  "summary_bg_p05": 14.307291984558105,
  "summary_bg_p95": 126.38958740234338,
  "summary_bg_stdv": 60.89165115356445,
  "summary_fg_k": 4.371872086960118,
  "summary_fg_mad": 98.62005905175437,
  "summary_fg_mean": 576.27685546875,
  "summary_fg_median": 574.2474365234375,
  "summary_fg_n": 26154.0,
  "summary_fg_p05": 411.303923034668,
  "summary_fg_p95": 754.9601898193359,
  "summary_fg_stdv": 115.4891586303711,
  "tsnr": 32.444958971929736
}