{
  "aor": 0.0015239047619047617,
  "aqi": 0.009364471238095239,
  "bids_meta": {
    "AcquisitionMatrixPE": 68,
    "AcquisitionNumber": 1,
    "AcquisitionTime": "18:56:56.427500",
    "BandwidthPerPixelPhaseEncode": 25.355,
    "BaseResolution": 68,
    "BodyPartExamined": "BRAIN",
    "ConsistencyInfo": "N4_VD13C_LATEST_20121124",
    "ConversionSoftware": "dcm2niix",
    "ConversionSoftwareVersion": "v1.0.20171103 (OpenJPEG build) GCC6.3.0",
    "DelayTime": 0.1,
    "DerivedVendorReportedEchoSpacing": 0.000579999,
    "DeviceSerialNumber": "45685",
    "DwellTime": 3.8e-06,
    "EchoTime": 0.03,
    "EchoTrainLength": 68,
    "EffectiveEchoSpacing": 0.000579999,
    "FlipAngle": 90,
    "ImageOrientationPatientDICOM": [
      1,
      0,
      0,
      0,
      0.906308,
      -0.422618
    ],
    "ImageType": [
      "ORIGINAL",
      "PRIMARY",
      "M",
      "ND",
      "MOSAIC"
    ],
    "InPlanePhaseEncodingDirectionDICOM": "COL",
    "InstitutionAddress": "HAWKINS_DRIVE_200_IOWA_CITY_IOWA_US_52242",
    "InstitutionName": "UIHC",
    "InstitutionalDepartmentName": "Department",
    "MRAcquisitionType": "2D",
    "MagneticFieldStrength": 3,
    "Manufacturer": "Siemens",
    "ManufacturersModelName": "Skyra",
    "Modality": "MR",
    "PartialFourier": 1,
    "PatientPosition": "HFS",
    "PercentPhaseFOV": 100,
    "PhaseEncodingDirection": "j-",
    "PhaseEncodingSteps": 68,
    "PhaseResolution": 1,
    "PixelBandwidth": 1935,
    "ProcedureStepDescription": "RESEARCH_HOWARD",
    "ProtocolName": "ES-FMRI",
    "PulseSequenceDetails": "%SiemensSeq%_ep2d_pace",
    "ReceiveCoilActiveElements": "HE",
    "ReceiveCoilName": "Head_TxRx",
    "ReconMatrixPE": 68,
    "RepetitionTime": 3,
    "SAR": 0.167457,
    "ScanOptions": "FS",
    "ScanningSequence": "EP",
    "SequenceName": "_epfid2d1_68",
    "SequenceVariant": "SK",
    "SeriesDescription": "ES-FMRI",
    "SeriesNumber": 3,
    "ShimSetting": [
      -3889,
      -1222,
      -851,
      406,
      281,
      89,
      -206,
      -31
    ],
    "SliceThickness": 3,
    "SliceTiming": [
      1.44,
      0,
      1.5075,
      0.0675,
      1.5725,
      0.1325,
      1.6375,
      0.1975,
      1.7025,
      0.2625,
      1.7675,
      0.3275,
      1.8325,
      0.3925,
      1.9,
      0.46,
      1.965,
      0.525,
      2.03,
      0.59,
      2.095,
      0.655,
      2.16,
      0.72,
      2.2275,
      0.7875,
      2.2925,
      0.8525,
      2.3575,
      0.9175,
      2.4225,
      0.9825,
      2.4875,
      1.0475,
      2.5525,
      1.1125,
      2.62,
      1.18,
      2.685,
      1.245,
      2.75,
      1.31,
      2.815,
      1.375
    ],
    "SoftwareVersions": "syngo_MR_D13C",
    "SpacingBetweenSlices": 3,
    "StationName": "AWP45685",
    "TaskName": "es",
    "TotalReadoutTime": 0.03886,
    "TxRefAmp": 211.149,
    "dataset": "ds002799",
    "modality": "bold",
    "run_id": 1,
    "session_id": "postop",
    "subject_id": "307",
    "task_id": "es"
  },
  "dummy_trs": 0,
  "dvars_nstd": 35.24479973708133,
  "dvars_std": 1.1506889255023927,
  "dvars_vstd": 1.0188534892344498,
  "efc": 0.5367694442559477,
  "fber": 1590.3531494140625,
  "fd_mean": 0.2556875566451068,
  "fd_num": 101,
  "fd_perc": 48.095238095238095,
  "fwhm_avg": 2.09976292371512,
  "fwhm_x": 2.0040960086875224,
  "fwhm_y": 2.1701892602443986,
  "fwhm_z": 2.1250035022134384,
  "gcor": 0.0377288,
  "gsr_x": 0.021417303010821342,
  "gsr_y": 0.019251739606261253,
  "provenance": {
    "md5sum": "d4c0915b55adcc1a704e8344bfb2211c",
    "settings": {
      "fd_thres": 0.2,
      "testing": false
    },
    "software": "mriqc",
    "version": "21.0.0rc2",
    "webapi_port": null,
    "webapi_url": "https://mriqc.nimh.nih.gov/api/v1"
  },
  "size_t": 210,
  "size_x": 68,
  "size_y": 68,
  "size_z": 44,
  "snr": 4.982612706361518,
  "spacing_tr": 3.0,
  "spacing_x": 3.2352941036224365,
  "spacing_y": 3.2352938652038574,
  "spacing_z": 2.999999761581421,
  "summary_bg_k": 30.903957117091963,
  "summary_bg_mad": 2.668684276094015,
  "summary_bg_mean": 20.621444702148438,
  "summary_bg_median": 6.395238399505615,
  "summary_bg_n": 127590.0,
  "summary_bg_p05": 4.523809909820557,
  "summary_bg_p95": 83.29357604980453,
  "summary_bg_stdv": 40.749732971191406,
  "summary_fg_k": 2.0288119315038626,
  "summary_fg_mad": 46.377243438767074,
  "summary_fg_mean": 267.6525573730469,
  "summary_fg_median": 264.2714538574219,
  "summary_fg_n": 34753.0,
  "summary_fg_p05": 186.62762756347655,
  "summary_fg_p95": 354.2847839355469,
  "summary_fg_stdv": 53.037967681884766,
  "tsnr": 45.47788582398789
}