{
  "aor": 0.0008867142857142856,
  "aqi": 0.009338531904761905,
  "bids_meta": {
    "AcquisitionMatrixPE": 68,
    "AcquisitionNumber": 1,
    "AcquisitionTime": "19:39:58.127500",
    "BandwidthPerPixelPhaseEncode": 25.355,
    "BaseResolution": 68,
    "BodyPartExamined": "BRAIN",
    "ConsistencyInfo": "N4_VD13C_LATEST_20121124",
    "ConversionSoftware": "dcm2niix",
    "ConversionSoftwareVersion": "v1.0.20171103 (OpenJPEG build) GCC6.3.0",
    "DelayTime": 0.1,
    "DerivedVendorReportedEchoSpacing": 0.000579999,
    "DeviceSerialNumber": "45685",
    "DwellTime": 3.8e-06,
    "EchoTime": 0.03,
    "EchoTrainLength": 68,
    "EffectiveEchoSpacing": 0.000579999,
    "FlipAngle": 90,
    "ImageOrientationPatientDICOM": [
      1,
      0,
      0,
      0,
      0.906308,
      -0.422618
    ],
    "ImageType": [
      "ORIGINAL",
      "PRIMARY",
      "M",
      "ND",
      "MOSAIC"
    ],
    "InPlanePhaseEncodingDirectionDICOM": "COL",
    "InstitutionAddress": "HAWKINS_DRIVE_200_IOWA_CITY_IOWA_US_52242",
    "InstitutionName": "UIHC",
    "InstitutionalDepartmentName": "Department",
    "MRAcquisitionType": "2D",
    "MagneticFieldStrength": 3,
    "Manufacturer": "Siemens",
    "ManufacturersModelName": "Skyra",
    "Modality": "MR",
    "PartialFourier": 1,
    "PatientPosition": "HFS",
    "PercentPhaseFOV": 100,
    "PhaseEncodingDirection": "j-",
    "PhaseEncodingSteps": 68,
    "PhaseResolution": 1,
    "PixelBandwidth": 1935,
    "ProcedureStepDescription": "RESEARCH_HOWARD",
    "ProtocolName": "ES-FMRI",
    "PulseSequenceDetails": "%SiemensSeq%_ep2d_pace",
    "ReceiveCoilActiveElements": "HE",
    "ReceiveCoilName": "Head_TxRx",
    "ReconMatrixPE": 68,
    "RepetitionTime": 3,
    "SAR": 0.167457,
    "ScanOptions": "FS",
    "ScanningSequence": "EP",
    "SequenceName": "_epfid2d1_68",
    "SequenceVariant": "SK",
    "SeriesDescription": "ES-FMRI",
    "SeriesNumber": 11,
    "ShimSetting": [
      -3889,
      -1222,
      -851,
      406,
      281,
      89,
      -206,
      -31
    ],
    "SliceThickness": 3,
    "SliceTiming": [
      1.44,
      0,
      1.505,
      0.065,
      1.57,
      0.13,
      1.635,
      0.195,
      1.7,
      0.26,
      1.7675,
      0.3275,
      1.8325,
      0.3925,
      1.8975,
      0.4575,
      1.9625,
      0.5225,
      2.0275,
      0.5875,
      2.095,
      0.655,
      2.16,
      0.72,
      2.225,
      0.785,
      2.29,
      0.85,
      2.355,
      0.915,
      2.42,
      0.98,
      2.4875,
      1.0475,
      2.5525,
      1.1125,
      2.6175,
      1.1775,
      2.6825,
      1.2425,
      2.7475,
      1.3075,
      2.8125,
      1.375
    ],
    "SoftwareVersions": "syngo_MR_D13C",
    "SpacingBetweenSlices": 3,
    "StationName": "AWP45685",
    "TaskName": "es",
    "TotalReadoutTime": 0.03886,
    "TxRefAmp": 211.149,
    "dataset": "ds002799",
    "modality": "bold",
    "run_id": 4,
    "session_id": "postop",
    "subject_id": "307",
    "task_id": "es"
  },
  "dummy_trs": 0,
  "dvars_nstd": 36.64356450736841,
  "dvars_std": 1.1456164176555017,
  "dvars_vstd": 1.0170359575119614,
  "efc": 0.539454392530083,
  "fber": 1431.93310546875,
  "fd_mean": 0.3224974040618961,
  "fd_num": 134,
  "fd_perc": 63.80952380952381,
  "fwhm_avg": 2.0693596293979724,
  "fwhm_x": 1.963506190329752,
  "fwhm_y": 2.145752531064925,
  "fwhm_z": 2.0988201667992405,
  "gcor": 0.0182542,
  "gsr_x": 0.022313367575407028,
  "gsr_y": 0.015323084779083729,
  "provenance": {
    "md5sum": "7a686a1fba96bf0cac614712374d479a",
    "settings": {
      "fd_thres": 0.2,
      "testing": false
    },
    "software": "mriqc",
    "version": "21.0.0rc2",
    "webapi_port": null,
    "webapi_url": "https://mriqc.nimh.nih.gov/api/v1"
  },
  "size_t": 210,
  "size_x": 68,
  "size_y": 68,
  "size_z": 44,
  "snr": 4.964045559892659,
  "spacing_tr": 3.0,
  "spacing_x": 3.2352941036224365,
  "spacing_y": 3.2352938652038574,
  "spacing_z": 2.999999761581421,
  "summary_bg_k": 29.311361274935322,
  "summary_bg_mad": 2.965204437011204,
  "summary_bg_mean": 21.480998992919922,
  "summary_bg_median": 6.5714287757873535,
  "summary_bg_n": 128616.0,
  "summary_bg_p05": 4.5,
  "summary_bg_p95": 90.88928985595703,
  "summary_bg_stdv": 41.8533821105957,
  "summary_fg_k": 2.1203195143960247,
  "summary_fg_mad": 44.873421114045684,
  "summary_fg_mean": 259.1379089355469,
  "summary_fg_median": 256.183349609375,
  "summary_fg_n": 34382.0,
  "summary_fg_p05": 180.05857315063477,
  "summary_fg_p95": 342.5557312011718,
  "summary_fg_stdv": 51.607025146484375,
  "tsnr": 44.68234631186351
}