{
  "aor": 0.0011437619047619048,
  "aqi": 0.009815462666666667,
  "bids_meta": {
    "AcquisitionMatrixPE": 68,
    "AcquisitionNumber": 1,
    "AcquisitionTime": "20:21:10.545000",
    "BandwidthPerPixelPhaseEncode": 25.355,
    "BaseResolution": 68,
    "BodyPartExamined": "BRAIN",
    "ConsistencyInfo": "N4_VD13C_LATEST_20121124",
    "ConversionSoftware": "dcm2niix",
    "ConversionSoftwareVersion": "v1.0.20171103 (OpenJPEG build) GCC6.3.0",
    "DelayTime": 0.1,
    "DerivedVendorReportedEchoSpacing": 0.000579999,
    "DeviceSerialNumber": "45685",
    "DwellTime": 3.8e-06,
    "EchoTime": 0.03,
    "EchoTrainLength": 68,
    "EffectiveEchoSpacing": 0.000579999,
    "FlipAngle": 90,
    "ImageOrientationPatientDICOM": [
      1,
      0,
      0,
      0,
      0.906308,
      -0.422618
    ],
    "ImageType": [
      "ORIGINAL",
      "PRIMARY",
      "M",
      "ND",
      "MOSAIC"
    ],
    "InPlanePhaseEncodingDirectionDICOM": "COL",
    "InstitutionAddress": "HAWKINS_DRIVE_200_IOWA_CITY_IOWA_US_52242",
    "InstitutionName": "UIHC",
    "InstitutionalDepartmentName": "Department",
    "MRAcquisitionType": "2D",
    "MagneticFieldStrength": 3,
    "Manufacturer": "Siemens",
    "ManufacturersModelName": "Skyra",
    "Modality": "MR",
    "PartialFourier": 1,
    "PatientPosition": "HFS",
    "PercentPhaseFOV": 100,
    "PhaseEncodingDirection": "j-",
    "PhaseEncodingSteps": 68,
    "PhaseResolution": 1,
    "PixelBandwidth": 1935,
    "ProcedureStepDescription": "RESEARCH_HOWARD",
    "ProtocolName": "ES-FMRI",
    "PulseSequenceDetails": "%SiemensSeq%_ep2d_pace",
    "ReceiveCoilActiveElements": "HE",
    "ReceiveCoilName": "Head_TxRx",
    "ReconMatrixPE": 68,
    "RepetitionTime": 3,
    "SAR": 0.167457,
    "ScanOptions": "FS",
    "ScanningSequence": "EP",
    "SequenceName": "_epfid2d1_68",
    "SequenceVariant": "SK",
    "SeriesDescription": "ES-FMRI",
    "SeriesNumber": 17,
    "ShimSetting": [
      -3889,
      -1222,
      -851,
      406,
      281,
      89,
      -206,
      -31
    ],
    "SliceThickness": 3,
    "SliceTiming": [
      1.44,
      0,
      1.505,
      0.065,
      1.57,
      0.1325,
      1.6375,
      0.1975,
      1.7025,
      0.2625,
      1.7675,
      0.3275,
      1.8325,
      0.3925,
      1.8975,
      0.4575,
      1.965,
      0.525,
      2.03,
      0.59,
      2.095,
      0.655,
      2.16,
      0.72,
      2.225,
      0.785,
      2.29,
      0.85,
      2.3575,
      0.9175,
      2.4225,
      0.9825,
      2.4875,
      1.0475,
      2.5525,
      1.1125,
      2.6175,
      1.1775,
      2.685,
      1.245,
      2.75,
      1.31,
      2.815,
      1.375
    ],
    "SoftwareVersions": "syngo_MR_D13C",
    "SpacingBetweenSlices": 3,
    "StationName": "AWP45685",
    "TaskName": "es",
    "TotalReadoutTime": 0.03886,
    "TxRefAmp": 211.149,
    "dataset": "ds002799",
    "modality": "bold",
    "run_id": 7,
    "session_id": "postop",
    "subject_id": "307",
    "task_id": "es"
  },
  "dummy_trs": 0,
  "dvars_nstd": 39.600173238564594,
  "dvars_std": 1.192595394210527,
  "dvars_vstd": 1.0223175330143537,
  "efc": 0.5413990914342488,
  "fber": 1296.550537109375,
  "fd_mean": 0.37901154633996176,
  "fd_num": 159,
  "fd_perc": 75.71428571428571,
  "fwhm_avg": 2.026000697686485,
  "fwhm_x": 1.922950371972129,
  "fwhm_y": 2.121794892831924,
  "fwhm_z": 2.0332568282554013,
  "gcor": 0.0752095,
  "gsr_x": 0.02123863436281681,
  "gsr_y": 0.010988734662532806,
  "provenance": {
    "md5sum": "eed9c12ac78e52c95af2a423d7d684e8",
    "settings": {
      "fd_thres": 0.2,
      "testing": false
    },
    "software": "mriqc",
    "version": "21.0.0rc2",
    "webapi_port": null,
    "webapi_url": "https://mriqc.nimh.nih.gov/api/v1"
  },
  "size_t": 210,
  "size_x": 68,
  "size_y": 68,
  "size_z": 44,
  "snr": 4.978622188121105,
  "spacing_tr": 3.0,
  "spacing_x": 3.2352941036224365,
  "spacing_y": 3.2352938652038574,
  "spacing_z": 2.999999761581421,
  "summary_bg_k": 29.040391169079797,
  "summary_bg_mad": 3.2758447065853775,
  "summary_bg_mean": 22.094036102294922,
  "summary_bg_median": 6.814285755157471,
  "summary_bg_n": 129317.0,
  "summary_bg_p05": 4.519047737121582,
  "summary_bg_p95": 95.73333740234375,
  "summary_bg_stdv": 42.44270324707031,
  "summary_fg_k": 2.106532643033206,
  "summary_fg_mad": 43.96975678271319,
  "summary_fg_mean": 255.44491577148438,
  "summary_fg_median": 252.49525451660156,
  "summary_fg_n": 33876.0,
  "summary_fg_p05": 177.56667709350586,
  "summary_fg_p95": 337.75714111328125,
  "summary_fg_stdv": 50.71514129638672,
  "tsnr": 43.266399838496
}