{
  "aor": 0.03763913580246913,
  "aqi": 0.020752180493827158,
  "bids_meta": {
    "AcquisitionMatrixPE": 68,
    "AcquisitionNumber": 1,
    "AcquisitionTime": "16:47:38.197500",
    "BandwidthPerPixelPhaseEncode": 25.355,
    "BaseResolution": 68,
    "BodyPartExamined": "BRAIN",
    "ConsistencyInfo": "N4_VD13C_LATEST_20121124",
    "ConversionSoftware": "dcm2niix",
    "ConversionSoftwareVersion": "v1.0.20171103 (OpenJPEG build) GCC7.2.1",
    "DelayTime": 0.1,
    "DerivedVendorReportedEchoSpacing": 0.000579999,
    "DeviceSerialNumber": "45685",
    "DwellTime": 3.8e-06,
    "EchoTime": 0.03,
    "EchoTrainLength": 68,
    "EffectiveEchoSpacing": 0.000579999,
    "FlipAngle": 90,
    "ImageOrientationPatientDICOM": [
      1,
      0,
      0,
      0,
      0.866025,
      -0.5
    ],
    "ImageType": [
      "ORIGINAL",
      "PRIMARY",
      "M",
      "ND",
      "MOSAIC"
    ],
    "InPlanePhaseEncodingDirectionDICOM": "COL",
    "InstitutionAddress": "HAWKINS_DRIVE_200_IOWA_CITY_IOWA_US_52242",
    "InstitutionName": "UIHC",
    "InstitutionalDepartmentName": "Department",
    "MRAcquisitionType": "2D",
    "MagneticFieldStrength": 3,
    "Manufacturer": "Siemens",
    "ManufacturersModelName": "Skyra",
    "Modality": "MR",
    "PartialFourier": 1,
    "PatientPosition": "HFS",
    "PercentPhaseFOV": 100,
    "PhaseEncodingDirection": "j-",
    "PhaseEncodingSteps": 68,
    "PhaseResolution": 1,
    "PixelBandwidth": 1935,
    "ProcedureStepDescription": "RESEARCH_HOWARD",
    "ProtocolName": "ES-FMRI",
    "PulseSequenceDetails": "%SiemensSeq%_ep2d_pace",
    "ReceiveCoilActiveElements": "HE",
    "ReceiveCoilName": "Head_TxRx",
    "ReconMatrixPE": 68,
    "RepetitionTime": 3,
    "SAR": 0.154083,
    "ScanOptions": "FS",
    "ScanningSequence": "EP",
    "SequenceName": "_epfid2d1_68",
    "SequenceVariant": "SK",
    "SeriesDescription": "ES-FMRI",
    "SeriesNumber": 12,
    "ShimSetting": [
      -3856,
      -1256,
      -1006,
      333,
      11,
      -124,
      51,
      158
    ],
    "SliceThickness": 3,
    "SliceTiming": [
      1.44,
      0,
      1.505,
      0.065,
      1.57,
      0.13,
      1.635,
      0.195,
      1.7025,
      0.2625,
      1.7675,
      0.3275,
      1.8325,
      0.3925,
      1.8975,
      0.4575,
      1.9625,
      0.5225,
      2.0275,
      0.5875,
      2.095,
      0.655,
      2.16,
      0.72,
      2.225,
      0.785,
      2.29,
      0.85,
      2.355,
      0.915,
      2.4225,
      0.9825,
      2.4875,
      1.0475,
      2.5525,
      1.1125,
      2.6175,
      1.1775,
      2.6825,
      1.2425,
      2.7475,
      1.3075,
      2.815,
      1.375
    ],
    "SoftwareVersions": "syngo_MR_D13C",
    "SpacingBetweenSlices": 3,
    "StationName": "AWP45685",
    "TaskName": "es",
    "TotalReadoutTime": 0.03886,
    "TxRefAmp": 192.831,
    "dataset": "ds002799",
    "modality": "bold",
    "run_id": 5,
    "session_id": "postop",
    "subject_id": "303",
    "task_id": "es"
  },
  "dummy_trs": 0,
  "dvars_nstd": 53.817226266750005,
  "dvars_std": 1.3775539143749997,
  "dvars_vstd": 1.2798264998749995,
  "efc": 0.4381984899705856,
  "fber": 3305.620849609375,
  "fd_mean": 1.121070060728745,
  "fd_num": 52,
  "fd_perc": 64.19753086419753,
  "fwhm_avg": 2.230230349855381,
  "fwhm_x": 2.1233494637499266,
  "fwhm_y": 2.32039491914955,
  "fwhm_z": 2.2469466666666666,
  "gcor": 0.0557393,
  "gsr_x": -0.038680560886859894,
  "gsr_y": 0.023273508995771408,
  "provenance": {
    "md5sum": "c2b8b961b9029401aa1deede9c1b9ef2",
    "settings": {
      "fd_thres": 0.2,
      "testing": false
    },
    "software": "mriqc",
    "version": "21.0.0rc2",
    "webapi_port": null,
    "webapi_url": "https://mriqc.nimh.nih.gov/api/v1"
  },
  "size_t": 81,
  "size_x": 68,
  "size_y": 68,
  "size_z": 44,
  "snr": 4.5945108954785745,
  "spacing_tr": 3.0,
  "spacing_x": 3.2352941036224365,
  "spacing_y": 3.2352941036224365,
  "spacing_z": 3.0,
  "summary_bg_k": 40.225691590588156,
  "summary_bg_mad": 1.4642983215828569,
  "summary_bg_mean": 15.875899314880371,
  "summary_bg_median": 5.641975402832031,
  "summary_bg_n": 145462.0,
  "summary_bg_p05": 4.555555820465088,
  "summary_bg_p95": 60.456790924072266,
  "summary_bg_stdv": 30.565282821655273,
  "summary_fg_k": 1.8706460967630107,
  "summary_fg_mad": 63.907494426180364,
  "summary_fg_mean": 348.5416564941406,
  "summary_fg_median": 339.7901306152344,
  "summary_fg_n": 21394.0,
  "summary_fg_p05": 248.5580261230469,
  "summary_fg_p95": 482.57222747802734,
  "summary_fg_stdv": 73.95394134521484,
  "tsnr": 26.083360804477707
}