{
  "aor": 0.0017952586206896556,
  "aqi": 0.007512408318965518,
  "bids_meta": {
    "AcquisitionMatrixPE": 68,
    "AcquisitionNumber": 1,
    "AcquisitionTime": "15:57:5.910000",
    "BandwidthPerPixelPhaseEncode": 25.355,
    "BaseResolution": 68,
    "BodyPartExamined": "BRAIN",
    "ConsistencyInfo": "N4_VD13C_LATEST_20121124",
    "ConversionSoftware": "dcm2niix",
    "ConversionSoftwareVersion": "v1.0.20171103 (OpenJPEG build) GCC7.2.1",
    "DelayTime": 0.1,
    "DerivedVendorReportedEchoSpacing": 0.000579999,
    "DeviceSerialNumber": "45685",
    "DwellTime": 3.8e-06,
    "EchoTime": 0.03,
    "EchoTrainLength": 68,
    "EffectiveEchoSpacing": 0.000579999,
    "FlipAngle": 90,
    "ImageOrientationPatientDICOM": [
      1,
      0,
      0,
      0,
      0.866025,
      -0.5
    ],
    "ImageType": [
      "ORIGINAL",
      "PRIMARY",
      "M",
      "ND",
      "MOSAIC"
    ],
    "InPlanePhaseEncodingDirectionDICOM": "COL",
    "InstitutionAddress": "HAWKINS_DRIVE_200_IOWA_CITY_IOWA_US_52242",
    "InstitutionName": "UIHC",
    "InstitutionalDepartmentName": "Department",
    "MRAcquisitionType": "2D",
    "MagneticFieldStrength": 3,
    "Manufacturer": "Siemens",
    "ManufacturersModelName": "Skyra",
    "Modality": "MR",
    "PartialFourier": 1,
    "PatientPosition": "HFS",
    "PercentPhaseFOV": 100,
    "PhaseEncodingDirection": "j-",
    "PhaseEncodingSteps": 68,
    "PhaseResolution": 1,
    "PixelBandwidth": 1935,
    "ProcedureStepDescription": "RESEARCH_HOWARD",
    "ProtocolName": "ES-FMRI",
    "PulseSequenceDetails": "%SiemensSeq%_ep2d_pace",
    "ReceiveCoilActiveElements": "HE",
    "ReceiveCoilName": "Head_TxRx",
    "ReconMatrixPE": 68,
    "RepetitionTime": 3,
    "SAR": 0.154083,
    "ScanOptions": "FS",
    "ScanningSequence": "EP",
    "SequenceName": "_epfid2d1_68",
    "SequenceVariant": "SK",
    "SeriesDescription": "ES-FMRI",
    "SeriesNumber": 4,
    "ShimSetting": [
      -3856,
      -1256,
      -1006,
      333,
      11,
      -124,
      51,
      158
    ],
    "SliceThickness": 3,
    "SliceTiming": [
      1.44,
      0,
      1.505,
      0.065,
      1.5725,
      0.1325,
      1.6375,
      0.1975,
      1.7025,
      0.2625,
      1.7675,
      0.3275,
      1.8325,
      0.3925,
      1.9,
      0.46,
      1.965,
      0.525,
      2.03,
      0.59,
      2.095,
      0.655,
      2.16,
      0.72,
      2.225,
      0.785,
      2.2925,
      0.8525,
      2.3575,
      0.9175,
      2.4225,
      0.9825,
      2.4875,
      1.0475,
      2.5525,
      1.1125,
      2.6175,
      1.18,
      2.685,
      1.245,
      2.75,
      1.31,
      2.815,
      1.375
    ],
    "SoftwareVersions": "syngo_MR_D13C",
    "SpacingBetweenSlices": 3,
    "StationName": "AWP45685",
    "TaskName": "es",
    "TotalReadoutTime": 0.03886,
    "TxRefAmp": 192.831,
    "dataset": "ds002799",
    "modality": "bold",
    "run_id": 1,
    "session_id": "postop",
    "subject_id": "303",
    "task_id": "es"
  },
  "dummy_trs": 0,
  "dvars_nstd": 23.71146396160174,
  "dvars_std": 1.0644074406060609,
  "dvars_vstd": 0.9922020545454545,
  "efc": 0.43333539213256816,
  "fber": 3769.242431640625,
  "fd_mean": 0.11390707357673406,
  "fd_num": 31,
  "fd_perc": 13.362068965517242,
  "fwhm_avg": 2.1563463294439877,
  "fwhm_x": 2.069440918061694,
  "fwhm_y": 2.2294047369369365,
  "fwhm_z": 2.170193333333333,
  "gcor": 0.0349583,
  "gsr_x": -0.03641039505600929,
  "gsr_y": 0.023143265396356583,
  "provenance": {
    "md5sum": "1407265770b1d195a366fb6f9dba94ce",
    "settings": {
      "fd_thres": 0.2,
      "testing": false
    },
    "software": "mriqc",
    "version": "21.0.0rc2",
    "webapi_port": null,
    "webapi_url": "https://mriqc.nimh.nih.gov/api/v1"
  },
  "size_t": 232,
  "size_x": 68,
  "size_y": 68,
  "size_z": 44,
  "snr": 4.573529841890121,
  "spacing_tr": 3.0,
  "spacing_x": 3.2352941036224365,
  "spacing_y": 3.2352941036224365,
  "spacing_z": 3.0,
  "summary_bg_k": 48.54981726131605,
  "summary_bg_mad": 0.9649697667907481,
  "summary_bg_mean": 15.164312362670898,
  "summary_bg_median": 5.439655303955078,
  "summary_bg_n": 145061.0,
  "summary_bg_p05": 4.745689868927002,
  "summary_bg_p95": 56.04741287231445,
  "summary_bg_stdv": 29.68414306640625,
  "summary_fg_k": 1.970813828650713,
  "summary_fg_mad": 66.20587173012467,
  "summary_fg_mean": 359.3743896484375,
  "summary_fg_median": 350.0194091796875,
  "summary_fg_n": 21466.0,
  "summary_fg_p05": 256.22306060791016,
  "summary_fg_p95": 497.31681060791016,
  "summary_fg_stdv": 76.52978515625,
  "tsnr": 52.59128879313357
}