{
  "aor": 0.010920129310344827,
  "aqi": 0.02803577543103448,
  "bids_meta": {
    "AcquisitionMatrixPE": 68,
    "AcquisitionNumber": 1,
    "AcquisitionTime": "17:19:38.112500",
    "BandwidthPerPixelPhaseEncode": 25.355,
    "BaseResolution": 68,
    "ConversionSoftware": "dcm2niix",
    "ConversionSoftwareVersion": "v1.0.20171103 (OpenJPEG build) GCC7.2.1",
    "DelayTime": 0.1,
    "DerivedVendorReportedEchoSpacing": 0.000579999,
    "DeviceSerialNumber": "35053",
    "DwellTime": 3.8e-06,
    "EchoTime": 0.03,
    "EffectiveEchoSpacing": 0.000579999,
    "FlipAngle": 90,
    "ImageOrientationPatientDICOM": [
      1,
      0,
      0,
      0,
      1,
      0
    ],
    "ImageType": [
      "ORIGINAL",
      "PRIMARY",
      "M",
      "ND",
      "MOSAIC"
    ],
    "InPlanePhaseEncodingDirectionDICOM": "COL",
    "InstitutionAddress": "Hawkins_200_Iowa_City_IA_US_52242",
    "InstitutionName": "UI_Hospitals_and_Clinics",
    "InstitutionalDepartmentName": "Radiation_Oncology",
    "MRAcquisitionType": "2D",
    "MagneticFieldStrength": 3,
    "Manufacturer": "Siemens",
    "ManufacturersModelName": "TrioTim",
    "Modality": "MR",
    "PartialFourier": 1,
    "PatientPosition": "HFS",
    "PercentPhaseFOV": 100,
    "PhaseEncodingDirection": "j-",
    "PhaseEncodingSteps": 68,
    "PhaseResolution": 1,
    "PixelBandwidth": 1935,
    "ProcedureStepDescription": "RESEARCH_OYA",
    "ProtocolName": "ES_FMRI",
    "PulseSequenceDetails": "%SiemensSeq%_ep2d_bold",
    "ReceiveCoilName": "TxRx_Head",
    "ReconMatrixPE": 68,
    "RepetitionTime": 3,
    "SAR": 0.0503535,
    "ScanOptions": "FS",
    "ScanningSequence": "EP",
    "SequenceName": "_epfid2d1_68",
    "SequenceVariant": "SK",
    "SeriesDescription": "ES_FMRI",
    "SeriesNumber": 3,
    "ShimSetting": [
      -1208,
      -19506,
      6084,
      605,
      415,
      -378,
      -194,
      26
    ],
    "SliceThickness": 3,
    "SliceTiming": [
      0,
      1.49,
      0.065,
      1.5525,
      0.13,
      1.6175,
      0.195,
      1.6825,
      0.26,
      1.7475,
      0.325,
      1.8125,
      0.39,
      1.8775,
      0.455,
      1.9425,
      0.5175,
      2.0075,
      0.5825,
      2.07,
      0.6475,
      2.135,
      0.7125,
      2.2,
      0.7775,
      2.265,
      0.8425,
      2.33,
      0.9075,
      2.395,
      0.9725,
      2.46,
      1.035,
      2.525,
      1.1,
      2.59,
      1.165,
      2.6525,
      1.23,
      2.7175,
      1.295,
      2.7825,
      1.36,
      2.8475,
      1.425
    ],
    "SoftwareVersions": "syngo_MR_B19",
    "SpacingBetweenSlices": 3,
    "StationName": "MRC35053",
    "TaskName": "es",
    "TotalReadoutTime": 0.03886,
    "TxRefAmp": 182.635,
    "dataset": "ds002799",
    "modality": "bold",
    "run_id": 1,
    "session_id": "postop",
    "subject_id": "294",
    "task_id": "es"
  },
  "dummy_trs": 0,
  "dvars_nstd": 36.30305072238095,
  "dvars_std": 0.842705356406926,
  "dvars_vstd": 0.8842749003463205,
  "efc": 0.4653303628079885,
  "fber": 2019.3563232421875,
  "fd_mean": 0.6357602718916064,
  "fd_num": 72,
  "fd_perc": 31.03448275862069,
  "fwhm_avg": 2.164078592135958,
  "fwhm_x": 2.0012461904933505,
  "fwhm_y": 2.3430729192478568,
  "fwhm_z": 2.1479166666666667,
  "gcor": 0.0284811,
  "gsr_x": 0.007224062457680702,
  "gsr_y": 0.015870356932282448,
  "provenance": {
    "md5sum": "c831ac302a393d455e1f679dd1bf21d8",
    "settings": {
      "fd_thres": 0.2,
      "testing": false
    },
    "software": "mriqc",
    "version": "21.0.0rc2",
    "webapi_port": null,
    "webapi_url": "https://mriqc.nimh.nih.gov/api/v1"
  },
  "size_t": 232,
  "size_x": 68,
  "size_y": 68,
  "size_z": 45,
  "snr": 4.784006028448137,
  "spacing_tr": 3.0,
  "spacing_x": 3.2352941036224365,
  "spacing_y": 3.2352941036224365,
  "spacing_z": 3.0,
  "summary_bg_k": 39.93427524990377,
  "summary_bg_mad": 4.645913766531417,
  "summary_bg_mean": 34.37086486816406,
  "summary_bg_median": 10.818965911865234,
  "summary_bg_n": 149371.0,
  "summary_bg_p05": 7.159482955932617,
  "summary_bg_p95": 151.81681060791016,
  "summary_bg_stdv": 68.24024200439453,
  "summary_fg_k": 1.4482065812806812,
  "summary_fg_mad": 92.60191929083979,
  "summary_fg_mean": 506.3757019042969,
  "summary_fg_median": 510.64654541015625,
  "summary_fg_n": 19540.0,
  "summary_fg_p05": 324.9099090576172,
  "summary_fg_p95": 668.9916076660156,
  "summary_fg_stdv": 106.73763275146484,
  "tsnr": 21.051662830635905
}