{
  "aor": 0.014482545454545453,
  "aqi": 0.015228408681818184,
  "bids_meta": {
    "AcquisitionNumber": 1,
    "AcquisitionTime": "21:02:44.755000",
    "BandwidthPerPixelPhaseEncode": 23.946,
    "BodyPartExamined": "BRAIN",
    "ConversionSoftware": "dcm2niix",
    "ConversionSoftwareVersion": "v1.0.20170624 (OpenJPEG build) GCC6.3.0",
    "DeviceSerialNumber": "45685",
    "EchoTime": 0.03,
    "EchoTrainLength": 72,
    "EffectiveEchoSpacing": 0.000580009,
    "FlipAngle": 90,
    "ImageType": [
      "ORIGINAL",
      "PRIMARY",
      "M",
      "ND",
      "MOSAIC"
    ],
    "InstitutionAddress": "HAWKINS_DRIVE_200_IOWA_CITY_IOWA_US_52242",
    "InstitutionName": "UIHC_SKYRA",
    "MagneticFieldStrength": 3,
    "Manufacturer": "Siemens",
    "ManufacturersModelName": "Skyra",
    "PhaseEncodingDirection": "j-",
    "PhaseEncodingLines": 72,
    "ProcedureStepDescription": "RESEARCH_HOWARD",
    "ProtocolName": "ES-FMRI-NEW",
    "RepetitionTime": 3,
    "ScanningSequence": "EP",
    "SequenceName": "_epfid2d1_72",
    "SequenceVariant": "SK",
    "SeriesDescription": "ES-FMRI-NEW",
    "SliceTiming": [
      1.44,
      0,
      1.5075,
      0.0675,
      1.5725,
      0.1325,
      1.6375,
      0.1975,
      1.7025,
      0.2625,
      1.7675,
      0.3275,
      1.835,
      0.395,
      1.9,
      0.46,
      1.965,
      0.525,
      2.03,
      0.59,
      2.095,
      0.655,
      2.16,
      0.72,
      2.2275,
      0.7875,
      2.2925,
      0.8525,
      2.3575,
      0.9175,
      2.4225,
      0.9825,
      2.4875,
      1.0475,
      2.5525,
      1.115,
      2.62,
      1.18,
      2.685,
      1.245,
      2.75,
      1.31,
      2.815,
      1.375
    ],
    "SoftwareVersions": "syngo_MR_E11",
    "TaskName": "es",
    "TotalReadoutTime": 0.0411806,
    "dataset": "ds002799",
    "modality": "bold",
    "run_id": 7,
    "session_id": "postop",
    "subject_id": "399",
    "task_id": "es"
  },
  "dummy_trs": 0,
  "dvars_nstd": 49.655420059589055,
  "dvars_std": 1.2275504843379,
  "dvars_vstd": 1.1200631288127851,
  "efc": 0.4960786876028899,
  "fber": 752.5271606445312,
  "fd_mean": 0.6486891189488101,
  "fd_num": 106,
  "fd_perc": 48.18181818181818,
  "fwhm_avg": 2.2227920881609298,
  "fwhm_x": 2.144470890498847,
  "fwhm_y": 2.301728707317277,
  "fwhm_z": 2.2221766666666665,
  "gcor": 0.0553175,
  "gsr_x": -0.012990321964025497,
  "gsr_y": 0.022918079048395157,
  "provenance": {
    "md5sum": "334f9decaa95af603ccd216e662a9600",
    "settings": {
      "fd_thres": 0.2,
      "testing": false
    },
    "software": "mriqc",
    "version": "21.0.0rc2",
    "webapi_port": null,
    "webapi_url": "https://mriqc.nimh.nih.gov/api/v1"
  },
  "size_t": 220,
  "size_x": 72,
  "size_y": 72,
  "size_z": 44,
  "snr": 4.386324463282197,
  "spacing_tr": 3.0,
  "spacing_x": 3.055555582046509,
  "spacing_y": 3.055555582046509,
  "spacing_z": 3.0,
  "summary_bg_k": 97.66641663011045,
  "summary_bg_mad": 1.7454258461515493,
  "summary_bg_mean": 26.692873001098633,
  "summary_bg_median": 13.854544639587402,
  "summary_bg_n": 158500.0,
  "summary_bg_p05": 12.549999237060547,
  "summary_bg_p95": 79.86817932128906,
  "summary_bg_stdv": 42.0064811706543,
  "summary_fg_k": 0.6242344680475536,
  "summary_fg_mad": 87.06243092364991,
  "summary_fg_mean": 397.2351379394531,
  "summary_fg_median": 392.83636474609375,
  "summary_fg_n": 27813.0,
  "summary_fg_p05": 259.5036376953125,
  "summary_fg_p95": 550.5581420898436,
  "summary_fg_stdv": 89.5577392578125,
  "tsnr": 30.395863222307526
}