{
  "aor": 0.008918772727272727,
  "aqi": 0.013940370863636361,
  "bids_meta": {
    "AcquisitionNumber": 1,
    "AcquisitionTime": "20:18:27.082500",
    "BandwidthPerPixelPhaseEncode": 23.946,
    "BodyPartExamined": "BRAIN",
    "ConversionSoftware": "dcm2niix",
    "ConversionSoftwareVersion": "v1.0.20170624 (OpenJPEG build) GCC6.3.0",
    "DeviceSerialNumber": "45685",
    "EchoTime": 0.03,
    "EchoTrainLength": 72,
    "EffectiveEchoSpacing": 0.000580009,
    "FlipAngle": 90,
    "ImageType": [
      "ORIGINAL",
      "PRIMARY",
      "M",
      "ND",
      "MOSAIC"
    ],
    "InstitutionAddress": "HAWKINS_DRIVE_200_IOWA_CITY_IOWA_US_52242",
    "InstitutionName": "UIHC_SKYRA",
    "MagneticFieldStrength": 3,
    "Manufacturer": "Siemens",
    "ManufacturersModelName": "Skyra",
    "PhaseEncodingDirection": "j-",
    "PhaseEncodingLines": 72,
    "ProcedureStepDescription": "RESEARCH_HOWARD",
    "ProtocolName": "ES-FMRI-NEW",
    "RepetitionTime": 3,
    "ScanningSequence": "EP",
    "SequenceName": "_epfid2d1_72",
    "SequenceVariant": "SK",
    "SeriesDescription": "ES-FMRI-NEW",
    "SliceTiming": [
      1.44,
      0,
      1.5075,
      0.0675,
      1.5725,
      0.1325,
      1.6375,
      0.1975,
      1.7025,
      0.2625,
      1.7675,
      0.3275,
      1.8325,
      0.395,
      1.9,
      0.46,
      1.965,
      0.525,
      2.03,
      0.59,
      2.095,
      0.655,
      2.16,
      0.72,
      2.2275,
      0.7875,
      2.2925,
      0.8525,
      2.3575,
      0.9175,
      2.4225,
      0.9825,
      2.4875,
      1.0475,
      2.5525,
      1.115,
      2.62,
      1.18,
      2.685,
      1.245,
      2.75,
      1.31,
      2.815,
      1.375
    ],
    "SoftwareVersions": "syngo_MR_E11",
    "TaskName": "es",
    "TotalReadoutTime": 0.0411806,
    "dataset": "ds002799",
    "modality": "bold",
    "run_id": 4,
    "session_id": "postop",
    "subject_id": "399",
    "task_id": "es"
  },
  "dummy_trs": 0,
  "dvars_nstd": 47.36998691301368,
  "dvars_std": 1.1829933186757986,
  "dvars_vstd": 1.0695702397260274,
  "efc": 0.49243426587246425,
  "fber": 812.5550537109375,
  "fd_mean": 0.59911938470336,
  "fd_num": 148,
  "fd_perc": 67.27272727272727,
  "fwhm_avg": 2.2178747750459604,
  "fwhm_x": 2.131075617887708,
  "fwhm_y": 2.309468707250173,
  "fwhm_z": 2.21308,
  "gcor": 0.0589384,
  "gsr_x": -0.014718757942318916,
  "gsr_y": 0.023240284994244576,
  "provenance": {
    "md5sum": "6ff4f580cdd53d51ab36f49da6c4e794",
    "settings": {
      "fd_thres": 0.2,
      "testing": false
    },
    "software": "mriqc",
    "version": "21.0.0rc2",
    "webapi_port": null,
    "webapi_url": "https://mriqc.nimh.nih.gov/api/v1"
  },
  "size_t": 220,
  "size_x": 72,
  "size_y": 72,
  "size_z": 44,
  "snr": 4.414065439446821,
  "spacing_tr": 3.0,
  "spacing_x": 3.055555582046509,
  "spacing_y": 3.055555582046509,
  "spacing_z": 3.0,
  "summary_bg_k": 85.54873802264981,
  "summary_bg_mad": 1.6982532446271938,
  "summary_bg_mean": 26.461959838867188,
  "summary_bg_median": 13.590909004211426,
  "summary_bg_n": 158686.0,
  "summary_bg_p05": 12.318181037902832,
  "summary_bg_p95": 80.35681343078613,
  "summary_bg_stdv": 41.41702651977539,
  "summary_fg_k": 1.5375131356080134,
  "summary_fg_mad": 83.62549764355585,
  "summary_fg_mean": 405.318359375,
  "summary_fg_median": 399.6590881347656,
  "summary_fg_n": 27594.0,
  "summary_fg_p05": 268.203857421875,
  "summary_fg_p95": 558.7797729492187,
  "summary_fg_stdv": 90.54053497314453,
  "tsnr": 32.350302007980645
}