{
  "aor": 0.002083909090909091,
  "aqi": 0.008291398409090907,
  "bids_meta": {
    "AcquisitionNumber": 1,
    "AcquisitionTime": "19:40:14.647500",
    "BandwidthPerPixelPhaseEncode": 23.946,
    "BodyPartExamined": "BRAIN",
    "ConversionSoftware": "dcm2niix",
    "ConversionSoftwareVersion": "v1.0.20170624 (OpenJPEG build) GCC6.3.0",
    "DeviceSerialNumber": "45685",
    "EchoTime": 0.03,
    "EchoTrainLength": 72,
    "EffectiveEchoSpacing": 0.000580009,
    "FlipAngle": 90,
    "ImageType": [
      "ORIGINAL",
      "PRIMARY",
      "M",
      "ND",
      "MOSAIC"
    ],
    "InstitutionAddress": "HAWKINS_DRIVE_200_IOWA_CITY_IOWA_US_52242",
    "InstitutionName": "UIHC_SKYRA",
    "MagneticFieldStrength": 3,
    "Manufacturer": "Siemens",
    "ManufacturersModelName": "Skyra",
    "PhaseEncodingDirection": "j-",
    "PhaseEncodingLines": 72,
    "ProcedureStepDescription": "RESEARCH_HOWARD",
    "ProtocolName": "ES-FMRI-NEW",
    "RepetitionTime": 3,
    "ScanningSequence": "EP",
    "SequenceName": "_epfid2d1_72",
    "SequenceVariant": "SK",
    "SeriesDescription": "ES-FMRI-NEW",
    "SliceTiming": [
      1.44,
      0,
      1.505,
      0.065,
      1.57,
      0.13,
      1.635,
      0.195,
      1.7025,
      0.2625,
      1.7675,
      0.3275,
      1.8325,
      0.3925,
      1.8975,
      0.4575,
      1.9625,
      0.5225,
      2.03,
      0.59,
      2.095,
      0.655,
      2.16,
      0.72,
      2.225,
      0.785,
      2.29,
      0.85,
      2.355,
      0.915,
      2.4225,
      0.9825,
      2.4875,
      1.0475,
      2.5525,
      1.1125,
      2.6175,
      1.1775,
      2.6825,
      1.2425,
      2.75,
      1.31,
      2.815,
      1.375
    ],
    "SoftwareVersions": "syngo_MR_E11",
    "TaskName": "es",
    "TotalReadoutTime": 0.0411806,
    "dataset": "ds002799",
    "modality": "bold",
    "run_id": 1,
    "session_id": "postop",
    "subject_id": "399",
    "task_id": "es"
  },
  "dummy_trs": 0,
  "dvars_nstd": 33.12064875420093,
  "dvars_std": 1.1020117708675798,
  "dvars_vstd": 1.0223297119178083,
  "efc": 0.48719265947589735,
  "fber": 913.9658813476562,
  "fd_mean": 0.10756466558668974,
  "fd_num": 21,
  "fd_perc": 9.545454545454545,
  "fwhm_avg": 2.115213745260553,
  "fwhm_x": 2.0303116187613086,
  "fwhm_y": 2.23111961702035,
  "fwhm_z": 2.08421,
  "gcor": 0.125024,
  "gsr_x": -0.014446700923144817,
  "gsr_y": 0.02694372646510601,
  "provenance": {
    "md5sum": "05132889322d230e2e41e4b4a923b0f1",
    "settings": {
      "fd_thres": 0.2,
      "testing": false
    },
    "software": "mriqc",
    "version": "21.0.0rc2",
    "webapi_port": null,
    "webapi_url": "https://mriqc.nimh.nih.gov/api/v1"
  },
  "size_t": 220,
  "size_x": 72,
  "size_y": 72,
  "size_z": 44,
  "snr": 4.800167871924225,
  "spacing_tr": 3.0,
  "spacing_x": 3.055555582046509,
  "spacing_y": 3.055555582046509,
  "spacing_z": 3.0,
  "summary_bg_k": 70.99228574993528,
  "summary_bg_mad": 1.644340488096796,
  "summary_bg_mean": 26.427080154418945,
  "summary_bg_median": 13.654544830322266,
  "summary_bg_n": 159112.0,
  "summary_bg_p05": 12.42272663116455,
  "summary_bg_p95": 79.41318054199203,
  "summary_bg_stdv": 40.6380615234375,
  "summary_fg_k": 1.2227390907945495,
  "summary_fg_mad": 79.75049811957837,
  "summary_fg_mean": 430.8692626953125,
  "summary_fg_median": 426.0,
  "summary_fg_n": 27541.0,
  "summary_fg_p05": 291.3908996582031,
  "summary_fg_p95": 581.4818115234375,
  "summary_fg_stdv": 88.74528503417969,
  "tsnr": 40.62496074428782
}