{
  "aor": 0.01007730593607306,
  "aqi": 0.011782834611872146,
  "bids_meta": {
    "AcquisitionNumber": 1,
    "AcquisitionTime": "20:36:42.077500",
    "BandwidthPerPixelPhaseEncode": 23.946,
    "BodyPartExamined": "BRAIN",
    "ConversionSoftware": "dcm2niix",
    "ConversionSoftwareVersion": "v1.0.20170624 (OpenJPEG build) GCC6.3.0",
    "DeviceSerialNumber": "45685",
    "EchoTime": 0.03,
    "EchoTrainLength": 72,
    "EffectiveEchoSpacing": 0.000580009,
    "FlipAngle": 90,
    "ImageType": [
      "ORIGINAL",
      "PRIMARY",
      "M",
      "ND",
      "MOSAIC"
    ],
    "InstitutionAddress": "HAWKINS_DRIVE_200_IOWA_CITY_IOWA_US_52242",
    "InstitutionName": "UIHC_SKYRA",
    "MagneticFieldStrength": 3,
    "Manufacturer": "Siemens",
    "ManufacturersModelName": "Skyra",
    "PhaseEncodingDirection": "j-",
    "PhaseEncodingLines": 72,
    "ProcedureStepDescription": "RESEARCH_HOWARD",
    "ProtocolName": "ES-FMRI-NEW",
    "RepetitionTime": 3,
    "ScanningSequence": "EP",
    "SequenceName": "_epfid2d1_72",
    "SequenceVariant": "SK",
    "SeriesDescription": "ES-FMRI-NEW",
    "SliceTiming": [
      1.4375,
      0,
      1.505,
      0.065,
      1.57,
      0.13,
      1.635,
      0.195,
      1.7,
      0.26,
      1.765,
      0.325,
      1.8325,
      0.3925,
      1.8975,
      0.4575,
      1.9625,
      0.5225,
      2.0275,
      0.5875,
      2.0925,
      0.6525,
      2.1575,
      0.7175,
      2.225,
      0.785,
      2.29,
      0.85,
      2.355,
      0.915,
      2.42,
      0.98,
      2.485,
      1.045,
      2.5525,
      1.1125,
      2.6175,
      1.1775,
      2.6825,
      1.2425,
      2.7475,
      1.3075,
      2.8125,
      1.3725
    ],
    "SoftwareVersions": "syngo_MR_E11",
    "TaskName": "es",
    "TotalReadoutTime": 0.0411806,
    "dataset": "ds002799",
    "modality": "bold",
    "run_id": 5,
    "session_id": "postop",
    "subject_id": "399",
    "task_id": "es"
  },
  "dummy_trs": 1,
  "dvars_nstd": 42.459482044174315,
  "dvars_std": 1.2013397958715601,
  "dvars_vstd": 1.0970230944495416,
  "efc": 0.4919367719353895,
  "fber": 788.0790405273438,
  "fd_mean": 0.43776687189373686,
  "fd_num": 75,
  "fd_perc": 34.24657534246575,
  "fwhm_avg": 2.2131013609268764,
  "fwhm_x": 2.1262876179292194,
  "fwhm_y": 2.3065297981847435,
  "fwhm_z": 2.2064866666666667,
  "gcor": 0.0453143,
  "gsr_x": -0.013093785382807255,
  "gsr_y": 0.021684858947992325,
  "provenance": {
    "md5sum": "d0a8d474f7ea0465f9f2628337b6c2d7",
    "settings": {
      "fd_thres": 0.2,
      "testing": false
    },
    "software": "mriqc",
    "version": "21.0.0rc2",
    "webapi_port": null,
    "webapi_url": "https://mriqc.nimh.nih.gov/api/v1"
  },
  "size_t": 219,
  "size_x": 72,
  "size_y": 72,
  "size_z": 44,
  "snr": 4.401630794564489,
  "spacing_tr": 3.0,
  "spacing_x": 3.055555582046509,
  "spacing_y": 3.055555582046509,
  "spacing_z": 3.0,
  "summary_bg_k": 98.17168891259084,
  "summary_bg_mad": 1.645078554157873,
  "summary_bg_mean": 25.9166259765625,
  "summary_bg_median": 13.621004104614258,
  "summary_bg_n": 158876.0,
  "summary_bg_p05": 12.378994941711426,
  "summary_bg_p95": 77.22945022583008,
  "summary_bg_stdv": 40.18393325805664,
  "summary_fg_k": 1.6598398021845329,
  "summary_fg_mad": 81.56343721544327,
  "summary_fg_mean": 399.9974060058594,
  "summary_fg_median": 393.883544921875,
  "summary_fg_n": 27596.0,
  "summary_fg_p05": 265.07191467285156,
  "summary_fg_p95": 553.3356018066406,
  "summary_fg_stdv": 89.48419952392578,
  "tsnr": 35.858802288537845
}