{
  "aor": 0.02247187214611872,
  "aqi": 0.023200655251141553,
  "bids_meta": {
    "AcquisitionNumber": 1,
    "AcquisitionTime": "20:49:47.902500",
    "BandwidthPerPixelPhaseEncode": 23.946,
    "BodyPartExamined": "BRAIN",
    "ConversionSoftware": "dcm2niix",
    "ConversionSoftwareVersion": "v1.0.20170624 (OpenJPEG build) GCC6.3.0",
    "DeviceSerialNumber": "45685",
    "EchoTime": 0.03,
    "EchoTrainLength": 72,
    "EffectiveEchoSpacing": 0.000580009,
    "FlipAngle": 90,
    "ImageType": [
      "ORIGINAL",
      "PRIMARY",
      "M",
      "ND",
      "MOSAIC"
    ],
    "InstitutionAddress": "HAWKINS_DRIVE_200_IOWA_CITY_IOWA_US_52242",
    "InstitutionName": "UIHC_SKYRA",
    "MagneticFieldStrength": 3,
    "Manufacturer": "Siemens",
    "ManufacturersModelName": "Skyra",
    "PhaseEncodingDirection": "j-",
    "PhaseEncodingLines": 72,
    "ProcedureStepDescription": "RESEARCH_HOWARD",
    "ProtocolName": "ES-FMRI-NEW",
    "RepetitionTime": 3,
    "ScanningSequence": "EP",
    "SequenceName": "_epfid2d1_72",
    "SequenceVariant": "SK",
    "SeriesDescription": "ES-FMRI-NEW",
    "SliceTiming": [
      1.44,
      0,
      1.505,
      0.065,
      1.57,
      0.13,
      1.635,
      0.195,
      1.7025,
      0.2625,
      1.7675,
      0.3275,
      1.8325,
      0.3925,
      1.8975,
      0.4575,
      1.9625,
      0.5225,
      2.0275,
      0.5875,
      2.095,
      0.655,
      2.16,
      0.72,
      2.225,
      0.785,
      2.29,
      0.85,
      2.355,
      0.915,
      2.42,
      0.9825,
      2.4875,
      1.0475,
      2.5525,
      1.1125,
      2.6175,
      1.1775,
      2.6825,
      1.2425,
      2.7475,
      1.3075,
      2.815,
      1.375
    ],
    "SoftwareVersions": "syngo_MR_E11",
    "TaskName": "es",
    "TotalReadoutTime": 0.0411806,
    "dataset": "ds002799",
    "modality": "bold",
    "run_id": 6,
    "session_id": "postop",
    "subject_id": "399",
    "task_id": "es"
  },
  "dummy_trs": 1,
  "dvars_nstd": 45.17107314344037,
  "dvars_std": 1.0395299135321097,
  "dvars_vstd": 0.9926416416513767,
  "efc": 0.4978143435555893,
  "fber": 692.254150390625,
  "fd_mean": 0.4681877666098065,
  "fd_num": 69,
  "fd_perc": 31.506849315068493,
  "fwhm_avg": 2.267749784756576,
  "fwhm_x": 2.1992203445696368,
  "fwhm_y": 2.3764123430334236,
  "fwhm_z": 2.2276166666666666,
  "gcor": 0.209565,
  "gsr_x": -0.015200385823845863,
  "gsr_y": 0.02018492855131626,
  "provenance": {
    "md5sum": "c85dea4c1bf18d94f67ffd4452e87e8d",
    "settings": {
      "fd_thres": 0.2,
      "testing": false
    },
    "software": "mriqc",
    "version": "21.0.0rc2",
    "webapi_port": null,
    "webapi_url": "https://mriqc.nimh.nih.gov/api/v1"
  },
  "size_t": 219,
  "size_x": 72,
  "size_y": 72,
  "size_z": 44,
  "snr": 4.260213831249936,
  "spacing_tr": 3.0,
  "spacing_x": 3.055555582046509,
  "spacing_y": 3.055555582046509,
  "spacing_z": 3.0,
  "summary_bg_k": 86.98414294336405,
  "summary_bg_mad": 2.0783516104032436,
  "summary_bg_mean": 27.67316436767578,
  "summary_bg_median": 14.538812637329102,
  "summary_bg_n": 158376.0,
  "summary_bg_p05": 12.87671184539795,
  "summary_bg_p95": 83.62100219726562,
  "summary_bg_stdv": 42.35635757446289,
  "summary_fg_k": 1.2036783868418004,
  "summary_fg_mad": 89.49772089584368,
  "summary_fg_mean": 405.03839111328125,
  "summary_fg_median": 398.3515930175781,
  "summary_fg_n": 27785.0,
  "summary_fg_p05": 267.4438171386719,
  "summary_fg_p95": 564.5543334960937,
  "summary_fg_stdv": 93.50338745117188,
  "tsnr": 24.119895522482693
}