{
  "aor": 0.0012247272727272725,
  "aqi": 0.008926639681818182,
  "bids_meta": {
    "AcquisitionNumber": 1,
    "AcquisitionTime": "19:52:3.895000",
    "BandwidthPerPixelPhaseEncode": 23.946,
    "BodyPartExamined": "BRAIN",
    "ConversionSoftware": "dcm2niix",
    "ConversionSoftwareVersion": "v1.0.20170624 (OpenJPEG build) GCC6.3.0",
    "DeviceSerialNumber": "45685",
    "EchoTime": 0.03,
    "EchoTrainLength": 72,
    "EffectiveEchoSpacing": 0.000580009,
    "FlipAngle": 90,
    "ImageType": [
      "ORIGINAL",
      "PRIMARY",
      "M",
      "ND",
      "MOSAIC"
    ],
    "InstitutionAddress": "HAWKINS_DRIVE_200_IOWA_CITY_IOWA_US_52242",
    "InstitutionName": "UIHC_SKYRA",
    "MagneticFieldStrength": 3,
    "Manufacturer": "Siemens",
    "ManufacturersModelName": "Skyra",
    "PhaseEncodingDirection": "j-",
    "PhaseEncodingLines": 72,
    "ProcedureStepDescription": "RESEARCH_HOWARD",
    "ProtocolName": "ES-FMRI-NEW",
    "RepetitionTime": 3,
    "ScanningSequence": "EP",
    "SequenceName": "_epfid2d1_72",
    "SequenceVariant": "SK",
    "SeriesDescription": "ES-FMRI-NEW",
    "SliceTiming": [
      1.44,
      0,
      1.505,
      0.065,
      1.57,
      0.13,
      1.635,
      0.195,
      1.7,
      0.26,
      1.765,
      0.3275,
      1.8325,
      0.3925,
      1.8975,
      0.4575,
      1.9625,
      0.5225,
      2.0275,
      0.5875,
      2.0925,
      0.6525,
      2.16,
      0.72,
      2.225,
      0.785,
      2.29,
      0.85,
      2.355,
      0.915,
      2.42,
      0.98,
      2.485,
      1.045,
      2.5525,
      1.1125,
      2.6175,
      1.1775,
      2.6825,
      1.2425,
      2.7475,
      1.3075,
      2.8125,
      1.3725
    ],
    "SoftwareVersions": "syngo_MR_E11",
    "TaskName": "es",
    "TotalReadoutTime": 0.0411806,
    "dataset": "ds002799",
    "modality": "bold",
    "run_id": 2,
    "session_id": "postop",
    "subject_id": "399",
    "task_id": "es"
  },
  "dummy_trs": 0,
  "dvars_nstd": 35.69294904255706,
  "dvars_std": 1.0792434863926936,
  "dvars_vstd": 0.988088856575342,
  "efc": 0.48647921331095273,
  "fber": 972.8443603515625,
  "fd_mean": 0.08707229667313932,
  "fd_num": 11,
  "fd_perc": 5.0,
  "fwhm_avg": 2.1071277857382706,
  "fwhm_x": 2.0297879824022123,
  "fwhm_y": 2.2061487081459332,
  "fwhm_z": 2.0854466666666664,
  "gcor": 0.0627983,
  "gsr_x": -0.01541701890528202,
  "gsr_y": 0.026358600705862045,
  "provenance": {
    "md5sum": "05c298123ca0a7430989bccf5ad11bb4",
    "settings": {
      "fd_thres": 0.2,
      "testing": false
    },
    "software": "mriqc",
    "version": "21.0.0rc2",
    "webapi_port": null,
    "webapi_url": "https://mriqc.nimh.nih.gov/api/v1"
  },
  "size_t": 220,
  "size_x": 72,
  "size_y": 72,
  "size_z": 44,
  "snr": 4.885805627242681,
  "spacing_tr": 3.0,
  "spacing_x": 3.055555582046509,
  "spacing_y": 3.055555582046509,
  "spacing_z": 3.0,
  "summary_bg_k": 69.74793951361471,
  "summary_bg_mad": 1.6780356074483804,
  "summary_bg_mean": 26.547561645507812,
  "summary_bg_median": 13.363636016845703,
  "summary_bg_n": 159108.0,
  "summary_bg_p05": 12.118181228637695,
  "summary_bg_p95": 81.8045425415039,
  "summary_bg_stdv": 41.42434310913086,
  "summary_fg_k": 1.1918640116602965,
  "summary_fg_mad": 78.83737749357829,
  "summary_fg_mean": 434.9572448730469,
  "summary_fg_median": 430.2363586425781,
  "summary_fg_n": 27592.0,
  "summary_fg_p05": 295.69726715087893,
  "summary_fg_p95": 585.4033874511716,
  "summary_fg_stdv": 88.05683135986328,
  "tsnr": 41.40857620158931
}