{
  "aor": 0.0023199090909090904,
  "aqi": 0.008618051227272727,
  "bids_meta": {
    "AcquisitionNumber": 1,
    "AcquisitionTime": "20:05:4.255000",
    "BandwidthPerPixelPhaseEncode": 23.946,
    "BodyPartExamined": "BRAIN",
    "ConversionSoftware": "dcm2niix",
    "ConversionSoftwareVersion": "v1.0.20170624 (OpenJPEG build) GCC6.3.0",
    "DeviceSerialNumber": "45685",
    "EchoTime": 0.03,
    "EchoTrainLength": 72,
    "EffectiveEchoSpacing": 0.000580009,
    "FlipAngle": 90,
    "ImageType": [
      "ORIGINAL",
      "PRIMARY",
      "M",
      "ND",
      "MOSAIC"
    ],
    "InstitutionAddress": "HAWKINS_DRIVE_200_IOWA_CITY_IOWA_US_52242",
    "InstitutionName": "UIHC_SKYRA",
    "MagneticFieldStrength": 3,
    "Manufacturer": "Siemens",
    "ManufacturersModelName": "Skyra",
    "PhaseEncodingDirection": "j-",
    "PhaseEncodingLines": 72,
    "ProcedureStepDescription": "RESEARCH_HOWARD",
    "ProtocolName": "ES-FMRI-NEW",
    "RepetitionTime": 3,
    "ScanningSequence": "EP",
    "SequenceName": "_epfid2d1_72",
    "SequenceVariant": "SK",
    "SeriesDescription": "ES-FMRI-NEW",
    "SliceTiming": [
      1.44,
      0,
      1.505,
      0.065,
      1.5725,
      0.1325,
      1.6375,
      0.1975,
      1.7025,
      0.2625,
      1.7675,
      0.3275,
      1.8325,
      0.3925,
      1.9,
      0.46,
      1.965,
      0.525,
      2.03,
      0.59,
      2.095,
      0.655,
      2.16,
      0.72,
      2.225,
      0.785,
      2.2925,
      0.8525,
      2.3575,
      0.9175,
      2.4225,
      0.9825,
      2.4875,
      1.0475,
      2.5525,
      1.1125,
      2.6175,
      1.18,
      2.685,
      1.245,
      2.75,
      1.31,
      2.815,
      1.375
    ],
    "SoftwareVersions": "syngo_MR_E11",
    "TaskName": "es",
    "TotalReadoutTime": 0.0411806,
    "dataset": "ds002799",
    "modality": "bold",
    "run_id": 3,
    "session_id": "postop",
    "subject_id": "399",
    "task_id": "es"
  },
  "dummy_trs": 0,
  "dvars_nstd": 36.1335700047032,
  "dvars_std": 1.1196749974429223,
  "dvars_vstd": 1.0173262308675797,
  "efc": 0.489112280872139,
  "fber": 915.4744873046875,
  "fd_mean": 0.2131072837431428,
  "fd_num": 69,
  "fd_perc": 31.363636363636363,
  "fwhm_avg": 2.1185842503487478,
  "fwhm_x": 2.0384378005090382,
  "fwhm_y": 2.209951617203872,
  "fwhm_z": 2.1073633333333333,
  "gcor": 0.0335325,
  "gsr_x": -0.014595162123441696,
  "gsr_y": 0.0248442143201828,
  "provenance": {
    "md5sum": "d2c7683be8a864bbc33c5c12aa7217c4",
    "settings": {
      "fd_thres": 0.2,
      "testing": false
    },
    "software": "mriqc",
    "version": "21.0.0rc2",
    "webapi_port": null,
    "webapi_url": "https://mriqc.nimh.nih.gov/api/v1"
  },
  "size_t": 220,
  "size_x": 72,
  "size_y": 72,
  "size_z": 44,
  "snr": 4.775862328085938,
  "spacing_tr": 3.0,
  "spacing_x": 3.055555582046509,
  "spacing_y": 3.055555582046509,
  "spacing_z": 3.0,
  "summary_bg_k": 76.3828512992512,
  "summary_bg_mad": 1.6645567113559523,
  "summary_bg_mean": 26.38266372680664,
  "summary_bg_median": 13.340909004211426,
  "summary_bg_n": 158787.0,
  "summary_bg_p05": 12.104544639587402,
  "summary_bg_p95": 80.52136383056633,
  "summary_bg_stdv": 41.394927978515625,
  "summary_fg_k": 0.9562522838087761,
  "summary_fg_mad": 81.23984190700968,
  "summary_fg_mean": 421.90625,
  "summary_fg_median": 417.0727233886719,
  "summary_fg_n": 27613.0,
  "summary_fg_p05": 287.6790771484375,
  "summary_fg_p95": 570.7172485351562,
  "summary_fg_stdv": 87.32772064208984,
  "tsnr": 43.29845329048112
}