{
  "bids_meta": {
    "AcquisitionMatrixPE": 256,
    "AcquisitionNumber": 1,
    "AcquisitionTime": "17:27:16.702500",
    "BaseResolution": 256,
    "BodyPartExamined": "BRAIN",
    "ConsistencyInfo": "N4_VD13C_LATEST_20121124",
    "ConversionSoftware": "dcm2niix",
    "ConversionSoftwareVersion": "v1.0.20171103 (OpenJPEG build) GCC6.3.0",
    "DeviceSerialNumber": "45685",
    "DwellTime": 1.03e-05,
    "EchoTime": 0.00344,
    "FlipAngle": 10,
    "ImageComments": "Image_quality:_not_assessed",
    "ImageOrientationPatientDICOM": [
      1,
      0,
      0.000164435,
      0.000164435,
      0,
      -1
    ],
    "ImageType": [
      "ORIGINAL",
      "PRIMARY",
      "M",
      "DIS2D"
    ],
    "InPlanePhaseEncodingDirectionDICOM": "ROW",
    "InstitutionAddress": "HAWKINS_DRIVE_200_IOWA_CITY_IOWA_US_52242",
    "InstitutionName": "UIHC",
    "InstitutionalDepartmentName": "Department",
    "InversionTime": 1,
    "MRAcquisitionType": "3D",
    "MagneticFieldStrength": 3,
    "Manufacturer": "Siemens",
    "ManufacturersModelName": "Skyra",
    "Modality": "MR",
    "PartialFourier": 1,
    "PatientPosition": "HFS",
    "PercentPhaseFOV": 100,
    "PhaseEncodingSteps": 256,
    "PhaseResolution": 1,
    "PixelBandwidth": 190,
    "ProcedureStepDescription": "RESEARCH_HOWARD",
    "ProtocolName": "MPRAGE_TI=1000",
    "PulseSequenceDetails": "%SiemensSeq%_tfl",
    "ReceiveCoilActiveElements": "HE",
    "ReceiveCoilName": "Head_TxRx",
    "ReconMatrixPE": 256,
    "RepetitionTime": 1.9,
    "SAR": 0.110804,
    "ScanOptions": "IR",
    "ScanningSequence": "GR_IR",
    "SequenceName": "_tfl3d1_16ns",
    "SequenceVariant": "SK_SP_MP",
    "SeriesDescription": "MPRAGE_TI=1000",
    "SeriesNumber": 2,
    "ShimSetting": [
      -3749,
      -1202,
      -1079,
      -21,
      -278,
      -450,
      501,
      399
    ],
    "SliceThickness": 1,
    "SoftwareVersions": "syngo_MR_D13C",
    "StationName": "AWP45685",
    "TxRefAmp": 256.169,
    "dataset": "ds002799",
    "modality": "T1w",
    "session_id": "postop",
    "subject_id": "320"
  },
  "cjv": 0.4615648416102346,
  "cnr": 2.689317947016728,
  "efc": 0.6471767592577914,
  "fber": 91.13239110103183,
  "fwhm_avg": 3.834174453333334,
  "fwhm_x": 3.87714048,
  "fwhm_y": 3.9235,
  "fwhm_z": 3.7018828800000003,
  "icvs_csf": 0.2591723143569814,
  "icvs_gm": 0.3609700749745624,
  "icvs_wm": 0.3798576106684562,
  "inu_med": 1.5230315923690796,
  "inu_range": 0.44293975830078125,
  "provenance": {
    "md5sum": "c163cb8e11f97041e1a65b342bc1cebe",
    "settings": {
      "testing": false
    },
    "software": "mriqc",
    "version": "21.0.0rc2",
    "warnings": {
      "large_rot_frame": true,
      "small_air_mask": false
    },
    "webapi_port": null,
    "webapi_url": "https://mriqc.nimh.nih.gov/api/v1"
  },
  "qi_1": 0.0010217495679229341,
  "qi_2": 0.0040131050196777086,
  "rpve_csf": 30.83846795216836,
  "rpve_gm": 19.49049542456813,
  "rpve_wm": 21.964552848466777,
  "size_x": 256,
  "size_y": 224,
  "size_z": 256,
  "snr_csf": 4.023271597187058,
  "snr_gm": 9.248078457599792,
  "snr_total": 8.851816377854812,
  "snr_wm": 13.284099078777581,
  "snrd_csf": 9.83118803414085,
  "snrd_gm": 17.129290116169827,
  "snrd_total": 17.331936992338775,
  "snrd_wm": 25.035332826705652,
  "spacing_x": 0.9765625,
  "spacing_y": 1.0,
  "spacing_z": 0.9765625,
  "summary_bg_k": 209.06868849928046,
  "summary_bg_mad": 26.166999115621337,
  "summary_bg_mean": 67.00761016098704,
  "summary_bg_median": 62.84076011180878,
  "summary_bg_n": 4015165.0,
  "summary_bg_p05": 23.607441186904907,
  "summary_bg_p95": 119.16136980056763,
  "summary_bg_stdv": 51.464681436842476,
  "summary_csf_k": 68.63992097553341,
  "summary_csf_mad": 83.33439208796604,
  "summary_csf_mean": 396.0152303577462,
  "summary_csf_median": 392.6704384088516,
  "summary_csf_n": 61844.0,
  "summary_csf_p05": 256.421777844429,
  "summary_csf_p95": 542.7463145256042,
  "summary_csf_stdv": 97.59899480451614,
  "summary_gm_k": -0.01290250788462144,
  "summary_gm_mad": 74.41761213455368,
  "summary_gm_mean": 684.4841774069506,
  "summary_gm_median": 684.1661288738251,
  "summary_gm_n": 14640.0,
  "summary_gm_p05": 561.8514794290065,
  "summary_gm_p95": 807.2648826152085,
  "summary_gm_stdv": 73.97674720017652,
  "summary_wm_k": 1.2104661326211188,
  "summary_wm_mad": 71.33423962729893,
  "summary_wm_mean": 1001.990556689301,
  "summary_wm_median": 999.9437588453293,
  "summary_wm_n": 170022.0,
  "summary_wm_p05": 883.7614232897758,
  "summary_wm_p95": 1126.3559855818748,
  "summary_wm_stdv": 75.27351401706933,
  "tpm_overlap_csf": 0.13988715410232544,
  "tpm_overlap_gm": 0.35597914457321167,
  "tpm_overlap_wm": 0.4053480327129364,
  "wm2max": 0.5641177628649405
}