{
  "bids_meta": {
    "AcquisitionMatrixPE": 256,
    "AcquisitionNumber": 1,
    "AcquisitionTime": "16:35:41.505000",
    "BaseResolution": 256,
    "BodyPartExamined": "BRAIN",
    "ConsistencyInfo": "N4_VE11A_LATEST_20140830",
    "ConversionSoftware": "dcm2niix",
    "ConversionSoftwareVersion": "v1.0.20171215 (OpenJPEG build) GCC7.2.0",
    "DeviceSerialNumber": "45685",
    "DwellTime": 1.03e-05,
    "EchoTime": 0.00344,
    "FlipAngle": 10,
    "ImageComments": "Image_quality:_not_assessed",
    "ImageOrientationPatientDICOM": [
      0.999994,
      -0.0033608,
      -9.0675e-11,
      -1.66113e-05,
      -0.00494261,
      -0.999988
    ],
    "ImageType": [
      "ORIGINAL",
      "PRIMARY",
      "M",
      "DIS2D"
    ],
    "InPlanePhaseEncodingDirectionDICOM": "ROW",
    "InstitutionAddress": "HAWKINS_DRIVE_200_IOWA_CITY_IOWA_US_52242",
    "InstitutionName": "UIHC_SKYRA",
    "InstitutionalDepartmentName": "Department",
    "InversionTime": 1,
    "MRAcquisitionType": "3D",
    "MagneticFieldStrength": 3,
    "Manufacturer": "Siemens",
    "ManufacturersModelName": "Skyra",
    "Modality": "MR",
    "PartialFourier": 1,
    "PatientPosition": "HFS",
    "PercentPhaseFOV": 100,
    "PhaseEncodingSteps": 256,
    "PhaseResolution": 1,
    "PixelBandwidth": 190,
    "ProcedureStepDescription": "RESEARCH_HOWARD",
    "ProtocolName": "MPRAGE_TI=1000",
    "PulseSequenceDetails": "%SiemensSeq%_tfl",
    "ReceiveCoilActiveElements": "HE",
    "ReceiveCoilName": "Head_TxRx",
    "ReconMatrixPE": 256,
    "RepetitionTime": 1.9,
    "SAR": 0.132051,
    "ScanOptions": "IR",
    "ScanningSequence": "GR_IR",
    "SequenceName": "_tfl3d1_16ns",
    "SequenceVariant": "SK_SP_MP",
    "SeriesDescription": "MPRAGE_TI=1000",
    "SeriesNumber": 2,
    "ShimSetting": [
      -3843,
      -1286,
      -1192,
      307,
      181,
      -1232,
      -358,
      340
    ],
    "SliceThickness": 1,
    "SoftwareVersions": "syngo_MR_E11",
    "StationName": "AWP45685",
    "TxRefAmp": 231.931,
    "dataset": "ds002799",
    "modality": "T1w",
    "session_id": "postop",
    "subject_id": "357"
  },
  "cjv": 0.6398026688661094,
  "cnr": 2.0421941060162703,
  "efc": 0.6726440398640772,
  "fber": 105.37706844444443,
  "fwhm_avg": 3.7571511429755753,
  "fwhm_x": 3.81661184,
  "fwhm_y": 3.8477299089267256,
  "fwhm_z": 3.60711168,
  "icvs_csf": 0.22498818716560412,
  "icvs_gm": 0.3830116051329758,
  "icvs_wm": 0.3920002077014201,
  "inu_med": 1.5792925357818604,
  "inu_range": 0.7172602415084839,
  "provenance": {
    "md5sum": "a247db4074953a2cdc661a515f64444c",
    "settings": {
      "testing": false
    },
    "software": "mriqc",
    "version": "21.0.0rc2",
    "warnings": {
      "large_rot_frame": true,
      "small_air_mask": false
    },
    "webapi_port": null,
    "webapi_url": "https://mriqc.nimh.nih.gov/api/v1"
  },
  "qi_1": 0.0,
  "qi_2": 0.00816004213512893,
  "rpve_csf": 27.334852994337794,
  "rpve_gm": 15.096244283147323,
  "rpve_wm": 17.25788128574526,
  "size_x": 256,
  "size_y": 224,
  "size_z": 256,
  "snr_csf": 1.427607673046036,
  "snr_gm": 10.240123831562071,
  "snr_total": 8.25921969008666,
  "snr_wm": 13.109927565651871,
  "snrd_csf": 7.997712974422631,
  "snrd_gm": 15.129920024215963,
  "snrd_total": 14.2461544809236,
  "snrd_wm": 19.610830444132205,
  "spacing_x": 0.9765625,
  "spacing_y": 1.0000026226043701,
  "spacing_z": 0.9765625,
  "summary_bg_k": 6.9067686239208985,
  "summary_bg_mad": 33.40686520800089,
  "summary_bg_mean": 71.04130157979066,
  "summary_bg_median": 68.52886319160461,
  "summary_bg_n": 3474116.0,
  "summary_bg_p05": 22.99813751131296,
  "summary_bg_p95": 129.05027769505978,
  "summary_bg_stdv": 31.999755560649206,
  "summary_csf_k": 34.36121734174084,
  "summary_csf_mad": 97.04556298026704,
  "summary_csf_mean": 456.9971015931447,
  "summary_csf_median": 407.82122388482094,
  "summary_csf_n": 66184.0,
  "summary_csf_p05": 267.03910276293755,
  "summary_csf_p95": 628.0120963286607,
  "summary_csf_stdv": 285.66541817309474,
  "summary_gm_k": -0.07737928208667277,
  "summary_gm_mad": 75.23446916677885,
  "summary_gm_mean": 771.8790588159305,
  "summary_gm_median": 771.508370116353,
  "summary_gm_n": 16646.0,
  "summary_gm_p05": 647.2066957131028,
  "summary_gm_p95": 896.159206526354,
  "summary_gm_stdv": 75.33944007626015,
  "summary_wm_k": 1.2312496460123405,
  "summary_wm_mad": 70.95507734261345,
  "summary_wm_mean": 1004.2578884631748,
  "summary_wm_median": 999.999987334013,
  "summary_wm_n": 219189.0,
  "summary_wm_p05": 888.3612550422549,
  "summary_wm_p95": 1133.985088057816,
  "summary_wm_stdv": 76.27789712698889,
  "tpm_overlap_csf": 0.1366339474916458,
  "tpm_overlap_gm": 0.3715801239013672,
  "tpm_overlap_wm": 0.4222310781478882,
  "wm2max": 0.5383737008757756
}