{
  "aor": 0.014175882352941175,
  "aqi": 0.008987471176470588,
  "bids_meta": {
    "AcquisitionMatrixPE": 68,
    "AcquisitionNumber": 1,
    "AcquisitionTime": "19:02:38.245000",
    "BandwidthPerPixelPhaseEncode": 25.355,
    "BaseResolution": 68,
    "BodyPartExamined": "BRAIN",
    "ConsistencyInfo": "N4_VE11A_LATEST_20140830",
    "ConversionSoftware": "dcm2niix",
    "ConversionSoftwareVersion": "v1.0.20171103 (OpenJPEG build) GCC6.3.0",
    "DelayTime": 0.1,
    "DerivedVendorReportedEchoSpacing": 0.000579999,
    "DeviceSerialNumber": "45685",
    "DwellTime": 3.8e-06,
    "EchoTime": 0.03,
    "EchoTrainLength": 68,
    "EffectiveEchoSpacing": 0.000579999,
    "FlipAngle": 90,
    "ImageOrientationPatientDICOM": [
      0.999994,
      -6.08073e-06,
      -0.00349065,
      -1.1599e-08,
      0.999998,
      -0.00174533
    ],
    "ImageType": [
      "ORIGINAL",
      "PRIMARY",
      "M",
      "ND",
      "MOSAIC"
    ],
    "InPlanePhaseEncodingDirectionDICOM": "COL",
    "InstitutionAddress": "HAWKINS_DRIVE_200_IOWA_CITY_IOWA_US_52242",
    "InstitutionName": "UIHC_SKYRA",
    "InstitutionalDepartmentName": "Department",
    "MRAcquisitionType": "2D",
    "MagneticFieldStrength": 3,
    "Manufacturer": "Siemens",
    "ManufacturersModelName": "Skyra",
    "Modality": "MR",
    "PartialFourier": 1,
    "PatientPosition": "HFS",
    "PercentPhaseFOV": 100,
    "PhaseEncodingDirection": "j-",
    "PhaseEncodingSteps": 68,
    "PhaseResolution": 1,
    "PixelBandwidth": 1935,
    "ProcedureStepDescription": "RESEARCH_HOWARD",
    "ProtocolName": "ES-FMRI",
    "PulseSequenceDetails": "%SiemensSeq%_ep2d_pace",
    "ReceiveCoilActiveElements": "HE",
    "ReceiveCoilName": "Head_TxRx",
    "ReconMatrixPE": 68,
    "RepetitionTime": 3,
    "SAR": 0.12533,
    "ScanOptions": "FS",
    "ScanningSequence": "EP",
    "SequenceName": "_epfid2d1_68",
    "SequenceVariant": "SK",
    "SeriesDescription": "ES-FMRI",
    "SeriesNumber": 30,
    "ShimSetting": [
      -3837,
      -1323,
      -924,
      513,
      235,
      -114,
      -18,
      374
    ],
    "SliceThickness": 3,
    "SliceTiming": [
      1.44,
      0,
      1.505,
      0.065,
      1.5725,
      0.1325,
      1.6375,
      0.1975,
      1.7025,
      0.2625,
      1.7675,
      0.3275,
      1.8325,
      0.3925,
      1.8975,
      0.4575,
      1.965,
      0.525,
      2.03,
      0.59,
      2.095,
      0.655,
      2.16,
      0.72,
      2.225,
      0.785,
      2.2925,
      0.8525,
      2.3575,
      0.9175,
      2.4225,
      0.9825,
      2.4875,
      1.0475,
      2.5525,
      1.1125,
      2.6175,
      1.1775,
      2.685,
      1.245,
      2.75,
      1.31,
      2.815,
      1.375
    ],
    "SoftwareVersions": "syngo_MR_E11",
    "SpacingBetweenSlices": 3,
    "StationName": "AWP45685",
    "TaskName": "es",
    "TotalReadoutTime": 0.03886,
    "TxRefAmp": 216.526,
    "dataset": "ds002799",
    "modality": "bold",
    "run_id": 9,
    "session_id": "postop",
    "subject_id": "357",
    "task_id": "es"
  },
  "dummy_trs": 0,
  "dvars_nstd": 56.53694868062501,
  "dvars_std": 1.3307431525000002,
  "dvars_vstd": 1.15025815125,
  "efc": 0.5167286438814368,
  "fber": 1143.929931640625,
  "fd_mean": 0.4409642856025149,
  "fd_num": 14,
  "fd_perc": 82.3529411764706,
  "fwhm_avg": 2.096000799269772,
  "fwhm_x": 1.9447291079874156,
  "fwhm_y": 2.1835332898219,
  "fwhm_z": 2.1597399999999998,
  "gcor": 0.0249293,
  "gsr_x": -0.028677446767687798,
  "gsr_y": 0.03518756851553917,
  "provenance": {
    "md5sum": "3c7a5de53659a2eea6f4221628d84544",
    "settings": {
      "fd_thres": 0.2,
      "testing": false
    },
    "software": "mriqc",
    "version": "21.0.0rc2",
    "webapi_port": null,
    "webapi_url": "https://mriqc.nimh.nih.gov/api/v1"
  },
  "size_t": 17,
  "size_x": 68,
  "size_y": 68,
  "size_z": 44,
  "snr": 3.8318922754133777,
  "spacing_tr": 3.0,
  "spacing_x": 3.382352828979492,
  "spacing_y": 3.382352828979492,
  "spacing_z": 3.0,
  "summary_bg_k": 41.04852192713768,
  "summary_bg_mad": 2.529144545121422,
  "summary_bg_mean": 16.751256942749023,
  "summary_bg_median": 6.823529243469238,
  "summary_bg_n": 130980.0,
  "summary_bg_p05": 4.705882549285889,
  "summary_bg_p95": 65.0,
  "summary_bg_stdv": 29.62760353088379,
  "summary_fg_k": 3.5820566967030985,
  "summary_fg_mad": 50.40847542919047,
  "summary_fg_mean": 247.3443603515625,
  "summary_fg_median": 243.35293579101562,
  "summary_fg_n": 30468.0,
  "summary_fg_p05": 152.58824157714844,
  "summary_fg_p95": 353.1176452636719,
  "summary_fg_stdv": 63.50620651245117,
  "tsnr": 38.76525982003659
}