{
  "aor": 0.0013537556561085972,
  "aqi": 0.011176356515837106,
  "bids_meta": {
    "AcquisitionMatrixPE": 68,
    "AcquisitionNumber": 1,
    "AcquisitionTime": "17:24:13.415000",
    "BandwidthPerPixelPhaseEncode": 25.355,
    "BaseResolution": 68,
    "BodyPartExamined": "BRAIN",
    "ConsistencyInfo": "N4_VE11A_LATEST_20140830",
    "ConversionSoftware": "dcm2niix",
    "ConversionSoftwareVersion": "v1.0.20171103 (OpenJPEG build) GCC6.3.0",
    "DelayTime": 0.1,
    "DerivedVendorReportedEchoSpacing": 0.000579999,
    "DeviceSerialNumber": "45685",
    "DwellTime": 3.8e-06,
    "EchoTime": 0.03,
    "EchoTrainLength": 68,
    "EffectiveEchoSpacing": 0.000579999,
    "FlipAngle": 90,
    "ImageOrientationPatientDICOM": [
      1,
      0,
      0,
      0,
      1,
      0
    ],
    "ImageType": [
      "ORIGINAL",
      "PRIMARY",
      "M",
      "ND",
      "MOSAIC"
    ],
    "InPlanePhaseEncodingDirectionDICOM": "COL",
    "InstitutionAddress": "HAWKINS_DRIVE_200_IOWA_CITY_IOWA_US_52242",
    "InstitutionName": "UIHC_SKYRA",
    "InstitutionalDepartmentName": "Department",
    "MRAcquisitionType": "2D",
    "MagneticFieldStrength": 3,
    "Manufacturer": "Siemens",
    "ManufacturersModelName": "Skyra",
    "Modality": "MR",
    "PartialFourier": 1,
    "PatientPosition": "HFS",
    "PercentPhaseFOV": 100,
    "PhaseEncodingDirection": "j-",
    "PhaseEncodingSteps": 68,
    "PhaseResolution": 1,
    "PixelBandwidth": 1935,
    "ProcedureStepDescription": "RESEARCH_HOWARD",
    "ProtocolName": "ES-FMRI",
    "PulseSequenceDetails": "%SiemensSeq%_ep2d_pace",
    "ReceiveCoilActiveElements": "HE",
    "ReceiveCoilName": "Head_TxRx",
    "ReconMatrixPE": 68,
    "RepetitionTime": 3,
    "SAR": 0.145365,
    "ScanOptions": "FS",
    "ScanningSequence": "EP",
    "SequenceName": "_epfid2d1_68",
    "SequenceVariant": "SK",
    "SeriesDescription": "ES-FMRI",
    "SeriesNumber": 9,
    "ShimSetting": [
      -3841,
      -1206,
      -1056,
      388,
      221,
      -295,
      -450,
      387
    ],
    "SliceThickness": 3,
    "SliceTiming": [
      1.44,
      0,
      1.505,
      0.0675,
      1.5725,
      0.1325,
      1.6375,
      0.1975,
      1.7025,
      0.2625,
      1.7675,
      0.3275,
      1.8325,
      0.3925,
      1.9,
      0.46,
      1.965,
      0.525,
      2.03,
      0.59,
      2.095,
      0.655,
      2.16,
      0.72,
      2.225,
      0.7875,
      2.2925,
      0.8525,
      2.3575,
      0.9175,
      2.4225,
      0.9825,
      2.4875,
      1.0475,
      2.5525,
      1.1125,
      2.62,
      1.18,
      2.685,
      1.245,
      2.75,
      1.31,
      2.815,
      1.375
    ],
    "SoftwareVersions": "syngo_MR_E11",
    "SpacingBetweenSlices": 3,
    "StationName": "AWP45685",
    "TaskName": "es",
    "TotalReadoutTime": 0.03886,
    "TxRefAmp": 231.931,
    "dataset": "ds002799",
    "modality": "bold",
    "run_id": 4,
    "session_id": "postop",
    "subject_id": "357",
    "task_id": "es"
  },
  "dummy_trs": 0,
  "dvars_nstd": 51.35544948563636,
  "dvars_std": 1.1961794950000002,
  "dvars_vstd": 1.0204352384090907,
  "efc": 0.5066937194497985,
  "fber": 1352.3857421875,
  "fd_mean": 0.5118561650302518,
  "fd_num": 174,
  "fd_perc": 78.73303167420815,
  "fwhm_avg": 2.1136383455655197,
  "fwhm_x": 1.9706578044996779,
  "fwhm_y": 2.1939638988635486,
  "fwhm_z": 2.176293333333333,
  "gcor": 0.0190373,
  "gsr_x": -0.02634289488196373,
  "gsr_y": 0.03420933336019516,
  "provenance": {
    "md5sum": "83ca1b802b2ee00b135d2b631cd6cd2a",
    "settings": {
      "fd_thres": 0.2,
      "testing": false
    },
    "software": "mriqc",
    "version": "21.0.0rc2",
    "webapi_port": null,
    "webapi_url": "https://mriqc.nimh.nih.gov/api/v1"
  },
  "size_t": 221,
  "size_x": 68,
  "size_y": 68,
  "size_z": 44,
  "snr": 3.7130590903845144,
  "spacing_tr": 3.0,
  "spacing_x": 3.382352828979492,
  "spacing_y": 3.382352828979492,
  "spacing_z": 3.0,
  "summary_bg_k": 46.99838618757165,
  "summary_bg_mad": 1.5094369996802786,
  "summary_bg_mean": 15.741422653198242,
  "summary_bg_median": 6.063348770141602,
  "summary_bg_n": 133129.0,
  "summary_bg_p05": 4.9773759841918945,
  "summary_bg_p95": 60.968326568603516,
  "summary_bg_stdv": 28.250123977661133,
  "summary_fg_k": 4.107504291483948,
  "summary_fg_mad": 49.244525455996765,
  "summary_fg_mean": 238.34889221191406,
  "summary_fg_median": 234.06561279296875,
  "summary_fg_n": 29392.0,
  "summary_fg_p05": 145.2497756958008,
  "summary_fg_p95": 343.71652984619135,
  "summary_fg_stdv": 63.037410736083984,
  "tsnr": 36.45979165658355
}