{
  "aor": 0.003970590909090909,
  "aqi": 0.023781807727272727,
  "bids_meta": {
    "AcquisitionNumber": 1,
    "AcquisitionTime": "16:02:23.332500",
    "BandwidthPerPixelPhaseEncode": 25.355,
    "BodyPartExamined": "BRAIN",
    "ConversionSoftware": "dcm2niix",
    "ConversionSoftwareVersion": "v1.0.20170624 GCC6.3.0",
    "DeviceSerialNumber": "45685",
    "EchoTime": 0.03,
    "EchoTrainLength": 68,
    "EffectiveEchoSpacing": 0.000579999,
    "FlipAngle": 90,
    "ImageType": [
      "ORIGINAL",
      "PRIMARY",
      "M",
      "ND",
      "MOSAIC"
    ],
    "InstitutionAddress": "HAWKINS_DRIVE_200_IOWA_CITY_IOWA_US_52242",
    "InstitutionName": "UIHC_SKYRA",
    "MagneticFieldStrength": 3,
    "Manufacturer": "Siemens",
    "ManufacturersModelName": "Skyra",
    "PhaseEncodingDirection": "j-",
    "PhaseEncodingLines": 68,
    "ProcedureStepDescription": "RESEARCH_HOWARD",
    "ProtocolName": "ES-FMRI",
    "RepetitionTime": 3,
    "ScanningSequence": "EP",
    "SequenceName": "_epfid2d1_68",
    "SequenceVariant": "SK",
    "SeriesDescription": "ES-FMRI",
    "SliceTiming": [
      1.44,
      0,
      1.5075,
      0.0675,
      1.5725,
      0.1325,
      1.6375,
      0.1975,
      1.7025,
      0.2625,
      1.7675,
      0.3275,
      1.8325,
      0.395,
      1.9,
      0.46,
      1.965,
      0.525,
      2.03,
      0.59,
      2.095,
      0.655,
      2.16,
      0.72,
      2.2275,
      0.7875,
      2.2925,
      0.8525,
      2.3575,
      0.9175,
      2.4225,
      0.9825,
      2.4875,
      1.0475,
      2.5525,
      1.1125,
      2.62,
      1.18,
      2.685,
      1.245,
      2.75,
      1.31,
      2.815,
      1.375
    ],
    "SoftwareVersions": "syngo_MR_E11",
    "TaskName": "es",
    "TotalReadoutTime": 0.03886,
    "dataset": "ds002799",
    "modality": "bold",
    "run_id": 1,
    "session_id": "postop",
    "subject_id": "384",
    "task_id": "es"
  },
  "dummy_trs": 0,
  "dvars_nstd": 61.67704826054791,
  "dvars_std": 1.1230281042922383,
  "dvars_vstd": 1.004344745890411,
  "efc": 0.5456421634495523,
  "fber": 453.92706298828125,
  "fd_mean": 0.8065546251057323,
  "fd_num": 198,
  "fd_perc": 90.0,
  "fwhm_avg": 2.100883339269797,
  "fwhm_x": 1.9151241901200216,
  "fwhm_y": 2.1932658276893697,
  "fwhm_z": 2.19426,
  "gcor": 0.0288621,
  "gsr_x": -0.011517751961946487,
  "gsr_y": 0.03590448945760727,
  "provenance": {
    "md5sum": "cc5a0afe9f1bc7af205a80a190605f38",
    "settings": {
      "fd_thres": 0.2,
      "testing": false
    },
    "software": "mriqc",
    "version": "21.0.0rc2",
    "webapi_port": null,
    "webapi_url": "https://mriqc.nimh.nih.gov/api/v1"
  },
  "size_t": 220,
  "size_x": 68,
  "size_y": 68,
  "size_z": 44,
  "snr": 4.338731954097739,
  "spacing_tr": 3.0,
  "spacing_x": 3.2352941036224365,
  "spacing_y": 3.2352941036224365,
  "spacing_z": 3.0,
  "summary_bg_k": 27.91974222161106,
  "summary_bg_mad": 4.879110121679647,
  "summary_bg_mean": 29.12542724609375,
  "summary_bg_median": 14.568181037902832,
  "summary_bg_n": 132016.0,
  "summary_bg_p05": 11.104544639587402,
  "summary_bg_p95": 99.16363525390625,
  "summary_bg_stdv": 40.72453689575195,
  "summary_fg_k": 6.866647394323092,
  "summary_fg_mad": 68.28055563293705,
  "summary_fg_mean": 341.2731628417969,
  "summary_fg_median": 337.28863525390625,
  "summary_fg_n": 25894.0,
  "summary_fg_p05": 224.74431152343752,
  "summary_fg_p95": 457.45771179199215,
  "summary_fg_stdv": 77.73748779296875,
  "tsnr": 24.696005853649694
}