{
  "aor": 0.010008727272727275,
  "aqi": 0.033999485,
  "bids_meta": {
    "AcquisitionNumber": 1,
    "AcquisitionTime": "16:15:18.797500",
    "BandwidthPerPixelPhaseEncode": 25.355,
    "BodyPartExamined": "BRAIN",
    "ConversionSoftware": "dcm2niix",
    "ConversionSoftwareVersion": "v1.0.20170624 GCC6.3.0",
    "DeviceSerialNumber": "45685",
    "EchoTime": 0.03,
    "EchoTrainLength": 68,
    "EffectiveEchoSpacing": 0.000579999,
    "FlipAngle": 90,
    "ImageType": [
      "ORIGINAL",
      "PRIMARY",
      "M",
      "ND",
      "MOSAIC"
    ],
    "InstitutionAddress": "HAWKINS_DRIVE_200_IOWA_CITY_IOWA_US_52242",
    "InstitutionName": "UIHC_SKYRA",
    "MagneticFieldStrength": 3,
    "Manufacturer": "Siemens",
    "ManufacturersModelName": "Skyra",
    "PhaseEncodingDirection": "j-",
    "PhaseEncodingLines": 68,
    "ProcedureStepDescription": "RESEARCH_HOWARD",
    "ProtocolName": "ES-FMRI",
    "RepetitionTime": 3,
    "ScanningSequence": "EP",
    "SequenceName": "_epfid2d1_68",
    "SequenceVariant": "SK",
    "SeriesDescription": "ES-FMRI",
    "SliceTiming": [
      1.44,
      0,
      1.5075,
      0.0675,
      1.5725,
      0.1325,
      1.6375,
      0.1975,
      1.7025,
      0.2625,
      1.7675,
      0.3275,
      1.8325,
      0.3925,
      1.9,
      0.46,
      1.965,
      0.525,
      2.03,
      0.59,
      2.095,
      0.655,
      2.16,
      0.72,
      2.2275,
      0.7875,
      2.2925,
      0.8525,
      2.3575,
      0.9175,
      2.4225,
      0.9825,
      2.4875,
      1.0475,
      2.5525,
      1.1125,
      2.62,
      1.18,
      2.685,
      1.245,
      2.75,
      1.31,
      2.815,
      1.375
    ],
    "SoftwareVersions": "syngo_MR_E11",
    "TaskName": "es",
    "TotalReadoutTime": 0.03886,
    "dataset": "ds002799",
    "modality": "bold",
    "run_id": 2,
    "session_id": "postop",
    "subject_id": "384",
    "task_id": "es"
  },
  "dummy_trs": 0,
  "dvars_nstd": 68.58300526990868,
  "dvars_std": 1.162549717123287,
  "dvars_vstd": 1.049415445936073,
  "efc": 0.5437876211355196,
  "fber": 465.4046630859375,
  "fd_mean": 1.1429609731477914,
  "fd_num": 210,
  "fd_perc": 95.45454545454545,
  "fwhm_avg": 2.073112127058009,
  "fwhm_x": 1.8964458264026893,
  "fwhm_y": 2.149260554771339,
  "fwhm_z": 2.1736299999999997,
  "gcor": 0.0552541,
  "gsr_x": -0.009338095784187317,
  "gsr_y": 0.0391601137816906,
  "provenance": {
    "md5sum": "a5f7f94e7207f7083e4a4f0abcb90c63",
    "settings": {
      "fd_thres": 0.2,
      "testing": false
    },
    "software": "mriqc",
    "version": "21.0.0rc2",
    "webapi_port": null,
    "webapi_url": "https://mriqc.nimh.nih.gov/api/v1"
  },
  "size_t": 220,
  "size_x": 68,
  "size_y": 68,
  "size_z": 44,
  "snr": 4.326384540982865,
  "spacing_tr": 3.0,
  "spacing_x": 3.2352941036224365,
  "spacing_y": 3.2352941036224365,
  "spacing_z": 3.0,
  "summary_bg_k": 31.029325843913554,
  "summary_bg_mad": 4.906066499944846,
  "summary_bg_mean": 28.25416374206543,
  "summary_bg_median": 14.340909004211426,
  "summary_bg_n": 131735.0,
  "summary_bg_p05": 10.840909004211426,
  "summary_bg_p95": 93.03181457519531,
  "summary_bg_stdv": 39.48679733276367,
  "summary_fg_k": 10.239514179183566,
  "summary_fg_mad": 66.14761824024657,
  "summary_fg_mean": 339.8394775390625,
  "summary_fg_median": 334.3931884765625,
  "summary_fg_n": 26010.0,
  "summary_fg_p05": 230.26976470947267,
  "summary_fg_p95": 454.12975921630857,
  "summary_fg_stdv": 77.29011535644531,
  "tsnr": 17.791353463369887
}