{
  "aor": 0.012551545454545456,
  "aqi": 0.03012779,
  "bids_meta": {
    "AcquisitionNumber": 1,
    "AcquisitionTime": "16:46:48.845000",
    "BandwidthPerPixelPhaseEncode": 25.355,
    "BodyPartExamined": "BRAIN",
    "ConversionSoftware": "dcm2niix",
    "ConversionSoftwareVersion": "v1.0.20170624 GCC6.3.0",
    "DeviceSerialNumber": "45685",
    "EchoTime": 0.03,
    "EchoTrainLength": 68,
    "EffectiveEchoSpacing": 0.000579999,
    "FlipAngle": 90,
    "ImageType": [
      "ORIGINAL",
      "PRIMARY",
      "M",
      "ND",
      "MOSAIC"
    ],
    "InstitutionAddress": "HAWKINS_DRIVE_200_IOWA_CITY_IOWA_US_52242",
    "InstitutionName": "UIHC_SKYRA",
    "MagneticFieldStrength": 3,
    "Manufacturer": "Siemens",
    "ManufacturersModelName": "Skyra",
    "PhaseEncodingDirection": "j-",
    "PhaseEncodingLines": 68,
    "ProcedureStepDescription": "RESEARCH_HOWARD",
    "ProtocolName": "ES-FMRI",
    "RepetitionTime": 3,
    "ScanningSequence": "EP",
    "SequenceName": "_epfid2d1_68",
    "SequenceVariant": "SK",
    "SeriesDescription": "ES-FMRI",
    "SliceTiming": [
      1.44,
      0,
      1.505,
      0.065,
      1.5725,
      0.1325,
      1.6375,
      0.1975,
      1.7025,
      0.2625,
      1.7675,
      0.3275,
      1.8325,
      0.3925,
      1.8975,
      0.4575,
      1.965,
      0.525,
      2.03,
      0.59,
      2.095,
      0.655,
      2.16,
      0.72,
      2.225,
      0.785,
      2.2925,
      0.8525,
      2.3575,
      0.9175,
      2.4225,
      0.9825,
      2.4875,
      1.0475,
      2.5525,
      1.1125,
      2.6175,
      1.1775,
      2.685,
      1.245,
      2.75,
      1.31,
      2.815,
      1.375
    ],
    "SoftwareVersions": "syngo_MR_E11",
    "TaskName": "es",
    "TotalReadoutTime": 0.03886,
    "dataset": "ds002799",
    "modality": "bold",
    "run_id": 4,
    "session_id": "postop",
    "subject_id": "384",
    "task_id": "es"
  },
  "dummy_trs": 0,
  "dvars_nstd": 76.06489254666668,
  "dvars_std": 1.2394931990867586,
  "dvars_vstd": 1.1098688558447485,
  "efc": 0.5453436636587428,
  "fber": 459.71148681640625,
  "fd_mean": 1.0956553045386257,
  "fd_num": 198,
  "fd_perc": 90.0,
  "fwhm_avg": 2.059767197734893,
  "fwhm_x": 1.8869752809070903,
  "fwhm_y": 2.1378396456309217,
  "fwhm_z": 2.1544866666666667,
  "gcor": 0.0360971,
  "gsr_x": -0.012906341813504696,
  "gsr_y": 0.03316532447934151,
  "provenance": {
    "md5sum": "e8e6c0a14e1f797a180055c5c44fe28a",
    "settings": {
      "fd_thres": 0.2,
      "testing": false
    },
    "software": "mriqc",
    "version": "21.0.0rc2",
    "webapi_port": null,
    "webapi_url": "https://mriqc.nimh.nih.gov/api/v1"
  },
  "size_t": 220,
  "size_x": 68,
  "size_y": 68,
  "size_z": 44,
  "snr": 4.25090638304513,
  "spacing_tr": 3.0,
  "spacing_x": 3.2352941036224365,
  "spacing_y": 3.2352941036224365,
  "spacing_z": 3.0,
  "summary_bg_k": 25.55147021918423,
  "summary_bg_mad": 5.040846977351184,
  "summary_bg_mean": 29.836244583129883,
  "summary_bg_median": 14.209090232849121,
  "summary_bg_n": 133179.0,
  "summary_bg_p05": 10.645454406738281,
  "summary_bg_p95": 107.14045104980433,
  "summary_bg_stdv": 43.19906234741211,
  "summary_fg_k": 8.792039015272618,
  "summary_fg_mad": 67.18882867583496,
  "summary_fg_mean": 333.4790344238281,
  "summary_fg_median": 328.8045349121094,
  "summary_fg_n": 25677.0,
  "summary_fg_p05": 222.15908203125002,
  "summary_fg_p95": 447.0563537597656,
  "summary_fg_stdv": 77.34777069091797,
  "tsnr": 20.195425844140118
}