{
  "aor": 0.005496666666666666,
  "aqi": 0.01630011452380952,
  "bids_meta": {
    "AcquisitionMatrixPE": 68,
    "AcquisitionNumber": 1,
    "AcquisitionTime": "17:14:8.062500",
    "BandwidthPerPixelPhaseEncode": 25.355,
    "BaseResolution": 68,
    "BodyPartExamined": "BRAIN",
    "ConsistencyInfo": "N4_VD13C_LATEST_20121124",
    "ConversionSoftware": "dcm2niix",
    "ConversionSoftwareVersion": "v1.0.20171103 (OpenJPEG build) GCC6.3.0",
    "DelayTime": 0.1,
    "DerivedVendorReportedEchoSpacing": 0.000579999,
    "DeviceSerialNumber": "45685",
    "DwellTime": 3.8e-06,
    "EchoTime": 0.03,
    "EchoTrainLength": 68,
    "EffectiveEchoSpacing": 0.000579999,
    "FlipAngle": 90,
    "ImageOrientationPatientDICOM": [
      1,
      0,
      0,
      0,
      1,
      0
    ],
    "ImageType": [
      "ORIGINAL",
      "PRIMARY",
      "M",
      "ND",
      "MOSAIC"
    ],
    "InPlanePhaseEncodingDirectionDICOM": "COL",
    "InstitutionAddress": "HAWKINS_DRIVE_200_IOWA_CITY_IOWA_US_52242",
    "InstitutionName": "UIHC",
    "InstitutionalDepartmentName": "Department",
    "MRAcquisitionType": "2D",
    "MagneticFieldStrength": 3,
    "Manufacturer": "Siemens",
    "ManufacturersModelName": "Skyra",
    "Modality": "MR",
    "PartialFourier": 1,
    "PatientPosition": "HFS",
    "PercentPhaseFOV": 100,
    "PhaseEncodingDirection": "j-",
    "PhaseEncodingSteps": 68,
    "PhaseResolution": 1,
    "PixelBandwidth": 1935,
    "ProcedureStepDescription": "RESEARCH_HOWARD",
    "ProtocolName": "ES-FMRI",
    "PulseSequenceDetails": "%SiemensSeq%_ep2d_pace",
    "ReceiveCoilActiveElements": "HE",
    "ReceiveCoilName": "Head_TxRx",
    "ReconMatrixPE": 68,
    "RepetitionTime": 3,
    "SAR": 0.138561,
    "ScanOptions": "FS",
    "ScanningSequence": "EP",
    "SequenceName": "_epfid2d1_68",
    "SequenceVariant": "SK",
    "SeriesDescription": "ES-FMRI",
    "SeriesNumber": 3,
    "ShimSetting": [
      -3814,
      -1264,
      -950,
      259,
      133,
      257,
      118,
      194
    ],
    "SliceThickness": 3,
    "SliceTiming": [
      1.4375,
      0,
      1.505,
      0.065,
      1.57,
      0.13,
      1.635,
      0.195,
      1.7,
      0.26,
      1.765,
      0.325,
      1.8325,
      0.3925,
      1.8975,
      0.4575,
      1.9625,
      0.5225,
      2.0275,
      0.5875,
      2.0925,
      0.6525,
      2.1575,
      0.72,
      2.225,
      0.785,
      2.29,
      0.85,
      2.355,
      0.915,
      2.42,
      0.98,
      2.485,
      1.045,
      2.5525,
      1.1125,
      2.6175,
      1.1775,
      2.6825,
      1.2425,
      2.7475,
      1.3075,
      2.8125,
      1.3725
    ],
    "SoftwareVersions": "syngo_MR_D13C",
    "SpacingBetweenSlices": 3,
    "StationName": "AWP45685",
    "TaskName": "es",
    "TotalReadoutTime": 0.03886,
    "TxRefAmp": 205.537,
    "dataset": "ds002799",
    "modality": "bold",
    "run_id": 1,
    "session_id": "postop",
    "subject_id": "314",
    "task_id": "es"
  },
  "dummy_trs": 0,
  "dvars_nstd": 61.04525200167461,
  "dvars_std": 1.1988596949760768,
  "dvars_vstd": 1.0421058967942587,
  "efc": 0.4709828092292253,
  "fber": 1993.70849609375,
  "fd_mean": 0.5620448164150603,
  "fd_num": 190,
  "fd_perc": 90.47619047619048,
  "fwhm_avg": 2.265079420702888,
  "fwhm_x": 2.188629464032908,
  "fwhm_y": 2.3523054647424244,
  "fwhm_z": 2.254303333333333,
  "gcor": 0.0570338,
  "gsr_x": -0.013577325269579887,
  "gsr_y": 0.020003655925393105,
  "provenance": {
    "md5sum": "0383880d83178d68974034669e63b307",
    "settings": {
      "fd_thres": 0.2,
      "testing": false
    },
    "software": "mriqc",
    "version": "21.0.0rc2",
    "webapi_port": null,
    "webapi_url": "https://mriqc.nimh.nih.gov/api/v1"
  },
  "size_t": 210,
  "size_x": 68,
  "size_y": 68,
  "size_z": 44,
  "snr": 4.363212030937752,
  "spacing_tr": 3.0,
  "spacing_x": 3.2352941036224365,
  "spacing_y": 3.2352941036224365,
  "spacing_z": 3.0,
  "summary_bg_k": 42.25840778837001,
  "summary_bg_mad": 1.842662514899307,
  "summary_bg_mean": 15.993227005004883,
  "summary_bg_median": 6.128571510314941,
  "summary_bg_n": 140304.0,
  "summary_bg_p05": 4.819047927856445,
  "summary_bg_p95": 59.69928665161136,
  "summary_bg_stdv": 28.878934860229492,
  "summary_fg_k": 1.1928799646905066,
  "summary_fg_mad": 54.9480511261405,
  "summary_fg_mean": 291.8413391113281,
  "summary_fg_median": 287.683349609375,
  "summary_fg_n": 23736.0,
  "summary_fg_p05": 183.5559539794922,
  "summary_fg_p95": 406.1607360839844,
  "summary_fg_stdv": 65.93245697021484,
  "tsnr": 28.95728591119405
}