{
  "aor": 0.001865190476190476,
  "aqi": 0.017096841666666668,
  "bids_meta": {
    "AcquisitionMatrixPE": 68,
    "AcquisitionNumber": 1,
    "AcquisitionTime": "17:29:50.397500",
    "BandwidthPerPixelPhaseEncode": 25.355,
    "BaseResolution": 68,
    "BodyPartExamined": "BRAIN",
    "ConsistencyInfo": "N4_VD13C_LATEST_20121124",
    "ConversionSoftware": "dcm2niix",
    "ConversionSoftwareVersion": "v1.0.20171103 (OpenJPEG build) GCC6.3.0",
    "DelayTime": 0.1,
    "DerivedVendorReportedEchoSpacing": 0.000579999,
    "DeviceSerialNumber": "45685",
    "DwellTime": 3.8e-06,
    "EchoTime": 0.028,
    "EchoTrainLength": 68,
    "EffectiveEchoSpacing": 0.000579999,
    "FlipAngle": 90,
    "ImageOrientationPatientDICOM": [
      1,
      0,
      0,
      0,
      1,
      0
    ],
    "ImageType": [
      "ORIGINAL",
      "PRIMARY",
      "M",
      "ND",
      "MOSAIC"
    ],
    "InPlanePhaseEncodingDirectionDICOM": "COL",
    "InstitutionAddress": "HAWKINS_DRIVE_200_IOWA_CITY_IOWA_US_52242",
    "InstitutionName": "UIHC",
    "InstitutionalDepartmentName": "Department",
    "MRAcquisitionType": "2D",
    "MagneticFieldStrength": 3,
    "Manufacturer": "Siemens",
    "ManufacturersModelName": "Skyra",
    "Modality": "MR",
    "PartialFourier": 1,
    "PatientPosition": "HFS",
    "PercentPhaseFOV": 100,
    "PhaseEncodingDirection": "j-",
    "PhaseEncodingSteps": 68,
    "PhaseResolution": 1,
    "PixelBandwidth": 1935,
    "ProcedureStepDescription": "RESEARCH_HOWARD",
    "ProtocolName": "ES-FMRI",
    "PulseSequenceDetails": "%SiemensSeq%_ep2d_pace",
    "ReceiveCoilActiveElements": "HE",
    "ReceiveCoilName": "Head_TxRx",
    "ReconMatrixPE": 68,
    "RepetitionTime": 3,
    "SAR": 0.138561,
    "ScanOptions": "FS",
    "ScanningSequence": "EP",
    "SequenceName": "_epfid2d1_68",
    "SequenceVariant": "SK",
    "SeriesDescription": "ES-FMRI",
    "SeriesNumber": 5,
    "ShimSetting": [
      -3814,
      -1264,
      -950,
      259,
      133,
      257,
      118,
      194
    ],
    "SliceThickness": 3,
    "SliceTiming": [
      1.44,
      0,
      1.505,
      0.065,
      1.57,
      0.13,
      1.635,
      0.195,
      1.7,
      0.26,
      1.765,
      0.3275,
      1.8325,
      0.3925,
      1.8975,
      0.4575,
      1.9625,
      0.5225,
      2.0275,
      0.5875,
      2.0925,
      0.6525,
      2.16,
      0.72,
      2.225,
      0.785,
      2.29,
      0.85,
      2.355,
      0.915,
      2.42,
      0.98,
      2.485,
      1.045,
      2.5525,
      1.1125,
      2.6175,
      1.1775,
      2.6825,
      1.2425,
      2.7475,
      1.3075,
      2.8125,
      1.3725
    ],
    "SoftwareVersions": "syngo_MR_D13C",
    "SpacingBetweenSlices": 3,
    "StationName": "AWP45685",
    "TaskName": "es",
    "TotalReadoutTime": 0.03886,
    "TxRefAmp": 205.537,
    "dataset": "ds002799",
    "modality": "bold",
    "run_id": 2,
    "session_id": "postop",
    "subject_id": "314",
    "task_id": "es"
  },
  "dummy_trs": 0,
  "dvars_nstd": 65.64520790263157,
  "dvars_std": 1.170372195933015,
  "dvars_vstd": 1.0107009506220093,
  "efc": 0.48026092310979923,
  "fber": 1971.48681640625,
  "fd_mean": 0.5678416799710746,
  "fd_num": 190,
  "fd_perc": 90.47619047619048,
  "fwhm_avg": 2.3420906128198187,
  "fwhm_x": 2.2602891007071806,
  "fwhm_y": 2.417492737752276,
  "fwhm_z": 2.34849,
  "gcor": 0.0310851,
  "gsr_x": -0.014696931466460228,
  "gsr_y": 0.020490188151597977,
  "provenance": {
    "md5sum": "c6ed31f454b74ad322a7ec7c676d2770",
    "settings": {
      "fd_thres": 0.2,
      "testing": false
    },
    "software": "mriqc",
    "version": "21.0.0rc2",
    "webapi_port": null,
    "webapi_url": "https://mriqc.nimh.nih.gov/api/v1"
  },
  "size_t": 210,
  "size_x": 68,
  "size_y": 68,
  "size_z": 44,
  "snr": 4.453969619910342,
  "spacing_tr": 3.0,
  "spacing_x": 3.2352941036224365,
  "spacing_y": 3.2352941036224365,
  "spacing_z": 3.0,
  "summary_bg_k": 36.211087769273,
  "summary_bg_mad": 2.026222513520448,
  "summary_bg_mean": 17.237699508666992,
  "summary_bg_median": 6.27142858505249,
  "summary_bg_n": 139138.0,
  "summary_bg_p05": 4.842857360839844,
  "summary_bg_p95": 65.31571464538568,
  "summary_bg_stdv": 30.6627140045166,
  "summary_fg_k": 0.8073607364012725,
  "summary_fg_mad": 56.324722483926,
  "summary_fg_mean": 296.0276794433594,
  "summary_fg_median": 294.0142822265625,
  "summary_fg_n": 24761.0,
  "summary_fg_p05": 184.9857177734375,
  "summary_fg_p95": 409.5428771972656,
  "summary_fg_stdv": 66.01040649414062,
  "tsnr": 27.439288635388948
}