{
  "aor": 0.0070607142857142865,
  "aqi": 0.016166473952380953,
  "bids_meta": {
    "AcquisitionMatrixPE": 68,
    "AcquisitionNumber": 1,
    "AcquisitionTime": "17:42:33.115000",
    "BandwidthPerPixelPhaseEncode": 25.355,
    "BaseResolution": 68,
    "BodyPartExamined": "BRAIN",
    "ConsistencyInfo": "N4_VD13C_LATEST_20121124",
    "ConversionSoftware": "dcm2niix",
    "ConversionSoftwareVersion": "v1.0.20171103 (OpenJPEG build) GCC6.3.0",
    "DelayTime": 0.1,
    "DerivedVendorReportedEchoSpacing": 0.000579999,
    "DeviceSerialNumber": "45685",
    "DwellTime": 3.8e-06,
    "EchoTime": 0.028,
    "EchoTrainLength": 68,
    "EffectiveEchoSpacing": 0.000579999,
    "FlipAngle": 90,
    "ImageOrientationPatientDICOM": [
      1,
      0,
      0,
      0,
      1,
      0
    ],
    "ImageType": [
      "ORIGINAL",
      "PRIMARY",
      "M",
      "ND",
      "MOSAIC"
    ],
    "InPlanePhaseEncodingDirectionDICOM": "COL",
    "InstitutionAddress": "HAWKINS_DRIVE_200_IOWA_CITY_IOWA_US_52242",
    "InstitutionName": "UIHC",
    "InstitutionalDepartmentName": "Department",
    "MRAcquisitionType": "2D",
    "MagneticFieldStrength": 3,
    "Manufacturer": "Siemens",
    "ManufacturersModelName": "Skyra",
    "Modality": "MR",
    "PartialFourier": 1,
    "PatientPosition": "HFS",
    "PercentPhaseFOV": 100,
    "PhaseEncodingDirection": "j-",
    "PhaseEncodingSteps": 68,
    "PhaseResolution": 1,
    "PixelBandwidth": 1935,
    "ProcedureStepDescription": "RESEARCH_HOWARD",
    "ProtocolName": "ES-FMRI",
    "PulseSequenceDetails": "%SiemensSeq%_ep2d_pace",
    "ReceiveCoilActiveElements": "HE",
    "ReceiveCoilName": "Head_TxRx",
    "ReconMatrixPE": 68,
    "RepetitionTime": 3,
    "SAR": 0.138561,
    "ScanOptions": "FS",
    "ScanningSequence": "EP",
    "SequenceName": "_epfid2d1_68",
    "SequenceVariant": "SK",
    "SeriesDescription": "ES-FMRI",
    "SeriesNumber": 7,
    "ShimSetting": [
      -3814,
      -1264,
      -950,
      259,
      133,
      257,
      118,
      194
    ],
    "SliceThickness": 3,
    "SliceTiming": [
      1.44,
      0,
      1.505,
      0.065,
      1.57,
      0.13,
      1.635,
      0.195,
      1.7,
      0.26,
      1.765,
      0.3275,
      1.8325,
      0.3925,
      1.8975,
      0.4575,
      1.9625,
      0.5225,
      2.0275,
      0.5875,
      2.0925,
      0.6525,
      2.16,
      0.72,
      2.225,
      0.785,
      2.29,
      0.85,
      2.355,
      0.915,
      2.42,
      0.98,
      2.485,
      1.045,
      2.5525,
      1.1125,
      2.6175,
      1.1775,
      2.6825,
      1.2425,
      2.7475,
      1.3075,
      2.8125,
      1.3725
    ],
    "SoftwareVersions": "syngo_MR_D13C",
    "SpacingBetweenSlices": 3,
    "StationName": "AWP45685",
    "TaskName": "es",
    "TotalReadoutTime": 0.03886,
    "TxRefAmp": 205.537,
    "dataset": "ds002799",
    "modality": "bold",
    "run_id": 3,
    "session_id": "postop",
    "subject_id": "314",
    "task_id": "es"
  },
  "dummy_trs": 0,
  "dvars_nstd": 58.82422337650718,
  "dvars_std": 1.2096719987559814,
  "dvars_vstd": 1.0695777454066993,
  "efc": 0.4827511668029836,
  "fber": 1977.2093505859375,
  "fd_mean": 0.547787772193148,
  "fd_num": 178,
  "fd_perc": 84.76190476190476,
  "fwhm_avg": 2.268156693438357,
  "fwhm_x": 2.2159500096058844,
  "fwhm_y": 2.330656737375852,
  "fwhm_z": 2.2578633333333333,
  "gcor": 0.0394031,
  "gsr_x": -0.014612388797104359,
  "gsr_y": 0.02225903607904911,
  "provenance": {
    "md5sum": "f229cdf0525f7eb82b4fcd984a64666f",
    "settings": {
      "fd_thres": 0.2,
      "testing": false
    },
    "software": "mriqc",
    "version": "21.0.0rc2",
    "webapi_port": null,
    "webapi_url": "https://mriqc.nimh.nih.gov/api/v1"
  },
  "size_t": 210,
  "size_x": 68,
  "size_y": 68,
  "size_z": 44,
  "snr": 4.759968849250531,
  "spacing_tr": 3.0,
  "spacing_x": 3.2352941036224365,
  "spacing_y": 3.2352941036224365,
  "spacing_z": 3.0,
  "summary_bg_k": 34.25140607751905,
  "summary_bg_mad": 2.146243790584731,
  "summary_bg_mean": 17.567428588867188,
  "summary_bg_median": 6.34761905670166,
  "summary_bg_n": 139063.0,
  "summary_bg_p05": 4.833333492279053,
  "summary_bg_p95": 67.25238037109375,
  "summary_bg_stdv": 31.180824279785156,
  "summary_fg_k": 0.7559811996883017,
  "summary_fg_mad": 53.95965341758918,
  "summary_fg_mean": 298.4497985839844,
  "summary_fg_median": 296.952392578125,
  "summary_fg_n": 24701.0,
  "summary_fg_p05": 191.9666748046875,
  "summary_fg_p95": 402.2619323730469,
  "summary_fg_stdv": 62.38410186767578,
  "tsnr": 29.338903320604004
}