{
  "aor": 0.0013813122171945703,
  "aqi": 0.010562695610859726,
  "bids_meta": {
    "AcquisitionMatrixPE": 68,
    "AcquisitionNumber": 1,
    "AcquisitionTime": "17:23:36.325000",
    "BandwidthPerPixelPhaseEncode": 25.355,
    "BaseResolution": 68,
    "BodyPartExamined": "BRAIN",
    "ConsistencyInfo": "N4_VE11A_LATEST_20140830",
    "ConversionSoftware": "dcm2niix",
    "ConversionSoftwareVersion": "v1.0.20171103 (OpenJPEG build) GCC6.3.0",
    "DelayTime": 0.1,
    "DerivedVendorReportedEchoSpacing": 0.000579999,
    "DeviceSerialNumber": "45685",
    "DwellTime": 3.8e-06,
    "EchoTime": 0.03,
    "EchoTrainLength": 68,
    "EffectiveEchoSpacing": 0.000579999,
    "FlipAngle": 90,
    "ImageOrientationPatientDICOM": [
      1,
      0,
      0,
      0,
      1,
      0
    ],
    "ImageType": [
      "ORIGINAL",
      "PRIMARY",
      "M",
      "ND",
      "MOSAIC"
    ],
    "InPlanePhaseEncodingDirectionDICOM": "COL",
    "InstitutionAddress": "HAWKINS_DRIVE_200_IOWA_CITY_IOWA_US_52242",
    "InstitutionName": "UIHC_SKYRA",
    "InstitutionalDepartmentName": "Department",
    "MRAcquisitionType": "2D",
    "MagneticFieldStrength": 3,
    "Manufacturer": "Siemens",
    "ManufacturersModelName": "Skyra",
    "Modality": "MR",
    "PartialFourier": 1,
    "PatientPosition": "HFS",
    "PercentPhaseFOV": 100,
    "PhaseEncodingDirection": "j-",
    "PhaseEncodingSteps": 68,
    "PhaseResolution": 1,
    "PixelBandwidth": 1935,
    "ProcedureStepDescription": "RESEARCH_HOWARD",
    "ProtocolName": "ES-FMRI",
    "PulseSequenceDetails": "%SiemensSeq%_ep2d_pace",
    "ReceiveCoilActiveElements": "HE",
    "ReceiveCoilName": "Head_TxRx",
    "ReconMatrixPE": 68,
    "RepetitionTime": 3,
    "SAR": 0.123504,
    "ScanOptions": "FS",
    "ScanningSequence": "EP",
    "SequenceName": "_epfid2d1_68",
    "SequenceVariant": "SK",
    "SeriesDescription": "ES-FMRI",
    "SeriesNumber": 27,
    "ShimSetting": [
      -3848,
      -1286,
      -941,
      130,
      123,
      -465,
      128,
      448
    ],
    "SliceThickness": 3,
    "SliceTiming": [
      1.44,
      0,
      1.505,
      0.065,
      1.57,
      0.13,
      1.635,
      0.1975,
      1.7025,
      0.2625,
      1.7675,
      0.3275,
      1.8325,
      0.3925,
      1.8975,
      0.4575,
      1.9625,
      0.5225,
      2.03,
      0.59,
      2.095,
      0.655,
      2.16,
      0.72,
      2.225,
      0.785,
      2.29,
      0.85,
      2.355,
      0.915,
      2.4225,
      0.9825,
      2.4875,
      1.0475,
      2.5525,
      1.1125,
      2.6175,
      1.1775,
      2.6825,
      1.2425,
      2.75,
      1.31,
      2.815,
      1.375
    ],
    "SoftwareVersions": "syngo_MR_E11",
    "SpacingBetweenSlices": 3,
    "StationName": "AWP45685",
    "TaskName": "es",
    "TotalReadoutTime": 0.03886,
    "TxRefAmp": 228.272,
    "dataset": "ds002799",
    "modality": "bold",
    "run_id": 7,
    "session_id": "postop",
    "subject_id": "372",
    "task_id": "es"
  },
  "dummy_trs": 0,
  "dvars_nstd": 43.362542490636365,
  "dvars_std": 1.2200150426363638,
  "dvars_vstd": 1.0232710423636364,
  "efc": 0.5278503183302905,
  "fber": 1116.9112548828125,
  "fd_mean": 0.31836835111047784,
  "fd_num": 130,
  "fd_perc": 58.8235294117647,
  "fwhm_avg": 2.2131172589025527,
  "fwhm_x": 2.090313827243085,
  "fwhm_y": 2.323161282797906,
  "fwhm_z": 2.2258766666666667,
  "gcor": 0.0233083,
  "gsr_x": -0.024528414011001587,
  "gsr_y": 0.04101802408695221,
  "provenance": {
    "md5sum": "d9931e908ef3ad01a099c7831418ac50",
    "settings": {
      "fd_thres": 0.2,
      "testing": false
    },
    "software": "mriqc",
    "version": "21.0.0rc2",
    "webapi_port": null,
    "webapi_url": "https://mriqc.nimh.nih.gov/api/v1"
  },
  "size_t": 221,
  "size_x": 68,
  "size_y": 68,
  "size_z": 44,
  "snr": 3.933788402925884,
  "spacing_tr": 3.0,
  "spacing_x": 3.2352941036224365,
  "spacing_y": 3.2352941036224365,
  "spacing_z": 3.0,
  "summary_bg_k": 33.14253255127677,
  "summary_bg_mad": 3.253674446359921,
  "summary_bg_mean": 17.498125076293945,
  "summary_bg_median": 6.8416290283203125,
  "summary_bg_n": 130156.0,
  "summary_bg_p05": 4.561086177825928,
  "summary_bg_p95": 67.29072761535645,
  "summary_bg_stdv": 29.193172454833984,
  "summary_fg_k": 2.0768575530420987,
  "summary_fg_mad": 50.019387362233715,
  "summary_fg_mean": 243.61351013183594,
  "summary_fg_median": 234.9004669189453,
  "summary_fg_n": 34087.0,
  "summary_fg_p05": 162.61312713623047,
  "summary_fg_p95": 357.70047302246087,
  "summary_fg_stdv": 59.71267318725586,
  "tsnr": 42.822776196640916
}