{
  "aor": 0.002810215517241379,
  "aqi": 0.013534380603448278,
  "bids_meta": {
    "AcquisitionMatrixPE": 68,
    "AcquisitionNumber": 1,
    "AcquisitionTime": "18:17:53.452500",
    "BandwidthPerPixelPhaseEncode": 25.355,
    "BaseResolution": 68,
    "BodyPartExamined": "BRAIN",
    "ConsistencyInfo": "N4_VE11A_LATEST_20140830",
    "ConversionSoftware": "dcm2niix",
    "ConversionSoftwareVersion": "v1.0.20171103 (OpenJPEG build) GCC6.3.0",
    "DelayTime": 0.1,
    "DerivedVendorReportedEchoSpacing": 0.000579999,
    "DeviceSerialNumber": "45685",
    "DwellTime": 3.8e-06,
    "EchoTime": 0.03,
    "EchoTrainLength": 68,
    "EffectiveEchoSpacing": 0.000579999,
    "FlipAngle": 90,
    "ImageOrientationPatientDICOM": [
      1,
      0,
      0,
      0,
      1,
      0
    ],
    "ImageType": [
      "ORIGINAL",
      "PRIMARY",
      "M",
      "ND",
      "MOSAIC"
    ],
    "InPlanePhaseEncodingDirectionDICOM": "COL",
    "InstitutionAddress": "HAWKINS_DRIVE_200_IOWA_CITY_IOWA_US_52242",
    "InstitutionName": "UIHC_SKYRA",
    "InstitutionalDepartmentName": "Department",
    "MRAcquisitionType": "2D",
    "MagneticFieldStrength": 3,
    "Manufacturer": "Siemens",
    "ManufacturersModelName": "Skyra",
    "Modality": "MR",
    "PartialFourier": 1,
    "PatientPosition": "HFS",
    "PercentPhaseFOV": 100,
    "PhaseEncodingDirection": "j-",
    "PhaseEncodingSteps": 68,
    "PhaseResolution": 1,
    "PixelBandwidth": 1935,
    "ProcedureStepDescription": "RESEARCH_HOWARD",
    "ProtocolName": "ES-FMRI",
    "PulseSequenceDetails": "%SiemensSeq%_ep2d_pace",
    "ReceiveCoilActiveElements": "HE",
    "ReceiveCoilName": "Head_TxRx",
    "ReconMatrixPE": 68,
    "RepetitionTime": 3,
    "SAR": 0.120587,
    "ScanOptions": "FS",
    "ScanningSequence": "EP",
    "SequenceName": "_epfid2d1_68",
    "SequenceVariant": "SK",
    "SeriesDescription": "ES-FMRI",
    "SeriesNumber": 25,
    "ShimSetting": [
      -3819,
      -1433,
      -868,
      341,
      296,
      -88,
      238,
      71
    ],
    "SliceThickness": 3,
    "SliceTiming": [
      1.44,
      0,
      1.505,
      0.065,
      1.57,
      0.13,
      1.6375,
      0.1975,
      1.7025,
      0.2625,
      1.7675,
      0.3275,
      1.8325,
      0.3925,
      1.8975,
      0.4575,
      1.9625,
      0.525,
      2.03,
      0.59,
      2.095,
      0.655,
      2.16,
      0.72,
      2.225,
      0.785,
      2.29,
      0.85,
      2.3575,
      0.9175,
      2.4225,
      0.9825,
      2.4875,
      1.0475,
      2.5525,
      1.1125,
      2.6175,
      1.1775,
      2.6825,
      1.2425,
      2.75,
      1.31,
      2.815,
      1.375
    ],
    "SoftwareVersions": "syngo_MR_E11",
    "SpacingBetweenSlices": 3,
    "StationName": "AWP45685",
    "TaskName": "es",
    "TotalReadoutTime": 0.03886,
    "TxRefAmp": 219.033,
    "dataset": "ds002799",
    "modality": "bold",
    "run_id": 9,
    "session_id": "postop",
    "subject_id": "335",
    "task_id": "es"
  },
  "dummy_trs": 0,
  "dvars_nstd": 47.51883380411255,
  "dvars_std": 1.186554437662338,
  "dvars_vstd": 1.0110417965800869,
  "efc": 0.5088752343873791,
  "fber": 1467.832275390625,
  "fd_mean": 0.35400498310471773,
  "fd_num": 152,
  "fd_perc": 65.51724137931035,
  "fwhm_avg": 2.1711087133823397,
  "fwhm_x": 2.043563827040429,
  "fwhm_y": 2.324465646439924,
  "fwhm_z": 2.1452966666666664,
  "gcor": 0.0274158,
  "gsr_x": -0.025039074942469597,
  "gsr_y": 0.028501035645604134,
  "provenance": {
    "md5sum": "48ecaa70397b8e83e72321509f0119b0",
    "settings": {
      "fd_thres": 0.2,
      "testing": false
    },
    "software": "mriqc",
    "version": "21.0.0rc2",
    "webapi_port": null,
    "webapi_url": "https://mriqc.nimh.nih.gov/api/v1"
  },
  "size_t": 232,
  "size_x": 68,
  "size_y": 68,
  "size_z": 44,
  "snr": 4.378629113592798,
  "spacing_tr": 3.0,
  "spacing_x": 3.2352941036224365,
  "spacing_y": 3.2352941036224365,
  "spacing_z": 3.0,
  "summary_bg_k": 33.55054979567543,
  "summary_bg_mad": 2.6648497259835917,
  "summary_bg_mean": 18.55854034423828,
  "summary_bg_median": 6.637930870056152,
  "summary_bg_n": 133808.0,
  "summary_bg_p05": 4.762930870056152,
  "summary_bg_p95": 72.10172271728506,
  "summary_bg_stdv": 32.84236526489258,
  "summary_fg_k": 1.1485955439497761,
  "summary_fg_mad": 55.054400507079144,
  "summary_fg_mean": 268.8658142089844,
  "summary_fg_median": 266.65948486328125,
  "summary_fg_n": 28736.0,
  "summary_fg_p05": 173.5775909423828,
  "summary_fg_p95": 370.6540985107422,
  "summary_fg_stdv": 60.89916229248047,
  "tsnr": 35.26158722874243
}