{
  "aor": 0.0011308189655172415,
  "aqi": 0.022495609310344826,
  "bids_meta": {
    "AcquisitionMatrixPE": 68,
    "AcquisitionNumber": 1,
    "AcquisitionTime": "16:23:35.355000",
    "BandwidthPerPixelPhaseEncode": 25.355,
    "BaseResolution": 68,
    "BodyPartExamined": "BRAIN",
    "ConsistencyInfo": "N4_VE11A_LATEST_20140830",
    "ConversionSoftware": "dcm2niix",
    "ConversionSoftwareVersion": "v1.0.20171103 (OpenJPEG build) GCC6.3.0",
    "DelayTime": 0.1,
    "DerivedVendorReportedEchoSpacing": 0.000579999,
    "DeviceSerialNumber": "45685",
    "DwellTime": 3.8e-06,
    "EchoTime": 0.03,
    "EchoTrainLength": 68,
    "EffectiveEchoSpacing": 0.000579999,
    "FlipAngle": 90,
    "ImageOrientationPatientDICOM": [
      1,
      0,
      0,
      0,
      1,
      0
    ],
    "ImageType": [
      "ORIGINAL",
      "PRIMARY",
      "M",
      "ND",
      "MOSAIC"
    ],
    "InPlanePhaseEncodingDirectionDICOM": "COL",
    "InstitutionAddress": "HAWKINS_DRIVE_200_IOWA_CITY_IOWA_US_52242",
    "InstitutionName": "UIHC_SKYRA",
    "InstitutionalDepartmentName": "Department",
    "MRAcquisitionType": "2D",
    "MagneticFieldStrength": 3,
    "Manufacturer": "Siemens",
    "ManufacturersModelName": "Skyra",
    "Modality": "MR",
    "PartialFourier": 1,
    "PatientPosition": "HFS",
    "PercentPhaseFOV": 100,
    "PhaseEncodingDirection": "j-",
    "PhaseEncodingSteps": 68,
    "PhaseResolution": 1,
    "PixelBandwidth": 1935,
    "ProcedureStepDescription": "RESEARCH_HOWARD",
    "ProtocolName": "ES-FMRI",
    "PulseSequenceDetails": "%SiemensSeq%_ep2d_pace",
    "ReceiveCoilActiveElements": "HE",
    "ReceiveCoilName": "Head_TxRx",
    "ReconMatrixPE": 68,
    "RepetitionTime": 3,
    "SAR": 0.120587,
    "ScanOptions": "FS",
    "ScanningSequence": "EP",
    "SequenceName": "_epfid2d1_68",
    "SequenceVariant": "SK",
    "SeriesDescription": "ES-FMRI",
    "SeriesNumber": 5,
    "ShimSetting": [
      -3819,
      -1433,
      -868,
      341,
      296,
      -88,
      238,
      71
    ],
    "SliceThickness": 3,
    "SliceTiming": [
      1.44,
      0,
      1.505,
      0.065,
      1.57,
      0.13,
      1.635,
      0.195,
      1.7,
      0.26,
      1.7675,
      0.3275,
      1.8325,
      0.3925,
      1.8975,
      0.4575,
      1.9625,
      0.5225,
      2.0275,
      0.5875,
      2.095,
      0.655,
      2.16,
      0.72,
      2.225,
      0.785,
      2.29,
      0.85,
      2.355,
      0.915,
      2.42,
      0.98,
      2.4875,
      1.0475,
      2.5525,
      1.1125,
      2.6175,
      1.1775,
      2.6825,
      1.2425,
      2.7475,
      1.3075,
      2.815,
      1.375
    ],
    "SoftwareVersions": "syngo_MR_E11",
    "SpacingBetweenSlices": 3,
    "StationName": "AWP45685",
    "TaskName": "es",
    "TotalReadoutTime": 0.03886,
    "TxRefAmp": 219.033,
    "dataset": "ds002799",
    "modality": "bold",
    "run_id": 1,
    "session_id": "postop",
    "subject_id": "335",
    "task_id": "es"
  },
  "dummy_trs": 0,
  "dvars_nstd": 47.08510620965367,
  "dvars_std": 1.051804481688312,
  "dvars_vstd": 0.9496598790043296,
  "efc": 0.5031134046469332,
  "fber": 1492.1141357421875,
  "fd_mean": 0.2819235317256365,
  "fd_num": 130,
  "fd_perc": 56.03448275862069,
  "fwhm_avg": 2.119828228400743,
  "fwhm_x": 2.00459673596242,
  "fwhm_y": 2.2713112825731416,
  "fwhm_z": 2.0835766666666666,
  "gcor": 0.100726,
  "gsr_x": -0.0288799237459898,
  "gsr_y": 0.030024606734514236,
  "provenance": {
    "md5sum": "5764e6c3bbcaf747b79b73b24079a8e4",
    "settings": {
      "fd_thres": 0.2,
      "testing": false
    },
    "software": "mriqc",
    "version": "21.0.0rc2",
    "webapi_port": null,
    "webapi_url": "https://mriqc.nimh.nih.gov/api/v1"
  },
  "size_t": 232,
  "size_x": 68,
  "size_y": 68,
  "size_z": 44,
  "snr": 4.4153902730076044,
  "spacing_tr": 3.0,
  "spacing_x": 3.2352941036224365,
  "spacing_y": 3.2352941036224365,
  "spacing_z": 3.0,
  "summary_bg_k": 39.010404443769055,
  "summary_bg_mad": 2.5753825457523445,
  "summary_bg_mean": 18.357404708862305,
  "summary_bg_median": 6.814655303955078,
  "summary_bg_n": 134657.0,
  "summary_bg_p05": 5.004310131072998,
  "summary_bg_p95": 69.59051513671875,
  "summary_bg_stdv": 32.97736740112305,
  "summary_fg_k": 1.355486360017366,
  "summary_fg_mad": 55.156621242618655,
  "summary_fg_mean": 278.5543212890625,
  "summary_fg_median": 276.3189697265625,
  "summary_fg_n": 28199.0,
  "summary_fg_p05": 180.3439712524414,
  "summary_fg_p95": 385.2331878662109,
  "summary_fg_stdv": 62.57976150512695,
  "tsnr": 29.237577266641892
}