{
  "aor": 0.0028164502164502165,
  "aqi": 0.006448044545454545,
  "bids_meta": {
    "AcquisitionMatrixPE": 68,
    "AcquisitionNumber": 1,
    "AcquisitionTime": "17:51:54.435000",
    "BandwidthPerPixelPhaseEncode": 25.355,
    "BaseResolution": 68,
    "BodyPartExamined": "BRAIN",
    "ConsistencyInfo": "N4_VE11A_LATEST_20140830",
    "ConversionSoftware": "dcm2niix",
    "ConversionSoftwareVersion": "v1.0.20171103 (OpenJPEG build) GCC6.3.0",
    "DelayTime": 0.1,
    "DerivedVendorReportedEchoSpacing": 0.000579999,
    "DeviceSerialNumber": "45685",
    "DwellTime": 3.8e-06,
    "EchoTime": 0.03,
    "EchoTrainLength": 68,
    "EffectiveEchoSpacing": 0.000579999,
    "FlipAngle": 90,
    "ImageOrientationPatientDICOM": [
      1,
      0,
      0,
      0,
      1,
      0
    ],
    "ImageType": [
      "ORIGINAL",
      "PRIMARY",
      "M",
      "ND",
      "MOSAIC"
    ],
    "InPlanePhaseEncodingDirectionDICOM": "COL",
    "InstitutionAddress": "HAWKINS_DRIVE_200_IOWA_CITY_IOWA_US_52242",
    "InstitutionName": "UIHC_SKYRA",
    "InstitutionalDepartmentName": "Department",
    "MRAcquisitionType": "2D",
    "MagneticFieldStrength": 3,
    "Manufacturer": "Siemens",
    "ManufacturersModelName": "Skyra",
    "Modality": "MR",
    "PartialFourier": 1,
    "PatientPosition": "HFS",
    "PercentPhaseFOV": 100,
    "PhaseEncodingDirection": "j-",
    "PhaseEncodingSteps": 68,
    "PhaseResolution": 1,
    "PixelBandwidth": 1935,
    "ProcedureStepDescription": "RESEARCH_HOWARD",
    "ProtocolName": "ES-FMRI",
    "PulseSequenceDetails": "%SiemensSeq%_ep2d_pace",
    "ReceiveCoilActiveElements": "HE",
    "ReceiveCoilName": "Head_TxRx",
    "ReconMatrixPE": 68,
    "RepetitionTime": 3,
    "SAR": 0.120587,
    "ScanOptions": "FS",
    "ScanningSequence": "EP",
    "SequenceName": "_epfid2d1_68",
    "SequenceVariant": "SK",
    "SeriesDescription": "ES-FMRI",
    "SeriesNumber": 21,
    "ShimSetting": [
      -3819,
      -1433,
      -868,
      341,
      296,
      -88,
      238,
      71
    ],
    "SliceThickness": 3,
    "SliceTiming": [
      1.44,
      0,
      1.505,
      0.065,
      1.57,
      0.13,
      1.635,
      0.195,
      1.7,
      0.26,
      1.765,
      0.325,
      1.8325,
      0.3925,
      1.8975,
      0.4575,
      1.9625,
      0.5225,
      2.0275,
      0.5875,
      2.0925,
      0.6525,
      2.16,
      0.72,
      2.225,
      0.785,
      2.29,
      0.85,
      2.355,
      0.915,
      2.42,
      0.98,
      2.485,
      1.045,
      2.5525,
      1.1125,
      2.6175,
      1.1775,
      2.6825,
      1.2425,
      2.7475,
      1.3075,
      2.8125,
      1.3725
    ],
    "SoftwareVersions": "syngo_MR_E11",
    "SpacingBetweenSlices": 3,
    "StationName": "AWP45685",
    "TaskName": "es",
    "TotalReadoutTime": 0.03886,
    "TxRefAmp": 219.033,
    "dataset": "ds002799",
    "modality": "bold",
    "run_id": 7,
    "session_id": "postop",
    "subject_id": "335",
    "task_id": "es"
  },
  "dummy_trs": 1,
  "dvars_nstd": 34.83380126930435,
  "dvars_std": 1.1669578505652172,
  "dvars_vstd": 1.0413621043913042,
  "efc": 0.509874706094598,
  "fber": 1470.2325439453125,
  "fd_mean": 0.15943947905190362,
  "fd_num": 52,
  "fd_perc": 22.51082251082251,
  "fwhm_avg": 2.095884915214589,
  "fwhm_x": 1.9758141903831057,
  "fwhm_y": 2.2621405552606606,
  "fwhm_z": 2.0497,
  "gcor": 0.0219061,
  "gsr_x": -0.02607988566160202,
  "gsr_y": 0.027059895917773247,
  "provenance": {
    "md5sum": "0fa9e0615cb2a49597248684ed68fb6b",
    "settings": {
      "fd_thres": 0.2,
      "testing": false
    },
    "software": "mriqc",
    "version": "21.0.0rc2",
    "webapi_port": null,
    "webapi_url": "https://mriqc.nimh.nih.gov/api/v1"
  },
  "size_t": 231,
  "size_x": 68,
  "size_y": 68,
  "size_z": 44,
  "snr": 4.5728962954030115,
  "spacing_tr": 3.0,
  "spacing_x": 3.2352941036224365,
  "spacing_y": 3.2352941036224365,
  "spacing_z": 3.0,
  "summary_bg_k": 31.515236652915654,
  "summary_bg_mad": 2.695640654359214,
  "summary_bg_mean": 18.729726791381836,
  "summary_bg_median": 6.670995712280273,
  "summary_bg_n": 134042.0,
  "summary_bg_p05": 4.7748918533325195,
  "summary_bg_p95": 73.75325012207031,
  "summary_bg_stdv": 32.83869171142578,
  "summary_fg_k": 1.3504741080044926,
  "summary_fg_mad": 52.308263126081414,
  "summary_fg_mean": 270.2076416015625,
  "summary_fg_median": 268.1471862792969,
  "summary_fg_n": 28685.0,
  "summary_fg_p05": 178.6883087158203,
  "summary_fg_p95": 368.4199035644531,
  "summary_fg_stdv": 58.63734817504883,
  "tsnr": 45.64145815127995
}