{
  "aor": 0.003055646551724138,
  "aqi": 0.01589192370689655,
  "bids_meta": {
    "AcquisitionMatrixPE": 68,
    "AcquisitionNumber": 1,
    "AcquisitionTime": "18:04:50.792500",
    "BandwidthPerPixelPhaseEncode": 25.355,
    "BaseResolution": 68,
    "BodyPartExamined": "BRAIN",
    "ConsistencyInfo": "N4_VE11A_LATEST_20140830",
    "ConversionSoftware": "dcm2niix",
    "ConversionSoftwareVersion": "v1.0.20171103 (OpenJPEG build) GCC6.3.0",
    "DelayTime": 0.1,
    "DerivedVendorReportedEchoSpacing": 0.000579999,
    "DeviceSerialNumber": "45685",
    "DwellTime": 3.8e-06,
    "EchoTime": 0.03,
    "EchoTrainLength": 68,
    "EffectiveEchoSpacing": 0.000579999,
    "FlipAngle": 90,
    "ImageOrientationPatientDICOM": [
      1,
      0,
      0,
      0,
      1,
      0
    ],
    "ImageType": [
      "ORIGINAL",
      "PRIMARY",
      "M",
      "ND",
      "MOSAIC"
    ],
    "InPlanePhaseEncodingDirectionDICOM": "COL",
    "InstitutionAddress": "HAWKINS_DRIVE_200_IOWA_CITY_IOWA_US_52242",
    "InstitutionName": "UIHC_SKYRA",
    "InstitutionalDepartmentName": "Department",
    "MRAcquisitionType": "2D",
    "MagneticFieldStrength": 3,
    "Manufacturer": "Siemens",
    "ManufacturersModelName": "Skyra",
    "Modality": "MR",
    "PartialFourier": 1,
    "PatientPosition": "HFS",
    "PercentPhaseFOV": 100,
    "PhaseEncodingDirection": "j-",
    "PhaseEncodingSteps": 68,
    "PhaseResolution": 1,
    "PixelBandwidth": 1935,
    "ProcedureStepDescription": "RESEARCH_HOWARD",
    "ProtocolName": "ES-FMRI",
    "PulseSequenceDetails": "%SiemensSeq%_ep2d_pace",
    "ReceiveCoilActiveElements": "HE",
    "ReceiveCoilName": "Head_TxRx",
    "ReconMatrixPE": 68,
    "RepetitionTime": 3,
    "SAR": 0.120587,
    "ScanOptions": "FS",
    "ScanningSequence": "EP",
    "SequenceName": "_epfid2d1_68",
    "SequenceVariant": "SK",
    "SeriesDescription": "ES-FMRI",
    "SeriesNumber": 23,
    "ShimSetting": [
      -3819,
      -1433,
      -868,
      341,
      296,
      -88,
      238,
      71
    ],
    "SliceThickness": 3,
    "SliceTiming": [
      1.44,
      0,
      1.5075,
      0.0675,
      1.5725,
      0.1325,
      1.6375,
      0.1975,
      1.7025,
      0.2625,
      1.7675,
      0.3275,
      1.835,
      0.395,
      1.9,
      0.46,
      1.965,
      0.525,
      2.03,
      0.59,
      2.095,
      0.655,
      2.16,
      0.72,
      2.2275,
      0.7875,
      2.2925,
      0.8525,
      2.3575,
      0.9175,
      2.4225,
      0.9825,
      2.4875,
      1.0475,
      2.555,
      1.115,
      2.62,
      1.18,
      2.685,
      1.245,
      2.75,
      1.31,
      2.815,
      1.375
    ],
    "SoftwareVersions": "syngo_MR_E11",
    "SpacingBetweenSlices": 3,
    "StationName": "AWP45685",
    "TaskName": "es",
    "TotalReadoutTime": 0.03886,
    "TxRefAmp": 219.033,
    "dataset": "ds002799",
    "modality": "bold",
    "run_id": 8,
    "session_id": "postop",
    "subject_id": "335",
    "task_id": "es"
  },
  "dummy_trs": 0,
  "dvars_nstd": 48.54243380852814,
  "dvars_std": 1.1731057822510822,
  "dvars_vstd": 1.0101552462337664,
  "efc": 0.51130335151084,
  "fber": 1449.172119140625,
  "fd_mean": 0.2643268532281625,
  "fd_num": 114,
  "fd_perc": 49.13793103448276,
  "fwhm_avg": 2.1120950768752027,
  "fwhm_x": 2.0066892814260364,
  "fwhm_y": 2.2620292825329056,
  "fwhm_z": 2.0675666666666666,
  "gcor": 0.0228303,
  "gsr_x": -0.025108609348535538,
  "gsr_y": 0.0271912794560194,
  "provenance": {
    "md5sum": "5f91d9f43a644cace94eee061fea3a3e",
    "settings": {
      "fd_thres": 0.2,
      "testing": false
    },
    "software": "mriqc",
    "version": "21.0.0rc2",
    "webapi_port": null,
    "webapi_url": "https://mriqc.nimh.nih.gov/api/v1"
  },
  "size_t": 232,
  "size_x": 68,
  "size_y": 68,
  "size_z": 44,
  "snr": 4.5537942288412605,
  "spacing_tr": 3.0,
  "spacing_x": 3.2352941036224365,
  "spacing_y": 3.2352941036224365,
  "spacing_z": 3.0,
  "summary_bg_k": 30.58423704746722,
  "summary_bg_mad": 2.715974232949921,
  "summary_bg_mean": 18.661251068115234,
  "summary_bg_median": 6.659482955932617,
  "summary_bg_n": 133631.0,
  "summary_bg_p05": 4.75,
  "summary_bg_p95": 73.24568939208984,
  "summary_bg_stdv": 32.87624740600586,
  "summary_fg_k": 1.083062829643735,
  "summary_fg_mad": 53.09890437569311,
  "summary_fg_mean": 267.1212463378906,
  "summary_fg_median": 265.125,
  "summary_fg_n": 29001.0,
  "summary_fg_p05": 177.17672729492188,
  "summary_fg_p95": 363.3793029785156,
  "summary_fg_stdv": 58.21967697143555,
  "tsnr": 34.44411136396229
}