{
  "aor": 0.0014717727272727274,
  "aqi": 0.010578217181818183,
  "bids_meta": {
    "AcquisitionMatrixPE": 68,
    "AcquisitionNumber": 1,
    "AcquisitionTime": "19:00:48.195000",
    "BandwidthPerPixelPhaseEncode": 25.355,
    "BaseResolution": 68,
    "BodyPartExamined": "BRAIN",
    "ConsistencyInfo": "N4_VE11A_LATEST_20140830",
    "ConversionSoftware": "dcm2niix",
    "ConversionSoftwareVersion": "v1.0.20180622 GCC7.3.0",
    "DelayTime": 0.1,
    "DerivedVendorReportedEchoSpacing": 0.000579999,
    "DeviceSerialNumber": "45685",
    "DwellTime": 3.8e-06,
    "EchoTime": 0.03,
    "EchoTrainLength": 68,
    "EffectiveEchoSpacing": 0.000579999,
    "FlipAngle": 90,
    "ImageOrientationPatientDICOM": [
      1,
      0,
      0,
      0,
      1,
      0
    ],
    "ImageType": [
      "ORIGINAL",
      "PRIMARY",
      "M",
      "ND",
      "MOSAIC"
    ],
    "InPlanePhaseEncodingDirectionDICOM": "COL",
    "InstitutionAddress": "HAWKINS_DRIVE_200_IOWA_CITY_IOWA_US_52242",
    "InstitutionName": "UIHC_SKYRA",
    "InstitutionalDepartmentName": "Department",
    "MRAcquisitionType": "2D",
    "MagneticFieldStrength": 3,
    "Manufacturer": "Siemens",
    "ManufacturersModelName": "Skyra",
    "Modality": "MR",
    "PartialFourier": 1,
    "PatientPosition": "HFS",
    "PercentPhaseFOV": 100,
    "PhaseEncodingDirection": "j-",
    "PhaseEncodingSteps": 68,
    "PhaseResolution": 1,
    "PixelBandwidth": 1935,
    "ProcedureStepDescription": "RESEARCH_HOWARD",
    "ProtocolName": "ES-FMRI",
    "PulseSequenceDetails": "%SiemensSeq%_ep2d_pace",
    "ReceiveCoilActiveElements": "HE",
    "ReceiveCoilName": "TxRx_CP_Head",
    "ReconMatrixPE": 68,
    "RepetitionTime": 3,
    "SAR": 0.0320313,
    "ScanOptions": "FS",
    "ScanningSequence": "EP",
    "SequenceName": "_epfid2d1_68",
    "SequenceVariant": "SK",
    "SeriesDescription": "ES-FMRI",
    "SeriesNumber": 16,
    "ShimSetting": [
      -3835,
      -1437,
      -979,
      460,
      249,
      -141,
      233,
      7
    ],
    "SliceThickness": 3,
    "SliceTiming": [
      1.44,
      0,
      1.505,
      0.065,
      1.57,
      0.13,
      1.635,
      0.195,
      1.7,
      0.26,
      1.7675,
      0.3275,
      1.8325,
      0.3925,
      1.8975,
      0.4575,
      1.9625,
      0.5225,
      2.0275,
      0.5875,
      2.0925,
      0.655,
      2.16,
      0.72,
      2.225,
      0.785,
      2.29,
      0.85,
      2.355,
      0.915,
      2.42,
      0.98,
      2.4875,
      1.0475,
      2.5525,
      1.1125,
      2.6175,
      1.1775,
      2.6825,
      1.2425,
      2.7475,
      1.3075,
      2.8125,
      1.3725
    ],
    "SoftwareVersions": "syngo_MR_E11",
    "SpacingBetweenSlices": 3,
    "StationName": "AWP45685",
    "TaskName": "es",
    "TotalReadoutTime": 0.03886,
    "TxRefAmp": 179.918,
    "dataset": "ds002799",
    "modality": "bold",
    "run_id": 6,
    "session_id": "postop",
    "subject_id": "394",
    "task_id": "es"
  },
  "dummy_trs": 0,
  "dvars_nstd": 31.49420096356164,
  "dvars_std": 1.0847353711872145,
  "dvars_vstd": 1.0150684013242002,
  "efc": 0.5221154115794325,
  "fber": 1021.3103637695312,
  "fd_mean": 0.22425525003993246,
  "fd_num": 74,
  "fd_perc": 33.63636363636363,
  "fwhm_avg": 1.7973156820250527,
  "fwhm_x": 1.6971038255385653,
  "fwhm_y": 1.9413165538699262,
  "fwhm_z": 1.7535266666666667,
  "gcor": 0.0217558,
  "gsr_x": -0.006251524202525616,
  "gsr_y": 0.03258603438735008,
  "provenance": {
    "md5sum": "70fe6d5350a8581d5c38fc5d94db4922",
    "settings": {
      "fd_thres": 0.2,
      "testing": false
    },
    "software": "mriqc",
    "version": "21.0.0rc2",
    "webapi_port": null,
    "webapi_url": "https://mriqc.nimh.nih.gov/api/v1"
  },
  "size_t": 220,
  "size_x": 68,
  "size_y": 68,
  "size_z": 44,
  "snr": 6.201050235426303,
  "spacing_tr": 3.0,
  "spacing_x": 3.2352941036224365,
  "spacing_y": 3.2352941036224365,
  "spacing_z": 3.0,
  "summary_bg_k": 37.20115716956054,
  "summary_bg_mad": 2.03520867990201,
  "summary_bg_mean": 30.895601272583008,
  "summary_bg_median": 14.418181419372559,
  "summary_bg_n": 133210.0,
  "summary_bg_p05": 12.931818008422852,
  "summary_bg_p95": 105.48635864257812,
  "summary_bg_stdv": 45.260658264160156,
  "summary_fg_k": 2.7736362149667286,
  "summary_fg_mad": 65.65568731310111,
  "summary_fg_mean": 473.7808532714844,
  "summary_fg_median": 472.720458984375,
  "summary_fg_n": 30854.0,
  "summary_fg_p05": 350.12498474121094,
  "summary_fg_p95": 591.7474792480468,
  "summary_fg_stdv": 76.23108673095703,
  "tsnr": 47.769217871071305
}