{
  "aor": 0.003436136363636364,
  "aqi": 0.0134307345,
  "bids_meta": {
    "AcquisitionMatrixPE": 68,
    "AcquisitionNumber": 1,
    "AcquisitionTime": "19:13:17.027500",
    "BandwidthPerPixelPhaseEncode": 25.355,
    "BaseResolution": 68,
    "BodyPartExamined": "BRAIN",
    "ConsistencyInfo": "N4_VE11A_LATEST_20140830",
    "ConversionSoftware": "dcm2niix",
    "ConversionSoftwareVersion": "v1.0.20180622 GCC7.3.0",
    "DelayTime": 0.1,
    "DerivedVendorReportedEchoSpacing": 0.000579999,
    "DeviceSerialNumber": "45685",
    "DwellTime": 3.8e-06,
    "EchoTime": 0.03,
    "EchoTrainLength": 68,
    "EffectiveEchoSpacing": 0.000579999,
    "FlipAngle": 90,
    "ImageOrientationPatientDICOM": [
      1,
      0,
      0,
      0,
      1,
      0
    ],
    "ImageType": [
      "ORIGINAL",
      "PRIMARY",
      "M",
      "ND",
      "MOSAIC"
    ],
    "InPlanePhaseEncodingDirectionDICOM": "COL",
    "InstitutionAddress": "HAWKINS_DRIVE_200_IOWA_CITY_IOWA_US_52242",
    "InstitutionName": "UIHC_SKYRA",
    "InstitutionalDepartmentName": "Department",
    "MRAcquisitionType": "2D",
    "MagneticFieldStrength": 3,
    "Manufacturer": "Siemens",
    "ManufacturersModelName": "Skyra",
    "Modality": "MR",
    "PartialFourier": 1,
    "PatientPosition": "HFS",
    "PercentPhaseFOV": 100,
    "PhaseEncodingDirection": "j-",
    "PhaseEncodingSteps": 68,
    "PhaseResolution": 1,
    "PixelBandwidth": 1935,
    "ProcedureStepDescription": "RESEARCH_HOWARD",
    "ProtocolName": "ES-FMRI",
    "PulseSequenceDetails": "%SiemensSeq%_ep2d_pace",
    "ReceiveCoilActiveElements": "HE",
    "ReceiveCoilName": "TxRx_CP_Head",
    "ReconMatrixPE": 68,
    "RepetitionTime": 3,
    "SAR": 0.0320313,
    "ScanOptions": "FS",
    "ScanningSequence": "EP",
    "SequenceName": "_epfid2d1_68",
    "SequenceVariant": "SK",
    "SeriesDescription": "ES-FMRI",
    "SeriesNumber": 18,
    "ShimSetting": [
      -3835,
      -1437,
      -979,
      460,
      249,
      -141,
      233,
      7
    ],
    "SliceThickness": 3,
    "SliceTiming": [
      1.44,
      0,
      1.505,
      0.065,
      1.5725,
      0.1325,
      1.6375,
      0.1975,
      1.7025,
      0.2625,
      1.7675,
      0.3275,
      1.8325,
      0.3925,
      1.8975,
      0.46,
      1.965,
      0.525,
      2.03,
      0.59,
      2.095,
      0.655,
      2.16,
      0.72,
      2.225,
      0.785,
      2.2925,
      0.8525,
      2.3575,
      0.9175,
      2.4225,
      0.9825,
      2.4875,
      1.0475,
      2.5525,
      1.1125,
      2.6175,
      1.1775,
      2.685,
      1.245,
      2.75,
      1.31,
      2.815,
      1.375
    ],
    "SoftwareVersions": "syngo_MR_E11",
    "SpacingBetweenSlices": 3,
    "StationName": "AWP45685",
    "TaskName": "es",
    "TotalReadoutTime": 0.03886,
    "TxRefAmp": 179.918,
    "dataset": "ds002799",
    "modality": "bold",
    "run_id": 7,
    "session_id": "postop",
    "subject_id": "394",
    "task_id": "es"
  },
  "dummy_trs": 0,
  "dvars_nstd": 36.45480882278539,
  "dvars_std": 1.0702765484931507,
  "dvars_vstd": 1.0248154856621003,
  "efc": 0.5266023846254108,
  "fber": 850.7337646484375,
  "fd_mean": 0.1624833943472026,
  "fd_num": 48,
  "fd_perc": 21.818181818181817,
  "fwhm_avg": 1.789426853712805,
  "fwhm_x": 1.6870460073131477,
  "fwhm_y": 1.931014553825268,
  "fwhm_z": 1.7502199999999999,
  "gcor": 0.0308367,
  "gsr_x": -0.005753135774284601,
  "gsr_y": 0.0312193613499403,
  "provenance": {
    "md5sum": "46d9ff74a55ee1cb73b05444da282803",
    "settings": {
      "fd_thres": 0.2,
      "testing": false
    },
    "software": "mriqc",
    "version": "21.0.0rc2",
    "webapi_port": null,
    "webapi_url": "https://mriqc.nimh.nih.gov/api/v1"
  },
  "size_t": 220,
  "size_x": 68,
  "size_y": 68,
  "size_z": 44,
  "snr": 6.18779480040482,
  "spacing_tr": 3.0,
  "spacing_x": 3.2352941036224365,
  "spacing_y": 3.2352941036224365,
  "spacing_z": 3.0,
  "summary_bg_k": 40.47236117444913,
  "summary_bg_mad": 2.0958601775187935,
  "summary_bg_mean": 31.67612075805664,
  "summary_bg_median": 15.640908241271973,
  "summary_bg_n": 133195.0,
  "summary_bg_p05": 14.06363582611084,
  "summary_bg_p95": 105.16499710083002,
  "summary_bg_stdv": 44.76542282104492,
  "summary_fg_k": 2.7387377999467075,
  "summary_fg_mad": 64.92447593452235,
  "summary_fg_mean": 469.5406494140625,
  "summary_fg_median": 468.42950439453125,
  "summary_fg_n": 30806.0,
  "summary_fg_p05": 347.31021881103516,
  "summary_fg_p95": 586.3272399902344,
  "summary_fg_stdv": 75.70094299316406,
  "tsnr": 39.67431685572956
}