{
  "aor": 0.0016502272727272726,
  "aqi": 0.013349859454545454,
  "bids_meta": {
    "AcquisitionMatrixPE": 68,
    "AcquisitionNumber": 1,
    "AcquisitionTime": "18:35:1.092500",
    "BandwidthPerPixelPhaseEncode": 25.355,
    "BaseResolution": 68,
    "BodyPartExamined": "BRAIN",
    "ConsistencyInfo": "N4_VE11A_LATEST_20140830",
    "ConversionSoftware": "dcm2niix",
    "ConversionSoftwareVersion": "v1.0.20180622 GCC7.3.0",
    "DelayTime": 0.1,
    "DerivedVendorReportedEchoSpacing": 0.000579999,
    "DeviceSerialNumber": "45685",
    "DwellTime": 3.8e-06,
    "EchoTime": 0.03,
    "EchoTrainLength": 68,
    "EffectiveEchoSpacing": 0.000579999,
    "FlipAngle": 90,
    "ImageOrientationPatientDICOM": [
      1,
      0,
      0,
      0,
      1,
      0
    ],
    "ImageType": [
      "ORIGINAL",
      "PRIMARY",
      "M",
      "ND",
      "MOSAIC"
    ],
    "InPlanePhaseEncodingDirectionDICOM": "COL",
    "InstitutionAddress": "HAWKINS_DRIVE_200_IOWA_CITY_IOWA_US_52242",
    "InstitutionName": "UIHC_SKYRA",
    "InstitutionalDepartmentName": "Department",
    "MRAcquisitionType": "2D",
    "MagneticFieldStrength": 3,
    "Manufacturer": "Siemens",
    "ManufacturersModelName": "Skyra",
    "Modality": "MR",
    "PartialFourier": 1,
    "PatientPosition": "HFS",
    "PercentPhaseFOV": 100,
    "PhaseEncodingDirection": "j-",
    "PhaseEncodingSteps": 68,
    "PhaseResolution": 1,
    "PixelBandwidth": 1935,
    "ProcedureStepDescription": "RESEARCH_HOWARD",
    "ProtocolName": "ES-FMRI",
    "PulseSequenceDetails": "%SiemensSeq%_ep2d_pace",
    "ReceiveCoilActiveElements": "HE",
    "ReceiveCoilName": "TxRx_CP_Head",
    "ReconMatrixPE": 68,
    "RepetitionTime": 3,
    "SAR": 0.0320313,
    "ScanOptions": "FS",
    "ScanningSequence": "EP",
    "SequenceName": "_epfid2d1_68",
    "SequenceVariant": "SK",
    "SeriesDescription": "ES-FMRI",
    "SeriesNumber": 11,
    "ShimSetting": [
      -3827,
      -1435,
      -906,
      533,
      278,
      80,
      229,
      23
    ],
    "SliceThickness": 3,
    "SliceTiming": [
      1.44,
      0,
      1.505,
      0.065,
      1.57,
      0.13,
      1.6375,
      0.1975,
      1.7025,
      0.2625,
      1.7675,
      0.3275,
      1.8325,
      0.3925,
      1.8975,
      0.4575,
      1.9625,
      0.5225,
      2.03,
      0.59,
      2.095,
      0.655,
      2.16,
      0.72,
      2.225,
      0.785,
      2.29,
      0.85,
      2.3575,
      0.9175,
      2.4225,
      0.9825,
      2.4875,
      1.0475,
      2.5525,
      1.1125,
      2.6175,
      1.1775,
      2.6825,
      1.2425,
      2.75,
      1.31,
      2.815,
      1.375
    ],
    "SoftwareVersions": "syngo_MR_E11",
    "SpacingBetweenSlices": 3,
    "StationName": "AWP45685",
    "TaskName": "es",
    "TotalReadoutTime": 0.03886,
    "TxRefAmp": 179.918,
    "dataset": "ds002799",
    "modality": "bold",
    "run_id": 4,
    "session_id": "postop",
    "subject_id": "394",
    "task_id": "es"
  },
  "dummy_trs": 0,
  "dvars_nstd": 34.0322876497717,
  "dvars_std": 1.0589156365753423,
  "dvars_vstd": 1.0061327724657532,
  "efc": 0.519613920453098,
  "fber": 905.9762573242188,
  "fd_mean": 0.22622696704822248,
  "fd_num": 81,
  "fd_perc": 36.81818181818182,
  "fwhm_avg": 1.8279782679638208,
  "fwhm_x": 1.7377183711691697,
  "fwhm_y": 1.9561930993889596,
  "fwhm_z": 1.7900233333333333,
  "gcor": 0.0205226,
  "gsr_x": -0.0052287946455180645,
  "gsr_y": 0.03648615628480911,
  "provenance": {
    "md5sum": "b36a32b304cf8037c98a2521f5559afc",
    "settings": {
      "fd_thres": 0.2,
      "testing": false
    },
    "software": "mriqc",
    "version": "21.0.0rc2",
    "webapi_port": null,
    "webapi_url": "https://mriqc.nimh.nih.gov/api/v1"
  },
  "size_t": 220,
  "size_x": 68,
  "size_y": 68,
  "size_z": 44,
  "snr": 6.073828208421231,
  "spacing_tr": 3.0,
  "spacing_x": 3.2352941036224365,
  "spacing_y": 3.2352941036224365,
  "spacing_z": 3.0,
  "summary_bg_k": 39.15149546844264,
  "summary_bg_mad": 1.9476008040200274,
  "summary_bg_mean": 30.911556243896484,
  "summary_bg_median": 15.413636207580566,
  "summary_bg_n": 134300.0,
  "summary_bg_p05": 13.931818008422852,
  "summary_bg_p95": 100.5999984741211,
  "summary_bg_stdv": 44.267982482910156,
  "summary_fg_k": 2.7925200618575428,
  "summary_fg_mad": 67.64707438106642,
  "summary_fg_mean": 475.86920166015625,
  "summary_fg_median": 474.97271728515625,
  "summary_fg_n": 30253.0,
  "summary_fg_p05": 350.5563537597656,
  "summary_fg_p95": 597.6290771484373,
  "summary_fg_stdv": 78.19860076904297,
  "tsnr": 42.29686450329609
}