{
  "aor": 0.00543440909090909,
  "aqi": 0.015030148636363636,
  "bids_meta": {
    "AcquisitionMatrixPE": 68,
    "AcquisitionNumber": 1,
    "AcquisitionTime": "19:25:43.097500",
    "BandwidthPerPixelPhaseEncode": 25.355,
    "BaseResolution": 68,
    "BodyPartExamined": "BRAIN",
    "ConsistencyInfo": "N4_VE11A_LATEST_20140830",
    "ConversionSoftware": "dcm2niix",
    "ConversionSoftwareVersion": "v1.0.20180622 GCC7.3.0",
    "DelayTime": 0.1,
    "DerivedVendorReportedEchoSpacing": 0.000579999,
    "DeviceSerialNumber": "45685",
    "DwellTime": 3.8e-06,
    "EchoTime": 0.03,
    "EchoTrainLength": 68,
    "EffectiveEchoSpacing": 0.000579999,
    "FlipAngle": 90,
    "ImageOrientationPatientDICOM": [
      1,
      0,
      0,
      0,
      1,
      0
    ],
    "ImageType": [
      "ORIGINAL",
      "PRIMARY",
      "M",
      "ND",
      "MOSAIC"
    ],
    "InPlanePhaseEncodingDirectionDICOM": "COL",
    "InstitutionAddress": "HAWKINS_DRIVE_200_IOWA_CITY_IOWA_US_52242",
    "InstitutionName": "UIHC_SKYRA",
    "InstitutionalDepartmentName": "Department",
    "MRAcquisitionType": "2D",
    "MagneticFieldStrength": 3,
    "Manufacturer": "Siemens",
    "ManufacturersModelName": "Skyra",
    "Modality": "MR",
    "PartialFourier": 1,
    "PatientPosition": "HFS",
    "PercentPhaseFOV": 100,
    "PhaseEncodingDirection": "j-",
    "PhaseEncodingSteps": 68,
    "PhaseResolution": 1,
    "PixelBandwidth": 1935,
    "ProcedureStepDescription": "RESEARCH_HOWARD",
    "ProtocolName": "ES-FMRI",
    "PulseSequenceDetails": "%SiemensSeq%_ep2d_pace",
    "ReceiveCoilActiveElements": "HE",
    "ReceiveCoilName": "TxRx_CP_Head",
    "ReconMatrixPE": 68,
    "RepetitionTime": 3,
    "SAR": 0.0320313,
    "ScanOptions": "FS",
    "ScanningSequence": "EP",
    "SequenceName": "_epfid2d1_68",
    "SequenceVariant": "SK",
    "SeriesDescription": "ES-FMRI",
    "SeriesNumber": 20,
    "ShimSetting": [
      -3835,
      -1437,
      -979,
      460,
      249,
      -141,
      233,
      7
    ],
    "SliceThickness": 3,
    "SliceTiming": [
      1.44,
      0,
      1.505,
      0.065,
      1.57,
      0.13,
      1.635,
      0.195,
      1.7,
      0.26,
      1.765,
      0.325,
      1.8325,
      0.3925,
      1.8975,
      0.4575,
      1.9625,
      0.5225,
      2.0275,
      0.5875,
      2.0925,
      0.6525,
      2.16,
      0.72,
      2.225,
      0.785,
      2.29,
      0.85,
      2.355,
      0.915,
      2.42,
      0.98,
      2.485,
      1.045,
      2.5525,
      1.1125,
      2.6175,
      1.1775,
      2.6825,
      1.2425,
      2.7475,
      1.3075,
      2.8125,
      1.3725
    ],
    "SoftwareVersions": "syngo_MR_E11",
    "SpacingBetweenSlices": 3,
    "StationName": "AWP45685",
    "TaskName": "es",
    "TotalReadoutTime": 0.03886,
    "TxRefAmp": 179.918,
    "dataset": "ds002799",
    "modality": "bold",
    "run_id": 8,
    "session_id": "postop",
    "subject_id": "394",
    "task_id": "es"
  },
  "dummy_trs": 0,
  "dvars_nstd": 40.559789944794524,
  "dvars_std": 1.1221657179908675,
  "dvars_vstd": 1.0395455166210046,
  "efc": 0.5268070967649913,
  "fber": 863.5369262695312,
  "fd_mean": 0.23658299770921204,
  "fd_num": 72,
  "fd_perc": 32.72727272727273,
  "fwhm_avg": 1.8004613386014505,
  "fwhm_x": 1.7025036437437908,
  "fwhm_y": 1.9433503720605605,
  "fwhm_z": 1.75553,
  "gcor": 0.0311505,
  "gsr_x": -0.00622691260650754,
  "gsr_y": 0.028867268934845924,
  "provenance": {
    "md5sum": "d6722c233d4cda92561367799de307c6",
    "settings": {
      "fd_thres": 0.2,
      "testing": false
    },
    "software": "mriqc",
    "version": "21.0.0rc2",
    "webapi_port": null,
    "webapi_url": "https://mriqc.nimh.nih.gov/api/v1"
  },
  "size_t": 220,
  "size_x": 68,
  "size_y": 68,
  "size_z": 44,
  "snr": 6.195535826666888,
  "spacing_tr": 3.0,
  "spacing_x": 3.2352941036224365,
  "spacing_y": 3.2352941036224365,
  "spacing_z": 3.0,
  "summary_bg_k": 40.95799294344451,
  "summary_bg_mad": 2.1632518301416197,
  "summary_bg_mean": 31.700666427612305,
  "summary_bg_median": 15.486363410949707,
  "summary_bg_n": 133107.0,
  "summary_bg_p05": 13.863636016845703,
  "summary_bg_p95": 105.7368156433105,
  "summary_bg_stdv": 45.228477478027344,
  "summary_fg_k": 2.6213246539608877,
  "summary_fg_mad": 65.30191330350348,
  "summary_fg_mean": 468.50177001953125,
  "summary_fg_median": 467.4090881347656,
  "summary_fg_n": 30779.0,
  "summary_fg_p05": 347.3417938232422,
  "summary_fg_p95": 585.1504455566405,
  "summary_fg_stdv": 75.44165802001953,
  "tsnr": 37.89563042204827
}