{
  "bids_meta": {
    "AcquisitionMatrixPE": 256,
    "AcquisitionNumber": 1,
    "AcquisitionTime": "14:32:32.532500",
    "BaseResolution": 256,
    "BodyPartExamined": "BRAIN",
    "ConsistencyInfo": "N4_VE11A_LATEST_20140830",
    "ConversionSoftware": "dcm2niix",
    "ConversionSoftwareVersion": "v1.0.20171215 (OpenJPEG build) GCC7.2.0",
    "DeviceSerialNumber": "45685",
    "DwellTime": 1.03e-05,
    "EchoTime": 0.00344,
    "FlipAngle": 10,
    "ImageComments": "Image_quality:_not_assessed",
    "ImageOrientationPatientDICOM": [
      0.999951,
      -0.00506365,
      0.0085519,
      0.00852666,
      -0.00498611,
      -0.999951
    ],
    "ImageType": [
      "ORIGINAL",
      "PRIMARY",
      "M",
      "DIS2D"
    ],
    "InPlanePhaseEncodingDirectionDICOM": "ROW",
    "InstitutionAddress": "HAWKINS_DRIVE_200_IOWA_CITY_IOWA_US_52242",
    "InstitutionName": "UIHC_SKYRA",
    "InstitutionalDepartmentName": "Department",
    "InversionTime": 1,
    "MRAcquisitionType": "3D",
    "MagneticFieldStrength": 3,
    "Manufacturer": "Siemens",
    "ManufacturersModelName": "Skyra",
    "Modality": "MR",
    "PartialFourier": 1,
    "PatientPosition": "HFS",
    "PercentPhaseFOV": 100,
    "PhaseEncodingSteps": 256,
    "PhaseResolution": 1,
    "PixelBandwidth": 190,
    "ProcedureStepDescription": "RESEARCH_HOWARD",
    "ProtocolName": "MPRAGE_TI=1000",
    "PulseSequenceDetails": "%SiemensSeq%_tfl",
    "ReceiveCoilActiveElements": "HE",
    "ReceiveCoilName": "Head_TxRx",
    "ReconMatrixPE": 256,
    "RepetitionTime": 1.9,
    "SAR": 0.110184,
    "ScanOptions": "IR",
    "ScanningSequence": "GR_IR",
    "SequenceName": "_tfl3d1_16ns",
    "SequenceVariant": "SK_SP_MP",
    "SeriesDescription": "MPRAGE_TI=1000",
    "SeriesNumber": 2,
    "ShimSetting": [
      -3882,
      -1422,
      -1094,
      -25,
      -1,
      -647,
      576,
      16
    ],
    "SliceThickness": 1,
    "SoftwareVersions": "syngo_MR_E11",
    "StationName": "AWP45685",
    "TxRefAmp": 217.316,
    "dataset": "ds002799",
    "modality": "T1w",
    "session_id": "postop",
    "subject_id": "330"
  },
  "cjv": 0.6293092068861198,
  "cnr": 1.9785243637307404,
  "efc": 0.6784328443371785,
  "fber": 124.10461704149375,
  "fwhm_avg": 3.683793163912122,
  "fwhm_x": 3.7828096,
  "fwhm_y": 3.769951011736365,
  "fwhm_z": 3.49861888,
  "icvs_csf": 0.2308194294685543,
  "icvs_gm": 0.3879370617950893,
  "icvs_wm": 0.3812435087363564,
  "inu_med": 1.6023468971252441,
  "inu_range": 0.6441112756729126,
  "provenance": {
    "md5sum": "dfd2199adfcd371238be5283b1ae1c5d",
    "settings": {
      "testing": false
    },
    "software": "mriqc",
    "version": "21.0.0rc2",
    "warnings": {
      "large_rot_frame": true,
      "small_air_mask": false
    },
    "webapi_port": null,
    "webapi_url": "https://mriqc.nimh.nih.gov/api/v1"
  },
  "qi_1": 0.0,
  "qi_2": 0.008602014786132704,
  "rpve_csf": 29.000798184428255,
  "rpve_gm": 16.291101594500283,
  "rpve_wm": 18.855419114964565,
  "size_x": 256,
  "size_y": 224,
  "size_z": 256,
  "snr_csf": 2.3080858310704717,
  "snr_gm": 11.951362490799628,
  "snr_total": 8.946041917376553,
  "snr_wm": 12.578677430259555,
  "snrd_csf": 11.19436354836994,
  "snrd_gm": 21.020260683773607,
  "snrd_total": 19.630670675780316,
  "snrd_wm": 26.677387795197397,
  "spacing_x": 0.9765625,
  "spacing_y": 1.000002384185791,
  "spacing_z": 0.9765625,
  "summary_bg_k": 7.701796471562291,
  "summary_bg_mad": 24.559318714304855,
  "summary_bg_mean": 63.441030631522544,
  "summary_bg_median": 62.3435019031167,
  "summary_bg_n": 3334982.0,
  "summary_bg_p05": 23.370787531137466,
  "summary_bg_p95": 116.40449943393469,
  "summary_bg_stdv": 28.652226910529386,
  "summary_csf_k": 54.42519671853094,
  "summary_csf_mad": 99.76033338213755,
  "summary_csf_mean": 444.81789751468125,
  "summary_csf_median": 419.64688819646835,
  "summary_csf_n": 59371.0,
  "summary_csf_p05": 281.41253227740526,
  "summary_csf_p95": 626.0032374411821,
  "summary_csf_stdv": 181.8144491967789,
  "summary_gm_k": 0.09093462559167476,
  "summary_gm_mad": 65.77709004490175,
  "summary_gm_mean": 788.0550379875859,
  "summary_gm_median": 787.993613652885,
  "summary_gm_n": 18492.0,
  "summary_gm_p05": 679.9358240514994,
  "summary_gm_p95": 895.9229923337698,
  "summary_gm_stdv": 65.9315879367879,
  "summary_wm_k": 3.1009104600698585,
  "summary_wm_mad": 67.68091320104942,
  "summary_wm_mean": 1008.3094327004317,
  "summary_wm_median": 1000.0642488598824,
  "summary_wm_n": 211149.0,
  "summary_wm_p05": 898.1059779822826,
  "summary_wm_p95": 1146.6453146114945,
  "summary_wm_stdv": 79.50453346574466,
  "tpm_overlap_csf": 0.15538480877876282,
  "tpm_overlap_gm": 0.3973359763622284,
  "tpm_overlap_wm": 0.44522398710250854,
  "wm2max": 0.5445594625474482
}