{
  "bids_meta": {
    "AcquisitionMatrixPE": 256,
    "AcquisitionNumber": 1,
    "AcquisitionTime": "17:06:47.307500",
    "BaseResolution": 256,
    "ConversionSoftware": "dcm2niix",
    "ConversionSoftwareVersion": "v1.0.20171103 (OpenJPEG build) GCC6.3.0",
    "DeviceSerialNumber": "35053",
    "DwellTime": 9.8e-06,
    "EchoTime": 0.00334,
    "FlipAngle": 7,
    "ImageComments": "PROJECT:MH_EPIL_SUBJECT:06728376_SESSION:20140922",
    "ImageOrientationPatientDICOM": [
      1,
      0,
      0,
      0,
      0.0034906,
      -0.999994
    ],
    "ImageType": [
      "ORIGINAL",
      "PRIMARY",
      "M",
      "NORM",
      "DIS2D"
    ],
    "InPlanePhaseEncodingDirectionDICOM": "ROW",
    "InstitutionAddress": "Hawkins_200_Iowa_City_IA_US_52242",
    "InstitutionName": "UI_Hospitals_and_Clinics",
    "InstitutionalDepartmentName": "Radiation_Oncology",
    "InversionTime": 1.1,
    "MRAcquisitionType": "3D",
    "MagneticFieldStrength": 3,
    "Manufacturer": "Siemens",
    "ManufacturersModelName": "TrioTim",
    "Modality": "MR",
    "PartialFourier": 1,
    "PatientPosition": "HFS",
    "PercentPhaseFOV": 100,
    "PhaseEncodingSteps": 256,
    "PhaseResolution": 1,
    "PixelBandwidth": 199,
    "ProcedureStepDescription": "RESEARCH_OYA",
    "ProtocolName": "MPRAGE_T1_TI=1100",
    "PulseSequenceDetails": "%SiemensSeq%_tfl",
    "ReceiveCoilName": "TxRx_Head",
    "ReconMatrixPE": 256,
    "RepetitionTime": 2.53,
    "SAR": 0.0275182,
    "ScanOptions": "IR",
    "ScanningSequence": "GR_IR",
    "SequenceName": "_tfl3d1_ns",
    "SequenceVariant": "SP_MP",
    "SeriesDescription": "MPRAGE_T1_TI=1100",
    "SeriesNumber": 2,
    "ShimSetting": [
      -1267,
      -19484,
      5609,
      25,
      78,
      -38,
      -128,
      24
    ],
    "SliceThickness": 1,
    "SoftwareVersions": "syngo_MR_B19",
    "StationName": "MRC35053",
    "TxRefAmp": 165.729,
    "dataset": "ds002799",
    "modality": "T1w",
    "session_id": "postop",
    "subject_id": "292"
  },
  "cjv": 0.5381183459055466,
  "cnr": 2.2846786126650076,
  "efc": 0.5953031693988408,
  "fber": 124.14747899733626,
  "fwhm_avg": 3.6728518219630346,
  "fwhm_x": 3.82672,
  "fwhm_y": 3.5270154658891033,
  "fwhm_z": 3.66482,
  "icvs_csf": 0.2055907233888947,
  "icvs_gm": 0.4170805039323589,
  "icvs_wm": 0.3773287726787464,
  "inu_med": 1.567833662033081,
  "inu_range": 0.703383421897888,
  "provenance": {
    "md5sum": "0bcf1eb0b641c84bc57496fff8f41093",
    "settings": {
      "testing": false
    },
    "software": "mriqc",
    "version": "21.0.0rc2",
    "warnings": {
      "large_rot_frame": true,
      "small_air_mask": false
    },
    "webapi_port": null,
    "webapi_url": "https://mriqc.nimh.nih.gov/api/v1"
  },
  "qi_1": 1.1942990136583021e-05,
  "qi_2": 0.002711912354386448,
  "rpve_csf": 49.65589128940173,
  "rpve_gm": 24.281555741002535,
  "rpve_wm": 29.883447942665416,
  "size_x": 256,
  "size_y": 240,
  "size_z": 256,
  "snr_csf": 3.057165691315109,
  "snr_gm": 9.654077019738766,
  "snr_total": 6.960257073014065,
  "snr_wm": 8.169528507988318,
  "snrd_csf": 8.994382327300608,
  "snrd_gm": 17.292200679592458,
  "snrd_total": 17.335010340556536,
  "snrd_wm": 25.71844801477655,
  "spacing_x": 1.0,
  "spacing_y": 0.9999984502792358,
  "spacing_z": 1.0,
  "summary_bg_k": 5.318085657961335,
  "summary_bg_mad": 25.47340220854527,
  "summary_bg_mean": 55.423852942089766,
  "summary_bg_median": 51.883198760449886,
  "summary_bg_n": 3131015.0,
  "summary_bg_p05": 18.705035768449306,
  "summary_bg_p95": 104.44350288808346,
  "summary_bg_stdv": 27.049772994561344,
  "summary_csf_k": 87.81432939157871,
  "summary_csf_mad": 80.184748823943,
  "summary_csf_mean": 359.0691919369844,
  "summary_csf_median": 349.72492215037346,
  "summary_csf_n": 24012.0,
  "summary_csf_p05": 223.23740765191613,
  "summary_csf_p95": 512.14557210356,
  "summary_csf_stdv": 114.39276607522795,
  "summary_gm_k": 1.0164943156536994,
  "summary_gm_mad": 63.36979367150424,
  "summary_gm_mean": 675.730127987501,
  "summary_gm_median": 672.3656296133995,
  "summary_gm_n": 13721.0,
  "summary_gm_p05": 567.4142976999283,
  "summary_gm_p95": 797.2069316878915,
  "summary_gm_stdv": 69.64323222794786,
  "summary_wm_k": 1.467835462701629,
  "summary_wm_mad": 112.93626594921548,
  "summary_wm_mean": 1018.6914496098229,
  "summary_wm_median": 999.9999891594052,
  "summary_wm_n": 122431.0,
  "summary_wm_p05": 855.9458222910762,
  "summary_wm_p95": 1244.2657503709197,
  "summary_wm_stdv": 122.40558365642582,
  "tpm_overlap_csf": 0.12458309531211853,
  "tpm_overlap_gm": 0.39466753602027893,
  "tpm_overlap_wm": 0.4204036593437195,
  "wm2max": 0.5700470043920969
}