{
  "aor": 0.006828846153846152,
  "aqi": 0.013880869307692308,
  "bids_meta": {
    "AcquisitionMatrixPE": 64,
    "AcquisitionNumber": 1,
    "AcquisitionTime": "17:00:54.815000",
    "BandwidthPerPixelPhaseEncode": 27.902,
    "BaseResolution": 64,
    "ConversionSoftware": "dcm2niix",
    "ConversionSoftwareVersion": "v1.0.20171103 (OpenJPEG build) GCC7.2.1",
    "DerivedVendorReportedEchoSpacing": 0.000559996,
    "DeviceSerialNumber": "35267",
    "DwellTime": 3.9e-06,
    "EchoTime": 0.03,
    "EffectiveEchoSpacing": 0.000559996,
    "FlipAngle": 80,
    "ImageComments": "PROJECT:MH_EPIL_SUBJECT:303_SESSION:20150206",
    "ImageOrientationPatientDICOM": [
      1,
      2e-16,
      0,
      -2e-16,
      0.993373,
      -0.114937
    ],
    "ImageType": [
      "ORIGINAL",
      "PRIMARY",
      "M",
      "ND",
      "MOSAIC"
    ],
    "InPlanePhaseEncodingDirectionDICOM": "COL",
    "InstitutionAddress": "Newton_Road_500_Iowa_City_CDI_US_52242",
    "InstitutionName": "University_of_Iowa",
    "InstitutionalDepartmentName": "Department",
    "MRAcquisitionType": "2D",
    "MagneticFieldStrength": 3,
    "Manufacturer": "Siemens",
    "ManufacturersModelName": "TrioTim",
    "Modality": "MR",
    "PartialFourier": 1,
    "PatientPosition": "HFS",
    "PercentPhaseFOV": 100,
    "PhaseEncodingDirection": "j-",
    "PhaseEncodingSteps": 64,
    "PhaseResolution": 1,
    "PixelBandwidth": 2003,
    "ProcedureStepDescription": "RESEARCH_HOWARD",
    "ProtocolName": "REST",
    "PulseSequenceDetails": "%SiemensSeq%_ep2d_pace",
    "ReceiveCoilName": "HeadMatrix",
    "ReconMatrixPE": 64,
    "RepetitionTime": 2.26,
    "SAR": 0.126681,
    "ScanOptions": "FS",
    "ScanningSequence": "EP",
    "SequenceName": "_epfid2d1_64",
    "SequenceVariant": "SK",
    "SeriesDescription": "REST",
    "SeriesNumber": 18,
    "ShimSetting": [
      6571,
      25518,
      6068,
      586,
      230,
      -580,
      86,
      -15
    ],
    "SliceThickness": 4,
    "SliceTiming": [
      1.1225,
      0,
      1.185,
      0.0625,
      1.2475,
      0.125,
      1.31,
      0.1875,
      1.3725,
      0.25,
      1.435,
      0.3125,
      1.4975,
      0.375,
      1.56,
      0.4375,
      1.6225,
      0.5,
      1.685,
      0.5625,
      1.7475,
      0.625,
      1.81,
      0.6875,
      1.8725,
      0.75,
      1.935,
      0.8125,
      1.9975,
      0.875,
      2.06,
      0.9375,
      2.1225,
      0.9975,
      2.185,
      1.06
    ],
    "SoftwareVersions": "syngo_MR_B17",
    "SpacingBetweenSlices": 4,
    "StationName": "MRC35267",
    "TaskName": "rest",
    "TotalReadoutTime": 0.0352797,
    "TxRefAmp": 270.739,
    "dataset": "ds002799",
    "modality": "bold",
    "run_id": 5,
    "session_id": "preop",
    "subject_id": "303",
    "task_id": "rest"
  },
  "dummy_trs": 0,
  "dvars_nstd": 32.56026015193799,
  "dvars_std": 1.1121041742635658,
  "dvars_vstd": 1.0012033975193795,
  "efc": 0.4619865090864976,
  "fber": 1718.240966796875,
  "fd_mean": 0.4988325521920258,
  "fd_num": 114,
  "fd_perc": 87.6923076923077,
  "fwhm_avg": 1.9567477878787878,
  "fwhm_x": 1.8728116363636362,
  "fwhm_y": 2.1932567272727272,
  "fwhm_z": 1.804175,
  "gcor": 0.0713565,
  "gsr_x": -0.025841129943728447,
  "gsr_y": 0.03236149251461029,
  "provenance": {
    "md5sum": "e1a59eef6b6014ba862b5d86194ae3c2",
    "settings": {
      "fd_thres": 0.2,
      "testing": false
    },
    "software": "mriqc",
    "version": "21.0.0rc2",
    "webapi_port": null,
    "webapi_url": "https://mriqc.nimh.nih.gov/api/v1"
  },
  "size_t": 130,
  "size_x": 64,
  "size_y": 64,
  "size_z": 36,
  "snr": 6.220808296912599,
  "spacing_tr": 2.259999990463257,
  "spacing_x": 3.4375,
  "spacing_y": 3.4375,
  "spacing_z": 4.0,
  "summary_bg_k": 34.845108174081645,
  "summary_bg_mad": 9.887817291302206,
  "summary_bg_mean": 44.750213623046875,
  "summary_bg_median": 19.676923751831055,
  "summary_bg_n": 102349.0,
  "summary_bg_p05": 11.815384864807129,
  "summary_bg_p95": 169.82768859863273,
  "summary_bg_stdv": 71.4872817993164,
  "summary_fg_k": 1.1745574756952362,
  "summary_fg_mad": 117.707160006714,
  "summary_fg_mean": 831.0078735351562,
  "summary_fg_median": 827.9000244140625,
  "summary_fg_n": 16087.0,
  "summary_fg_p05": 619.6769409179688,
  "summary_fg_p95": 1053.644580078125,
  "summary_fg_stdv": 133.0814666748047,
  "tsnr": 42.02880898723379
}