{
  "aor": 0.005139615384615385,
  "aqi": 0.011963700307692305,
  "bids_meta": {
    "AcquisitionMatrixPE": 64,
    "AcquisitionNumber": 1,
    "AcquisitionTime": "16:49:59.447500",
    "BandwidthPerPixelPhaseEncode": 27.902,
    "BaseResolution": 64,
    "ConversionSoftware": "dcm2niix",
    "ConversionSoftwareVersion": "v1.0.20171103 (OpenJPEG build) GCC7.2.1",
    "DerivedVendorReportedEchoSpacing": 0.000559996,
    "DeviceSerialNumber": "35267",
    "DwellTime": 3.9e-06,
    "EchoTime": 0.03,
    "EffectiveEchoSpacing": 0.000559996,
    "FlipAngle": 80,
    "ImageComments": "PROJECT:MH_EPIL_SUBJECT:303_SESSION:20150206",
    "ImageOrientationPatientDICOM": [
      1,
      2e-16,
      0,
      -2e-16,
      0.993373,
      -0.114937
    ],
    "ImageType": [
      "ORIGINAL",
      "PRIMARY",
      "M",
      "ND",
      "MOSAIC"
    ],
    "InPlanePhaseEncodingDirectionDICOM": "COL",
    "InstitutionAddress": "Newton_Road_500_Iowa_City_CDI_US_52242",
    "InstitutionName": "University_of_Iowa",
    "InstitutionalDepartmentName": "Department",
    "MRAcquisitionType": "2D",
    "MagneticFieldStrength": 3,
    "Manufacturer": "Siemens",
    "ManufacturersModelName": "TrioTim",
    "Modality": "MR",
    "PartialFourier": 1,
    "PatientPosition": "HFS",
    "PercentPhaseFOV": 100,
    "PhaseEncodingDirection": "j-",
    "PhaseEncodingSteps": 64,
    "PhaseResolution": 1,
    "PixelBandwidth": 2003,
    "ProcedureStepDescription": "RESEARCH_HOWARD",
    "ProtocolName": "REST",
    "PulseSequenceDetails": "%SiemensSeq%_ep2d_pace",
    "ReceiveCoilName": "HeadMatrix",
    "ReconMatrixPE": 64,
    "RepetitionTime": 2.26,
    "SAR": 0.126681,
    "ScanOptions": "FS",
    "ScanningSequence": "EP",
    "SequenceName": "_epfid2d1_64",
    "SequenceVariant": "SK",
    "SeriesDescription": "REST",
    "SeriesNumber": 13,
    "ShimSetting": [
      6571,
      25518,
      6068,
      586,
      230,
      -580,
      86,
      -15
    ],
    "SliceThickness": 4,
    "SliceTiming": [
      1.125,
      0,
      1.1875,
      0.0625,
      1.25,
      0.125,
      1.3125,
      0.1875,
      1.375,
      0.25,
      1.4375,
      0.3125,
      1.5,
      0.375,
      1.5625,
      0.4375,
      1.625,
      0.5,
      1.6875,
      0.5625,
      1.75,
      0.625,
      1.8125,
      0.6875,
      1.875,
      0.75,
      1.9375,
      0.8125,
      2,
      0.875,
      2.0625,
      0.9375,
      2.125,
      1,
      2.1875,
      1.0625
    ],
    "SoftwareVersions": "syngo_MR_B17",
    "SpacingBetweenSlices": 4,
    "StationName": "MRC35267",
    "TaskName": "rest",
    "TotalReadoutTime": 0.0352797,
    "TxRefAmp": 270.739,
    "dataset": "ds002799",
    "modality": "bold",
    "run_id": 4,
    "session_id": "preop",
    "subject_id": "303",
    "task_id": "rest"
  },
  "dummy_trs": 0,
  "dvars_nstd": 26.603745186899207,
  "dvars_std": 1.1163745028682168,
  "dvars_vstd": 0.9856854295348839,
  "efc": 0.4597705375075603,
  "fber": 1775.230224609375,
  "fd_mean": 0.3595595163721416,
  "fd_num": 103,
  "fd_perc": 79.23076923076923,
  "fwhm_avg": 1.9411856818181816,
  "fwhm_x": 1.855237818181818,
  "fwhm_y": 2.179816727272727,
  "fwhm_z": 1.7885025,
  "gcor": 0.0342094,
  "gsr_x": -0.02534976415336132,
  "gsr_y": 0.0333096869289875,
  "provenance": {
    "md5sum": "a859679194aa0beaa87d153deb7318c6",
    "settings": {
      "fd_thres": 0.2,
      "testing": false
    },
    "software": "mriqc",
    "version": "21.0.0rc2",
    "webapi_port": null,
    "webapi_url": "https://mriqc.nimh.nih.gov/api/v1"
  },
  "size_t": 130,
  "size_x": 64,
  "size_y": 64,
  "size_z": 36,
  "snr": 6.229791014709788,
  "spacing_tr": 2.259999990463257,
  "spacing_x": 3.4375,
  "spacing_y": 3.4375,
  "spacing_z": 4.0,
  "summary_bg_k": 36.62673373196385,
  "summary_bg_mad": 10.047481340756235,
  "summary_bg_mean": 44.42159652709961,
  "summary_bg_median": 19.5230770111084,
  "summary_bg_n": 102432.0,
  "summary_bg_p05": 11.046154022216797,
  "summary_bg_p95": 170.95654067993158,
  "summary_bg_stdv": 71.98419189453125,
  "summary_fg_k": 1.1062138723807422,
  "summary_fg_mad": 119.90825963824051,
  "summary_fg_mean": 837.1693115234375,
  "summary_fg_median": 834.4769287109375,
  "summary_fg_n": 16045.0,
  "summary_fg_p05": 624.7861450195312,
  "summary_fg_p95": 1062.6553466796875,
  "summary_fg_stdv": 133.94525146484375,
  "tsnr": 50.56267597654369
}