{
  "aor": 0.005186230769230769,
  "aqi": 0.013531882769230768,
  "bids_meta": {
    "AcquisitionMatrixPE": 64,
    "AcquisitionNumber": 1,
    "AcquisitionTime": "16:28:25.297500",
    "BandwidthPerPixelPhaseEncode": 27.902,
    "BaseResolution": 64,
    "ConversionSoftware": "dcm2niix",
    "ConversionSoftwareVersion": "v1.0.20171103 (OpenJPEG build) GCC7.2.1",
    "DerivedVendorReportedEchoSpacing": 0.000559996,
    "DeviceSerialNumber": "35267",
    "DwellTime": 3.9e-06,
    "EchoTime": 0.03,
    "EffectiveEchoSpacing": 0.000559996,
    "FlipAngle": 80,
    "ImageComments": "PROJECT:MH_EPIL_SUBJECT:303_SESSION:20150206",
    "ImageOrientationPatientDICOM": [
      1,
      2e-16,
      0,
      -2e-16,
      0.993373,
      -0.114937
    ],
    "ImageType": [
      "ORIGINAL",
      "PRIMARY",
      "M",
      "ND",
      "MOSAIC"
    ],
    "InPlanePhaseEncodingDirectionDICOM": "COL",
    "InstitutionAddress": "Newton_Road_500_Iowa_City_CDI_US_52242",
    "InstitutionName": "University_of_Iowa",
    "InstitutionalDepartmentName": "Department",
    "MRAcquisitionType": "2D",
    "MagneticFieldStrength": 3,
    "Manufacturer": "Siemens",
    "ManufacturersModelName": "TrioTim",
    "Modality": "MR",
    "PartialFourier": 1,
    "PatientPosition": "HFS",
    "PercentPhaseFOV": 100,
    "PhaseEncodingDirection": "j-",
    "PhaseEncodingSteps": 64,
    "PhaseResolution": 1,
    "PixelBandwidth": 2003,
    "ProcedureStepDescription": "RESEARCH_HOWARD",
    "ProtocolName": "REST",
    "PulseSequenceDetails": "%SiemensSeq%_ep2d_pace",
    "ReceiveCoilName": "HeadMatrix",
    "ReconMatrixPE": 64,
    "RepetitionTime": 2.26,
    "SAR": 0.126681,
    "ScanOptions": "FS",
    "ScanningSequence": "EP",
    "SequenceName": "_epfid2d1_64",
    "SequenceVariant": "SK",
    "SeriesDescription": "REST",
    "SeriesNumber": 7,
    "ShimSetting": [
      6571,
      25518,
      6068,
      586,
      230,
      -580,
      86,
      -15
    ],
    "SliceThickness": 4,
    "SliceTiming": [
      1.125,
      0,
      1.1875,
      0.0625,
      1.25,
      0.125,
      1.3125,
      0.1875,
      1.375,
      0.25,
      1.4375,
      0.3125,
      1.5,
      0.375,
      1.5625,
      0.4375,
      1.625,
      0.5,
      1.6875,
      0.5625,
      1.75,
      0.625,
      1.8125,
      0.6875,
      1.875,
      0.75,
      1.9375,
      0.8125,
      2,
      0.875,
      2.0625,
      0.9375,
      2.125,
      1,
      2.1875,
      1.0625
    ],
    "SoftwareVersions": "syngo_MR_B17",
    "SpacingBetweenSlices": 4,
    "StationName": "MRC35267",
    "TaskName": "rest",
    "TotalReadoutTime": 0.0352797,
    "TxRefAmp": 270.739,
    "dataset": "ds002799",
    "modality": "bold",
    "run_id": 3,
    "session_id": "preop",
    "subject_id": "303",
    "task_id": "rest"
  },
  "dummy_trs": 0,
  "dvars_nstd": 33.02682909116277,
  "dvars_std": 1.1751151782945737,
  "dvars_vstd": 1.0238012798449612,
  "efc": 0.4575367231932173,
  "fber": 1837.25634765625,
  "fd_mean": 0.49932554039082677,
  "fd_num": 116,
  "fd_perc": 89.23076923076923,
  "fwhm_avg": 1.961910984848485,
  "fwhm_x": 1.8838952727272726,
  "fwhm_y": 2.189210181818182,
  "fwhm_z": 1.8126275,
  "gcor": 0.0211588,
  "gsr_x": -0.024249404668807983,
  "gsr_y": 0.032228875905275345,
  "provenance": {
    "md5sum": "0c9ceefc71aca8d5d2ccd643bd3f6e7f",
    "settings": {
      "fd_thres": 0.2,
      "testing": false
    },
    "software": "mriqc",
    "version": "21.0.0rc2",
    "webapi_port": null,
    "webapi_url": "https://mriqc.nimh.nih.gov/api/v1"
  },
  "size_t": 130,
  "size_x": 64,
  "size_y": 64,
  "size_z": 36,
  "snr": 6.220958486514828,
  "spacing_tr": 2.259999990463257,
  "spacing_x": 3.4375,
  "spacing_y": 3.4375,
  "spacing_z": 4.0,
  "summary_bg_k": 38.55799374853675,
  "summary_bg_mad": 8.918421249024481,
  "summary_bg_mean": 42.2050895690918,
  "summary_bg_median": 18.846153259277344,
  "summary_bg_n": 102202.0,
  "summary_bg_p05": 12.0,
  "summary_bg_p95": 157.29000473022447,
  "summary_bg_stdv": 67.91604614257812,
  "summary_fg_k": 1.1455958970902413,
  "summary_fg_mad": 116.6124016058668,
  "summary_fg_mean": 824.184814453125,
  "summary_fg_median": 821.6923217773438,
  "summary_fg_n": 16080.0,
  "summary_fg_p05": 611.6242584228515,
  "summary_fg_p95": 1044.331964111328,
  "summary_fg_stdv": 132.08041381835938,
  "tsnr": 43.73029051814228
}