{
  "aor": 0.008504076923076923,
  "aqi": 0.016499567076923075,
  "bids_meta": {
    "AcquisitionMatrixPE": 64,
    "AcquisitionNumber": 1,
    "AcquisitionTime": "16:10:20.585000",
    "BandwidthPerPixelPhaseEncode": 27.902,
    "BaseResolution": 64,
    "ConversionSoftware": "dcm2niix",
    "ConversionSoftwareVersion": "v1.0.20171103 (OpenJPEG build) GCC7.2.1",
    "DerivedVendorReportedEchoSpacing": 0.000559996,
    "DeviceSerialNumber": "35267",
    "DwellTime": 3.9e-06,
    "EchoTime": 0.03,
    "EffectiveEchoSpacing": 0.000559996,
    "FlipAngle": 80,
    "ImageComments": "PROJECT:MH_EPIL_SUBJECT:303_SESSION:20150206",
    "ImageOrientationPatientDICOM": [
      1,
      2e-16,
      0,
      -2e-16,
      0.993373,
      -0.114937
    ],
    "ImageType": [
      "ORIGINAL",
      "PRIMARY",
      "M",
      "ND",
      "MOSAIC"
    ],
    "InPlanePhaseEncodingDirectionDICOM": "COL",
    "InstitutionAddress": "Newton_Road_500_Iowa_City_CDI_US_52242",
    "InstitutionName": "University_of_Iowa",
    "InstitutionalDepartmentName": "Department",
    "MRAcquisitionType": "2D",
    "MagneticFieldStrength": 3,
    "Manufacturer": "Siemens",
    "ManufacturersModelName": "TrioTim",
    "Modality": "MR",
    "PartialFourier": 1,
    "PatientPosition": "HFS",
    "PercentPhaseFOV": 100,
    "PhaseEncodingDirection": "j-",
    "PhaseEncodingSteps": 64,
    "PhaseResolution": 1,
    "PixelBandwidth": 2003,
    "ProcedureStepDescription": "RESEARCH_HOWARD",
    "ProtocolName": "REST",
    "PulseSequenceDetails": "%SiemensSeq%_ep2d_pace",
    "ReceiveCoilName": "HeadMatrix",
    "ReconMatrixPE": 64,
    "RepetitionTime": 2.26,
    "SAR": 0.126681,
    "ScanOptions": "FS",
    "ScanningSequence": "EP",
    "SequenceName": "_epfid2d1_64",
    "SequenceVariant": "SK",
    "SeriesDescription": "REST",
    "SeriesNumber": 2,
    "ShimSetting": [
      6571,
      25518,
      6068,
      586,
      230,
      -580,
      86,
      -15
    ],
    "SliceThickness": 4,
    "SliceTiming": [
      1.125,
      0,
      1.1875,
      0.0625,
      1.2475,
      0.125,
      1.31,
      0.1875,
      1.3725,
      0.25,
      1.435,
      0.3125,
      1.4975,
      0.375,
      1.56,
      0.4375,
      1.6225,
      0.5,
      1.685,
      0.5625,
      1.7475,
      0.625,
      1.81,
      0.6875,
      1.8725,
      0.75,
      1.935,
      0.8125,
      1.9975,
      0.875,
      2.06,
      0.9375,
      2.1225,
      1,
      2.185,
      1.0625
    ],
    "SoftwareVersions": "syngo_MR_B17",
    "SpacingBetweenSlices": 4,
    "StationName": "MRC35267",
    "TaskName": "rest",
    "TotalReadoutTime": 0.0352797,
    "TxRefAmp": 270.739,
    "dataset": "ds002799",
    "modality": "bold",
    "run_id": 1,
    "session_id": "preop",
    "subject_id": "303",
    "task_id": "rest"
  },
  "dummy_trs": 0,
  "dvars_nstd": 23.27500625728681,
  "dvars_std": 1.112201977441861,
  "dvars_vstd": 0.9699849151162793,
  "efc": 0.450847674006518,
  "fber": 2008.8438720703125,
  "fd_mean": 0.2840199366538418,
  "fd_num": 62,
  "fd_perc": 47.69230769230769,
  "fwhm_avg": 1.969364893939394,
  "fwhm_x": 1.9102225454545454,
  "fwhm_y": 2.186059636363636,
  "fwhm_z": 1.8118125,
  "gcor": 0.00735978,
  "gsr_x": -0.023210272192955017,
  "gsr_y": 0.03306188806891441,
  "provenance": {
    "md5sum": "90336ce1d258efa8dd03be994abcd7a6",
    "settings": {
      "fd_thres": 0.2,
      "testing": false
    },
    "software": "mriqc",
    "version": "21.0.0rc2",
    "webapi_port": null,
    "webapi_url": "https://mriqc.nimh.nih.gov/api/v1"
  },
  "size_t": 130,
  "size_x": 64,
  "size_y": 64,
  "size_z": 36,
  "snr": 6.117286526046859,
  "spacing_tr": 2.259999990463257,
  "spacing_x": 3.4375,
  "spacing_y": 3.4375,
  "spacing_z": 4.0,
  "summary_bg_k": 46.587339777729014,
  "summary_bg_mad": 8.25695428537818,
  "summary_bg_mean": 40.168052673339844,
  "summary_bg_median": 18.176923751831055,
  "summary_bg_n": 102254.0,
  "summary_bg_p05": 11.699999809265137,
  "summary_bg_p95": 146.42577209472648,
  "summary_bg_stdv": 65.70157623291016,
  "summary_fg_k": 0.9723050641168802,
  "summary_fg_mad": 119.4977026152083,
  "summary_fg_mean": 827.0753173828125,
  "summary_fg_median": 823.0999755859375,
  "summary_fg_n": 16025.0,
  "summary_fg_p05": 613.7461547851562,
  "summary_fg_p95": 1057.7231201171874,
  "summary_fg_stdv": 134.54891967773438,
  "tsnr": 42.07700439565815
}