{
  "bids_meta": {
    "AcquisitionMatrixPE": 256,
    "AcquisitionNumber": 1,
    "BodyPartExamined": "BRAIN",
    "ConversionSoftware": "dcm2niix",
    "ConversionSoftwareVersion": "v1.0.20171215 (OpenJPEG build) GCC7.2.0",
    "EchoTime": 0.00344,
    "FlipAngle": 10,
    "ImageOrientationPatientDICOM": [
      0.998692,
      -0.0504192,
      0.0085519,
      0.0082917,
      -0.00536776,
      -0.999951
    ],
    "ImageType": [
      "ORIGINAL",
      "PRIMARY",
      "M",
      "DIS2D"
    ],
    "InPlanePhaseEncodingDirectionDICOM": "ROW",
    "InversionTime": 1,
    "MRAcquisitionType": "3D",
    "MagneticFieldStrength": 3,
    "Modality": "MR",
    "PatientPosition": "HFS",
    "PercentPhaseFOV": 100,
    "PhaseEncodingSteps": 256,
    "PixelBandwidth": 190,
    "ProtocolName": "MPRAGE_TI=1000",
    "ReconMatrixPE": 256,
    "RepetitionTime": 1.9,
    "SAR": 0.104959,
    "ScanOptions": "IR",
    "ScanningSequence": "GR_IR",
    "SequenceName": "_tfl3d1_16ns",
    "SequenceVariant": "SK_SP_MP",
    "SeriesDescription": "MPRAGE_TI=1000",
    "SeriesNumber": 2,
    "SliceThickness": 1,
    "dataset": "ds002799",
    "modality": "T1w",
    "session_id": "preop",
    "subject_id": "339"
  },
  "cjv": 0.46331319328300063,
  "cnr": 3.0015440194039247,
  "efc": 0.6375337998287163,
  "fber": 1332.25,
  "fwhm_avg": 4.602496928883817,
  "fwhm_x": 4.227900252002493,
  "fwhm_y": 4.484960534648959,
  "fwhm_z": 5.09463,
  "icvs_csf": 0.14660533831024275,
  "icvs_gm": 0.39029016697235325,
  "icvs_wm": 0.463104494717404,
  "inu_med": 1.0064818859100342,
  "inu_range": 0.3683301091194152,
  "provenance": {
    "md5sum": "c710caa1c17ece9168199874667b92f7",
    "settings": {
      "testing": false
    },
    "software": "mriqc",
    "version": "21.0.0rc2",
    "warnings": {
      "large_rot_frame": true,
      "small_air_mask": false
    },
    "webapi_port": null,
    "webapi_url": "https://mriqc.nimh.nih.gov/api/v1"
  },
  "qi_1": 0.02627516625523517,
  "qi_2": 0.04111024310832384,
  "rpve_csf": 51.746405690203474,
  "rpve_gm": 20.588163617950425,
  "rpve_wm": 20.98413193810839,
  "size_x": 256,
  "size_y": 256,
  "size_z": 256,
  "snr_csf": 2.033618012029313,
  "snr_gm": 16.885568525844068,
  "snr_total": 16.300054516914717,
  "snr_wm": 29.98097701287077,
  "snrd_csf": 15.267086227865182,
  "snrd_gm": 32.7793321951223,
  "snrd_total": 29.336753928054662,
  "snrd_wm": 39.96384336117651,
  "spacing_x": 0.9999999403953552,
  "spacing_y": 0.9999998807907104,
  "spacing_z": 1.0,
  "summary_bg_k": 1139.6053066799698,
  "summary_bg_mad": 16.393227805007626,
  "summary_bg_mean": 21.607009063586947,
  "summary_bg_median": 22.47191047668457,
  "summary_bg_n": 1878658.0,
  "summary_bg_p05": 11.235955238342285,
  "summary_bg_p95": 33.707865715026855,
  "summary_bg_stdv": 10.739799880721902,
  "summary_csf_k": 19.8520905248413,
  "summary_csf_mad": 116.60916514377138,
  "summary_csf_mean": 424.06605859331535,
  "summary_csf_median": 382.0224781036377,
  "summary_csf_n": 14745.0,
  "summary_csf_p05": 247.19101524353027,
  "summary_csf_p95": 651.6854038238525,
  "summary_csf_stdv": 187.84723646157536,
  "summary_gm_k": -0.28855006118359317,
  "summary_gm_mad": 49.975356490187735,
  "summary_gm_mean": 813.52349205674,
  "summary_gm_median": 820.2247323989868,
  "summary_gm_n": 20615.0,
  "summary_gm_p05": 730.3370904922485,
  "summary_gm_p95": 887.6404638290405,
  "summary_gm_stdv": 48.57430989195969,
  "summary_wm_k": 1.1351008922688566,
  "summary_wm_mad": 33.31690432679182,
  "summary_wm_mean": 1004.4730399584145,
  "summary_wm_median": 1000.0000162124634,
  "summary_wm_n": 219581.0,
  "summary_wm_p05": 955.0561952590942,
  "summary_wm_p95": 1067.415747642517,
  "summary_wm_stdv": 33.354407987321174,
  "tpm_overlap_csf": 0.18077640235424042,
  "tpm_overlap_gm": 0.4310917556285858,
  "tpm_overlap_wm": 0.49159786105155945,
  "wm2max": 0.49171270718232046
}