{
  "bids_meta": {
    "AcquisitionMatrixPE": 256,
    "AcquisitionNumber": 1,
    "AcquisitionTime": "16:39:17.000000",
    "BodyPartExamined": "HEAD",
    "CoilString": "32Ch_Head",
    "ConversionSoftware": "dcm2niix",
    "ConversionSoftwareVersion": "v1.0.20181125  (JP2:OpenJPEG) GCC8.2.0",
    "DeviceSerialNumber": "0000000319335MR2",
    "EchoTime": 0.003288,
    "FlipAngle": 12,
    "ImageOrientationPatientDICOM": [
      1,
      0,
      0,
      0,
      0,
      -1
    ],
    "ImageType": [
      "DERIVED",
      "PRIMARY",
      "OTHER"
    ],
    "ImagingFrequency": 127.758,
    "InPlanePhaseEncodingDirectionDICOM": "ROW",
    "InstitutionName": "Iowa_MRRF",
    "InversionTime": 0.45,
    "MRAcquisitionType": "3D",
    "MagneticFieldStrength": 3,
    "Manufacturer": "GE",
    "ManufacturersModelName": "DISCOVERY_MR750w",
    "Modality": "MR",
    "PatientPosition": "HFS",
    "PercentPhaseFOV": 100,
    "PixelBandwidth": 244.141,
    "ProcedureStepDescription": "MH_EPIL",
    "ProtocolName": "PU:Cor_FSPGR_BRAVO",
    "RawImage": true,
    "ReconMatrixPE": 256,
    "RepetitionTime": 0.008504,
    "SAR": 0.189166,
    "ScanOptions": "FAST_GEMS_EDR_GEMS_FILTERED_GEMS_ACC_GEMS",
    "ScanningSequence": "GR",
    "SequenceVariant": "SS_SK",
    "SeriesDescription": "PU:Cor_FSPGR_BRAVO",
    "SeriesNumber": 600,
    "SliceThickness": 0.8,
    "SoftwareVersions": "27_LX_MR_Software_release:DV25.1_R02_1649.a",
    "SpacingBetweenSlices": 0.8,
    "StationName": "Iowa3T",
    "dataset": "ds002799",
    "modality": "T1w",
    "session_id": "preop",
    "subject_id": "384"
  },
  "cjv": 0.5205648723093534,
  "cnr": 2.256780231898936,
  "efc": 0.7172488450105107,
  "fber": 1774.5892708689912,
  "fwhm_avg": 3.38864414773319,
  "fwhm_x": 3.10985,
  "fwhm_y": 3.811812443199569,
  "fwhm_z": 3.24427,
  "icvs_csf": 0.2073424635971266,
  "icvs_gm": 0.4011706465048339,
  "icvs_wm": 0.3914868898980395,
  "inu_med": 1.3100917339324951,
  "inu_range": 0.3062604546546934,
  "provenance": {
    "md5sum": "c501be7bc2fc7cc0b1812023de2b7d1f",
    "settings": {
      "testing": false
    },
    "software": "mriqc",
    "version": "21.0.0rc2",
    "warnings": {
      "large_rot_frame": true,
      "small_air_mask": false
    },
    "webapi_port": null,
    "webapi_url": "https://mriqc.nimh.nih.gov/api/v1"
  },
  "qi_1": 0.0,
  "qi_2": 0.0015138257420337974,
  "rpve_csf": 30.011924048873787,
  "rpve_gm": 15.665947441482897,
  "rpve_wm": 19.079386177599623,
  "size_x": 256,
  "size_y": 252,
  "size_z": 256,
  "snr_csf": 3.132624097286161,
  "snr_gm": 12.061217324860761,
  "snr_total": 9.664274917750914,
  "snr_wm": 13.798983331105816,
  "snrd_csf": 13.741476435338583,
  "snrd_gm": 26.89018329895668,
  "snrd_total": 25.308745932463598,
  "snrd_wm": 35.29457806309553,
  "spacing_x": 1.0,
  "spacing_y": 0.800000011920929,
  "spacing_z": 1.0,
  "summary_bg_k": 3.329809329261974,
  "summary_bg_mad": 18.561955099879953,
  "summary_bg_mean": 36.232815150709165,
  "summary_bg_median": 16.428484074771404,
  "summary_bg_n": 1496861.0,
  "summary_bg_p05": 1.343593493103981,
  "summary_bg_p95": 127.33601968735456,
  "summary_bg_stdv": 43.48995788377257,
  "summary_csf_k": 1.0839418332187085,
  "summary_csf_mad": 121.37707712872721,
  "summary_csf_mean": 402.435478994329,
  "summary_csf_median": 389.33675084263086,
  "summary_csf_n": 30200.0,
  "summary_csf_p05": 219.0057393759489,
  "summary_csf_p95": 611.5823827099055,
  "summary_csf_stdv": 124.28248418118721,
  "summary_gm_k": 0.2714121171338588,
  "summary_gm_mad": 61.933547747892135,
  "summary_gm_mean": 763.6766827374438,
  "summary_gm_median": 761.878583021462,
  "summary_gm_n": 33152.0,
  "summary_gm_p05": 663.1244612783194,
  "summary_gm_p95": 871.0760905519128,
  "summary_gm_stdv": 63.16668307404996,
  "summary_wm_k": 2.30062958298749,
  "summary_wm_mad": 62.024093870330574,
  "summary_wm_mean": 1008.400832500852,
  "summary_wm_median": 999.9999934583902,
  "summary_wm_n": 260592.0,
  "summary_wm_p05": 907.5363321602345,
  "summary_wm_p95": 1139.0619199946523,
  "summary_wm_stdv": 72.46896751401847,
  "tpm_overlap_csf": 0.1635451465845108,
  "tpm_overlap_gm": 0.43913733959198,
  "tpm_overlap_wm": 0.49435955286026,
  "wm2max": 0.4096982435069809
}