{
  "bids_meta": {
    "AcquisitionMatrixPE": 256,
    "AcquisitionNumber": 1,
    "AcquisitionTime": "17:27:41.000000",
    "BodyPartExamined": "HEAD",
    "CoilString": "32Ch_Head",
    "ConversionSoftware": "dcm2niix",
    "ConversionSoftwareVersion": "v1.0.20181125  (JP2:OpenJPEG) GCC8.2.0",
    "DeviceSerialNumber": "0000000319335MR2",
    "EchoTime": 0.086828,
    "EchoTrainLength": 140,
    "FlipAngle": 90,
    "ImageOrientationPatientDICOM": [
      0,
      1,
      0,
      0,
      0,
      -1
    ],
    "ImageType": [
      "DERIVED",
      "PRIMARY",
      "OTHER"
    ],
    "ImagingFrequency": 127.758,
    "InPlanePhaseEncodingDirectionDICOM": "ROW",
    "InstitutionName": "Iowa_MRRF",
    "MRAcquisitionType": "3D",
    "MagneticFieldStrength": 3,
    "Manufacturer": "GE",
    "ManufacturersModelName": "DISCOVERY_MR750w",
    "Modality": "MR",
    "PatientPosition": "HFS",
    "PercentPhaseFOV": 100,
    "PixelBandwidth": 976.562,
    "ProcedureStepDescription": "MH_EPIL",
    "ProtocolName": "PU:CUBE_T2_Sagittal",
    "RawImage": true,
    "ReconMatrixPE": 256,
    "RepetitionTime": 3.2,
    "SAR": 0.471812,
    "ScanOptions": "EDR_GEMS_FILTERED_GEMS_ACC_GEMS",
    "ScanningSequence": "SE",
    "SequenceVariant": "SK",
    "SeriesDescription": "PU:CUBE_T2_Sagittal",
    "SeriesNumber": 1300,
    "SliceThickness": 1,
    "SoftwareVersions": "27_LX_MR_Software_release:DV25.1_R02_1649.a",
    "SpacingBetweenSlices": 1,
    "StationName": "Iowa3T",
    "dataset": "ds002799",
    "modality": "T2w",
    "session_id": "preop",
    "subject_id": "384"
  },
  "cjv": 0.4537015769697206,
  "cnr": 2.9987980436781427,
  "efc": 0.684731617236085,
  "fber": 277.51537258630077,
  "fwhm_avg": 2.92473,
  "fwhm_x": 2.80965,
  "fwhm_y": 3.12645,
  "fwhm_z": 2.83809,
  "icvs_csf": 0.14616639052295247,
  "icvs_gm": 0.4433613957548179,
  "icvs_wm": 0.4104722137222296,
  "inu_med": 1.4943434000015259,
  "inu_range": 0.3781405448913573,
  "provenance": {
    "md5sum": "0a6272f41d229fc4649d11d5909d7249",
    "settings": {
      "testing": false
    },
    "software": "mriqc",
    "version": "21.0.0rc2",
    "warnings": {
      "large_rot_frame": true,
      "small_air_mask": false
    },
    "webapi_port": null,
    "webapi_url": "https://mriqc.nimh.nih.gov/api/v1"
  },
  "qi_1": 0.0,
  "qi_2": 0.0038236688463252617,
  "rpve_csf": 34.12616018100648,
  "rpve_gm": 12.401688371486323,
  "rpve_wm": 14.51936835370944,
  "size_x": 172,
  "size_y": 256,
  "size_z": 256,
  "snr_csf": 4.554327284512668,
  "snr_gm": 7.745974558189839,
  "snr_total": 6.612721952673621,
  "snr_wm": 7.537864015318359,
  "snrd_csf": 65.90851494014974,
  "snrd_gm": 22.402323489713613,
  "snrd_total": 33.540035400693014,
  "snrd_wm": 12.309267772215692,
  "spacing_x": 1.0,
  "spacing_y": 1.0,
  "spacing_z": 1.0,
  "summary_bg_k": 1.0669463534171806,
  "summary_bg_mad": 53.223016033955794,
  "summary_bg_mean": 51.19733125899545,
  "summary_bg_median": 43.078054547309875,
  "summary_bg_n": 1008473.0,
  "summary_bg_p05": 6.9955815076828,
  "summary_bg_p95": 131.2592003941536,
  "summary_bg_stdv": 44.27869688186538,
  "summary_csf_k": 2.673952366116069,
  "summary_csf_mad": 739.1175765125759,
  "summary_csf_mean": 5089.490367422393,
  "summary_csf_median": 5354.381267130375,
  "summary_csf_n": 29844.0,
  "summary_csf_p05": 2702.1998374551536,
  "summary_csf_p95": 6520.986530661583,
  "summary_csf_stdv": 1175.6492728194473,
  "summary_gm_k": 0.10135832768550435,
  "summary_gm_mad": 242.0964883185579,
  "summary_gm_mean": 1824.59592564336,
  "summary_gm_median": 1819.9557574987411,
  "summary_gm_n": 52538.0,
  "summary_gm_p05": 1458.2105558514595,
  "summary_gm_p95": 2213.917452931404,
  "summary_gm_stdv": 234.95280333922253,
  "summary_wm_k": 0.18328374153909532,
  "summary_wm_mad": 129.91874683160492,
  "summary_wm_mean": 1001.04473000448,
  "summary_wm_median": 999.9999670982361,
  "summary_wm_n": 185333.0,
  "summary_wm_p05": 783.873317360878,
  "summary_wm_p95": 1219.8085018396378,
  "summary_wm_stdv": 132.66321430260933,
  "tpm_overlap_csf": 0.1660369485616684,
  "tpm_overlap_gm": 0.4375852048397064,
  "tpm_overlap_wm": 0.5008851289749146,
  "wm2max": 0.14077019619210981
}