{
  "aor": 0.00209365,
  "aqi": 0.01448162865,
  "bids_meta": {
    "AcquisitionMatrixPE": 68,
    "AcquisitionNumber": 1,
    "AcquisitionTime": "15:58:48.595000",
    "BandwidthPerPixelPhaseEncode": 25.355,
    "BaseResolution": 68,
    "BodyPartExamined": "HEAD",
    "ConsistencyInfo": "N4_VD13C_LATEST_20121124",
    "ConversionSoftware": "dcm2niix",
    "ConversionSoftwareVersion": "v1.0.20171103 (OpenJPEG build) GCC6.3.0",
    "DelayTime": 0.1,
    "DerivedVendorReportedEchoSpacing": 0.000579999,
    "DeviceSerialNumber": "45685",
    "DwellTime": 3.8e-06,
    "EchoTime": 0.03,
    "EchoTrainLength": 68,
    "EffectiveEchoSpacing": 0.000579999,
    "FlipAngle": 90,
    "ImageOrientationPatientDICOM": [
      1,
      0,
      0,
      0,
      1,
      0
    ],
    "ImageType": [
      "ORIGINAL",
      "PRIMARY",
      "M",
      "ND",
      "MOSAIC"
    ],
    "InPlanePhaseEncodingDirectionDICOM": "COL",
    "InstitutionAddress": "HAWKINS_DRIVE_200_IOWA_CITY_IOWA_US_52242",
    "InstitutionName": "UIHC_SKYRA",
    "InstitutionalDepartmentName": "Department",
    "MRAcquisitionType": "2D",
    "MagneticFieldStrength": 3,
    "Manufacturer": "Siemens",
    "ManufacturersModelName": "Skyra",
    "Modality": "MR",
    "PartialFourier": 1,
    "PatientPosition": "HFS",
    "PercentPhaseFOV": 100,
    "PhaseEncodingDirection": "j-",
    "PhaseEncodingSteps": 68,
    "PhaseResolution": 1,
    "PixelBandwidth": 1935,
    "ProcedureStepDescription": "RESEARCH_HOWARD",
    "ProtocolName": "ES-FMRI-V3",
    "PulseSequenceDetails": "%SiemensSeq%_ep2d_pace",
    "ReceiveCoilActiveElements": "HE",
    "ReceiveCoilName": "Head_TxRx",
    "ReconMatrixPE": 68,
    "RepetitionTime": 3,
    "SAR": 0.0651826,
    "ScanOptions": "FS",
    "ScanningSequence": "EP",
    "SequenceName": "_epfid2d1_68",
    "SequenceVariant": "SK",
    "SeriesDescription": "ES-FMRI-V3",
    "SeriesNumber": 8,
    "ShimSetting": [
      -3789,
      -1252,
      -940,
      125,
      497,
      35,
      215,
      451
    ],
    "SliceThickness": 2.8,
    "SliceTiming": [
      1.44,
      0,
      1.505,
      0.065,
      1.5725,
      0.1325,
      1.6375,
      0.1975,
      1.7025,
      0.2625,
      1.7675,
      0.3275,
      1.8325,
      0.3925,
      1.8975,
      0.46,
      1.965,
      0.525,
      2.03,
      0.59,
      2.095,
      0.655,
      2.16,
      0.72,
      2.225,
      0.785,
      2.2925,
      0.8525,
      2.3575,
      0.9175,
      2.4225,
      0.9825,
      2.4875,
      1.0475,
      2.5525,
      1.1125,
      2.6175,
      1.1775,
      2.685,
      1.245,
      2.75,
      1.31,
      2.815,
      1.375
    ],
    "SoftwareVersions": "syngo_MR_D13C",
    "SpacingBetweenSlices": 2.8,
    "StationName": "AWP45685",
    "TaskName": "es",
    "TotalReadoutTime": 0.03886,
    "TxRefAmp": 181.986,
    "dataset": "ds002799",
    "modality": "bold",
    "run_id": 6,
    "session_id": "postop",
    "subject_id": "316",
    "task_id": "es"
  },
  "dummy_trs": 0,
  "dvars_nstd": 31.005453905427135,
  "dvars_std": 1.035612607135679,
  "dvars_vstd": 0.9962442592964824,
  "efc": 0.4949027784472739,
  "fber": 1703.0220947265625,
  "fd_mean": 0.21394694243332918,
  "fd_num": 71,
  "fd_perc": 35.5,
  "fwhm_avg": 1.8984417047869264,
  "fwhm_x": 1.6507680071558866,
  "fwhm_y": 2.0959856454494896,
  "fwhm_z": 1.9485714617554029,
  "gcor": 0.0202476,
  "gsr_x": 0.003753625089302659,
  "gsr_y": 0.027203362435102463,
  "provenance": {
    "md5sum": "69672b74dacfad32f056c4b8866f19f1",
    "settings": {
      "fd_thres": 0.2,
      "testing": false
    },
    "software": "mriqc",
    "version": "21.0.0rc2",
    "webapi_port": null,
    "webapi_url": "https://mriqc.nimh.nih.gov/api/v1"
  },
  "size_t": 200,
  "size_x": 68,
  "size_y": 68,
  "size_z": 44,
  "snr": 5.206771222294529,
  "spacing_tr": 3.0,
  "spacing_x": 3.2352941036224365,
  "spacing_y": 3.2352941036224365,
  "spacing_z": 2.799999952316284,
  "summary_bg_k": 71.56134117907195,
  "summary_bg_mad": 3.0319209429977,
  "summary_bg_mean": 16.50699806213379,
  "summary_bg_median": 6.815000057220459,
  "summary_bg_n": 135221.0,
  "summary_bg_p05": 4.529999732971191,
  "summary_bg_p95": 58.334999084472656,
  "summary_bg_stdv": 30.4914608001709,
  "summary_fg_k": 2.714276810372156,
  "summary_fg_mad": 46.62039237438259,
  "summary_fg_mean": 292.2533874511719,
  "summary_fg_median": 291.8450012207031,
  "summary_fg_n": 29647.0,
  "summary_fg_p05": 204.57349853515626,
  "summary_fg_p95": 378.71047973632795,
  "summary_fg_stdv": 56.050106048583984,
  "tsnr": 37.933994812192395
}