{
  "bids_meta": {
    "AcquisitionMatrixPE": 256,
    "AcquisitionNumber": 1,
    "AcquisitionTime": "16:28:21.505000",
    "BaseResolution": 256,
    "ConversionSoftware": "dcm2niix",
    "ConversionSoftwareVersion": "v1.0.20171103 (OpenJPEG build) GCC6.3.0",
    "DeviceSerialNumber": "35267",
    "DwellTime": 3e-06,
    "EchoTime": 0.00174,
    "FlipAngle": 10,
    "ImageComments": "PROJECT:MH_EPIL_SUBJECT:314_SESSION:20150629",
    "ImageOrientationPatientDICOM": [
      0,
      1,
      0,
      0,
      0,
      -1
    ],
    "ImageType": [
      "ORIGINAL",
      "PRIMARY",
      "OTHER",
      "ND",
      "NORM",
      "MEAN"
    ],
    "InPlanePhaseEncodingDirectionDICOM": "ROW",
    "InstitutionAddress": "Newton_Road_500_Iowa_City_CDI_US_52242",
    "InstitutionName": "University_of_Iowa",
    "InstitutionalDepartmentName": "Department",
    "MRAcquisitionType": "3D",
    "MagneticFieldStrength": 3,
    "Manufacturer": "Siemens",
    "ManufacturersModelName": "TrioTim",
    "Modality": "MR",
    "ParallelReductionFactorInPlane": 2,
    "PartialFourier": 1,
    "PatientPosition": "HFS",
    "PercentPhaseFOV": 100,
    "PhaseEncodingSteps": 255,
    "PhaseResolution": 1,
    "PixelBandwidth": 651,
    "ProcedureStepDescription": "RESEARCH_HOWARD",
    "ProtocolName": "MULTI_ECHO_MPRAGE_V-4",
    "PulseSequenceDetails": "%CustomerSeq%_WIP711_Moco_tfl_multiecho_epinav_711",
    "ReceiveCoilName": "HeadMatrix",
    "ReconMatrixPE": 256,
    "RepetitionTime": 2.15,
    "SAR": 0.101919,
    "ScanOptions": "IR",
    "ScanningSequence": "GR_IR",
    "SequenceName": "Moco3d4_ns",
    "SequenceVariant": "SP_MP",
    "SeriesDescription": "MULTI_ECHO_MPRAGE_V-4_RMS",
    "SeriesNumber": 17,
    "ShimSetting": [
      6534,
      25337,
      5988,
      171,
      3,
      -321,
      -106,
      167
    ],
    "SliceThickness": 1,
    "SoftwareVersions": "syngo_MR_B17",
    "StationName": "MRC35267",
    "TxRefAmp": 273.724,
    "dataset": "ds002799",
    "modality": "T1w",
    "session_id": "preop",
    "subject_id": "314"
  },
  "cjv": 0.4169818739547006,
  "cnr": 3.156266853388917,
  "efc": 0.6821424970889296,
  "fber": 529.0,
  "fwhm_avg": 3.3654833333333336,
  "fwhm_x": 3.48265,
  "fwhm_y": 3.44533,
  "fwhm_z": 3.16847,
  "icvs_csf": 0.169244035739479,
  "icvs_gm": 0.4207498102238752,
  "icvs_wm": 0.4100061540366458,
  "inu_med": 1.324597954750061,
  "inu_range": 0.4096584618091583,
  "provenance": {
    "md5sum": "e5266c3f913d14d3c04ae06402e7b0a8",
    "settings": {
      "testing": false
    },
    "software": "mriqc",
    "version": "21.0.0rc2",
    "warnings": {
      "large_rot_frame": true,
      "small_air_mask": false
    },
    "webapi_port": null,
    "webapi_url": "https://mriqc.nimh.nih.gov/api/v1"
  },
  "qi_1": 7.442755903656006e-06,
  "qi_2": 0.013240082439410251,
  "rpve_csf": 49.49846483631336,
  "rpve_gm": 21.28159012349468,
  "rpve_wm": 25.33115653812198,
  "size_x": 256,
  "size_y": 256,
  "size_z": 256,
  "snr_csf": 4.167114676951169,
  "snr_gm": 16.024519475224896,
  "snr_total": 15.178643900668368,
  "snr_wm": 25.344297549829037,
  "snrd_csf": 31.37367678687891,
  "snrd_gm": 55.23534645577273,
  "snrd_total": 51.994872797034056,
  "snrd_wm": 69.37559514845054,
  "spacing_x": 1.0,
  "spacing_y": 1.0,
  "spacing_z": 1.0,
  "summary_bg_k": 2.0229315753628567,
  "summary_bg_mad": 9.443326196496328,
  "summary_bg_mean": 27.25157824132331,
  "summary_bg_median": 25.477706909179688,
  "summary_bg_n": 1434909.0,
  "summary_bg_p05": 12.738853454589844,
  "summary_bg_p95": 44.58598709106445,
  "summary_bg_stdv": 12.039857563515737,
  "summary_csf_k": 1.0366165940621412,
  "summary_csf_mad": 103.8765881614596,
  "summary_csf_mean": 471.6412265731405,
  "summary_csf_median": 452.22929763793945,
  "summary_csf_n": 18585.0,
  "summary_csf_p05": 331.21018981933594,
  "summary_csf_p95": 668.7898063659668,
  "summary_csf_stdv": 108.52044304474997,
  "summary_gm_k": 0.1712911790333429,
  "summary_gm_mad": 47.21663098248163,
  "summary_gm_mean": 796.0553308840367,
  "summary_gm_median": 796.1783409118652,
  "summary_gm_n": 11754.0,
  "summary_gm_p05": 713.3757934570312,
  "summary_gm_p95": 878.9808883666992,
  "summary_gm_stdv": 49.68289208438617,
  "summary_wm_k": 0.5070967826602364,
  "summary_wm_mad": 37.77330478598531,
  "summary_wm_mean": 996.2228334867972,
  "summary_wm_median": 999.9999961853027,
  "summary_wm_n": 222949.0,
  "summary_wm_p05": 929.9363021850586,
  "summary_wm_p95": 1057.324836730957,
  "summary_wm_stdv": 39.45651883037411,
  "tpm_overlap_csf": 0.15466712415218353,
  "tpm_overlap_gm": 0.4329148828983307,
  "tpm_overlap_wm": 0.4996013343334198,
  "wm2max": 0.7040358744394619
}