{
  "aor": 0.0022116923076923077,
  "aqi": 0.003421808076923077,
  "bids_meta": {
    "AcquisitionMatrixPE": 64,
    "AcquisitionNumber": 1,
    "AcquisitionTime": "15:14:44.000000",
    "BodyPartExamined": "HEAD",
    "ConversionSoftware": "dcm2niix",
    "ConversionSoftwareVersion": "v1.0.20180622 GCC7.3.0",
    "DeviceSerialNumber": "0000000319335MR2",
    "EchoTime": 0.03,
    "EffectiveEchoSpacing": 0.00064,
    "FlipAngle": 80,
    "ImageOrientationPatientDICOM": [
      1,
      0,
      0,
      0,
      0.998234,
      -0.0594121
    ],
    "ImageType": [
      "ORIGINAL",
      "PRIMARY",
      "EPI",
      "NONE"
    ],
    "InPlanePhaseEncodingDirectionDICOM": "COL",
    "InstitutionName": "Iowa_MRRF",
    "MRAcquisitionType": "2D",
    "MagneticFieldStrength": 3,
    "Manufacturer": "GE",
    "ManufacturersModelName": "DISCOVERY_MR750w",
    "Modality": "MR",
    "PatientPosition": "HFS",
    "PercentPhaseFOV": 100,
    "PhaseEncodingAxis": "j",
    "PixelBandwidth": 7812.5,
    "ProcedureStepDescription": "MH_EPIL",
    "ProtocolName": "REST",
    "ReconMatrixPE": 64,
    "RepetitionTime": 2.26,
    "SAR": 0.111983,
    "ScanOptions": "SAT_GEMS_EPI_GEMS_ACC_GEMS_FS",
    "ScanningSequence": "EP_GR",
    "SequenceVariant": "SS",
    "SeriesDescription": "REST",
    "SeriesNumber": 5,
    "SliceThickness": 4,
    "SoftwareVersions": "27_LX_MR_Software_release:DV25.1_R02_1649.a",
    "SpacingBetweenSlices": 4,
    "StationName": "Iowa3T",
    "TaskName": "rest",
    "TotalReadoutTime": 0.04032,
    "dataset": "ds002799",
    "modality": "bold",
    "run_id": 2,
    "session_id": "preop",
    "subject_id": "413",
    "task_id": "rest"
  },
  "dummy_trs": 0,
  "dvars_nstd": 16.827682997751936,
  "dvars_std": 1.1704602255813956,
  "dvars_vstd": 1.0018151223255818,
  "efc": 0.516120745820608,
  "fber": 19509.642578125,
  "fd_mean": 0.09784464516551658,
  "fd_num": 2,
  "fd_perc": 1.5384615384615385,
  "fwhm_avg": 2.591774620474588,
  "fwhm_x": 2.5837992727272727,
  "fwhm_y": 2.736040727272727,
  "fwhm_z": 2.4554838614237653,
  "gcor": 0.117926,
  "gsr_x": -0.002438802970573306,
  "gsr_y": 0.02914140187203884,
  "provenance": {
    "md5sum": "3a8acc14b573d14b5db5c79d7da952dd",
    "settings": {
      "fd_thres": 0.2,
      "testing": false
    },
    "software": "mriqc",
    "version": "21.0.0rc2",
    "webapi_port": null,
    "webapi_url": "https://mriqc.nimh.nih.gov/api/v1"
  },
  "size_t": 130,
  "size_x": 64,
  "size_y": 64,
  "size_z": 30,
  "snr": 4.174779392099846,
  "spacing_tr": 2.259999990463257,
  "spacing_x": 3.4375,
  "spacing_y": 3.4375,
  "spacing_z": 4.000062942504883,
  "summary_bg_k": 75.54655433015327,
  "summary_bg_mad": 16.17176899905829,
  "summary_bg_mean": 57.437625885009766,
  "summary_bg_median": 11.165384292602539,
  "summary_bg_n": 67156.0,
  "summary_bg_p05": 0.0,
  "summary_bg_p95": 254.30577087402344,
  "summary_bg_stdv": 153.34097290039062,
  "summary_fg_k": 0.493847517736949,
  "summary_fg_mad": 339.58431912647853,
  "summary_fg_mean": 1539.978271484375,
  "summary_fg_median": 1494.1845703125,
  "summary_fg_n": 26211.0,
  "summary_fg_p05": 1046.9653930664062,
  "summary_fg_p95": 2204.4268798828125,
  "summary_fg_stdv": 357.9006042480469,
  "tsnr": 81.96588734257966
}