{
  "aor": 0.0008213846153846155,
  "aqi": 0.0033650095384615388,
  "bids_meta": {
    "AcquisitionMatrixPE": 64,
    "AcquisitionNumber": 1,
    "AcquisitionTime": "15:07:33.000000",
    "BodyPartExamined": "HEAD",
    "ConversionSoftware": "dcm2niix",
    "ConversionSoftwareVersion": "v1.0.20180622 GCC7.3.0",
    "DeviceSerialNumber": "0000000319335MR2",
    "EchoTime": 0.03,
    "EffectiveEchoSpacing": 0.00064,
    "FlipAngle": 80,
    "ImageOrientationPatientDICOM": [
      1,
      0,
      0,
      0,
      0.998234,
      -0.0594121
    ],
    "ImageType": [
      "ORIGINAL",
      "PRIMARY",
      "EPI",
      "NONE"
    ],
    "InPlanePhaseEncodingDirectionDICOM": "COL",
    "InstitutionName": "Iowa_MRRF",
    "MRAcquisitionType": "2D",
    "MagneticFieldStrength": 3,
    "Manufacturer": "GE",
    "ManufacturersModelName": "DISCOVERY_MR750w",
    "Modality": "MR",
    "PatientPosition": "HFS",
    "PercentPhaseFOV": 100,
    "PhaseEncodingAxis": "j",
    "PixelBandwidth": 7812.5,
    "ProcedureStepDescription": "MH_EPIL",
    "ProtocolName": "REST",
    "ReconMatrixPE": 64,
    "RepetitionTime": 2.26,
    "SAR": 0.111983,
    "ScanOptions": "SAT_GEMS_EPI_GEMS_ACC_GEMS_FS",
    "ScanningSequence": "EP_GR",
    "SequenceVariant": "SS",
    "SeriesDescription": "REST",
    "SeriesNumber": 3,
    "SliceThickness": 4,
    "SoftwareVersions": "27_LX_MR_Software_release:DV25.1_R02_1649.a",
    "SpacingBetweenSlices": 4,
    "StationName": "Iowa3T",
    "TaskName": "rest",
    "TotalReadoutTime": 0.04032,
    "dataset": "ds002799",
    "modality": "bold",
    "run_id": 1,
    "session_id": "preop",
    "subject_id": "413",
    "task_id": "rest"
  },
  "dummy_trs": 0,
  "dvars_nstd": 15.897283517209301,
  "dvars_std": 1.0869136524806196,
  "dvars_vstd": 0.9445534244186043,
  "efc": 0.5167867253273302,
  "fber": 20385.75390625,
  "fd_mean": 0.08090729986461936,
  "fd_num": 0,
  "fd_perc": 0.0,
  "fwhm_avg": 2.597364284236423,
  "fwhm_x": 2.597096727272727,
  "fwhm_y": 2.736069818181818,
  "fwhm_z": 2.4589263072547247,
  "gcor": 0.0808326,
  "gsr_x": -0.003229104680940509,
  "gsr_y": 0.029740672558546066,
  "provenance": {
    "md5sum": "7cda2a72c5f18296dc331ca607999746",
    "settings": {
      "fd_thres": 0.2,
      "testing": false
    },
    "software": "mriqc",
    "version": "21.0.0rc2",
    "webapi_port": null,
    "webapi_url": "https://mriqc.nimh.nih.gov/api/v1"
  },
  "size_t": 130,
  "size_x": 64,
  "size_y": 64,
  "size_z": 30,
  "snr": 4.1699644422503095,
  "spacing_tr": 2.259999990463257,
  "spacing_x": 3.4375,
  "spacing_y": 3.4375,
  "spacing_z": 4.000062942504883,
  "summary_bg_k": 77.42668242613861,
  "summary_bg_mad": 15.886652343194148,
  "summary_bg_mean": 56.6871452331543,
  "summary_bg_median": 10.884614944458008,
  "summary_bg_n": 66943.0,
  "summary_bg_p05": 0.0,
  "summary_bg_p95": 250.76538085937477,
  "summary_bg_stdv": 151.4524688720703,
  "summary_fg_k": 0.4780781858095833,
  "summary_fg_mad": 341.7284095174253,
  "summary_fg_mean": 1535.3951416015625,
  "summary_fg_median": 1491.40380859375,
  "summary_fg_n": 26380.0,
  "summary_fg_p05": 1038.7900451660157,
  "summary_fg_p95": 2195.510119628906,
  "summary_fg_stdv": 357.6470642089844,
  "tsnr": 89.25573817966506
}