{
  "aor": 0.001546076923076923,
  "aqi": 0.0038169249230769232,
  "bids_meta": {
    "AcquisitionMatrixPE": 64,
    "AcquisitionNumber": 1,
    "AcquisitionTime": "15:55:30.000000",
    "BodyPartExamined": "HEAD",
    "ConversionSoftware": "dcm2niix",
    "ConversionSoftwareVersion": "v1.0.20180622 GCC7.3.0",
    "DeviceSerialNumber": "0000000319335MR2",
    "EchoTime": 0.03,
    "EffectiveEchoSpacing": 0.00064,
    "FlipAngle": 80,
    "ImageOrientationPatientDICOM": [
      1,
      0,
      0,
      0,
      0.998234,
      -0.0594121
    ],
    "ImageType": [
      "ORIGINAL",
      "PRIMARY",
      "EPI",
      "NONE"
    ],
    "InPlanePhaseEncodingDirectionDICOM": "COL",
    "InstitutionName": "Iowa_MRRF",
    "MRAcquisitionType": "2D",
    "MagneticFieldStrength": 3,
    "Manufacturer": "GE",
    "ManufacturersModelName": "DISCOVERY_MR750w",
    "Modality": "MR",
    "PatientPosition": "HFS",
    "PercentPhaseFOV": 100,
    "PhaseEncodingAxis": "j",
    "PixelBandwidth": 7812.5,
    "ProcedureStepDescription": "MH_EPIL",
    "ProtocolName": "REST",
    "ReconMatrixPE": 64,
    "RepetitionTime": 2.26,
    "SAR": 0.111983,
    "ScanOptions": "SAT_GEMS_EPI_GEMS_ACC_GEMS_FS",
    "ScanningSequence": "EP_GR",
    "SequenceVariant": "SS",
    "SeriesDescription": "REST",
    "SeriesNumber": 11,
    "SliceThickness": 4,
    "SoftwareVersions": "27_LX_MR_Software_release:DV25.1_R02_1649.a",
    "SpacingBetweenSlices": 4,
    "StationName": "Iowa3T",
    "TaskName": "rest",
    "TotalReadoutTime": 0.04032,
    "dataset": "ds002799",
    "modality": "bold",
    "run_id": 5,
    "session_id": "preop",
    "subject_id": "413",
    "task_id": "rest"
  },
  "dummy_trs": 0,
  "dvars_nstd": 17.908492687596897,
  "dvars_std": 1.1570868446511628,
  "dvars_vstd": 0.9992512003100775,
  "efc": 0.5187343261139438,
  "fber": 17262.50390625,
  "fd_mean": 0.11855669541024251,
  "fd_num": 14,
  "fd_perc": 10.76923076923077,
  "fwhm_avg": 2.614256321526525,
  "fwhm_x": 2.6046778181818184,
  "fwhm_y": 2.763165090909091,
  "fwhm_z": 2.474926055488667,
  "gcor": 0.143401,
  "gsr_x": -0.003299437928944826,
  "gsr_y": 0.029852190986275673,
  "provenance": {
    "md5sum": "13ca16433caf6b88adaa424cab903a4c",
    "settings": {
      "fd_thres": 0.2,
      "testing": false
    },
    "software": "mriqc",
    "version": "21.0.0rc2",
    "webapi_port": null,
    "webapi_url": "https://mriqc.nimh.nih.gov/api/v1"
  },
  "size_t": 130,
  "size_x": 64,
  "size_y": 64,
  "size_z": 30,
  "snr": 4.059477405971848,
  "spacing_tr": 2.259999990463257,
  "spacing_x": 3.4375,
  "spacing_y": 3.4375,
  "spacing_z": 4.000062942504883,
  "summary_bg_k": 71.46227373468446,
  "summary_bg_mad": 17.30082778733286,
  "summary_bg_mean": 61.93204116821289,
  "summary_bg_median": 11.815384864807129,
  "summary_bg_n": 67114.0,
  "summary_bg_p05": 0.0,
  "summary_bg_p95": 274.7007614135741,
  "summary_bg_stdv": 162.06443786621094,
  "summary_fg_k": 0.5261920971473728,
  "summary_fg_mad": 341.76261506177315,
  "summary_fg_mean": 1534.486328125,
  "summary_fg_median": 1487.230712890625,
  "summary_fg_n": 26317.0,
  "summary_fg_p05": 1025.5415283203126,
  "summary_fg_p95": 2215.5585449218747,
  "summary_fg_stdv": 366.3531799316406,
  "tsnr": 87.18567539472133
}