{
  "aor": 0.0008203875968992248,
  "aqi": 0.013134059534883722,
  "bids_meta": {
    "AcquisitionMatrixPE": 64,
    "AcquisitionNumber": 1,
    "AcquisitionTime": "15:35:19.295000",
    "BandwidthPerPixelPhaseEncode": 27.902,
    "BaseResolution": 64,
    "ConversionSoftware": "dcm2niix",
    "ConversionSoftwareVersion": "v1.0.20171215 (OpenJPEG build) GCC7.2.0",
    "DerivedVendorReportedEchoSpacing": 0.000559996,
    "DeviceSerialNumber": "35267",
    "DwellTime": 3.9e-06,
    "EchoTime": 0.03,
    "EffectiveEchoSpacing": 0.000559996,
    "FlipAngle": 80,
    "ImageComments": "PROJECT:MH_EPIL_SUBJECT:334_SESSION:20151215",
    "ImageOrientationPatientDICOM": [
      0.999952,
      0.00343528,
      0.00918738,
      -6.5388e-08,
      0.936666,
      -0.350224
    ],
    "ImageType": [
      "ORIGINAL",
      "PRIMARY",
      "M",
      "ND",
      "MOSAIC"
    ],
    "InPlanePhaseEncodingDirectionDICOM": "COL",
    "InstitutionAddress": "Newton_Road_500_Iowa_City_CDI_US_52242",
    "InstitutionName": "University_of_Iowa",
    "InstitutionalDepartmentName": "Department",
    "MRAcquisitionType": "2D",
    "MagneticFieldStrength": 3,
    "Manufacturer": "Siemens",
    "ManufacturersModelName": "TrioTim",
    "Modality": "MR",
    "PartialFourier": 1,
    "PatientPosition": "HFS",
    "PercentPhaseFOV": 100,
    "PhaseEncodingDirection": "j-",
    "PhaseEncodingSteps": 64,
    "PhaseResolution": 1,
    "PixelBandwidth": 2003,
    "ProcedureStepDescription": "RESEARCH_HOWARD",
    "ProtocolName": "REST",
    "PulseSequenceDetails": "%SiemensSeq%_ep2d_pace",
    "ReceiveCoilName": "TxRx_Head",
    "ReconMatrixPE": 64,
    "RepetitionTime": 2.26,
    "SAR": 0.0468273,
    "ScanOptions": "FS",
    "ScanningSequence": "EP",
    "SequenceName": "_epfid2d1_64",
    "SequenceVariant": "SK",
    "SeriesDescription": "REST",
    "SeriesNumber": 7,
    "ShimSetting": [
      6494,
      25483,
      6141,
      442,
      9,
      -710,
      -334,
      -29
    ],
    "SliceThickness": 4,
    "SliceTiming": [
      1.125,
      0,
      1.1875,
      0.0625,
      1.25,
      0.125,
      1.3125,
      0.1875,
      1.375,
      0.25,
      1.4375,
      0.3125,
      1.5,
      0.375,
      1.5625,
      0.4375,
      1.625,
      0.5,
      1.6875,
      0.5625,
      1.75,
      0.625,
      1.8125,
      0.6875,
      1.875,
      0.75,
      1.9375,
      0.8125,
      2,
      0.875,
      2.0625,
      0.9375,
      2.125,
      1,
      2.1875,
      1.0625
    ],
    "SoftwareVersions": "syngo_MR_B17",
    "SpacingBetweenSlices": 4,
    "StationName": "MRC35267",
    "TaskName": "rest",
    "TotalReadoutTime": 0.0352797,
    "TxRefAmp": 227.531,
    "dataset": "ds002799",
    "modality": "bold",
    "run_id": 3,
    "session_id": "preop",
    "subject_id": "334",
    "task_id": "rest"
  },
  "dummy_trs": 1,
  "dvars_nstd": 20.177614331640626,
  "dvars_std": 0.9906085508593745,
  "dvars_vstd": 0.95712943703125,
  "efc": 0.4590380771927461,
  "fber": 2195.509521484375,
  "fd_mean": 0.09611360905071852,
  "fd_num": 12,
  "fd_perc": 9.30232558139535,
  "fwhm_avg": 1.7108785757575757,
  "fwhm_x": 1.702461090909091,
  "fwhm_y": 1.8718196363636364,
  "fwhm_z": 1.558355,
  "gcor": 0.00677633,
  "gsr_x": -0.0035269621293991804,
  "gsr_y": 0.02150680497288704,
  "provenance": {
    "md5sum": "19faddfb5c84bf9e7cb8098aec7ae208",
    "settings": {
      "fd_thres": 0.2,
      "testing": false
    },
    "software": "mriqc",
    "version": "21.0.0rc2",
    "webapi_port": null,
    "webapi_url": "https://mriqc.nimh.nih.gov/api/v1"
  },
  "size_t": 129,
  "size_x": 64,
  "size_y": 64,
  "size_z": 36,
  "snr": 7.570064063601526,
  "spacing_tr": 2.259999990463257,
  "spacing_x": 3.4375,
  "spacing_y": 3.4375,
  "spacing_z": 4.0,
  "summary_bg_k": 36.1664671325164,
  "summary_bg_mad": 5.826970753658014,
  "summary_bg_mean": 21.78582191467285,
  "summary_bg_median": 10.124031066894531,
  "summary_bg_n": 100475.0,
  "summary_bg_p05": 5.6744184494018555,
  "summary_bg_p95": 76.80852355957022,
  "summary_bg_stdv": 33.53281021118164,
  "summary_fg_k": 3.3240663712667224,
  "summary_fg_mad": 56.08600760035558,
  "summary_fg_mean": 485.4156799316406,
  "summary_fg_median": 483.66278076171875,
  "summary_fg_n": 17538.0,
  "summary_fg_p05": 391.93682556152345,
  "summary_fg_p95": 585.4740020751952,
  "summary_fg_stdv": 63.88968276977539,
  "tsnr": 56.70100604882464
}