{
  "aor": 0.0009046153846153847,
  "aqi": 0.007301831846153847,
  "bids_meta": {
    "AcquisitionMatrixPE": 64,
    "AcquisitionNumber": 1,
    "AcquisitionTime": "15:51:47.847500",
    "BandwidthPerPixelPhaseEncode": 27.902,
    "BaseResolution": 64,
    "ConversionSoftware": "dcm2niix",
    "ConversionSoftwareVersion": "v1.0.20171215 (OpenJPEG build) GCC7.2.0",
    "DerivedVendorReportedEchoSpacing": 0.000559996,
    "DeviceSerialNumber": "35267",
    "DwellTime": 3.9e-06,
    "EchoTime": 0.03,
    "EffectiveEchoSpacing": 0.000559996,
    "FlipAngle": 80,
    "ImageComments": "PROJECT:MH_EPIL_SUBJECT:334_SESSION:20151215",
    "ImageOrientationPatientDICOM": [
      0.999952,
      0.00343528,
      0.00918738,
      -6.5388e-08,
      0.936666,
      -0.350224
    ],
    "ImageType": [
      "ORIGINAL",
      "PRIMARY",
      "M",
      "ND",
      "MOSAIC"
    ],
    "InPlanePhaseEncodingDirectionDICOM": "COL",
    "InstitutionAddress": "Newton_Road_500_Iowa_City_CDI_US_52242",
    "InstitutionName": "University_of_Iowa",
    "InstitutionalDepartmentName": "Department",
    "MRAcquisitionType": "2D",
    "MagneticFieldStrength": 3,
    "Manufacturer": "Siemens",
    "ManufacturersModelName": "TrioTim",
    "Modality": "MR",
    "PartialFourier": 1,
    "PatientPosition": "HFS",
    "PercentPhaseFOV": 100,
    "PhaseEncodingDirection": "j-",
    "PhaseEncodingSteps": 64,
    "PhaseResolution": 1,
    "PixelBandwidth": 2003,
    "ProcedureStepDescription": "RESEARCH_HOWARD",
    "ProtocolName": "REST",
    "PulseSequenceDetails": "%SiemensSeq%_ep2d_pace",
    "ReceiveCoilName": "TxRx_Head",
    "ReconMatrixPE": 64,
    "RepetitionTime": 2.26,
    "SAR": 0.0468273,
    "ScanOptions": "FS",
    "ScanningSequence": "EP",
    "SequenceName": "_epfid2d1_64",
    "SequenceVariant": "SK",
    "SeriesDescription": "REST",
    "SeriesNumber": 9,
    "ShimSetting": [
      6494,
      25483,
      6141,
      442,
      9,
      -710,
      -334,
      -29
    ],
    "SliceThickness": 4,
    "SliceTiming": [
      1.125,
      0,
      1.1875,
      0.0625,
      1.25,
      0.125,
      1.3125,
      0.1875,
      1.375,
      0.25,
      1.4375,
      0.3125,
      1.5,
      0.375,
      1.5625,
      0.4375,
      1.625,
      0.5,
      1.6875,
      0.5625,
      1.75,
      0.625,
      1.8125,
      0.6875,
      1.875,
      0.75,
      1.9375,
      0.8125,
      2,
      0.875,
      2.0625,
      0.9375,
      2.125,
      1,
      2.1875,
      1.0625
    ],
    "SoftwareVersions": "syngo_MR_B17",
    "SpacingBetweenSlices": 4,
    "StationName": "MRC35267",
    "TaskName": "rest",
    "TotalReadoutTime": 0.0352797,
    "TxRefAmp": 227.531,
    "dataset": "ds002799",
    "modality": "bold",
    "run_id": 4,
    "session_id": "preop",
    "subject_id": "334",
    "task_id": "rest"
  },
  "dummy_trs": 0,
  "dvars_nstd": 20.955336415503876,
  "dvars_std": 1.086581658527132,
  "dvars_vstd": 1.0161861024806205,
  "efc": 0.45838745840679884,
  "fber": 2305.61376953125,
  "fd_mean": 0.07452721692800438,
  "fd_num": 3,
  "fd_perc": 2.3076923076923075,
  "fwhm_avg": 1.7033626212121213,
  "fwhm_x": 1.6845178181818183,
  "fwhm_y": 1.8593425454545456,
  "fwhm_z": 1.5662275,
  "gcor": 0.0111896,
  "gsr_x": -0.0031393165700137615,
  "gsr_y": 0.022022591903805733,
  "provenance": {
    "md5sum": "e8eb2743c4f77022ce9fd19e0d7b3ef6",
    "settings": {
      "fd_thres": 0.2,
      "testing": false
    },
    "software": "mriqc",
    "version": "21.0.0rc2",
    "webapi_port": null,
    "webapi_url": "https://mriqc.nimh.nih.gov/api/v1"
  },
  "size_t": 130,
  "size_x": 64,
  "size_y": 64,
  "size_z": 36,
  "snr": 7.656309233969336,
  "spacing_tr": 2.259999990463257,
  "spacing_x": 3.4375,
  "spacing_y": 3.4375,
  "spacing_z": 4.0,
  "summary_bg_k": 34.0514208226423,
  "summary_bg_mad": 5.360177904098556,
  "summary_bg_mean": 21.658170700073242,
  "summary_bg_median": 9.861538887023926,
  "summary_bg_n": 100638.0,
  "summary_bg_p05": 5.876923084259033,
  "summary_bg_p95": 76.79230499267578,
  "summary_bg_stdv": 33.71876907348633,
  "summary_fg_k": 3.0334135124580337,
  "summary_fg_mad": 55.67744137620075,
  "summary_fg_mean": 485.49090576171875,
  "summary_fg_median": 483.0846252441406,
  "summary_fg_n": 17521.0,
  "summary_fg_p05": 393.1153869628906,
  "summary_fg_p95": 585.1231079101562,
  "summary_fg_stdv": 63.094478607177734,
  "tsnr": 69.5235757122282
}