{
  "aor": 0.002503153846153846,
  "aqi": 0.012250892461538461,
  "bids_meta": {
    "AcquisitionMatrixPE": 64,
    "AcquisitionNumber": 1,
    "AcquisitionTime": "15:23:32.762500",
    "BandwidthPerPixelPhaseEncode": 27.902,
    "BaseResolution": 64,
    "ConversionSoftware": "dcm2niix",
    "ConversionSoftwareVersion": "v1.0.20171215 (OpenJPEG build) GCC7.2.0",
    "DerivedVendorReportedEchoSpacing": 0.000559996,
    "DeviceSerialNumber": "35267",
    "DwellTime": 3.9e-06,
    "EchoTime": 0.03,
    "EffectiveEchoSpacing": 0.000559996,
    "FlipAngle": 80,
    "ImageComments": "PROJECT:MH_EPIL_SUBJECT:334_SESSION:20151215",
    "ImageOrientationPatientDICOM": [
      0.999952,
      0.00343528,
      0.00918738,
      -6.5388e-08,
      0.936666,
      -0.350224
    ],
    "ImageType": [
      "ORIGINAL",
      "PRIMARY",
      "M",
      "ND",
      "MOSAIC"
    ],
    "InPlanePhaseEncodingDirectionDICOM": "COL",
    "InstitutionAddress": "Newton_Road_500_Iowa_City_CDI_US_52242",
    "InstitutionName": "University_of_Iowa",
    "InstitutionalDepartmentName": "Department",
    "MRAcquisitionType": "2D",
    "MagneticFieldStrength": 3,
    "Manufacturer": "Siemens",
    "ManufacturersModelName": "TrioTim",
    "Modality": "MR",
    "PartialFourier": 1,
    "PatientPosition": "HFS",
    "PercentPhaseFOV": 100,
    "PhaseEncodingDirection": "j-",
    "PhaseEncodingSteps": 64,
    "PhaseResolution": 1,
    "PixelBandwidth": 2003,
    "ProcedureStepDescription": "RESEARCH_HOWARD",
    "ProtocolName": "REST",
    "PulseSequenceDetails": "%SiemensSeq%_ep2d_pace",
    "ReceiveCoilName": "TxRx_Head",
    "ReconMatrixPE": 64,
    "RepetitionTime": 2.26,
    "SAR": 0.0468273,
    "ScanOptions": "FS",
    "ScanningSequence": "EP",
    "SequenceName": "_epfid2d1_64",
    "SequenceVariant": "SK",
    "SeriesDescription": "REST",
    "SeriesNumber": 5,
    "ShimSetting": [
      6494,
      25483,
      6141,
      442,
      9,
      -710,
      -334,
      -29
    ],
    "SliceThickness": 4,
    "SliceTiming": [
      1.125,
      0,
      1.185,
      0.0625,
      1.2475,
      0.125,
      1.31,
      0.1875,
      1.3725,
      0.25,
      1.435,
      0.3125,
      1.4975,
      0.375,
      1.56,
      0.4375,
      1.6225,
      0.5,
      1.685,
      0.5625,
      1.7475,
      0.625,
      1.81,
      0.6875,
      1.8725,
      0.75,
      1.935,
      0.8125,
      1.9975,
      0.875,
      2.06,
      0.9375,
      2.1225,
      1,
      2.185,
      1.0625
    ],
    "SoftwareVersions": "syngo_MR_B17",
    "SpacingBetweenSlices": 4,
    "StationName": "MRC35267",
    "TaskName": "rest",
    "TotalReadoutTime": 0.0352797,
    "TxRefAmp": 227.531,
    "dataset": "ds002799",
    "modality": "bold",
    "run_id": 2,
    "session_id": "preop",
    "subject_id": "334",
    "task_id": "rest"
  },
  "dummy_trs": 0,
  "dvars_nstd": 20.571551655581395,
  "dvars_std": 1.089091140852713,
  "dvars_vstd": 1.0201361292248061,
  "efc": 0.45916981427511294,
  "fber": 2164.988525390625,
  "fd_mean": 0.07495830267028653,
  "fd_num": 0,
  "fd_perc": 0.0,
  "fwhm_avg": 1.7055131818181817,
  "fwhm_x": 1.6844712727272728,
  "fwhm_y": 1.8675432727272727,
  "fwhm_z": 1.564525,
  "gcor": 0.00532678,
  "gsr_x": -0.004846268333494663,
  "gsr_y": 0.0175192728638649,
  "provenance": {
    "md5sum": "1f945ef1ab790e24420d4464eae0e471",
    "settings": {
      "fd_thres": 0.2,
      "testing": false
    },
    "software": "mriqc",
    "version": "21.0.0rc2",
    "webapi_port": null,
    "webapi_url": "https://mriqc.nimh.nih.gov/api/v1"
  },
  "size_t": 130,
  "size_x": 64,
  "size_y": 64,
  "size_z": 36,
  "snr": 7.557304323947042,
  "spacing_tr": 2.259999990463257,
  "spacing_x": 3.4375,
  "spacing_y": 3.4375,
  "spacing_z": 4.0,
  "summary_bg_k": 38.6611075631323,
  "summary_bg_mad": 5.713720737832233,
  "summary_bg_mean": 22.053619384765625,
  "summary_bg_median": 10.192307472229004,
  "summary_bg_n": 100531.0,
  "summary_bg_p05": 5.930769443511963,
  "summary_bg_p95": 78.63461303710938,
  "summary_bg_stdv": 34.18490982055664,
  "summary_fg_k": 3.092717674316666,
  "summary_fg_mad": 56.578390981791344,
  "summary_fg_mean": 487.1014099121094,
  "summary_fg_median": 485.0230712890625,
  "summary_fg_n": 17446.0,
  "summary_fg_p05": 394.2480773925781,
  "summary_fg_p95": 587.71923828125,
  "summary_fg_stdv": 64.17753601074219,
  "tsnr": 56.568843756162096
}