{
  "aor": 0.0007159230769230769,
  "aqi": 0.007767500000000001,
  "bids_meta": {
    "AcquisitionMatrixPE": 64,
    "AcquisitionNumber": 1,
    "AcquisitionTime": "16:09:39.790000",
    "BandwidthPerPixelPhaseEncode": 27.902,
    "BaseResolution": 64,
    "ConversionSoftware": "dcm2niix",
    "ConversionSoftwareVersion": "v1.0.20171215 (OpenJPEG build) GCC7.2.0",
    "DerivedVendorReportedEchoSpacing": 0.000559996,
    "DeviceSerialNumber": "35267",
    "DwellTime": 3.9e-06,
    "EchoTime": 0.03,
    "EffectiveEchoSpacing": 0.000559996,
    "FlipAngle": 80,
    "ImageComments": "PROJECT:MH_EPIL_SUBJECT:334_SESSION:20151215",
    "ImageOrientationPatientDICOM": [
      0.999952,
      0.00343528,
      0.00918738,
      -6.5388e-08,
      0.936666,
      -0.350224
    ],
    "ImageType": [
      "ORIGINAL",
      "PRIMARY",
      "M",
      "ND",
      "MOSAIC"
    ],
    "InPlanePhaseEncodingDirectionDICOM": "COL",
    "InstitutionAddress": "Newton_Road_500_Iowa_City_CDI_US_52242",
    "InstitutionName": "University_of_Iowa",
    "InstitutionalDepartmentName": "Department",
    "MRAcquisitionType": "2D",
    "MagneticFieldStrength": 3,
    "Manufacturer": "Siemens",
    "ManufacturersModelName": "TrioTim",
    "Modality": "MR",
    "PartialFourier": 1,
    "PatientPosition": "HFS",
    "PercentPhaseFOV": 100,
    "PhaseEncodingDirection": "j-",
    "PhaseEncodingSteps": 64,
    "PhaseResolution": 1,
    "PixelBandwidth": 2003,
    "ProcedureStepDescription": "RESEARCH_HOWARD",
    "ProtocolName": "REST",
    "PulseSequenceDetails": "%SiemensSeq%_ep2d_pace",
    "ReceiveCoilName": "TxRx_Head",
    "ReconMatrixPE": 64,
    "RepetitionTime": 2.26,
    "SAR": 0.0468273,
    "ScanOptions": "FS",
    "ScanningSequence": "EP",
    "SequenceName": "_epfid2d1_64",
    "SequenceVariant": "SK",
    "SeriesDescription": "REST",
    "SeriesNumber": 11,
    "ShimSetting": [
      6494,
      25483,
      6141,
      442,
      9,
      -710,
      -334,
      -29
    ],
    "SliceThickness": 4,
    "SliceTiming": [
      1.1225,
      0,
      1.185,
      0.0625,
      1.2475,
      0.125,
      1.31,
      0.1875,
      1.3725,
      0.25,
      1.435,
      0.3125,
      1.4975,
      0.375,
      1.56,
      0.4375,
      1.6225,
      0.5,
      1.685,
      0.5625,
      1.7475,
      0.625,
      1.81,
      0.6875,
      1.8725,
      0.75,
      1.935,
      0.8125,
      1.9975,
      0.875,
      2.06,
      0.9375,
      2.1225,
      1,
      2.185,
      1.0625
    ],
    "SoftwareVersions": "syngo_MR_B17",
    "SpacingBetweenSlices": 4,
    "StationName": "MRC35267",
    "TaskName": "rest",
    "TotalReadoutTime": 0.0352797,
    "TxRefAmp": 227.531,
    "dataset": "ds002799",
    "modality": "bold",
    "run_id": 5,
    "session_id": "preop",
    "subject_id": "334",
    "task_id": "rest"
  },
  "dummy_trs": 0,
  "dvars_nstd": 24.291207320775186,
  "dvars_std": 1.2000440330232558,
  "dvars_vstd": 1.0101988809302327,
  "efc": 0.4586526420551642,
  "fber": 2286.03076171875,
  "fd_mean": 0.06970770602352236,
  "fd_num": 0,
  "fd_perc": 0.0,
  "fwhm_avg": 1.7002088333333332,
  "fwhm_x": 1.6832349090909091,
  "fwhm_y": 1.852349090909091,
  "fwhm_z": 1.5650425,
  "gcor": 0.0258343,
  "gsr_x": -0.002821804955601692,
  "gsr_y": 0.02064002864062786,
  "provenance": {
    "md5sum": "81d648e10ebe82293bbf4159436a600e",
    "settings": {
      "fd_thres": 0.2,
      "testing": false
    },
    "software": "mriqc",
    "version": "21.0.0rc2",
    "webapi_port": null,
    "webapi_url": "https://mriqc.nimh.nih.gov/api/v1"
  },
  "size_t": 130,
  "size_x": 64,
  "size_y": 64,
  "size_z": 36,
  "snr": 7.4299912403321455,
  "spacing_tr": 2.259999990463257,
  "spacing_x": 3.4375,
  "spacing_y": 3.4375,
  "spacing_z": 4.0,
  "summary_bg_k": 32.99870396546002,
  "summary_bg_mad": 5.4057951939999525,
  "summary_bg_mean": 21.833126068115234,
  "summary_bg_median": 9.884614944458008,
  "summary_bg_n": 100661.0,
  "summary_bg_p05": 5.892307758331299,
  "summary_bg_p95": 77.93077087402344,
  "summary_bg_stdv": 33.884586334228516,
  "summary_fg_k": 3.712030818851625,
  "summary_fg_mad": 56.669628389433456,
  "summary_fg_mean": 485.4688720703125,
  "summary_fg_median": 483.6692199707031,
  "summary_fg_n": 17502.0,
  "summary_fg_p05": 392.23846435546875,
  "summary_fg_p95": 587.4603942871094,
  "summary_fg_stdv": 65.09501647949219,
  "tsnr": 68.05163202574477
}