{
  "aor": 0.0012038461538461539,
  "aqi": 0.011819063538461539,
  "bids_meta": {
    "AcquisitionMatrixPE": 64,
    "AcquisitionNumber": 1,
    "AcquisitionTime": "15:16:38.655000",
    "BandwidthPerPixelPhaseEncode": 27.902,
    "BaseResolution": 64,
    "ConversionSoftware": "dcm2niix",
    "ConversionSoftwareVersion": "v1.0.20171215 (OpenJPEG build) GCC7.2.0",
    "DerivedVendorReportedEchoSpacing": 0.000559996,
    "DeviceSerialNumber": "35267",
    "DwellTime": 3.9e-06,
    "EchoTime": 0.03,
    "EffectiveEchoSpacing": 0.000559996,
    "FlipAngle": 80,
    "ImageComments": "PROJECT:MH_EPIL_SUBJECT:334_SESSION:20151215",
    "ImageOrientationPatientDICOM": [
      0.999952,
      0.00343528,
      0.00918738,
      -6.5388e-08,
      0.936666,
      -0.350224
    ],
    "ImageType": [
      "ORIGINAL",
      "PRIMARY",
      "M",
      "ND",
      "MOSAIC"
    ],
    "InPlanePhaseEncodingDirectionDICOM": "COL",
    "InstitutionAddress": "Newton_Road_500_Iowa_City_CDI_US_52242",
    "InstitutionName": "University_of_Iowa",
    "InstitutionalDepartmentName": "Department",
    "MRAcquisitionType": "2D",
    "MagneticFieldStrength": 3,
    "Manufacturer": "Siemens",
    "ManufacturersModelName": "TrioTim",
    "Modality": "MR",
    "PartialFourier": 1,
    "PatientPosition": "HFS",
    "PercentPhaseFOV": 100,
    "PhaseEncodingDirection": "j-",
    "PhaseEncodingSteps": 64,
    "PhaseResolution": 1,
    "PixelBandwidth": 2003,
    "ProcedureStepDescription": "RESEARCH_HOWARD",
    "ProtocolName": "REST",
    "PulseSequenceDetails": "%SiemensSeq%_ep2d_pace",
    "ReceiveCoilName": "TxRx_Head",
    "ReconMatrixPE": 64,
    "RepetitionTime": 2.26,
    "SAR": 0.0468273,
    "ScanOptions": "FS",
    "ScanningSequence": "EP",
    "SequenceName": "_epfid2d1_64",
    "SequenceVariant": "SK",
    "SeriesDescription": "REST",
    "SeriesNumber": 2,
    "ShimSetting": [
      6494,
      25483,
      6141,
      442,
      9,
      -710,
      -334,
      -29
    ],
    "SliceThickness": 4,
    "SliceTiming": [
      1.125,
      0,
      1.1875,
      0.0625,
      1.25,
      0.125,
      1.3125,
      0.1875,
      1.375,
      0.25,
      1.435,
      0.3125,
      1.4975,
      0.375,
      1.56,
      0.4375,
      1.6225,
      0.5,
      1.685,
      0.5625,
      1.7475,
      0.625,
      1.81,
      0.6875,
      1.8725,
      0.75,
      1.935,
      0.8125,
      1.9975,
      0.875,
      2.06,
      0.9375,
      2.1225,
      1,
      2.185,
      1.0625
    ],
    "SoftwareVersions": "syngo_MR_B17",
    "SpacingBetweenSlices": 4,
    "StationName": "MRC35267",
    "TaskName": "rest",
    "TotalReadoutTime": 0.0352797,
    "TxRefAmp": 227.531,
    "dataset": "ds002799",
    "modality": "bold",
    "run_id": 1,
    "session_id": "preop",
    "subject_id": "334",
    "task_id": "rest"
  },
  "dummy_trs": 0,
  "dvars_nstd": 23.564562228527127,
  "dvars_std": 1.079509799302326,
  "dvars_vstd": 0.9963257217829459,
  "efc": 0.4605333945782005,
  "fber": 1916.5145263671875,
  "fd_mean": 0.08271255372319157,
  "fd_num": 2,
  "fd_perc": 1.5384615384615385,
  "fwhm_avg": 1.7130491363636364,
  "fwhm_x": 1.7005178181818181,
  "fwhm_y": 1.8623970909090908,
  "fwhm_z": 1.5762325,
  "gcor": 0.00470729,
  "gsr_x": -0.005755011923611164,
  "gsr_y": 0.01522048469632864,
  "provenance": {
    "md5sum": "7e6758f577c20cddd0c6377f81cd5f13",
    "settings": {
      "fd_thres": 0.2,
      "testing": false
    },
    "software": "mriqc",
    "version": "21.0.0rc2",
    "webapi_port": null,
    "webapi_url": "https://mriqc.nimh.nih.gov/api/v1"
  },
  "size_t": 130,
  "size_x": 64,
  "size_y": 64,
  "size_z": 36,
  "snr": 7.576888030001283,
  "spacing_tr": 2.259999990463257,
  "spacing_x": 3.4375,
  "spacing_y": 3.4375,
  "spacing_z": 4.0,
  "summary_bg_k": 40.89521592444808,
  "summary_bg_mad": 5.474223956691361,
  "summary_bg_mean": 22.13751983642578,
  "summary_bg_median": 10.830769538879395,
  "summary_bg_n": 100468.0,
  "summary_bg_p05": 6.507692337036133,
  "summary_bg_p95": 75.96923065185547,
  "summary_bg_stdv": 33.16388702392578,
  "summary_fg_k": 3.0803161579925176,
  "summary_fg_mad": 56.72668287544223,
  "summary_fg_mean": 488.06170654296875,
  "summary_fg_median": 485.9076843261719,
  "summary_fg_n": 17407.0,
  "summary_fg_p05": 394.0892395019531,
  "summary_fg_p95": 588.2261596679688,
  "summary_fg_stdv": 64.12840270996094,
  "tsnr": 56.64399063633755
}