{
  "bids_meta": {
    "AcquisitionMatrixPE": 256,
    "AcquisitionNumber": 1,
    "AcquisitionTime": "11:59:25.497500",
    "BaseResolution": 256,
    "ConversionSoftware": "dcm2niix",
    "ConversionSoftwareVersion": "v1.0.20171215 (OpenJPEG build) GCC7.2.0",
    "DeviceSerialNumber": "35267",
    "DwellTime": 3e-06,
    "EchoTime": 0.00174,
    "FlipAngle": 10,
    "ImageComments": "PROJECT:MH_EPIL_SUBJECT:320_SESSION:20150727_1",
    "ImageOrientationPatientDICOM": [
      0,
      1,
      0,
      0,
      0,
      -1
    ],
    "ImageType": [
      "ORIGINAL",
      "PRIMARY",
      "OTHER",
      "ND",
      "NORM",
      "MEAN"
    ],
    "InPlanePhaseEncodingDirectionDICOM": "ROW",
    "InstitutionAddress": "Newton_Road_500_Iowa_City_CDI_US_52242",
    "InstitutionName": "University_of_Iowa",
    "InstitutionalDepartmentName": "Department",
    "MRAcquisitionType": "3D",
    "MagneticFieldStrength": 3,
    "Manufacturer": "Siemens",
    "ManufacturersModelName": "TrioTim",
    "Modality": "MR",
    "ParallelReductionFactorInPlane": 2,
    "PartialFourier": 1,
    "PatientPosition": "HFS",
    "PercentPhaseFOV": 100,
    "PhaseEncodingSteps": 255,
    "PhaseResolution": 1,
    "PixelBandwidth": 651,
    "ProcedureStepDescription": "RESEARCH_HOWARD",
    "ProtocolName": "MULTI_ECHO_MPRAGE_V-4",
    "PulseSequenceDetails": "%CustomerSeq%_WIP711_Moco_tfl_multiecho_epinav_711",
    "ReceiveCoilName": "HeadMatrix",
    "ReconMatrixPE": 256,
    "RepetitionTime": 2.15,
    "SAR": 0.11333,
    "ScanOptions": "IR",
    "ScanningSequence": "GR_IR",
    "SequenceName": "Moco3d4_ns",
    "SequenceVariant": "SP_MP",
    "SeriesDescription": "MULTI_ECHO_MPRAGE_V-4_RMS",
    "SeriesNumber": 17,
    "ShimSetting": [
      6529,
      25403,
      6071,
      33,
      120,
      -245,
      570,
      64
    ],
    "SliceThickness": 1,
    "SoftwareVersions": "syngo_MR_B17",
    "StationName": "MRC35267",
    "TxRefAmp": 369.329,
    "dataset": "ds002799",
    "modality": "T1w",
    "session_id": "preop",
    "subject_id": "320"
  },
  "cjv": 0.4447806655516806,
  "cnr": 3.2015640922500417,
  "efc": 0.6435268618745836,
  "fber": 588.0625,
  "fwhm_avg": 4.71442,
  "fwhm_x": 4.67668,
  "fwhm_y": 4.84068,
  "fwhm_z": 4.6259,
  "icvs_csf": 0.2733296984404646,
  "icvs_gm": 0.3587176412125534,
  "icvs_wm": 0.367952660346982,
  "inu_med": 1.2523341178894043,
  "inu_range": 0.417635977268219,
  "provenance": {
    "md5sum": "9b571bd23191d86aee0ec68aa264d075",
    "settings": {
      "testing": false
    },
    "software": "mriqc",
    "version": "21.0.0rc2",
    "warnings": {
      "large_rot_frame": true,
      "small_air_mask": false
    },
    "webapi_port": null,
    "webapi_url": "https://mriqc.nimh.nih.gov/api/v1"
  },
  "qi_1": 0.0007997614054032712,
  "qi_2": 0.007067495201451545,
  "rpve_csf": 32.44365558707102,
  "rpve_gm": 21.511607236425878,
  "rpve_wm": 25.06713121832176,
  "size_x": 256,
  "size_y": 256,
  "size_z": 256,
  "snr_csf": 5.269102289553006,
  "snr_gm": 15.973404814911229,
  "snr_total": 15.257909125933452,
  "snr_wm": 24.53122027333612,
  "snrd_csf": 24.303552440540006,
  "snrd_gm": 49.490870424372375,
  "snrd_total": 45.51392547955674,
  "snrd_wm": 62.74735357375783,
  "spacing_x": 1.0,
  "spacing_y": 1.0,
  "spacing_z": 1.0,
  "summary_bg_k": 4.266882162668627,
  "summary_bg_mad": 10.440860653872699,
  "summary_bg_mean": 28.076597120754013,
  "summary_bg_median": 21.126760482788086,
  "summary_bg_n": 3495643.0,
  "summary_bg_p05": 14.08450698852539,
  "summary_bg_p95": 56.33802795410156,
  "summary_bg_stdv": 15.964259188351697,
  "summary_csf_k": 2.209259850939282,
  "summary_csf_mad": 62.6451639232362,
  "summary_csf_mean": 396.40991144753013,
  "summary_csf_median": 387.32394218444824,
  "summary_csf_n": 126854.0,
  "summary_csf_p05": 302.8169002532959,
  "summary_csf_p95": 535.2112655639648,
  "summary_csf_stdv": 73.50823617467441,
  "summary_gm_k": 0.018609699127289048,
  "summary_gm_mad": 52.2043032693635,
  "summary_gm_mean": 791.3531579639302,
  "summary_gm_median": 788.7323913574219,
  "summary_gm_n": 10829.0,
  "summary_gm_p05": 711.2676029205322,
  "summary_gm_p95": 873.2394332885742,
  "summary_gm_stdv": 49.37557033425352,
  "summary_wm_k": 0.35012258068934976,
  "summary_wm_mad": 41.763442615490796,
  "summary_wm_mean": 1002.2265581700103,
  "summary_wm_median": 999.9999961853027,
  "summary_wm_n": 209519.0,
  "summary_wm_p05": 936.6197147369385,
  "summary_wm_p95": 1070.4225311279297,
  "summary_wm_stdv": 40.76428317147283,
  "tpm_overlap_csf": 0.12950870394706726,
  "tpm_overlap_gm": 0.40007784962654114,
  "tpm_overlap_wm": 0.47716638445854187,
  "wm2max": 0.7593582887700535
}