{
  "aor": 0.026603203463203468,
  "aqi": 0.03493359554112553,
  "bids_meta": {
    "AcquisitionMatrixPE": 68,
    "AcquisitionNumber": 1,
    "AcquisitionTime": "17:15:9.920000",
    "BandwidthPerPixelPhaseEncode": 25.355,
    "BaseResolution": 68,
    "BodyPartExamined": "BRAIN",
    "ConsistencyInfo": "N4_VD13C_LATEST_20121124",
    "ConversionSoftware": "dcm2niix",
    "ConversionSoftwareVersion": "v1.0.20171103 (OpenJPEG build) GCC7.2.1",
    "DelayTime": 0.1,
    "DerivedVendorReportedEchoSpacing": 0.000579999,
    "DeviceSerialNumber": "45685",
    "DwellTime": 3.8e-06,
    "EchoTime": 0.03,
    "EchoTrainLength": 68,
    "EffectiveEchoSpacing": 0.000579999,
    "FlipAngle": 90,
    "ImageOrientationPatientDICOM": [
      1,
      0,
      0,
      0,
      0.866025,
      -0.5
    ],
    "ImageType": [
      "ORIGINAL",
      "PRIMARY",
      "M",
      "ND",
      "MOSAIC"
    ],
    "InPlanePhaseEncodingDirectionDICOM": "COL",
    "InstitutionAddress": "HAWKINS_DRIVE_200_IOWA_CITY_IOWA_US_52242",
    "InstitutionName": "UIHC",
    "InstitutionalDepartmentName": "Department",
    "MRAcquisitionType": "2D",
    "MagneticFieldStrength": 3,
    "Manufacturer": "Siemens",
    "ManufacturersModelName": "Skyra",
    "Modality": "MR",
    "PartialFourier": 1,
    "PatientPosition": "HFS",
    "PercentPhaseFOV": 100,
    "PhaseEncodingDirection": "j-",
    "PhaseEncodingSteps": 68,
    "PhaseResolution": 1,
    "PixelBandwidth": 1935,
    "ProcedureStepDescription": "RESEARCH_HOWARD",
    "ProtocolName": "ES-FMRI",
    "PulseSequenceDetails": "%SiemensSeq%_ep2d_pace",
    "ReceiveCoilActiveElements": "HE",
    "ReceiveCoilName": "Head_TxRx",
    "ReconMatrixPE": 68,
    "RepetitionTime": 3,
    "SAR": 0.16867,
    "ScanOptions": "FS",
    "ScanningSequence": "EP",
    "SequenceName": "_epfid2d1_68",
    "SequenceVariant": "SK",
    "SeriesDescription": "ES-FMRI",
    "SeriesNumber": 14,
    "ShimSetting": [
      -3880,
      -1248,
      -991,
      328,
      -6,
      26,
      126,
      73
    ],
    "SliceThickness": 3,
    "SliceTiming": [
      1.44,
      0,
      1.505,
      0.065,
      1.57,
      0.13,
      1.635,
      0.195,
      1.7,
      0.26,
      1.7675,
      0.3275,
      1.8325,
      0.3925,
      1.8975,
      0.4575,
      1.9625,
      0.5225,
      2.0275,
      0.5875,
      2.0925,
      0.655,
      2.16,
      0.72,
      2.225,
      0.785,
      2.29,
      0.85,
      2.355,
      0.915,
      2.42,
      0.98,
      2.4875,
      1.0475,
      2.5525,
      1.1125,
      2.6175,
      1.1775,
      2.6825,
      1.2425,
      2.7475,
      1.3075,
      2.8125,
      1.3725
    ],
    "SoftwareVersions": "syngo_MR_D13C",
    "SpacingBetweenSlices": 3,
    "StationName": "AWP45685",
    "TaskName": "es",
    "TotalReadoutTime": 0.03886,
    "TxRefAmp": 201.034,
    "dataset": "ds002799",
    "modality": "bold",
    "run_id": 6,
    "session_id": "postop",
    "subject_id": "303",
    "task_id": "es"
  },
  "dummy_trs": 1,
  "dvars_nstd": 51.20185898482606,
  "dvars_std": 1.093871825347827,
  "dvars_vstd": 1.0775326615217389,
  "efc": 0.43757673717978945,
  "fber": 3245.330810546875,
  "fd_mean": 1.300516157004606,
  "fd_num": 135,
  "fd_perc": 58.44155844155844,
  "fwhm_avg": 2.327567077413113,
  "fwhm_x": 2.2006036459029965,
  "fwhm_y": 2.4403809196696753,
  "fwhm_z": 2.3417166666666667,
  "gcor": 0.07456,
  "gsr_x": -0.03901216760277748,
  "gsr_y": 0.027187546715140343,
  "provenance": {
    "md5sum": "37dbf6ee0be625f69d6bda67ef72be86",
    "settings": {
      "fd_thres": 0.2,
      "testing": false
    },
    "software": "mriqc",
    "version": "21.0.0rc2",
    "webapi_port": null,
    "webapi_url": "https://mriqc.nimh.nih.gov/api/v1"
  },
  "size_t": 231,
  "size_x": 68,
  "size_y": 68,
  "size_z": 44,
  "snr": 4.493966984615882,
  "spacing_tr": 3.0,
  "spacing_x": 3.2352941036224365,
  "spacing_y": 3.2352941036224365,
  "spacing_z": 3.0,
  "summary_bg_k": 44.0041417606976,
  "summary_bg_mad": 1.5403657852224815,
  "summary_bg_mean": 15.613484382629395,
  "summary_bg_median": 5.636363506317139,
  "summary_bg_n": 145551.0,
  "summary_bg_p05": 4.467532634735107,
  "summary_bg_p95": 58.69913291931152,
  "summary_bg_stdv": 29.851842880249023,
  "summary_fg_k": 1.7763869000081236,
  "summary_fg_mad": 64.23326151520746,
  "summary_fg_mean": 342.6551208496094,
  "summary_fg_median": 332.80950927734375,
  "summary_fg_n": 21460.0,
  "summary_fg_p05": 242.47770080566406,
  "summary_fg_p95": 477.5887405395507,
  "summary_fg_stdv": 74.05522918701172,
  "tsnr": 20.523049279581755
}