{
  "aor": 0.004614224137931035,
  "aqi": 0.007957197887931035,
  "bids_meta": {
    "AcquisitionMatrixPE": 68,
    "AcquisitionNumber": 1,
    "AcquisitionTime": "16:35:6.857500",
    "BandwidthPerPixelPhaseEncode": 25.355,
    "BaseResolution": 68,
    "BodyPartExamined": "BRAIN",
    "ConsistencyInfo": "N4_VD13C_LATEST_20121124",
    "ConversionSoftware": "dcm2niix",
    "ConversionSoftwareVersion": "v1.0.20171103 (OpenJPEG build) GCC7.2.1",
    "DelayTime": 0.1,
    "DerivedVendorReportedEchoSpacing": 0.000579999,
    "DeviceSerialNumber": "45685",
    "DwellTime": 3.8e-06,
    "EchoTime": 0.03,
    "EchoTrainLength": 68,
    "EffectiveEchoSpacing": 0.000579999,
    "FlipAngle": 90,
    "ImageOrientationPatientDICOM": [
      1,
      0,
      0,
      0,
      0.866025,
      -0.5
    ],
    "ImageType": [
      "ORIGINAL",
      "PRIMARY",
      "M",
      "ND",
      "MOSAIC"
    ],
    "InPlanePhaseEncodingDirectionDICOM": "COL",
    "InstitutionAddress": "HAWKINS_DRIVE_200_IOWA_CITY_IOWA_US_52242",
    "InstitutionName": "UIHC",
    "InstitutionalDepartmentName": "Department",
    "MRAcquisitionType": "2D",
    "MagneticFieldStrength": 3,
    "Manufacturer": "Siemens",
    "ManufacturersModelName": "Skyra",
    "Modality": "MR",
    "PartialFourier": 1,
    "PatientPosition": "HFS",
    "PercentPhaseFOV": 100,
    "PhaseEncodingDirection": "j-",
    "PhaseEncodingSteps": 68,
    "PhaseResolution": 1,
    "PixelBandwidth": 1935,
    "ProcedureStepDescription": "RESEARCH_HOWARD",
    "ProtocolName": "ES-FMRI",
    "PulseSequenceDetails": "%SiemensSeq%_ep2d_pace",
    "ReceiveCoilActiveElements": "HE",
    "ReceiveCoilName": "Head_TxRx",
    "ReconMatrixPE": 68,
    "RepetitionTime": 3,
    "SAR": 0.154083,
    "ScanOptions": "FS",
    "ScanningSequence": "EP",
    "SequenceName": "_epfid2d1_68",
    "SequenceVariant": "SK",
    "SeriesDescription": "ES-FMRI",
    "SeriesNumber": 10,
    "ShimSetting": [
      -3856,
      -1256,
      -1006,
      333,
      11,
      -124,
      51,
      158
    ],
    "SliceThickness": 3,
    "SliceTiming": [
      1.44,
      0,
      1.505,
      0.065,
      1.57,
      0.13,
      1.6375,
      0.1975,
      1.7025,
      0.2625,
      1.7675,
      0.3275,
      1.8325,
      0.3925,
      1.8975,
      0.4575,
      1.965,
      0.525,
      2.03,
      0.59,
      2.095,
      0.655,
      2.16,
      0.72,
      2.225,
      0.785,
      2.29,
      0.85,
      2.3575,
      0.9175,
      2.4225,
      0.9825,
      2.4875,
      1.0475,
      2.5525,
      1.1125,
      2.6175,
      1.1775,
      2.6825,
      1.245,
      2.75,
      1.31,
      2.815,
      1.375
    ],
    "SoftwareVersions": "syngo_MR_D13C",
    "SpacingBetweenSlices": 3,
    "StationName": "AWP45685",
    "TaskName": "es",
    "TotalReadoutTime": 0.03886,
    "TxRefAmp": 192.831,
    "dataset": "ds002799",
    "modality": "bold",
    "run_id": 4,
    "session_id": "postop",
    "subject_id": "303",
    "task_id": "es"
  },
  "dummy_trs": 0,
  "dvars_nstd": 28.525239350129908,
  "dvars_std": 1.1051457932034636,
  "dvars_vstd": 1.0160683714285716,
  "efc": 0.4368593812072165,
  "fber": 3639.9208984375,
  "fd_mean": 0.225064737636975,
  "fd_num": 65,
  "fd_perc": 28.017241379310345,
  "fwhm_avg": 2.1615541678357446,
  "fwhm_x": 2.0662263725932135,
  "fwhm_y": 2.2380994642473544,
  "fwhm_z": 2.180336666666667,
  "gcor": 0.025529,
  "gsr_x": -0.0387134850025177,
  "gsr_y": 0.021695205941796303,
  "provenance": {
    "md5sum": "b851f50186b00fe89c1594c110085fd5",
    "settings": {
      "fd_thres": 0.2,
      "testing": false
    },
    "software": "mriqc",
    "version": "21.0.0rc2",
    "webapi_port": null,
    "webapi_url": "https://mriqc.nimh.nih.gov/api/v1"
  },
  "size_t": 232,
  "size_x": 68,
  "size_y": 68,
  "size_z": 44,
  "snr": 4.609097935152523,
  "spacing_tr": 3.0,
  "spacing_x": 3.2352941036224365,
  "spacing_y": 3.2352941036224365,
  "spacing_z": 3.0,
  "summary_bg_k": 42.95282718967225,
  "summary_bg_mad": 1.0416565272402418,
  "summary_bg_mean": 16.12847900390625,
  "summary_bg_median": 5.4568963050842285,
  "summary_bg_n": 145519.0,
  "summary_bg_p05": 4.711206912994385,
  "summary_bg_p95": 62.2068977355957,
  "summary_bg_stdv": 32.082645416259766,
  "summary_fg_k": 1.9445595918771241,
  "summary_fg_mad": 64.60823300830637,
  "summary_fg_mean": 353.8115539550781,
  "summary_fg_median": 344.84698486328125,
  "summary_fg_n": 21384.0,
  "summary_fg_p05": 252.29763107299806,
  "summary_fg_p95": 488.95668487548824,
  "summary_fg_stdv": 74.81700897216797,
  "tsnr": 48.31723939452786
}