{
  "aor": 0.0008437500000000001,
  "aqi": 0.0061401778448275865,
  "bids_meta": {
    "AcquisitionMatrixPE": 68,
    "AcquisitionNumber": 1,
    "AcquisitionTime": "16:09:33.542500",
    "BandwidthPerPixelPhaseEncode": 25.355,
    "BaseResolution": 68,
    "BodyPartExamined": "BRAIN",
    "ConsistencyInfo": "N4_VD13C_LATEST_20121124",
    "ConversionSoftware": "dcm2niix",
    "ConversionSoftwareVersion": "v1.0.20171103 (OpenJPEG build) GCC7.2.1",
    "DelayTime": 0.1,
    "DerivedVendorReportedEchoSpacing": 0.000579999,
    "DeviceSerialNumber": "45685",
    "DwellTime": 3.8e-06,
    "EchoTime": 0.03,
    "EchoTrainLength": 68,
    "EffectiveEchoSpacing": 0.000579999,
    "FlipAngle": 90,
    "ImageOrientationPatientDICOM": [
      1,
      0,
      0,
      0,
      0.866025,
      -0.5
    ],
    "ImageType": [
      "ORIGINAL",
      "PRIMARY",
      "M",
      "ND",
      "MOSAIC"
    ],
    "InPlanePhaseEncodingDirectionDICOM": "COL",
    "InstitutionAddress": "HAWKINS_DRIVE_200_IOWA_CITY_IOWA_US_52242",
    "InstitutionName": "UIHC",
    "InstitutionalDepartmentName": "Department",
    "MRAcquisitionType": "2D",
    "MagneticFieldStrength": 3,
    "Manufacturer": "Siemens",
    "ManufacturersModelName": "Skyra",
    "Modality": "MR",
    "PartialFourier": 1,
    "PatientPosition": "HFS",
    "PercentPhaseFOV": 100,
    "PhaseEncodingDirection": "j-",
    "PhaseEncodingSteps": 68,
    "PhaseResolution": 1,
    "PixelBandwidth": 1935,
    "ProcedureStepDescription": "RESEARCH_HOWARD",
    "ProtocolName": "ES-FMRI",
    "PulseSequenceDetails": "%SiemensSeq%_ep2d_pace",
    "ReceiveCoilActiveElements": "HE",
    "ReceiveCoilName": "Head_TxRx",
    "ReconMatrixPE": 68,
    "RepetitionTime": 3,
    "SAR": 0.154083,
    "ScanOptions": "FS",
    "ScanningSequence": "EP",
    "SequenceName": "_epfid2d1_68",
    "SequenceVariant": "SK",
    "SeriesDescription": "ES-FMRI",
    "SeriesNumber": 6,
    "ShimSetting": [
      -3856,
      -1256,
      -1006,
      333,
      11,
      -124,
      51,
      158
    ],
    "SliceThickness": 3,
    "SliceTiming": [
      1.44,
      0,
      1.5075,
      0.0675,
      1.5725,
      0.1325,
      1.6375,
      0.1975,
      1.7025,
      0.2625,
      1.7675,
      0.3275,
      1.8325,
      0.3925,
      1.9,
      0.46,
      1.965,
      0.525,
      2.03,
      0.59,
      2.095,
      0.655,
      2.16,
      0.72,
      2.225,
      0.7875,
      2.2925,
      0.8525,
      2.3575,
      0.9175,
      2.4225,
      0.9825,
      2.4875,
      1.0475,
      2.5525,
      1.1125,
      2.62,
      1.18,
      2.685,
      1.245,
      2.75,
      1.31,
      2.815,
      1.375
    ],
    "SoftwareVersions": "syngo_MR_D13C",
    "SpacingBetweenSlices": 3,
    "StationName": "AWP45685",
    "TaskName": "es",
    "TotalReadoutTime": 0.03886,
    "TxRefAmp": 192.831,
    "dataset": "ds002799",
    "modality": "bold",
    "run_id": 2,
    "session_id": "postop",
    "subject_id": "303",
    "task_id": "es"
  },
  "dummy_trs": 0,
  "dvars_nstd": 25.224584100649345,
  "dvars_std": 1.0949355334632043,
  "dvars_vstd": 0.9981934648051944,
  "efc": 0.4363520954034019,
  "fber": 3699.61083984375,
  "fd_mean": 0.14832764358359446,
  "fd_num": 37,
  "fd_perc": 15.948275862068966,
  "fwhm_avg": 2.1350945717916257,
  "fwhm_x": 2.030523281529354,
  "fwhm_y": 2.2153071005121885,
  "fwhm_z": 2.1594533333333334,
  "gcor": 0.0329177,
  "gsr_x": -0.03697403892874718,
  "gsr_y": 0.027314044535160065,
  "provenance": {
    "md5sum": "eaaadf202c056fad54968c8e24fc1d53",
    "settings": {
      "fd_thres": 0.2,
      "testing": false
    },
    "software": "mriqc",
    "version": "21.0.0rc2",
    "webapi_port": null,
    "webapi_url": "https://mriqc.nimh.nih.gov/api/v1"
  },
  "size_t": 232,
  "size_x": 68,
  "size_y": 68,
  "size_z": 44,
  "snr": 4.651216900717092,
  "spacing_tr": 3.0,
  "spacing_x": 3.2352941036224365,
  "spacing_y": 3.2352941036224365,
  "spacing_z": 3.0,
  "summary_bg_k": 47.85013235879182,
  "summary_bg_mad": 1.0160935667972486,
  "summary_bg_mean": 15.384658813476562,
  "summary_bg_median": 5.465517044067383,
  "summary_bg_n": 144703.0,
  "summary_bg_p05": 4.741379261016846,
  "summary_bg_p95": 57.159481048583984,
  "summary_bg_stdv": 30.066001892089844,
  "summary_fg_k": 2.0807869378472335,
  "summary_fg_mad": 64.89579033251636,
  "summary_fg_mean": 357.3829345703125,
  "summary_fg_median": 348.43316650390625,
  "summary_fg_n": 21566.0,
  "summary_fg_p05": 255.19073486328125,
  "summary_fg_p95": 491.71874237060547,
  "summary_fg_stdv": 74.9105224609375,
  "tsnr": 55.6183060829062
}