{
  "aor": 0.012324923076923075,
  "aqi": 0.003841799153846153,
  "bids_meta": {
    "AcquisitionMatrixPE": 64,
    "AcquisitionNumber": 1,
    "AcquisitionTime": "15:48:43.000000",
    "BodyPartExamined": "HEAD",
    "ConversionSoftware": "dcm2niix",
    "ConversionSoftwareVersion": "v1.0.20171103 (OpenJPEG build) GCC6.3.0",
    "DeviceSerialNumber": "0000000319335MR2",
    "EchoTime": 0.03,
    "EffectiveEchoSpacing": 0.00064,
    "FlipAngle": 80,
    "ImageOrientationPatientDICOM": [
      1,
      0,
      0,
      0,
      0.999679,
      -0.0253288
    ],
    "ImageType": [
      "ORIGINAL",
      "PRIMARY",
      "EPI",
      "NONE"
    ],
    "InPlanePhaseEncodingDirectionDICOM": "COL",
    "InstitutionName": "Iowa_MRRF",
    "MRAcquisitionType": "2D",
    "MagneticFieldStrength": 3,
    "Manufacturer": "GE",
    "ManufacturersModelName": "DISCOVERY_MR750w",
    "Modality": "MR",
    "PatientPosition": "HFS",
    "PercentPhaseFOV": 100,
    "PixelBandwidth": 7812.5,
    "ProcedureStepDescription": "MH_EPIL",
    "ProtocolName": "REST",
    "ReconMatrixPE": 64,
    "RepetitionTime": 2.26,
    "SAR": 0.0896405,
    "ScanOptions": "SAT_GEMS_EPI_GEMS_ACC_GEMS_FS",
    "ScanningSequence": "EP_GR",
    "SequenceVariant": "SS",
    "SeriesDescription": "REST",
    "SeriesNumber": 11,
    "SliceThickness": 4,
    "SoftwareVersions": "27_LX_MR_Software_release:DV25.1_R02_1649.a",
    "SpacingBetweenSlices": 4,
    "StationName": "Iowa3T",
    "TaskName": "rest",
    "TotalReadoutTime": 0.04032,
    "dataset": "ds002799",
    "modality": "bold",
    "run_id": 5,
    "session_id": "preop",
    "subject_id": "405",
    "task_id": "rest"
  },
  "dummy_trs": 0,
  "dvars_nstd": 16.16402730992248,
  "dvars_std": 1.2114060662790693,
  "dvars_vstd": 1.0970880533333331,
  "efc": 0.4760669755742027,
  "fber": 18846.38671875,
  "fd_mean": 0.158697479690202,
  "fd_num": 17,
  "fd_perc": 13.076923076923077,
  "fwhm_avg": 2.5376260556120047,
  "fwhm_x": 2.556928,
  "fwhm_y": 2.733632,
  "fwhm_z": 2.322318166836014,
  "gcor": 0.112123,
  "gsr_x": 0.004399074241518974,
  "gsr_y": 0.02876311168074608,
  "provenance": {
    "md5sum": "ddd06dd8fd9544599362f0816cff7773",
    "settings": {
      "fd_thres": 0.2,
      "testing": false
    },
    "software": "mriqc",
    "version": "21.0.0rc2",
    "webapi_port": null,
    "webapi_url": "https://mriqc.nimh.nih.gov/api/v1"
  },
  "size_t": 130,
  "size_x": 64,
  "size_y": 64,
  "size_z": 30,
  "snr": 4.4320371300271395,
  "spacing_tr": 2.259999990463257,
  "spacing_x": 3.4375,
  "spacing_y": 3.4375,
  "spacing_z": 3.999985933303833,
  "summary_bg_k": 54.34052244371276,
  "summary_bg_mad": 16.776213820107973,
  "summary_bg_mean": 59.648563385009766,
  "summary_bg_median": 11.661538124084473,
  "summary_bg_n": 73592.0,
  "summary_bg_p05": 0.0,
  "summary_bg_p95": 291.01115112304683,
  "summary_bg_stdv": 145.94277954101562,
  "summary_fg_k": 0.4599387923475722,
  "summary_fg_mad": 321.54225184586045,
  "summary_fg_mean": 1554.077392578125,
  "summary_fg_median": 1515.457763671875,
  "summary_fg_n": 20458.0,
  "summary_fg_p05": 1054.6503479003907,
  "summary_fg_p95": 2182.5677978515623,
  "summary_fg_stdv": 341.9241943359375,
  "tsnr": 76.11341058649123
}