{
  "aor": 0.007949923076923077,
  "aqi": 0.004958704846153845,
  "bids_meta": {
    "AcquisitionMatrixPE": 64,
    "AcquisitionNumber": 1,
    "AcquisitionTime": "15:20:43.000000",
    "BodyPartExamined": "HEAD",
    "ConversionSoftware": "dcm2niix",
    "ConversionSoftwareVersion": "v1.0.20171103 (OpenJPEG build) GCC6.3.0",
    "DeviceSerialNumber": "0000000319335MR2",
    "EchoTime": 0.03,
    "EffectiveEchoSpacing": 0.00064,
    "FlipAngle": 80,
    "ImageOrientationPatientDICOM": [
      1,
      0,
      0,
      0,
      0.999679,
      -0.0253288
    ],
    "ImageType": [
      "ORIGINAL",
      "PRIMARY",
      "EPI",
      "NONE"
    ],
    "InPlanePhaseEncodingDirectionDICOM": "COL",
    "InstitutionName": "Iowa_MRRF",
    "MRAcquisitionType": "2D",
    "MagneticFieldStrength": 3,
    "Manufacturer": "GE",
    "ManufacturersModelName": "DISCOVERY_MR750w",
    "Modality": "MR",
    "PatientPosition": "HFS",
    "PercentPhaseFOV": 100,
    "PixelBandwidth": 7812.5,
    "ProcedureStepDescription": "MH_EPIL",
    "ProtocolName": "REST",
    "ReconMatrixPE": 64,
    "RepetitionTime": 2.26,
    "SAR": 0.0896405,
    "ScanOptions": "SAT_GEMS_EPI_GEMS_ACC_GEMS_FS",
    "ScanningSequence": "EP_GR",
    "SequenceVariant": "SS",
    "SeriesDescription": "REST",
    "SeriesNumber": 7,
    "SliceThickness": 4,
    "SoftwareVersions": "27_LX_MR_Software_release:DV25.1_R02_1649.a",
    "SpacingBetweenSlices": 4,
    "StationName": "Iowa3T",
    "TaskName": "rest",
    "TotalReadoutTime": 0.04032,
    "dataset": "ds002799",
    "modality": "bold",
    "run_id": 3,
    "session_id": "preop",
    "subject_id": "405",
    "task_id": "rest"
  },
  "dummy_trs": 0,
  "dvars_nstd": 19.374705580465115,
  "dvars_std": 1.2182154539534886,
  "dvars_vstd": 1.0758750567441862,
  "efc": 0.4768561547523005,
  "fber": 18206.552734375,
  "fd_mean": 0.23288356320472947,
  "fd_num": 71,
  "fd_perc": 54.61538461538461,
  "fwhm_avg": 2.555059886450506,
  "fwhm_x": 2.5691898181818185,
  "fwhm_y": 2.749949090909091,
  "fwhm_z": 2.3460407502606073,
  "gcor": 0.121742,
  "gsr_x": 0.003273160895332694,
  "gsr_y": 0.027462851256132126,
  "provenance": {
    "md5sum": "84bdd750091a551e625ed39b451dd4a6",
    "settings": {
      "fd_thres": 0.2,
      "testing": false
    },
    "software": "mriqc",
    "version": "21.0.0rc2",
    "webapi_port": null,
    "webapi_url": "https://mriqc.nimh.nih.gov/api/v1"
  },
  "size_t": 130,
  "size_x": 64,
  "size_y": 64,
  "size_z": 30,
  "snr": 4.487007823764656,
  "spacing_tr": 2.259999990463257,
  "spacing_x": 3.4375,
  "spacing_y": 3.4375,
  "spacing_z": 3.999985933303833,
  "summary_bg_k": 55.61845670984326,
  "summary_bg_mad": 17.118353215066087,
  "summary_bg_mean": 60.14216995239258,
  "summary_bg_median": 11.984615325927734,
  "summary_bg_n": 73514.0,
  "summary_bg_p05": 0.0,
  "summary_bg_p95": 294.85923461914047,
  "summary_bg_stdv": 147.84469604492188,
  "summary_fg_k": 0.45745195035429864,
  "summary_fg_mad": 320.002549895917,
  "summary_fg_mean": 1569.509033203125,
  "summary_fg_median": 1530.665283203125,
  "summary_fg_n": 20496.0,
  "summary_fg_p05": 1072.2712097167969,
  "summary_fg_p95": 2194.3307495117188,
  "summary_fg_stdv": 341.1244201660156,
  "tsnr": 66.66106661246158
}