{
  "aor": 0.0038527692307692304,
  "aqi": 0.005932590769230769,
  "bids_meta": {
    "AcquisitionMatrixPE": 64,
    "AcquisitionNumber": 1,
    "AcquisitionTime": "15:08:0.000000",
    "BodyPartExamined": "HEAD",
    "ConversionSoftware": "dcm2niix",
    "ConversionSoftwareVersion": "v1.0.20171103 (OpenJPEG build) GCC6.3.0",
    "DeviceSerialNumber": "0000000319335MR2",
    "EchoTime": 0.03,
    "EffectiveEchoSpacing": 0.00064,
    "FlipAngle": 80,
    "ImageOrientationPatientDICOM": [
      1,
      0,
      0,
      0,
      0.999679,
      -0.0253288
    ],
    "ImageType": [
      "ORIGINAL",
      "PRIMARY",
      "EPI",
      "NONE"
    ],
    "InPlanePhaseEncodingDirectionDICOM": "COL",
    "InstitutionName": "Iowa_MRRF",
    "MRAcquisitionType": "2D",
    "MagneticFieldStrength": 3,
    "Manufacturer": "GE",
    "ManufacturersModelName": "DISCOVERY_MR750w",
    "Modality": "MR",
    "PatientPosition": "HFS",
    "PercentPhaseFOV": 100,
    "PixelBandwidth": 7812.5,
    "ProcedureStepDescription": "MH_EPIL",
    "ProtocolName": "REST",
    "ReconMatrixPE": 64,
    "RepetitionTime": 2.26,
    "SAR": 0.0896405,
    "ScanOptions": "SAT_GEMS_EPI_GEMS_ACC_GEMS_FS",
    "ScanningSequence": "EP_GR",
    "SequenceVariant": "SS",
    "SeriesDescription": "REST",
    "SeriesNumber": 5,
    "SliceThickness": 4,
    "SoftwareVersions": "27_LX_MR_Software_release:DV25.1_R02_1649.a",
    "SpacingBetweenSlices": 4,
    "StationName": "Iowa3T",
    "TaskName": "rest",
    "TotalReadoutTime": 0.04032,
    "dataset": "ds002799",
    "modality": "bold",
    "run_id": 2,
    "session_id": "preop",
    "subject_id": "405",
    "task_id": "rest"
  },
  "dummy_trs": 0,
  "dvars_nstd": 16.310693356356587,
  "dvars_std": 1.1074342237209303,
  "dvars_vstd": 0.9969345147286819,
  "efc": 0.48098227399225707,
  "fber": 17596.458984375,
  "fd_mean": 0.15770611497066062,
  "fd_num": 34,
  "fd_perc": 26.153846153846153,
  "fwhm_avg": 2.5986387026805624,
  "fwhm_x": 2.624162909090909,
  "fwhm_y": 2.827377454545455,
  "fwhm_z": 2.344375744405325,
  "gcor": 0.059639,
  "gsr_x": 0.0010019746841862798,
  "gsr_y": 0.02589445933699608,
  "provenance": {
    "md5sum": "83a97ebc3a20edc04bafd89d25732b30",
    "settings": {
      "fd_thres": 0.2,
      "testing": false
    },
    "software": "mriqc",
    "version": "21.0.0rc2",
    "webapi_port": null,
    "webapi_url": "https://mriqc.nimh.nih.gov/api/v1"
  },
  "size_t": 130,
  "size_x": 64,
  "size_y": 64,
  "size_z": 30,
  "snr": 4.373298605634179,
  "spacing_tr": 2.259999990463257,
  "spacing_x": 3.4375,
  "spacing_y": 3.4375,
  "spacing_z": 3.999985933303833,
  "summary_bg_k": 50.77401281259747,
  "summary_bg_mad": 17.255209326529247,
  "summary_bg_mean": 61.24769973754883,
  "summary_bg_median": 12.076923370361328,
  "summary_bg_n": 72905.0,
  "summary_bg_p05": 0.007692307699471712,
  "summary_bg_p95": 294.430780029297,
  "summary_bg_stdv": 148.96499633789062,
  "summary_fg_k": 0.5587481356329818,
  "summary_fg_mad": 325.568009139371,
  "summary_fg_mean": 1568.925537109375,
  "summary_fg_median": 1525.6922607421875,
  "summary_fg_n": 20851.0,
  "summary_fg_p05": 1063.8038330078125,
  "summary_fg_p95": 2209.0885009765625,
  "summary_fg_stdv": 348.8569641113281,
  "tsnr": 64.52726454776712
}