{
  "aor": 0.003476384615384616,
  "aqi": 0.0016133649153846155,
  "bids_meta": {
    "AcquisitionMatrixPE": 64,
    "AcquisitionNumber": 1,
    "AcquisitionTime": "15:01:6.000000",
    "BodyPartExamined": "HEAD",
    "ConversionSoftware": "dcm2niix",
    "ConversionSoftwareVersion": "v1.0.20171103 (OpenJPEG build) GCC6.3.0",
    "DeviceSerialNumber": "0000000319335MR2",
    "EchoTime": 0.03,
    "EffectiveEchoSpacing": 0.00064,
    "FlipAngle": 80,
    "ImageOrientationPatientDICOM": [
      1,
      0,
      0,
      0,
      0.999679,
      -0.0253288
    ],
    "ImageType": [
      "ORIGINAL",
      "PRIMARY",
      "EPI",
      "NONE"
    ],
    "InPlanePhaseEncodingDirectionDICOM": "COL",
    "InstitutionName": "Iowa_MRRF",
    "MRAcquisitionType": "2D",
    "MagneticFieldStrength": 3,
    "Manufacturer": "GE",
    "ManufacturersModelName": "DISCOVERY_MR750w",
    "Modality": "MR",
    "PatientPosition": "HFS",
    "PercentPhaseFOV": 100,
    "PixelBandwidth": 7812.5,
    "ProcedureStepDescription": "MH_EPIL",
    "ProtocolName": "REST",
    "ReconMatrixPE": 64,
    "RepetitionTime": 2.26,
    "SAR": 0.0896405,
    "ScanOptions": "SAT_GEMS_EPI_GEMS_ACC_GEMS_FS",
    "ScanningSequence": "EP_GR",
    "SequenceVariant": "SS",
    "SeriesDescription": "REST",
    "SeriesNumber": 3,
    "SliceThickness": 4,
    "SoftwareVersions": "27_LX_MR_Software_release:DV25.1_R02_1649.a",
    "SpacingBetweenSlices": 4,
    "StationName": "Iowa3T",
    "TaskName": "rest",
    "TotalReadoutTime": 0.04032,
    "dataset": "ds002799",
    "modality": "bold",
    "run_id": 1,
    "session_id": "preop",
    "subject_id": "405",
    "task_id": "rest"
  },
  "dummy_trs": 0,
  "dvars_nstd": 13.272022335891469,
  "dvars_std": 1.1959775883720927,
  "dvars_vstd": 1.0385131231007754,
  "efc": 0.47791630783374467,
  "fber": 16868.734375,
  "fd_mean": 0.07394165672888459,
  "fd_num": 2,
  "fd_perc": 1.5384615384615385,
  "fwhm_avg": 2.580037707227895,
  "fwhm_x": 2.5819636363636365,
  "fwhm_y": 2.7840436363636365,
  "fwhm_z": 2.3741058489564115,
  "gcor": 0.0485086,
  "gsr_x": 0.0008929491159506142,
  "gsr_y": 0.022764232009649277,
  "provenance": {
    "md5sum": "ae32f1c2320bb3e0886246e9563dfc17",
    "settings": {
      "fd_thres": 0.2,
      "testing": false
    },
    "software": "mriqc",
    "version": "21.0.0rc2",
    "webapi_port": null,
    "webapi_url": "https://mriqc.nimh.nih.gov/api/v1"
  },
  "size_t": 130,
  "size_x": 64,
  "size_y": 64,
  "size_z": 30,
  "snr": 4.329352044479143,
  "spacing_tr": 2.259999990463257,
  "spacing_x": 3.4375,
  "spacing_y": 3.4375,
  "spacing_z": 3.999985933303833,
  "summary_bg_k": 46.270716813838305,
  "summary_bg_mad": 17.8254402964531,
  "summary_bg_mean": 59.81359100341797,
  "summary_bg_median": 12.461538314819336,
  "summary_bg_n": 73181.0,
  "summary_bg_p05": 0.0,
  "summary_bg_p95": 294.24615478515625,
  "summary_bg_stdv": 142.41845703125,
  "summary_fg_k": 0.43485009571747035,
  "summary_fg_mad": 329.7307695919891,
  "summary_fg_mean": 1576.31982421875,
  "summary_fg_median": 1533.8846435546875,
  "summary_fg_n": 20645.0,
  "summary_fg_p05": 1062.187646484375,
  "summary_fg_p95": 2228.953759765625,
  "summary_fg_stdv": 354.2903137207031,
  "tsnr": 108.62884020991623
}