{
  "aor": 0.0011174144486692014,
  "aqi": 0.03473466159695818,
  "bids_meta": {
    "AcquisitionMatrixPE": 70,
    "AcquisitionNumber": 1,
    "AcquisitionTime": "18:08:26.190000",
    "BandwidthPerPixelPhaseEncode": 21.978,
    "BaseResolution": 70,
    "BodyPartExamined": "BRAIN",
    "ConsistencyInfo": "N4_VD13C_LATEST_20121124",
    "ConversionSoftware": "dcm2niix",
    "ConversionSoftwareVersion": "v1.0.20171103 (OpenJPEG build) GCC6.3.0",
    "DelayTime": 0.1,
    "DerivedVendorReportedEchoSpacing": 0.000650001,
    "DeviceSerialNumber": "45685",
    "DwellTime": 4.2e-06,
    "EchoTime": 0.028,
    "EchoTrainLength": 70,
    "EffectiveEchoSpacing": 0.000650001,
    "FlipAngle": 90,
    "ImageOrientationPatientDICOM": [
      1,
      0,
      0,
      0,
      1,
      0
    ],
    "ImageType": [
      "ORIGINAL",
      "PRIMARY",
      "M",
      "ND",
      "MOSAIC"
    ],
    "InPlanePhaseEncodingDirectionDICOM": "COL",
    "InstitutionAddress": "HAWKINS_DRIVE_200_IOWA_CITY_IOWA_US_52242",
    "InstitutionName": "UIHC",
    "InstitutionalDepartmentName": "Department",
    "MRAcquisitionType": "2D",
    "MagneticFieldStrength": 3,
    "Manufacturer": "Siemens",
    "ManufacturersModelName": "Skyra",
    "Modality": "MR",
    "PartialFourier": 1,
    "PatientPosition": "HFS",
    "PercentPhaseFOV": 100,
    "PhaseEncodingDirection": "j-",
    "PhaseEncodingSteps": 70,
    "PhaseResolution": 1,
    "PixelBandwidth": 1700,
    "ProcedureStepDescription": "RESEARCH_HOWARD",
    "ProtocolName": "ES-FMRI-V3",
    "PulseSequenceDetails": "%SiemensSeq%_ep2d_pace",
    "ReceiveCoilActiveElements": "HE",
    "ReceiveCoilName": "Head_TxRx",
    "ReconMatrixPE": 70,
    "RepetitionTime": 2.5,
    "SAR": 0.119601,
    "ScanOptions": "FS",
    "ScanningSequence": "EP",
    "SequenceName": "_epfid2d1_70",
    "SequenceVariant": "SK",
    "SeriesDescription": "ES-FMRI-V3",
    "SeriesNumber": 5,
    "ShimSetting": [
      -3749,
      -1123,
      -965,
      16,
      -420,
      -247,
      219,
      475
    ],
    "SliceThickness": 2.5,
    "SliceTiming": [
      0,
      1.225,
      0.0675,
      1.2925,
      0.135,
      1.36,
      0.205,
      1.4275,
      0.2725,
      1.495,
      0.34,
      1.565,
      0.4075,
      1.6325,
      0.475,
      1.7,
      0.545,
      1.7675,
      0.6125,
      1.835,
      0.68,
      1.905,
      0.7475,
      1.9725,
      0.815,
      2.04,
      0.885,
      2.1075,
      0.9525,
      2.175,
      1.02,
      2.245,
      1.0875,
      2.3125,
      1.155
    ],
    "SoftwareVersions": "syngo_MR_D13C",
    "SpacingBetweenSlices": 2.5,
    "StationName": "AWP45685",
    "TaskName": "es",
    "TotalReadoutTime": 0.04485,
    "TxRefAmp": 256.169,
    "dataset": "ds002799",
    "modality": "bold",
    "run_id": 2,
    "session_id": "postop",
    "subject_id": "320",
    "task_id": "es"
  },
  "dummy_trs": 0,
  "dvars_nstd": 86.88063374034347,
  "dvars_std": 1.1630778420992374,
  "dvars_vstd": 0.9975003569465641,
  "efc": 0.5924839481524755,
  "fber": 421.5754699707031,
  "fd_mean": 0.6642392277860935,
  "fd_num": 250,
  "fd_perc": 95.05703422053232,
  "fwhm_avg": 2.169941273402964,
  "fwhm_x": 1.9917514068064126,
  "fwhm_y": 2.2960764134024796,
  "fwhm_z": 2.221996,
  "gcor": 0.0359538,
  "gsr_x": 0.025607023388147354,
  "gsr_y": 0.019399356096982956,
  "provenance": {
    "md5sum": "ff594559b537b5cb151986d92b89e002",
    "settings": {
      "fd_thres": 0.2,
      "testing": false
    },
    "software": "mriqc",
    "version": "21.0.0rc2",
    "webapi_port": null,
    "webapi_url": "https://mriqc.nimh.nih.gov/api/v1"
  },
  "size_t": 263,
  "size_x": 70,
  "size_y": 70,
  "size_z": 35,
  "snr": 4.764687922444668,
  "spacing_tr": 2.5,
  "spacing_x": 3.142857074737549,
  "spacing_y": 3.142857074737549,
  "spacing_z": 2.5,
  "summary_bg_k": 23.102174126989514,
  "summary_bg_mad": 5.857124711228052,
  "summary_bg_mean": 25.581262588500977,
  "summary_bg_median": 9.254753112792969,
  "summary_bg_n": 104289.0,
  "summary_bg_p05": 5.079847812652588,
  "summary_bg_p95": 110.9057022094726,
  "summary_bg_stdv": 44.75467300415039,
  "summary_fg_k": 0.9237935764812581,
  "summary_fg_mad": 38.34470930922466,
  "summary_fg_mean": 201.36904907226562,
  "summary_fg_median": 198.99240112304688,
  "summary_fg_n": 31711.0,
  "summary_fg_p05": 136.24144744873047,
  "summary_fg_p95": 272.0076141357422,
  "summary_fg_stdv": 41.763336181640625,
  "tsnr": 21.21233520208625
}