{
  "aor": 0.0019642533936651586,
  "aqi": 0.01926460859728507,
  "bids_meta": {
    "AcquisitionMatrixPE": 68,
    "AcquisitionNumber": 1,
    "AcquisitionTime": "18:22:26.762500",
    "BandwidthPerPixelPhaseEncode": 25.355,
    "BaseResolution": 68,
    "BodyPartExamined": "BRAIN",
    "ConsistencyInfo": "N4_VD13C_LATEST_20121124",
    "ConversionSoftware": "dcm2niix",
    "ConversionSoftwareVersion": "v1.0.20171103 (OpenJPEG build) GCC6.3.0",
    "DelayTime": 0.1,
    "DerivedVendorReportedEchoSpacing": 0.000579999,
    "DeviceSerialNumber": "45685",
    "DwellTime": 3.8e-06,
    "EchoTime": 0.03,
    "EchoTrainLength": 68,
    "EffectiveEchoSpacing": 0.000579999,
    "FlipAngle": 90,
    "ImageOrientationPatientDICOM": [
      1,
      0,
      0,
      0,
      0.965473,
      -0.260505
    ],
    "ImageType": [
      "ORIGINAL",
      "PRIMARY",
      "M",
      "ND",
      "MOSAIC"
    ],
    "InPlanePhaseEncodingDirectionDICOM": "COL",
    "InstitutionAddress": "HAWKINS_DRIVE_200_IOWA_CITY_IOWA_US_52242",
    "InstitutionName": "UIHC",
    "InstitutionalDepartmentName": "Department",
    "MRAcquisitionType": "2D",
    "MagneticFieldStrength": 3,
    "Manufacturer": "Siemens",
    "ManufacturersModelName": "Skyra",
    "Modality": "MR",
    "PartialFourier": 1,
    "PatientPosition": "HFS",
    "PercentPhaseFOV": 100,
    "PhaseEncodingDirection": "j-",
    "PhaseEncodingSteps": 68,
    "PhaseResolution": 1,
    "PixelBandwidth": 1935,
    "ProcedureStepDescription": "RESEARCH_HOWARD",
    "ProtocolName": "ES-FMRI-V3_2.6MM",
    "PulseSequenceDetails": "%SiemensSeq%_ep2d_pace",
    "ReceiveCoilActiveElements": "HE",
    "ReceiveCoilName": "Head_TxRx",
    "ReconMatrixPE": 68,
    "RepetitionTime": 3,
    "SAR": 0.125296,
    "ScanOptions": "FS",
    "ScanningSequence": "EP",
    "SequenceName": "_epfid2d1_68",
    "SequenceVariant": "SK",
    "SeriesDescription": "ES-FMRI-V3_2.6MM",
    "SeriesNumber": 6,
    "ShimSetting": [
      -3743,
      -1130,
      -1002,
      -21,
      -364,
      -227,
      248,
      460
    ],
    "SliceThickness": 2.6,
    "SliceTiming": [
      1.44,
      0,
      1.505,
      0.065,
      1.57,
      0.13,
      1.635,
      0.195,
      1.7025,
      0.2625,
      1.7675,
      0.3275,
      1.8325,
      0.3925,
      1.8975,
      0.4575,
      1.9625,
      0.5225,
      2.0275,
      0.59,
      2.095,
      0.655,
      2.16,
      0.72,
      2.225,
      0.785,
      2.29,
      0.85,
      2.355,
      0.915,
      2.4225,
      0.9825,
      2.4875,
      1.0475,
      2.5525,
      1.1125,
      2.6175,
      1.1775,
      2.6825,
      1.2425,
      2.7475,
      1.3075,
      2.815,
      1.375
    ],
    "SoftwareVersions": "syngo_MR_D13C",
    "SpacingBetweenSlices": 2.6,
    "StationName": "AWP45685",
    "TaskName": "es",
    "TotalReadoutTime": 0.03886,
    "TxRefAmp": 256.169,
    "dataset": "ds002799",
    "modality": "bold",
    "run_id": 3,
    "session_id": "postop",
    "subject_id": "320",
    "task_id": "es"
  },
  "dummy_trs": 0,
  "dvars_nstd": 71.84985391486364,
  "dvars_std": 1.219489586454545,
  "dvars_vstd": 1.0159284817272725,
  "efc": 0.5546971441976697,
  "fber": 526.185791015625,
  "fd_mean": 0.43654272749646683,
  "fd_num": 185,
  "fd_perc": 83.710407239819,
  "fwhm_avg": 2.3352586936130773,
  "fwhm_x": 2.1454680093003535,
  "fwhm_y": 2.4117312831818465,
  "fwhm_z": 2.448576788357031,
  "gcor": 0.0362805,
  "gsr_x": 0.02629358135163784,
  "gsr_y": 0.005412097554653883,
  "provenance": {
    "md5sum": "2df430acc00144f4dc88dc889306f49a",
    "settings": {
      "fd_thres": 0.2,
      "testing": false
    },
    "software": "mriqc",
    "version": "21.0.0rc2",
    "webapi_port": null,
    "webapi_url": "https://mriqc.nimh.nih.gov/api/v1"
  },
  "size_t": 221,
  "size_x": 68,
  "size_y": 68,
  "size_z": 44,
  "snr": 3.7235009875213163,
  "spacing_tr": 3.0,
  "spacing_x": 3.2352941036224365,
  "spacing_y": 3.2352941036224365,
  "spacing_z": 2.6000001430511475,
  "summary_bg_k": 31.138279166946354,
  "summary_bg_mad": 3.7635289260403213,
  "summary_bg_mean": 22.10255241394043,
  "summary_bg_median": 7.683258056640625,
  "summary_bg_n": 130810.0,
  "summary_bg_p05": 4.9095025062561035,
  "summary_bg_p95": 90.65837478637643,
  "summary_bg_stdv": 44.097843170166016,
  "summary_fg_k": 0.546058987800687,
  "summary_fg_mad": 48.50994329295514,
  "summary_fg_mean": 187.17880249023438,
  "summary_fg_median": 185.2217254638672,
  "summary_fg_n": 32510.0,
  "summary_fg_p05": 109.58077659606934,
  "summary_fg_p95": 270.8079345703125,
  "summary_fg_stdv": 49.74320602416992,
  "tsnr": 23.887748732231557
}