{
  "aor": 0.0018915384615384616,
  "aqi": 0.007710633307692309,
  "bids_meta": {
    "AcquisitionMatrixPE": 64,
    "AcquisitionNumber": 1,
    "AcquisitionTime": "10:33:7.985000",
    "BandwidthPerPixelPhaseEncode": 27.902,
    "BaseResolution": 64,
    "ConversionSoftware": "dcm2niix",
    "ConversionSoftwareVersion": "v1.0.20171103 (OpenJPEG build) GCC7.2.1",
    "DerivedVendorReportedEchoSpacing": 0.000559996,
    "DeviceSerialNumber": "35267",
    "DwellTime": 3.9e-06,
    "EchoTime": 0.03,
    "EffectiveEchoSpacing": 0.000559996,
    "FlipAngle": 80,
    "ImageComments": "PROJECT:MH_EPIL_SUBJECT:307_SESSION:20150302",
    "ImageOrientationPatientDICOM": [
      1,
      0,
      0,
      0,
      1,
      0
    ],
    "ImageType": [
      "ORIGINAL",
      "PRIMARY",
      "M",
      "ND",
      "MOSAIC"
    ],
    "InPlanePhaseEncodingDirectionDICOM": "COL",
    "InstitutionAddress": "Newton_Road_500_Iowa_City_CDI_US_52242",
    "InstitutionName": "University_of_Iowa",
    "InstitutionalDepartmentName": "Department",
    "MRAcquisitionType": "2D",
    "MagneticFieldStrength": 3,
    "Manufacturer": "Siemens",
    "ManufacturersModelName": "TrioTim",
    "Modality": "MR",
    "PartialFourier": 1,
    "PatientPosition": "HFS",
    "PercentPhaseFOV": 100,
    "PhaseEncodingDirection": "j-",
    "PhaseEncodingSteps": 64,
    "PhaseResolution": 1,
    "PixelBandwidth": 2003,
    "ProcedureStepDescription": "RESEARCH_HOWARD",
    "ProtocolName": "REST",
    "PulseSequenceDetails": "%SiemensSeq%_ep2d_pace",
    "ReceiveCoilName": "HeadMatrix",
    "ReconMatrixPE": 64,
    "RepetitionTime": 2.26,
    "SAR": 0.146327,
    "ScanOptions": "FS",
    "ScanningSequence": "EP",
    "SequenceName": "_epfid2d1_64",
    "SequenceVariant": "SK",
    "SeriesDescription": "REST",
    "SeriesNumber": 7,
    "ShimSetting": [
      6530,
      25377,
      6201,
      862,
      12,
      -433,
      -152,
      36
    ],
    "SliceThickness": 4,
    "SliceTiming": [
      1.125,
      0,
      1.1875,
      0.0625,
      1.25,
      0.125,
      1.3125,
      0.1875,
      1.375,
      0.25,
      1.4375,
      0.3125,
      1.5,
      0.375,
      1.5625,
      0.4375,
      1.625,
      0.5,
      1.6875,
      0.5625,
      1.75,
      0.625,
      1.8125,
      0.6875,
      1.875,
      0.75,
      1.9375,
      0.8125,
      2,
      0.875,
      2.0625,
      0.9375,
      2.125,
      1,
      2.1875,
      1.0625
    ],
    "SoftwareVersions": "syngo_MR_B17",
    "SpacingBetweenSlices": 4,
    "StationName": "MRC35267",
    "TaskName": "rest",
    "TotalReadoutTime": 0.0352797,
    "TxRefAmp": 281.873,
    "dataset": "ds002799",
    "modality": "bold",
    "run_id": 3,
    "session_id": "preop",
    "subject_id": "307",
    "task_id": "rest"
  },
  "dummy_trs": 0,
  "dvars_nstd": 24.95833561007752,
  "dvars_std": 1.198071263565891,
  "dvars_vstd": 1.0081442097674416,
  "efc": 0.5191510540951001,
  "fber": 1415.6038818359375,
  "fd_mean": 0.2485517391426766,
  "fd_num": 67,
  "fd_perc": 51.53846153846154,
  "fwhm_avg": 1.9054299696969699,
  "fwhm_x": 1.803616,
  "fwhm_y": 2.1316189090909092,
  "fwhm_z": 1.781055,
  "gcor": 0.0590294,
  "gsr_x": -0.011981293559074402,
  "gsr_y": 0.033564697951078415,
  "provenance": {
    "md5sum": "724d5ec4a390a22e9aff3e5d403b8267",
    "settings": {
      "fd_thres": 0.2,
      "testing": false
    },
    "software": "mriqc",
    "version": "21.0.0rc2",
    "webapi_port": null,
    "webapi_url": "https://mriqc.nimh.nih.gov/api/v1"
  },
  "size_t": 130,
  "size_x": 64,
  "size_y": 64,
  "size_z": 36,
  "snr": 6.012203603638266,
  "spacing_tr": 2.259999990463257,
  "spacing_x": 3.4375,
  "spacing_y": 3.4375,
  "spacing_z": 4.0,
  "summary_bg_k": 20.68106383613274,
  "summary_bg_mad": 11.370419509807807,
  "summary_bg_mean": 49.73871612548828,
  "summary_bg_median": 21.676923751831055,
  "summary_bg_n": 91588.0,
  "summary_bg_p05": 12.930768966674805,
  "summary_bg_p95": 201.86615600585918,
  "summary_bg_stdv": 74.46881866455078,
  "summary_fg_k": 1.8853665162623576,
  "summary_fg_mad": 118.95032341478468,
  "summary_fg_mean": 831.834716796875,
  "summary_fg_median": 828.892333984375,
  "summary_fg_n": 23981.0,
  "summary_fg_p05": 614.2461547851562,
  "summary_fg_p95": 1058.65380859375,
  "summary_fg_stdv": 137.8654327392578,
  "tsnr": 63.21980551769957
}