{
  "bids_meta": {
    "AcquisitionMatrixPE": 256,
    "AcquisitionNumber": 1,
    "AcquisitionTime": "17:41:16.515000",
    "BaseResolution": 256,
    "BodyPartExamined": "BRAIN",
    "ConsistencyInfo": "N4_VE11A_LATEST_20140830",
    "ConversionSoftware": "dcm2niix",
    "ConversionSoftwareVersion": "v1.0.20171215 (OpenJPEG build) GCC7.2.0",
    "DeviceSerialNumber": "45685",
    "DwellTime": 1.03e-05,
    "EchoTime": 0.00344,
    "FlipAngle": 10,
    "ImageComments": "Image_quality:_high",
    "ImageOrientationPatientDICOM": [
      0.999286,
      0.0368144,
      0.0085519,
      0.00872798,
      -0.00462464,
      -0.999951
    ],
    "ImageType": [
      "ORIGINAL",
      "PRIMARY",
      "M",
      "DIS2D"
    ],
    "InPlanePhaseEncodingDirectionDICOM": "ROW",
    "InstitutionAddress": "HAWKINS_DRIVE_200_IOWA_CITY_IOWA_US_52242",
    "InstitutionName": "UIHC_SKYRA",
    "InstitutionalDepartmentName": "Department",
    "InversionTime": 1,
    "MRAcquisitionType": "3D",
    "MagneticFieldStrength": 3,
    "Manufacturer": "Siemens",
    "ManufacturersModelName": "Skyra",
    "Modality": "MR",
    "PartialFourier": 1,
    "PatientPosition": "HFS",
    "PercentPhaseFOV": 100,
    "PhaseEncodingSteps": 256,
    "PhaseResolution": 1,
    "PixelBandwidth": 190,
    "ProcedureStepDescription": "RESEARCH_HOWARD",
    "ProtocolName": "MPRAGE_TI=1000",
    "PulseSequenceDetails": "%SiemensSeq%_tfl",
    "ReceiveCoilActiveElements": "HE",
    "ReceiveCoilName": "TxRx_CP_Head",
    "ReconMatrixPE": 256,
    "RepetitionTime": 1.9,
    "SAR": 0.0461628,
    "ScanOptions": "IR",
    "ScanningSequence": "GR_IR",
    "SequenceName": "_tfl3d1_16ns",
    "SequenceVariant": "SK_SP_MP",
    "SeriesDescription": "MPRAGE_TI=1000",
    "SeriesNumber": 2,
    "ShimSetting": [
      -3866,
      -1429,
      -1121,
      285,
      176,
      -862,
      215,
      400
    ],
    "SliceThickness": 1,
    "SoftwareVersions": "syngo_MR_E11",
    "StationName": "AWP45685",
    "TxRefAmp": 205.031,
    "dataset": "ds002799",
    "modality": "T1w",
    "session_id": "postop",
    "subject_id": "400"
  },
  "cjv": 0.5082174118939605,
  "cnr": 2.5793397584239752,
  "efc": 0.6509558517448996,
  "fber": 77.11335065245305,
  "fwhm_avg": 3.401285335017493,
  "fwhm_x": 3.3762816,
  "fwhm_y": 3.4786233650524805,
  "fwhm_z": 3.3489510399999998,
  "icvs_csf": 0.2035143162570188,
  "icvs_gm": 0.4020623019188511,
  "icvs_wm": 0.3944233818241301,
  "inu_med": 1.3058688640594482,
  "inu_range": 0.5256934762001038,
  "provenance": {
    "md5sum": "6ecc79136701cd403b1228e95c22f46d",
    "settings": {
      "testing": false
    },
    "software": "mriqc",
    "version": "21.0.0rc2",
    "warnings": {
      "large_rot_frame": true,
      "small_air_mask": false
    },
    "webapi_port": null,
    "webapi_url": "https://mriqc.nimh.nih.gov/api/v1"
  },
  "qi_1": 0.0,
  "qi_2": 0.00428076029562742,
  "rpve_csf": 36.70279973087236,
  "rpve_gm": 17.79965482666562,
  "rpve_wm": 20.287676094562883,
  "size_x": 256,
  "size_y": 224,
  "size_z": 256,
  "snr_csf": 0.862818525195821,
  "snr_gm": 9.657356818823999,
  "snr_total": 8.122980644726058,
  "snr_wm": 13.84876659015835,
  "snrd_csf": 7.8936331480431585,
  "snrd_gm": 14.002997225727112,
  "snrd_total": 13.796004159716084,
  "snrd_wm": 19.491382105377983,
  "spacing_x": 0.9765625,
  "spacing_y": 1.0000019073486328,
  "spacing_z": 0.9765625,
  "summary_bg_k": 0.5900176457768711,
  "summary_bg_mad": 33.611592578053106,
  "summary_bg_mean": 79.08569189325532,
  "summary_bg_median": 75.82653690874577,
  "summary_bg_n": 3417947.0,
  "summary_bg_p05": 29.111207261681557,
  "summary_bg_p95": 140.31773647665977,
  "summary_bg_stdv": 34.201108693905255,
  "summary_csf_k": 6.369083429993015,
  "summary_csf_mad": 106.94597638471443,
  "summary_csf_mean": 558.9376217656647,
  "summary_csf_median": 404.9806886315346,
  "summary_csf_n": 46025.0,
  "summary_csf_p05": 241.0648407816887,
  "summary_csf_p95": 1709.9012883573766,
  "summary_csf_stdv": 469.36438800127826,
  "summary_gm_k": -0.038591217546421586,
  "summary_gm_mad": 73.97096699942747,
  "summary_gm_mean": 717.6098206306989,
  "summary_gm_median": 718.4199408590794,
  "summary_gm_n": 23492.0,
  "summary_gm_p05": 593.2159875035286,
  "summary_gm_p95": 838.9867107570171,
  "summary_gm_stdv": 74.38936589357806,
  "summary_wm_k": 0.36784418018257226,
  "summary_wm_mad": 69.13293473440469,
  "summary_wm_mean": 1003.1091748887934,
  "summary_wm_median": 1000.0000252574682,
  "summary_wm_n": 166773.0,
  "summary_wm_p05": 889.99572879076,
  "summary_wm_p95": 1127.436696574092,
  "summary_wm_stdv": 72.20838192740771,
  "tpm_overlap_csf": 0.1291256546974182,
  "tpm_overlap_gm": 0.36985063552856445,
  "tpm_overlap_wm": 0.40277525782585144,
  "wm2max": 0.46993662655392243
}