{
  "aor": 0.004192533936651584,
  "aqi": 0.016803051357466063,
  "bids_meta": {
    "AcquisitionMatrixPE": 68,
    "AcquisitionNumber": 1,
    "AcquisitionTime": "17:01:36.277500",
    "BandwidthPerPixelPhaseEncode": 25.355,
    "BaseResolution": 68,
    "BodyPartExamined": "BRAIN",
    "ConsistencyInfo": "N4_VE11A_LATEST_20140830",
    "ConversionSoftware": "dcm2niix",
    "ConversionSoftwareVersion": "v1.0.20171103 (OpenJPEG build) GCC6.3.0",
    "DelayTime": 0.1,
    "DerivedVendorReportedEchoSpacing": 0.000579999,
    "DeviceSerialNumber": "45685",
    "DwellTime": 3.8e-06,
    "EchoTime": 0.03,
    "EchoTrainLength": 68,
    "EffectiveEchoSpacing": 0.000579999,
    "FlipAngle": 90,
    "ImageOrientationPatientDICOM": [
      1,
      0,
      0,
      0,
      1,
      0
    ],
    "ImageType": [
      "ORIGINAL",
      "PRIMARY",
      "M",
      "ND",
      "MOSAIC"
    ],
    "InPlanePhaseEncodingDirectionDICOM": "COL",
    "InstitutionAddress": "HAWKINS_DRIVE_200_IOWA_CITY_IOWA_US_52242",
    "InstitutionName": "UIHC_SKYRA",
    "InstitutionalDepartmentName": "Department",
    "MRAcquisitionType": "2D",
    "MagneticFieldStrength": 3,
    "Manufacturer": "Siemens",
    "ManufacturersModelName": "Skyra",
    "Modality": "MR",
    "PartialFourier": 1,
    "PatientPosition": "HFS",
    "PercentPhaseFOV": 100,
    "PhaseEncodingDirection": "j-",
    "PhaseEncodingSteps": 68,
    "PhaseResolution": 1,
    "PixelBandwidth": 1935,
    "ProcedureStepDescription": "RESEARCH_HOWARD",
    "ProtocolName": "ES-FMRI",
    "PulseSequenceDetails": "%SiemensSeq%_ep2d_pace",
    "ReceiveCoilActiveElements": "HE",
    "ReceiveCoilName": "Head_TxRx",
    "ReconMatrixPE": 68,
    "RepetitionTime": 3,
    "SAR": 0.122768,
    "ScanOptions": "FS",
    "ScanningSequence": "EP",
    "SequenceName": "_epfid2d1_68",
    "SequenceVariant": "SK",
    "SeriesDescription": "ES-FMRI",
    "SeriesNumber": 24,
    "ShimSetting": [
      -3817,
      -1287,
      -964,
      42,
      11,
      -342,
      122,
      543
    ],
    "SliceThickness": 3,
    "SliceTiming": [
      1.44,
      0,
      1.5075,
      0.0675,
      1.5725,
      0.1325,
      1.6375,
      0.1975,
      1.7025,
      0.2625,
      1.7675,
      0.3275,
      1.8325,
      0.3925,
      1.9,
      0.46,
      1.965,
      0.525,
      2.03,
      0.59,
      2.095,
      0.655,
      2.16,
      0.72,
      2.225,
      0.7875,
      2.2925,
      0.8525,
      2.3575,
      0.9175,
      2.4225,
      0.9825,
      2.4875,
      1.0475,
      2.5525,
      1.1125,
      2.62,
      1.18,
      2.685,
      1.245,
      2.75,
      1.31,
      2.815,
      1.375
    ],
    "SoftwareVersions": "syngo_MR_E11",
    "SpacingBetweenSlices": 3,
    "StationName": "AWP45685",
    "TaskName": "es",
    "TotalReadoutTime": 0.03886,
    "TxRefAmp": 228.036,
    "dataset": "ds002799",
    "modality": "bold",
    "run_id": 6,
    "session_id": "postop",
    "subject_id": "372",
    "task_id": "es"
  },
  "dummy_trs": 0,
  "dvars_nstd": 53.30748504331819,
  "dvars_std": 1.202697611954545,
  "dvars_vstd": 1.0476574953181819,
  "efc": 0.5188138028562819,
  "fber": 1140.181884765625,
  "fd_mean": 0.6411150861142199,
  "fd_num": 183,
  "fd_perc": 82.8054298642534,
  "fwhm_avg": 2.3354485521732182,
  "fwhm_x": 2.186833645843305,
  "fwhm_y": 2.462892010676349,
  "fwhm_z": 2.35662,
  "gcor": 0.0249985,
  "gsr_x": -0.021706748753786087,
  "gsr_y": 0.04139189422130585,
  "provenance": {
    "md5sum": "48dada59117a2c6e0062efcf4b7ba34b",
    "settings": {
      "fd_thres": 0.2,
      "testing": false
    },
    "software": "mriqc",
    "version": "21.0.0rc2",
    "webapi_port": null,
    "webapi_url": "https://mriqc.nimh.nih.gov/api/v1"
  },
  "size_t": 221,
  "size_x": 68,
  "size_y": 68,
  "size_z": 44,
  "snr": 3.6965365886982866,
  "spacing_tr": 3.0,
  "spacing_x": 3.2352941036224365,
  "spacing_y": 3.2352941036224365,
  "spacing_z": 3.0,
  "summary_bg_k": 32.68253214059312,
  "summary_bg_mad": 3.3073440087092747,
  "summary_bg_mean": 16.313762664794922,
  "summary_bg_median": 6.796380519866943,
  "summary_bg_n": 131178.0,
  "summary_bg_p05": 4.466063499450684,
  "summary_bg_p95": 61.230770111083984,
  "summary_bg_stdv": 26.08991813659668,
  "summary_fg_k": 3.58986280974148,
  "summary_fg_mad": 48.536773832370855,
  "summary_fg_mean": 244.60971069335938,
  "summary_fg_median": 235.52264404296875,
  "summary_fg_n": 33268.0,
  "summary_fg_p05": 156.3457046508789,
  "summary_fg_p95": 363.1520523071289,
  "summary_fg_stdv": 63.71345138549805,
  "tsnr": 32.67000995669514
}