{
  "aor": 0.0041129411764705874,
  "aqi": 0.023448536199095017,
  "bids_meta": {
    "AcquisitionMatrixPE": 68,
    "AcquisitionNumber": 1,
    "AcquisitionTime": "16:48:34.762500",
    "BandwidthPerPixelPhaseEncode": 25.355,
    "BaseResolution": 68,
    "BodyPartExamined": "BRAIN",
    "ConsistencyInfo": "N4_VE11A_LATEST_20140830",
    "ConversionSoftware": "dcm2niix",
    "ConversionSoftwareVersion": "v1.0.20171103 (OpenJPEG build) GCC6.3.0",
    "DelayTime": 0.1,
    "DerivedVendorReportedEchoSpacing": 0.000579999,
    "DeviceSerialNumber": "45685",
    "DwellTime": 3.8e-06,
    "EchoTime": 0.03,
    "EchoTrainLength": 68,
    "EffectiveEchoSpacing": 0.000579999,
    "FlipAngle": 90,
    "ImageOrientationPatientDICOM": [
      1,
      0,
      0,
      0,
      1,
      0
    ],
    "ImageType": [
      "ORIGINAL",
      "PRIMARY",
      "M",
      "ND",
      "MOSAIC"
    ],
    "InPlanePhaseEncodingDirectionDICOM": "COL",
    "InstitutionAddress": "HAWKINS_DRIVE_200_IOWA_CITY_IOWA_US_52242",
    "InstitutionName": "UIHC_SKYRA",
    "InstitutionalDepartmentName": "Department",
    "MRAcquisitionType": "2D",
    "MagneticFieldStrength": 3,
    "Manufacturer": "Siemens",
    "ManufacturersModelName": "Skyra",
    "Modality": "MR",
    "PartialFourier": 1,
    "PatientPosition": "HFS",
    "PercentPhaseFOV": 100,
    "PhaseEncodingDirection": "j-",
    "PhaseEncodingSteps": 68,
    "PhaseResolution": 1,
    "PixelBandwidth": 1935,
    "ProcedureStepDescription": "RESEARCH_HOWARD",
    "ProtocolName": "ES-FMRI",
    "PulseSequenceDetails": "%SiemensSeq%_ep2d_pace",
    "ReceiveCoilActiveElements": "HE",
    "ReceiveCoilName": "Head_TxRx",
    "ReconMatrixPE": 68,
    "RepetitionTime": 3,
    "SAR": 0.122768,
    "ScanOptions": "FS",
    "ScanningSequence": "EP",
    "SequenceName": "_epfid2d1_68",
    "SequenceVariant": "SK",
    "SeriesDescription": "ES-FMRI",
    "SeriesNumber": 22,
    "ShimSetting": [
      -3817,
      -1287,
      -964,
      42,
      11,
      -342,
      122,
      543
    ],
    "SliceThickness": 3,
    "SliceTiming": [
      1.44,
      0,
      1.505,
      0.065,
      1.57,
      0.13,
      1.635,
      0.195,
      1.7025,
      0.2625,
      1.7675,
      0.3275,
      1.8325,
      0.3925,
      1.8975,
      0.4575,
      1.9625,
      0.5225,
      2.0275,
      0.5875,
      2.095,
      0.655,
      2.16,
      0.72,
      2.225,
      0.785,
      2.29,
      0.85,
      2.355,
      0.915,
      2.42,
      0.9825,
      2.4875,
      1.0475,
      2.5525,
      1.1125,
      2.6175,
      1.1775,
      2.6825,
      1.2425,
      2.7475,
      1.3075,
      2.815,
      1.375
    ],
    "SoftwareVersions": "syngo_MR_E11",
    "SpacingBetweenSlices": 3,
    "StationName": "AWP45685",
    "TaskName": "es",
    "TotalReadoutTime": 0.03886,
    "TxRefAmp": 228.036,
    "dataset": "ds002799",
    "modality": "bold",
    "run_id": 5,
    "session_id": "postop",
    "subject_id": "372",
    "task_id": "es"
  },
  "dummy_trs": 0,
  "dvars_nstd": 65.40487109072724,
  "dvars_std": 1.1772413272272728,
  "dvars_vstd": 1.0376787113636363,
  "efc": 0.5204045618660789,
  "fber": 1195.4443359375,
  "fd_mean": 0.7827308540465054,
  "fd_num": 191,
  "fd_perc": 86.42533936651584,
  "fwhm_avg": 2.2603196428627665,
  "fwhm_x": 2.1054345545813584,
  "fwhm_y": 2.3923543740069406,
  "fwhm_z": 2.28317,
  "gcor": 0.02793,
  "gsr_x": -0.02107829973101616,
  "gsr_y": 0.04102814570069313,
  "provenance": {
    "md5sum": "9efa5e44ac2220ee695e9d844dc5f711",
    "settings": {
      "fd_thres": 0.2,
      "testing": false
    },
    "software": "mriqc",
    "version": "21.0.0rc2",
    "webapi_port": null,
    "webapi_url": "https://mriqc.nimh.nih.gov/api/v1"
  },
  "size_t": 221,
  "size_x": 68,
  "size_y": 68,
  "size_z": 44,
  "snr": 3.9725558350053936,
  "spacing_tr": 3.0,
  "spacing_x": 3.2352941036224365,
  "spacing_y": 3.2352941036224365,
  "spacing_z": 3.0,
  "summary_bg_k": 32.660422712757196,
  "summary_bg_mad": 3.481767258505359,
  "summary_bg_mean": 16.498191833496094,
  "summary_bg_median": 6.8416290283203125,
  "summary_bg_n": 130817.0,
  "summary_bg_p05": 4.384615421295166,
  "summary_bg_p95": 62.200001525878896,
  "summary_bg_stdv": 26.432655334472656,
  "summary_fg_k": 2.7647407667136052,
  "summary_fg_mad": 47.832381681850535,
  "summary_fg_mean": 250.67196655273438,
  "summary_fg_median": 242.17648315429688,
  "summary_fg_n": 33747.0,
  "summary_fg_p05": 166.4954818725586,
  "summary_fg_p95": 366.97241516113246,
  "summary_fg_stdv": 60.961483001708984,
  "tsnr": 27.29209182463819
}