{
  "aor": 0.0039990045248868775,
  "aqi": 0.014561250859728507,
  "bids_meta": {
    "AcquisitionMatrixPE": 68,
    "AcquisitionNumber": 1,
    "AcquisitionTime": "16:05:23.630000",
    "BandwidthPerPixelPhaseEncode": 25.355,
    "BaseResolution": 68,
    "BodyPartExamined": "BRAIN",
    "ConsistencyInfo": "N4_VE11A_LATEST_20140830",
    "ConversionSoftware": "dcm2niix",
    "ConversionSoftwareVersion": "v1.0.20171103 (OpenJPEG build) GCC6.3.0",
    "DelayTime": 0.1,
    "DerivedVendorReportedEchoSpacing": 0.000579999,
    "DeviceSerialNumber": "45685",
    "DwellTime": 3.8e-06,
    "EchoTime": 0.03,
    "EchoTrainLength": 68,
    "EffectiveEchoSpacing": 0.000579999,
    "FlipAngle": 90,
    "ImageOrientationPatientDICOM": [
      1,
      0,
      0,
      0,
      1,
      0
    ],
    "ImageType": [
      "ORIGINAL",
      "PRIMARY",
      "M",
      "ND",
      "MOSAIC"
    ],
    "InPlanePhaseEncodingDirectionDICOM": "COL",
    "InstitutionAddress": "HAWKINS_DRIVE_200_IOWA_CITY_IOWA_US_52242",
    "InstitutionName": "UIHC_SKYRA",
    "InstitutionalDepartmentName": "Department",
    "MRAcquisitionType": "2D",
    "MagneticFieldStrength": 3,
    "Manufacturer": "Siemens",
    "ManufacturersModelName": "Skyra",
    "Modality": "MR",
    "PartialFourier": 1,
    "PatientPosition": "HFS",
    "PercentPhaseFOV": 100,
    "PhaseEncodingDirection": "j-",
    "PhaseEncodingSteps": 68,
    "PhaseResolution": 1,
    "PixelBandwidth": 1935,
    "ProcedureStepDescription": "RESEARCH_HOWARD",
    "ProtocolName": "ES-FMRI",
    "PulseSequenceDetails": "%SiemensSeq%_ep2d_pace",
    "ReceiveCoilActiveElements": "HE",
    "ReceiveCoilName": "Head_TxRx",
    "ReconMatrixPE": 68,
    "RepetitionTime": 3,
    "SAR": 0.122768,
    "ScanOptions": "FS",
    "ScanningSequence": "EP",
    "SequenceName": "_epfid2d1_68",
    "SequenceVariant": "SK",
    "SeriesDescription": "ES-FMRI",
    "SeriesNumber": 14,
    "ShimSetting": [
      -3817,
      -1287,
      -964,
      42,
      11,
      -342,
      122,
      543
    ],
    "SliceThickness": 3,
    "SliceTiming": [
      1.44,
      0,
      1.505,
      0.065,
      1.57,
      0.13,
      1.635,
      0.195,
      1.7,
      0.26,
      1.7675,
      0.3275,
      1.8325,
      0.3925,
      1.8975,
      0.4575,
      1.9625,
      0.5225,
      2.0275,
      0.5875,
      2.0925,
      0.655,
      2.16,
      0.72,
      2.225,
      0.785,
      2.29,
      0.85,
      2.355,
      0.915,
      2.42,
      0.98,
      2.4875,
      1.0475,
      2.5525,
      1.1125,
      2.6175,
      1.1775,
      2.6825,
      1.2425,
      2.7475,
      1.3075,
      2.8125,
      1.3725
    ],
    "SoftwareVersions": "syngo_MR_E11",
    "SpacingBetweenSlices": 3,
    "StationName": "AWP45685",
    "TaskName": "es",
    "TotalReadoutTime": 0.03886,
    "TxRefAmp": 228.036,
    "dataset": "ds002799",
    "modality": "bold",
    "run_id": 2,
    "session_id": "postop",
    "subject_id": "372",
    "task_id": "es"
  },
  "dummy_trs": 0,
  "dvars_nstd": 50.09215171954544,
  "dvars_std": 1.199947966454546,
  "dvars_vstd": 1.0495536995000005,
  "efc": 0.5147695092953537,
  "fber": 1198.2177734375,
  "fd_mean": 0.5805627361041337,
  "fd_num": 170,
  "fd_perc": 76.92307692307692,
  "fwhm_avg": 2.3454661279242957,
  "fwhm_x": 2.189732918583146,
  "fwhm_y": 2.455495465189741,
  "fwhm_z": 2.3911700000000002,
  "gcor": 0.030533,
  "gsr_x": -0.024192528799176216,
  "gsr_y": 0.043797604739665985,
  "provenance": {
    "md5sum": "9388b4c4db0c5bf871e4caabc2ad1740",
    "settings": {
      "fd_thres": 0.2,
      "testing": false
    },
    "software": "mriqc",
    "version": "21.0.0rc2",
    "webapi_port": null,
    "webapi_url": "https://mriqc.nimh.nih.gov/api/v1"
  },
  "size_t": 221,
  "size_x": 68,
  "size_y": 68,
  "size_z": 44,
  "snr": 3.6562172304051663,
  "spacing_tr": 3.0,
  "spacing_x": 3.2352941036224365,
  "spacing_y": 3.2352941036224365,
  "spacing_z": 3.0,
  "summary_bg_k": 35.167944892216084,
  "summary_bg_mad": 3.2134229815577346,
  "summary_bg_mean": 16.25594711303711,
  "summary_bg_median": 6.828054428100586,
  "summary_bg_n": 131328.0,
  "summary_bg_p05": 4.561086177825928,
  "summary_bg_p95": 60.788690376281686,
  "summary_bg_stdv": 26.041519165039062,
  "summary_fg_k": 3.4912367852978274,
  "summary_fg_mad": 50.361510673855726,
  "summary_fg_mean": 253.09085083007812,
  "summary_fg_median": 243.08145141601562,
  "summary_fg_n": 33058.0,
  "summary_fg_p05": 162.5183334350586,
  "summary_fg_p95": 379.54503326415994,
  "summary_fg_stdv": 66.48340606689453,
  "tsnr": 34.50572516070679
}