{
  "aor": 0.002576334841628959,
  "aqi": 0.020222098506787328,
  "bids_meta": {
    "AcquisitionMatrixPE": 68,
    "AcquisitionNumber": 1,
    "AcquisitionTime": "16:35:38.580000",
    "BandwidthPerPixelPhaseEncode": 25.355,
    "BaseResolution": 68,
    "BodyPartExamined": "BRAIN",
    "ConsistencyInfo": "N4_VE11A_LATEST_20140830",
    "ConversionSoftware": "dcm2niix",
    "ConversionSoftwareVersion": "v1.0.20171103 (OpenJPEG build) GCC6.3.0",
    "DelayTime": 0.1,
    "DerivedVendorReportedEchoSpacing": 0.000579999,
    "DeviceSerialNumber": "45685",
    "DwellTime": 3.8e-06,
    "EchoTime": 0.03,
    "EchoTrainLength": 68,
    "EffectiveEchoSpacing": 0.000579999,
    "FlipAngle": 90,
    "ImageOrientationPatientDICOM": [
      1,
      0,
      0,
      0,
      1,
      0
    ],
    "ImageType": [
      "ORIGINAL",
      "PRIMARY",
      "M",
      "ND",
      "MOSAIC"
    ],
    "InPlanePhaseEncodingDirectionDICOM": "COL",
    "InstitutionAddress": "HAWKINS_DRIVE_200_IOWA_CITY_IOWA_US_52242",
    "InstitutionName": "UIHC_SKYRA",
    "InstitutionalDepartmentName": "Department",
    "MRAcquisitionType": "2D",
    "MagneticFieldStrength": 3,
    "Manufacturer": "Siemens",
    "ManufacturersModelName": "Skyra",
    "Modality": "MR",
    "PartialFourier": 1,
    "PatientPosition": "HFS",
    "PercentPhaseFOV": 100,
    "PhaseEncodingDirection": "j-",
    "PhaseEncodingSteps": 68,
    "PhaseResolution": 1,
    "PixelBandwidth": 1935,
    "ProcedureStepDescription": "RESEARCH_HOWARD",
    "ProtocolName": "ES-FMRI",
    "PulseSequenceDetails": "%SiemensSeq%_ep2d_pace",
    "ReceiveCoilActiveElements": "HE",
    "ReceiveCoilName": "Head_TxRx",
    "ReconMatrixPE": 68,
    "RepetitionTime": 3,
    "SAR": 0.122768,
    "ScanOptions": "FS",
    "ScanningSequence": "EP",
    "SequenceName": "_epfid2d1_68",
    "SequenceVariant": "SK",
    "SeriesDescription": "ES-FMRI",
    "SeriesNumber": 20,
    "ShimSetting": [
      -3817,
      -1287,
      -964,
      42,
      11,
      -342,
      122,
      543
    ],
    "SliceThickness": 3,
    "SliceTiming": [
      1.44,
      0,
      1.505,
      0.065,
      1.57,
      0.13,
      1.635,
      0.1975,
      1.7025,
      0.2625,
      1.7675,
      0.3275,
      1.8325,
      0.3925,
      1.8975,
      0.4575,
      1.9625,
      0.5225,
      2.03,
      0.59,
      2.095,
      0.655,
      2.16,
      0.72,
      2.225,
      0.785,
      2.29,
      0.85,
      2.355,
      0.9175,
      2.4225,
      0.9825,
      2.4875,
      1.0475,
      2.5525,
      1.1125,
      2.6175,
      1.1775,
      2.6825,
      1.2425,
      2.75,
      1.31,
      2.815,
      1.375
    ],
    "SoftwareVersions": "syngo_MR_E11",
    "SpacingBetweenSlices": 3,
    "StationName": "AWP45685",
    "TaskName": "es",
    "TotalReadoutTime": 0.03886,
    "TxRefAmp": 228.036,
    "dataset": "ds002799",
    "modality": "bold",
    "run_id": 4,
    "session_id": "postop",
    "subject_id": "372",
    "task_id": "es"
  },
  "dummy_trs": 0,
  "dvars_nstd": 65.70836479854543,
  "dvars_std": 1.213405019590908,
  "dvars_vstd": 1.0326852283636365,
  "efc": 0.5174589299740093,
  "fber": 1174.7767333984375,
  "fd_mean": 0.8957132650238047,
  "fd_num": 198,
  "fd_perc": 89.59276018099547,
  "fwhm_avg": 2.3341994612136587,
  "fwhm_x": 2.1696389184960405,
  "fwhm_y": 2.4451594651449353,
  "fwhm_z": 2.3878,
  "gcor": 0.0313286,
  "gsr_x": -0.021511906757950783,
  "gsr_y": 0.04028984531760216,
  "provenance": {
    "md5sum": "7bb3c2c4036012bdbd54e2a9b53e464d",
    "settings": {
      "fd_thres": 0.2,
      "testing": false
    },
    "software": "mriqc",
    "version": "21.0.0rc2",
    "webapi_port": null,
    "webapi_url": "https://mriqc.nimh.nih.gov/api/v1"
  },
  "size_t": 221,
  "size_x": 68,
  "size_y": 68,
  "size_z": 44,
  "snr": 3.778726608718024,
  "spacing_tr": 3.0,
  "spacing_x": 3.2352941036224365,
  "spacing_y": 3.2352941036224365,
  "spacing_z": 3.0,
  "summary_bg_k": 34.473354603186145,
  "summary_bg_mad": 3.233548713958828,
  "summary_bg_mean": 16.096153259277344,
  "summary_bg_median": 6.800905227661133,
  "summary_bg_n": 131042.0,
  "summary_bg_p05": 4.5158371925354,
  "summary_bg_p95": 60.01719589233393,
  "summary_bg_stdv": 25.651569366455078,
  "summary_fg_k": 3.331108553174751,
  "summary_fg_mad": 48.86214502389393,
  "summary_fg_mean": 247.88377380371094,
  "summary_fg_median": 238.93893432617188,
  "summary_fg_n": 33368.0,
  "summary_fg_p05": 160.3009147644043,
  "summary_fg_p95": 366.52942657470686,
  "summary_fg_stdv": 63.231712341308594,
  "tsnr": 28.80178892519325
}