{
  "bids_meta": {
    "AcquisitionMatrixPE": 256,
    "AcquisitionNumber": 1,
    "AcquisitionTime": "16:15:4.617500",
    "BaseResolution": 256,
    "BodyPartExamined": "BRAIN",
    "ConsistencyInfo": "N4_VE11A_LATEST_20140830",
    "ConversionSoftware": "dcm2niix",
    "ConversionSoftwareVersion": "v1.0.20171215 (OpenJPEG build) GCC7.2.0",
    "DeviceSerialNumber": "45685",
    "DwellTime": 1.03e-05,
    "EchoTime": 0.00344,
    "FlipAngle": 10,
    "ImageComments": "Image_quality:_not_assessed",
    "ImageOrientationPatientDICOM": [
      0.999963,
      0,
      0.00855201,
      0.00855201,
      0,
      -0.999963
    ],
    "ImageType": [
      "ORIGINAL",
      "PRIMARY",
      "M",
      "DIS2D"
    ],
    "InPlanePhaseEncodingDirectionDICOM": "ROW",
    "InstitutionAddress": "HAWKINS_DRIVE_200_IOWA_CITY_IOWA_US_52242",
    "InstitutionName": "UIHC_SKYRA",
    "InstitutionalDepartmentName": "Department",
    "InversionTime": 1,
    "MRAcquisitionType": "3D",
    "MagneticFieldStrength": 3,
    "Manufacturer": "Siemens",
    "ManufacturersModelName": "Skyra",
    "Modality": "MR",
    "PartialFourier": 1,
    "PatientPosition": "HFS",
    "PercentPhaseFOV": 100,
    "PhaseEncodingSteps": 256,
    "PhaseResolution": 1,
    "PixelBandwidth": 190,
    "ProcedureStepDescription": "RESEARCH_HOWARD",
    "ProtocolName": "MPRAGE_TI=1000",
    "PulseSequenceDetails": "%SiemensSeq%_tfl",
    "ReceiveCoilActiveElements": "HE",
    "ReceiveCoilName": "Head_TxRx",
    "ReconMatrixPE": 256,
    "RepetitionTime": 1.9,
    "SAR": 0.114375,
    "ScanOptions": "IR",
    "ScanningSequence": "GR_IR",
    "SequenceName": "_tfl3d1_16ns",
    "SequenceVariant": "SK_SP_MP",
    "SeriesDescription": "MPRAGE_TI=1000",
    "SeriesNumber": 2,
    "ShimSetting": [
      -3827,
      -1478,
      -956,
      405,
      98,
      -160,
      823,
      488
    ],
    "SliceThickness": 1,
    "SoftwareVersions": "syngo_MR_E11",
    "StationName": "AWP45685",
    "TxRefAmp": 222.508,
    "dataset": "ds002799",
    "modality": "T1w",
    "session_id": "postop",
    "subject_id": "352"
  },
  "cjv": 0.5559758319396008,
  "cnr": 2.351901125392164,
  "efc": 0.6696612931748989,
  "fber": 87.09002010916403,
  "fwhm_avg": 3.656346746666667,
  "fwhm_x": 3.6544819200000003,
  "fwhm_y": 3.73575,
  "fwhm_z": 3.5788083200000003,
  "icvs_csf": 0.25701540359261726,
  "icvs_gm": 0.3584884276985732,
  "icvs_wm": 0.38449616870880954,
  "inu_med": 1.561516523361206,
  "inu_range": 0.6508806884288787,
  "provenance": {
    "md5sum": "842e7b1848e6f5bc0689fbffe70c5dbc",
    "settings": {
      "testing": false
    },
    "software": "mriqc",
    "version": "21.0.0rc2",
    "warnings": {
      "large_rot_frame": true,
      "small_air_mask": false
    },
    "webapi_port": null,
    "webapi_url": "https://mriqc.nimh.nih.gov/api/v1"
  },
  "qi_1": 0.0,
  "qi_2": 0.005170907745450441,
  "rpve_csf": 28.76812484978862,
  "rpve_gm": 18.300830458990966,
  "rpve_wm": 20.74524866797712,
  "size_x": 256,
  "size_y": 224,
  "size_z": 256,
  "snr_csf": 2.352125060241344,
  "snr_gm": 10.024284597806806,
  "snr_total": 8.486702520771098,
  "snr_wm": 13.083697904265145,
  "snrd_csf": 7.678668786183825,
  "snrd_gm": 14.210582974669947,
  "snrd_total": 13.737610411708403,
  "snrd_wm": 19.32357947427144,
  "spacing_x": 0.9765625,
  "spacing_y": 1.0,
  "spacing_z": 0.9765625,
  "summary_bg_k": 51.64915312041122,
  "summary_bg_mad": 33.90347044307069,
  "summary_bg_mean": 72.60293608085328,
  "summary_bg_median": 69.23564150929451,
  "summary_bg_n": 3635663.0,
  "summary_bg_p05": 23.263175547122955,
  "summary_bg_p95": 137.99652433395386,
  "summary_bg_stdv": 37.86962461771786,
  "summary_csf_k": 126.18513029620686,
  "summary_csf_mad": 89.74448058459888,
  "summary_csf_mean": 409.92346060327435,
  "summary_csf_median": 397.3730190396309,
  "summary_csf_n": 76529.0,
  "summary_csf_p05": 250.7042360663414,
  "summary_csf_p95": 566.5928395330899,
  "summary_csf_stdv": 168.94102678591923,
  "summary_gm_k": -0.09733716131383252,
  "summary_gm_mad": 74.25915844451123,
  "summary_gm_mean": 736.7839190575229,
  "summary_gm_median": 735.4012024998665,
  "summary_gm_n": 9830.0,
  "summary_gm_p05": 616.7471382424235,
  "summary_gm_p95": 859.0402329459786,
  "summary_gm_stdv": 73.35823204260537,
  "summary_wm_k": 0.9386646225440494,
  "summary_wm_mad": 72.85140188632144,
  "summary_wm_mean": 1005.2844857221846,
  "summary_wm_median": 1000.0000427365303,
  "summary_wm_n": 180366.0,
  "summary_wm_p05": 890.3307865858078,
  "summary_wm_p95": 1137.2844290435314,
  "summary_wm_stdv": 76.4307826356561,
  "tpm_overlap_csf": 0.12878550589084625,
  "tpm_overlap_gm": 0.34734147787094116,
  "tpm_overlap_wm": 0.4194880723953247,
  "wm2max": 0.5343318464168966
}