{
  "aor": 0.015774434389140276,
  "aqi": 0.012598085927601808,
  "bids_meta": {
    "AcquisitionMatrixPE": 68,
    "AcquisitionNumber": 1,
    "AcquisitionTime": "17:38:52.377500",
    "BandwidthPerPixelPhaseEncode": 25.355,
    "BaseResolution": 68,
    "BodyPartExamined": "BRAIN",
    "ConsistencyInfo": "N4_VE11A_LATEST_20140830",
    "ConversionSoftware": "dcm2niix",
    "ConversionSoftwareVersion": "v1.0.20180622 GCC7.3.0",
    "DelayTime": 0.22,
    "DerivedVendorReportedEchoSpacing": 0.000579999,
    "DeviceSerialNumber": "45685",
    "DwellTime": 3.8e-06,
    "EchoTime": 0.03,
    "EchoTrainLength": 68,
    "EffectiveEchoSpacing": 0.000579999,
    "FlipAngle": 90,
    "ImageOrientationPatientDICOM": [
      1,
      0,
      0,
      0,
      1,
      0
    ],
    "ImageType": [
      "ORIGINAL",
      "PRIMARY",
      "M",
      "ND",
      "MOSAIC"
    ],
    "InPlanePhaseEncodingDirectionDICOM": "COL",
    "InstitutionAddress": "HAWKINS_DRIVE_200_IOWA_CITY_IOWA_US_52242",
    "InstitutionName": "UIHC_SKYRA",
    "InstitutionalDepartmentName": "Department",
    "MRAcquisitionType": "2D",
    "MagneticFieldStrength": 3,
    "Manufacturer": "Siemens",
    "ManufacturersModelName": "Skyra",
    "Modality": "MR",
    "PartialFourier": 1,
    "PatientPosition": "HFS",
    "PercentPhaseFOV": 100,
    "PhaseEncodingDirection": "j-",
    "PhaseEncodingSteps": 68,
    "PhaseResolution": 1,
    "PixelBandwidth": 1935,
    "ProcedureStepDescription": "RESEARCH_HOWARD",
    "ProtocolName": "ES-FMRI",
    "PulseSequenceDetails": "%SiemensSeq%_ep2d_pace",
    "ReceiveCoilActiveElements": "HE",
    "ReceiveCoilName": "Head_TxRx",
    "ReconMatrixPE": 68,
    "RepetitionTime": 3.06,
    "SAR": 0.14214,
    "ScanOptions": "FS",
    "ScanningSequence": "EP",
    "SequenceName": "_epfid2d1_68",
    "SequenceVariant": "SK",
    "SeriesDescription": "ES-FMRI",
    "SeriesNumber": 15,
    "ShimSetting": [
      -3796,
      -1308,
      -849,
      573,
      762,
      251,
      122,
      312
    ],
    "SliceThickness": 3,
    "SliceTiming": [
      1.41,
      0,
      1.475,
      0.065,
      1.54,
      0.13,
      1.6025,
      0.1925,
      1.6675,
      0.2575,
      1.73,
      0.32,
      1.795,
      0.385,
      1.86,
      0.45,
      1.9225,
      0.5125,
      1.9875,
      0.5775,
      2.0525,
      0.6425,
      2.115,
      0.705,
      2.18,
      0.77,
      2.245,
      0.835,
      2.3075,
      0.8975,
      2.3725,
      0.9625,
      2.435,
      1.025,
      2.5,
      1.09,
      2.565,
      1.155,
      2.6275,
      1.2175,
      2.6925,
      1.2825,
      2.7575,
      1.3475
    ],
    "SoftwareVersions": "syngo_MR_E11",
    "SpacingBetweenSlices": 3,
    "StationName": "AWP45685",
    "TaskName": "es",
    "TotalReadoutTime": 0.03886,
    "TxRefAmp": 179.097,
    "dataset": "ds002799",
    "modality": "bold",
    "run_id": 3,
    "session_id": "postop",
    "subject_id": "376",
    "task_id": "es"
  },
  "dummy_trs": 0,
  "dvars_nstd": 49.1128859345,
  "dvars_std": 1.3551417006363644,
  "dvars_vstd": 1.137109599818182,
  "efc": 0.4435717961737873,
  "fber": 3715.806396484375,
  "fd_mean": 0.5450610852519501,
  "fd_num": 139,
  "fd_perc": 62.89592760180995,
  "fwhm_avg": 2.057407076664146,
  "fwhm_x": 1.9591232812198434,
  "fwhm_y": 2.1635312821059283,
  "fwhm_z": 2.0495666666666668,
  "gcor": 0.0481846,
  "gsr_x": -0.020389031618833542,
  "gsr_y": 0.028781356289982796,
  "provenance": {
    "md5sum": "4ee0ba42e87a94cd7d6a92c349736cd4",
    "settings": {
      "fd_thres": 0.2,
      "testing": false
    },
    "software": "mriqc",
    "version": "21.0.0rc2",
    "webapi_port": null,
    "webapi_url": "https://mriqc.nimh.nih.gov/api/v1"
  },
  "size_t": 221,
  "size_x": 68,
  "size_y": 68,
  "size_z": 44,
  "snr": 4.056391438978316,
  "spacing_tr": 3.059999942779541,
  "spacing_x": 3.2352941036224365,
  "spacing_y": 3.2352941036224365,
  "spacing_z": 3.0,
  "summary_bg_k": 53.41080996698055,
  "summary_bg_mad": 1.1136292795525116,
  "summary_bg_mean": 14.081713676452637,
  "summary_bg_median": 4.941176891326904,
  "summary_bg_n": 141567.0,
  "summary_bg_p05": 4.1402716636657715,
  "summary_bg_p95": 53.461992645263436,
  "summary_bg_stdv": 28.791391372680664,
  "summary_fg_k": 1.9090624406732628,
  "summary_fg_mad": 66.59299162091857,
  "summary_fg_mean": 320.8258056640625,
  "summary_fg_median": 311.4072570800781,
  "summary_fg_n": 24352.0,
  "summary_fg_p05": 216.4773826599121,
  "summary_fg_p95": 462.1850860595704,
  "summary_fg_stdv": 76.76795196533203,
  "tsnr": 34.24123541946756
}