{
  "aor": 0.004493954545454545,
  "aqi": 0.010989649727272727,
  "bids_meta": {
    "AcquisitionMatrixPE": 68,
    "AcquisitionNumber": 1,
    "AcquisitionTime": "17:24:24.780000",
    "BandwidthPerPixelPhaseEncode": 25.355,
    "BaseResolution": 68,
    "BodyPartExamined": "BRAIN",
    "ConsistencyInfo": "N4_VE11A_LATEST_20140830",
    "ConversionSoftware": "dcm2niix",
    "ConversionSoftwareVersion": "v1.0.20180622 GCC7.3.0",
    "DelayTime": 0.22,
    "DerivedVendorReportedEchoSpacing": 0.000579999,
    "DeviceSerialNumber": "45685",
    "DwellTime": 3.8e-06,
    "EchoTime": 0.03,
    "EchoTrainLength": 68,
    "EffectiveEchoSpacing": 0.000579999,
    "FlipAngle": 90,
    "ImageOrientationPatientDICOM": [
      1,
      0,
      0,
      0,
      1,
      0
    ],
    "ImageType": [
      "ORIGINAL",
      "PRIMARY",
      "M",
      "ND",
      "MOSAIC"
    ],
    "InPlanePhaseEncodingDirectionDICOM": "COL",
    "InstitutionAddress": "HAWKINS_DRIVE_200_IOWA_CITY_IOWA_US_52242",
    "InstitutionName": "UIHC_SKYRA",
    "InstitutionalDepartmentName": "Department",
    "MRAcquisitionType": "2D",
    "MagneticFieldStrength": 3,
    "Manufacturer": "Siemens",
    "ManufacturersModelName": "Skyra",
    "Modality": "MR",
    "PartialFourier": 1,
    "PatientPosition": "HFS",
    "PercentPhaseFOV": 100,
    "PhaseEncodingDirection": "j-",
    "PhaseEncodingSteps": 68,
    "PhaseResolution": 1,
    "PixelBandwidth": 1935,
    "ProcedureStepDescription": "RESEARCH_HOWARD",
    "ProtocolName": "ES-FMRI",
    "PulseSequenceDetails": "%SiemensSeq%_ep2d_pace",
    "ReceiveCoilActiveElements": "HE",
    "ReceiveCoilName": "Head_TxRx",
    "ReconMatrixPE": 68,
    "RepetitionTime": 3.06,
    "SAR": 0.14214,
    "ScanOptions": "FS",
    "ScanningSequence": "EP",
    "SequenceName": "_epfid2d1_68",
    "SequenceVariant": "SK",
    "SeriesDescription": "ES-FMRI",
    "SeriesNumber": 13,
    "ShimSetting": [
      -3796,
      -1308,
      -849,
      573,
      762,
      251,
      122,
      312
    ],
    "SliceThickness": 3,
    "SliceTiming": [
      1.41,
      0,
      1.4725,
      0.0625,
      1.5375,
      0.1275,
      1.6,
      0.19,
      1.665,
      0.255,
      1.73,
      0.32,
      1.7925,
      0.3825,
      1.8575,
      0.4475,
      1.9225,
      0.5125,
      1.985,
      0.575,
      2.05,
      0.64,
      2.115,
      0.705,
      2.1775,
      0.7675,
      2.2425,
      0.8325,
      2.305,
      0.895,
      2.37,
      0.96,
      2.435,
      1.025,
      2.4975,
      1.0875,
      2.5625,
      1.1525,
      2.6275,
      1.2175,
      2.69,
      1.28,
      2.755,
      1.345
    ],
    "SoftwareVersions": "syngo_MR_E11",
    "SpacingBetweenSlices": 3,
    "StationName": "AWP45685",
    "TaskName": "es",
    "TotalReadoutTime": 0.03886,
    "TxRefAmp": 179.097,
    "dataset": "ds002799",
    "modality": "bold",
    "run_id": 2,
    "session_id": "postop",
    "subject_id": "376",
    "task_id": "es"
  },
  "dummy_trs": 1,
  "dvars_nstd": 38.91706882114154,
  "dvars_std": 1.148412454337899,
  "dvars_vstd": 0.982281466666667,
  "efc": 0.4452132129139932,
  "fber": 3492.404296875,
  "fd_mean": 0.3843938160960494,
  "fd_num": 134,
  "fd_perc": 60.90909090909091,
  "fwhm_avg": 2.047580127103257,
  "fwhm_x": 1.933403826562898,
  "fwhm_y": 2.143616554746873,
  "fwhm_z": 2.0657200000000002,
  "gcor": 0.0746994,
  "gsr_x": -0.0209941565990448,
  "gsr_y": 0.031714677810668945,
  "provenance": {
    "md5sum": "0437820e2447a169018008a8c9e12cdc",
    "settings": {
      "fd_thres": 0.2,
      "testing": false
    },
    "software": "mriqc",
    "version": "21.0.0rc2",
    "webapi_port": null,
    "webapi_url": "https://mriqc.nimh.nih.gov/api/v1"
  },
  "size_t": 220,
  "size_x": 68,
  "size_y": 68,
  "size_z": 44,
  "snr": 4.126888365442176,
  "spacing_tr": 3.059999942779541,
  "spacing_x": 3.2352941036224365,
  "spacing_y": 3.2352941036224365,
  "spacing_z": 3.0,
  "summary_bg_k": 52.66911536762206,
  "summary_bg_mad": 1.1186904049655868,
  "summary_bg_mean": 14.002128601074219,
  "summary_bg_median": 5.03181791305542,
  "summary_bg_n": 141406.0,
  "summary_bg_p05": 4.2272725105285645,
  "summary_bg_p95": 53.25,
  "summary_bg_stdv": 28.3414249420166,
  "summary_fg_k": 1.7334783312920328,
  "summary_fg_mad": 63.795670348328905,
  "summary_fg_mean": 316.1352233886719,
  "summary_fg_median": 307.24090576171875,
  "summary_fg_n": 24400.0,
  "summary_fg_p05": 213.2131690979004,
  "summary_fg_p95": 454.5286148071288,
  "summary_fg_stdv": 74.44703674316406,
  "tsnr": 37.152094364748336
}