{
  "bids_meta": {
    "AcquisitionMatrixPE": 256,
    "AcquisitionNumber": 1,
    "AcquisitionTime": "15:40:28.735000",
    "BaseResolution": 256,
    "ConversionSoftware": "dcm2niix",
    "ConversionSoftwareVersion": "v1.0.20171215 (OpenJPEG build) GCC7.2.0",
    "DeviceSerialNumber": "35267",
    "DwellTime": 8.9e-06,
    "EchoTime": 0.00309,
    "FlipAngle": 10,
    "ImageComments": "PROJECT:MH_EPIL_SUBJECT:334_SESSION:20151215",
    "ImageOrientationPatientDICOM": [
      1,
      0,
      0,
      0,
      0,
      -1
    ],
    "ImageType": [
      "ORIGINAL",
      "PRIMARY",
      "M",
      "NORM",
      "DIS2D"
    ],
    "InPlanePhaseEncodingDirectionDICOM": "ROW",
    "InstitutionAddress": "Newton_Road_500_Iowa_City_CDI_US_52242",
    "InstitutionName": "University_of_Iowa",
    "InstitutionalDepartmentName": "Department",
    "InversionTime": 0.9,
    "MRAcquisitionType": "3D",
    "MagneticFieldStrength": 3,
    "Manufacturer": "Siemens",
    "ManufacturersModelName": "TrioTim",
    "Modality": "MR",
    "PartialFourier": 1,
    "PatientPosition": "HFS",
    "PercentPhaseFOV": 100,
    "PhaseEncodingSteps": 256,
    "PhaseResolution": 1,
    "PixelBandwidth": 219,
    "ProcedureStepDescription": "RESEARCH_HOWARD",
    "ProtocolName": "MPRAGE_T1_Coronal_-_TI=900",
    "PulseSequenceDetails": "%SiemensSeq%_tfl",
    "ReceiveCoilName": "TxRx_Head",
    "ReconMatrixPE": 256,
    "RepetitionTime": 2.53,
    "SAR": 0.0366279,
    "ScanOptions": "IR",
    "ScanningSequence": "GR_IR",
    "SequenceName": "_tfl3d1_ns",
    "SequenceVariant": "SP_MP",
    "SeriesDescription": "MPRAGE_T1_Coronal_-_TI=900",
    "SeriesNumber": 8,
    "ShimSetting": [
      6542,
      25441,
      5715,
      166,
      44,
      -20,
      -60,
      49
    ],
    "SliceThickness": 1,
    "SoftwareVersions": "syngo_MR_B17",
    "StationName": "MRC35267",
    "TxRefAmp": 227.531,
    "dataset": "ds002799",
    "modality": "T1w",
    "session_id": "preop",
    "subject_id": "334"
  },
  "cjv": 0.7499882316268571,
  "cnr": 1.5100872452322287,
  "efc": 0.6650309422941312,
  "fber": 69.5416399260144,
  "fwhm_avg": 3.2607200000000005,
  "fwhm_x": 3.39909,
  "fwhm_y": 3.18227,
  "fwhm_z": 3.2008,
  "icvs_csf": 0.1828326994841785,
  "icvs_gm": 0.4316794522343021,
  "icvs_wm": 0.38548784828151944,
  "inu_med": 1.368945598602295,
  "inu_range": 0.4921998500823974,
  "provenance": {
    "md5sum": "4e616d3ad7b15d2b6fcfa0cc538c1b23",
    "settings": {
      "testing": false
    },
    "software": "mriqc",
    "version": "21.0.0rc2",
    "warnings": {
      "large_rot_frame": true,
      "small_air_mask": false
    },
    "webapi_port": null,
    "webapi_url": "https://mriqc.nimh.nih.gov/api/v1"
  },
  "qi_1": 0.0,
  "qi_2": 0.002912343386442509,
  "rpve_csf": 45.91956472043282,
  "rpve_gm": 20.175231963300092,
  "rpve_wm": 25.167220314171498,
  "size_x": 256,
  "size_y": 240,
  "size_z": 256,
  "snr_csf": 3.9590682473777408,
  "snr_gm": 8.96483915777142,
  "snr_total": 6.956669146344505,
  "snr_wm": 7.9461000338843535,
  "snrd_csf": 8.063308480705567,
  "snrd_gm": 11.676647030566631,
  "snrd_total": 11.693200099472742,
  "snrd_wm": 15.339644787146028,
  "spacing_x": 1.0,
  "spacing_y": 1.0,
  "spacing_z": 1.0,
  "summary_bg_k": 3.061181079985867,
  "summary_bg_mad": 42.70870652326429,
  "summary_bg_mean": 92.22286688119054,
  "summary_bg_median": 87.24279966205359,
  "summary_bg_n": 3451745.0,
  "summary_bg_p05": 29.739369444549084,
  "summary_bg_p95": 171.906724113971,
  "summary_bg_stdv": 44.25737456180797,
  "summary_csf_k": 2.742043542639121,
  "summary_csf_mad": 134.95951261351516,
  "summary_csf_mean": 519.0389849602897,
  "summary_csf_median": 525.6515853852034,
  "summary_csf_n": 20832.0,
  "summary_csf_p05": 297.64335151370614,
  "summary_csf_p95": 718.6831383481622,
  "summary_csf_stdv": 132.7683525376063,
  "summary_gm_k": 0.1610759346898778,
  "summary_gm_mad": 80.90249264264064,
  "summary_gm_mean": 768.6051267464909,
  "summary_gm_median": 761.207144472748,
  "summary_gm_n": 18140.0,
  "summary_gm_p05": 641.9204485826194,
  "summary_gm_p95": 928.5679151577874,
  "summary_gm_stdv": 84.9079553278887,
  "summary_wm_k": 2.019718410695665,
  "summary_wm_mad": 98.18935004491428,
  "summary_wm_mean": 1024.7143804054467,
  "summary_wm_median": 1000.0000149942935,
  "summary_wm_n": 171301.0,
  "summary_wm_p05": 869.9588607810438,
  "summary_wm_p95": 1295.4184007681906,
  "summary_wm_stdv": 125.84753424786479,
  "tpm_overlap_csf": 0.14233851432800293,
  "tpm_overlap_gm": 0.4383522570133209,
  "tpm_overlap_wm": 0.4801770746707916,
  "wm2max": 0.5157676247383896
}