{
  "bids_meta": {
    "AcquisitionMatrixPE": 227,
    "AcquisitionNumber": 1,
    "AcquisitionTime": "15:28:36.772500",
    "BaseResolution": 256,
    "ConversionSoftware": "dcm2niix",
    "ConversionSoftwareVersion": "v1.0.20171215 (OpenJPEG build) GCC7.2.0",
    "DeviceSerialNumber": "35267",
    "DwellTime": 3.3e-06,
    "EchoTime": 0.407,
    "EchoTrainLength": 227,
    "FlipAngle": 120,
    "ImageComments": "PROJECT:MH_EPIL_SUBJECT:334_SESSION:20151215",
    "ImageOrientationPatientDICOM": [
      0.0244344,
      0.999701,
      2.27428e-08,
      0.0157002,
      -0.000383717,
      -0.999877
    ],
    "ImageType": [
      "ORIGINAL",
      "PRIMARY",
      "M",
      "ND",
      "NORM"
    ],
    "InPlanePhaseEncodingDirectionDICOM": "ROW",
    "InstitutionAddress": "Newton_Road_500_Iowa_City_CDI_US_52242",
    "InstitutionName": "University_of_Iowa",
    "InstitutionalDepartmentName": "Department",
    "MRAcquisitionType": "3D",
    "MagneticFieldStrength": 3,
    "Manufacturer": "Siemens",
    "ManufacturersModelName": "TrioTim",
    "Modality": "MR",
    "PartialFourier": 1,
    "PatientPosition": "HFS",
    "PercentPhaseFOV": 87.5,
    "PhaseEncodingSteps": 168,
    "PhaseResolution": 1.01339,
    "PixelBandwidth": 592,
    "ProcedureStepDescription": "RESEARCH_HOWARD",
    "ProtocolName": "T2-PREP_3D_T2",
    "PulseSequenceDetails": "%SiemensSeq%_tse_vfl",
    "ReceiveCoilName": "TxRx_Head",
    "ReconMatrixPE": 256,
    "RepetitionTime": 4,
    "SAR": 0.0549226,
    "ScanOptions": "PFP",
    "ScanningSequence": "SE",
    "SequenceName": "_spc3d1_454ns",
    "SequenceVariant": "SK_SP_OSP",
    "SeriesDescription": "T2-PREP_3D_T2",
    "SeriesNumber": 6,
    "ShimSetting": [
      6542,
      25441,
      5715,
      166,
      44,
      -20,
      -60,
      49
    ],
    "SliceThickness": 1,
    "SoftwareVersions": "syngo_MR_B17",
    "StationName": "MRC35267",
    "TxRefAmp": 227.531,
    "dataset": "ds002799",
    "modality": "T2w",
    "session_id": "preop",
    "subject_id": "334"
  },
  "cjv": 0.5441326883630097,
  "cnr": 1.7659240725720855,
  "efc": 0.654740062604,
  "fber": 96.5556054294743,
  "fwhm_avg": 1.622936244710905,
  "fwhm_x": 1.7038887341327154,
  "fwhm_y": 1.45,
  "fwhm_z": 1.71492,
  "icvs_csf": 0.39929488038934735,
  "icvs_gm": 0.09900624890140974,
  "icvs_wm": 0.5016988707092429,
  "inu_med": 1.591720700263977,
  "inu_range": 0.47204670906066903,
  "provenance": {
    "md5sum": "4e936528f97e433efe5a53c7c532c080",
    "settings": {
      "testing": false
    },
    "software": "mriqc",
    "version": "21.0.0rc2",
    "warnings": {
      "large_rot_frame": true,
      "small_air_mask": false
    },
    "webapi_port": null,
    "webapi_url": "https://mriqc.nimh.nih.gov/api/v1"
  },
  "qi_1": 1.068186388948028e-05,
  "qi_2": 0.007495448473324276,
  "rpve_csf": 14.290665489991577,
  "rpve_gm": 67.77701067519966,
  "rpve_wm": 11.737537947426635,
  "size_x": 176,
  "size_y": 224,
  "size_z": 256,
  "snr_csf": 7.658547783933563,
  "snr_gm": 3.2382642275496076,
  "snr_total": 6.2570017754157625,
  "snr_wm": 7.874193314764116,
  "snrd_csf": 14.219579995641146,
  "snrd_gm": 20.36590244018284,
  "snrd_total": 14.523312616644029,
  "snrd_wm": 8.984455414108108,
  "spacing_x": 0.9999948740005493,
  "spacing_y": 1.0,
  "spacing_z": 1.0,
  "summary_bg_k": 12.550830251024834,
  "summary_bg_mad": 72.90684198537657,
  "summary_bg_mean": 105.01952920401007,
  "summary_bg_median": 81.76567681133747,
  "summary_bg_n": 2502066.0,
  "summary_bg_p05": 0.0,
  "summary_bg_p95": 277.0627070963383,
  "summary_bg_stdv": 92.69279947344076,
  "summary_csf_k": 0.37177134608786,
  "summary_csf_mad": 201.22777695628267,
  "summary_csf_mean": 1594.1933919397695,
  "summary_csf_median": 1582.4257472902536,
  "summary_csf_n": 37916.0,
  "summary_csf_p05": 1280.5280566215515,
  "summary_csf_p95": 1953.4653523564339,
  "summary_csf_stdv": 206.61944330394942,
  "summary_gm_k": 0.5260619517963034,
  "summary_gm_mad": 566.251294547497,
  "summary_gm_mean": 2164.0071157904235,
  "summary_gm_median": 2266.419148668647,
  "summary_gm_n": 3789.0,
  "summary_gm_p05": 698.2838304638863,
  "summary_gm_p95": 3151.4521546065807,
  "summary_gm_stdv": 699.7946711245223,
  "summary_wm_k": 0.5218244369825777,
  "summary_wm_mad": 122.93855066326084,
  "summary_wm_mean": 1004.7395146877274,
  "summary_wm_median": 999.8349864780903,
  "summary_wm_n": 120303.0,
  "summary_wm_p05": 806.105612963438,
  "summary_wm_p95": 1219.636967331171,
  "summary_wm_stdv": 126.97565211007263,
  "tpm_overlap_csf": 0.09940171986818314,
  "tpm_overlap_gm": 0.08873314410448074,
  "tpm_overlap_wm": 0.44770100712776184,
  "wm2max": 0.3238202127091016
}