{
  "aor": 0.004312687747035573,
  "aqi": 0.005766427075098814,
  "bids_meta": {
    "AcquisitionMatrixPE": 68,
    "AcquisitionNumber": 1,
    "AcquisitionTime": "17:37:49.630000",
    "BandwidthPerPixelPhaseEncode": 25.355,
    "BaseResolution": 68,
    "ConversionSoftware": "dcm2niix",
    "ConversionSoftwareVersion": "v1.0.20171103 (OpenJPEG build) GCC6.3.0",
    "DelayTime": 0.1,
    "DerivedVendorReportedEchoSpacing": 0.000579999,
    "DeviceSerialNumber": "35053",
    "DwellTime": 3.8e-06,
    "EchoTime": 0.03,
    "EffectiveEchoSpacing": 0.000579999,
    "FlipAngle": 90,
    "ImageComments": "PROJECT:MH_EPIL_SUBJECT:06728376_SESSION:20140922",
    "ImageOrientationPatientDICOM": [
      0.996195,
      1.17055e-06,
      0.0871552,
      -8.44232e-09,
      1,
      -1.33341e-05
    ],
    "ImageType": [
      "ORIGINAL",
      "PRIMARY",
      "M",
      "ND",
      "MOSAIC"
    ],
    "InPlanePhaseEncodingDirectionDICOM": "COL",
    "InstitutionAddress": "Hawkins_200_Iowa_City_IA_US_52242",
    "InstitutionName": "UI_Hospitals_and_Clinics",
    "InstitutionalDepartmentName": "Radiation_Oncology",
    "MRAcquisitionType": "2D",
    "MagneticFieldStrength": 3,
    "Manufacturer": "Siemens",
    "ManufacturersModelName": "TrioTim",
    "Modality": "MR",
    "PartialFourier": 0.75,
    "PatientPosition": "HFS",
    "PercentPhaseFOV": 100,
    "PhaseEncodingDirection": "j-",
    "PhaseEncodingSteps": 51,
    "PhaseResolution": 1,
    "PixelBandwidth": 1935,
    "ProcedureStepDescription": "RESEARCH_OYA",
    "ProtocolName": "ES_FMRI",
    "PulseSequenceDetails": "%SiemensSeq%_ep2d_bold",
    "ReceiveCoilName": "TxRx_Head",
    "ReconMatrixPE": 68,
    "RepetitionTime": 3.1,
    "SAR": 0.0538539,
    "ScanOptions": "PFP_FS",
    "ScanningSequence": "EP",
    "SequenceName": "_epfid2d1_68",
    "SequenceVariant": "SK",
    "SeriesDescription": "ES_FMRI",
    "SeriesNumber": 5,
    "ShimSetting": [
      -1307,
      -19453,
      6024,
      752,
      -96,
      65,
      269,
      -121
    ],
    "SliceThickness": 3,
    "SliceTiming": [
      1.505,
      0,
      1.5725,
      0.065,
      1.6375,
      0.1325,
      1.7025,
      0.1975,
      1.7675,
      0.2625,
      1.8325,
      0.3275,
      1.9,
      0.3925,
      1.965,
      0.4575,
      2.03,
      0.525,
      2.095,
      0.59,
      2.16,
      0.655,
      2.2275,
      0.72,
      2.2925,
      0.785,
      2.3575,
      0.8525,
      2.4225,
      0.9175,
      2.4875,
      0.9825,
      2.5525,
      1.0475,
      2.62,
      1.1125,
      2.685,
      1.18,
      2.75,
      1.245,
      2.815,
      1.31,
      2.88,
      1.375,
      2.9475,
      1.44
    ],
    "SoftwareVersions": "syngo_MR_B19",
    "SpacingBetweenSlices": 3,
    "StationName": "MRC35053",
    "TaskName": "es",
    "TotalReadoutTime": 0.03886,
    "TxRefAmp": 165.729,
    "dataset": "ds002799",
    "modality": "bold",
    "run_id": 1,
    "session_id": "postop",
    "subject_id": "292",
    "task_id": "es"
  },
  "dummy_trs": 1,
  "dvars_nstd": 22.626777819246037,
  "dvars_std": 1.1339717646825391,
  "dvars_vstd": 0.994675191190476,
  "efc": 0.3911106785279925,
  "fber": 6531.3837890625,
  "fd_mean": 0.11301755489532254,
  "fd_num": 11,
  "fd_perc": 4.3478260869565215,
  "fwhm_avg": 2.0600975372958037,
  "fwhm_x": 1.917810190131665,
  "fwhm_y": 2.121698918288226,
  "fwhm_z": 2.1407835034675204,
  "gcor": 0.0263265,
  "gsr_x": -0.021494101732969284,
  "gsr_y": 0.02008133754134178,
  "provenance": {
    "md5sum": "e7e97b6a5bbf2e78adbcc11e970a1adc",
    "settings": {
      "fd_thres": 0.2,
      "testing": false
    },
    "software": "mriqc",
    "version": "21.0.0rc2",
    "webapi_port": null,
    "webapi_url": "https://mriqc.nimh.nih.gov/api/v1"
  },
  "size_t": 253,
  "size_x": 68,
  "size_y": 68,
  "size_z": 46,
  "snr": 5.354497512017504,
  "spacing_tr": 3.0999999046325684,
  "spacing_x": 3.2352941036224365,
  "spacing_y": 3.2352941036224365,
  "spacing_z": 2.999999761581421,
  "summary_bg_k": 104.48351500066802,
  "summary_bg_mad": 1.224758415892439,
  "summary_bg_mean": 19.458410263061523,
  "summary_bg_median": 7.747035980224609,
  "summary_bg_n": 157198.0,
  "summary_bg_p05": 6.79051399230957,
  "summary_bg_p95": 69.70158500671364,
  "summary_bg_stdv": 38.864952087402344,
  "summary_fg_k": 2.0297489939159004,
  "summary_fg_mad": 103.79382861608228,
  "summary_fg_mean": 656.7731323242188,
  "summary_fg_median": 652.54150390625,
  "summary_fg_n": 18163.0,
  "summary_fg_p05": 458.0359802246094,
  "summary_fg_p95": 851.2127075195312,
  "summary_fg_stdv": 121.86457061767578,
  "tsnr": 58.99522102531046
}