{
  "aor": 0.001907707509881423,
  "aqi": 0.007012032806324111,
  "bids_meta": {
    "AcquisitionMatrixPE": 68,
    "AcquisitionNumber": 1,
    "AcquisitionTime": "17:54:13.415000",
    "BandwidthPerPixelPhaseEncode": 25.355,
    "BaseResolution": 68,
    "ConversionSoftware": "dcm2niix",
    "ConversionSoftwareVersion": "v1.0.20171103 (OpenJPEG build) GCC6.3.0",
    "DelayTime": 0.1,
    "DerivedVendorReportedEchoSpacing": 0.000579999,
    "DeviceSerialNumber": "35053",
    "DwellTime": 3.8e-06,
    "EchoTime": 0.03,
    "EffectiveEchoSpacing": 0.000579999,
    "FlipAngle": 90,
    "ImageComments": "PROJECT:MH_EPIL_SUBJECT:06728376_SESSION:20140922",
    "ImageOrientationPatientDICOM": [
      0.996195,
      1.17055e-06,
      0.0871552,
      -8.44232e-09,
      1,
      -1.33341e-05
    ],
    "ImageType": [
      "ORIGINAL",
      "PRIMARY",
      "M",
      "ND",
      "MOSAIC"
    ],
    "InPlanePhaseEncodingDirectionDICOM": "COL",
    "InstitutionAddress": "Hawkins_200_Iowa_City_IA_US_52242",
    "InstitutionName": "UI_Hospitals_and_Clinics",
    "InstitutionalDepartmentName": "Radiation_Oncology",
    "MRAcquisitionType": "2D",
    "MagneticFieldStrength": 3,
    "Manufacturer": "Siemens",
    "ManufacturersModelName": "TrioTim",
    "Modality": "MR",
    "PartialFourier": 0.75,
    "PatientPosition": "HFS",
    "PercentPhaseFOV": 100,
    "PhaseEncodingDirection": "j-",
    "PhaseEncodingSteps": 51,
    "PhaseResolution": 1,
    "PixelBandwidth": 1935,
    "ProcedureStepDescription": "RESEARCH_OYA",
    "ProtocolName": "ES_FMRI",
    "PulseSequenceDetails": "%SiemensSeq%_ep2d_bold",
    "ReceiveCoilName": "TxRx_Head",
    "ReconMatrixPE": 68,
    "RepetitionTime": 3.1,
    "SAR": 0.0538539,
    "ScanOptions": "PFP_FS",
    "ScanningSequence": "EP",
    "SequenceName": "_epfid2d1_68",
    "SequenceVariant": "SK",
    "SeriesDescription": "ES_FMRI",
    "SeriesNumber": 6,
    "ShimSetting": [
      -1307,
      -19453,
      6024,
      752,
      -96,
      65,
      269,
      -121
    ],
    "SliceThickness": 3,
    "SliceTiming": [
      1.505,
      0,
      1.57,
      0.065,
      1.635,
      0.13,
      1.7025,
      0.195,
      1.7675,
      0.26,
      1.8325,
      0.3275,
      1.8975,
      0.3925,
      1.9625,
      0.4575,
      2.0275,
      0.5225,
      2.095,
      0.5875,
      2.16,
      0.655,
      2.225,
      0.72,
      2.29,
      0.785,
      2.355,
      0.85,
      2.4225,
      0.915,
      2.4875,
      0.98,
      2.5525,
      1.0475,
      2.6175,
      1.1125,
      2.6825,
      1.1775,
      2.75,
      1.2425,
      2.815,
      1.3075,
      2.88,
      1.375,
      2.945,
      1.44
    ],
    "SoftwareVersions": "syngo_MR_B19",
    "SpacingBetweenSlices": 3,
    "StationName": "MRC35053",
    "TaskName": "es",
    "TotalReadoutTime": 0.03886,
    "TxRefAmp": 165.729,
    "dataset": "ds002799",
    "modality": "bold",
    "run_id": 2,
    "session_id": "postop",
    "subject_id": "292",
    "task_id": "es"
  },
  "dummy_trs": 1,
  "dvars_nstd": 19.845406464047628,
  "dvars_std": 1.053065507380953,
  "dvars_vstd": 0.9594338796428571,
  "efc": 0.3901412055894033,
  "fber": 6321.61767578125,
  "fd_mean": 0.10989566946352876,
  "fd_num": 11,
  "fd_perc": 4.3478260869565215,
  "fwhm_avg": 2.016222808764924,
  "fwhm_x": 1.8879829172750946,
  "fwhm_y": 2.062542008940879,
  "fwhm_z": 2.0981435000787974,
  "gcor": 0.0258492,
  "gsr_x": -0.022166850045323372,
  "gsr_y": 0.023112565279006958,
  "provenance": {
    "md5sum": "e71671745af27ae04cb918f1dc8fb49e",
    "settings": {
      "fd_thres": 0.2,
      "testing": false
    },
    "software": "mriqc",
    "version": "21.0.0rc2",
    "webapi_port": null,
    "webapi_url": "https://mriqc.nimh.nih.gov/api/v1"
  },
  "size_t": 253,
  "size_x": 68,
  "size_y": 68,
  "size_z": 46,
  "snr": 5.282355322971577,
  "spacing_tr": 3.0999999046325684,
  "spacing_x": 3.2352941036224365,
  "spacing_y": 3.2352941036224365,
  "spacing_z": 2.999999761581421,
  "summary_bg_k": 89.80569028336959,
  "summary_bg_mad": 1.5763634727358742,
  "summary_bg_mean": 19.958538055419922,
  "summary_bg_median": 7.806324481964111,
  "summary_bg_n": 157888.0,
  "summary_bg_p05": 6.422924995422363,
  "summary_bg_p95": 73.18261146545392,
  "summary_bg_stdv": 40.07390213012695,
  "summary_fg_k": 2.2147891920890466,
  "summary_fg_mad": 102.56333392814042,
  "summary_fg_mean": 654.7781982421875,
  "summary_fg_median": 647.4110717773438,
  "summary_fg_n": 17875.0,
  "summary_fg_p05": 461.47394104003905,
  "summary_fg_p95": 855.1099182128905,
  "summary_fg_stdv": 122.55763244628906,
  "tsnr": 57.639424703549594
}