{
  "aor": 0.0015020769230769228,
  "aqi": 0.002501630076923077,
  "bids_meta": {
    "AcquisitionMatrixPE": 64,
    "AcquisitionNumber": 1,
    "AcquisitionTime": "13:10:48.000000",
    "ConversionSoftware": "dcm2niix",
    "ConversionSoftwareVersion": "v1.0.20180622 GCC7.3.0",
    "DeviceSerialNumber": "0000000319335MR2",
    "EchoTime": 0.03,
    "EffectiveEchoSpacing": 0.00064,
    "FlipAngle": 80,
    "ImageOrientationPatientDICOM": [
      1,
      0,
      0,
      0,
      1,
      0
    ],
    "ImageType": [
      "ORIGINAL",
      "PRIMARY",
      "EPI",
      "NONE"
    ],
    "InPlanePhaseEncodingDirectionDICOM": "COL",
    "InstitutionName": "Iowa_MRRF",
    "MRAcquisitionType": "2D",
    "MagneticFieldStrength": 3,
    "Manufacturer": "GE",
    "ManufacturersModelName": "DISCOVERY_MR750w",
    "Modality": "MR",
    "PatientPosition": "HFS",
    "PercentPhaseFOV": 100,
    "PhaseEncodingAxis": "j",
    "PixelBandwidth": 7812.5,
    "ProcedureStepDescription": "MH_EPIL",
    "ProtocolName": "REST",
    "ReconMatrixPE": 64,
    "RepetitionTime": 2.26,
    "SAR": 0.156669,
    "ScanOptions": "SAT_GEMS_EPI_GEMS_ACC_GEMS_FS",
    "ScanningSequence": "EP_GR",
    "SequenceVariant": "SS",
    "SeriesDescription": "REST",
    "SeriesNumber": 11,
    "SliceThickness": 4,
    "SoftwareVersions": "25_LX_MR_Software_release:DV25.0_R02_1549.b",
    "SpacingBetweenSlices": 4,
    "StationName": "Iowa3T",
    "TaskName": "rest",
    "TotalReadoutTime": 0.04032,
    "dataset": "ds002799",
    "modality": "bold",
    "run_id": 3,
    "session_id": "preop",
    "subject_id": "372",
    "task_id": "rest"
  },
  "dummy_trs": 0,
  "dvars_nstd": 19.525716500232555,
  "dvars_std": 1.2513567706201552,
  "dvars_vstd": 1.0033023479844965,
  "efc": 0.5171056894548135,
  "fber": 7037.67138671875,
  "fd_mean": 0.1297764888188011,
  "fd_num": 18,
  "fd_perc": 13.846153846153847,
  "fwhm_avg": 2.516872803030303,
  "fwhm_x": 2.468468363636364,
  "fwhm_y": 2.6657425454545454,
  "fwhm_z": 2.4164075,
  "gcor": 0.06764,
  "gsr_x": -0.009255887940526009,
  "gsr_y": 0.036029040813446045,
  "provenance": {
    "md5sum": "899d180f58a9a0eded28aef20ed638e2",
    "settings": {
      "fd_thres": 0.2,
      "testing": false
    },
    "software": "mriqc",
    "version": "21.0.0rc2",
    "webapi_port": null,
    "webapi_url": "https://mriqc.nimh.nih.gov/api/v1"
  },
  "size_t": 130,
  "size_x": 64,
  "size_y": 64,
  "size_z": 30,
  "snr": 3.9698052315746906,
  "spacing_tr": 2.259999990463257,
  "spacing_x": 3.4375,
  "spacing_y": 3.4375,
  "spacing_z": 4.0,
  "summary_bg_k": 53.56181291710125,
  "summary_bg_mad": 25.774469037998998,
  "summary_bg_mean": 70.92039489746094,
  "summary_bg_median": 17.94615364074707,
  "summary_bg_n": 70143.0,
  "summary_bg_p05": 0.007692307699471712,
  "summary_bg_p95": 326.8446228027343,
  "summary_bg_stdv": 150.992431640625,
  "summary_fg_k": 1.4060460171556182,
  "summary_fg_mad": 311.1012356608254,
  "summary_fg_mean": 1442.7342529296875,
  "summary_fg_median": 1389.896240234375,
  "summary_fg_n": 25118.0,
  "summary_fg_p05": 972.460385131836,
  "summary_fg_p95": 2095.026147460937,
  "summary_fg_stdv": 350.1100158691406,
  "tsnr": 92.07147557567805
}