{
  "aor": 0.0019415384615384611,
  "aqi": 0.0033430299230769235,
  "bids_meta": {
    "AcquisitionNumber": 1,
    "AcquisitionTime": "15:18:55.000000",
    "BodyPartExamined": "HEAD",
    "ConversionSoftware": "dcm2niix",
    "ConversionSoftwareVersion": "v1.0.20170624 (OpenJPEG build) GCC6.3.0",
    "DeviceSerialNumber": "0000000319335MR2",
    "EchoTime": 0.03,
    "FlipAngle": 80,
    "ImageType": [
      "ORIGINAL",
      "PRIMARY",
      "EPI",
      "NONE"
    ],
    "InstitutionName": "Iowa_MRRF",
    "MagneticFieldStrength": 3,
    "Manufacturer": "GE",
    "ManufacturersModelName": "DISCOVERY_MR750w",
    "PhaseEncodingLines": 64,
    "ProcedureStepDescription": "MH_EPIL",
    "ProtocolName": "REST",
    "RepetitionTime": 2.26,
    "ScanningSequence": "EP_GR",
    "SequenceVariant": "SS",
    "SeriesDescription": "REST",
    "SoftwareVersions": "27_LX_MR_Software_release:DV25.1_R02_1649.a",
    "TaskName": "rest",
    "dataset": "ds002799",
    "modality": "bold",
    "run_id": 3,
    "session_id": "preop",
    "subject_id": "399",
    "task_id": "rest"
  },
  "dummy_trs": 0,
  "dvars_nstd": 16.57222013682171,
  "dvars_std": 1.1441049490697677,
  "dvars_vstd": 1.0165169834883727,
  "efc": 0.4280701546386857,
  "fber": 31108.775390625,
  "fd_mean": 0.16564989064431648,
  "fd_num": 35,
  "fd_perc": 26.923076923076923,
  "fwhm_avg": 2.4801923333333336,
  "fwhm_x": 2.4670167272727275,
  "fwhm_y": 2.646615272727273,
  "fwhm_z": 2.326945,
  "gcor": 0.0593834,
  "gsr_x": -0.009360658004879951,
  "gsr_y": 0.014603646472096443,
  "provenance": {
    "md5sum": "c565a98b1fae3d612d114bdef5e111fe",
    "settings": {
      "fd_thres": 0.2,
      "testing": false
    },
    "software": "mriqc",
    "version": "21.0.0rc2",
    "webapi_port": null,
    "webapi_url": "https://mriqc.nimh.nih.gov/api/v1"
  },
  "size_t": 130,
  "size_x": 64,
  "size_y": 64,
  "size_z": 30,
  "snr": 4.702376549508657,
  "spacing_tr": 2.259999990463257,
  "spacing_x": 3.4375,
  "spacing_y": 3.4375,
  "spacing_z": 4.0,
  "summary_bg_k": 137.735057780408,
  "summary_bg_mad": 12.636332553775986,
  "summary_bg_mean": 35.22227478027344,
  "summary_bg_median": 8.715384483337402,
  "summary_bg_n": 78462.0,
  "summary_bg_p05": 0.0,
  "summary_bg_p95": 137.36154174804688,
  "summary_bg_stdv": 98.86006927490234,
  "summary_fg_k": 1.101503197180743,
  "summary_fg_mad": 289.7290143126277,
  "summary_fg_mean": 1484.1456298828125,
  "summary_fg_median": 1447.4769287109375,
  "summary_fg_n": 17470.0,
  "summary_fg_p05": 1067.8915649414062,
  "summary_fg_p95": 2049.488916015625,
  "summary_fg_stdv": 307.8093566894531,
  "tsnr": 87.13532986713108
}