{
  "aor": 0.007399318181818182,
  "aqi": 0.009735429,
  "bids_meta": {
    "AcquisitionNumber": 1,
    "AcquisitionTime": "19:05:54.712500",
    "BandwidthPerPixelPhaseEncode": 25.355,
    "BodyPartExamined": "BRAIN",
    "ConversionSoftware": "dcm2niix",
    "ConversionSoftwareVersion": "v1.0.20170624 GCC6.3.0",
    "DeviceSerialNumber": "45685",
    "EchoTime": 0.03,
    "EchoTrainLength": 68,
    "EffectiveEchoSpacing": 0.000579999,
    "FlipAngle": 90,
    "ImageType": [
      "ORIGINAL",
      "PRIMARY",
      "M",
      "ND",
      "MOSAIC"
    ],
    "InstitutionAddress": "HAWKINS_DRIVE_200_IOWA_CITY_IOWA_US_52242",
    "InstitutionName": "UIHC_SKYRA",
    "MagneticFieldStrength": 3,
    "Manufacturer": "Siemens",
    "ManufacturersModelName": "Skyra",
    "PhaseEncodingDirection": "j-",
    "PhaseEncodingLines": 68,
    "ProcedureStepDescription": "RESEARCH_HOWARD",
    "ProtocolName": "ES-FMRI",
    "RepetitionTime": 3,
    "ScanningSequence": "EP",
    "SequenceName": "_epfid2d1_68",
    "SequenceVariant": "SK",
    "SeriesDescription": "ES-FMRI",
    "SliceTiming": [
      1.44,
      0,
      1.505,
      0.065,
      1.57,
      0.13,
      1.6375,
      0.1975,
      1.7025,
      0.2625,
      1.7675,
      0.3275,
      1.8325,
      0.3925,
      1.8975,
      0.4575,
      1.9625,
      0.5225,
      2.03,
      0.59,
      2.095,
      0.655,
      2.16,
      0.72,
      2.225,
      0.785,
      2.29,
      0.85,
      2.3575,
      0.9175,
      2.4225,
      0.9825,
      2.4875,
      1.0475,
      2.5525,
      1.1125,
      2.6175,
      1.1775,
      2.6825,
      1.2425,
      2.75,
      1.31,
      2.815,
      1.375
    ],
    "SoftwareVersions": "syngo_MR_E11",
    "TaskName": "es",
    "TotalReadoutTime": 0.03886,
    "dataset": "ds002799",
    "modality": "bold",
    "run_id": 4,
    "session_id": "postop",
    "subject_id": "395",
    "task_id": "es"
  },
  "dummy_trs": 0,
  "dvars_nstd": 39.55939244141552,
  "dvars_std": 1.2325509689497713,
  "dvars_vstd": 1.0437715247945203,
  "efc": 0.4670533811863747,
  "fber": 1577.5244140625,
  "fd_mean": 0.1592564351626074,
  "fd_num": 32,
  "fd_perc": 14.545454545454545,
  "fwhm_avg": 1.8560007326535055,
  "fwhm_x": 1.7405990984543849,
  "fwhm_y": 1.9832230995061315,
  "fwhm_z": 1.84418,
  "gcor": 0.186797,
  "gsr_x": -0.027154209092259407,
  "gsr_y": 0.02967170625925064,
  "provenance": {
    "md5sum": "048c1800bde1ae232e431fc7b9744399",
    "settings": {
      "fd_thres": 0.2,
      "testing": false
    },
    "software": "mriqc",
    "version": "21.0.0rc2",
    "webapi_port": null,
    "webapi_url": "https://mriqc.nimh.nih.gov/api/v1"
  },
  "size_t": 220,
  "size_x": 68,
  "size_y": 68,
  "size_z": 44,
  "snr": 5.177687237603651,
  "spacing_tr": 3.0,
  "spacing_x": 3.2352941036224365,
  "spacing_y": 3.2352941036224365,
  "spacing_z": 3.0,
  "summary_bg_k": 35.29993034026208,
  "summary_bg_mad": 1.132169301058015,
  "summary_bg_mean": 24.475845336914062,
  "summary_bg_median": 10.122727394104004,
  "summary_bg_n": 144109.0,
  "summary_bg_p05": 9.27727222442627,
  "summary_bg_p95": 93.78636169433594,
  "summary_bg_stdv": 43.77493667602539,
  "summary_fg_k": 1.7120433880741368,
  "summary_fg_mad": 76.77520395189313,
  "summary_fg_mean": 423.0717468261719,
  "summary_fg_median": 421.06591796875,
  "summary_fg_n": 20658.0,
  "summary_fg_p05": 297.18475341796875,
  "summary_fg_p95": 549.1338470458982,
  "summary_fg_stdv": 81.32119750976562,
  "tsnr": 37.12603756075259
}