{
  "aor": 0.0010994545454545456,
  "aqi": 0.007029263545454545,
  "bids_meta": {
    "AcquisitionNumber": 1,
    "AcquisitionTime": "18:18:6.377500",
    "BandwidthPerPixelPhaseEncode": 25.355,
    "BodyPartExamined": "BRAIN",
    "ConversionSoftware": "dcm2niix",
    "ConversionSoftwareVersion": "v1.0.20170624 GCC6.3.0",
    "DeviceSerialNumber": "45685",
    "EchoTime": 0.03,
    "EchoTrainLength": 68,
    "EffectiveEchoSpacing": 0.000579999,
    "FlipAngle": 90,
    "ImageType": [
      "ORIGINAL",
      "PRIMARY",
      "M",
      "ND",
      "MOSAIC"
    ],
    "InstitutionAddress": "HAWKINS_DRIVE_200_IOWA_CITY_IOWA_US_52242",
    "InstitutionName": "UIHC_SKYRA",
    "MagneticFieldStrength": 3,
    "Manufacturer": "Siemens",
    "ManufacturersModelName": "Skyra",
    "PhaseEncodingDirection": "j-",
    "PhaseEncodingLines": 68,
    "ProcedureStepDescription": "RESEARCH_HOWARD",
    "ProtocolName": "ES-FMRI",
    "RepetitionTime": 3,
    "ScanningSequence": "EP",
    "SequenceName": "_epfid2d1_68",
    "SequenceVariant": "SK",
    "SeriesDescription": "ES-FMRI",
    "SliceTiming": [
      1.44,
      0,
      1.505,
      0.065,
      1.5725,
      0.1325,
      1.6375,
      0.1975,
      1.7025,
      0.2625,
      1.7675,
      0.3275,
      1.8325,
      0.3925,
      1.8975,
      0.4575,
      1.965,
      0.525,
      2.03,
      0.59,
      2.095,
      0.655,
      2.16,
      0.72,
      2.225,
      0.785,
      2.2925,
      0.8525,
      2.3575,
      0.9175,
      2.4225,
      0.9825,
      2.4875,
      1.0475,
      2.5525,
      1.1125,
      2.6175,
      1.1775,
      2.685,
      1.245,
      2.75,
      1.31,
      2.815,
      1.375
    ],
    "SoftwareVersions": "syngo_MR_E11",
    "TaskName": "es",
    "TotalReadoutTime": 0.03886,
    "dataset": "ds002799",
    "modality": "bold",
    "run_id": 1,
    "session_id": "postop",
    "subject_id": "395",
    "task_id": "es"
  },
  "dummy_trs": 0,
  "dvars_nstd": 36.27153570776256,
  "dvars_std": 1.30497122196347,
  "dvars_vstd": 0.9940878029223748,
  "efc": 0.47275662685572706,
  "fber": 1403.8541259765625,
  "fd_mean": 0.09600813516313031,
  "fd_num": 19,
  "fd_perc": 8.636363636363637,
  "fwhm_avg": 1.9283929753193985,
  "fwhm_x": 1.8311349170286653,
  "fwhm_y": 2.05992400892953,
  "fwhm_z": 1.89412,
  "gcor": 0.127201,
  "gsr_x": -0.010046773590147495,
  "gsr_y": 0.027929801493883133,
  "provenance": {
    "md5sum": "4ced51f2d9c8960c1271afdc080b46a5",
    "settings": {
      "fd_thres": 0.2,
      "testing": false
    },
    "software": "mriqc",
    "version": "21.0.0rc2",
    "webapi_port": null,
    "webapi_url": "https://mriqc.nimh.nih.gov/api/v1"
  },
  "size_t": 220,
  "size_x": 68,
  "size_y": 68,
  "size_z": 44,
  "snr": 5.1059610812614125,
  "spacing_tr": 3.0,
  "spacing_x": 3.2352941036224365,
  "spacing_y": 3.2352941036224365,
  "spacing_z": 3.0,
  "summary_bg_k": 34.40856933432637,
  "summary_bg_mad": 1.1254291460519723,
  "summary_bg_mean": 26.47911262512207,
  "summary_bg_median": 10.586362838745117,
  "summary_bg_n": 144537.0,
  "summary_bg_p05": 9.727272033691406,
  "summary_bg_p95": 101.3354537963864,
  "summary_bg_stdv": 49.45440673828125,
  "summary_fg_k": 1.3693452599251357,
  "summary_fg_mad": 76.48875514069444,
  "summary_fg_mean": 416.9447021484375,
  "summary_fg_median": 413.5772705078125,
  "summary_fg_n": 21163.0,
  "summary_fg_p05": 292.06044616699216,
  "summary_fg_p95": 548.6609069824218,
  "summary_fg_stdv": 80.99699401855469,
  "tsnr": 49.56416562956292
}