{
  "bids_meta": {
    "AcquisitionNumber": 1,
    "AcquisitionTime": "19:15:48.547500",
    "BodyPartExamined": "BRAIN",
    "ConversionSoftware": "dcm2niix",
    "ConversionSoftwareVersion": "v1.0.20170624 (OpenJPEG build) GCC6.1.0",
    "DeviceSerialNumber": "45685",
    "EchoTime": 0.00344,
    "FlipAngle": 10,
    "ImageType": [
      "ORIGINAL",
      "PRIMARY",
      "M",
      "DIS2D"
    ],
    "InstitutionAddress": "HAWKINS_DRIVE_200_IOWA_CITY_IOWA_US_52242",
    "InstitutionName": "UIHC_SKYRA",
    "InversionTime": 1,
    "MagneticFieldStrength": 3,
    "Manufacturer": "Siemens",
    "ManufacturersModelName": "Skyra",
    "PhaseEncodingDirection": "i-",
    "PhaseEncodingLines": 256,
    "ProcedureStepDescription": "RESEARCH_HOWARD",
    "ProtocolName": "MPRAGE_TI=1000",
    "RepetitionTime": 1.9,
    "ScanningSequence": "GR_IR",
    "SequenceName": "_tfl3d1_16ns",
    "SequenceVariant": "SK_SP_MP",
    "SeriesDescription": "MPRAGE_TI=1000",
    "SoftwareVersions": "syngo_MR_E11",
    "dataset": "ds002799",
    "modality": "T1w",
    "session_id": "postop",
    "subject_id": "399"
  },
  "cjv": 0.5422286986928939,
  "cnr": 2.4130346044178523,
  "efc": 0.6264216220323432,
  "fber": 110.42533520923088,
  "fwhm_avg": 3.2790179455294326,
  "fwhm_x": 3.40653056,
  "fwhm_y": 3.261642636588298,
  "fwhm_z": 3.16888064,
  "icvs_csf": 0.19113433591845388,
  "icvs_gm": 0.4168604728057633,
  "icvs_wm": 0.3920051912757828,
  "inu_med": 1.4147478342056274,
  "inu_range": 0.5110286891460418,
  "provenance": {
    "md5sum": "c037cdb6b62ff34bf4bf3655a37c9bbc",
    "settings": {
      "testing": false
    },
    "software": "mriqc",
    "version": "21.0.0rc2",
    "warnings": {
      "large_rot_frame": true,
      "small_air_mask": false
    },
    "webapi_port": null,
    "webapi_url": "https://mriqc.nimh.nih.gov/api/v1"
  },
  "qi_1": 0.0,
  "qi_2": 0.005585932427279605,
  "rpve_csf": 42.03275064607283,
  "rpve_gm": 19.3635060858262,
  "rpve_wm": 23.172165063033884,
  "size_x": 256,
  "size_y": 224,
  "size_z": 256,
  "snr_csf": 1.669853490317587,
  "snr_gm": 13.108272108824034,
  "snr_total": 10.450184588390544,
  "snr_wm": 16.57242816603001,
  "snrd_csf": 9.58062499505423,
  "snrd_gm": 16.642084973321644,
  "snrd_total": 15.826190313255983,
  "snrd_wm": 21.255860971392075,
  "spacing_x": 0.9765625,
  "spacing_y": 0.9999961256980896,
  "spacing_z": 0.9765625,
  "summary_bg_k": 3.9247729910269102,
  "summary_bg_mad": 30.821446638428988,
  "summary_bg_mean": 68.06409250263107,
  "summary_bg_median": 64.91389044374228,
  "summary_bg_n": 3496734.0,
  "summary_bg_p05": 26.18974857777357,
  "summary_bg_p95": 120.75817923992872,
  "summary_bg_stdv": 29.717688487625992,
  "summary_csf_k": 31.522322122731353,
  "summary_csf_mad": 105.00443830249091,
  "summary_csf_mean": 497.15346280175896,
  "summary_csf_median": 450.72863019257784,
  "summary_csf_n": 24829.0,
  "summary_csf_p05": 296.54540218412876,
  "summary_csf_p95": 694.2831014022231,
  "summary_csf_stdv": 269.9156279623821,
  "summary_gm_k": 0.014137361704777529,
  "summary_gm_mad": 59.829867004009216,
  "summary_gm_mean": 783.2656294818856,
  "summary_gm_median": 782.9410051479936,
  "summary_gm_n": 16665.0,
  "summary_gm_p05": 686.0491259738803,
  "summary_gm_p95": 882.2786195978522,
  "summary_gm_stdv": 59.726980620835896,
  "summary_wm_k": 0.5229111714365509,
  "summary_wm_mad": 57.86575520842305,
  "summary_wm_mean": 1002.9126016808999,
  "summary_wm_median": 1000.0000108703971,
  "summary_wm_n": 166024.0,
  "summary_wm_p05": 909.2020887583494,
  "summary_wm_p95": 1106.3894953653216,
  "summary_wm_stdv": 60.34100671516766,
  "tpm_overlap_csf": 0.14067891240119934,
  "tpm_overlap_gm": 0.4157593250274658,
  "tpm_overlap_wm": 0.45716017484664917,
  "wm2max": 0.43126483255691306
}