{
  "bids_meta": {
    "AcquisitionMatrixPE": 192,
    "AcquisitionNumber": 1,
    "AcquisitionTime": "16:28:15.877500",
    "BaseResolution": 256,
    "ConversionSoftware": "dcm2niix",
    "ConversionSoftwareVersion": "v1.0.20171215 (OpenJPEG build) GCC7.2.0",
    "DeviceSerialNumber": "35267",
    "DwellTime": 6.2e-06,
    "EchoTime": 0.011,
    "EchoTrainLength": 15,
    "FlipAngle": 110,
    "ImageComments": "PROJECT:MH_EPIL_SUBJECT:316_SESSION:20150420",
    "ImageOrientationPatientDICOM": [
      0,
      1,
      0,
      0,
      0,
      -1
    ],
    "ImageType": [
      "ORIGINAL",
      "PRIMARY",
      "M",
      "ND"
    ],
    "InPlanePhaseEncodingDirectionDICOM": "ROW",
    "InstitutionAddress": "Newton_Road_500_Iowa_City_CDI_US_52242",
    "InstitutionName": "University_of_Iowa",
    "InstitutionalDepartmentName": "Department",
    "MRAcquisitionType": "2D",
    "MagneticFieldStrength": 3,
    "Manufacturer": "Siemens",
    "ManufacturersModelName": "TrioTim",
    "Modality": "MR",
    "PartialFourier": 1,
    "PatientPosition": "HFS",
    "PercentPhaseFOV": 100,
    "PhaseEncodingDirection": "i",
    "PhaseEncodingSteps": 195,
    "PhaseResolution": 0.75,
    "PixelBandwidth": 315,
    "ProcedureStepDescription": "RESEARCH_HOWARD",
    "ProtocolName": "T2_SAGITTAL",
    "PulseSequenceDetails": "%SiemensSeq%_tse",
    "ReceiveCoilName": "HeadMatrix",
    "ReconMatrixPE": 256,
    "RepetitionTime": 4.13,
    "SAR": 0.602274,
    "ScanningSequence": "SE",
    "SequenceName": "_tse2d1rr15",
    "SequenceVariant": "SK_SP_OSP",
    "SeriesDescription": "T2_SAGITTAL",
    "SeriesNumber": 19,
    "ShimSetting": [
      6512,
      25427,
      6015,
      -60,
      317,
      -186,
      845,
      83
    ],
    "SliceThickness": 2.5,
    "SoftwareVersions": "syngo_MR_B17",
    "SpacingBetweenSlices": 3.25,
    "StationName": "MRC35267",
    "TxRefAmp": 410.937,
    "dataset": "ds002799",
    "modality": "T2w",
    "session_id": "preop",
    "subject_id": "316"
  },
  "cjv": 0.5499526935031612,
  "cnr": 2.456464990769897,
  "efc": 0.5773722077455645,
  "fber": 7123.36,
  "fwhm_avg": 2.6657366666666666,
  "fwhm_x": 2.64589,
  "fwhm_y": 2.76606,
  "fwhm_z": 2.58526,
  "icvs_csf": 0.17321176501497976,
  "icvs_gm": 0.3965655438922284,
  "icvs_wm": 0.4302226910927918,
  "inu_med": 1.1628714799880981,
  "inu_range": 0.380590558052063,
  "provenance": {
    "md5sum": "2f4c96f265cee9478fd933bdfb1cb9dd",
    "settings": {
      "testing": false
    },
    "software": "mriqc",
    "version": "21.0.0rc2",
    "warnings": {
      "large_rot_frame": true,
      "small_air_mask": false
    },
    "webapi_port": null,
    "webapi_url": "https://mriqc.nimh.nih.gov/api/v1"
  },
  "qi_1": 0.02469847047366152,
  "qi_2": 0.008368297139491903,
  "rpve_csf": 30.529511002222026,
  "rpve_gm": 12.92726131991406,
  "rpve_wm": 14.046478982091042,
  "size_x": 176,
  "size_y": 224,
  "size_z": 256,
  "snr_csf": 4.5431594614602275,
  "snr_gm": 7.366040236370891,
  "snr_total": 7.021678196013021,
  "snr_wm": 9.155834890207943,
  "snrd_csf": 121.62749148156516,
  "snrd_gm": 54.85870812020853,
  "snrd_total": 70.27122331648509,
  "snrd_wm": 34.327470347681576,
  "spacing_x": 1.0,
  "spacing_y": 1.0,
  "spacing_z": 1.0,
  "summary_bg_k": 15.899372960456056,
  "summary_bg_mad": 19.083251845895255,
  "summary_bg_mean": 13.845882799200165,
  "summary_bg_median": 12.871457770466805,
  "summary_bg_n": 2997462.0,
  "summary_bg_p05": 0.0,
  "summary_bg_p95": 50.88113172352314,
  "summary_bg_stdv": 16.916982419059114,
  "summary_csf_k": 1.6923519757580472,
  "summary_csf_mad": 625.1365923477499,
  "summary_csf_mean": 3370.210048519363,
  "summary_csf_median": 3542.847154915333,
  "summary_csf_n": 30147.0,
  "summary_csf_p05": 1844.8513566851618,
  "summary_csf_p95": 4336.445954243839,
  "summary_csf_stdv": 779.8071859354181,
  "summary_gm_k": 0.04035810936096995,
  "summary_gm_mad": 222.33909533204135,
  "summary_gm_mean": 1608.094104505758,
  "summary_gm_median": 1597.9612472355366,
  "summary_gm_n": 20731.0,
  "summary_gm_p05": 1273.4968486726284,
  "summary_gm_p95": 1977.2373233512044,
  "summary_gm_stdv": 216.93103147882653,
  "summary_wm_k": 0.250678532487012,
  "summary_wm_mad": 106.55882909922718,
  "summary_wm_mean": 995.7897303960309,
  "summary_wm_median": 999.9135818332434,
  "summary_wm_n": 150274.0,
  "summary_wm_p05": 810.6426826715469,
  "summary_wm_p95": 1167.9336178302765,
  "summary_wm_stdv": 109.21016672429181,
  "tpm_overlap_csf": 0.14336998760700226,
  "tpm_overlap_gm": 0.3920499086380005,
  "tpm_overlap_wm": 0.4373631179332733,
  "wm2max": 0.23892088261399055
}