{
  "bids_meta": {
    "AcquisitionMatrixPE": 256,
    "AcquisitionNumber": 1,
    "AcquisitionTime": "16:09:56.502500",
    "BaseResolution": 256,
    "ConversionSoftware": "dcm2niix",
    "ConversionSoftwareVersion": "v1.0.20171215 (OpenJPEG build) GCC7.2.0",
    "DeviceSerialNumber": "35267",
    "DwellTime": 3e-06,
    "EchoTime": 0.00174,
    "FlipAngle": 10,
    "ImageComments": "PROJECT:MH_EPIL_SUBJECT:316_SESSION:20150420",
    "ImageOrientationPatientDICOM": [
      0,
      1,
      0,
      0,
      0,
      -1
    ],
    "ImageType": [
      "ORIGINAL",
      "PRIMARY",
      "OTHER",
      "ND",
      "NORM",
      "MEAN"
    ],
    "InPlanePhaseEncodingDirectionDICOM": "ROW",
    "InstitutionAddress": "Newton_Road_500_Iowa_City_CDI_US_52242",
    "InstitutionName": "University_of_Iowa",
    "InstitutionalDepartmentName": "Department",
    "MRAcquisitionType": "3D",
    "MagneticFieldStrength": 3,
    "Manufacturer": "Siemens",
    "ManufacturersModelName": "TrioTim",
    "Modality": "MR",
    "ParallelReductionFactorInPlane": 2,
    "PartialFourier": 1,
    "PatientPosition": "HFS",
    "PercentPhaseFOV": 100,
    "PhaseEncodingSteps": 255,
    "PhaseResolution": 1,
    "PixelBandwidth": 651,
    "ProcedureStepDescription": "RESEARCH_HOWARD",
    "ProtocolName": "MULTI_ECHO_MPRAGE_V-4",
    "PulseSequenceDetails": "%CustomerSeq%_WIP711_Moco_tfl_multiecho_epinav_711",
    "ReceiveCoilName": "HeadMatrix",
    "ReconMatrixPE": 256,
    "RepetitionTime": 2.15,
    "SAR": 0.13784,
    "ScanOptions": "IR",
    "ScanningSequence": "GR_IR",
    "SequenceName": "Moco3d4_ns",
    "SequenceVariant": "SP_MP",
    "SeriesDescription": "MULTI_ECHO_MPRAGE_V-4_RMS",
    "SeriesNumber": 17,
    "ShimSetting": [
      6557,
      25389,
      6056,
      -10,
      52,
      -150,
      512,
      -9
    ],
    "SliceThickness": 1,
    "SoftwareVersions": "syngo_MR_B17",
    "StationName": "MRC35267",
    "TxRefAmp": 395.102,
    "dataset": "ds002799",
    "modality": "T1w",
    "session_id": "preop",
    "subject_id": "316"
  },
  "cjv": 0.4744327099217926,
  "cnr": 2.865714999989574,
  "efc": 0.6253480039567305,
  "fber": 940.4444444444446,
  "fwhm_avg": 3.3902900000000002,
  "fwhm_x": 3.44927,
  "fwhm_y": 3.50402,
  "fwhm_z": 3.21758,
  "icvs_csf": 0.18467182617138073,
  "icvs_gm": 0.4198801661024571,
  "icvs_wm": 0.3954480077261622,
  "inu_med": 1.2570958137512207,
  "inu_range": 0.3132675588130951,
  "provenance": {
    "md5sum": "0c75d7aebd3673770dd528bcd423f7ca",
    "settings": {
      "testing": false
    },
    "software": "mriqc",
    "version": "21.0.0rc2",
    "warnings": {
      "large_rot_frame": true,
      "small_air_mask": false
    },
    "webapi_port": null,
    "webapi_url": "https://mriqc.nimh.nih.gov/api/v1"
  },
  "qi_1": 0.0,
  "qi_2": 0.011364924166872547,
  "rpve_csf": 47.38558020381097,
  "rpve_gm": 21.225698847096822,
  "rpve_wm": 25.19952326606524,
  "size_x": 256,
  "size_y": 256,
  "size_z": 256,
  "snr_csf": 3.8919791922400826,
  "snr_gm": 15.635555240531048,
  "snr_total": 13.975793111580648,
  "snr_wm": 22.39984490197081,
  "snrd_csf": 24.303552440540006,
  "snrd_gm": 44.63015993626438,
  "snrd_total": 41.5369805347411,
  "snrd_wm": 55.67722922741892,
  "spacing_x": 1.0,
  "spacing_y": 1.0,
  "spacing_z": 1.0,
  "summary_bg_k": 25.24143436711322,
  "summary_bg_mad": 11.76668392598486,
  "summary_bg_mean": 25.252282227105972,
  "summary_bg_median": 23.809523105621338,
  "summary_bg_n": 3397871.0,
  "summary_bg_p05": 7.936507701873779,
  "summary_bg_p95": 47.619046211242676,
  "summary_bg_stdv": 13.13844579785095,
  "summary_csf_k": 1.628799509388955,
  "summary_csf_mad": 94.13347140787889,
  "summary_csf_mean": 460.97560592270463,
  "summary_csf_median": 436.50792360305786,
  "summary_csf_n": 35573.0,
  "summary_csf_p05": 317.4603080749512,
  "summary_csf_p95": 674.6031546592712,
  "summary_csf_stdv": 112.15419369346645,
  "summary_gm_k": 0.4030865355649702,
  "summary_gm_mad": 47.06673570393944,
  "summary_gm_mean": 803.3730818610663,
  "summary_gm_median": 801.5872778892517,
  "summary_gm_n": 13266.0,
  "summary_gm_p05": 722.2222008705139,
  "summary_gm_p95": 888.8888626098633,
  "summary_gm_stdv": 51.26502083840666,
  "summary_wm_k": 0.6538985215938937,
  "summary_wm_mad": 47.06673570393944,
  "summary_wm_mean": 997.5882057518577,
  "summary_wm_median": 999.9999704360962,
  "summary_wm_n": 188030.0,
  "summary_wm_p05": 928.5714011192322,
  "summary_wm_p95": 1071.4285397529602,
  "summary_wm_stdv": 44.643046220133456,
  "tpm_overlap_csf": 0.15091490745544434,
  "tpm_overlap_gm": 0.4328927993774414,
  "tpm_overlap_wm": 0.48821526765823364,
  "wm2max": 0.63
}