{
  "bids_meta": {
    "AcquisitionNumber": 1,
    "AcquisitionTime": "18:00:59.567500",
    "BodyPartExamined": "BRAIN",
    "ConversionSoftware": "dcm2niix",
    "ConversionSoftwareVersion": "v1.0.20170624 GCC6.3.0",
    "DeviceSerialNumber": "45685",
    "EchoTime": 0.00344,
    "FlipAngle": 10,
    "ImageType": [
      "ORIGINAL",
      "PRIMARY",
      "M",
      "DIS2D"
    ],
    "InstitutionAddress": "HAWKINS_DRIVE_200_IOWA_CITY_IOWA_US_52242",
    "InstitutionName": "UIHC_SKYRA",
    "InversionTime": 1,
    "MagneticFieldStrength": 3,
    "Manufacturer": "Siemens",
    "ManufacturersModelName": "Skyra",
    "PhaseEncodingDirection": "i-",
    "PhaseEncodingLines": 256,
    "ProcedureStepDescription": "RESEARCH_HOWARD",
    "ProtocolName": "MPRAGE_TI=1000",
    "RepetitionTime": 1.9,
    "ScanningSequence": "GR_IR",
    "SequenceName": "_tfl3d1_16ns",
    "SequenceVariant": "SK_SP_MP",
    "SeriesDescription": "MPRAGE_TI=1000",
    "SoftwareVersions": "syngo_MR_E11",
    "dataset": "ds002799",
    "modality": "T1w",
    "session_id": "postop",
    "subject_id": "395"
  },
  "cjv": 0.6505244969418974,
  "cnr": 1.9801881622086825,
  "efc": 0.6320185218233151,
  "fber": 139.59635949275028,
  "fwhm_avg": 3.340407145484267,
  "fwhm_x": 3.38219008,
  "fwhm_y": 3.4690959964528023,
  "fwhm_z": 3.1699353599999998,
  "icvs_csf": 0.21830386812643116,
  "icvs_gm": 0.39751243011116283,
  "icvs_wm": 0.38418370176240607,
  "inu_med": 1.814488410949707,
  "inu_range": 0.5209460854530332,
  "provenance": {
    "md5sum": "d8a0acbf65dd58331de37f0882728a2e",
    "settings": {
      "testing": false
    },
    "software": "mriqc",
    "version": "21.0.0rc2",
    "warnings": {
      "large_rot_frame": true,
      "small_air_mask": false
    },
    "webapi_port": null,
    "webapi_url": "https://mriqc.nimh.nih.gov/api/v1"
  },
  "qi_1": 0.0,
  "qi_2": 0.005957667888321603,
  "rpve_csf": 40.6559038717697,
  "rpve_gm": 21.689241804042616,
  "rpve_wm": 25.88802409753901,
  "size_x": 256,
  "size_y": 224,
  "size_z": 256,
  "snr_csf": 1.9531266920443906,
  "snr_gm": 11.868649434599222,
  "snr_total": 9.577039826885553,
  "snr_wm": 14.909343354013046,
  "snrd_csf": 11.874775079835082,
  "snrd_gm": 20.155130599264655,
  "snrd_total": 19.04217958858864,
  "snrd_wm": 25.096633086666177,
  "spacing_x": 0.9765625,
  "spacing_y": 0.9999982714653015,
  "spacing_z": 0.9765625,
  "summary_bg_k": 2.421491006878833,
  "summary_bg_mad": 26.106266582734197,
  "summary_bg_mean": 62.952425438943166,
  "summary_bg_median": 60.18396586179733,
  "summary_bg_n": 3182310.0,
  "summary_bg_p05": 21.9448085129261,
  "summary_bg_p95": 113.60052071511745,
  "summary_bg_stdv": 28.46771849490962,
  "summary_csf_k": 42.547651178462814,
  "summary_csf_mad": 102.47683748147901,
  "summary_csf_mean": 503.26434930047577,
  "summary_csf_median": 473.19314643740654,
  "summary_csf_n": 36927.0,
  "summary_csf_p05": 320.71614908427,
  "summary_csf_p95": 656.8987889587879,
  "summary_csf_stdv": 242.27140061028626,
  "summary_gm_k": 0.06282444235405205,
  "summary_gm_mad": 67.70095251865772,
  "summary_gm_mean": 804.4169500169276,
  "summary_gm_median": 803.1537103652954,
  "summary_gm_n": 12547.0,
  "summary_gm_p05": 696.1891946196556,
  "summary_gm_p95": 917.5426673144102,
  "summary_gm_stdv": 67.66748890397987,
  "summary_wm_k": 1.6102942647663072,
  "summary_wm_mad": 60.395094333191054,
  "summary_wm_mean": 1005.0910134105359,
  "summary_wm_median": 1000.0656598061323,
  "summary_wm_n": 148142.0,
  "summary_wm_p05": 905.9132328629494,
  "summary_wm_p95": 1121.1563247442245,
  "summary_wm_stdv": 67.0762125931976,
  "tpm_overlap_csf": 0.13345076143741608,
  "tpm_overlap_gm": 0.38534438610076904,
  "tpm_overlap_wm": 0.41036128997802734,
  "wm2max": 0.5528482280516648
}