{
  "aor": 0.0016219379844961243,
  "aqi": 0.0015822916356589144,
  "bids_meta": {
    "AcquisitionMatrixPE": 64,
    "AcquisitionNumber": 1,
    "AcquisitionTime": "13:47:34.000000",
    "BodyPartExamined": "HEAD",
    "ConversionSoftware": "dcm2niix",
    "ConversionSoftwareVersion": "v1.0.20170923 (OpenJPEG build) GCC6.3.0",
    "DeviceSerialNumber": "0000000319335MR2",
    "EchoTime": 0.03,
    "EffectiveEchoSpacing": 0.00064,
    "FlipAngle": 80,
    "ImageType": [
      "ORIGINAL",
      "PRIMARY",
      "EPI",
      "NONE"
    ],
    "InstitutionName": "Iowa_MRRF",
    "MagneticFieldStrength": 3,
    "Manufacturer": "GE",
    "ManufacturersModelName": "DISCOVERY_MR750w",
    "Modality": "MR",
    "PercentPhaseFOV": 100,
    "ProcedureStepDescription": "MH_EPIL",
    "ProtocolName": "REST",
    "ReconMatrixPE": 64,
    "RepetitionTime": 2.26,
    "ScanOptions": "SAT_GEMS_EPI_GEMS_ACC_GEMS_FS",
    "ScanningSequence": "EP_GR",
    "SequenceVariant": "SS",
    "SeriesDescription": "REST",
    "SoftwareVersions": "27_LX_MR_Software_release:DV25.1_R02_1649.a",
    "StationName": "Iowa3T",
    "TaskName": "rest",
    "TotalReadoutTime": 0.04032,
    "dataset": "ds002799",
    "modality": "bold",
    "run_id": 1,
    "session_id": "preop",
    "subject_id": "400",
    "task_id": "rest"
  },
  "dummy_trs": 1,
  "dvars_nstd": 18.810791529843748,
  "dvars_std": 1.2166714242187502,
  "dvars_vstd": 0.9720184410156246,
  "efc": 0.46447488493214245,
  "fber": 16555.234375,
  "fd_mean": 0.10817445931532024,
  "fd_num": 6,
  "fd_perc": 4.651162790697675,
  "fwhm_avg": 2.564503060606061,
  "fwhm_x": 2.5752378181818183,
  "fwhm_y": 2.6629963636363634,
  "fwhm_z": 2.455275,
  "gcor": 0.0286471,
  "gsr_x": -0.007256402634084225,
  "gsr_y": 0.02157779410481453,
  "provenance": {
    "md5sum": "262775229e68981ac88aa2e2d511bc72",
    "settings": {
      "fd_thres": 0.2,
      "testing": false
    },
    "software": "mriqc",
    "version": "21.0.0rc2",
    "webapi_port": null,
    "webapi_url": "https://mriqc.nimh.nih.gov/api/v1"
  },
  "size_t": 129,
  "size_x": 64,
  "size_y": 64,
  "size_z": 30,
  "snr": 3.6745318918378227,
  "spacing_tr": 2.259999990463257,
  "spacing_x": 3.4375,
  "spacing_y": 3.4375,
  "spacing_z": 4.0,
  "summary_bg_k": 35.53686338415459,
  "summary_bg_mad": 17.12462951605458,
  "summary_bg_mean": 49.151180267333984,
  "summary_bg_median": 11.945735931396484,
  "summary_bg_n": 74914.0,
  "summary_bg_p05": 0.0,
  "summary_bg_p95": 228.77402954101487,
  "summary_bg_stdv": 105.68396759033203,
  "summary_fg_k": 1.2765821012202085,
  "summary_fg_mad": 327.80458118725824,
  "summary_fg_mean": 1480.659423828125,
  "summary_fg_median": 1414.2635498046875,
  "summary_fg_n": 20917.0,
  "summary_fg_p05": 952.2651000976563,
  "summary_fg_p95": 2200.274365234375,
  "summary_fg_stdv": 384.8734436035156,
  "tsnr": 88.03269448690116
}