{
  "bids_meta": {
    "AcquisitionNumber": 1,
    "AcquisitionTime": "15:24:33.000000",
    "BodyPartExamined": "HEAD",
    "ConversionSoftware": "dcm2niix",
    "ConversionSoftwareVersion": "v1.0.20170624 (OpenJPEG build) GCC6.3.0",
    "DeviceSerialNumber": "0000000319335MR2",
    "EchoTime": 0.084077,
    "EchoTrainLength": 140,
    "FlipAngle": 90,
    "ImageType": [
      "DERIVED",
      "PRIMARY",
      "OTHER"
    ],
    "InstitutionName": "Iowa_MRRF",
    "MagneticFieldStrength": 3,
    "Manufacturer": "GE",
    "ManufacturersModelName": "DISCOVERY_MR750w",
    "PhaseEncodingLines": 256,
    "ProcedureStepDescription": "MH_EPIL",
    "ProtocolName": "PU:CUBE_T2_Sagittal",
    "RawImage": true,
    "RepetitionTime": 3.2,
    "ScanningSequence": "SE",
    "SequenceVariant": "SK",
    "SeriesDescription": "PU:CUBE_T2_Sagittal",
    "SoftwareVersions": "27_LX_MR_Software_release:DV25.1_R02_1649.a",
    "dataset": "ds002799",
    "modality": "T2w",
    "session_id": "preop",
    "subject_id": "399"
  },
  "cjv": 0.45654818183432183,
  "cnr": 2.8912805411122826,
  "efc": 0.7053310811312765,
  "fber": 843.3872958809418,
  "fwhm_avg": 2.69699,
  "fwhm_x": 2.68509,
  "fwhm_y": 2.81699,
  "fwhm_z": 2.58889,
  "icvs_csf": 0.17616002421281665,
  "icvs_gm": 0.4232061784139359,
  "icvs_wm": 0.40063379737324745,
  "inu_med": 1.6356827020645142,
  "inu_range": 0.4353433728218079,
  "provenance": {
    "md5sum": "00fa68ca54a6f78245cc0955c56863dd",
    "settings": {
      "testing": false
    },
    "software": "mriqc",
    "version": "21.0.0rc2",
    "warnings": {
      "large_rot_frame": true,
      "small_air_mask": false
    },
    "webapi_port": null,
    "webapi_url": "https://mriqc.nimh.nih.gov/api/v1"
  },
  "qi_1": 0.0,
  "qi_2": 0.004451846417717682,
  "rpve_csf": 34.49756752686784,
  "rpve_gm": 15.107525220911612,
  "rpve_wm": 17.902218944849494,
  "size_x": 172,
  "size_y": 256,
  "size_z": 256,
  "snr_csf": 4.763208168113114,
  "snr_gm": 9.401145557005519,
  "snr_total": 8.037793551207168,
  "snr_wm": 9.94902692850287,
  "snrd_csf": 105.48152812935427,
  "snrd_gm": 39.68980778582479,
  "snrd_total": 56.775941622810485,
  "snrd_wm": 25.156488953252403,
  "spacing_x": 1.0,
  "spacing_y": 1.0,
  "spacing_z": 1.0,
  "summary_bg_k": 244.83522606243247,
  "summary_bg_mad": 26.042441277336813,
  "summary_bg_mean": 31.263472162753523,
  "summary_bg_median": 23.386438220739365,
  "summary_bg_n": 506628.0,
  "summary_bg_p05": 5.821078509092331,
  "summary_bg_p95": 75.26552388072014,
  "summary_bg_stdv": 40.736970018523024,
  "summary_csf_k": 3.0020645411593794,
  "summary_csf_mad": 613.8142845251363,
  "summary_csf_mean": 3998.767440776901,
  "summary_csf_median": 4193.014761865139,
  "summary_csf_n": 25379.0,
  "summary_csf_p05": 2241.4828730642794,
  "summary_csf_p95": 5060.47800874114,
  "summary_csf_stdv": 880.2748074631751,
  "summary_gm_k": 0.44584816733181887,
  "summary_gm_mad": 165.94485837186713,
  "summary_gm_mean": 1586.7797177861576,
  "summary_gm_median": 1577.7165243327618,
  "summary_gm_n": 30599.0,
  "summary_gm_p05": 1330.7700341075658,
  "summary_gm_p95": 1874.4996165305374,
  "summary_gm_stdv": 167.81898908289918,
  "summary_wm_k": 0.2084201351078483,
  "summary_wm_mad": 97.81056433232314,
  "summary_wm_mean": 997.6819588012073,
  "summary_wm_median": 1000.0000133514404,
  "summary_wm_n": 163277.0,
  "summary_wm_p05": 827.8186385035515,
  "summary_wm_p95": 1158.598871678114,
  "summary_wm_stdv": 100.51203582544996,
  "tpm_overlap_csf": 0.15755876898765564,
  "tpm_overlap_gm": 0.42792296409606934,
  "tpm_overlap_wm": 0.49066680669784546,
  "wm2max": 0.20191772347664708
}