{
  "bids_meta": {
    "AcquisitionNumber": 1,
    "AcquisitionTime": "15:05:17.000000",
    "BodyPartExamined": "HEAD",
    "ConversionSoftware": "dcm2niix",
    "ConversionSoftwareVersion": "v1.0.20170624 (OpenJPEG build) GCC6.3.0",
    "DeviceSerialNumber": "0000000319335MR2",
    "EchoTime": 0.003288,
    "FlipAngle": 12,
    "ImageType": [
      "DERIVED",
      "PRIMARY",
      "OTHER"
    ],
    "InstitutionName": "Iowa_MRRF",
    "InversionTime": 0.45,
    "MagneticFieldStrength": 3,
    "Manufacturer": "GE",
    "ManufacturersModelName": "DISCOVERY_MR750w",
    "PhaseEncodingLines": 256,
    "ProcedureStepDescription": "MH_EPIL",
    "ProtocolName": "PU:Cor_FSPGR_BRAVO",
    "RawImage": true,
    "RepetitionTime": 0.008504,
    "ScanningSequence": "GR",
    "SequenceVariant": "SS_SK",
    "SeriesDescription": "PU:Cor_FSPGR_BRAVO",
    "SoftwareVersions": "27_LX_MR_Software_release:DV25.1_R02_1649.a",
    "dataset": "ds002799",
    "modality": "T1w",
    "session_id": "preop",
    "subject_id": "399"
  },
  "cjv": 0.38213088153960756,
  "cnr": 3.1276908180814464,
  "efc": 0.6659655156268373,
  "fber": 4634.467455621302,
  "fwhm_avg": 3.988611012798261,
  "fwhm_x": 3.88887,
  "fwhm_y": 4.4463830383947816,
  "fwhm_z": 3.63058,
  "icvs_csf": 0.22188943716367987,
  "icvs_gm": 0.42352965084030364,
  "icvs_wm": 0.3545809119960165,
  "inu_med": 1.0559782981872559,
  "inu_range": 0.2282678484916687,
  "provenance": {
    "md5sum": "34a7ee5b27e40835bbb9a18fae94a4db",
    "settings": {
      "testing": false
    },
    "software": "mriqc",
    "version": "21.0.0rc2",
    "warnings": {
      "large_rot_frame": true,
      "small_air_mask": false
    },
    "webapi_port": null,
    "webapi_url": "https://mriqc.nimh.nih.gov/api/v1"
  },
  "qi_1": 0.0,
  "qi_2": 0.0022671552163732603,
  "rpve_csf": 33.271482023487636,
  "rpve_gm": 17.97949178206646,
  "rpve_wm": 25.575507376123934,
  "size_x": 256,
  "size_y": 252,
  "size_z": 256,
  "snr_csf": 3.3087398561042134,
  "snr_gm": 12.07365215702716,
  "snr_total": 11.734100402726213,
  "snr_wm": 19.819909195047263,
  "snrd_csf": 21.186487483792614,
  "snrd_gm": 43.388111064610236,
  "snrd_total": 41.38570535165502,
  "snrd_wm": 59.582517506562205,
  "spacing_x": 1.0,
  "spacing_y": 0.8000030517578125,
  "spacing_z": 1.0,
  "summary_bg_k": 428.15944324542403,
  "summary_bg_mad": 10.995446558604248,
  "summary_bg_mean": 26.106896859744804,
  "summary_bg_median": 9.520946219563484,
  "summary_bg_n": 1293969.0,
  "summary_bg_p05": 1.0022048652172089,
  "summary_bg_p95": 91.50130419433117,
  "summary_bg_stdv": 36.993389253180794,
  "summary_csf_k": 0.9833385969570796,
  "summary_csf_mad": 103.11945826582902,
  "summary_csf_mean": 366.37011405719477,
  "summary_csf_median": 355.5822861790657,
  "summary_csf_n": 25439.0,
  "summary_csf_p05": 197.43435844779015,
  "summary_csf_p95": 547.5045178681612,
  "summary_csf_stdv": 107.46547406382089,
  "summary_gm_k": 0.6700340054633847,
  "summary_gm_mad": 55.571581255648496,
  "summary_gm_mean": 733.1898984443554,
  "summary_gm_median": 728.202055066824,
  "summary_gm_n": 27272.0,
  "summary_gm_p05": 644.0168463885784,
  "summary_gm_p95": 842.5536301881075,
  "summary_gm_stdv": 60.31221495755816,
  "summary_wm_k": 0.48280377348813186,
  "summary_wm_mad": 48.290812588464604,
  "summary_wm_mean": 1000.4684064627307,
  "summary_wm_median": 1000.000014513731,
  "summary_wm_n": 212767.0,
  "summary_wm_p05": 918.119877025485,
  "summary_wm_p95": 1083.3834592998028,
  "summary_wm_stdv": 50.45420010159971,
  "tpm_overlap_csf": 0.1638227254152298,
  "tpm_overlap_gm": 0.43429887294769287,
  "tpm_overlap_wm": 0.4939374029636383,
  "wm2max": 0.4125868342705921
}