{
  "aor": 0.000641705426356589,
  "aqi": 0.006027253488372093,
  "bids_meta": {
    "AcquisitionMatrixPE": 64,
    "AcquisitionNumber": 1,
    "AcquisitionTime": "15:11:29.540000",
    "BandwidthPerPixelPhaseEncode": 27.902,
    "BaseResolution": 64,
    "ConversionSoftware": "dcm2niix",
    "ConversionSoftwareVersion": "v1.0.20171215 (OpenJPEG build) GCC7.2.0",
    "DerivedVendorReportedEchoSpacing": 0.000559996,
    "DeviceSerialNumber": "35267",
    "DwellTime": 3.9e-06,
    "EchoTime": 0.03,
    "EffectiveEchoSpacing": 0.000559996,
    "FlipAngle": 80,
    "ImageComments": "PROJECT:MH_EPIL_SUBJECT:335_SESSION:20160126",
    "ImageOrientationPatientDICOM": [
      1,
      0,
      0,
      0,
      0.998971,
      -0.045363
    ],
    "ImageType": [
      "ORIGINAL",
      "PRIMARY",
      "M",
      "ND",
      "MOSAIC"
    ],
    "InPlanePhaseEncodingDirectionDICOM": "COL",
    "InstitutionAddress": "Newton_Road_500_Iowa_City_CDI_US_52242",
    "InstitutionName": "University_of_Iowa",
    "InstitutionalDepartmentName": "Department",
    "MRAcquisitionType": "2D",
    "MagneticFieldStrength": 3,
    "Manufacturer": "Siemens",
    "ManufacturersModelName": "TrioTim",
    "Modality": "MR",
    "PartialFourier": 1,
    "PatientPosition": "HFS",
    "PercentPhaseFOV": 100,
    "PhaseEncodingDirection": "j-",
    "PhaseEncodingSteps": 64,
    "PhaseResolution": 1,
    "PixelBandwidth": 2003,
    "ProcedureStepDescription": "RESEARCH_HOWARD",
    "ProtocolName": "REST",
    "PulseSequenceDetails": "%SiemensSeq%_ep2d_pace",
    "ReceiveCoilName": "HeadMatrix",
    "ReconMatrixPE": 64,
    "RepetitionTime": 2.26,
    "SAR": 0.17695,
    "ScanOptions": "FS",
    "ScanningSequence": "EP",
    "SequenceName": "_epfid2d1_64",
    "SequenceVariant": "SK",
    "SeriesDescription": "REST",
    "SeriesNumber": 2,
    "ShimSetting": [
      6524,
      25358,
      6207,
      555,
      0,
      -392,
      52,
      29
    ],
    "SliceThickness": 4,
    "SliceTiming": [
      1.125,
      0,
      1.1875,
      0.0625,
      1.25,
      0.125,
      1.3125,
      0.1875,
      1.375,
      0.25,
      1.4375,
      0.3125,
      1.5,
      0.375,
      1.5625,
      0.4375,
      1.625,
      0.5,
      1.6875,
      0.5625,
      1.75,
      0.625,
      1.81,
      0.6875,
      1.8725,
      0.75,
      1.935,
      0.8125,
      1.9975,
      0.875,
      2.06,
      0.9375,
      2.1225,
      1,
      2.185,
      1.0625
    ],
    "SoftwareVersions": "syngo_MR_B17",
    "SpacingBetweenSlices": 4,
    "StationName": "MRC35267",
    "TaskName": "rest",
    "TotalReadoutTime": 0.0352797,
    "TxRefAmp": 314.396,
    "dataset": "ds002799",
    "modality": "bold",
    "run_id": 1,
    "session_id": "preop",
    "subject_id": "335",
    "task_id": "rest"
  },
  "dummy_trs": 1,
  "dvars_nstd": 17.885233222968743,
  "dvars_std": 1.0733523334375006,
  "dvars_vstd": 0.9556860114062502,
  "efc": 0.5051541760683944,
  "fber": 1322.342529296875,
  "fd_mean": 0.09044278452657166,
  "fd_num": 3,
  "fd_perc": 2.3255813953488373,
  "fwhm_avg": 1.8926281666666664,
  "fwhm_x": 1.7980247272727274,
  "fwhm_y": 2.1039272727272724,
  "fwhm_z": 1.7759325,
  "gcor": 0.0120921,
  "gsr_x": -0.008501648902893066,
  "gsr_y": 0.03508658707141876,
  "provenance": {
    "md5sum": "1293066278b2ef13d7d930f4c929c866",
    "settings": {
      "fd_thres": 0.2,
      "testing": false
    },
    "software": "mriqc",
    "version": "21.0.0rc2",
    "webapi_port": null,
    "webapi_url": "https://mriqc.nimh.nih.gov/api/v1"
  },
  "size_t": 129,
  "size_x": 64,
  "size_y": 64,
  "size_z": 36,
  "snr": 5.770872412895845,
  "spacing_tr": 2.259999990463257,
  "spacing_x": 3.4375,
  "spacing_y": 3.4375,
  "spacing_z": 4.0,
  "summary_bg_k": 36.52340255250428,
  "summary_bg_mad": 11.906791345699835,
  "summary_bg_mean": 45.658565521240234,
  "summary_bg_median": 21.55038833618164,
  "summary_bg_n": 93444.0,
  "summary_bg_p05": 12.550387382507324,
  "summary_bg_p95": 158.17597351074204,
  "summary_bg_stdv": 69.26294708251953,
  "summary_fg_k": 1.6459713316549687,
  "summary_fg_mad": 119.92984170788856,
  "summary_fg_mean": 808.9139404296875,
  "summary_fg_median": 800.5814208984375,
  "summary_fg_n": 22470.0,
  "summary_fg_p05": 600.2972686767578,
  "summary_fg_p95": 1042.233380126953,
  "summary_fg_stdv": 138.72488403320312,
  "tsnr": 70.92625161353499
}