{
  "aor": 0.0029255384615384616,
  "aqi": 0.019542627923076924,
  "bids_meta": {
    "AcquisitionMatrixPE": 64,
    "AcquisitionNumber": 1,
    "AcquisitionTime": "15:30:3.220000",
    "BandwidthPerPixelPhaseEncode": 27.902,
    "BaseResolution": 64,
    "ConversionSoftware": "dcm2niix",
    "ConversionSoftwareVersion": "v1.0.20171215 (OpenJPEG build) GCC7.2.0",
    "DerivedVendorReportedEchoSpacing": 0.000559996,
    "DeviceSerialNumber": "35267",
    "DwellTime": 3.9e-06,
    "EchoTime": 0.03,
    "EffectiveEchoSpacing": 0.000559996,
    "FlipAngle": 80,
    "ImageComments": "PROJECT:MH_EPIL_SUBJECT:335_SESSION:20160126",
    "ImageOrientationPatientDICOM": [
      1,
      0,
      0,
      0,
      0.998971,
      -0.045363
    ],
    "ImageType": [
      "ORIGINAL",
      "PRIMARY",
      "M",
      "ND",
      "MOSAIC"
    ],
    "InPlanePhaseEncodingDirectionDICOM": "COL",
    "InstitutionAddress": "Newton_Road_500_Iowa_City_CDI_US_52242",
    "InstitutionName": "University_of_Iowa",
    "InstitutionalDepartmentName": "Department",
    "MRAcquisitionType": "2D",
    "MagneticFieldStrength": 3,
    "Manufacturer": "Siemens",
    "ManufacturersModelName": "TrioTim",
    "Modality": "MR",
    "PartialFourier": 1,
    "PatientPosition": "HFS",
    "PercentPhaseFOV": 100,
    "PhaseEncodingDirection": "j-",
    "PhaseEncodingSteps": 64,
    "PhaseResolution": 1,
    "PixelBandwidth": 2003,
    "ProcedureStepDescription": "RESEARCH_HOWARD",
    "ProtocolName": "REST",
    "PulseSequenceDetails": "%SiemensSeq%_ep2d_pace",
    "ReceiveCoilName": "HeadMatrix",
    "ReconMatrixPE": 64,
    "RepetitionTime": 2.26,
    "SAR": 0.17695,
    "ScanOptions": "FS",
    "ScanningSequence": "EP",
    "SequenceName": "_epfid2d1_64",
    "SequenceVariant": "SK",
    "SeriesDescription": "REST",
    "SeriesNumber": 7,
    "ShimSetting": [
      6524,
      25358,
      6207,
      555,
      0,
      -392,
      52,
      29
    ],
    "SliceThickness": 4,
    "SliceTiming": [
      1.1225,
      0,
      1.185,
      0.0625,
      1.2475,
      0.125,
      1.31,
      0.1875,
      1.3725,
      0.25,
      1.435,
      0.3125,
      1.4975,
      0.375,
      1.56,
      0.4375,
      1.6225,
      0.5,
      1.685,
      0.5625,
      1.7475,
      0.625,
      1.81,
      0.6875,
      1.8725,
      0.75,
      1.935,
      0.8125,
      1.9975,
      0.875,
      2.06,
      0.9375,
      2.1225,
      0.9975,
      2.185,
      1.06
    ],
    "SoftwareVersions": "syngo_MR_B17",
    "SpacingBetweenSlices": 4,
    "StationName": "MRC35267",
    "TaskName": "rest",
    "TotalReadoutTime": 0.0352797,
    "TxRefAmp": 314.396,
    "dataset": "ds002799",
    "modality": "bold",
    "run_id": 3,
    "session_id": "preop",
    "subject_id": "335",
    "task_id": "rest"
  },
  "dummy_trs": 0,
  "dvars_nstd": 60.41961735015503,
  "dvars_std": 1.2561420696124042,
  "dvars_vstd": 1.0203675839534883,
  "efc": 0.5075832454662942,
  "fber": 1244.38134765625,
  "fd_mean": 0.7269457295879908,
  "fd_num": 125,
  "fd_perc": 96.15384615384616,
  "fwhm_avg": 1.8851802272727276,
  "fwhm_x": 1.7931752727272727,
  "fwhm_y": 2.104002909090909,
  "fwhm_z": 1.7583625,
  "gcor": 0.0478023,
  "gsr_x": -0.00812933873385191,
  "gsr_y": 0.035925980657339096,
  "provenance": {
    "md5sum": "b4af7378047ce8e0ba8ba18ed68b31e8",
    "settings": {
      "fd_thres": 0.2,
      "testing": false
    },
    "software": "mriqc",
    "version": "21.0.0rc2",
    "webapi_port": null,
    "webapi_url": "https://mriqc.nimh.nih.gov/api/v1"
  },
  "size_t": 130,
  "size_x": 64,
  "size_y": 64,
  "size_z": 36,
  "snr": 5.934050174596194,
  "spacing_tr": 2.259999990463257,
  "spacing_x": 3.4375,
  "spacing_y": 3.4375,
  "spacing_z": 4.0,
  "summary_bg_k": 37.9793992609405,
  "summary_bg_mad": 13.172349827221467,
  "summary_bg_mean": 47.351375579833984,
  "summary_bg_median": 22.39230728149414,
  "summary_bg_n": 93364.0,
  "summary_bg_p05": 12.100000381469727,
  "summary_bg_p95": 166.43846130371094,
  "summary_bg_stdv": 71.9260482788086,
  "summary_fg_k": 1.590496515722795,
  "summary_fg_mad": 118.0436502624216,
  "summary_fg_mean": 810.0430297851562,
  "summary_fg_median": 802.4961547851562,
  "summary_fg_n": 22512.0,
  "summary_fg_p05": 600.3780792236328,
  "summary_fg_p95": 1038.8319641113283,
  "summary_fg_stdv": 135.23281860351562,
  "tsnr": 36.176391495682765
}