{
  "aor": 0.004213846153846154,
  "aqi": 0.009305587307692308,
  "bids_meta": {
    "AcquisitionMatrixPE": 64,
    "AcquisitionNumber": 1,
    "AcquisitionTime": "16:03:48.722500",
    "BandwidthPerPixelPhaseEncode": 27.902,
    "BaseResolution": 64,
    "ConversionSoftware": "dcm2niix",
    "ConversionSoftwareVersion": "v1.0.20171215 (OpenJPEG build) GCC7.2.0",
    "DerivedVendorReportedEchoSpacing": 0.000559996,
    "DeviceSerialNumber": "35267",
    "DwellTime": 3.9e-06,
    "EchoTime": 0.03,
    "EffectiveEchoSpacing": 0.000559996,
    "FlipAngle": 80,
    "ImageComments": "PROJECT:MH_EPIL_SUBJECT:335_SESSION:20160126",
    "ImageOrientationPatientDICOM": [
      1,
      0,
      0,
      0,
      0.998971,
      -0.045363
    ],
    "ImageType": [
      "ORIGINAL",
      "PRIMARY",
      "M",
      "ND",
      "MOSAIC"
    ],
    "InPlanePhaseEncodingDirectionDICOM": "COL",
    "InstitutionAddress": "Newton_Road_500_Iowa_City_CDI_US_52242",
    "InstitutionName": "University_of_Iowa",
    "InstitutionalDepartmentName": "Department",
    "MRAcquisitionType": "2D",
    "MagneticFieldStrength": 3,
    "Manufacturer": "Siemens",
    "ManufacturersModelName": "TrioTim",
    "Modality": "MR",
    "PartialFourier": 1,
    "PatientPosition": "HFS",
    "PercentPhaseFOV": 100,
    "PhaseEncodingDirection": "j-",
    "PhaseEncodingSteps": 64,
    "PhaseResolution": 1,
    "PixelBandwidth": 2003,
    "ProcedureStepDescription": "RESEARCH_HOWARD",
    "ProtocolName": "REST",
    "PulseSequenceDetails": "%SiemensSeq%_ep2d_pace",
    "ReceiveCoilName": "HeadMatrix",
    "ReconMatrixPE": 64,
    "RepetitionTime": 2.26,
    "SAR": 0.17695,
    "ScanOptions": "FS",
    "ScanningSequence": "EP",
    "SequenceName": "_epfid2d1_64",
    "SequenceVariant": "SK",
    "SeriesDescription": "REST",
    "SeriesNumber": 18,
    "ShimSetting": [
      6524,
      25358,
      6207,
      555,
      0,
      -392,
      52,
      29
    ],
    "SliceThickness": 4,
    "SliceTiming": [
      1.1225,
      0,
      1.185,
      0.0625,
      1.2475,
      0.125,
      1.31,
      0.1875,
      1.3725,
      0.25,
      1.435,
      0.3125,
      1.4975,
      0.375,
      1.56,
      0.4375,
      1.6225,
      0.5,
      1.685,
      0.5625,
      1.7475,
      0.625,
      1.81,
      0.6875,
      1.8725,
      0.75,
      1.935,
      0.8125,
      1.9975,
      0.875,
      2.06,
      0.9375,
      2.1225,
      0.9975,
      2.185,
      1.06
    ],
    "SoftwareVersions": "syngo_MR_B17",
    "SpacingBetweenSlices": 4,
    "StationName": "MRC35267",
    "TaskName": "rest",
    "TotalReadoutTime": 0.0352797,
    "TxRefAmp": 314.396,
    "dataset": "ds002799",
    "modality": "bold",
    "run_id": 5,
    "session_id": "preop",
    "subject_id": "335",
    "task_id": "rest"
  },
  "dummy_trs": 0,
  "dvars_nstd": 26.247182506046506,
  "dvars_std": 1.135950510775194,
  "dvars_vstd": 1.0024334509302324,
  "efc": 0.5103861041445348,
  "fber": 1196.134033203125,
  "fd_mean": 0.32040533122784876,
  "fd_num": 79,
  "fd_perc": 60.76923076923077,
  "fwhm_avg": 1.8504833787878787,
  "fwhm_x": 1.7547345454545455,
  "fwhm_y": 2.0792930909090908,
  "fwhm_z": 1.7174225,
  "gcor": 0.0367238,
  "gsr_x": -0.008143357001245022,
  "gsr_y": 0.03838216885924339,
  "provenance": {
    "md5sum": "5ea895e7222a3bc61d95cd56652dd616",
    "settings": {
      "fd_thres": 0.2,
      "testing": false
    },
    "software": "mriqc",
    "version": "21.0.0rc2",
    "webapi_port": null,
    "webapi_url": "https://mriqc.nimh.nih.gov/api/v1"
  },
  "size_t": 130,
  "size_x": 64,
  "size_y": 64,
  "size_z": 36,
  "snr": 5.863804910197289,
  "spacing_tr": 2.259999990463257,
  "spacing_x": 3.4375,
  "spacing_y": 3.4375,
  "spacing_z": 4.0,
  "summary_bg_k": 37.63857732932051,
  "summary_bg_mad": 13.08111383349902,
  "summary_bg_mean": 48.440242767333984,
  "summary_bg_median": 22.600000381469727,
  "summary_bg_n": 93336.0,
  "summary_bg_p05": 12.907691955566406,
  "summary_bg_p95": 170.93846130371094,
  "summary_bg_stdv": 73.04784393310547,
  "summary_fg_k": 1.8533156555748276,
  "summary_fg_mad": 116.8347376441278,
  "summary_fg_mean": 805.6260986328125,
  "summary_fg_median": 796.7269287109375,
  "summary_fg_n": 22520.0,
  "summary_fg_p05": 601.7073150634766,
  "summary_fg_p95": 1034.0053833007812,
  "summary_fg_stdv": 135.86898803710938,
  "tsnr": 54.13606876262929
}