{
  "aor": 0.0035483593749999994,
  "aqi": 0.006418799765625,
  "bids_meta": {
    "AcquisitionMatrixPE": 64,
    "AcquisitionNumber": 1,
    "AcquisitionTime": "15:52:25.800000",
    "BandwidthPerPixelPhaseEncode": 27.902,
    "BaseResolution": 64,
    "ConversionSoftware": "dcm2niix",
    "ConversionSoftwareVersion": "v1.0.20171215 (OpenJPEG build) GCC7.2.0",
    "DerivedVendorReportedEchoSpacing": 0.000559996,
    "DeviceSerialNumber": "35267",
    "DwellTime": 3.9e-06,
    "EchoTime": 0.03,
    "EffectiveEchoSpacing": 0.000559996,
    "FlipAngle": 80,
    "ImageComments": "PROJECT:MH_EPIL_SUBJECT:335_SESSION:20160126",
    "ImageOrientationPatientDICOM": [
      1,
      0,
      0,
      0,
      0.998971,
      -0.045363
    ],
    "ImageType": [
      "ORIGINAL",
      "PRIMARY",
      "M",
      "ND",
      "MOSAIC"
    ],
    "InPlanePhaseEncodingDirectionDICOM": "COL",
    "InstitutionAddress": "Newton_Road_500_Iowa_City_CDI_US_52242",
    "InstitutionName": "University_of_Iowa",
    "InstitutionalDepartmentName": "Department",
    "MRAcquisitionType": "2D",
    "MagneticFieldStrength": 3,
    "Manufacturer": "Siemens",
    "ManufacturersModelName": "TrioTim",
    "Modality": "MR",
    "PartialFourier": 1,
    "PatientPosition": "HFS",
    "PercentPhaseFOV": 100,
    "PhaseEncodingDirection": "j-",
    "PhaseEncodingSteps": 64,
    "PhaseResolution": 1,
    "PixelBandwidth": 2003,
    "ProcedureStepDescription": "RESEARCH_HOWARD",
    "ProtocolName": "REST",
    "PulseSequenceDetails": "%SiemensSeq%_ep2d_pace",
    "ReceiveCoilName": "HeadMatrix",
    "ReconMatrixPE": 64,
    "RepetitionTime": 2.26,
    "SAR": 0.17695,
    "ScanOptions": "FS",
    "ScanningSequence": "EP",
    "SequenceName": "_epfid2d1_64",
    "SequenceVariant": "SK",
    "SeriesDescription": "REST",
    "SeriesNumber": 13,
    "ShimSetting": [
      6524,
      25358,
      6207,
      555,
      0,
      -392,
      52,
      29
    ],
    "SliceThickness": 4,
    "SliceTiming": [
      1.1225,
      0,
      1.185,
      0.0625,
      1.2475,
      0.125,
      1.31,
      0.1875,
      1.3725,
      0.25,
      1.435,
      0.31,
      1.4975,
      0.3725,
      1.56,
      0.435,
      1.6225,
      0.4975,
      1.685,
      0.56,
      1.7475,
      0.6225,
      1.81,
      0.685,
      1.8725,
      0.7475,
      1.935,
      0.81,
      1.9975,
      0.8725,
      2.06,
      0.935,
      2.1225,
      0.9975,
      2.185,
      1.06
    ],
    "SoftwareVersions": "syngo_MR_B17",
    "SpacingBetweenSlices": 4,
    "StationName": "MRC35267",
    "TaskName": "rest",
    "TotalReadoutTime": 0.0352797,
    "TxRefAmp": 314.396,
    "dataset": "ds002799",
    "modality": "bold",
    "run_id": 4,
    "session_id": "preop",
    "subject_id": "335",
    "task_id": "rest"
  },
  "dummy_trs": 2,
  "dvars_nstd": 23.33320806905512,
  "dvars_std": 1.1410617771653548,
  "dvars_vstd": 0.9957240496850396,
  "efc": 0.509902694226312,
  "fber": 1212.9307861328125,
  "fd_mean": 0.22671811881695794,
  "fd_num": 55,
  "fd_perc": 42.96875,
  "fwhm_avg": 1.8579807878787877,
  "fwhm_x": 1.7578094545454546,
  "fwhm_y": 2.081602909090909,
  "fwhm_z": 1.73453,
  "gcor": 0.0550468,
  "gsr_x": -0.007830818183720112,
  "gsr_y": 0.037910524755716324,
  "provenance": {
    "md5sum": "8ad56a8b041bbe2148980c25118e77a6",
    "settings": {
      "fd_thres": 0.2,
      "testing": false
    },
    "software": "mriqc",
    "version": "21.0.0rc2",
    "webapi_port": null,
    "webapi_url": "https://mriqc.nimh.nih.gov/api/v1"
  },
  "size_t": 128,
  "size_x": 64,
  "size_y": 64,
  "size_z": 36,
  "snr": 5.813146711043846,
  "spacing_tr": 2.259999990463257,
  "spacing_x": 3.4375,
  "spacing_y": 3.4375,
  "spacing_z": 4.0,
  "summary_bg_k": 34.22964261190037,
  "summary_bg_mad": 12.914855262763641,
  "summary_bg_mean": 48.235023498535156,
  "summary_bg_median": 22.46875,
  "summary_bg_n": 93376.0,
  "summary_bg_p05": 12.5546875,
  "summary_bg_p95": 170.892578125,
  "summary_bg_stdv": 73.30078887939453,
  "summary_fg_k": 1.8475906002871598,
  "summary_fg_mad": 117.78579656237083,
  "summary_fg_mean": 806.9417114257812,
  "summary_fg_median": 797.6953125,
  "summary_fg_n": 22523.0,
  "summary_fg_p05": 602.11796875,
  "summary_fg_p95": 1036.8109375,
  "summary_fg_stdv": 137.21958923339844,
  "tsnr": 66.73458097688854
}