{
  "bids_meta": {
    "AcquisitionMatrixPE": 256,
    "AcquisitionNumber": 1,
    "AcquisitionTime": "11:56:48.000000",
    "ConversionSoftware": "dcm2niix",
    "ConversionSoftwareVersion": "v1.0.20180622 GCC7.3.0",
    "DeviceSerialNumber": "0000000319335MR2",
    "EchoTime": 0.077207,
    "EchoTrainLength": 140,
    "FlipAngle": 90,
    "ImageOrientationPatientDICOM": [
      0,
      1,
      0,
      0,
      0,
      -1
    ],
    "ImageType": [
      "DERIVED",
      "PRIMARY",
      "OTHER"
    ],
    "InPlanePhaseEncodingDirectionDICOM": "ROW",
    "InstitutionName": "Iowa_MRRF",
    "MRAcquisitionType": "3D",
    "MagneticFieldStrength": 3,
    "Manufacturer": "GE",
    "ManufacturersModelName": "DISCOVERY_MR750w",
    "Modality": "MR",
    "PatientPosition": "HFS",
    "PercentPhaseFOV": 100,
    "PixelBandwidth": 976.562,
    "ProcedureStepDescription": "MH_EPIL",
    "ProtocolName": "PU:CUBE_T2_Sagittal",
    "RawImage": true,
    "ReconMatrixPE": 256,
    "RepetitionTime": 3.2,
    "SAR": 0.263231,
    "ScanOptions": "EDR_GEMS_FILTERED_GEMS_ACC_GEMS",
    "ScanningSequence": "SE",
    "SequenceVariant": "SK",
    "SeriesDescription": "PU:CUBE_T2_Sagittal",
    "SeriesNumber": 1100,
    "SliceThickness": 1,
    "SoftwareVersions": "25_LX_MR_Software_release:DV25.0_R02_1549.b",
    "SpacingBetweenSlices": 1,
    "StationName": "Iowa3T",
    "dataset": "ds002799",
    "modality": "T2w",
    "session_id": "preop",
    "subject_id": "376"
  },
  "cjv": 0.41595649576050936,
  "cnr": 3.1231913671280576,
  "efc": 0.7024896160833554,
  "fber": 2921.1229377229492,
  "fwhm_avg": 3.087873333333333,
  "fwhm_x": 2.96595,
  "fwhm_y": 3.314,
  "fwhm_z": 2.98367,
  "icvs_csf": 0.2389259869680588,
  "icvs_gm": 0.37996667978436865,
  "icvs_wm": 0.38110733324757257,
  "inu_med": 1.0451185703277588,
  "inu_range": 0.16317040324211107,
  "provenance": {
    "md5sum": "1942c598524e1a1398ecc9c5fb1fb248",
    "settings": {
      "testing": false
    },
    "software": "mriqc",
    "version": "21.0.0rc2",
    "warnings": {
      "large_rot_frame": true,
      "small_air_mask": false
    },
    "webapi_port": null,
    "webapi_url": "https://mriqc.nimh.nih.gov/api/v1"
  },
  "qi_1": 0.0,
  "qi_2": 0.0035433620329334632,
  "rpve_csf": 24.89405369893175,
  "rpve_gm": 15.276436248298625,
  "rpve_wm": 17.84557326825629,
  "size_x": 172,
  "size_y": 256,
  "size_z": 256,
  "snr_csf": 6.526476335439605,
  "snr_gm": 9.426477004778242,
  "snr_total": 8.938367751644716,
  "snr_wm": 10.8621499147163,
  "snrd_csf": 165.552341011963,
  "snrd_gm": 59.58116745344084,
  "snrd_total": 87.38135747831149,
  "snrd_wm": 37.01056396953064,
  "spacing_x": 1.0,
  "spacing_y": 1.0,
  "spacing_z": 1.0,
  "summary_bg_k": 2.7970351124920345,
  "summary_bg_mad": 17.703173052198288,
  "summary_bg_mean": 24.135075228563004,
  "summary_bg_median": 17.858997464179993,
  "summary_bg_n": 376992.0,
  "summary_bg_p05": 0.0,
  "summary_bg_p95": 65.932926684618,
  "summary_bg_stdv": 22.089361149396943,
  "summary_csf_k": 6.927386474881354,
  "summary_csf_mad": 424.1064500765763,
  "summary_csf_mean": 4331.056739659626,
  "summary_csf_median": 4473.5750333964825,
  "summary_csf_n": 83187.0,
  "summary_csf_p05": 2983.21054559648,
  "summary_csf_p95": 5092.617724567652,
  "summary_csf_stdv": 685.4461603357134,
  "summary_gm_k": 0.31844677088736617,
  "summary_gm_mad": 165.94800478495438,
  "summary_gm_mean": 1616.283492693434,
  "summary_gm_median": 1610.0093876719475,
  "summary_gm_n": 22653.0,
  "summary_gm_p05": 1348.146645784378,
  "summary_gm_p95": 1906.7594734430313,
  "summary_gm_stdv": 170.792741564466,
  "summary_wm_k": 0.47552618357697574,
  "summary_wm_mad": 87.7461620848089,
  "summary_wm_mean": 996.6537766966179,
  "summary_wm_median": 1000.1038579940796,
  "summary_wm_n": 161488.0,
  "summary_wm_p05": 838.5422297716141,
  "summary_wm_p95": 1139.9647276699543,
  "summary_wm_stdv": 92.07208235153051,
  "tpm_overlap_csf": 0.154957115650177,
  "tpm_overlap_gm": 0.38381069898605347,
  "tpm_overlap_wm": 0.4635206162929535,
  "wm2max": 0.19215193408741796
}