{
  "bids_meta": {
    "AcquisitionMatrixPE": 256,
    "AcquisitionNumber": 1,
    "AcquisitionTime": "11:21:21.000000",
    "ConversionSoftware": "dcm2niix",
    "ConversionSoftwareVersion": "v1.0.20180622 GCC7.3.0",
    "DeviceSerialNumber": "0000000319335MR2",
    "EchoTime": 0.003288,
    "FlipAngle": 12,
    "ImageOrientationPatientDICOM": [
      1,
      0,
      0,
      0,
      0,
      -1
    ],
    "ImageType": [
      "DERIVED",
      "PRIMARY",
      "OTHER"
    ],
    "InPlanePhaseEncodingDirectionDICOM": "ROW",
    "InstitutionName": "Iowa_MRRF",
    "InversionTime": 0.45,
    "MRAcquisitionType": "3D",
    "MagneticFieldStrength": 3,
    "Manufacturer": "GE",
    "ManufacturersModelName": "DISCOVERY_MR750w",
    "Modality": "MR",
    "PatientPosition": "HFS",
    "PercentPhaseFOV": 100,
    "PixelBandwidth": 244.141,
    "ProcedureStepDescription": "MH_EPIL",
    "ProtocolName": "PU:Cor_FSPGR_BRAVO",
    "RawImage": true,
    "ReconMatrixPE": 256,
    "RepetitionTime": 0.008504,
    "SAR": 0.0503155,
    "ScanOptions": "FAST_GEMS_EDR_GEMS_FILTERED_GEMS_ACC_GEMS",
    "ScanningSequence": "GR",
    "SequenceVariant": "SS_SK",
    "SeriesDescription": "PU:Cor_FSPGR_BRAVO",
    "SeriesNumber": 700,
    "SliceThickness": 0.8,
    "SoftwareVersions": "25_LX_MR_Software_release:DV25.0_R02_1549.b",
    "SpacingBetweenSlices": 0.8,
    "StationName": "Iowa3T",
    "dataset": "ds002799",
    "modality": "T1w",
    "session_id": "preop",
    "subject_id": "376"
  },
  "cjv": 0.40548067722246006,
  "cnr": 3.1462822270814352,
  "efc": 0.6786525072946684,
  "fber": 5489.539787755101,
  "fwhm_avg": 3.8414001671466806,
  "fwhm_x": 3.64855,
  "fwhm_y": 4.456070501440043,
  "fwhm_z": 3.41958,
  "icvs_csf": 0.23766749909132662,
  "icvs_gm": 0.39965455915413556,
  "icvs_wm": 0.3626779417545378,
  "inu_med": 1.0279085636138916,
  "inu_range": 0.15276694297790538,
  "provenance": {
    "md5sum": "392b1e68c26df237a807c9d794f64462",
    "settings": {
      "testing": false
    },
    "software": "mriqc",
    "version": "21.0.0rc2",
    "warnings": {
      "large_rot_frame": true,
      "small_air_mask": false
    },
    "webapi_port": null,
    "webapi_url": "https://mriqc.nimh.nih.gov/api/v1"
  },
  "qi_1": 0.0,
  "qi_2": 0.0019017112747974113,
  "rpve_csf": 34.11197535889937,
  "rpve_gm": 19.94582304366075,
  "rpve_wm": 27.014462361703668,
  "size_x": 256,
  "size_y": 252,
  "size_z": 256,
  "snr_csf": 3.236694990305014,
  "snr_gm": 11.007946453408223,
  "snr_total": 12.170213074262582,
  "snr_wm": 22.26599777907451,
  "snrd_csf": 24.532528058574844,
  "snrd_gm": 56.36415608152344,
  "snrd_total": 52.59342309680935,
  "snrd_wm": 76.88358515032978,
  "spacing_x": 1.0,
  "spacing_y": 0.8000030517578125,
  "spacing_z": 1.0,
  "summary_bg_k": 2.0983505791607637,
  "summary_bg_mad": 8.521147758154548,
  "summary_bg_mean": 21.744947900774648,
  "summary_bg_median": 8.046397551894188,
  "summary_bg_n": 1206454.0,
  "summary_bg_p05": 1.1494853645563126,
  "summary_bg_p95": 81.3522142097354,
  "summary_bg_stdv": 27.266477686706335,
  "summary_csf_k": 0.2340666064466732,
  "summary_csf_mad": 93.3840329314119,
  "summary_csf_mean": 335.0251913179859,
  "summary_csf_median": 319.08668733388186,
  "summary_csf_n": 25456.0,
  "summary_csf_p05": 192.36898822523654,
  "summary_csf_p95": 513.3627762775868,
  "summary_csf_stdv": 98.58217126173597,
  "summary_gm_k": 0.04796595532099168,
  "summary_gm_mad": 65.22551283969209,
  "summary_gm_mean": 737.1686860915988,
  "summary_gm_median": 733.1104159131646,
  "summary_gm_n": 20811.0,
  "summary_gm_p05": 634.1501758918166,
  "summary_gm_p95": 854.5639945454895,
  "summary_gm_stdv": 66.59669042475275,
  "summary_wm_k": 0.5614496072684529,
  "summary_wm_mad": 42.99306368887068,
  "summary_wm_mean": 1000.9230917997512,
  "summary_wm_median": 1000.0000178292394,
  "summary_wm_n": 204052.0,
  "summary_wm_p05": 929.202169239521,
  "summary_wm_p95": 1075.7615532204509,
  "summary_wm_stdv": 44.91141952821873,
  "tpm_overlap_csf": 0.16337832808494568,
  "tpm_overlap_gm": 0.40858951210975647,
  "tpm_overlap_wm": 0.47760456800460815,
  "wm2max": 0.4528225997255477
}