{
  "aor": 0.010377545454545454,
  "aqi": 0.013278908454545454,
  "bids_meta": {
    "AcquisitionNumber": 1,
    "AcquisitionTime": "18:51:28.145000",
    "BandwidthPerPixelPhaseEncode": 25.355,
    "BodyPartExamined": "BRAIN",
    "ConversionSoftware": "dcm2niix",
    "ConversionSoftwareVersion": "v1.0.20170624 GCC6.3.0",
    "DeviceSerialNumber": "45685",
    "EchoTime": 0.03,
    "EchoTrainLength": 68,
    "EffectiveEchoSpacing": 0.000579999,
    "FlipAngle": 90,
    "ImageType": [
      "ORIGINAL",
      "PRIMARY",
      "M",
      "ND",
      "MOSAIC"
    ],
    "InstitutionAddress": "HAWKINS_DRIVE_200_IOWA_CITY_IOWA_US_52242",
    "InstitutionName": "UIHC_SKYRA",
    "MagneticFieldStrength": 3,
    "Manufacturer": "Siemens",
    "ManufacturersModelName": "Skyra",
    "PhaseEncodingDirection": "j-",
    "PhaseEncodingLines": 68,
    "ProcedureStepDescription": "RESEARCH_HOWARD",
    "ProtocolName": "ES-FMRI",
    "RepetitionTime": 3,
    "ScanningSequence": "EP",
    "SequenceName": "_epfid2d1_68",
    "SequenceVariant": "SK",
    "SeriesDescription": "ES-FMRI",
    "SliceTiming": [
      1.44,
      0,
      1.505,
      0.065,
      1.5725,
      0.1325,
      1.6375,
      0.1975,
      1.7025,
      0.2625,
      1.7675,
      0.3275,
      1.8325,
      0.3925,
      1.9,
      0.46,
      1.965,
      0.525,
      2.03,
      0.59,
      2.095,
      0.655,
      2.16,
      0.72,
      2.225,
      0.785,
      2.2925,
      0.8525,
      2.3575,
      0.9175,
      2.4225,
      0.9825,
      2.4875,
      1.0475,
      2.5525,
      1.1125,
      2.62,
      1.18,
      2.685,
      1.245,
      2.75,
      1.31,
      2.815,
      1.375
    ],
    "SoftwareVersions": "syngo_MR_E11",
    "TaskName": "es",
    "TotalReadoutTime": 0.03886,
    "dataset": "ds002799",
    "modality": "bold",
    "run_id": 3,
    "session_id": "postop",
    "subject_id": "395",
    "task_id": "es"
  },
  "dummy_trs": 0,
  "dvars_nstd": 38.90867670461188,
  "dvars_std": 1.2779457544748867,
  "dvars_vstd": 1.0601674221004567,
  "efc": 0.468521923993437,
  "fber": 1493.0523681640625,
  "fd_mean": 0.3368883488413951,
  "fd_num": 56,
  "fd_perc": 25.454545454545453,
  "fwhm_avg": 1.9266636621444455,
  "fwhm_x": 1.802154553266675,
  "fwhm_y": 2.0587030998333287,
  "fwhm_z": 1.9191333333333331,
  "gcor": 0.0150082,
  "gsr_x": -0.02635704167187214,
  "gsr_y": 0.02980157919228077,
  "provenance": {
    "md5sum": "57a5e6cbdb40f21828378caa004911b3",
    "settings": {
      "fd_thres": 0.2,
      "testing": false
    },
    "software": "mriqc",
    "version": "21.0.0rc2",
    "webapi_port": null,
    "webapi_url": "https://mriqc.nimh.nih.gov/api/v1"
  },
  "size_t": 220,
  "size_x": 68,
  "size_y": 68,
  "size_z": 44,
  "snr": 4.943128340071571,
  "spacing_tr": 3.0,
  "spacing_x": 3.2352941036224365,
  "spacing_y": 3.2352941036224365,
  "spacing_z": 3.0,
  "summary_bg_k": 35.735167816706365,
  "summary_bg_mad": 1.145646783230786,
  "summary_bg_mean": 24.272132873535156,
  "summary_bg_median": 10.118181228637695,
  "summary_bg_n": 143992.0,
  "summary_bg_p05": 9.259090423583984,
  "summary_bg_p95": 91.98954238891554,
  "summary_bg_stdv": 43.307430267333984,
  "summary_fg_k": 1.4189967338848524,
  "summary_fg_mad": 79.40011751715811,
  "summary_fg_mean": 411.8326416015625,
  "summary_fg_median": 410.522705078125,
  "summary_fg_n": 20633.0,
  "summary_fg_p05": 280.48272094726565,
  "summary_fg_p95": 539.9017944335938,
  "summary_fg_stdv": 83.04715728759766,
  "tsnr": 38.207970653194934
}