{
  "aor": 0.0018455000000000001,
  "aqi": 0.006474775181818182,
  "bids_meta": {
    "AcquisitionNumber": 1,
    "AcquisitionTime": "18:30:30.350000",
    "BandwidthPerPixelPhaseEncode": 25.355,
    "BodyPartExamined": "BRAIN",
    "ConversionSoftware": "dcm2niix",
    "ConversionSoftwareVersion": "v1.0.20170624 GCC6.3.0",
    "DeviceSerialNumber": "45685",
    "EchoTime": 0.03,
    "EchoTrainLength": 68,
    "EffectiveEchoSpacing": 0.000579999,
    "FlipAngle": 90,
    "ImageType": [
      "ORIGINAL",
      "PRIMARY",
      "M",
      "ND",
      "MOSAIC"
    ],
    "InstitutionAddress": "HAWKINS_DRIVE_200_IOWA_CITY_IOWA_US_52242",
    "InstitutionName": "UIHC_SKYRA",
    "MagneticFieldStrength": 3,
    "Manufacturer": "Siemens",
    "ManufacturersModelName": "Skyra",
    "PhaseEncodingDirection": "j-",
    "PhaseEncodingLines": 68,
    "ProcedureStepDescription": "RESEARCH_HOWARD",
    "ProtocolName": "ES-FMRI",
    "RepetitionTime": 3,
    "ScanningSequence": "EP",
    "SequenceName": "_epfid2d1_68",
    "SequenceVariant": "SK",
    "SeriesDescription": "ES-FMRI",
    "SliceTiming": [
      1.44,
      0,
      1.505,
      0.065,
      1.57,
      0.13,
      1.635,
      0.195,
      1.7,
      0.26,
      1.765,
      0.3275,
      1.8325,
      0.3925,
      1.8975,
      0.4575,
      1.9625,
      0.5225,
      2.0275,
      0.5875,
      2.0925,
      0.6525,
      2.16,
      0.72,
      2.225,
      0.785,
      2.29,
      0.85,
      2.355,
      0.915,
      2.42,
      0.98,
      2.485,
      1.0475,
      2.5525,
      1.1125,
      2.6175,
      1.1775,
      2.6825,
      1.2425,
      2.7475,
      1.3075,
      2.8125,
      1.3725
    ],
    "SoftwareVersions": "syngo_MR_E11",
    "TaskName": "es",
    "TotalReadoutTime": 0.03886,
    "dataset": "ds002799",
    "modality": "bold",
    "run_id": 2,
    "session_id": "postop",
    "subject_id": "395",
    "task_id": "es"
  },
  "dummy_trs": 0,
  "dvars_nstd": 33.465079407899545,
  "dvars_std": 1.2503319666210047,
  "dvars_vstd": 1.0073218073059353,
  "efc": 0.4750350734120709,
  "fber": 1396.5782470703125,
  "fd_mean": 0.11893336658866188,
  "fd_num": 24,
  "fd_perc": 10.909090909090908,
  "fwhm_avg": 1.9409976217996323,
  "fwhm_x": 1.8418912807116563,
  "fwhm_y": 2.059954918020573,
  "fwhm_z": 1.9211466666666668,
  "gcor": 0.0959757,
  "gsr_x": -0.011229660362005234,
  "gsr_y": 0.026995457708835602,
  "provenance": {
    "md5sum": "944c7d7e837e7a6e6d865a0125b83a77",
    "settings": {
      "fd_thres": 0.2,
      "testing": false
    },
    "software": "mriqc",
    "version": "21.0.0rc2",
    "webapi_port": null,
    "webapi_url": "https://mriqc.nimh.nih.gov/api/v1"
  },
  "size_t": 220,
  "size_x": 68,
  "size_y": 68,
  "size_z": 44,
  "snr": 5.097575472186319,
  "spacing_tr": 3.0,
  "spacing_x": 3.2352941036224365,
  "spacing_y": 3.2352941036224365,
  "spacing_z": 3.0,
  "summary_bg_k": 33.029364694991756,
  "summary_bg_mad": 1.1726031614959849,
  "summary_bg_mean": 27.187482833862305,
  "summary_bg_median": 10.595454216003418,
  "summary_bg_n": 144488.0,
  "summary_bg_p05": 9.71363639831543,
  "summary_bg_p95": 105.83590507507309,
  "summary_bg_stdv": 51.0302734375,
  "summary_fg_k": 1.352866974393855,
  "summary_fg_mad": 76.77181054471576,
  "summary_fg_mean": 416.3101806640625,
  "summary_fg_median": 412.85906982421875,
  "summary_fg_n": 21345.0,
  "summary_fg_p05": 290.3390869140625,
  "summary_fg_p95": 547.6736083984375,
  "summary_fg_stdv": 80.98936462402344,
  "tsnr": 50.27861701202346
}