{
  "bids_meta": {
    "AcquisitionMatrixPE": 256,
    "AcquisitionNumber": 1,
    "AcquisitionTime": "16:44:19.477500",
    "BaseResolution": 256,
    "ConversionSoftware": "dcm2niix",
    "ConversionSoftwareVersion": "v1.0.20171103 (OpenJPEG build) GCC7.2.1",
    "DeviceSerialNumber": "35267",
    "DwellTime": 3e-06,
    "EchoTime": 0.00174,
    "FlipAngle": 10,
    "ImageComments": "PROJECT:MH_EPIL_SUBJECT:97879989_SESSION:20140916",
    "ImageOrientationPatientDICOM": [
      0,
      1,
      0,
      0,
      0,
      -1
    ],
    "ImageType": [
      "ORIGINAL",
      "PRIMARY",
      "OTHER",
      "ND",
      "NORM",
      "MEAN"
    ],
    "InPlanePhaseEncodingDirectionDICOM": "ROW",
    "InstitutionAddress": "Newton_Road_500_Iowa_City_CDI_US_52242",
    "InstitutionName": "University_of_Iowa",
    "InstitutionalDepartmentName": "Department",
    "MRAcquisitionType": "3D",
    "MagneticFieldStrength": 3,
    "Manufacturer": "Siemens",
    "ManufacturersModelName": "TrioTim",
    "Modality": "MR",
    "ParallelReductionFactorInPlane": 2,
    "PartialFourier": 1,
    "PatientPosition": "HFS",
    "PercentPhaseFOV": 100,
    "PhaseEncodingSteps": 255,
    "PhaseResolution": 1,
    "PixelBandwidth": 651,
    "ProcedureStepDescription": "RESEARCH_HOWARD",
    "ProtocolName": "MULTI_ECHO_MPRAGE_V-4",
    "PulseSequenceDetails": "%CustomerSeq%_WIP711_Moco_tfl_multiecho_epinav_711",
    "ReceiveCoilName": "HeadMatrix",
    "ReconMatrixPE": 256,
    "RepetitionTime": 2.15,
    "SAR": 0.109094,
    "ScanOptions": "IR",
    "ScanningSequence": "GR_IR",
    "SequenceName": "Moco3d4_ns",
    "SequenceVariant": "SP_MP",
    "SeriesDescription": "MULTI_ECHO_MPRAGE_V-4_RMS",
    "SeriesNumber": 9,
    "ShimSetting": [
      6540,
      25287,
      6103,
      235,
      144,
      -498,
      131,
      1
    ],
    "SliceThickness": 1,
    "SoftwareVersions": "syngo_MR_B17",
    "StationName": "MRC35267",
    "TxRefAmp": 272.936,
    "dataset": "ds002799",
    "modality": "T1w",
    "session_id": "preop",
    "subject_id": "294"
  },
  "cjv": 0.9884014790037345,
  "cnr": 1.3435864464390956,
  "efc": 0.6073451407684085,
  "fber": 538.24,
  "fwhm_avg": 3.385096666666667,
  "fwhm_x": 3.45744,
  "fwhm_y": 3.52533,
  "fwhm_z": 3.17252,
  "icvs_csf": 0.2089322975451892,
  "icvs_gm": 0.3984720472946433,
  "icvs_wm": 0.3925956551601675,
  "inu_med": 1.572936773300171,
  "inu_range": 0.5984816551208496,
  "provenance": {
    "md5sum": "02f0e2ab43331e243cd5db9f58e9b9a7",
    "settings": {
      "testing": false
    },
    "software": "mriqc",
    "version": "21.0.0rc2",
    "warnings": {
      "large_rot_frame": true,
      "small_air_mask": false
    },
    "webapi_port": null,
    "webapi_url": "https://mriqc.nimh.nih.gov/api/v1"
  },
  "qi_1": 0.0,
  "qi_2": 0.006433976749961149,
  "rpve_csf": 45.60309240377506,
  "rpve_gm": 23.238254972609955,
  "rpve_wm": 27.54292049779825,
  "size_x": 256,
  "size_y": 256,
  "size_z": 256,
  "snr_csf": 4.104556346825831,
  "snr_gm": 11.304738343208587,
  "snr_total": 9.95300041521014,
  "snr_wm": 14.449706555596002,
  "snrd_csf": 16.12872116508564,
  "snrd_gm": 28.05955599953255,
  "snrd_total": 25.62920075547855,
  "snrd_wm": 32.69932510181746,
  "spacing_x": 1.0,
  "spacing_y": 1.0,
  "spacing_z": 1.0,
  "summary_bg_k": 3.5439498262821303,
  "summary_bg_mad": 20.035165191368655,
  "summary_bg_mean": 32.98049879384548,
  "summary_bg_median": 27.027027130126953,
  "summary_bg_n": 3589971.0,
  "summary_bg_p05": 6.756756782531738,
  "summary_bg_p95": 81.08108139038086,
  "summary_bg_stdv": 24.53864548573378,
  "summary_csf_k": 0.3333902558977875,
  "summary_csf_mad": 120.21099114821193,
  "summary_csf_mean": 510.67152347147123,
  "summary_csf_median": 493.2432451248169,
  "summary_csf_n": 26447.0,
  "summary_csf_p05": 344.59459590911865,
  "summary_csf_p95": 722.972975730896,
  "summary_csf_stdv": 120.16741353581891,
  "summary_gm_k": -0.36032901612095136,
  "summary_gm_mad": 80.14066076547462,
  "summary_gm_mean": 858.8070624051352,
  "summary_gm_median": 858.1081113815308,
  "summary_gm_n": 9783.0,
  "summary_gm_p05": 736.4864892959595,
  "summary_gm_p95": 979.729733467102,
  "summary_gm_stdv": 75.90306180518301,
  "summary_wm_k": 0.7942822952926418,
  "summary_wm_mad": 60.105495574105966,
  "summary_wm_mean": 1005.1652610103822,
  "summary_wm_median": 1000.0000038146973,
  "summary_wm_n": 167104.0,
  "summary_wm_p05": 905.4054088592529,
  "summary_wm_p95": 1135.135139465332,
  "summary_wm_stdv": 69.20535083630013,
  "tpm_overlap_csf": 0.16407829523086548,
  "tpm_overlap_gm": 0.4285273551940918,
  "tpm_overlap_wm": 0.4738157093524933,
  "wm2max": 0.7047619047619048
}