{
  "bids_meta": {
    "AcquisitionMatrixPE": 256,
    "AcquisitionNumber": 1,
    "AcquisitionTime": "16:49:0.000000",
    "BodyPartExamined": "HEAD",
    "ConversionSoftware": "dcm2niix",
    "ConversionSoftwareVersion": "v1.0.20180622 GCC7.3.0",
    "DeviceSerialNumber": "0000000319335MR2",
    "EchoTime": 0.082379,
    "EchoTrainLength": 140,
    "FlipAngle": 90,
    "ImageOrientationPatientDICOM": [
      0,
      1,
      0,
      0,
      0,
      -1
    ],
    "ImageType": [
      "DERIVED",
      "PRIMARY",
      "OTHER"
    ],
    "InPlanePhaseEncodingDirectionDICOM": "ROW",
    "InstitutionName": "Iowa_MRRF",
    "MRAcquisitionType": "3D",
    "MagneticFieldStrength": 3,
    "Manufacturer": "GE",
    "ManufacturersModelName": "DISCOVERY_MR750w",
    "Modality": "MR",
    "PatientPosition": "HFS",
    "PercentPhaseFOV": 100,
    "PixelBandwidth": 976.562,
    "ProcedureStepDescription": "MH_EPIL",
    "ProtocolName": "PU:CUBE_T2_Sagittal",
    "RawImage": true,
    "ReconMatrixPE": 256,
    "RepetitionTime": 3.2,
    "SAR": 0.426698,
    "ScanOptions": "EDR_GEMS_FILTERED_GEMS_ACC_GEMS",
    "ScanningSequence": "SE",
    "SequenceVariant": "SK",
    "SeriesDescription": "PU:CUBE_T2_Sagittal",
    "SeriesNumber": 1000,
    "SliceThickness": 1,
    "SoftwareVersions": "27_LX_MR_Software_release:DV25.1_R02_1649.a",
    "SpacingBetweenSlices": 1,
    "StationName": "Iowa3T",
    "dataset": "ds002799",
    "modality": "T2w",
    "session_id": "preop",
    "subject_id": "394"
  },
  "cjv": 0.44590644472056895,
  "cnr": 2.7849013251787706,
  "efc": 0.7007409208788993,
  "fber": 789.7393659120493,
  "fwhm_avg": 2.6795266666666664,
  "fwhm_x": 2.5698,
  "fwhm_y": 2.91857,
  "fwhm_z": 2.55021,
  "icvs_csf": 0.18609604606335825,
  "icvs_gm": 0.39884753204803813,
  "icvs_wm": 0.41505642188860364,
  "inu_med": 1.6704802513122559,
  "inu_range": 0.2899341583251951,
  "provenance": {
    "md5sum": "17fc025dbd5bf1a0652917d8eb59fd35",
    "settings": {
      "testing": false
    },
    "software": "mriqc",
    "version": "21.0.0rc2",
    "warnings": {
      "large_rot_frame": true,
      "small_air_mask": false
    },
    "webapi_port": null,
    "webapi_url": "https://mriqc.nimh.nih.gov/api/v1"
  },
  "qi_1": 0.0,
  "qi_2": 0.002633552331536354,
  "rpve_csf": 30.374138365895504,
  "rpve_gm": 14.309927348039055,
  "rpve_wm": 16.09156905044139,
  "size_x": 168,
  "size_y": 256,
  "size_z": 256,
  "snr_csf": 4.432086604576165,
  "snr_gm": 8.364998890720585,
  "snr_total": 8.284367736787246,
  "snr_wm": 12.056017715064987,
  "snrd_csf": 90.27098508357591,
  "snrd_gm": 37.47619116658747,
  "snrd_total": 50.49851421475871,
  "snrd_wm": 23.74836639411275,
  "spacing_x": 1.0,
  "spacing_y": 1.0,
  "spacing_z": 1.0,
  "summary_bg_k": 1.6526964670913014,
  "summary_bg_mad": 27.586586834329246,
  "summary_bg_mean": 35.10499589275809,
  "summary_bg_median": 31.011450104415417,
  "summary_bg_n": 698968.0,
  "summary_bg_p05": 6.106870174407959,
  "summary_bg_p95": 79.67557180672884,
  "summary_bg_stdv": 24.834612161792183,
  "summary_csf_k": 2.458045833101811,
  "summary_csf_mad": 635.0573758938666,
  "summary_csf_mean": 3617.903440515755,
  "summary_csf_median": 3801.145004183054,
  "summary_csf_n": 36886.0,
  "summary_csf_p05": 1911.8320439755917,
  "summary_csf_p95": 4653.148813359439,
  "summary_csf_stdv": 857.630686713184,
  "summary_gm_k": 1.003988637083185,
  "summary_gm_mad": 176.55415573970717,
  "summary_gm_mean": 1595.7888976356294,
  "summary_gm_median": 1578.0534210056067,
  "summary_gm_n": 25249.0,
  "summary_gm_p05": 1320.8015149086714,
  "summary_gm_p95": 1932.977081954479,
  "summary_gm_stdv": 188.64583145689315,
  "summary_wm_k": 0.16511763249219769,
  "summary_wm_mad": 81.20359406617942,
  "summary_wm_mean": 996.7439342773254,
  "summary_wm_median": 999.9999910593033,
  "summary_wm_n": 192589.0,
  "summary_wm_p05": 854.007625952363,
  "summary_wm_p95": 1127.0038067176938,
  "summary_wm_stdv": 82.94591286176545,
  "tpm_overlap_csf": 0.1305220127105713,
  "tpm_overlap_gm": 0.3934052288532257,
  "tpm_overlap_wm": 0.47822871804237366,
  "wm2max": 0.21760807960526773
}