{
  "bids_meta": {
    "AcquisitionMatrixPE": 256,
    "AcquisitionNumber": 1,
    "AcquisitionTime": "16:19:13.000000",
    "BodyPartExamined": "HEAD",
    "ConversionSoftware": "dcm2niix",
    "ConversionSoftwareVersion": "v1.0.20180622 GCC7.3.0",
    "DeviceSerialNumber": "0000000319335MR2",
    "EchoTime": 0.003288,
    "FlipAngle": 12,
    "ImageOrientationPatientDICOM": [
      1,
      0,
      0,
      0,
      0,
      -1
    ],
    "ImageType": [
      "DERIVED",
      "PRIMARY",
      "OTHER"
    ],
    "InPlanePhaseEncodingDirectionDICOM": "ROW",
    "InstitutionName": "Iowa_MRRF",
    "InversionTime": 0.45,
    "MRAcquisitionType": "3D",
    "MagneticFieldStrength": 3,
    "Manufacturer": "GE",
    "ManufacturersModelName": "DISCOVERY_MR750w",
    "Modality": "MR",
    "PatientPosition": "HFS",
    "PercentPhaseFOV": 100,
    "PixelBandwidth": 244.141,
    "ProcedureStepDescription": "MH_EPIL",
    "ProtocolName": "PU:Cor_FSPGR_BRAVO",
    "RawImage": true,
    "ReconMatrixPE": 256,
    "RepetitionTime": 0.008504,
    "SAR": 0.139185,
    "ScanOptions": "FAST_GEMS_EDR_GEMS_FILTERED_GEMS_ACC_GEMS",
    "ScanningSequence": "GR",
    "SequenceVariant": "SS_SK",
    "SeriesDescription": "PU:Cor_FSPGR_BRAVO",
    "SeriesNumber": 600,
    "SliceThickness": 0.8,
    "SoftwareVersions": "27_LX_MR_Software_release:DV25.1_R02_1649.a",
    "SpacingBetweenSlices": 0.8,
    "StationName": "Iowa3T",
    "dataset": "ds002799",
    "modality": "T1w",
    "session_id": "preop",
    "subject_id": "394"
  },
  "cjv": 0.448221737949323,
  "cnr": 2.7542664014565816,
  "efc": 0.7153200650198096,
  "fber": 3607.3276686724416,
  "fwhm_avg": 3.8156771483339376,
  "fwhm_x": 3.72599,
  "fwhm_y": 4.208721445001812,
  "fwhm_z": 3.51232,
  "icvs_csf": 0.2503156929025538,
  "icvs_gm": 0.3893730599062224,
  "icvs_wm": 0.3603112471912238,
  "inu_med": 1.4626765251159668,
  "inu_range": 0.3361575663089751,
  "provenance": {
    "md5sum": "e44400d0d17653fc7da3d163218749bd",
    "settings": {
      "testing": false
    },
    "software": "mriqc",
    "version": "21.0.0rc2",
    "warnings": {
      "large_rot_frame": true,
      "small_air_mask": false
    },
    "webapi_port": null,
    "webapi_url": "https://mriqc.nimh.nih.gov/api/v1"
  },
  "qi_1": 0.0,
  "qi_2": 0.002520949100284526,
  "rpve_csf": 27.90766264173605,
  "rpve_gm": 17.24197977275888,
  "rpve_wm": 23.179818809231428,
  "size_x": 256,
  "size_y": 247,
  "size_z": 256,
  "snr_csf": 3.3383560962571264,
  "snr_gm": 10.186314032509928,
  "snr_total": 10.590476508720833,
  "snr_wm": 18.246759397395444,
  "snrd_csf": 19.339826336956207,
  "snrd_gm": 37.88805899709839,
  "snrd_total": 36.26059300173076,
  "snrd_wm": 51.55389367113767,
  "spacing_x": 1.0,
  "spacing_y": 0.8000030517578125,
  "spacing_z": 1.0,
  "summary_bg_k": 1.133610821882888,
  "summary_bg_mad": 12.707128096464887,
  "summary_bg_mean": 27.25139095208883,
  "summary_bg_median": 11.042170599102974,
  "summary_bg_n": 1322631.0,
  "summary_bg_p05": 1.2093805894255638,
  "summary_bg_p95": 96.54012009501457,
  "summary_bg_stdv": 32.464583069113694,
  "summary_csf_k": -0.21228710751919255,
  "summary_csf_mad": 119.15856009476428,
  "summary_csf_mean": 375.9502362887688,
  "summary_csf_median": 375.1183097809553,
  "summary_csf_n": 35304.0,
  "summary_csf_p05": 187.6117366552353,
  "summary_csf_p95": 553.0024199560285,
  "summary_csf_stdv": 112.36458491513164,
  "summary_gm_k": 0.16449887271987818,
  "summary_gm_mad": 69.77226776893298,
  "summary_gm_mean": 738.739340373552,
  "summary_gm_median": 734.8827442526817,
  "summary_gm_n": 29181.0,
  "summary_gm_p05": 626.3539817929268,
  "summary_gm_p95": 864.3916308507323,
  "summary_gm_stdv": 72.14289192317383,
  "summary_wm_k": 2.2243288558130043,
  "summary_wm_mad": 49.03548204095959,
  "summary_wm_mean": 1001.9786840079162,
  "summary_wm_median": 999.9474203959107,
  "summary_wm_n": 240631.0,
  "summary_wm_p05": 916.9733956083655,
  "summary_wm_p95": 1091.650018133223,
  "summary_wm_stdv": 54.80125653300786,
  "tpm_overlap_csf": 0.15583691000938416,
  "tpm_overlap_gm": 0.4038708806037903,
  "tpm_overlap_wm": 0.4914243817329407,
  "wm2max": 0.4423483985020121
}