{
  "bids_meta": {
    "AcquisitionMatrixPE": 256,
    "AcquisitionNumber": 1,
    "AcquisitionTime": "11:00:17.472500",
    "BaseResolution": 256,
    "ConversionSoftware": "dcm2niix",
    "ConversionSoftwareVersion": "v1.0.20171103 (OpenJPEG build) GCC7.2.1",
    "DeviceSerialNumber": "35267",
    "DwellTime": 3e-06,
    "EchoTime": 0.00174,
    "FlipAngle": 10,
    "ImageComments": "PROJECT:MH_EPIL_SUBJECT:307_SESSION:20150302",
    "ImageOrientationPatientDICOM": [
      0,
      1,
      0,
      0,
      0,
      -1
    ],
    "ImageType": [
      "ORIGINAL",
      "PRIMARY",
      "OTHER",
      "ND",
      "NORM",
      "MEAN"
    ],
    "InPlanePhaseEncodingDirectionDICOM": "ROW",
    "InstitutionAddress": "Newton_Road_500_Iowa_City_CDI_US_52242",
    "InstitutionName": "University_of_Iowa",
    "InstitutionalDepartmentName": "Department",
    "MRAcquisitionType": "3D",
    "MagneticFieldStrength": 3,
    "Manufacturer": "Siemens",
    "ManufacturersModelName": "TrioTim",
    "Modality": "MR",
    "ParallelReductionFactorInPlane": 2,
    "PartialFourier": 1,
    "PatientPosition": "HFS",
    "PercentPhaseFOV": 100,
    "PhaseEncodingSteps": 255,
    "PhaseResolution": 1,
    "PixelBandwidth": 651,
    "ProcedureStepDescription": "RESEARCH_HOWARD",
    "ProtocolName": "MULTI_ECHO_MPRAGE_V-4",
    "PulseSequenceDetails": "%CustomerSeq%_WIP711_Moco_tfl_multiecho_epinav_711",
    "ReceiveCoilName": "HeadMatrix",
    "ReconMatrixPE": 256,
    "RepetitionTime": 2.15,
    "SAR": 0.114926,
    "ScanOptions": "IR",
    "ScanningSequence": "GR_IR",
    "SequenceName": "Moco3d4_ns",
    "SequenceVariant": "SP_MP",
    "SeriesDescription": "MULTI_ECHO_MPRAGE_V-4_RMS",
    "SeriesNumber": 17,
    "ShimSetting": [
      6527,
      25325,
      6150,
      620,
      46,
      -634,
      -107,
      28
    ],
    "SliceThickness": 1,
    "SoftwareVersions": "syngo_MR_B17",
    "StationName": "MRC35267",
    "TxRefAmp": 281.873,
    "dataset": "ds002799",
    "modality": "T1w",
    "session_id": "preop",
    "subject_id": "307"
  },
  "cjv": 0.4942007395018673,
  "cnr": 2.597815610774615,
  "efc": 0.6617885121489483,
  "fber": 1089.0,
  "fwhm_avg": 4.514426666666666,
  "fwhm_x": 4.32671,
  "fwhm_y": 5.1136,
  "fwhm_z": 4.10297,
  "icvs_csf": 0.19118394153777815,
  "icvs_gm": 0.40624968280721335,
  "icvs_wm": 0.40256637565500847,
  "inu_med": 1.1945500373840332,
  "inu_range": 0.4418682098388673,
  "provenance": {
    "md5sum": "4ad0cd69f3b9032a2cc50633ccfba676",
    "settings": {
      "testing": false
    },
    "software": "mriqc",
    "version": "21.0.0rc2",
    "warnings": {
      "large_rot_frame": true,
      "small_air_mask": false
    },
    "webapi_port": null,
    "webapi_url": "https://mriqc.nimh.nih.gov/api/v1"
  },
  "qi_1": 0.0,
  "qi_2": 0.008121823452287008,
  "rpve_csf": 35.48796793433769,
  "rpve_gm": 17.44680815263743,
  "rpve_wm": 20.993471802618327,
  "size_x": 256,
  "size_y": 256,
  "size_z": 256,
  "snr_csf": 3.7975770113139964,
  "snr_gm": 15.431382160631383,
  "snr_total": 14.622871477381233,
  "snr_wm": 24.639655260198317,
  "snrd_csf": 35.35062173169455,
  "snrd_gm": 61.863588030465465,
  "snrd_total": 57.444760314003645,
  "snrd_wm": 75.12007117985091,
  "spacing_x": 1.0,
  "spacing_y": 1.0,
  "spacing_z": 1.0,
  "summary_bg_k": 172.52209256675212,
  "summary_bg_mad": 8.7211893542777,
  "summary_bg_mean": 20.743278706903922,
  "summary_bg_median": 17.647058486938477,
  "summary_bg_n": 2192037.0,
  "summary_bg_p05": 5.882352828979492,
  "summary_bg_p95": 41.176469802856445,
  "summary_bg_stdv": 10.931808247528556,
  "summary_csf_k": 8.558418367249605,
  "summary_csf_mad": 104.65427225133239,
  "summary_csf_mean": 493.7695989043576,
  "summary_csf_median": 470.5882263183594,
  "summary_csf_n": 30693.0,
  "summary_csf_p05": 341.17646408081055,
  "summary_csf_p95": 694.1176338195801,
  "summary_csf_stdv": 123.9160019145397,
  "summary_gm_k": 0.05332883054737714,
  "summary_gm_mad": 52.32713612566619,
  "summary_gm_mean": 824.59552298151,
  "summary_gm_median": 823.5293960571289,
  "summary_gm_n": 17816.0,
  "summary_gm_p05": 741.176456451416,
  "summary_gm_p95": 917.6470413208008,
  "summary_gm_stdv": 53.36568526962091,
  "summary_wm_k": 0.4517752514267288,
  "summary_wm_mad": 34.8847574171108,
  "summary_wm_mean": 998.5928538136291,
  "summary_wm_median": 999.9999809265137,
  "summary_wm_n": 276362.0,
  "summary_wm_p05": 929.4117469787598,
  "summary_wm_p95": 1058.8235092163086,
  "summary_wm_stdv": 40.58490921011466,
  "tpm_overlap_csf": 0.14962300658226013,
  "tpm_overlap_gm": 0.4419020414352417,
  "tpm_overlap_wm": 0.5094550251960754,
  "wm2max": 0.7870370370370371
}