{
  "bids_meta": {
    "AcquisitionMatrixPE": 256,
    "AcquisitionNumber": 1,
    "AcquisitionTime": "16:56:18.557500",
    "BaseResolution": 256,
    "ConversionSoftware": "dcm2niix",
    "ConversionSoftwareVersion": "v1.0.20171215 (OpenJPEG build) GCC7.2.0",
    "DeviceSerialNumber": "35053",
    "DwellTime": 9.8e-06,
    "EchoTime": 0.00334,
    "FlipAngle": 7,
    "ImageOrientationPatientDICOM": [
      1,
      0,
      0,
      0,
      0.0034906,
      -0.999994
    ],
    "ImageType": [
      "ORIGINAL",
      "PRIMARY",
      "M",
      "NORM",
      "DIS2D"
    ],
    "InPlanePhaseEncodingDirectionDICOM": "ROW",
    "InstitutionAddress": "Hawkins_200_Iowa_City_IA_US_52242",
    "InstitutionName": "UI_Hospitals_and_Clinics",
    "InstitutionalDepartmentName": "Radiation_Oncology",
    "InversionTime": 1.1,
    "MRAcquisitionType": "3D",
    "MagneticFieldStrength": 3,
    "Manufacturer": "Siemens",
    "ManufacturersModelName": "TrioTim",
    "Modality": "MR",
    "PartialFourier": 1,
    "PatientPosition": "HFS",
    "PercentPhaseFOV": 100,
    "PhaseEncodingSteps": 256,
    "PhaseResolution": 1,
    "PixelBandwidth": 199,
    "ProcedureStepDescription": "RESEARCH_OYA",
    "ProtocolName": "MPRAGE_T1_TI=1100",
    "PulseSequenceDetails": "%SiemensSeq%_tfl",
    "ReceiveCoilName": "TxRx_Head",
    "ReconMatrixPE": 256,
    "RepetitionTime": 2.53,
    "SAR": 0.0254529,
    "ScanOptions": "IR",
    "ScanningSequence": "GR_IR",
    "SequenceName": "_tfl3d1_ns",
    "SequenceVariant": "SP_MP",
    "SeriesDescription": "MPRAGE_T1_TI=1100",
    "SeriesNumber": 2,
    "ShimSetting": [
      -1267,
      -19484,
      5609,
      25,
      78,
      -38,
      -128,
      24
    ],
    "SliceThickness": 1,
    "SoftwareVersions": "syngo_MR_B19",
    "StationName": "MRC35053",
    "TxRefAmp": 182.635,
    "dataset": "ds002799",
    "modality": "T1w",
    "session_id": "postop",
    "subject_id": "294"
  },
  "cjv": 0.6598597036594138,
  "cnr": 2.008530592880288,
  "efc": 0.6351750740983259,
  "fber": 82.92561798660499,
  "fwhm_avg": 3.3437483293594856,
  "fwhm_x": 3.51667,
  "fwhm_y": 3.2186949880784566,
  "fwhm_z": 3.29588,
  "icvs_csf": 0.19025143151043555,
  "icvs_gm": 0.43455951385180336,
  "icvs_wm": 0.3751890546377611,
  "inu_med": 1.256019115447998,
  "inu_range": 0.5776339262723924,
  "provenance": {
    "md5sum": "126e511ca3d138738bc96497bbc3f41d",
    "settings": {
      "testing": false
    },
    "software": "mriqc",
    "version": "21.0.0rc2",
    "warnings": {
      "large_rot_frame": true,
      "small_air_mask": false
    },
    "webapi_port": null,
    "webapi_url": "https://mriqc.nimh.nih.gov/api/v1"
  },
  "qi_1": 0.0,
  "qi_2": 0.002961473562368455,
  "rpve_csf": 50.95491019755238,
  "rpve_gm": 22.396121266801906,
  "rpve_wm": 28.685018896225706,
  "size_x": 256,
  "size_y": 240,
  "size_z": 256,
  "snr_csf": 2.025583723657676,
  "snr_gm": 8.760984096813514,
  "snr_total": 6.48406582505249,
  "snr_wm": 8.665629654686281,
  "snrd_csf": 7.5366703424490655,
  "snrd_gm": 13.518016092138835,
  "snrd_total": 13.384081081508095,
  "snrd_wm": 19.097556809936382,
  "spacing_x": 1.0,
  "spacing_y": 0.9999984502792358,
  "spacing_z": 1.0,
  "summary_bg_k": 1.9541883617024904,
  "summary_bg_mad": 34.30472180911005,
  "summary_bg_mean": 74.88428267501831,
  "summary_bg_median": 70.16788592934608,
  "summary_bg_n": 3697433.0,
  "summary_bg_p05": 25.29057238250971,
  "summary_bg_p95": 141.08910805732012,
  "summary_bg_stdv": 36.25569317481675,
  "summary_csf_k": 34.946083344620966,
  "summary_csf_mad": 116.55627572816228,
  "summary_csf_mean": 402.020977868359,
  "summary_csf_median": 394.6405486240983,
  "summary_csf_n": 16612.0,
  "summary_csf_p05": 192.0765162723139,
  "summary_csf_p95": 572.5301299843936,
  "summary_csf_stdv": 194.82219651521416,
  "summary_gm_k": 0.1232832550650822,
  "summary_gm_mad": 78.22274356705209,
  "summary_gm_mean": 712.5051960927553,
  "summary_gm_median": 707.840073203668,
  "summary_gm_n": 14900.0,
  "summary_gm_p05": 587.438115257956,
  "summary_gm_p95": 856.5432578399777,
  "summary_gm_stdv": 80.79187360241477,
  "summary_wm_k": 0.7786575100321063,
  "summary_wm_mad": 114.56181515786518,
  "summary_wm_mean": 1012.9415282665499,
  "summary_wm_median": 999.9999939501286,
  "summary_wm_n": 108672.0,
  "summary_wm_p05": 850.1399001516402,
  "summary_wm_p95": 1217.8217748105526,
  "summary_wm_stdv": 115.39789176169175,
  "tpm_overlap_csf": 0.1526900976896286,
  "tpm_overlap_gm": 0.40661367774009705,
  "tpm_overlap_wm": 0.420155793428421,
  "wm2max": 0.5305669773645727
}