{
  "bids_meta": {
    "AcquisitionMatrixPE": 256,
    "AcquisitionNumber": 1,
    "AcquisitionTime": "16:37:19.000000",
    "ConversionSoftware": "dcm2niix",
    "ConversionSoftwareVersion": "v1.0.20171103 (OpenJPEG build) GCC6.3.0",
    "DeviceSerialNumber": "0000000319335MR2",
    "EchoTime": 0.099459,
    "EchoTrainLength": 130,
    "FlipAngle": 90,
    "ImageOrientationPatientDICOM": [
      0,
      1,
      0,
      0,
      0,
      -1
    ],
    "ImageType": [
      "ORIGINAL",
      "PRIMARY",
      "OTHER"
    ],
    "InPlanePhaseEncodingDirectionDICOM": "ROW",
    "InstitutionName": "Iowa_MRRF",
    "MRAcquisitionType": "3D",
    "MagneticFieldStrength": 3,
    "Manufacturer": "GE",
    "ManufacturersModelName": "DISCOVERY_MR750w",
    "Modality": "MR",
    "PatientPosition": "HFS",
    "PercentPhaseFOV": 100,
    "PixelBandwidth": 488.281,
    "ProcedureStepDescription": "MH_EPIL",
    "ProtocolName": "Sag_CUBE_T2",
    "ReconMatrixPE": 256,
    "RepetitionTime": 3,
    "SAR": 0.435831,
    "ScanOptions": "EDR_GEMS_FILTERED_GEMS_ACC_GEMS",
    "ScanningSequence": "SE",
    "SequenceVariant": "SK",
    "SeriesDescription": "Sag_CUBE_T2",
    "SeriesNumber": 9,
    "SliceThickness": 0.8,
    "SoftwareVersions": "25_LX_MR_Software_release:DV25.0_R02_1549.b",
    "SpacingBetweenSlices": 0.8,
    "StationName": "Iowa3T",
    "dataset": "ds002799",
    "modality": "T2w",
    "session_id": "preop",
    "subject_id": "357"
  },
  "cjv": 0.5007541034422197,
  "cnr": 2.4676556318803633,
  "efc": 0.6913330049739819,
  "fber": 240.00403124212647,
  "fwhm_avg": 3.3043077803960674,
  "fwhm_x": 3.147118007953689,
  "fwhm_y": 3.531037498403979,
  "fwhm_z": 3.234767834830534,
  "icvs_csf": 0.17756850054819354,
  "icvs_gm": 0.42167404738197206,
  "icvs_wm": 0.4007574520698344,
  "inu_med": 1.0763498544692993,
  "inu_range": 0.28892620205879216,
  "provenance": {
    "md5sum": "679e978de79644755e14a95defa34a6d",
    "settings": {
      "testing": false
    },
    "software": "mriqc",
    "version": "21.0.0rc2",
    "warnings": {
      "large_rot_frame": true,
      "small_air_mask": false
    },
    "webapi_port": null,
    "webapi_url": "https://mriqc.nimh.nih.gov/api/v1"
  },
  "qi_1": 0.0005519371698758937,
  "qi_2": 0.001373456549954574,
  "rpve_csf": 19.704298225688397,
  "rpve_gm": 8.730942754202283,
  "rpve_wm": 10.174480149339145,
  "size_x": 252,
  "size_y": 256,
  "size_z": 256,
  "snr_csf": 5.329077127292496,
  "snr_gm": 7.433923447296276,
  "snr_total": 6.616961815390031,
  "snr_wm": 7.08788487158132,
  "snrd_csf": 63.580254913119695,
  "snrd_gm": 19.210774021999118,
  "snrd_total": 31.283604759085325,
  "snrd_wm": 11.05978534213717,
  "spacing_x": 0.7999954223632812,
  "spacing_y": 0.8202999830245972,
  "spacing_z": 0.8202999830245972,
  "summary_bg_k": 242.54749706325984,
  "summary_bg_mad": 59.235905557703134,
  "summary_bg_mean": 71.86039777627161,
  "summary_bg_median": 60.36217510700226,
  "summary_bg_n": 1363109.0,
  "summary_bg_p05": 10.06036251783371,
  "summary_bg_p95": 159.38488617539406,
  "summary_bg_stdv": 121.23731444390317,
  "summary_csf_k": 3.3733608531283554,
  "summary_csf_mad": 756.642808041021,
  "summary_csf_mean": 5523.190917828494,
  "summary_csf_median": 5748.778581619263,
  "summary_csf_n": 116312.0,
  "summary_csf_p05": 3294.7184227779508,
  "summary_csf_p95": 6754.096236079931,
  "summary_csf_stdv": 1078.7522363628505,
  "summary_gm_k": 0.33321337214056124,
  "summary_gm_mad": 229.27278553988697,
  "summary_gm_mean": 1750.847582402921,
  "summary_gm_median": 1736.9934484362602,
  "summary_gm_n": 58452.0,
  "summary_gm_p05": 1392.7853308618069,
  "summary_gm_p95": 2155.073370784521,
  "summary_gm_stdv": 233.65570043839836,
  "summary_wm_k": 0.10604302742172766,
  "summary_wm_mad": 139.7796908124218,
  "summary_wm_mean": 997.378505658385,
  "summary_wm_median": 1000.0000342726707,
  "summary_wm_n": 300467.0,
  "summary_wm_p05": 760.2759674191475,
  "summary_wm_p95": 1224.0586794912815,
  "summary_wm_stdv": 141.08558312007023,
  "tpm_overlap_csf": 0.15209747850894928,
  "tpm_overlap_gm": 0.3912523090839386,
  "tpm_overlap_wm": 0.4449864327907562,
  "wm2max": 0.14631336426121752
}