{
  "bids_meta": {
    "AcquisitionMatrixPE": 256,
    "AcquisitionNumber": 1,
    "AcquisitionTime": "16:43:15.000000",
    "ConversionSoftware": "dcm2niix",
    "ConversionSoftwareVersion": "v1.0.20171215 (OpenJPEG build) GCC7.2.0",
    "DeviceSerialNumber": "0000000319335MR2",
    "EchoTime": 0.003364,
    "FlipAngle": 12,
    "ImageOrientationPatientDICOM": [
      1,
      0,
      0,
      0,
      0,
      -1
    ],
    "ImageType": [
      "DERIVED",
      "PRIMARY",
      "OTHER"
    ],
    "InPlanePhaseEncodingDirectionDICOM": "ROW",
    "InstitutionName": "Iowa_MRRF",
    "InversionTime": 0.45,
    "MRAcquisitionType": "3D",
    "MagneticFieldStrength": 3,
    "Manufacturer": "GE",
    "ManufacturersModelName": "DISCOVERY_MR750w",
    "Modality": "MR",
    "PatientPosition": "HFS",
    "PercentPhaseFOV": 100,
    "PixelBandwidth": 244.141,
    "ProcedureStepDescription": "MH_EPIL",
    "ProtocolName": "PU:Cor_FSPGR_BRAVO",
    "RawImage": true,
    "ReconMatrixPE": 256,
    "RepetitionTime": 0.008576,
    "SAR": 0.148143,
    "ScanOptions": "FAST_GEMS_EDR_GEMS_FILTERED_GEMS_ACC_GEMS",
    "ScanningSequence": "GR",
    "SequenceVariant": "SS_SK",
    "SeriesDescription": "PU:Cor_FSPGR_BRAVO",
    "SeriesNumber": 1000,
    "SliceThickness": 0.8,
    "SoftwareVersions": "25_LX_MR_Software_release:DV25.0_R02_1549.b",
    "SpacingBetweenSlices": 0.8,
    "StationName": "Iowa3T",
    "dataset": "ds002799",
    "modality": "T1w",
    "session_id": "preop",
    "subject_id": "357"
  },
  "cjv": 0.5170628542487178,
  "cnr": 2.3187029886726465,
  "efc": 0.7097021883262755,
  "fber": 1288.1573553719008,
  "fwhm_avg": 3.5895624214219777,
  "fwhm_x": 3.5637084731139668,
  "fwhm_y": 3.7938730275229355,
  "fwhm_z": 3.411105763629031,
  "icvs_csf": 0.2131554141803016,
  "icvs_gm": 0.4020322481187638,
  "icvs_wm": 0.3848123377009346,
  "inu_med": 1.1575572490692139,
  "inu_range": 0.29525982141494733,
  "provenance": {
    "md5sum": "eff383929dd5a0ec21b3436445f09db6",
    "settings": {
      "testing": false
    },
    "software": "mriqc",
    "version": "21.0.0rc2",
    "warnings": {
      "large_rot_frame": true,
      "small_air_mask": false
    },
    "webapi_port": null,
    "webapi_url": "https://mriqc.nimh.nih.gov/api/v1"
  },
  "qi_1": 0.0,
  "qi_2": 0.0019515152184444065,
  "rpve_csf": 17.754380644291683,
  "rpve_gm": 9.494967615401329,
  "rpve_wm": 12.128396483117362,
  "size_x": 256,
  "size_y": 252,
  "size_z": 256,
  "snr_csf": 3.132644601341888,
  "snr_gm": 10.43467486851882,
  "snr_total": 9.517543073580121,
  "snr_wm": 14.985309750879654,
  "snrd_csf": 11.463534027263561,
  "snrd_gm": 23.703295755162227,
  "snrd_total": 22.34245323717221,
  "snrd_wm": 31.860529929090855,
  "spacing_x": 0.8202999830245972,
  "spacing_y": 0.8000030517578125,
  "spacing_z": 0.8202999830245972,
  "summary_bg_k": 0.5993741087443865,
  "summary_bg_mad": 20.563894625819614,
  "summary_bg_mean": 44.217292597067214,
  "summary_bg_median": 16.447772070765495,
  "summary_bg_n": 2369355.0,
  "summary_bg_p05": 1.288817960768938,
  "summary_bg_p95": 149.56425573304296,
  "summary_bg_stdv": 51.53943308075802,
  "summary_csf_k": -0.008869373822049997,
  "summary_csf_mad": 117.65095465126001,
  "summary_csf_mean": 372.5124307387101,
  "summary_csf_median": 359.8257001899183,
  "summary_csf_n": 47831.0,
  "summary_csf_p05": 201.66932471841574,
  "summary_csf_p95": 570.8236120529473,
  "summary_csf_stdv": 114.86203656437405,
  "summary_gm_k": 0.10304042068325048,
  "summary_gm_mad": 69.33490134900242,
  "summary_gm_mean": 745.9495597872965,
  "summary_gm_median": 744.0161970667541,
  "summary_gm_n": 42036.0,
  "summary_gm_p05": 631.8276621960104,
  "summary_gm_p95": 867.1289984621108,
  "summary_gm_stdv": 71.30144030731573,
  "summary_wm_k": 0.9652942412692318,
  "summary_wm_mad": 63.056544140234486,
  "summary_wm_mean": 1003.1258430583393,
  "summary_wm_median": 1000.0613652728498,
  "summary_wm_n": 475900.0,
  "summary_wm_p05": 899.8404257521033,
  "summary_wm_p95": 1116.2390985935926,
  "summary_wm_stdv": 66.73604558012084,
  "tpm_overlap_csf": 0.16093569993972778,
  "tpm_overlap_gm": 0.40200144052505493,
  "tpm_overlap_wm": 0.47822684049606323,
  "wm2max": 0.38443390662231347
}