{
  "bids_meta": {
    "AcquisitionMatrixPE": 256,
    "AcquisitionNumber": 1,
    "AcquisitionTime": "16:43:18.457500",
    "BaseResolution": 256,
    "BodyPartExamined": "BRAIN",
    "ConsistencyInfo": "N4_VE11A_LATEST_20140830",
    "ConversionSoftware": "dcm2niix",
    "ConversionSoftwareVersion": "v1.0.20171215 (OpenJPEG build) GCC7.2.0",
    "DeviceSerialNumber": "45685",
    "DwellTime": 1.03e-05,
    "EchoTime": 0.00344,
    "FlipAngle": 10,
    "ImageComments": "Image_quality:_high",
    "ImageOrientationPatientDICOM": [
      0.998509,
      -0.053905,
      0.0085519,
      0.00827291,
      -0.00539664,
      -0.999951
    ],
    "ImageType": [
      "ORIGINAL",
      "PRIMARY",
      "M",
      "DIS2D"
    ],
    "InPlanePhaseEncodingDirectionDICOM": "ROW",
    "InstitutionAddress": "HAWKINS_DRIVE_200_IOWA_CITY_IOWA_US_52242",
    "InstitutionName": "UIHC_SKYRA",
    "InstitutionalDepartmentName": "Department",
    "InversionTime": 1,
    "MRAcquisitionType": "3D",
    "MagneticFieldStrength": 3,
    "Manufacturer": "Siemens",
    "ManufacturersModelName": "Skyra",
    "Modality": "MR",
    "PartialFourier": 1,
    "PatientPosition": "HFS",
    "PercentPhaseFOV": 100,
    "PhaseEncodingSteps": 256,
    "PhaseResolution": 1,
    "PixelBandwidth": 190,
    "ProcedureStepDescription": "RESEARCH_HOWARD",
    "ProtocolName": "MPRAGE_TI=1000",
    "PulseSequenceDetails": "%SiemensSeq%_tfl",
    "ReceiveCoilActiveElements": "HE",
    "ReceiveCoilName": "TxRx_CP_Head",
    "ReconMatrixPE": 256,
    "RepetitionTime": 1.9,
    "SAR": 0.0354027,
    "ScanOptions": "IR",
    "ScanningSequence": "GR_IR",
    "SequenceName": "_tfl3d1_16ns",
    "SequenceVariant": "SK_SP_MP",
    "SeriesDescription": "MPRAGE_TI=1000",
    "SeriesNumber": 2,
    "ShimSetting": [
      -3821,
      -1517,
      -1097,
      -19,
      166,
      -28,
      413,
      393
    ],
    "SliceThickness": 1,
    "SoftwareVersions": "syngo_MR_E11",
    "StationName": "AWP45685",
    "TxRefAmp": 190.99,
    "dataset": "ds002799",
    "modality": "T1w",
    "session_id": "postop",
    "subject_id": "403"
  },
  "cjv": 0.6893348997359239,
  "cnr": 1.930334477895341,
  "efc": 0.656671579376549,
  "fber": 105.69412149267238,
  "fwhm_avg": 3.7058573037645055,
  "fwhm_x": 3.72936704,
  "fwhm_y": 3.848113991293518,
  "fwhm_z": 3.54009088,
  "icvs_csf": 0.20069689958617298,
  "icvs_gm": 0.3992920726528114,
  "icvs_wm": 0.4000110277610156,
  "inu_med": 1.4106731414794922,
  "inu_range": 0.5435881018638611,
  "provenance": {
    "md5sum": "600bce4bae1d97f7d5932fcefa2e9ca1",
    "settings": {
      "testing": false
    },
    "software": "mriqc",
    "version": "21.0.0rc2",
    "warnings": {
      "large_rot_frame": true,
      "small_air_mask": false
    },
    "webapi_port": null,
    "webapi_url": "https://mriqc.nimh.nih.gov/api/v1"
  },
  "qi_1": 0.0,
  "qi_2": 0.002993460585004298,
  "rpve_csf": 38.22225185022521,
  "rpve_gm": 18.69536782567523,
  "rpve_wm": 21.251531847569876,
  "size_x": 256,
  "size_y": 224,
  "size_z": 256,
  "snr_csf": 0.9474289063974441,
  "snr_gm": 11.10554012178394,
  "snr_total": 9.233046678267952,
  "snr_wm": 15.64617100662247,
  "snrd_csf": 11.361910765952453,
  "snrd_gm": 17.936758172404602,
  "snrd_total": 17.19844570811244,
  "snrd_wm": 22.296668185980263,
  "spacing_x": 0.9765625,
  "spacing_y": 0.9999963641166687,
  "spacing_z": 0.9765625,
  "summary_bg_k": 1.4851928784131765,
  "summary_bg_mad": 29.38270416350585,
  "summary_bg_mean": 69.17579278491296,
  "summary_bg_median": 65.97853291779757,
  "summary_bg_n": 3069019.0,
  "summary_bg_p05": 25.350950695574284,
  "summary_bg_p95": 123.45169801265001,
  "summary_bg_stdv": 30.488543283614923,
  "summary_csf_k": 0.7951497288346703,
  "summary_csf_mad": 170.90939588439235,
  "summary_csf_mean": 746.7308650213142,
  "summary_csf_median": 509.57888189703226,
  "summary_csf_n": 45321.0,
  "summary_csf_p05": 304.12883196026087,
  "summary_csf_p95": 1916.9282392412424,
  "summary_csf_stdv": 537.8485462501366,
  "summary_gm_k": 0.059381601981842724,
  "summary_gm_mad": 72.47733693664776,
  "summary_gm_mean": 805.3148353254367,
  "summary_gm_median": 804.4591585546732,
  "summary_gm_n": 28362.0,
  "summary_gm_p05": 687.8654294516891,
  "summary_gm_p95": 925.677165308967,
  "summary_gm_stdv": 72.43636667994714,
  "summary_wm_k": 0.4073436813331206,
  "summary_wm_mad": 62.31581841343532,
  "summary_wm_mean": 1003.617515908583,
  "summary_wm_median": 1000.0000420957804,
  "summary_wm_n": 190349.0,
  "summary_wm_p05": 905.6152321770787,
  "summary_wm_p95": 1114.285761192441,
  "summary_wm_stdv": 63.91323569932487,
  "tpm_overlap_csf": 0.12712758779525757,
  "tpm_overlap_gm": 0.386566698551178,
  "tpm_overlap_wm": 0.454311341047287,
  "wm2max": 0.510798721535306
}