{
  "bids_meta": {
    "AcquisitionMatrixPE": 256,
    "AcquisitionNumber": 1,
    "AcquisitionTime": "15:57:59.482500",
    "BaseResolution": 256,
    "ConversionSoftware": "dcm2niix",
    "ConversionSoftwareVersion": "v1.0.20171215 (OpenJPEG build) GCC7.2.0",
    "DeviceSerialNumber": "35267",
    "DwellTime": 3e-06,
    "EchoTime": 0.00174,
    "FlipAngle": 10,
    "ImageComments": "PROJECT:MH_EPIL_SUBJECT:335_SESSION:20160126",
    "ImageOrientationPatientDICOM": [
      0,
      1,
      0,
      0,
      0,
      -1
    ],
    "ImageType": [
      "ORIGINAL",
      "PRIMARY",
      "OTHER",
      "ND",
      "NORM",
      "MEAN"
    ],
    "InPlanePhaseEncodingDirectionDICOM": "ROW",
    "InstitutionAddress": "Newton_Road_500_Iowa_City_CDI_US_52242",
    "InstitutionName": "University_of_Iowa",
    "InstitutionalDepartmentName": "Department",
    "MRAcquisitionType": "3D",
    "MagneticFieldStrength": 3,
    "Manufacturer": "Siemens",
    "ManufacturersModelName": "TrioTim",
    "Modality": "MR",
    "ParallelReductionFactorInPlane": 2,
    "PartialFourier": 1,
    "PatientPosition": "HFS",
    "PercentPhaseFOV": 100,
    "PhaseEncodingSteps": 255,
    "PhaseResolution": 1,
    "PixelBandwidth": 651,
    "ProcedureStepDescription": "RESEARCH_HOWARD",
    "ProtocolName": "MULTI_ECHO_MPRAGE_V-4",
    "PulseSequenceDetails": "%CustomerSeq%_WIP711_Moco_tfl_multiecho_epinav_711",
    "ReceiveCoilName": "HeadMatrix",
    "ReconMatrixPE": 256,
    "RepetitionTime": 2.15,
    "SAR": 0.138977,
    "ScanOptions": "IR",
    "ScanningSequence": "GR_IR",
    "SequenceName": "Moco3d4_ns",
    "SequenceVariant": "SP_MP",
    "SeriesDescription": "MULTI_ECHO_MPRAGE_V-4_RMS",
    "SeriesNumber": 17,
    "ShimSetting": [
      6519,
      25287,
      6131,
      242,
      38,
      -683,
      166,
      17
    ],
    "SliceThickness": 1,
    "SoftwareVersions": "syngo_MR_B17",
    "StationName": "MRC35267",
    "TxRefAmp": 314.396,
    "dataset": "ds002799",
    "modality": "T1w",
    "session_id": "preop",
    "subject_id": "335"
  },
  "cjv": 1.0077385677489168,
  "cnr": 1.403858398934346,
  "efc": 0.6512836057675823,
  "fber": 768.7398395563112,
  "fwhm_avg": 3.5435199999999996,
  "fwhm_x": 3.58788,
  "fwhm_y": 3.74992,
  "fwhm_z": 3.29276,
  "icvs_csf": 0.20970889014675279,
  "icvs_gm": 0.40650419276147876,
  "icvs_wm": 0.3837869170917685,
  "inu_med": 1.6095030307769775,
  "inu_range": 0.733373725414276,
  "provenance": {
    "md5sum": "a2f79f29d756dc6ba63ecf894975d511",
    "settings": {
      "testing": false
    },
    "software": "mriqc",
    "version": "21.0.0rc2",
    "warnings": {
      "large_rot_frame": true,
      "small_air_mask": false
    },
    "webapi_port": null,
    "webapi_url": "https://mriqc.nimh.nih.gov/api/v1"
  },
  "qi_1": 0.0,
  "qi_2": 0.020022873356063068,
  "rpve_csf": 25.426971052847577,
  "rpve_gm": 12.849251528806649,
  "rpve_wm": 15.657487658908236,
  "size_x": 176,
  "size_y": 256,
  "size_z": 256,
  "snr_csf": 3.832920639070426,
  "snr_gm": 10.860319753568083,
  "snr_total": 10.106666233780329,
  "snr_wm": 15.626758308702476,
  "snrd_csf": 20.352065762403573,
  "snrd_gm": 38.24377189502408,
  "snrd_total": 34.44867171220276,
  "snrd_wm": 44.750177479180614,
  "spacing_x": 1.0,
  "spacing_y": 1.0,
  "spacing_z": 1.0,
  "summary_bg_k": 812.1307058476671,
  "summary_bg_mad": 14.640753945040867,
  "summary_bg_mean": 30.91185651502126,
  "summary_bg_median": 29.70639145001769,
  "summary_bg_n": 3607223.0,
  "summary_bg_p05": 9.91567648947239,
  "summary_bg_p95": 68.31250892952085,
  "summary_bg_stdv": 20.96811000190888,
  "summary_csf_k": 0.874183148822997,
  "summary_csf_mad": 110.25752970956702,
  "summary_csf_mean": 475.5830466565985,
  "summary_csf_median": 454.82070192694664,
  "summary_csf_n": 45497.0,
  "summary_csf_p05": 320.51205111667514,
  "summary_csf_p95": 702.964569877833,
  "summary_csf_stdv": 118.6603497354255,
  "summary_gm_k": -0.3434681343972201,
  "summary_gm_mad": 83.9885226312221,
  "summary_gm_mean": 857.8119738109743,
  "summary_gm_median": 854.6581649594009,
  "summary_gm_n": 9036.0,
  "summary_gm_p05": 732.8558643115684,
  "summary_gm_p95": 988.2353314384818,
  "summary_gm_stdv": 78.69113352102971,
  "summary_wm_k": 0.31825534588011806,
  "summary_wm_mad": 62.53951685165605,
  "summary_wm_mean": 1004.6661902396056,
  "summary_wm_median": 1000.0609947927296,
  "summary_wm_n": 209572.0,
  "summary_wm_p05": 908.2597112283111,
  "summary_wm_p95": 1117.0984877832234,
  "summary_wm_stdv": 63.99654932095122,
  "tpm_overlap_csf": 0.1641242653131485,
  "tpm_overlap_gm": 0.434599906206131,
  "tpm_overlap_wm": 0.4951018989086151,
  "wm2max": 0.5872312110441458
}