{
  "bids_meta": {
    "AcquisitionMatrixPE": 256,
    "AcquisitionNumber": 1,
    "AcquisitionTime": "15:40:38.570000",
    "BaseResolution": 256,
    "BodyPartExamined": "BRAIN",
    "ConsistencyInfo": "N4_VD13C_LATEST_20121124",
    "ConversionSoftware": "dcm2niix",
    "ConversionSoftwareVersion": "v1.0.20171103 (OpenJPEG build) GCC6.3.0",
    "DeviceSerialNumber": "45685",
    "DwellTime": 1.03e-05,
    "EchoTime": 0.00348,
    "FlipAngle": 10,
    "ImageComments": "Image_quality:_not_assessed",
    "ImageOrientationPatientDICOM": [
      1,
      -3.05737e-05,
      0.000158795,
      0.00014541,
      -0.259662,
      -0.9657
    ],
    "ImageType": [
      "ORIGINAL",
      "PRIMARY",
      "M",
      "DIS2D"
    ],
    "InPlanePhaseEncodingDirectionDICOM": "ROW",
    "InstitutionAddress": "HAWKINS_DRIVE_200_IOWA_CITY_IOWA_US_52242",
    "InstitutionName": "UIHC",
    "InstitutionalDepartmentName": "Department",
    "InversionTime": 1,
    "MRAcquisitionType": "3D",
    "MagneticFieldStrength": 3,
    "Manufacturer": "Siemens",
    "ManufacturersModelName": "Skyra",
    "Modality": "MR",
    "PartialFourier": 1,
    "PatientPosition": "HFS",
    "PercentPhaseFOV": 100,
    "PhaseEncodingSteps": 256,
    "PhaseResolution": 1,
    "PixelBandwidth": 190,
    "ProcedureStepDescription": "RESEARCH_HOWARD",
    "ProtocolName": "MPRAGE_TI=1000",
    "PulseSequenceDetails": "%SiemensSeq%_tfl",
    "ReceiveCoilActiveElements": "HE",
    "ReceiveCoilName": "Head_TxRx",
    "ReconMatrixPE": 256,
    "RepetitionTime": 2,
    "SAR": 0.100107,
    "ScanOptions": "IR",
    "ScanningSequence": "GR_IR",
    "SequenceName": "_tfl3d1_16ns",
    "SequenceVariant": "SK_SP_MP",
    "SeriesDescription": "MPRAGE_TI=1000",
    "SeriesNumber": 2,
    "ShimSetting": [
      -3873,
      -1176,
      -1088,
      201,
      563,
      -404,
      -93,
      57
    ],
    "SliceThickness": 1,
    "SoftwareVersions": "syngo_MR_D13C",
    "StationName": "AWP45685",
    "TxRefAmp": 183.653,
    "dataset": "ds002799",
    "modality": "T1w",
    "session_id": "postop",
    "subject_id": "302"
  },
  "cjv": 0.6814235452517214,
  "cnr": 1.9600011821310221,
  "efc": 0.644644427638102,
  "fber": 122.67878673972444,
  "fwhm_avg": 3.781900013809446,
  "fwhm_x": 3.62592256,
  "fwhm_y": 4.004388041428339,
  "fwhm_z": 3.71538944,
  "icvs_csf": 0.1785910565945245,
  "icvs_gm": 0.4430348688461148,
  "icvs_wm": 0.3783740745593607,
  "inu_med": 1.7865731716156006,
  "inu_range": 0.6980313658714294,
  "provenance": {
    "md5sum": "51140f578d10255e5e3eb8efb1564063",
    "settings": {
      "testing": false
    },
    "software": "mriqc",
    "version": "21.0.0rc2",
    "warnings": {
      "large_rot_frame": true,
      "small_air_mask": false
    },
    "webapi_port": null,
    "webapi_url": "https://mriqc.nimh.nih.gov/api/v1"
  },
  "qi_1": 0.0,
  "qi_2": 0.008965472797975917,
  "rpve_csf": 39.925327609888235,
  "rpve_gm": 16.7188797086469,
  "rpve_wm": 20.995766488734397,
  "size_x": 256,
  "size_y": 224,
  "size_z": 256,
  "snr_csf": 1.0332099069100609,
  "snr_gm": 11.698002774929002,
  "snr_total": 9.322124641492653,
  "snr_wm": 15.235161242638897,
  "snrd_csf": 12.986327331649166,
  "snrd_gm": 22.94230219613234,
  "snrd_total": 21.464473084639497,
  "snrd_wm": 28.464789726136992,
  "spacing_x": 0.9765625,
  "spacing_y": 1.0000054836273193,
  "spacing_z": 0.9765625,
  "summary_bg_k": 3.5530544775905675,
  "summary_bg_mad": 23.015675363900673,
  "summary_bg_mean": 59.303369232259605,
  "summary_bg_median": 57.460269175469875,
  "summary_bg_n": 3240798.0,
  "summary_bg_p05": 21.55679752677679,
  "summary_bg_p95": 108.07827838510275,
  "summary_bg_stdv": 27.253412595622518,
  "summary_csf_k": 8.361955939251557,
  "summary_csf_mad": 122.6593694156697,
  "summary_csf_mean": 590.7759317668686,
  "summary_csf_median": 456.22423707693815,
  "summary_csf_n": 38652.0,
  "summary_csf_p05": 305.47379976511,
  "summary_csf_p95": 1748.098098142816,
  "summary_csf_stdv": 441.5543562810274,
  "summary_gm_k": -0.07482751594868597,
  "summary_gm_mad": 69.1561051218627,
  "summary_gm_mean": 810.2441958092999,
  "summary_gm_median": 805.9887949004769,
  "summary_gm_n": 41136.0,
  "summary_gm_p05": 703.1893568653613,
  "summary_gm_p95": 930.105919227004,
  "summary_gm_stdv": 68.89885510480583,
  "summary_wm_k": 0.5076977314381614,
  "summary_wm_mad": 63.04767943286535,
  "summary_wm_mean": 1004.7211150170228,
  "summary_wm_median": 999.999972641468,
  "summary_wm_n": 185134.0,
  "summary_wm_p05": 905.1647780612111,
  "summary_wm_p95": 1119.997026450932,
  "summary_wm_stdv": 65.63745903080432,
  "tpm_overlap_csf": 0.13081501424312592,
  "tpm_overlap_gm": 0.4188989996910095,
  "tpm_overlap_wm": 0.4515332579612732,
  "wm2max": 0.49378769163699776
}