{
  "bids_meta": {
    "AcquisitionMatrixPE": 256,
    "AcquisitionNumber": 1,
    "AcquisitionTime": "15:39:53.610000",
    "BaseResolution": 256,
    "BodyPartExamined": "BRAIN",
    "ConsistencyInfo": "N4_VD13C_LATEST_20121124",
    "ConversionSoftware": "dcm2niix",
    "ConversionSoftwareVersion": "v1.0.20171103 (OpenJPEG build) GCC7.2.1",
    "DeviceSerialNumber": "45685",
    "DwellTime": 1.03e-05,
    "EchoTime": 0.00344,
    "FlipAngle": 10,
    "ImageComments": "Image_quality:_not_assessed",
    "ImageOrientationPatientDICOM": [
      1,
      0,
      0.000164435,
      0.000164435,
      0,
      -1
    ],
    "ImageType": [
      "ORIGINAL",
      "PRIMARY",
      "M",
      "DIS2D"
    ],
    "InPlanePhaseEncodingDirectionDICOM": "ROW",
    "InstitutionAddress": "HAWKINS_DRIVE_200_IOWA_CITY_IOWA_US_52242",
    "InstitutionName": "UIHC",
    "InstitutionalDepartmentName": "Department",
    "InversionTime": 1,
    "MRAcquisitionType": "3D",
    "MagneticFieldStrength": 3,
    "Manufacturer": "Siemens",
    "ManufacturersModelName": "Skyra",
    "Modality": "MR",
    "PartialFourier": 1,
    "PatientPosition": "HFS",
    "PercentPhaseFOV": 100,
    "PhaseEncodingSteps": 256,
    "PhaseResolution": 1,
    "PixelBandwidth": 190,
    "ProcedureStepDescription": "RESEARCH_HOWARD",
    "ProtocolName": "MPRAGE_TI=1000",
    "PulseSequenceDetails": "%SiemensSeq%_tfl",
    "ReceiveCoilActiveElements": "HE",
    "ReceiveCoilName": "Head_TxRx",
    "ReconMatrixPE": 256,
    "RepetitionTime": 1.9,
    "SAR": 0.124689,
    "ScanOptions": "IR",
    "ScanningSequence": "GR_IR",
    "SequenceName": "_tfl3d1_16ns",
    "SequenceVariant": "SK_SP_MP",
    "SeriesDescription": "MPRAGE_TI=1000",
    "SeriesNumber": 2,
    "ShimSetting": [
      -3848,
      -1334,
      -1123,
      242,
      228,
      -544,
      328,
      228
    ],
    "SliceThickness": 1,
    "SoftwareVersions": "syngo_MR_D13C",
    "StationName": "AWP45685",
    "TxRefAmp": 182.868,
    "dataset": "ds002799",
    "modality": "T1w",
    "session_id": "postop",
    "subject_id": "303"
  },
  "cjv": 0.6232556355846569,
  "cnr": 2.1431304865421748,
  "efc": 0.6198781633009609,
  "fber": 224.78461171510625,
  "fwhm_avg": 3.983876293333333,
  "fwhm_x": 4.0162816,
  "fwhm_y": 4.10485,
  "fwhm_z": 3.83049728,
  "icvs_csf": 0.20064392580563137,
  "icvs_gm": 0.40638917476045966,
  "icvs_wm": 0.392966899433909,
  "inu_med": 1.9448328018188477,
  "inu_range": 0.8620433807373047,
  "provenance": {
    "md5sum": "c82047c205d5dfceafa46975db1d56e3",
    "settings": {
      "testing": false
    },
    "software": "mriqc",
    "version": "21.0.0rc2",
    "warnings": {
      "large_rot_frame": true,
      "small_air_mask": false
    },
    "webapi_port": null,
    "webapi_url": "https://mriqc.nimh.nih.gov/api/v1"
  },
  "qi_1": 0.0,
  "qi_2": 0.00848690984740052,
  "rpve_csf": 42.936624371221086,
  "rpve_gm": 21.08888882442695,
  "rpve_wm": 25.040610251721116,
  "size_x": 256,
  "size_y": 224,
  "size_z": 256,
  "snr_csf": 1.6452096452032263,
  "snr_gm": 13.066087739553947,
  "snr_total": 9.637737395377023,
  "snr_wm": 14.201914801373897,
  "snrd_csf": 16.52167060967033,
  "snrd_gm": 27.951309548760165,
  "snrd_total": 26.537680100317118,
  "snrd_wm": 35.140060142520866,
  "spacing_x": 0.9765625,
  "spacing_y": 1.0,
  "spacing_z": 0.9765625,
  "summary_bg_k": 1.5112118057489736,
  "summary_bg_mad": 18.64514861917582,
  "summary_bg_mean": 47.41936687810758,
  "summary_bg_median": 46.590139746665955,
  "summary_bg_n": 2625788.0,
  "summary_bg_p05": 17.471302404999733,
  "summary_bg_p95": 85.33085377514362,
  "summary_bg_stdv": 21.16939450287196,
  "summary_csf_k": 16.79625222879268,
  "summary_csf_mad": 99.10709870058557,
  "summary_csf_mean": 530.3586489198289,
  "summary_csf_median": 470.2059212476015,
  "summary_csf_n": 30475.0,
  "summary_csf_p05": 329.5070753097534,
  "summary_csf_p95": 975.8102204114175,
  "summary_csf_stdv": 285.798352774053,
  "summary_gm_k": -0.05696907223922132,
  "summary_gm_mad": 62.31734236476213,
  "summary_gm_mean": 795.8443362910272,
  "summary_gm_median": 795.4928752034903,
  "summary_gm_n": 14935.0,
  "summary_gm_p05": 696.1512185335159,
  "summary_gm_p95": 895.8726817265152,
  "summary_gm_stdv": 60.88021592843284,
  "summary_wm_k": 1.7529340268127287,
  "summary_wm_mad": 65.19545255429934,
  "summary_wm_mean": 1003.4445050856793,
  "summary_wm_median": 1000.0843584388494,
  "summary_wm_n": 162879.0,
  "summary_wm_p05": 894.9189343005419,
  "summary_wm_p95": 1118.425001443923,
  "summary_wm_stdv": 70.41876411728542,
  "tpm_overlap_csf": 0.10211429744958878,
  "tpm_overlap_gm": 0.37872183322906494,
  "tpm_overlap_wm": 0.39729076623916626,
  "wm2max": 0.5794707674749799
}