{
  "aor": 0.010150694444444445,
  "aqi": 0.03523283644444445,
  "bids_meta": {
    "AcquisitionMatrixPE": 64,
    "AcquisitionNumber": 1,
    "AcquisitionTime": "16:50:7.870000",
    "BandwidthPerPixelPhaseEncode": 27.902,
    "BaseResolution": 64,
    "ConversionSoftware": "dcm2niix",
    "ConversionSoftwareVersion": "v1.0.20171103 (OpenJPEG build) GCC7.2.1",
    "DerivedVendorReportedEchoSpacing": 0.000559996,
    "DeviceSerialNumber": "35267",
    "DwellTime": 3.9e-06,
    "EchoTime": 0.03,
    "EffectiveEchoSpacing": 0.000559996,
    "FlipAngle": 75,
    "ImageComments": "PROJECT:MH_EPIL_SUBJECT:97879989_SESSION:20140916",
    "ImageOrientationPatientDICOM": [
      1,
      0,
      0,
      0,
      0.998971,
      0.045363
    ],
    "ImageType": [
      "ORIGINAL",
      "PRIMARY",
      "M",
      "ND",
      "MOSAIC"
    ],
    "InPlanePhaseEncodingDirectionDICOM": "COL",
    "InstitutionAddress": "Newton_Road_500_Iowa_City_CDI_US_52242",
    "InstitutionName": "University_of_Iowa",
    "InstitutionalDepartmentName": "Department",
    "MRAcquisitionType": "2D",
    "MagneticFieldStrength": 3,
    "Manufacturer": "Siemens",
    "ManufacturersModelName": "TrioTim",
    "Modality": "MR",
    "PartialFourier": 1,
    "PatientPosition": "HFS",
    "PercentPhaseFOV": 100,
    "PhaseEncodingDirection": "j-",
    "PhaseEncodingSteps": 64,
    "PhaseResolution": 1,
    "PixelBandwidth": 2003,
    "ProcedureStepDescription": "RESEARCH_HOWARD",
    "ProtocolName": "PPG_RESTING_STATE",
    "PulseSequenceDetails": "%SiemensSeq%_ep2d_pace",
    "ReceiveCoilName": "HeadMatrix",
    "ReconMatrixPE": 64,
    "RepetitionTime": 2,
    "SAR": 0.122743,
    "ScanOptions": "FS",
    "ScanningSequence": "EP",
    "SequenceName": "_epfid2d1_64",
    "SequenceVariant": "SK",
    "SeriesDescription": "PPG_RESTING_STATE",
    "SeriesNumber": 10,
    "ShimSetting": [
      6539,
      25349,
      6164,
      653,
      86,
      -249,
      94,
      -19
    ],
    "SliceThickness": 3.5,
    "SliceTiming": [
      0,
      0.0625,
      0.1275,
      0.1925,
      0.255,
      0.32,
      0.385,
      0.4475,
      0.5125,
      0.5775,
      0.64,
      0.705,
      0.7675,
      0.8325,
      0.8975,
      0.96,
      1.025,
      1.09,
      1.1525,
      1.2175,
      1.2825,
      1.345,
      1.41,
      1.475,
      1.5375,
      1.6025,
      1.6675,
      1.73,
      1.795,
      1.8575,
      1.9225
    ],
    "SoftwareVersions": "syngo_MR_B17",
    "SpacingBetweenSlices": 4.025,
    "StationName": "MRC35267",
    "TaskName": "rest",
    "TotalReadoutTime": 0.0352797,
    "TxRefAmp": 272.936,
    "dataset": "ds002799",
    "modality": "bold",
    "run_id": 1,
    "session_id": "preop",
    "subject_id": "294",
    "task_id": "rest"
  },
  "dummy_trs": 0,
  "dvars_nstd": 41.43746985451255,
  "dvars_std": 1.0779623042061282,
  "dvars_vstd": 1.0060310089972162,
  "efc": 0.4861604793989934,
  "fber": 1435.6568603515625,
  "fd_mean": 0.886048662212439,
  "fd_num": 337,
  "fd_perc": 93.61111111111111,
  "fwhm_avg": 1.7960271355853552,
  "fwhm_x": 1.694208,
  "fwhm_y": 2.058213818181818,
  "fwhm_z": 1.6356595885742473,
  "gcor": 0.0187365,
  "gsr_x": -0.015230581164360046,
  "gsr_y": 0.0394006185233593,
  "provenance": {
    "md5sum": "00bd4cc4ef9f6b6ed9281c48c4c67d55",
    "settings": {
      "fd_thres": 0.2,
      "testing": false
    },
    "software": "mriqc",
    "version": "21.0.0rc2",
    "webapi_port": null,
    "webapi_url": "https://mriqc.nimh.nih.gov/api/v1"
  },
  "size_t": 360,
  "size_x": 64,
  "size_y": 64,
  "size_z": 31,
  "snr": 5.957612414237254,
  "spacing_tr": 2.0,
  "spacing_x": 3.4375,
  "spacing_y": 3.4375,
  "spacing_z": 4.025000095367432,
  "summary_bg_k": 36.53434802148198,
  "summary_bg_mad": 8.891495976991742,
  "summary_bg_mean": 41.134010314941406,
  "summary_bg_median": 20.144445419311523,
  "summary_bg_n": 81825.0,
  "summary_bg_p05": 10.120000457763673,
  "summary_bg_p95": 143.13333129882824,
  "summary_bg_stdv": 63.905452728271484,
  "summary_fg_k": 2.13617754090635,
  "summary_fg_mad": 112.98254181638222,
  "summary_fg_mean": 777.609619140625,
  "summary_fg_median": 765.6333618164062,
  "summary_fg_n": 16990.0,
  "summary_fg_p05": 589.2122283935547,
  "summary_fg_p95": 994.5915496826171,
  "summary_fg_stdv": 128.50967407226562,
  "tsnr": 24.446452237316407
}