{
  "aor": 0.01435940909090909,
  "aqi": 0.017241865863636366,
  "bids_meta": {
    "AcquisitionMatrixPE": 68,
    "AcquisitionNumber": 1,
    "AcquisitionTime": "18:48:42.470000",
    "BandwidthPerPixelPhaseEncode": 25.355,
    "BaseResolution": 68,
    "BodyPartExamined": "BRAIN",
    "ConsistencyInfo": "N4_VE11A_LATEST_20140830",
    "ConversionSoftware": "dcm2niix",
    "ConversionSoftwareVersion": "v1.0.20170923 (OpenJPEG build) GCC6.3.0",
    "DerivedVendorReportedEchoSpacing": 0.000579999,
    "DeviceSerialNumber": "45685",
    "DwellTime": 3.8e-06,
    "EchoTime": 0.03,
    "EchoTrainLength": 68,
    "EffectiveEchoSpacing": 0.000579999,
    "FlipAngle": 90,
    "ImageType": [
      "ORIGINAL",
      "PRIMARY",
      "M",
      "ND",
      "MOSAIC"
    ],
    "InstitutionAddress": "HAWKINS_DRIVE_200_IOWA_CITY_IOWA_US_52242",
    "InstitutionName": "UIHC_SKYRA",
    "MagneticFieldStrength": 3,
    "Manufacturer": "Siemens",
    "ManufacturersModelName": "Skyra",
    "Modality": "MR",
    "PartialFourier": 1,
    "PercentPhaseFOV": 100,
    "PhaseEncodingDirection": "j-",
    "PhaseEncodingSteps": 68,
    "PhaseResolution": 1,
    "ProcedureStepDescription": "RESEARCH_HOWARD",
    "ProtocolName": "ES-FMRI",
    "PulseSequenceDetails": "%SiemensSeq%_ep2d_pace",
    "ReceiveCoilActiveElements": "HE",
    "ReceiveCoilName": "TxRx_CP_Head",
    "ReconMatrixPE": 68,
    "RepetitionTime": 3,
    "ScanOptions": "FS",
    "ScanningSequence": "EP",
    "SequenceName": "_epfid2d1_68",
    "SequenceVariant": "SK",
    "SeriesDescription": "ES-FMRI",
    "SliceTiming": [
      1.44,
      0,
      1.505,
      0.065,
      1.57,
      0.1325,
      1.6375,
      0.1975,
      1.7025,
      0.2625,
      1.7675,
      0.3275,
      1.8325,
      0.3925,
      1.8975,
      0.4575,
      1.965,
      0.525,
      2.03,
      0.59,
      2.095,
      0.655,
      2.16,
      0.72,
      2.225,
      0.785,
      2.29,
      0.85,
      2.3575,
      0.9175,
      2.4225,
      0.9825,
      2.4875,
      1.0475,
      2.5525,
      1.1125,
      2.6175,
      1.1775,
      2.685,
      1.245,
      2.75,
      1.31,
      2.815,
      1.375
    ],
    "SoftwareVersions": "syngo_MR_E11",
    "StationName": "AWP45685",
    "TaskName": "es",
    "TotalReadoutTime": 0.03886,
    "dataset": "ds002799",
    "modality": "bold",
    "run_id": 6,
    "session_id": "postop",
    "subject_id": "400",
    "task_id": "es"
  },
  "dummy_trs": 0,
  "dvars_nstd": 61.30972197694068,
  "dvars_std": 1.2778739884931505,
  "dvars_vstd": 1.1196233759360736,
  "efc": 0.4958743529777816,
  "fber": 767.2811889648438,
  "fd_mean": 0.5957505820287176,
  "fd_num": 126,
  "fd_perc": 57.27272727272727,
  "fwhm_avg": 2.1325657637931035,
  "fwhm_x": 1.9764076449311327,
  "fwhm_y": 2.3263696464481773,
  "fwhm_z": 2.09492,
  "gcor": 0.0294695,
  "gsr_x": -0.017843851819634438,
  "gsr_y": 0.02859683148562908,
  "provenance": {
    "md5sum": "c98f239da4bc633876f413cd688fd09b",
    "settings": {
      "fd_thres": 0.2,
      "testing": false
    },
    "software": "mriqc",
    "version": "21.0.0rc2",
    "webapi_port": null,
    "webapi_url": "https://mriqc.nimh.nih.gov/api/v1"
  },
  "size_t": 220,
  "size_x": 68,
  "size_y": 68,
  "size_z": 44,
  "snr": 3.6784585326791284,
  "spacing_tr": 3.0,
  "spacing_x": 3.2352941036224365,
  "spacing_y": 3.2352941036224365,
  "spacing_z": 3.0,
  "summary_bg_k": 50.942675938039386,
  "summary_bg_mad": 2.709118136531985,
  "summary_bg_mean": 29.627666473388672,
  "summary_bg_median": 14.440908432006836,
  "summary_bg_n": 140638.0,
  "summary_bg_p05": 12.481818199157715,
  "summary_bg_p95": 96.80590667724604,
  "summary_bg_stdv": 45.238677978515625,
  "summary_fg_k": 2.973167798833205,
  "summary_fg_mad": 101.01910743529386,
  "summary_fg_mean": 432.7634582519531,
  "summary_fg_median": 423.3454284667969,
  "summary_fg_n": 23247.0,
  "summary_fg_p05": 268.27045288085935,
  "summary_fg_p95": 621.6367858886719,
  "summary_fg_stdv": 115.08525085449219,
  "tsnr": 24.647371488972567
}