{
  "aor": 0.0037637727272727276,
  "aqi": 0.01365182590909091,
  "bids_meta": {
    "AcquisitionMatrixPE": 68,
    "AcquisitionNumber": 1,
    "AcquisitionTime": "17:52:34.132500",
    "BandwidthPerPixelPhaseEncode": 25.355,
    "BaseResolution": 68,
    "BodyPartExamined": "BRAIN",
    "ConsistencyInfo": "N4_VE11A_LATEST_20140830",
    "ConversionSoftware": "dcm2niix",
    "ConversionSoftwareVersion": "v1.0.20170923 (OpenJPEG build) GCC6.3.0",
    "DerivedVendorReportedEchoSpacing": 0.000579999,
    "DeviceSerialNumber": "45685",
    "DwellTime": 3.8e-06,
    "EchoTime": 0.03,
    "EchoTrainLength": 68,
    "EffectiveEchoSpacing": 0.000579999,
    "FlipAngle": 90,
    "ImageType": [
      "ORIGINAL",
      "PRIMARY",
      "M",
      "ND",
      "MOSAIC"
    ],
    "InstitutionAddress": "HAWKINS_DRIVE_200_IOWA_CITY_IOWA_US_52242",
    "InstitutionName": "UIHC_SKYRA",
    "MagneticFieldStrength": 3,
    "Manufacturer": "Siemens",
    "ManufacturersModelName": "Skyra",
    "Modality": "MR",
    "PartialFourier": 1,
    "PercentPhaseFOV": 100,
    "PhaseEncodingDirection": "j-",
    "PhaseEncodingSteps": 68,
    "PhaseResolution": 1,
    "ProcedureStepDescription": "RESEARCH_HOWARD",
    "ProtocolName": "ES-FMRI",
    "PulseSequenceDetails": "%SiemensSeq%_ep2d_pace",
    "ReceiveCoilActiveElements": "HE",
    "ReceiveCoilName": "TxRx_CP_Head",
    "ReconMatrixPE": 68,
    "RepetitionTime": 3,
    "ScanOptions": "FS",
    "ScanningSequence": "EP",
    "SequenceName": "_epfid2d1_68",
    "SequenceVariant": "SK",
    "SeriesDescription": "ES-FMRI",
    "SliceTiming": [
      1.44,
      0,
      1.505,
      0.065,
      1.57,
      0.13,
      1.635,
      0.195,
      1.7,
      0.26,
      1.765,
      0.325,
      1.8325,
      0.3925,
      1.8975,
      0.4575,
      1.9625,
      0.5225,
      2.0275,
      0.5875,
      2.0925,
      0.6525,
      2.16,
      0.72,
      2.225,
      0.785,
      2.29,
      0.85,
      2.355,
      0.915,
      2.42,
      0.98,
      2.485,
      1.045,
      2.5525,
      1.1125,
      2.6175,
      1.1775,
      2.6825,
      1.2425,
      2.7475,
      1.3075,
      2.8125,
      1.3725
    ],
    "SoftwareVersions": "syngo_MR_E11",
    "StationName": "AWP45685",
    "TaskName": "es",
    "TotalReadoutTime": 0.03886,
    "dataset": "ds002799",
    "modality": "bold",
    "run_id": 1,
    "session_id": "postop",
    "subject_id": "400",
    "task_id": "es"
  },
  "dummy_trs": 0,
  "dvars_nstd": 49.070821056484014,
  "dvars_std": 1.1573117950684937,
  "dvars_vstd": 0.98891657543379,
  "efc": 0.495951712291614,
  "fber": 749.850830078125,
  "fd_mean": 0.2245891671699935,
  "fd_num": 62,
  "fd_perc": 28.181818181818183,
  "fwhm_avg": 2.15819935982779,
  "fwhm_x": 1.9917910995432726,
  "fwhm_y": 2.3629536466067647,
  "fwhm_z": 2.1198533333333334,
  "gcor": 0.0418516,
  "gsr_x": -0.017259245738387108,
  "gsr_y": 0.025425542145967484,
  "provenance": {
    "md5sum": "cc8cf73be570baf1fb2e9ab35c4b0885",
    "settings": {
      "fd_thres": 0.2,
      "testing": false
    },
    "software": "mriqc",
    "version": "21.0.0rc2",
    "webapi_port": null,
    "webapi_url": "https://mriqc.nimh.nih.gov/api/v1"
  },
  "size_t": 220,
  "size_x": 68,
  "size_y": 68,
  "size_z": 44,
  "snr": 3.5414907629336696,
  "spacing_tr": 3.0,
  "spacing_x": 3.2352941036224365,
  "spacing_y": 3.2352941036224365,
  "spacing_z": 3.0,
  "summary_bg_k": 43.56062823931521,
  "summary_bg_mad": 2.8371612867715945,
  "summary_bg_mean": 30.51934814453125,
  "summary_bg_median": 14.9909086227417,
  "summary_bg_n": 140371.0,
  "summary_bg_p05": 12.949999809265137,
  "summary_bg_p95": 100.19317626953125,
  "summary_bg_stdv": 45.29441833496094,
  "summary_fg_k": 3.675126231147699,
  "summary_fg_mad": 103.22278605627517,
  "summary_fg_mean": 446.22564697265625,
  "summary_fg_median": 435.4408874511719,
  "summary_fg_n": 23378.0,
  "summary_fg_p05": 276.71748809814454,
  "summary_fg_p95": 651.9629272460934,
  "summary_fg_stdv": 122.95149230957031,
  "tsnr": 30.3011074665701
}