{
  "aor": 0.0010143076923076924,
  "aqi": 0.00633287153846154,
  "bids_meta": {
    "AcquisitionMatrixPE": 64,
    "AcquisitionNumber": 1,
    "AcquisitionTime": "08:37:42.025000",
    "BandwidthPerPixelPhaseEncode": 27.902,
    "BaseResolution": 64,
    "ConversionSoftware": "dcm2niix",
    "ConversionSoftwareVersion": "v1.0.20171103 (OpenJPEG build) GCC6.3.0",
    "DerivedVendorReportedEchoSpacing": 0.000559996,
    "DeviceSerialNumber": "35267",
    "DwellTime": 3.9e-06,
    "EchoTime": 0.03,
    "EffectiveEchoSpacing": 0.000559996,
    "FlipAngle": 80,
    "ImageComments": "PROJECT:MH_EPIL_SUBJECT:334_SESSION:20151207",
    "ImageOrientationPatientDICOM": [
      1,
      0,
      0,
      0,
      1,
      0
    ],
    "ImageType": [
      "ORIGINAL",
      "PRIMARY",
      "M",
      "ND",
      "MOSAIC"
    ],
    "InPlanePhaseEncodingDirectionDICOM": "COL",
    "InstitutionAddress": "Newton_Road_500_Iowa_City_CDI_US_52242",
    "InstitutionName": "University_of_Iowa",
    "InstitutionalDepartmentName": "Department",
    "MRAcquisitionType": "2D",
    "MagneticFieldStrength": 3,
    "Manufacturer": "Siemens",
    "ManufacturersModelName": "TrioTim",
    "Modality": "MR",
    "PartialFourier": 1,
    "PatientPosition": "HFS",
    "PercentPhaseFOV": 100,
    "PhaseEncodingDirection": "j-",
    "PhaseEncodingSteps": 64,
    "PhaseResolution": 1,
    "PixelBandwidth": 2003,
    "ProcedureStepDescription": "RESEARCH_HOWARD",
    "ProtocolName": "REST",
    "PulseSequenceDetails": "%SiemensSeq%_ep2d_pace",
    "ReceiveCoilName": "TxRx_Head",
    "ReconMatrixPE": 64,
    "RepetitionTime": 2.26,
    "SAR": 0.0468127,
    "ScanOptions": "FS",
    "ScanningSequence": "EP",
    "SequenceName": "_epfid2d1_64",
    "SequenceVariant": "SK",
    "SeriesDescription": "REST",
    "SeriesNumber": 7,
    "ShimSetting": [
      6544,
      25391,
      6183,
      567,
      -135,
      -176,
      173,
      16
    ],
    "SliceThickness": 4,
    "SliceTiming": [
      1.125,
      0,
      1.1875,
      0.0625,
      1.25,
      0.125,
      1.3125,
      0.1875,
      1.375,
      0.25,
      1.4375,
      0.3125,
      1.5,
      0.375,
      1.5625,
      0.4375,
      1.625,
      0.5,
      1.6875,
      0.5625,
      1.75,
      0.625,
      1.8125,
      0.6875,
      1.875,
      0.75,
      1.9375,
      0.8125,
      2,
      0.875,
      2.0625,
      0.9375,
      2.125,
      1,
      2.1875,
      1.0625
    ],
    "SoftwareVersions": "syngo_MR_B17",
    "SpacingBetweenSlices": 4,
    "StationName": "MRC35267",
    "TaskName": "rest",
    "TotalReadoutTime": 0.0352797,
    "TxRefAmp": 219.175,
    "dataset": "ds002799",
    "modality": "bold",
    "run_id": 3,
    "session_id": "preop",
    "subject_id": "331",
    "task_id": "rest"
  },
  "dummy_trs": 0,
  "dvars_nstd": 27.99416746108527,
  "dvars_std": 1.297027366046512,
  "dvars_vstd": 1.0162557020155036,
  "efc": 0.5029612825184849,
  "fber": 1747.701416015625,
  "fd_mean": 0.05858159670792801,
  "fd_num": 0,
  "fd_perc": 0.0,
  "fwhm_avg": 1.6441308636363636,
  "fwhm_x": 1.5708538181818184,
  "fwhm_y": 1.8249512727272728,
  "fwhm_z": 1.5365875,
  "gcor": 0.0162365,
  "gsr_x": -0.020978158339858055,
  "gsr_y": 0.04083780571818352,
  "provenance": {
    "md5sum": "2645838571a6c5a13333e13e56cbd059",
    "settings": {
      "fd_thres": 0.2,
      "testing": false
    },
    "software": "mriqc",
    "version": "21.0.0rc2",
    "webapi_port": null,
    "webapi_url": "https://mriqc.nimh.nih.gov/api/v1"
  },
  "size_t": 130,
  "size_x": 64,
  "size_y": 64,
  "size_z": 36,
  "snr": 5.809245651154902,
  "spacing_tr": 2.259999990463257,
  "spacing_x": 3.4375,
  "spacing_y": 3.4375,
  "spacing_z": 4.0,
  "summary_bg_k": 27.3612599526598,
  "summary_bg_mad": 7.219132308248362,
  "summary_bg_mean": 26.11945343017578,
  "summary_bg_median": 11.307692527770996,
  "summary_bg_n": 92494.0,
  "summary_bg_p05": 6.0615386962890625,
  "summary_bg_p95": 95.53076934814453,
  "summary_bg_stdv": 41.3710823059082,
  "summary_fg_k": 2.642605990370819,
  "summary_fg_mad": 72.17994244316253,
  "summary_fg_mean": 496.77423095703125,
  "summary_fg_median": 485.1153869628906,
  "summary_fg_n": 23727.0,
  "summary_fg_p05": 389.5076904296875,
  "summary_fg_p95": 642.789990234375,
  "summary_fg_stdv": 83.50570678710938,
  "tsnr": 68.15823797509074
}