{
  "aor": 0.0007349612403100775,
  "aqi": 0.00557856945736434,
  "bids_meta": {
    "AcquisitionMatrixPE": 64,
    "AcquisitionNumber": 1,
    "AcquisitionTime": "08:19:51.452500",
    "BandwidthPerPixelPhaseEncode": 27.902,
    "BaseResolution": 64,
    "ConversionSoftware": "dcm2niix",
    "ConversionSoftwareVersion": "v1.0.20171103 (OpenJPEG build) GCC6.3.0",
    "DerivedVendorReportedEchoSpacing": 0.000559996,
    "DeviceSerialNumber": "35267",
    "DwellTime": 3.9e-06,
    "EchoTime": 0.03,
    "EffectiveEchoSpacing": 0.000559996,
    "FlipAngle": 80,
    "ImageComments": "PROJECT:MH_EPIL_SUBJECT:334_SESSION:20151207",
    "ImageOrientationPatientDICOM": [
      1,
      0,
      0,
      0,
      1,
      0
    ],
    "ImageType": [
      "ORIGINAL",
      "PRIMARY",
      "M",
      "ND",
      "MOSAIC"
    ],
    "InPlanePhaseEncodingDirectionDICOM": "COL",
    "InstitutionAddress": "Newton_Road_500_Iowa_City_CDI_US_52242",
    "InstitutionName": "University_of_Iowa",
    "InstitutionalDepartmentName": "Department",
    "MRAcquisitionType": "2D",
    "MagneticFieldStrength": 3,
    "Manufacturer": "Siemens",
    "ManufacturersModelName": "TrioTim",
    "Modality": "MR",
    "PartialFourier": 1,
    "PatientPosition": "HFS",
    "PercentPhaseFOV": 100,
    "PhaseEncodingDirection": "j-",
    "PhaseEncodingSteps": 64,
    "PhaseResolution": 1,
    "PixelBandwidth": 2003,
    "ProcedureStepDescription": "RESEARCH_HOWARD",
    "ProtocolName": "REST",
    "PulseSequenceDetails": "%SiemensSeq%_ep2d_pace",
    "ReceiveCoilName": "TxRx_Head",
    "ReconMatrixPE": 64,
    "RepetitionTime": 2.26,
    "SAR": 0.0468127,
    "ScanOptions": "FS",
    "ScanningSequence": "EP",
    "SequenceName": "_epfid2d1_64",
    "SequenceVariant": "SK",
    "SeriesDescription": "REST",
    "SeriesNumber": 2,
    "ShimSetting": [
      6544,
      25391,
      6183,
      567,
      -135,
      -176,
      173,
      16
    ],
    "SliceThickness": 4,
    "SliceTiming": [
      1.125,
      0,
      1.1875,
      0.0625,
      1.25,
      0.125,
      1.3125,
      0.1875,
      1.375,
      0.25,
      1.4375,
      0.3125,
      1.5,
      0.375,
      1.5625,
      0.4375,
      1.625,
      0.5,
      1.6875,
      0.5625,
      1.75,
      0.625,
      1.8125,
      0.6875,
      1.875,
      0.75,
      1.9375,
      0.8125,
      2,
      0.875,
      2.0625,
      0.9375,
      2.125,
      1,
      2.1875,
      1.0625
    ],
    "SoftwareVersions": "syngo_MR_B17",
    "SpacingBetweenSlices": 4,
    "StationName": "MRC35267",
    "TaskName": "rest",
    "TotalReadoutTime": 0.0352797,
    "TxRefAmp": 219.175,
    "dataset": "ds002799",
    "modality": "bold",
    "run_id": 1,
    "session_id": "preop",
    "subject_id": "331",
    "task_id": "rest"
  },
  "dummy_trs": 1,
  "dvars_nstd": 21.211283341328123,
  "dvars_std": 1.1348662687500002,
  "dvars_vstd": 0.9920685667187501,
  "efc": 0.5002590696890598,
  "fber": 1848.2303466796875,
  "fd_mean": 0.036669997683231634,
  "fd_num": 0,
  "fd_perc": 0.0,
  "fwhm_avg": 1.641523636363636,
  "fwhm_x": 1.5642298181818182,
  "fwhm_y": 1.823261090909091,
  "fwhm_z": 1.53708,
  "gcor": 0.00475623,
  "gsr_x": -0.02132606692612171,
  "gsr_y": 0.039944328367710114,
  "provenance": {
    "md5sum": "9683caef2d84ed68003a41766bafd524",
    "settings": {
      "fd_thres": 0.2,
      "testing": false
    },
    "software": "mriqc",
    "version": "21.0.0rc2",
    "webapi_port": null,
    "webapi_url": "https://mriqc.nimh.nih.gov/api/v1"
  },
  "size_t": 129,
  "size_x": 64,
  "size_y": 64,
  "size_z": 36,
  "snr": 5.840687647173026,
  "spacing_tr": 2.259999990463257,
  "spacing_x": 3.4375,
  "spacing_y": 3.4375,
  "spacing_z": 4.0,
  "summary_bg_k": 30.029516689710753,
  "summary_bg_mad": 6.976274640082241,
  "summary_bg_mean": 25.45539665222168,
  "summary_bg_median": 11.085270881652832,
  "summary_bg_n": 92523.0,
  "summary_bg_p05": 6.015503883361816,
  "summary_bg_p95": 91.65581207275372,
  "summary_bg_stdv": 40.477256774902344,
  "summary_fg_k": 2.5671104697575187,
  "summary_fg_mad": 73.75660990862471,
  "summary_fg_mean": 502.9980163574219,
  "summary_fg_median": 491.9418640136719,
  "summary_fg_n": 23648.0,
  "summary_fg_p05": 394.2197540283203,
  "summary_fg_p95": 649.5166351318359,
  "summary_fg_stdv": 84.22492218017578,
  "tsnr": 71.28932008054107
}