{
  "aor": 0.005085538461538462,
  "aqi": 0.002367236053846154,
  "bids_meta": {
    "AcquisitionMatrixPE": 64,
    "AcquisitionNumber": 1,
    "AcquisitionTime": "11:28:15.000000",
    "ConversionSoftware": "dcm2niix",
    "ConversionSoftwareVersion": "v1.0.20180622 GCC7.3.0",
    "DeviceSerialNumber": "0000000319335MR2",
    "EchoTime": 0.03,
    "EffectiveEchoSpacing": 0.00064,
    "FlipAngle": 80,
    "ImageOrientationPatientDICOM": [
      1,
      0,
      0,
      0,
      1,
      0
    ],
    "ImageType": [
      "ORIGINAL",
      "PRIMARY",
      "EPI",
      "NONE"
    ],
    "InPlanePhaseEncodingDirectionDICOM": "COL",
    "InstitutionName": "Iowa_MRRF",
    "MRAcquisitionType": "2D",
    "MagneticFieldStrength": 3,
    "Manufacturer": "GE",
    "ManufacturersModelName": "DISCOVERY_MR750w",
    "Modality": "MR",
    "PatientPosition": "HFS",
    "PercentPhaseFOV": 100,
    "PhaseEncodingAxis": "j",
    "PixelBandwidth": 7812.5,
    "ProcedureStepDescription": "MH_EPIL",
    "ProtocolName": "REST",
    "ReconMatrixPE": 64,
    "RepetitionTime": 2.26,
    "SAR": 0.0404822,
    "ScanOptions": "SAT_GEMS_EPI_GEMS_ACC_GEMS_FS",
    "ScanningSequence": "EP_GR",
    "SequenceVariant": "SS",
    "SeriesDescription": "REST",
    "SeriesNumber": 8,
    "SliceThickness": 4,
    "SoftwareVersions": "25_LX_MR_Software_release:DV25.0_R02_1549.b",
    "SpacingBetweenSlices": 4,
    "StationName": "Iowa3T",
    "TaskName": "rest",
    "TotalReadoutTime": 0.04032,
    "dataset": "ds002799",
    "modality": "bold",
    "run_id": 3,
    "session_id": "preop",
    "subject_id": "376",
    "task_id": "rest"
  },
  "dummy_trs": 0,
  "dvars_nstd": 11.406413481240307,
  "dvars_std": 1.004806188527131,
  "dvars_vstd": 0.9355276963565895,
  "efc": 0.4316923319522412,
  "fber": 47795.47265625,
  "fd_mean": 0.06818810752037158,
  "fd_num": 5,
  "fd_perc": 3.8461538461538463,
  "fwhm_avg": 2.320134878787879,
  "fwhm_x": 2.3117934545454544,
  "fwhm_y": 2.466906181818182,
  "fwhm_z": 2.181705,
  "gcor": 0.0373293,
  "gsr_x": -0.01549849659204483,
  "gsr_y": 0.026931367814540863,
  "provenance": {
    "md5sum": "b038186daccd174bae47527aa40e46de",
    "settings": {
      "fd_thres": 0.2,
      "testing": false
    },
    "software": "mriqc",
    "version": "21.0.0rc2",
    "webapi_port": null,
    "webapi_url": "https://mriqc.nimh.nih.gov/api/v1"
  },
  "size_t": 130,
  "size_x": 64,
  "size_y": 64,
  "size_z": 30,
  "snr": 4.312371398444039,
  "spacing_tr": 2.259999990463257,
  "spacing_x": 3.4375,
  "spacing_y": 3.4375,
  "spacing_z": 4.0,
  "summary_bg_k": 126.8309290953199,
  "summary_bg_mad": 9.728151275616153,
  "summary_bg_mean": 31.473291397094727,
  "summary_bg_median": 6.715384483337402,
  "summary_bg_n": 77065.0,
  "summary_bg_p05": 0.0,
  "summary_bg_p95": 137.45076599121097,
  "summary_bg_stdv": 94.29492950439453,
  "summary_fg_k": 1.2311074238416362,
  "summary_fg_mad": 309.86377317681274,
  "summary_fg_mean": 1427.2271728515625,
  "summary_fg_median": 1390.7615966796875,
  "summary_fg_n": 18488.0,
  "summary_fg_p05": 987.5923065185547,
  "summary_fg_p95": 2016.097363281249,
  "summary_fg_stdv": 322.496337890625,
  "tsnr": 91.97337500797585
}