{
  "aor": 0.002984796380090498,
  "aqi": 0.011814966425339364,
  "bids_meta": {
    "AcquisitionMatrixPE": 68,
    "AcquisitionNumber": 1,
    "AcquisitionTime": "18:23:49.060000",
    "BandwidthPerPixelPhaseEncode": 25.355,
    "BaseResolution": 68,
    "BodyPartExamined": "BRAIN",
    "ConsistencyInfo": "N4_VE11A_LATEST_20140830",
    "ConversionSoftware": "dcm2niix",
    "ConversionSoftwareVersion": "v1.0.20171103 (OpenJPEG build) GCC6.3.0",
    "DelayTime": 0.1,
    "DerivedVendorReportedEchoSpacing": 0.000579999,
    "DeviceSerialNumber": "45685",
    "DwellTime": 3.8e-06,
    "EchoTime": 0.03,
    "EchoTrainLength": 68,
    "EffectiveEchoSpacing": 0.000579999,
    "FlipAngle": 90,
    "ImageOrientationPatientDICOM": [
      0.999994,
      -0.00121673,
      -0.00327172,
      -1.52783e-08,
      0.937282,
      -0.348572
    ],
    "ImageType": [
      "ORIGINAL",
      "PRIMARY",
      "M",
      "ND",
      "MOSAIC"
    ],
    "InPlanePhaseEncodingDirectionDICOM": "COL",
    "InstitutionAddress": "HAWKINS_DRIVE_200_IOWA_CITY_IOWA_US_52242",
    "InstitutionName": "UIHC_SKYRA",
    "InstitutionalDepartmentName": "Department",
    "MRAcquisitionType": "2D",
    "MagneticFieldStrength": 3,
    "Manufacturer": "Siemens",
    "ManufacturersModelName": "Skyra",
    "Modality": "MR",
    "PartialFourier": 1,
    "PatientPosition": "HFS",
    "PercentPhaseFOV": 100,
    "PhaseEncodingDirection": "j-",
    "PhaseEncodingSteps": 68,
    "PhaseResolution": 1,
    "PixelBandwidth": 1935,
    "ProcedureStepDescription": "RESEARCH_HOWARD",
    "ProtocolName": "ES-FMRI",
    "PulseSequenceDetails": "%SiemensSeq%_ep2d_pace",
    "ReceiveCoilActiveElements": "HE",
    "ReceiveCoilName": "Head_TxRx",
    "ReconMatrixPE": 68,
    "RepetitionTime": 3,
    "SAR": 0.12533,
    "ScanOptions": "FS",
    "ScanningSequence": "EP",
    "SequenceName": "_epfid2d1_68",
    "SequenceVariant": "SK",
    "SeriesDescription": "ES-FMRI",
    "SeriesNumber": 24,
    "ShimSetting": [
      -3840,
      -1352,
      -919,
      553,
      256,
      -400,
      -2,
      363
    ],
    "SliceThickness": 3,
    "SliceTiming": [
      1.44,
      0,
      1.505,
      0.065,
      1.5725,
      0.1325,
      1.6375,
      0.1975,
      1.7025,
      0.2625,
      1.7675,
      0.3275,
      1.8325,
      0.3925,
      1.8975,
      0.4575,
      1.965,
      0.525,
      2.03,
      0.59,
      2.095,
      0.655,
      2.16,
      0.72,
      2.225,
      0.785,
      2.2925,
      0.8525,
      2.3575,
      0.9175,
      2.4225,
      0.9825,
      2.4875,
      1.0475,
      2.5525,
      1.1125,
      2.6175,
      1.1775,
      2.685,
      1.245,
      2.75,
      1.31,
      2.815,
      1.375
    ],
    "SoftwareVersions": "syngo_MR_E11",
    "SpacingBetweenSlices": 3,
    "StationName": "AWP45685",
    "TaskName": "es",
    "TotalReadoutTime": 0.03886,
    "TxRefAmp": 216.526,
    "dataset": "ds002799",
    "modality": "bold",
    "run_id": 6,
    "session_id": "postop",
    "subject_id": "357",
    "task_id": "es"
  },
  "dummy_trs": 0,
  "dvars_nstd": 49.68977118399998,
  "dvars_std": 1.237339178727273,
  "dvars_vstd": 1.034258971,
  "efc": 0.5145172391116656,
  "fber": 1383.799072265625,
  "fd_mean": 0.40881493850792444,
  "fd_num": 140,
  "fd_perc": 63.34841628959276,
  "fwhm_avg": 2.1055925860863036,
  "fwhm_x": 1.949515716841846,
  "fwhm_y": 2.1223953747503983,
  "fwhm_z": 2.244866666666667,
  "gcor": 0.0239952,
  "gsr_x": -0.029109137132763863,
  "gsr_y": 0.014739040285348892,
  "provenance": {
    "md5sum": "0255ab0e271cf0a85a6a93ece50ee176",
    "settings": {
      "fd_thres": 0.2,
      "testing": false
    },
    "software": "mriqc",
    "version": "21.0.0rc2",
    "webapi_port": null,
    "webapi_url": "https://mriqc.nimh.nih.gov/api/v1"
  },
  "size_t": 221,
  "size_x": 68,
  "size_y": 68,
  "size_z": 44,
  "snr": 3.830501071368565,
  "spacing_tr": 3.0,
  "spacing_x": 3.382352828979492,
  "spacing_y": 3.382352828979492,
  "spacing_z": 3.0,
  "summary_bg_k": 39.401625816870904,
  "summary_bg_mad": 1.7106950306510396,
  "summary_bg_mean": 18.361865997314453,
  "summary_bg_median": 6.502262592315674,
  "summary_bg_n": 132825.0,
  "summary_bg_p05": 5.280543327331543,
  "summary_bg_p95": 76.92127075195302,
  "summary_bg_stdv": 33.840309143066406,
  "summary_fg_k": 3.6132343819398374,
  "summary_fg_mad": 49.48268608306155,
  "summary_fg_mean": 257.0270690917969,
  "summary_fg_median": 251.82354736328125,
  "summary_fg_n": 30446.0,
  "summary_fg_p05": 159.27942276000977,
  "summary_fg_p95": 369.54638671875,
  "summary_fg_stdv": 65.74059295654297,
  "tsnr": 36.49190078297397
}