{
  "aor": 0.004795339366515837,
  "aqi": 0.016238891040723978,
  "bids_meta": {
    "AcquisitionMatrixPE": 68,
    "AcquisitionNumber": 1,
    "AcquisitionTime": "18:36:15.222500",
    "BandwidthPerPixelPhaseEncode": 25.355,
    "BaseResolution": 68,
    "BodyPartExamined": "BRAIN",
    "ConsistencyInfo": "N4_VE11A_LATEST_20140830",
    "ConversionSoftware": "dcm2niix",
    "ConversionSoftwareVersion": "v1.0.20171103 (OpenJPEG build) GCC6.3.0",
    "DelayTime": 0.1,
    "DerivedVendorReportedEchoSpacing": 0.000579999,
    "DeviceSerialNumber": "45685",
    "DwellTime": 3.8e-06,
    "EchoTime": 0.03,
    "EchoTrainLength": 68,
    "EffectiveEchoSpacing": 0.000579999,
    "FlipAngle": 90,
    "ImageOrientationPatientDICOM": [
      0.999994,
      -0.00121673,
      -0.00327172,
      -1.52783e-08,
      0.937282,
      -0.348572
    ],
    "ImageType": [
      "ORIGINAL",
      "PRIMARY",
      "M",
      "ND",
      "MOSAIC"
    ],
    "InPlanePhaseEncodingDirectionDICOM": "COL",
    "InstitutionAddress": "HAWKINS_DRIVE_200_IOWA_CITY_IOWA_US_52242",
    "InstitutionName": "UIHC_SKYRA",
    "InstitutionalDepartmentName": "Department",
    "MRAcquisitionType": "2D",
    "MagneticFieldStrength": 3,
    "Manufacturer": "Siemens",
    "ManufacturersModelName": "Skyra",
    "Modality": "MR",
    "PartialFourier": 1,
    "PatientPosition": "HFS",
    "PercentPhaseFOV": 100,
    "PhaseEncodingDirection": "j-",
    "PhaseEncodingSteps": 68,
    "PhaseResolution": 1,
    "PixelBandwidth": 1935,
    "ProcedureStepDescription": "RESEARCH_HOWARD",
    "ProtocolName": "ES-FMRI",
    "PulseSequenceDetails": "%SiemensSeq%_ep2d_pace",
    "ReceiveCoilActiveElements": "HE",
    "ReceiveCoilName": "Head_TxRx",
    "ReconMatrixPE": 68,
    "RepetitionTime": 3,
    "SAR": 0.12533,
    "ScanOptions": "FS",
    "ScanningSequence": "EP",
    "SequenceName": "_epfid2d1_68",
    "SequenceVariant": "SK",
    "SeriesDescription": "ES-FMRI",
    "SeriesNumber": 26,
    "ShimSetting": [
      -3840,
      -1352,
      -919,
      553,
      256,
      -400,
      -2,
      363
    ],
    "SliceThickness": 3,
    "SliceTiming": [
      1.44,
      0,
      1.505,
      0.065,
      1.57,
      0.13,
      1.635,
      0.195,
      1.7,
      0.26,
      1.765,
      0.3275,
      1.8325,
      0.3925,
      1.8975,
      0.4575,
      1.9625,
      0.5225,
      2.0275,
      0.5875,
      2.0925,
      0.6525,
      2.16,
      0.72,
      2.225,
      0.785,
      2.29,
      0.85,
      2.355,
      0.915,
      2.42,
      0.98,
      2.485,
      1.0475,
      2.5525,
      1.1125,
      2.6175,
      1.1775,
      2.6825,
      1.2425,
      2.7475,
      1.3075,
      2.8125,
      1.3725
    ],
    "SoftwareVersions": "syngo_MR_E11",
    "SpacingBetweenSlices": 3,
    "StationName": "AWP45685",
    "TaskName": "es",
    "TotalReadoutTime": 0.03886,
    "TxRefAmp": 216.526,
    "dataset": "ds002799",
    "modality": "bold",
    "run_id": 7,
    "session_id": "postop",
    "subject_id": "357",
    "task_id": "es"
  },
  "dummy_trs": 0,
  "dvars_nstd": 62.03239610822727,
  "dvars_std": 1.2612214827727284,
  "dvars_vstd": 1.0529912723636354,
  "efc": 0.5158437720048982,
  "fber": 1221.119140625,
  "fd_mean": 0.7124052298646107,
  "fd_num": 195,
  "fd_perc": 88.23529411764706,
  "fwhm_avg": 2.094006189601053,
  "fwhm_x": 1.939756238257242,
  "fwhm_y": 2.1005023305459174,
  "fwhm_z": 2.2417599999999998,
  "gcor": 0.0296781,
  "gsr_x": -0.03002450056374073,
  "gsr_y": 0.01645965501666069,
  "provenance": {
    "md5sum": "fd79e89b714351c8ae8948b8ae481eb1",
    "settings": {
      "fd_thres": 0.2,
      "testing": false
    },
    "software": "mriqc",
    "version": "21.0.0rc2",
    "webapi_port": null,
    "webapi_url": "https://mriqc.nimh.nih.gov/api/v1"
  },
  "size_t": 221,
  "size_x": 68,
  "size_y": 68,
  "size_z": 44,
  "snr": 3.8284199790336935,
  "spacing_tr": 3.0,
  "spacing_x": 3.382352828979492,
  "spacing_y": 3.382352828979492,
  "spacing_z": 3.0,
  "summary_bg_k": 37.447868842552595,
  "summary_bg_mad": 1.6369004428604215,
  "summary_bg_mean": 18.06902313232422,
  "summary_bg_median": 6.932126998901367,
  "summary_bg_n": 132808.0,
  "summary_bg_p05": 5.751131534576416,
  "summary_bg_p95": 73.73144874572752,
  "summary_bg_stdv": 31.35580825805664,
  "summary_fg_k": 3.811828775255238,
  "summary_fg_mad": 48.81852843030752,
  "summary_fg_mean": 257.7763366699219,
  "summary_fg_median": 252.17196655273438,
  "summary_fg_n": 30134.0,
  "summary_fg_p05": 160.81584854125975,
  "summary_fg_p95": 370.66222534179684,
  "summary_fg_stdv": 65.86732482910156,
  "tsnr": 31.334634071099572
}