{
  "aor": 0.004687330316742081,
  "aqi": 0.02001454588235294,
  "bids_meta": {
    "AcquisitionMatrixPE": 68,
    "AcquisitionNumber": 1,
    "AcquisitionTime": "18:49:20.292500",
    "BandwidthPerPixelPhaseEncode": 25.355,
    "BaseResolution": 68,
    "BodyPartExamined": "BRAIN",
    "ConsistencyInfo": "N4_VE11A_LATEST_20140830",
    "ConversionSoftware": "dcm2niix",
    "ConversionSoftwareVersion": "v1.0.20171103 (OpenJPEG build) GCC6.3.0",
    "DelayTime": 0.1,
    "DerivedVendorReportedEchoSpacing": 0.000579999,
    "DeviceSerialNumber": "45685",
    "DwellTime": 3.8e-06,
    "EchoTime": 0.03,
    "EchoTrainLength": 68,
    "EffectiveEchoSpacing": 0.000579999,
    "FlipAngle": 90,
    "ImageOrientationPatientDICOM": [
      0.999994,
      -0.00121673,
      -0.00327172,
      -1.52783e-08,
      0.937282,
      -0.348572
    ],
    "ImageType": [
      "ORIGINAL",
      "PRIMARY",
      "M",
      "ND",
      "MOSAIC"
    ],
    "InPlanePhaseEncodingDirectionDICOM": "COL",
    "InstitutionAddress": "HAWKINS_DRIVE_200_IOWA_CITY_IOWA_US_52242",
    "InstitutionName": "UIHC_SKYRA",
    "InstitutionalDepartmentName": "Department",
    "MRAcquisitionType": "2D",
    "MagneticFieldStrength": 3,
    "Manufacturer": "Siemens",
    "ManufacturersModelName": "Skyra",
    "Modality": "MR",
    "PartialFourier": 1,
    "PatientPosition": "HFS",
    "PercentPhaseFOV": 100,
    "PhaseEncodingDirection": "j-",
    "PhaseEncodingSteps": 68,
    "PhaseResolution": 1,
    "PixelBandwidth": 1935,
    "ProcedureStepDescription": "RESEARCH_HOWARD",
    "ProtocolName": "ES-FMRI",
    "PulseSequenceDetails": "%SiemensSeq%_ep2d_pace",
    "ReceiveCoilActiveElements": "HE",
    "ReceiveCoilName": "Head_TxRx",
    "ReconMatrixPE": 68,
    "RepetitionTime": 3,
    "SAR": 0.12533,
    "ScanOptions": "FS",
    "ScanningSequence": "EP",
    "SequenceName": "_epfid2d1_68",
    "SequenceVariant": "SK",
    "SeriesDescription": "ES-FMRI",
    "SeriesNumber": 28,
    "ShimSetting": [
      -3840,
      -1352,
      -919,
      553,
      256,
      -400,
      -2,
      363
    ],
    "SliceThickness": 3,
    "SliceTiming": [
      1.4375,
      0,
      1.505,
      0.065,
      1.57,
      0.13,
      1.635,
      0.195,
      1.7,
      0.26,
      1.765,
      0.325,
      1.8325,
      0.3925,
      1.8975,
      0.4575,
      1.9625,
      0.5225,
      2.0275,
      0.5875,
      2.0925,
      0.6525,
      2.1575,
      0.72,
      2.225,
      0.785,
      2.29,
      0.85,
      2.355,
      0.915,
      2.42,
      0.98,
      2.485,
      1.045,
      2.5525,
      1.1125,
      2.6175,
      1.1775,
      2.6825,
      1.2425,
      2.7475,
      1.3075,
      2.8125,
      1.3725
    ],
    "SoftwareVersions": "syngo_MR_E11",
    "SpacingBetweenSlices": 3,
    "StationName": "AWP45685",
    "TaskName": "es",
    "TotalReadoutTime": 0.03886,
    "TxRefAmp": 216.526,
    "dataset": "ds002799",
    "modality": "bold",
    "run_id": 8,
    "session_id": "postop",
    "subject_id": "357",
    "task_id": "es"
  },
  "dummy_trs": 0,
  "dvars_nstd": 65.5571435060909,
  "dvars_std": 1.2658749384090913,
  "dvars_vstd": 1.0493772798636365,
  "efc": 0.513100416784601,
  "fber": 1422.5107421875,
  "fd_mean": 0.9485057688311107,
  "fd_num": 202,
  "fd_perc": 91.4027149321267,
  "fwhm_avg": 2.107983909630504,
  "fwhm_x": 1.9442678905808122,
  "fwhm_y": 2.1161305049773675,
  "fwhm_z": 2.2635533333333333,
  "gcor": 0.0270262,
  "gsr_x": -0.032588861882686615,
  "gsr_y": 0.016796324402093887,
  "provenance": {
    "md5sum": "74d1bdc4c523a446d5690c1d3e1052bc",
    "settings": {
      "fd_thres": 0.2,
      "testing": false
    },
    "software": "mriqc",
    "version": "21.0.0rc2",
    "webapi_port": null,
    "webapi_url": "https://mriqc.nimh.nih.gov/api/v1"
  },
  "size_t": 221,
  "size_x": 68,
  "size_y": 68,
  "size_z": 44,
  "snr": 3.8771343250018306,
  "spacing_tr": 3.0,
  "spacing_x": 3.382352828979492,
  "spacing_y": 3.382352828979492,
  "spacing_z": 3.0,
  "summary_bg_k": 39.18811339046123,
  "summary_bg_mad": 1.8314501320174277,
  "summary_bg_mean": 18.365535736083984,
  "summary_bg_median": 6.389140605926514,
  "summary_bg_n": 133529.0,
  "summary_bg_p05": 5.085973262786865,
  "summary_bg_p95": 78.20452575683586,
  "summary_bg_stdv": 33.935359954833984,
  "summary_fg_k": 3.891906322685144,
  "summary_fg_mad": 47.79547272311805,
  "summary_fg_mean": 256.5523681640625,
  "summary_fg_median": 251.23756408691406,
  "summary_fg_n": 29996.0,
  "summary_fg_p05": 161.56901168823242,
  "summary_fg_p95": 368.56900787353516,
  "summary_fg_stdv": 64.7987289428711,
  "tsnr": 29.44017951702699
}