{
  "aor": 0.023919999999999997,
  "aqi": 0.012424039999999999,
  "bids_meta": {
    "AcquisitionMatrixPE": 68,
    "AcquisitionNumber": 1,
    "AcquisitionTime": "19:05:16.595000",
    "BandwidthPerPixelPhaseEncode": 25.355,
    "BaseResolution": 68,
    "BodyPartExamined": "BRAIN",
    "ConsistencyInfo": "N4_VE11A_LATEST_20140830",
    "ConversionSoftware": "dcm2niix",
    "ConversionSoftwareVersion": "v1.0.20171103 (OpenJPEG build) GCC6.3.0",
    "DelayTime": 0.1,
    "DerivedVendorReportedEchoSpacing": 0.000579999,
    "DeviceSerialNumber": "45685",
    "DwellTime": 3.8e-06,
    "EchoTime": 0.03,
    "EchoTrainLength": 68,
    "EffectiveEchoSpacing": 0.000579999,
    "FlipAngle": 90,
    "ImageOrientationPatientDICOM": [
      0.999994,
      -6.08073e-06,
      -0.00349065,
      -1.1599e-08,
      0.999998,
      -0.00174533
    ],
    "ImageType": [
      "ORIGINAL",
      "PRIMARY",
      "M",
      "ND",
      "MOSAIC"
    ],
    "InPlanePhaseEncodingDirectionDICOM": "COL",
    "InstitutionAddress": "HAWKINS_DRIVE_200_IOWA_CITY_IOWA_US_52242",
    "InstitutionName": "UIHC_SKYRA",
    "InstitutionalDepartmentName": "Department",
    "MRAcquisitionType": "2D",
    "MagneticFieldStrength": 3,
    "Manufacturer": "Siemens",
    "ManufacturersModelName": "Skyra",
    "Modality": "MR",
    "PartialFourier": 1,
    "PatientPosition": "HFS",
    "PercentPhaseFOV": 100,
    "PhaseEncodingDirection": "j-",
    "PhaseEncodingSteps": 68,
    "PhaseResolution": 1,
    "PixelBandwidth": 1935,
    "ProcedureStepDescription": "RESEARCH_HOWARD",
    "ProtocolName": "ES-FMRI",
    "PulseSequenceDetails": "%SiemensSeq%_ep2d_pace",
    "ReceiveCoilActiveElements": "HE",
    "ReceiveCoilName": "Head_TxRx",
    "ReconMatrixPE": 68,
    "RepetitionTime": 3,
    "SAR": 0.12533,
    "ScanOptions": "FS",
    "ScanningSequence": "EP",
    "SequenceName": "_epfid2d1_68",
    "SequenceVariant": "SK",
    "SeriesDescription": "ES-FMRI",
    "SeriesNumber": 32,
    "ShimSetting": [
      -3843,
      -1330,
      -934,
      474,
      220,
      -148,
      6,
      361
    ],
    "SliceThickness": 3,
    "SliceTiming": [
      1.44,
      0,
      1.505,
      0.065,
      1.57,
      0.13,
      1.635,
      0.195,
      1.7,
      0.26,
      1.7675,
      0.3275,
      1.8325,
      0.3925,
      1.8975,
      0.4575,
      1.9625,
      0.5225,
      2.0275,
      0.5875,
      2.0925,
      0.655,
      2.16,
      0.72,
      2.225,
      0.785,
      2.29,
      0.85,
      2.355,
      0.915,
      2.42,
      0.98,
      2.4875,
      1.0475,
      2.5525,
      1.1125,
      2.6175,
      1.1775,
      2.6825,
      1.2425,
      2.7475,
      1.3075,
      2.8125,
      1.375
    ],
    "SoftwareVersions": "syngo_MR_E11",
    "SpacingBetweenSlices": 3,
    "StationName": "AWP45685",
    "TaskName": "es",
    "TotalReadoutTime": 0.03886,
    "TxRefAmp": 216.526,
    "dataset": "ds002799",
    "modality": "bold",
    "run_id": 10,
    "session_id": "postop",
    "subject_id": "357",
    "task_id": "es"
  },
  "dummy_trs": 0,
  "dvars_nstd": 58.65495967833332,
  "dvars_std": 1.3478687416666666,
  "dvars_vstd": 1.2707203875,
  "efc": 0.5153734167493013,
  "fber": 1113.798828125,
  "fd_mean": 0.6746043161428722,
  "fd_num": 12,
  "fd_perc": 92.3076923076923,
  "fwhm_avg": 2.0972061132849906,
  "fwhm_x": 1.9377605860171305,
  "fwhm_y": 2.1910044205045094,
  "fwhm_z": 2.162853333333333,
  "gcor": 0.0110162,
  "gsr_x": -0.026321914047002792,
  "gsr_y": 0.036844152957201004,
  "provenance": {
    "md5sum": "22733cb483fb6bb99d57b9c0f25a5e95",
    "settings": {
      "fd_thres": 0.2,
      "testing": false
    },
    "software": "mriqc",
    "version": "21.0.0rc2",
    "webapi_port": null,
    "webapi_url": "https://mriqc.nimh.nih.gov/api/v1"
  },
  "size_t": 13,
  "size_x": 68,
  "size_y": 68,
  "size_z": 44,
  "snr": 3.884755354880493,
  "spacing_tr": 3.0,
  "spacing_x": 3.382352828979492,
  "spacing_y": 3.382352828979492,
  "spacing_z": 3.0,
  "summary_bg_k": 42.54896165171319,
  "summary_bg_mad": 2.623065572272962,
  "summary_bg_mean": 16.32354736328125,
  "summary_bg_median": 6.92307710647583,
  "summary_bg_n": 130936.0,
  "summary_bg_p05": 4.538461685180664,
  "summary_bg_p95": 62.76923370361328,
  "summary_bg_stdv": 28.37601661682129,
  "summary_fg_k": 4.003211401975442,
  "summary_fg_mad": 48.58374989906285,
  "summary_fg_mean": 246.23849487304688,
  "summary_fg_median": 242.07693481445312,
  "summary_fg_n": 30395.0,
  "summary_fg_p05": 153.3076934814453,
  "summary_fg_p95": 351.0769348144531,
  "summary_fg_stdv": 62.31356430053711,
  "tsnr": 35.708936151117086
}