{
  "bids_meta": {
    "AcquisitionMatrixPE": 256,
    "AcquisitionNumber": 1,
    "AcquisitionTime": "13:06:24.000000",
    "ConversionSoftware": "dcm2niix",
    "ConversionSoftwareVersion": "v1.0.20180622 GCC7.3.0",
    "DeviceSerialNumber": "0000000319335MR2",
    "EchoTime": 0.087283,
    "EchoTrainLength": 140,
    "FlipAngle": 90,
    "ImageOrientationPatientDICOM": [
      0,
      1,
      0,
      0,
      0,
      -1
    ],
    "ImageType": [
      "DERIVED",
      "PRIMARY",
      "OTHER"
    ],
    "InPlanePhaseEncodingDirectionDICOM": "ROW",
    "InstitutionName": "Iowa_MRRF",
    "MRAcquisitionType": "3D",
    "MagneticFieldStrength": 3,
    "Manufacturer": "GE",
    "ManufacturersModelName": "DISCOVERY_MR750w",
    "Modality": "MR",
    "PatientPosition": "HFS",
    "PercentPhaseFOV": 100,
    "PixelBandwidth": 976.562,
    "ProcedureStepDescription": "MH_EPIL",
    "ProtocolName": "PU:CUBE_T2_Sagittal",
    "RawImage": true,
    "ReconMatrixPE": 256,
    "RepetitionTime": 3.2,
    "SAR": 0.474737,
    "ScanOptions": "EDR_GEMS_FILTERED_GEMS_ACC_GEMS",
    "ScanningSequence": "SE",
    "SequenceVariant": "SK",
    "SeriesDescription": "PU:CUBE_T2_Sagittal",
    "SeriesNumber": 1000,
    "SliceThickness": 1,
    "SoftwareVersions": "25_LX_MR_Software_release:DV25.0_R02_1549.b",
    "SpacingBetweenSlices": 1,
    "StationName": "Iowa3T",
    "dataset": "ds002799",
    "modality": "T2w",
    "session_id": "preop",
    "subject_id": "372"
  },
  "cjv": 0.41059631388147366,
  "cnr": 3.131288137005527,
  "efc": 0.6991394894318351,
  "fber": 353.2408227709311,
  "fwhm_avg": 3.4615400000000007,
  "fwhm_x": 3.3227,
  "fwhm_y": 3.74715,
  "fwhm_z": 3.31477,
  "icvs_csf": 0.17647979855648194,
  "icvs_gm": 0.4405573438699683,
  "icvs_wm": 0.38296285757354975,
  "inu_med": 1.0803592205047607,
  "inu_range": 0.29382820129394516,
  "provenance": {
    "md5sum": "6917627dfb7a51a2a1cd91f44a091161",
    "settings": {
      "testing": false
    },
    "software": "mriqc",
    "version": "21.0.0rc2",
    "warnings": {
      "large_rot_frame": true,
      "small_air_mask": false
    },
    "webapi_port": null,
    "webapi_url": "https://mriqc.nimh.nih.gov/api/v1"
  },
  "qi_1": 0.0,
  "qi_2": 0.002805414822860247,
  "rpve_csf": 26.279954424824403,
  "rpve_gm": 11.797962805231833,
  "rpve_wm": 15.052751274448816,
  "size_x": 172,
  "size_y": 256,
  "size_z": 256,
  "snr_csf": 5.492109608257243,
  "snr_gm": 7.57654630488305,
  "snr_total": 7.185437152506888,
  "snr_wm": 8.48765554438037,
  "snrd_csf": 97.28314347453683,
  "snrd_gm": 29.450602964674733,
  "snrd_total": 47.513003138484066,
  "snrd_wm": 15.805262976240634,
  "spacing_x": 1.0,
  "spacing_y": 1.0,
  "spacing_z": 1.0,
  "summary_bg_k": 6.985528423684345,
  "summary_bg_mad": 41.450521141197136,
  "summary_bg_mean": 46.443779618492975,
  "summary_bg_median": 37.79915063083172,
  "summary_bg_n": 715503.0,
  "summary_bg_p05": 0.0,
  "summary_bg_p95": 120.55468751490116,
  "summary_bg_stdv": 40.673149446987665,
  "summary_csf_k": 2.549686775558329,
  "summary_csf_mad": 922.0253922647892,
  "summary_csf_mean": 5927.880471042724,
  "summary_csf_median": 6155.110803462565,
  "summary_csf_n": 65810.0,
  "summary_csf_p05": 3768.060891583562,
  "summary_csf_p95": 7290.885814473777,
  "summary_csf_stdv": 1120.7103423025785,
  "summary_gm_k": 0.31444117533848015,
  "summary_gm_mad": 242.40264763372085,
  "summary_gm_mean": 1870.5798935240607,
  "summary_gm_median": 1863.3415615707636,
  "summary_gm_n": 53097.0,
  "summary_gm_p05": 1481.1004466116428,
  "summary_gm_p95": 2281.145191028714,
  "summary_gm_stdv": 245.93316531396616,
  "summary_wm_k": 0.3451425566660671,
  "summary_wm_mad": 112.08220916579705,
  "summary_wm_mean": 999.2596623991913,
  "summary_wm_median": 1000.0000146180391,
  "summary_wm_n": 227332.0,
  "summary_wm_p05": 804.2943530678749,
  "summary_wm_p95": 1192.798049196601,
  "summary_wm_stdv": 117.81790742571917,
  "tpm_overlap_csf": 0.13528268039226532,
  "tpm_overlap_gm": 0.4022652506828308,
  "tpm_overlap_wm": 0.45790114998817444,
  "wm2max": 0.11401014320525579
}