{
  "bids_meta": {
    "AcquisitionMatrixPE": 256,
    "AcquisitionNumber": 1,
    "AcquisitionTime": "17:17:37.582500",
    "BaseResolution": 256,
    "BodyPartExamined": "BRAIN",
    "ConsistencyInfo": "N4_VE11A_LATEST_20140830",
    "ConversionSoftware": "dcm2niix",
    "ConversionSoftwareVersion": "v1.0.20171215 (OpenJPEG build) GCC7.2.0",
    "DeviceSerialNumber": "45685",
    "DwellTime": 1.03e-05,
    "EchoTime": 0.00344,
    "FlipAngle": 10,
    "ImageComments": "Image_quality:_not_assessed",
    "ImageOrientationPatientDICOM": [
      0.999661,
      0.0246034,
      0.0085519,
      0.00867083,
      -0.00473099,
      -0.999951
    ],
    "ImageType": [
      "ORIGINAL",
      "PRIMARY",
      "M",
      "DIS2D"
    ],
    "InPlanePhaseEncodingDirectionDICOM": "ROW",
    "InstitutionAddress": "HAWKINS_DRIVE_200_IOWA_CITY_IOWA_US_52242",
    "InstitutionName": "UIHC_SKYRA",
    "InstitutionalDepartmentName": "Department",
    "InversionTime": 1,
    "MRAcquisitionType": "3D",
    "MagneticFieldStrength": 3,
    "Manufacturer": "Siemens",
    "ManufacturersModelName": "Skyra",
    "Modality": "MR",
    "PartialFourier": 1,
    "PatientPosition": "HFS",
    "PercentPhaseFOV": 100,
    "PhaseEncodingSteps": 256,
    "PhaseResolution": 1,
    "PixelBandwidth": 190,
    "ProcedureStepDescription": "RESEARCH_HOWARD",
    "ProtocolName": "MPRAGE_TI=1000",
    "PulseSequenceDetails": "%SiemensSeq%_tfl",
    "ReceiveCoilActiveElements": "HE",
    "ReceiveCoilName": "Head_TxRx",
    "ReconMatrixPE": 256,
    "RepetitionTime": 1.9,
    "SAR": 0.119666,
    "ScanOptions": "IR",
    "ScanningSequence": "GR_IR",
    "SequenceName": "_tfl3d1_16ns",
    "SequenceVariant": "SK_SP_MP",
    "SeriesDescription": "MPRAGE_TI=1000",
    "SeriesNumber": 2,
    "ShimSetting": [
      -3853,
      -1417,
      -1031,
      192,
      167,
      -798,
      -238,
      216
    ],
    "SliceThickness": 1,
    "SoftwareVersions": "syngo_MR_E11",
    "StationName": "AWP45685",
    "TxRefAmp": 200.092,
    "dataset": "ds002799",
    "modality": "T1w",
    "session_id": "postop",
    "subject_id": "369"
  },
  "cjv": 0.5850712679682942,
  "cnr": 2.2388740912145537,
  "efc": 0.6411522925720838,
  "fber": 146.41735571548674,
  "fwhm_avg": 3.998382428607211,
  "fwhm_x": 4.09484288,
  "fwhm_y": 4.021105685821632,
  "fwhm_z": 3.8791987199999998,
  "icvs_csf": 0.20884284763142413,
  "icvs_gm": 0.3991562143611597,
  "icvs_wm": 0.39200093800741614,
  "inu_med": 1.4577938318252563,
  "inu_range": 0.7632125616073608,
  "provenance": {
    "md5sum": "2ffd8f31fa3d043749674688777ec591",
    "settings": {
      "testing": false
    },
    "software": "mriqc",
    "version": "21.0.0rc2",
    "warnings": {
      "large_rot_frame": true,
      "small_air_mask": false
    },
    "webapi_port": null,
    "webapi_url": "https://mriqc.nimh.nih.gov/api/v1"
  },
  "qi_1": 0.0,
  "qi_2": 0.008021754253237357,
  "rpve_csf": 29.609930171195163,
  "rpve_gm": 15.149953473783262,
  "rpve_wm": 17.64159718059113,
  "size_x": 256,
  "size_y": 224,
  "size_z": 256,
  "snr_csf": 1.4331282710808853,
  "snr_gm": 11.814072166723303,
  "snr_total": 9.533042456076204,
  "snr_wm": 15.351926930424424,
  "snrd_csf": 12.270548179122878,
  "snrd_gm": 21.583291447458016,
  "snrd_total": 20.47475316483118,
  "snrd_wm": 27.570419867912648,
  "spacing_x": 0.9765625,
  "spacing_y": 1.000001072883606,
  "spacing_z": 0.9765625,
  "summary_bg_k": 3.446950810811538,
  "summary_bg_mad": 23.764494891514598,
  "summary_bg_mean": 59.56012188614325,
  "summary_bg_median": 54.01649418473244,
  "summary_bg_n": 3604591.0,
  "summary_bg_p05": 22.792551577091217,
  "summary_bg_p95": 107.84768307209015,
  "summary_bg_stdv": 27.82677132797272,
  "summary_csf_k": 28.355386247096035,
  "summary_csf_mad": 96.43164979100143,
  "summary_csf_mean": 502.90728196120295,
  "summary_csf_median": 445.10332429409027,
  "summary_csf_n": 56075.0,
  "summary_csf_p05": 298.99009731411934,
  "summary_csf_p95": 744.3713795542676,
  "summary_csf_stdv": 310.5788675282064,
  "summary_gm_k": 0.22929586432422244,
  "summary_gm_mad": 64.83723461731151,
  "summary_gm_mean": 782.48379527623,
  "summary_gm_median": 782.9148814082146,
  "summary_gm_n": 25512.0,
  "summary_gm_p05": 672.0189261943102,
  "summary_gm_p95": 889.6507326960564,
  "summary_gm_stdv": 66.26838960841877,
  "summary_wm_k": 0.5827451375588009,
  "summary_wm_mad": 62.22726118991973,
  "summary_wm_mean": 1002.589267917978,
  "summary_wm_median": 1000.0926899313927,
  "summary_wm_n": 231341.0,
  "summary_wm_p05": 900.1204819977283,
  "summary_wm_p95": 1113.2215739786625,
  "summary_wm_stdv": 65.14429966671416,
  "tpm_overlap_csf": 0.12028597295284271,
  "tpm_overlap_gm": 0.38177773356437683,
  "tpm_overlap_wm": 0.43405041098594666,
  "wm2max": 0.46598169573476084
}