{
  "aor": 0.029217370689655173,
  "aqi": 0.03194139676724138,
  "bids_meta": {
    "AcquisitionMatrixPE": 68,
    "AcquisitionNumber": 1,
    "AcquisitionTime": "17:52:36.697500",
    "BandwidthPerPixelPhaseEncode": 25.355,
    "BaseResolution": 68,
    "BodyPartExamined": "BRAIN",
    "ConsistencyInfo": "N4_VE11A_LATEST_20140830",
    "ConversionSoftware": "dcm2niix",
    "ConversionSoftwareVersion": "v1.0.20171103 (OpenJPEG build) GCC6.3.0",
    "DelayTime": 0.1,
    "DerivedVendorReportedEchoSpacing": 0.000579999,
    "DeviceSerialNumber": "45685",
    "DwellTime": 3.8e-06,
    "EchoTime": 0.03,
    "EchoTrainLength": 68,
    "EffectiveEchoSpacing": 0.000579999,
    "FlipAngle": 90,
    "ImageOrientationPatientDICOM": [
      1,
      0,
      0,
      0,
      1,
      0
    ],
    "ImageType": [
      "ORIGINAL",
      "PRIMARY",
      "M",
      "ND",
      "MOSAIC"
    ],
    "InPlanePhaseEncodingDirectionDICOM": "COL",
    "InstitutionAddress": "HAWKINS_DRIVE_200_IOWA_CITY_IOWA_US_52242",
    "InstitutionName": "UIHC_SKYRA",
    "InstitutionalDepartmentName": "Department",
    "MRAcquisitionType": "2D",
    "MagneticFieldStrength": 3,
    "Manufacturer": "Siemens",
    "ManufacturersModelName": "Skyra",
    "Modality": "MR",
    "PartialFourier": 1,
    "PatientPosition": "HFS",
    "PercentPhaseFOV": 100,
    "PhaseEncodingDirection": "j-",
    "PhaseEncodingSteps": 68,
    "PhaseResolution": 1,
    "PixelBandwidth": 1935,
    "ProcedureStepDescription": "RESEARCH_HOWARD",
    "ProtocolName": "ES-FMRI",
    "PulseSequenceDetails": "%SiemensSeq%_ep2d_pace",
    "ReceiveCoilActiveElements": "HE",
    "ReceiveCoilName": "Head_TxRx",
    "ReconMatrixPE": 68,
    "RepetitionTime": 3,
    "SAR": 0.142682,
    "ScanOptions": "FS",
    "ScanningSequence": "EP",
    "SequenceName": "_epfid2d1_68",
    "SequenceVariant": "SK",
    "SeriesDescription": "ES-FMRI",
    "SeriesNumber": 10,
    "ShimSetting": [
      -3781,
      -1328,
      -931,
      402,
      584,
      61,
      48,
      261
    ],
    "SliceThickness": 3,
    "SliceTiming": [
      1.44,
      0,
      1.505,
      0.0675,
      1.5725,
      0.1325,
      1.6375,
      0.1975,
      1.7025,
      0.2625,
      1.7675,
      0.3275,
      1.8325,
      0.3925,
      1.9,
      0.46,
      1.965,
      0.525,
      2.03,
      0.59,
      2.095,
      0.655,
      2.16,
      0.72,
      2.225,
      0.7875,
      2.2925,
      0.8525,
      2.3575,
      0.9175,
      2.4225,
      0.9825,
      2.4875,
      1.0475,
      2.5525,
      1.1125,
      2.62,
      1.18,
      2.685,
      1.245,
      2.75,
      1.31,
      2.815,
      1.375
    ],
    "SoftwareVersions": "syngo_MR_E11",
    "SpacingBetweenSlices": 3,
    "StationName": "AWP45685",
    "TaskName": "es",
    "TotalReadoutTime": 0.03886,
    "TxRefAmp": 239.044,
    "dataset": "ds002799",
    "modality": "bold",
    "run_id": 3,
    "session_id": "postop",
    "subject_id": "331",
    "task_id": "es"
  },
  "dummy_trs": 0,
  "dvars_nstd": 60.61386589787878,
  "dvars_std": 1.374353799134199,
  "dvars_vstd": 1.215679265930736,
  "efc": 0.5296376860140519,
  "fber": 896.3832397460938,
  "fd_mean": 1.3503395810227037,
  "fd_num": 126,
  "fd_perc": 54.310344827586206,
  "fwhm_avg": 2.030990470476846,
  "fwhm_x": 1.8895098263726229,
  "fwhm_y": 2.145464918391249,
  "fwhm_z": 2.0579966666666665,
  "gcor": 0.0603391,
  "gsr_x": 0.05874978005886078,
  "gsr_y": 0.010225987061858177,
  "provenance": {
    "md5sum": "130b777c55859b08ffbda3c36364245b",
    "settings": {
      "fd_thres": 0.2,
      "testing": false
    },
    "software": "mriqc",
    "version": "21.0.0rc2",
    "webapi_port": null,
    "webapi_url": "https://mriqc.nimh.nih.gov/api/v1"
  },
  "size_t": 232,
  "size_x": 68,
  "size_y": 68,
  "size_z": 44,
  "snr": 4.518866492813938,
  "spacing_tr": 3.0,
  "spacing_x": 3.2352941036224365,
  "spacing_y": 3.2352941036224365,
  "spacing_z": 3.0,
  "summary_bg_k": 23.231797163904545,
  "summary_bg_mad": 5.0868587508369485,
  "summary_bg_mean": 24.259733200073242,
  "summary_bg_median": 8.17241382598877,
  "summary_bg_n": 134256.0,
  "summary_bg_p05": 4.616379261016846,
  "summary_bg_p95": 102.81572914123535,
  "summary_bg_stdv": 46.915462493896484,
  "summary_fg_k": 1.7199902038224133,
  "summary_fg_mad": 46.71475171662787,
  "summary_fg_mean": 253.41207885742188,
  "summary_fg_median": 249.04095458984375,
  "summary_fg_n": 29752.0,
  "summary_fg_p05": 168.51702346801758,
  "summary_fg_p95": 349.1077575683594,
  "summary_fg_stdv": 55.110450744628906,
  "tsnr": 20.27331877988763
}