{
  "aor": 0.00456875,
  "aqi": 0.006068225086206897,
  "bids_meta": {
    "AcquisitionMatrixPE": 68,
    "AcquisitionNumber": 1,
    "AcquisitionTime": "17:42:46.007500",
    "BandwidthPerPixelPhaseEncode": 25.355,
    "BaseResolution": 68,
    "BodyPartExamined": "BRAIN",
    "ConsistencyInfo": "N4_VE11A_LATEST_20140830",
    "ConversionSoftware": "dcm2niix",
    "ConversionSoftwareVersion": "v1.0.20171103 (OpenJPEG build) GCC6.3.0",
    "DelayTime": 0.1,
    "DerivedVendorReportedEchoSpacing": 0.000579999,
    "DeviceSerialNumber": "45685",
    "DwellTime": 3.8e-06,
    "EchoTime": 0.03,
    "EchoTrainLength": 68,
    "EffectiveEchoSpacing": 0.000579999,
    "FlipAngle": 90,
    "ImageOrientationPatientDICOM": [
      1,
      0,
      0,
      0,
      1,
      0
    ],
    "ImageType": [
      "ORIGINAL",
      "PRIMARY",
      "M",
      "ND",
      "MOSAIC"
    ],
    "InPlanePhaseEncodingDirectionDICOM": "COL",
    "InstitutionAddress": "HAWKINS_DRIVE_200_IOWA_CITY_IOWA_US_52242",
    "InstitutionName": "UIHC_SKYRA",
    "InstitutionalDepartmentName": "Department",
    "MRAcquisitionType": "2D",
    "MagneticFieldStrength": 3,
    "Manufacturer": "Siemens",
    "ManufacturersModelName": "Skyra",
    "Modality": "MR",
    "PartialFourier": 1,
    "PatientPosition": "HFS",
    "PercentPhaseFOV": 100,
    "PhaseEncodingDirection": "j-",
    "PhaseEncodingSteps": 68,
    "PhaseResolution": 1,
    "PixelBandwidth": 1935,
    "ProcedureStepDescription": "RESEARCH_HOWARD",
    "ProtocolName": "ES-FMRI",
    "PulseSequenceDetails": "%SiemensSeq%_ep2d_pace",
    "ReceiveCoilActiveElements": "HE",
    "ReceiveCoilName": "Head_TxRx",
    "ReconMatrixPE": 68,
    "RepetitionTime": 3,
    "SAR": 0.12994,
    "ScanOptions": "FS",
    "ScanningSequence": "EP",
    "SequenceName": "_epfid2d1_68",
    "SequenceVariant": "SK",
    "SeriesDescription": "ES-FMRI",
    "SeriesNumber": 14,
    "ShimSetting": [
      -3873,
      -1343,
      -917,
      405,
      365,
      -215,
      -126,
      565
    ],
    "SliceThickness": 3,
    "SliceTiming": [
      1.44,
      0,
      1.505,
      0.0675,
      1.5725,
      0.1325,
      1.6375,
      0.1975,
      1.7025,
      0.2625,
      1.7675,
      0.3275,
      1.8325,
      0.3925,
      1.9,
      0.46,
      1.965,
      0.525,
      2.03,
      0.59,
      2.095,
      0.655,
      2.16,
      0.72,
      2.225,
      0.785,
      2.2925,
      0.8525,
      2.3575,
      0.9175,
      2.4225,
      0.9825,
      2.4875,
      1.0475,
      2.5525,
      1.1125,
      2.62,
      1.18,
      2.685,
      1.245,
      2.75,
      1.31,
      2.815,
      1.375
    ],
    "SoftwareVersions": "syngo_MR_E11",
    "SpacingBetweenSlices": 3,
    "StationName": "AWP45685",
    "TaskName": "es",
    "TotalReadoutTime": 0.03886,
    "TxRefAmp": 214.652,
    "dataset": "ds002799",
    "modality": "bold",
    "run_id": 10,
    "session_id": "postop",
    "subject_id": "331",
    "task_id": "es"
  },
  "dummy_trs": 0,
  "dvars_nstd": 41.10888160805192,
  "dvars_std": 1.3093935001731585,
  "dvars_vstd": 1.0433197765800863,
  "efc": 0.5248189136901422,
  "fber": 1062.604248046875,
  "fd_mean": 0.15980201594828647,
  "fd_num": 25,
  "fd_perc": 10.775862068965518,
  "fwhm_avg": 1.9459941874285072,
  "fwhm_x": 1.8169878260582484,
  "fwhm_y": 2.065694736227273,
  "fwhm_z": 1.9553,
  "gcor": 0.0288694,
  "gsr_x": 0.03602324053645134,
  "gsr_y": 0.003233581781387329,
  "provenance": {
    "md5sum": "b2e255f979b740970830e4dbe22434ec",
    "settings": {
      "fd_thres": 0.2,
      "testing": false
    },
    "software": "mriqc",
    "version": "21.0.0rc2",
    "webapi_port": null,
    "webapi_url": "https://mriqc.nimh.nih.gov/api/v1"
  },
  "size_t": 232,
  "size_x": 68,
  "size_y": 68,
  "size_z": 44,
  "snr": 4.29134666551188,
  "spacing_tr": 3.0,
  "spacing_x": 3.2352941036224365,
  "spacing_y": 3.2352941036224365,
  "spacing_z": 3.0,
  "summary_bg_k": 33.56362393168449,
  "summary_bg_mad": 3.911002160209664,
  "summary_bg_mean": 24.625951766967773,
  "summary_bg_median": 7.137930870056152,
  "summary_bg_n": 134061.0,
  "summary_bg_p05": 4.4224138259887695,
  "summary_bg_p95": 101.8448257446289,
  "summary_bg_stdv": 53.69723892211914,
  "summary_fg_k": 1.0918322286953845,
  "summary_fg_mad": 50.74078048271264,
  "summary_fg_mean": 245.40150451660156,
  "summary_fg_median": 241.52586364746094,
  "summary_fg_n": 29703.0,
  "summary_fg_p05": 159.91034698486328,
  "summary_fg_p95": 343.68320007324206,
  "summary_fg_stdv": 56.28112030029297,
  "tsnr": 45.031588368001394
}