{
  "aor": 0.008410818965517241,
  "aqi": 0.010101805862068967,
  "bids_meta": {
    "AcquisitionMatrixPE": 68,
    "AcquisitionNumber": 1,
    "AcquisitionTime": "17:29:20.975000",
    "BandwidthPerPixelPhaseEncode": 25.355,
    "BaseResolution": 68,
    "BodyPartExamined": "BRAIN",
    "ConsistencyInfo": "N4_VE11A_LATEST_20140830",
    "ConversionSoftware": "dcm2niix",
    "ConversionSoftwareVersion": "v1.0.20171103 (OpenJPEG build) GCC6.3.0",
    "DelayTime": 0.1,
    "DerivedVendorReportedEchoSpacing": 0.000579999,
    "DeviceSerialNumber": "45685",
    "DwellTime": 3.8e-06,
    "EchoTime": 0.03,
    "EchoTrainLength": 68,
    "EffectiveEchoSpacing": 0.000579999,
    "FlipAngle": 90,
    "ImageOrientationPatientDICOM": [
      1,
      0,
      0,
      0,
      1,
      0
    ],
    "ImageType": [
      "ORIGINAL",
      "PRIMARY",
      "M",
      "ND",
      "MOSAIC"
    ],
    "InPlanePhaseEncodingDirectionDICOM": "COL",
    "InstitutionAddress": "HAWKINS_DRIVE_200_IOWA_CITY_IOWA_US_52242",
    "InstitutionName": "UIHC_SKYRA",
    "InstitutionalDepartmentName": "Department",
    "MRAcquisitionType": "2D",
    "MagneticFieldStrength": 3,
    "Manufacturer": "Siemens",
    "ManufacturersModelName": "Skyra",
    "Modality": "MR",
    "PartialFourier": 1,
    "PatientPosition": "HFS",
    "PercentPhaseFOV": 100,
    "PhaseEncodingDirection": "j-",
    "PhaseEncodingSteps": 68,
    "PhaseResolution": 1,
    "PixelBandwidth": 1935,
    "ProcedureStepDescription": "RESEARCH_HOWARD",
    "ProtocolName": "ES-FMRI",
    "PulseSequenceDetails": "%SiemensSeq%_ep2d_pace",
    "ReceiveCoilActiveElements": "HE",
    "ReceiveCoilName": "Head_TxRx",
    "ReconMatrixPE": 68,
    "RepetitionTime": 3,
    "SAR": 0.12994,
    "ScanOptions": "FS",
    "ScanningSequence": "EP",
    "SequenceName": "_epfid2d1_68",
    "SequenceVariant": "SK",
    "SeriesDescription": "ES-FMRI",
    "SeriesNumber": 12,
    "ShimSetting": [
      -3873,
      -1343,
      -917,
      405,
      365,
      -215,
      -126,
      565
    ],
    "SliceThickness": 3,
    "SliceTiming": [
      1.44,
      0,
      1.505,
      0.065,
      1.57,
      0.13,
      1.635,
      0.195,
      1.7,
      0.2625,
      1.7675,
      0.3275,
      1.8325,
      0.3925,
      1.8975,
      0.4575,
      1.9625,
      0.5225,
      2.0275,
      0.5875,
      2.095,
      0.655,
      2.16,
      0.72,
      2.225,
      0.785,
      2.29,
      0.85,
      2.355,
      0.915,
      2.42,
      0.9825,
      2.4875,
      1.0475,
      2.5525,
      1.1125,
      2.6175,
      1.1775,
      2.6825,
      1.2425,
      2.7475,
      1.3075,
      2.815,
      1.375
    ],
    "SoftwareVersions": "syngo_MR_E11",
    "SpacingBetweenSlices": 3,
    "StationName": "AWP45685",
    "TaskName": "es",
    "TotalReadoutTime": 0.03886,
    "TxRefAmp": 214.652,
    "dataset": "ds002799",
    "modality": "bold",
    "run_id": 9,
    "session_id": "postop",
    "subject_id": "331",
    "task_id": "es"
  },
  "dummy_trs": 0,
  "dvars_nstd": 44.75516676766235,
  "dvars_std": 1.2847191878787878,
  "dvars_vstd": 1.0529030856709958,
  "efc": 0.5254501869460064,
  "fber": 1046.4486083984375,
  "fd_mean": 0.24486075849010183,
  "fd_num": 64,
  "fd_perc": 27.586206896551722,
  "fwhm_avg": 1.9347710358909305,
  "fwhm_x": 1.810317644211152,
  "fwhm_y": 2.0568454634616393,
  "fwhm_z": 1.93715,
  "gcor": 0.0447799,
  "gsr_x": 0.03613058477640152,
  "gsr_y": 0.0025914330035448074,
  "provenance": {
    "md5sum": "05e7b8a97040f030b8167d67242c5e34",
    "settings": {
      "fd_thres": 0.2,
      "testing": false
    },
    "software": "mriqc",
    "version": "21.0.0rc2",
    "webapi_port": null,
    "webapi_url": "https://mriqc.nimh.nih.gov/api/v1"
  },
  "size_t": 232,
  "size_x": 68,
  "size_y": 68,
  "size_z": 44,
  "snr": 4.461930163501953,
  "spacing_tr": 3.0,
  "spacing_x": 3.2352941036224365,
  "spacing_y": 3.2352941036224365,
  "spacing_z": 3.0,
  "summary_bg_k": 34.75284794891313,
  "summary_bg_mad": 4.147451237529365,
  "summary_bg_mean": 25.011585235595703,
  "summary_bg_median": 7.4568963050842285,
  "summary_bg_n": 134017.0,
  "summary_bg_p05": 4.573276042938232,
  "summary_bg_p95": 103.20689392089838,
  "summary_bg_stdv": 54.17267608642578,
  "summary_fg_k": 1.2087139513963052,
  "summary_fg_mad": 50.31900259328059,
  "summary_fg_mean": 254.5279541015625,
  "summary_fg_median": 250.41810607910156,
  "summary_fg_n": 29881.0,
  "summary_fg_p05": 169.60775756835938,
  "summary_fg_p95": 351.9956970214844,
  "summary_fg_stdv": 56.12232971191406,
  "tsnr": 37.19948588311672
}