{
  "bids_meta": {
    "AcquisitionMatrixPE": 226,
    "AcquisitionNumber": 1,
    "AcquisitionTime": "15:54:59.160000",
    "BaseResolution": 256,
    "ConversionSoftware": "dcm2niix",
    "ConversionSoftwareVersion": "v1.0.20171103 (OpenJPEG build) GCC6.3.0",
    "DeviceSerialNumber": "35267",
    "DwellTime": 3.3e-06,
    "EchoTime": 0.407,
    "EchoTrainLength": 125,
    "FlipAngle": 120,
    "ImageComments": "PROJECT:MH_EPIL_SUBJECT:314_SESSION:20150629",
    "ImageOrientationPatientDICOM": [
      0,
      1,
      0,
      0,
      0,
      -1
    ],
    "ImageType": [
      "ORIGINAL",
      "PRIMARY",
      "M",
      "ND",
      "NORM"
    ],
    "InPlanePhaseEncodingDirectionDICOM": "ROW",
    "InstitutionAddress": "Newton_Road_500_Iowa_City_CDI_US_52242",
    "InstitutionName": "University_of_Iowa",
    "InstitutionalDepartmentName": "Department",
    "MRAcquisitionType": "3D",
    "MagneticFieldStrength": 3,
    "Manufacturer": "Siemens",
    "ManufacturersModelName": "TrioTim",
    "Modality": "MR",
    "ParallelReductionFactorInPlane": 2,
    "PartialFourier": 1,
    "PatientPosition": "HFS",
    "PercentPhaseFOV": 87.5,
    "PhaseEncodingSteps": 210,
    "PhaseResolution": 1.00893,
    "PixelBandwidth": 592,
    "ProcedureStepDescription": "RESEARCH_HOWARD",
    "ProtocolName": "T2-PREP_3D_T2",
    "PulseSequenceDetails": "%SiemensSeq%_tse_vfl",
    "ReceiveCoilName": "HeadMatrix",
    "ReconMatrixPE": 256,
    "RepetitionTime": 4,
    "SAR": 0.174448,
    "ScanOptions": "PFP",
    "ScanningSequence": "SE",
    "SequenceName": "_spc3d1_250ns",
    "SequenceVariant": "SK_SP_OSP",
    "SeriesDescription": "T2-PREP_3D_T2",
    "SeriesNumber": 6,
    "ShimSetting": [
      6543,
      25449,
      5709,
      179,
      37,
      -24,
      -54,
      49
    ],
    "SliceThickness": 1,
    "SoftwareVersions": "syngo_MR_B17",
    "StationName": "MRC35267",
    "TxRefAmp": 273.724,
    "dataset": "ds002799",
    "modality": "T2w",
    "session_id": "preop",
    "subject_id": "314"
  },
  "cjv": 0.4591113075205295,
  "cnr": 2.8042484995363677,
  "efc": 0.572303890044999,
  "fber": 3625.8088033451436,
  "fwhm_avg": 2.427326666666666,
  "fwhm_x": 2.38734,
  "fwhm_y": 2.62159,
  "fwhm_z": 2.27305,
  "icvs_csf": 0.13990054147532482,
  "icvs_gm": 0.4091138431714668,
  "icvs_wm": 0.45098561535320836,
  "inu_med": 1.2424232959747314,
  "inu_range": 0.5419896364212036,
  "provenance": {
    "md5sum": "0f5f0e4c7984d1a99bc664006fef5731",
    "settings": {
      "testing": false
    },
    "software": "mriqc",
    "version": "21.0.0rc2",
    "warnings": {
      "large_rot_frame": true,
      "small_air_mask": false
    },
    "webapi_port": null,
    "webapi_url": "https://mriqc.nimh.nih.gov/api/v1"
  },
  "qi_1": 0.0,
  "qi_2": 0.022449248696179192,
  "rpve_csf": 38.73083117563652,
  "rpve_gm": 12.968549358010712,
  "rpve_wm": 13.918091601247475,
  "size_x": 176,
  "size_y": 224,
  "size_z": 256,
  "snr_csf": 4.776598735156911,
  "snr_gm": 7.643292296158157,
  "snr_total": 7.873526650917992,
  "snr_wm": 11.200688921438909,
  "snrd_csf": 176.42542031095982,
  "snrd_gm": 83.7640925892442,
  "snrd_total": 103.55613778069248,
  "snrd_wm": 50.478900441873385,
  "spacing_x": 1.0,
  "spacing_y": 1.0,
  "spacing_z": 1.0,
  "summary_bg_k": 7.089156412689439,
  "summary_bg_mad": 12.978420219157892,
  "summary_bg_mean": 13.78086577338922,
  "summary_bg_median": 8.753811411559582,
  "summary_bg_n": 2621947.0,
  "summary_bg_p05": 0.0,
  "summary_bg_p95": 43.37562733143568,
  "summary_bg_stdv": 13.6788881497233,
  "summary_csf_k": 2.188250682253588,
  "summary_csf_mad": 535.469202749975,
  "summary_csf_mean": 3281.3722681630547,
  "summary_csf_median": 3495.032974138856,
  "summary_csf_n": 13867.0,
  "summary_csf_p05": 1824.1270905353128,
  "summary_csf_p95": 4114.95035822466,
  "summary_csf_stdv": 731.6727122898601,
  "summary_gm_k": 0.22454319978593684,
  "summary_gm_mad": 220.48731877940148,
  "summary_gm_mean": 1670.009279816813,
  "summary_gm_median": 1659.3882283642888,
  "summary_gm_n": 26822.0,
  "summary_gm_p05": 1336.2840655893087,
  "summary_gm_p95": 2036.0971913561225,
  "summary_gm_stdv": 217.0998086214058,
  "summary_wm_k": 0.9332852461691323,
  "summary_wm_mad": 82.24526970342754,
  "summary_wm_mean": 997.6260600916736,
  "summary_wm_median": 1000.000006981194,
  "summary_wm_n": 188842.0,
  "summary_wm_p05": 848.6279197633266,
  "summary_wm_p95": 1137.700411207974,
  "summary_wm_stdv": 89.27998681826837,
  "tpm_overlap_csf": 0.14422106742858887,
  "tpm_overlap_gm": 0.4114885628223419,
  "tpm_overlap_wm": 0.46765071153640747,
  "wm2max": 0.25043889928223445
}