{
  "aor": 0.0005727149321266968,
  "aqi": 0.006733274117647058,
  "bids_meta": {
    "AcquisitionMatrixPE": 68,
    "AcquisitionNumber": 1,
    "AcquisitionTime": "17:30:35.570000",
    "BandwidthPerPixelPhaseEncode": 25.355,
    "BaseResolution": 68,
    "BodyPartExamined": "BRAIN",
    "ConsistencyInfo": "N4_VE11A_LATEST_20140830",
    "ConversionSoftware": "dcm2niix",
    "ConversionSoftwareVersion": "v1.0.20171103 (OpenJPEG build) GCC6.3.0",
    "DelayTime": 0.1,
    "DerivedVendorReportedEchoSpacing": 0.000579999,
    "DeviceSerialNumber": "45685",
    "DwellTime": 3.8e-06,
    "EchoTime": 0.03,
    "EchoTrainLength": 68,
    "EffectiveEchoSpacing": 0.000579999,
    "FlipAngle": 90,
    "ImageOrientationPatientDICOM": [
      1,
      0,
      0,
      0,
      0.994703,
      -0.102793
    ],
    "ImageType": [
      "ORIGINAL",
      "PRIMARY",
      "M",
      "ND",
      "MOSAIC"
    ],
    "InPlanePhaseEncodingDirectionDICOM": "COL",
    "InstitutionAddress": "HAWKINS_DRIVE_200_IOWA_CITY_IOWA_US_52242",
    "InstitutionName": "UIHC_SKYRA",
    "InstitutionalDepartmentName": "Department",
    "MRAcquisitionType": "2D",
    "MagneticFieldStrength": 3,
    "Manufacturer": "Siemens",
    "ManufacturersModelName": "Skyra",
    "Modality": "MR",
    "PartialFourier": 1,
    "PatientPosition": "HFS",
    "PercentPhaseFOV": 100,
    "PhaseEncodingDirection": "j-",
    "PhaseEncodingSteps": 68,
    "PhaseResolution": 1,
    "PixelBandwidth": 1935,
    "ProcedureStepDescription": "RESEARCH_HOWARD",
    "ProtocolName": "ES-FMRI",
    "PulseSequenceDetails": "%SiemensSeq%_ep2d_pace",
    "ReceiveCoilActiveElements": "HE",
    "ReceiveCoilName": "Head_TxRx",
    "ReconMatrixPE": 68,
    "RepetitionTime": 3,
    "SAR": 0.150782,
    "ScanOptions": "FS",
    "ScanningSequence": "EP",
    "SequenceName": "_epfid2d1_68",
    "SequenceVariant": "SK",
    "SeriesDescription": "ES-FMRI",
    "SeriesNumber": 7,
    "ShimSetting": [
      -3892,
      -1193,
      -1229,
      226,
      469,
      -1022,
      -152,
      286
    ],
    "SliceThickness": 3,
    "SliceTiming": [
      1.44,
      0,
      1.505,
      0.065,
      1.57,
      0.13,
      1.635,
      0.195,
      1.7025,
      0.2625,
      1.7675,
      0.3275,
      1.8325,
      0.3925,
      1.8975,
      0.4575,
      1.9625,
      0.5225,
      2.0275,
      0.5875,
      2.095,
      0.655,
      2.16,
      0.72,
      2.225,
      0.785,
      2.29,
      0.85,
      2.355,
      0.915,
      2.4225,
      0.9825,
      2.4875,
      1.0475,
      2.5525,
      1.1125,
      2.6175,
      1.1775,
      2.6825,
      1.2425,
      2.7475,
      1.3075,
      2.815,
      1.375
    ],
    "SoftwareVersions": "syngo_MR_E11",
    "SpacingBetweenSlices": 3,
    "StationName": "AWP45685",
    "TaskName": "es",
    "TotalReadoutTime": 0.03886,
    "TxRefAmp": 237.673,
    "dataset": "ds002799",
    "modality": "bold",
    "run_id": 2,
    "session_id": "postop",
    "subject_id": "334",
    "task_id": "es"
  },
  "dummy_trs": 0,
  "dvars_nstd": 28.63599772868184,
  "dvars_std": 1.022960814954546,
  "dvars_vstd": 0.998371466318182,
  "efc": 0.47533932976315413,
  "fber": 1556.0218505859375,
  "fd_mean": 0.10554304723855737,
  "fd_num": 22,
  "fd_perc": 9.95475113122172,
  "fwhm_avg": 2.1335116628050295,
  "fwhm_x": 2.066931099868996,
  "fwhm_y": 2.2510905552127602,
  "fwhm_z": 2.0825133333333334,
  "gcor": 0.0690997,
  "gsr_x": -0.00014402464148588479,
  "gsr_y": 0.0205197986215353,
  "provenance": {
    "md5sum": "4c3eb15d0bff72577a37da04f97db74c",
    "settings": {
      "fd_thres": 0.2,
      "testing": false
    },
    "software": "mriqc",
    "version": "21.0.0rc2",
    "webapi_port": null,
    "webapi_url": "https://mriqc.nimh.nih.gov/api/v1"
  },
  "size_t": 221,
  "size_x": 68,
  "size_y": 68,
  "size_z": 44,
  "snr": 5.353235967013613,
  "spacing_tr": 3.0,
  "spacing_x": 3.2352941036224365,
  "spacing_y": 3.2352941036224365,
  "spacing_z": 3.0,
  "summary_bg_k": 30.93978156118405,
  "summary_bg_mad": 1.9522052333838156,
  "summary_bg_mean": 14.89512825012207,
  "summary_bg_median": 6.072398662567139,
  "summary_bg_n": 143845.0,
  "summary_bg_p05": 4.669683456420898,
  "summary_bg_p95": 54.863349151611274,
  "summary_bg_stdv": 23.924379348754883,
  "summary_fg_k": 1.3463942023573496,
  "summary_fg_mad": 40.419370589322526,
  "summary_fg_mean": 247.1450958251953,
  "summary_fg_median": 246.44345092773438,
  "summary_fg_n": 22495.0,
  "summary_fg_p05": 169.4882385253906,
  "summary_fg_p95": 320.5380279541015,
  "summary_fg_stdv": 46.03532791137695,
  "tsnr": 45.58021165343234
}