{
  "aor": 0.003364841628959276,
  "aqi": 0.011779875791855203,
  "bids_meta": {
    "AcquisitionMatrixPE": 68,
    "AcquisitionNumber": 1,
    "AcquisitionTime": "19:10:47.617500",
    "BandwidthPerPixelPhaseEncode": 25.355,
    "BaseResolution": 68,
    "BodyPartExamined": "BRAIN",
    "ConsistencyInfo": "N4_VE11A_LATEST_20140830",
    "ConversionSoftware": "dcm2niix",
    "ConversionSoftwareVersion": "v1.0.20171103 (OpenJPEG build) GCC6.3.0",
    "DelayTime": 0.1,
    "DerivedVendorReportedEchoSpacing": 0.000579999,
    "DeviceSerialNumber": "45685",
    "DwellTime": 3.8e-06,
    "EchoTime": 0.03,
    "EchoTrainLength": 68,
    "EffectiveEchoSpacing": 0.000579999,
    "FlipAngle": 90,
    "ImageOrientationPatientDICOM": [
      1,
      0,
      0,
      0,
      0.994703,
      -0.102793
    ],
    "ImageType": [
      "ORIGINAL",
      "PRIMARY",
      "M",
      "ND",
      "MOSAIC"
    ],
    "InPlanePhaseEncodingDirectionDICOM": "COL",
    "InstitutionAddress": "HAWKINS_DRIVE_200_IOWA_CITY_IOWA_US_52242",
    "InstitutionName": "UIHC_SKYRA",
    "InstitutionalDepartmentName": "Department",
    "MRAcquisitionType": "2D",
    "MagneticFieldStrength": 3,
    "Manufacturer": "Siemens",
    "ManufacturersModelName": "Skyra",
    "Modality": "MR",
    "PartialFourier": 1,
    "PatientPosition": "HFS",
    "PercentPhaseFOV": 100,
    "PhaseEncodingDirection": "j-",
    "PhaseEncodingSteps": 68,
    "PhaseResolution": 1,
    "PixelBandwidth": 1935,
    "ProcedureStepDescription": "RESEARCH_HOWARD",
    "ProtocolName": "ES-FMRI",
    "PulseSequenceDetails": "%SiemensSeq%_ep2d_pace",
    "ReceiveCoilActiveElements": "HE",
    "ReceiveCoilName": "Head_TxRx",
    "ReconMatrixPE": 68,
    "RepetitionTime": 3,
    "SAR": 0.150782,
    "ScanOptions": "FS",
    "ScanningSequence": "EP",
    "SequenceName": "_epfid2d1_68",
    "SequenceVariant": "SK",
    "SeriesDescription": "ES-FMRI",
    "SeriesNumber": 23,
    "ShimSetting": [
      -3892,
      -1193,
      -1229,
      226,
      469,
      -1022,
      -152,
      286
    ],
    "SliceThickness": 3,
    "SliceTiming": [
      1.44,
      0,
      1.505,
      0.065,
      1.57,
      0.13,
      1.635,
      0.195,
      1.7,
      0.26,
      1.7675,
      0.3275,
      1.8325,
      0.3925,
      1.8975,
      0.4575,
      1.9625,
      0.5225,
      2.0275,
      0.5875,
      2.0925,
      0.6525,
      2.16,
      0.72,
      2.225,
      0.785,
      2.29,
      0.85,
      2.355,
      0.915,
      2.42,
      0.98,
      2.4875,
      1.0475,
      2.5525,
      1.1125,
      2.6175,
      1.1775,
      2.6825,
      1.2425,
      2.7475,
      1.3075,
      2.8125,
      1.3725
    ],
    "SoftwareVersions": "syngo_MR_E11",
    "SpacingBetweenSlices": 3,
    "StationName": "AWP45685",
    "TaskName": "es",
    "TotalReadoutTime": 0.03886,
    "TxRefAmp": 237.673,
    "dataset": "ds002799",
    "modality": "bold",
    "run_id": 10,
    "session_id": "postop",
    "subject_id": "334",
    "task_id": "es"
  },
  "dummy_trs": 0,
  "dvars_nstd": 35.87042570127272,
  "dvars_std": 1.093680780363636,
  "dvars_vstd": 1.040711048318182,
  "efc": 0.4821902121449247,
  "fber": 1437.42236328125,
  "fd_mean": 0.2988399838794615,
  "fd_num": 93,
  "fd_perc": 42.081447963800905,
  "fwhm_avg": 2.2031887942626356,
  "fwhm_x": 2.138927645635638,
  "fwhm_y": 2.279078737152268,
  "fwhm_z": 2.19156,
  "gcor": 0.0594971,
  "gsr_x": 0.005409065168350935,
  "gsr_y": 0.018390508368611336,
  "provenance": {
    "md5sum": "36a8bb98db523ef81b5522679f79e07f",
    "settings": {
      "fd_thres": 0.2,
      "testing": false
    },
    "software": "mriqc",
    "version": "21.0.0rc2",
    "webapi_port": null,
    "webapi_url": "https://mriqc.nimh.nih.gov/api/v1"
  },
  "size_t": 221,
  "size_x": 68,
  "size_y": 68,
  "size_z": 44,
  "snr": 5.376124345940231,
  "spacing_tr": 3.0,
  "spacing_x": 3.2352941036224365,
  "spacing_y": 3.2352941036224365,
  "spacing_z": 3.0,
  "summary_bg_k": 30.968605596342833,
  "summary_bg_mad": 1.7039866888372848,
  "summary_bg_mean": 14.10982894897461,
  "summary_bg_median": 5.728507041931152,
  "summary_bg_n": 143715.0,
  "summary_bg_p05": 4.506787300109863,
  "summary_bg_p95": 52.23212852478022,
  "summary_bg_stdv": 22.49698257446289,
  "summary_fg_k": 0.7025856534547428,
  "summary_fg_mad": 37.346821371933984,
  "summary_fg_mean": 221.91148376464844,
  "summary_fg_median": 223.42535400390625,
  "summary_fg_n": 22617.0,
  "summary_fg_p05": 146.0542999267578,
  "summary_fg_p95": 285.4950378417969,
  "summary_fg_stdv": 41.55789566040039,
  "tsnr": 36.64631441433448
}