{
  "aor": 0.0021089140271493213,
  "aqi": 0.008495096651583711,
  "bids_meta": {
    "AcquisitionMatrixPE": 68,
    "AcquisitionNumber": 1,
    "AcquisitionTime": "18:08:11.045000",
    "BandwidthPerPixelPhaseEncode": 25.355,
    "BaseResolution": 68,
    "BodyPartExamined": "BRAIN",
    "ConsistencyInfo": "N4_VE11A_LATEST_20140830",
    "ConversionSoftware": "dcm2niix",
    "ConversionSoftwareVersion": "v1.0.20171103 (OpenJPEG build) GCC6.3.0",
    "DelayTime": 0.1,
    "DerivedVendorReportedEchoSpacing": 0.000579999,
    "DeviceSerialNumber": "45685",
    "DwellTime": 3.8e-06,
    "EchoTime": 0.03,
    "EchoTrainLength": 68,
    "EffectiveEchoSpacing": 0.000579999,
    "FlipAngle": 90,
    "ImageOrientationPatientDICOM": [
      1,
      0,
      0,
      0,
      0.994703,
      -0.102793
    ],
    "ImageType": [
      "ORIGINAL",
      "PRIMARY",
      "M",
      "ND",
      "MOSAIC"
    ],
    "InPlanePhaseEncodingDirectionDICOM": "COL",
    "InstitutionAddress": "HAWKINS_DRIVE_200_IOWA_CITY_IOWA_US_52242",
    "InstitutionName": "UIHC_SKYRA",
    "InstitutionalDepartmentName": "Department",
    "MRAcquisitionType": "2D",
    "MagneticFieldStrength": 3,
    "Manufacturer": "Siemens",
    "ManufacturersModelName": "Skyra",
    "Modality": "MR",
    "PartialFourier": 1,
    "PatientPosition": "HFS",
    "PercentPhaseFOV": 100,
    "PhaseEncodingDirection": "j-",
    "PhaseEncodingSteps": 68,
    "PhaseResolution": 1,
    "PixelBandwidth": 1935,
    "ProcedureStepDescription": "RESEARCH_HOWARD",
    "ProtocolName": "ES-FMRI",
    "PulseSequenceDetails": "%SiemensSeq%_ep2d_pace",
    "ReceiveCoilActiveElements": "HE",
    "ReceiveCoilName": "Head_TxRx",
    "ReconMatrixPE": 68,
    "RepetitionTime": 3,
    "SAR": 0.150782,
    "ScanOptions": "FS",
    "ScanningSequence": "EP",
    "SequenceName": "_epfid2d1_68",
    "SequenceVariant": "SK",
    "SeriesDescription": "ES-FMRI",
    "SeriesNumber": 13,
    "ShimSetting": [
      -3892,
      -1193,
      -1229,
      226,
      469,
      -1022,
      -152,
      286
    ],
    "SliceThickness": 3,
    "SliceTiming": [
      1.44,
      0,
      1.505,
      0.065,
      1.5725,
      0.1325,
      1.6375,
      0.1975,
      1.7025,
      0.2625,
      1.7675,
      0.3275,
      1.8325,
      0.3925,
      1.8975,
      0.4575,
      1.965,
      0.525,
      2.03,
      0.59,
      2.095,
      0.655,
      2.16,
      0.72,
      2.225,
      0.785,
      2.2925,
      0.8525,
      2.3575,
      0.9175,
      2.4225,
      0.9825,
      2.4875,
      1.0475,
      2.5525,
      1.1125,
      2.6175,
      1.1775,
      2.685,
      1.245,
      2.75,
      1.31,
      2.815,
      1.375
    ],
    "SoftwareVersions": "syngo_MR_E11",
    "SpacingBetweenSlices": 3,
    "StationName": "AWP45685",
    "TaskName": "es",
    "TotalReadoutTime": 0.03886,
    "TxRefAmp": 237.673,
    "dataset": "ds002799",
    "modality": "bold",
    "run_id": 5,
    "session_id": "postop",
    "subject_id": "334",
    "task_id": "es"
  },
  "dummy_trs": 0,
  "dvars_nstd": 33.872388900136364,
  "dvars_std": 1.0843345186363642,
  "dvars_vstd": 1.0231560440454543,
  "efc": 0.4792016717381994,
  "fber": 1452.443603515625,
  "fd_mean": 0.24780377641108095,
  "fd_num": 69,
  "fd_perc": 31.221719457013574,
  "fwhm_avg": 2.1705251174110285,
  "fwhm_x": 2.096968554544659,
  "fwhm_y": 2.2629534643550935,
  "fwhm_z": 2.1516533333333334,
  "gcor": 0.0762063,
  "gsr_x": 0.0024229378905147314,
  "gsr_y": 0.0185434278100729,
  "provenance": {
    "md5sum": "ea1278d97f9201f7865327fb80eb2e22",
    "settings": {
      "fd_thres": 0.2,
      "testing": false
    },
    "software": "mriqc",
    "version": "21.0.0rc2",
    "webapi_port": null,
    "webapi_url": "https://mriqc.nimh.nih.gov/api/v1"
  },
  "size_t": 221,
  "size_x": 68,
  "size_y": 68,
  "size_z": 44,
  "snr": 5.205196453926199,
  "spacing_tr": 3.0,
  "spacing_x": 3.2352941036224365,
  "spacing_y": 3.2352941036224365,
  "spacing_z": 3.0,
  "summary_bg_k": 31.417070838501466,
  "summary_bg_mad": 1.7979070090289961,
  "summary_bg_mean": 14.330127716064453,
  "summary_bg_median": 5.828054428100586,
  "summary_bg_n": 143879.0,
  "summary_bg_p05": 4.538461685180664,
  "summary_bg_p95": 53.38054504394534,
  "summary_bg_stdv": 22.982576370239258,
  "summary_fg_k": 1.2445214426650582,
  "summary_fg_mad": 38.43025710416606,
  "summary_fg_mean": 228.7402801513672,
  "summary_fg_median": 228.8235321044922,
  "summary_fg_n": 22494.0,
  "summary_fg_p05": 153.1988754272461,
  "summary_fg_p95": 299.5477447509764,
  "summary_fg_stdv": 43.959617614746094,
  "tsnr": 40.193621510406956
}