{
  "aor": 0.0009194615384615385,
  "aqi": 0.006413171769230769,
  "bids_meta": {
    "AcquisitionMatrixPE": 64,
    "AcquisitionNumber": 1,
    "AcquisitionTime": "10:21:3.575000",
    "BandwidthPerPixelPhaseEncode": 27.902,
    "BaseResolution": 64,
    "ConversionSoftware": "dcm2niix",
    "ConversionSoftwareVersion": "v1.0.20171103 (OpenJPEG build) GCC7.2.1",
    "DerivedVendorReportedEchoSpacing": 0.000559996,
    "DeviceSerialNumber": "35267",
    "DwellTime": 3.9e-06,
    "EchoTime": 0.03,
    "EffectiveEchoSpacing": 0.000559996,
    "FlipAngle": 80,
    "ImageComments": "PROJECT:MH_EPIL_SUBJECT:307_SESSION:20150302",
    "ImageOrientationPatientDICOM": [
      1,
      0,
      0,
      0,
      1,
      0
    ],
    "ImageType": [
      "ORIGINAL",
      "PRIMARY",
      "M",
      "ND",
      "MOSAIC"
    ],
    "InPlanePhaseEncodingDirectionDICOM": "COL",
    "InstitutionAddress": "Newton_Road_500_Iowa_City_CDI_US_52242",
    "InstitutionName": "University_of_Iowa",
    "InstitutionalDepartmentName": "Department",
    "MRAcquisitionType": "2D",
    "MagneticFieldStrength": 3,
    "Manufacturer": "Siemens",
    "ManufacturersModelName": "TrioTim",
    "Modality": "MR",
    "PartialFourier": 1,
    "PatientPosition": "HFS",
    "PercentPhaseFOV": 100,
    "PhaseEncodingDirection": "j-",
    "PhaseEncodingSteps": 64,
    "PhaseResolution": 1,
    "PixelBandwidth": 2003,
    "ProcedureStepDescription": "RESEARCH_HOWARD",
    "ProtocolName": "REST",
    "PulseSequenceDetails": "%SiemensSeq%_ep2d_pace",
    "ReceiveCoilName": "HeadMatrix",
    "ReconMatrixPE": 64,
    "RepetitionTime": 2.26,
    "SAR": 0.146327,
    "ScanOptions": "FS",
    "ScanningSequence": "EP",
    "SequenceName": "_epfid2d1_64",
    "SequenceVariant": "SK",
    "SeriesDescription": "REST",
    "SeriesNumber": 5,
    "ShimSetting": [
      6530,
      25377,
      6201,
      862,
      12,
      -433,
      -152,
      36
    ],
    "SliceThickness": 4,
    "SliceTiming": [
      1.125,
      0,
      1.1875,
      0.0625,
      1.25,
      0.125,
      1.3125,
      0.1875,
      1.375,
      0.25,
      1.435,
      0.3125,
      1.4975,
      0.375,
      1.56,
      0.4375,
      1.6225,
      0.5,
      1.685,
      0.5625,
      1.7475,
      0.625,
      1.81,
      0.6875,
      1.8725,
      0.75,
      1.935,
      0.8125,
      1.9975,
      0.875,
      2.06,
      0.9375,
      2.1225,
      1,
      2.185,
      1.0625
    ],
    "SoftwareVersions": "syngo_MR_B17",
    "SpacingBetweenSlices": 4,
    "StationName": "MRC35267",
    "TaskName": "rest",
    "TotalReadoutTime": 0.0352797,
    "TxRefAmp": 281.873,
    "dataset": "ds002799",
    "modality": "bold",
    "run_id": 2,
    "session_id": "preop",
    "subject_id": "307",
    "task_id": "rest"
  },
  "dummy_trs": 0,
  "dvars_nstd": 23.44315134108527,
  "dvars_std": 1.2217516037984495,
  "dvars_vstd": 0.9962122852713183,
  "efc": 0.5169555963197431,
  "fber": 1472.8819580078125,
  "fd_mean": 0.1679337147077046,
  "fd_num": 35,
  "fd_perc": 26.923076923076923,
  "fwhm_avg": 1.9099617424242423,
  "fwhm_x": 1.798274909090909,
  "fwhm_y": 2.129317818181818,
  "fwhm_z": 1.8022925,
  "gcor": 0.0537025,
  "gsr_x": -0.011559927836060524,
  "gsr_y": 0.03279903531074524,
  "provenance": {
    "md5sum": "5d89f35a50e6da7e4da89319b8a7b9ad",
    "settings": {
      "fd_thres": 0.2,
      "testing": false
    },
    "software": "mriqc",
    "version": "21.0.0rc2",
    "webapi_port": null,
    "webapi_url": "https://mriqc.nimh.nih.gov/api/v1"
  },
  "size_t": 130,
  "size_x": 64,
  "size_y": 64,
  "size_z": 36,
  "snr": 6.02231213869499,
  "spacing_tr": 2.259999990463257,
  "spacing_x": 3.4375,
  "spacing_y": 3.4375,
  "spacing_z": 4.0,
  "summary_bg_k": 22.548183162359727,
  "summary_bg_mad": 10.469454351100977,
  "summary_bg_mean": 48.52928161621094,
  "summary_bg_median": 21.24615478515625,
  "summary_bg_n": 91543.0,
  "summary_bg_p05": 13.438461303710938,
  "summary_bg_p95": 194.43769226074215,
  "summary_bg_stdv": 73.21569061279297,
  "summary_fg_k": 1.8152728428400593,
  "summary_fg_mad": 119.85125039766076,
  "summary_fg_mean": 837.4788208007812,
  "summary_fg_median": 833.8076782226562,
  "summary_fg_n": 23979.0,
  "summary_fg_p05": 619.1022827148438,
  "summary_fg_p95": 1066.8346557617188,
  "summary_fg_stdv": 138.4501953125,
  "tsnr": 70.85624673217535
}