{
  "aor": 0.0022307246376811595,
  "aqi": 0.0070575230434782605,
  "bids_meta": {
    "AcquisitionMatrixPE": 64,
    "AcquisitionNumber": 2,
    "AcquisitionTime": "10:14:32.022500",
    "BandwidthPerPixelPhaseEncode": 27.902,
    "BaseResolution": 64,
    "ConversionSoftware": "dcm2niix",
    "ConversionSoftwareVersion": "v1.0.20171103 (OpenJPEG build) GCC7.2.1",
    "DerivedVendorReportedEchoSpacing": 0.000559996,
    "DeviceSerialNumber": "35267",
    "DwellTime": 3.9e-06,
    "EchoTime": 0.03,
    "EffectiveEchoSpacing": 0.000559996,
    "FlipAngle": 80,
    "ImageComments": "PROJECT:MH_EPIL_SUBJECT:307_SESSION:20150302",
    "ImageOrientationPatientDICOM": [
      1,
      0,
      0,
      0,
      1,
      0
    ],
    "ImageType": [
      "ORIGINAL",
      "PRIMARY",
      "M",
      "ND",
      "MOSAIC"
    ],
    "InPlanePhaseEncodingDirectionDICOM": "COL",
    "InstitutionAddress": "Newton_Road_500_Iowa_City_CDI_US_52242",
    "InstitutionName": "University_of_Iowa",
    "InstitutionalDepartmentName": "Department",
    "MRAcquisitionType": "2D",
    "MagneticFieldStrength": 3,
    "Manufacturer": "Siemens",
    "ManufacturersModelName": "TrioTim",
    "Modality": "MR",
    "PartialFourier": 1,
    "PatientPosition": "HFS",
    "PercentPhaseFOV": 100,
    "PhaseEncodingDirection": "j-",
    "PhaseEncodingSteps": 64,
    "PhaseResolution": 1,
    "PixelBandwidth": 2003,
    "ProcedureStepDescription": "RESEARCH_HOWARD",
    "ProtocolName": "REST",
    "PulseSequenceDetails": "%SiemensSeq%_ep2d_pace",
    "ReceiveCoilName": "HeadMatrix",
    "ReconMatrixPE": 64,
    "RepetitionTime": 2.26,
    "SAR": 0.146327,
    "ScanOptions": "FS",
    "ScanningSequence": "EP",
    "SequenceName": "_epfid2d1_64",
    "SequenceVariant": "SK",
    "SeriesDescription": "REST",
    "SeriesNumber": 2,
    "ShimSetting": [
      6530,
      25377,
      6201,
      862,
      12,
      -433,
      -152,
      36
    ],
    "SliceThickness": 4,
    "SliceTiming": [
      1.1225,
      0,
      1.185,
      0.0625,
      1.2475,
      0.125,
      1.31,
      0.185,
      1.3725,
      0.2475,
      1.435,
      0.31,
      1.4975,
      0.3725,
      1.56,
      0.435,
      1.6225,
      0.4975,
      1.685,
      0.56,
      1.7475,
      0.6225,
      1.81,
      0.685,
      1.8725,
      0.7475,
      1.935,
      0.81,
      1.9975,
      0.8725,
      2.06,
      0.935,
      2.1225,
      0.9975,
      2.185,
      1.06
    ],
    "SoftwareVersions": "syngo_MR_B17",
    "SpacingBetweenSlices": 4,
    "StationName": "MRC35267",
    "TaskName": "rest",
    "TotalReadoutTime": 0.0352797,
    "TxRefAmp": 281.873,
    "dataset": "ds002799",
    "modality": "bold",
    "run_id": 1,
    "session_id": "preop",
    "subject_id": "307",
    "task_id": "rest"
  },
  "dummy_trs": 0,
  "dvars_nstd": 23.080922042794118,
  "dvars_std": 1.191189899117647,
  "dvars_vstd": 0.9836024827941178,
  "efc": 0.5142303054612901,
  "fber": 1504.0101318359375,
  "fd_mean": 0.16201055946693255,
  "fd_num": 21,
  "fd_perc": 30.434782608695652,
  "fwhm_avg": 1.927681984848485,
  "fwhm_x": 1.8245614545454547,
  "fwhm_y": 2.133632,
  "fwhm_z": 1.8248525,
  "gcor": 0.0346515,
  "gsr_x": -0.01132197305560112,
  "gsr_y": 0.03324129432439804,
  "provenance": {
    "md5sum": "c3458a2b9bf8165bc0923ddd3191ccd6",
    "settings": {
      "fd_thres": 0.2,
      "testing": false
    },
    "software": "mriqc",
    "version": "21.0.0rc2",
    "webapi_port": null,
    "webapi_url": "https://mriqc.nimh.nih.gov/api/v1"
  },
  "size_t": 69,
  "size_x": 64,
  "size_y": 64,
  "size_z": 36,
  "snr": 6.011334052719892,
  "spacing_tr": 2.259999990463257,
  "spacing_x": 3.4375,
  "spacing_y": 3.4375,
  "spacing_z": 4.0,
  "summary_bg_k": 22.04850351520491,
  "summary_bg_mad": 10.206319661130438,
  "summary_bg_mean": 47.32907485961914,
  "summary_bg_median": 21.101449966430664,
  "summary_bg_n": 91797.0,
  "summary_bg_p05": 13.449275970458984,
  "summary_bg_p95": 185.87536621093741,
  "summary_bg_stdv": 70.21090698242188,
  "summary_fg_k": 1.7394855887563736,
  "summary_fg_mad": 120.06924287473474,
  "summary_fg_mean": 839.1552124023438,
  "summary_fg_median": 835.478271484375,
  "summary_fg_n": 23753.0,
  "summary_fg_p05": 620.6405883789063,
  "summary_fg_p95": 1071.6203369140624,
  "summary_fg_stdv": 138.9809112548828,
  "tsnr": 69.71874618716538
}