{
  "aor": 0.002243692307692308,
  "aqi": 0.0061364349230769236,
  "bids_meta": {
    "AcquisitionMatrixPE": 64,
    "AcquisitionNumber": 1,
    "AcquisitionTime": "11:05:55.445000",
    "BandwidthPerPixelPhaseEncode": 27.902,
    "BaseResolution": 64,
    "ConversionSoftware": "dcm2niix",
    "ConversionSoftwareVersion": "v1.0.20171103 (OpenJPEG build) GCC7.2.1",
    "DerivedVendorReportedEchoSpacing": 0.000559996,
    "DeviceSerialNumber": "35267",
    "DwellTime": 3.9e-06,
    "EchoTime": 0.03,
    "EffectiveEchoSpacing": 0.000559996,
    "FlipAngle": 80,
    "ImageComments": "PROJECT:MH_EPIL_SUBJECT:307_SESSION:20150302",
    "ImageOrientationPatientDICOM": [
      1,
      0,
      0,
      0,
      1,
      0
    ],
    "ImageType": [
      "ORIGINAL",
      "PRIMARY",
      "M",
      "ND",
      "MOSAIC"
    ],
    "InPlanePhaseEncodingDirectionDICOM": "COL",
    "InstitutionAddress": "Newton_Road_500_Iowa_City_CDI_US_52242",
    "InstitutionName": "University_of_Iowa",
    "InstitutionalDepartmentName": "Department",
    "MRAcquisitionType": "2D",
    "MagneticFieldStrength": 3,
    "Manufacturer": "Siemens",
    "ManufacturersModelName": "TrioTim",
    "Modality": "MR",
    "PartialFourier": 1,
    "PatientPosition": "HFS",
    "PercentPhaseFOV": 100,
    "PhaseEncodingDirection": "j-",
    "PhaseEncodingSteps": 64,
    "PhaseResolution": 1,
    "PixelBandwidth": 2003,
    "ProcedureStepDescription": "RESEARCH_HOWARD",
    "ProtocolName": "REST",
    "PulseSequenceDetails": "%SiemensSeq%_ep2d_pace",
    "ReceiveCoilName": "HeadMatrix",
    "ReconMatrixPE": 64,
    "RepetitionTime": 2.26,
    "SAR": 0.146327,
    "ScanOptions": "FS",
    "ScanningSequence": "EP",
    "SequenceName": "_epfid2d1_64",
    "SequenceVariant": "SK",
    "SeriesDescription": "REST",
    "SeriesNumber": 18,
    "ShimSetting": [
      6530,
      25377,
      6201,
      862,
      12,
      -433,
      -152,
      36
    ],
    "SliceThickness": 4,
    "SliceTiming": [
      1.125,
      0,
      1.1875,
      0.0625,
      1.25,
      0.125,
      1.3125,
      0.1875,
      1.375,
      0.25,
      1.4375,
      0.3125,
      1.5,
      0.375,
      1.5625,
      0.4375,
      1.625,
      0.5,
      1.6875,
      0.5625,
      1.75,
      0.625,
      1.8125,
      0.6875,
      1.875,
      0.75,
      1.9375,
      0.8125,
      2,
      0.875,
      2.0625,
      0.9375,
      2.125,
      1,
      2.1875,
      1.0625
    ],
    "SoftwareVersions": "syngo_MR_B17",
    "SpacingBetweenSlices": 4,
    "StationName": "MRC35267",
    "TaskName": "rest",
    "TotalReadoutTime": 0.0352797,
    "TxRefAmp": 281.873,
    "dataset": "ds002799",
    "modality": "bold",
    "run_id": 5,
    "session_id": "preop",
    "subject_id": "307",
    "task_id": "rest"
  },
  "dummy_trs": 0,
  "dvars_nstd": 22.14795241224807,
  "dvars_std": 1.2086077591472864,
  "dvars_vstd": 1.0038904557364343,
  "efc": 0.5219268815634147,
  "fber": 1351.9005126953125,
  "fd_mean": 0.19984108765195327,
  "fd_num": 53,
  "fd_perc": 40.76923076923077,
  "fwhm_avg": 1.9103548787878788,
  "fwhm_x": 1.8140421818181818,
  "fwhm_y": 2.1233774545454547,
  "fwhm_z": 1.793645,
  "gcor": 0.0958876,
  "gsr_x": -0.011845886707305908,
  "gsr_y": 0.03359375521540642,
  "provenance": {
    "md5sum": "0607044ff1e0b51cc11977ff1c568e0d",
    "settings": {
      "fd_thres": 0.2,
      "testing": false
    },
    "software": "mriqc",
    "version": "21.0.0rc2",
    "webapi_port": null,
    "webapi_url": "https://mriqc.nimh.nih.gov/api/v1"
  },
  "size_t": 130,
  "size_x": 64,
  "size_y": 64,
  "size_z": 36,
  "snr": 5.992810672567725,
  "spacing_tr": 2.259999990463257,
  "spacing_x": 3.4375,
  "spacing_y": 3.4375,
  "spacing_z": 4.0,
  "summary_bg_k": 19.067157251692244,
  "summary_bg_mad": 11.495870945315703,
  "summary_bg_mean": 51.691890716552734,
  "summary_bg_median": 22.19230842590332,
  "summary_bg_n": 91644.0,
  "summary_bg_p05": 13.661538124084473,
  "summary_bg_p95": 209.92961730957023,
  "summary_bg_stdv": 77.31560516357422,
  "summary_fg_k": 1.8539260265611848,
  "summary_fg_mad": 120.60404384588759,
  "summary_fg_mean": 838.6219482421875,
  "summary_fg_median": 834.3076782226562,
  "summary_fg_n": 24011.0,
  "summary_fg_p05": 620.5076904296875,
  "summary_fg_p95": 1067.9615478515625,
  "summary_fg_stdv": 139.21519470214844,
  "tsnr": 68.88621165417135
}