{
  "aor": 0.0018686153846153846,
  "aqi": 0.006232165461538461,
  "bids_meta": {
    "AcquisitionMatrixPE": 64,
    "AcquisitionNumber": 1,
    "AcquisitionTime": "10:54:51.950000",
    "BandwidthPerPixelPhaseEncode": 27.902,
    "BaseResolution": 64,
    "ConversionSoftware": "dcm2niix",
    "ConversionSoftwareVersion": "v1.0.20171103 (OpenJPEG build) GCC7.2.1",
    "DerivedVendorReportedEchoSpacing": 0.000559996,
    "DeviceSerialNumber": "35267",
    "DwellTime": 3.9e-06,
    "EchoTime": 0.03,
    "EffectiveEchoSpacing": 0.000559996,
    "FlipAngle": 80,
    "ImageComments": "PROJECT:MH_EPIL_SUBJECT:307_SESSION:20150302",
    "ImageOrientationPatientDICOM": [
      1,
      0,
      0,
      0,
      1,
      0
    ],
    "ImageType": [
      "ORIGINAL",
      "PRIMARY",
      "M",
      "ND",
      "MOSAIC"
    ],
    "InPlanePhaseEncodingDirectionDICOM": "COL",
    "InstitutionAddress": "Newton_Road_500_Iowa_City_CDI_US_52242",
    "InstitutionName": "University_of_Iowa",
    "InstitutionalDepartmentName": "Department",
    "MRAcquisitionType": "2D",
    "MagneticFieldStrength": 3,
    "Manufacturer": "Siemens",
    "ManufacturersModelName": "TrioTim",
    "Modality": "MR",
    "PartialFourier": 1,
    "PatientPosition": "HFS",
    "PercentPhaseFOV": 100,
    "PhaseEncodingDirection": "j-",
    "PhaseEncodingSteps": 64,
    "PhaseResolution": 1,
    "PixelBandwidth": 2003,
    "ProcedureStepDescription": "RESEARCH_HOWARD",
    "ProtocolName": "REST",
    "PulseSequenceDetails": "%SiemensSeq%_ep2d_pace",
    "ReceiveCoilName": "HeadMatrix",
    "ReconMatrixPE": 64,
    "RepetitionTime": 2.26,
    "SAR": 0.146327,
    "ScanOptions": "FS",
    "ScanningSequence": "EP",
    "SequenceName": "_epfid2d1_64",
    "SequenceVariant": "SK",
    "SeriesDescription": "REST",
    "SeriesNumber": 13,
    "ShimSetting": [
      6530,
      25377,
      6201,
      862,
      12,
      -433,
      -152,
      36
    ],
    "SliceThickness": 4,
    "SliceTiming": [
      1.125,
      0,
      1.1875,
      0.0625,
      1.25,
      0.125,
      1.3125,
      0.1875,
      1.375,
      0.25,
      1.4375,
      0.3125,
      1.5,
      0.375,
      1.5625,
      0.4375,
      1.625,
      0.5,
      1.6875,
      0.5625,
      1.75,
      0.625,
      1.8125,
      0.6875,
      1.875,
      0.75,
      1.9375,
      0.8125,
      2,
      0.875,
      2.0625,
      0.9375,
      2.125,
      1,
      2.1875,
      1.0625
    ],
    "SoftwareVersions": "syngo_MR_B17",
    "SpacingBetweenSlices": 4,
    "StationName": "MRC35267",
    "TaskName": "rest",
    "TotalReadoutTime": 0.0352797,
    "TxRefAmp": 281.873,
    "dataset": "ds002799",
    "modality": "bold",
    "run_id": 4,
    "session_id": "preop",
    "subject_id": "307",
    "task_id": "rest"
  },
  "dummy_trs": 0,
  "dvars_nstd": 22.861856416279064,
  "dvars_std": 1.2060595165891475,
  "dvars_vstd": 1.01968756255814,
  "efc": 0.5210299368704142,
  "fber": 1378.794921875,
  "fd_mean": 0.20532989341529304,
  "fd_num": 51,
  "fd_perc": 39.23076923076923,
  "fwhm_avg": 1.900602393939394,
  "fwhm_x": 1.7902225454545453,
  "fwhm_y": 2.1241396363636365,
  "fwhm_z": 1.787445,
  "gcor": 0.0499108,
  "gsr_x": -0.012603314593434334,
  "gsr_y": 0.033764682710170746,
  "provenance": {
    "md5sum": "f6287fd9e70aaa5bd0298fa04ee83232",
    "settings": {
      "fd_thres": 0.2,
      "testing": false
    },
    "software": "mriqc",
    "version": "21.0.0rc2",
    "webapi_port": null,
    "webapi_url": "https://mriqc.nimh.nih.gov/api/v1"
  },
  "size_t": 130,
  "size_x": 64,
  "size_y": 64,
  "size_z": 36,
  "snr": 5.995606922417036,
  "spacing_tr": 2.259999990463257,
  "spacing_x": 3.4375,
  "spacing_y": 3.4375,
  "spacing_z": 4.0,
  "summary_bg_k": 19.78435459023937,
  "summary_bg_mad": 11.279180688246043,
  "summary_bg_mean": 51.00933074951172,
  "summary_bg_median": 21.961538314819336,
  "summary_bg_n": 91575.0,
  "summary_bg_p05": 13.492307662963867,
  "summary_bg_p95": 207.21230621337895,
  "summary_bg_stdv": 76.49105834960938,
  "summary_fg_k": 1.9362590861619822,
  "summary_fg_mad": 120.77507156762681,
  "summary_fg_mean": 837.0070190429688,
  "summary_fg_median": 833.576904296875,
  "summary_fg_n": 23983.0,
  "summary_fg_p05": 619.386181640625,
  "summary_fg_p95": 1065.9615478515625,
  "summary_fg_stdv": 139.02838134765625,
  "tsnr": 70.75820680544712
}