{
  "bids_meta": {
    "AcquisitionMatrixPE": 256,
    "AcquisitionNumber": 1,
    "AcquisitionTime": "14:31:21.000000",
    "BodyPartExamined": "HEAD",
    "ConversionSoftware": "dcm2niix",
    "ConversionSoftwareVersion": "v1.0.20170923 (OpenJPEG build) GCC6.3.0",
    "DeviceSerialNumber": "0000000319335MR2",
    "EchoTime": 0.080043,
    "EchoTrainLength": 140,
    "FlipAngle": 90,
    "ImageType": [
      "DERIVED",
      "PRIMARY",
      "OTHER"
    ],
    "InstitutionName": "Iowa_MRRF",
    "MagneticFieldStrength": 3,
    "Manufacturer": "GE",
    "ManufacturersModelName": "DISCOVERY_MR750w",
    "Modality": "MR",
    "PercentPhaseFOV": 100,
    "ProcedureStepDescription": "MH_EPIL",
    "ProtocolName": "PU:CUBE_T2_Sagittal",
    "RawImage": true,
    "ReconMatrixPE": 256,
    "RepetitionTime": 3.2,
    "ScanOptions": "EDR_GEMS_FILTERED_GEMS_ACC_GEMS",
    "ScanningSequence": "SE",
    "SequenceVariant": "SK",
    "SeriesDescription": "PU:CUBE_T2_Sagittal",
    "SoftwareVersions": "27_LX_MR_Software_release:DV25.1_R02_1649.a",
    "StationName": "Iowa3T",
    "dataset": "ds002799",
    "modality": "T2w",
    "session_id": "preop",
    "subject_id": "400"
  },
  "cjv": 0.5384644399683887,
  "cnr": 2.5088326895835564,
  "efc": 0.700074548809967,
  "fber": 871.8385429623864,
  "fwhm_avg": 3.1890699999999996,
  "fwhm_x": 3.0241,
  "fwhm_y": 3.41355,
  "fwhm_z": 3.12956,
  "icvs_csf": 0.2611322625521775,
  "icvs_gm": 0.38489448517669295,
  "icvs_wm": 0.35397325227112963,
  "inu_med": 1.1883763074874878,
  "inu_range": 0.292377209663391,
  "provenance": {
    "md5sum": "9e2ddd68d19e43e03e73202bdfb3a5ae",
    "settings": {
      "testing": false
    },
    "software": "mriqc",
    "version": "21.0.0rc2",
    "warnings": {
      "large_rot_frame": true,
      "small_air_mask": false
    },
    "webapi_port": null,
    "webapi_url": "https://mriqc.nimh.nih.gov/api/v1"
  },
  "qi_1": 0.0,
  "qi_2": 0.006014383502619239,
  "rpve_csf": 21.39032554626465,
  "rpve_gm": 13.400206175623047,
  "rpve_wm": 16.289126080747344,
  "size_x": 172,
  "size_y": 256,
  "size_z": 256,
  "snr_csf": 6.914001382117315,
  "snr_gm": 8.931010522185648,
  "snr_total": 8.233729829990716,
  "snr_wm": 8.856177585669187,
  "snrd_csf": 96.41411432947521,
  "snrd_gm": 32.756848302860156,
  "snrd_total": 50.25871800192718,
  "snrd_wm": 21.60519137344616,
  "spacing_x": 1.0,
  "spacing_y": 1.0,
  "spacing_z": 1.0,
  "summary_bg_k": 1.8056648753764613,
  "summary_bg_mad": 30.334113910563836,
  "summary_bg_mean": 32.181322482911476,
  "summary_bg_median": 27.602906227111816,
  "summary_bg_n": 422986.0,
  "summary_bg_p05": 7.021791934967041,
  "summary_bg_p95": 84.86683011054993,
  "summary_bg_stdv": 27.564644095193444,
  "summary_csf_k": 7.509854750803175,
  "summary_csf_mad": 395.24093982876667,
  "summary_csf_mean": 4369.909233807252,
  "summary_csf_median": 4464.164755344391,
  "summary_csf_n": 113433.0,
  "summary_csf_p05": 3137.433488845825,
  "summary_csf_p95": 5173.777363061904,
  "summary_csf_stdv": 645.6673684369574,
  "summary_gm_k": 0.368447518040961,
  "summary_gm_mad": 168.90178218840575,
  "summary_gm_mean": 1525.0236605451692,
  "summary_gm_median": 1516.7070579528809,
  "summary_gm_n": 20291.0,
  "summary_gm_p05": 1262.4092310667038,
  "summary_gm_p95": 1812.5303095579147,
  "summary_gm_stdv": 169.8206132260637,
  "summary_wm_k": 0.3076461399027761,
  "summary_wm_mad": 109.13101335871487,
  "summary_wm_mean": 996.5042684865529,
  "summary_wm_median": 1000.3632199764252,
  "summary_wm_n": 111873.0,
  "summary_wm_p05": 804.4794380664825,
  "summary_wm_p95": 1173.9709722995758,
  "summary_wm_stdv": 112.95603992948213,
  "tpm_overlap_csf": 0.14295627176761627,
  "tpm_overlap_gm": 0.3628081977367401,
  "tpm_overlap_wm": 0.41911962628364563,
  "wm2max": 0.18051375727064528
}