{
  "bids_meta": {
    "AcquisitionMatrixPE": 256,
    "AcquisitionNumber": 1,
    "AcquisitionTime": "14:00:43.000000",
    "BodyPartExamined": "HEAD",
    "ConversionSoftware": "dcm2niix",
    "ConversionSoftwareVersion": "v1.0.20170923 (OpenJPEG build) GCC6.3.0",
    "DeviceSerialNumber": "0000000319335MR2",
    "EchoTime": 0.003288,
    "FlipAngle": 12,
    "ImageType": [
      "DERIVED",
      "PRIMARY",
      "OTHER"
    ],
    "InstitutionName": "Iowa_MRRF",
    "InversionTime": 0.45,
    "MagneticFieldStrength": 3,
    "Manufacturer": "GE",
    "ManufacturersModelName": "DISCOVERY_MR750w",
    "Modality": "MR",
    "PercentPhaseFOV": 100,
    "ProcedureStepDescription": "MH_EPIL",
    "ProtocolName": "PU:Cor_FSPGR_BRAVO",
    "RawImage": true,
    "ReconMatrixPE": 256,
    "RepetitionTime": 0.008504,
    "ScanOptions": "FAST_GEMS_EDR_GEMS_FILTERED_GEMS_ACC_GEMS",
    "ScanningSequence": "GR",
    "SequenceVariant": "SS_SK",
    "SeriesDescription": "PU:Cor_FSPGR_BRAVO",
    "SoftwareVersions": "27_LX_MR_Software_release:DV25.1_R02_1649.a",
    "StationName": "Iowa3T",
    "dataset": "ds002799",
    "modality": "T1w",
    "session_id": "preop",
    "subject_id": "400"
  },
  "cjv": 0.453851234317195,
  "cnr": 2.7505595012995943,
  "efc": 0.6689561249875617,
  "fber": 4872.346818017148,
  "fwhm_avg": 3.4885332390470922,
  "fwhm_x": 3.34958,
  "fwhm_y": 4.006309717141277,
  "fwhm_z": 3.10971,
  "icvs_csf": 0.2018788635261477,
  "icvs_gm": 0.42045882059718237,
  "icvs_wm": 0.37766231587666993,
  "inu_med": 1.4497144222259521,
  "inu_range": 0.32652230262756343,
  "provenance": {
    "md5sum": "3c0f1750f240c6f3bb650c09adfbe5ae",
    "settings": {
      "testing": false
    },
    "software": "mriqc",
    "version": "21.0.0rc2",
    "warnings": {
      "large_rot_frame": true,
      "small_air_mask": false
    },
    "webapi_port": null,
    "webapi_url": "https://mriqc.nimh.nih.gov/api/v1"
  },
  "qi_1": 0.0,
  "qi_2": 0.002202210688097559,
  "rpve_csf": 35.76399654156331,
  "rpve_gm": 18.034345309780036,
  "rpve_wm": 24.312710693071065,
  "size_x": 256,
  "size_y": 252,
  "size_z": 256,
  "snr_csf": 2.855993642066406,
  "snr_gm": 11.320774532528992,
  "snr_total": 11.037519683477022,
  "snr_wm": 18.93579087583567,
  "snrd_csf": 23.749260893650494,
  "snrd_gm": 53.02205643287826,
  "snrd_total": 49.198866019717286,
  "snrd_wm": 70.82528073262311,
  "spacing_x": 1.0,
  "spacing_y": 0.8000030517578125,
  "spacing_z": 1.0,
  "summary_bg_k": 319.24611162258975,
  "summary_bg_mad": 9.250035536516606,
  "summary_bg_mean": 22.86133991246692,
  "summary_bg_median": 8.701838694512844,
  "summary_bg_n": 1277482.0,
  "summary_bg_p05": 1.2587565407156944,
  "summary_bg_p95": 82.42118914425373,
  "summary_bg_stdv": 34.496304399981256,
  "summary_csf_k": 11.121130156527684,
  "summary_csf_mad": 110.55415279389364,
  "summary_csf_mean": 356.08333398415516,
  "summary_csf_median": 335.3217967376113,
  "summary_csf_n": 13142.0,
  "summary_csf_p05": 196.8038487136364,
  "summary_csf_p95": 550.4022431369871,
  "summary_csf_stdv": 117.40538701367768,
  "summary_gm_k": 0.2100864434220675,
  "summary_gm_mad": 64.01998279220703,
  "summary_gm_mean": 751.0891618057835,
  "summary_gm_median": 748.6317704543471,
  "summary_gm_n": 27409.0,
  "summary_gm_p05": 646.4535764753819,
  "summary_gm_p95": 864.9299291074276,
  "summary_gm_stdv": 66.12781762420808,
  "summary_wm_k": 0.4780808920432187,
  "summary_wm_mad": 50.0637888248311,
  "summary_wm_mean": 1001.4087565249586,
  "summary_wm_median": 999.9999787807465,
  "summary_wm_n": 222099.0,
  "summary_wm_p05": 916.9767756387591,
  "summary_wm_p95": 1090.5209926217794,
  "summary_wm_stdv": 52.80992666675778,
  "tpm_overlap_csf": 0.16102732717990875,
  "tpm_overlap_gm": 0.4186166524887085,
  "tpm_overlap_wm": 0.49277469515800476,
  "wm2max": 0.4016265523683921
}