{
  "aor": 0.000982,
  "aqi": 0.0034719694615384616,
  "bids_meta": {
    "AcquisitionMatrixPE": 64,
    "AcquisitionNumber": 1,
    "AcquisitionTime": "15:45:49.000000",
    "BodyPartExamined": "HEAD",
    "ConversionSoftware": "dcm2niix",
    "ConversionSoftwareVersion": "v1.0.20180622 GCC7.3.0",
    "DeviceSerialNumber": "0000000319335MR2",
    "EchoTime": 0.03,
    "EffectiveEchoSpacing": 0.00064,
    "FlipAngle": 80,
    "ImageOrientationPatientDICOM": [
      1,
      0,
      0,
      0,
      0.998234,
      -0.0594121
    ],
    "ImageType": [
      "ORIGINAL",
      "PRIMARY",
      "EPI",
      "NONE"
    ],
    "InPlanePhaseEncodingDirectionDICOM": "COL",
    "InstitutionName": "Iowa_MRRF",
    "MRAcquisitionType": "2D",
    "MagneticFieldStrength": 3,
    "Manufacturer": "GE",
    "ManufacturersModelName": "DISCOVERY_MR750w",
    "Modality": "MR",
    "PatientPosition": "HFS",
    "PercentPhaseFOV": 100,
    "PhaseEncodingAxis": "j",
    "PixelBandwidth": 7812.5,
    "ProcedureStepDescription": "MH_EPIL",
    "ProtocolName": "REST",
    "ReconMatrixPE": 64,
    "RepetitionTime": 2.26,
    "SAR": 0.111983,
    "ScanOptions": "SAT_GEMS_EPI_GEMS_ACC_GEMS_FS",
    "ScanningSequence": "EP_GR",
    "SequenceVariant": "SS",
    "SeriesDescription": "REST",
    "SeriesNumber": 9,
    "SliceThickness": 4,
    "SoftwareVersions": "27_LX_MR_Software_release:DV25.1_R02_1649.a",
    "SpacingBetweenSlices": 4,
    "StationName": "Iowa3T",
    "TaskName": "rest",
    "TotalReadoutTime": 0.04032,
    "dataset": "ds002799",
    "modality": "bold",
    "run_id": 4,
    "session_id": "preop",
    "subject_id": "413",
    "task_id": "rest"
  },
  "dummy_trs": 0,
  "dvars_nstd": 16.599145105348835,
  "dvars_std": 1.1634587604651156,
  "dvars_vstd": 0.9970451233333332,
  "efc": 0.5181898822212897,
  "fber": 16982.26171875,
  "fd_mean": 0.10421499418099207,
  "fd_num": 6,
  "fd_perc": 4.615384615384615,
  "fwhm_avg": 2.635043332867052,
  "fwhm_x": 2.630149818181818,
  "fwhm_y": 2.784884363636364,
  "fwhm_z": 2.4900958167829734,
  "gcor": 0.13871,
  "gsr_x": -0.0029484094120562077,
  "gsr_y": 0.029214663431048393,
  "provenance": {
    "md5sum": "84b871e9e1bd371c4ae577ebff0d89b5",
    "settings": {
      "fd_thres": 0.2,
      "testing": false
    },
    "software": "mriqc",
    "version": "21.0.0rc2",
    "webapi_port": null,
    "webapi_url": "https://mriqc.nimh.nih.gov/api/v1"
  },
  "size_t": 130,
  "size_x": 64,
  "size_y": 64,
  "size_z": 30,
  "snr": 4.049273442490739,
  "spacing_tr": 2.259999990463257,
  "spacing_x": 3.4375,
  "spacing_y": 3.4375,
  "spacing_z": 4.000062942504883,
  "summary_bg_k": 72.2826521881478,
  "summary_bg_mad": 17.49470590883767,
  "summary_bg_mean": 61.42152404785156,
  "summary_bg_median": 11.953845977783203,
  "summary_bg_n": 67127.0,
  "summary_bg_p05": 0.0,
  "summary_bg_p95": 270.87230834960934,
  "summary_bg_stdv": 160.4196319580078,
  "summary_fg_k": 0.5450778295455896,
  "summary_fg_mad": 342.37849584175046,
  "summary_fg_mean": 1539.733154296875,
  "summary_fg_median": 1492.015380859375,
  "summary_fg_n": 26266.0,
  "summary_fg_p05": 1029.0019226074219,
  "summary_fg_p95": 2227.9520263671875,
  "summary_fg_stdv": 368.45794677734375,
  "tsnr": 91.4261910226196
}