{
  "aor": 0.0020940769230769233,
  "aqi": 0.004190616307692308,
  "bids_meta": {
    "AcquisitionMatrixPE": 64,
    "AcquisitionNumber": 1,
    "AcquisitionTime": "15:27:31.000000",
    "BodyPartExamined": "HEAD",
    "ConversionSoftware": "dcm2niix",
    "ConversionSoftwareVersion": "v1.0.20180622 GCC7.3.0",
    "DeviceSerialNumber": "0000000319335MR2",
    "EchoTime": 0.03,
    "EffectiveEchoSpacing": 0.00064,
    "FlipAngle": 80,
    "ImageOrientationPatientDICOM": [
      1,
      0,
      0,
      0,
      0.998234,
      -0.0594121
    ],
    "ImageType": [
      "ORIGINAL",
      "PRIMARY",
      "EPI",
      "NONE"
    ],
    "InPlanePhaseEncodingDirectionDICOM": "COL",
    "InstitutionName": "Iowa_MRRF",
    "MRAcquisitionType": "2D",
    "MagneticFieldStrength": 3,
    "Manufacturer": "GE",
    "ManufacturersModelName": "DISCOVERY_MR750w",
    "Modality": "MR",
    "PatientPosition": "HFS",
    "PercentPhaseFOV": 100,
    "PhaseEncodingAxis": "j",
    "PixelBandwidth": 7812.5,
    "ProcedureStepDescription": "MH_EPIL",
    "ProtocolName": "REST",
    "ReconMatrixPE": 64,
    "RepetitionTime": 2.26,
    "SAR": 0.111983,
    "ScanOptions": "SAT_GEMS_EPI_GEMS_ACC_GEMS_FS",
    "ScanningSequence": "EP_GR",
    "SequenceVariant": "SS",
    "SeriesDescription": "REST",
    "SeriesNumber": 7,
    "SliceThickness": 4,
    "SoftwareVersions": "27_LX_MR_Software_release:DV25.1_R02_1649.a",
    "SpacingBetweenSlices": 4,
    "StationName": "Iowa3T",
    "TaskName": "rest",
    "TotalReadoutTime": 0.04032,
    "dataset": "ds002799",
    "modality": "bold",
    "run_id": 3,
    "session_id": "preop",
    "subject_id": "413",
    "task_id": "rest"
  },
  "dummy_trs": 0,
  "dvars_nstd": 17.64802866968992,
  "dvars_std": 1.164615310310078,
  "dvars_vstd": 1.0061716875968998,
  "efc": 0.5179296355445151,
  "fber": 19019.279296875,
  "fd_mean": 0.1261180677910187,
  "fd_num": 14,
  "fd_perc": 10.76923076923077,
  "fwhm_avg": 2.6060133926214655,
  "fwhm_x": 2.5808261818181815,
  "fwhm_y": 2.7527330909090906,
  "fwhm_z": 2.484480905137124,
  "gcor": 0.113902,
  "gsr_x": -0.0016701818676665425,
  "gsr_y": 0.029633531346917152,
  "provenance": {
    "md5sum": "c6a1bf65fdd1288b286fc62d45e198ad",
    "settings": {
      "fd_thres": 0.2,
      "testing": false
    },
    "software": "mriqc",
    "version": "21.0.0rc2",
    "webapi_port": null,
    "webapi_url": "https://mriqc.nimh.nih.gov/api/v1"
  },
  "size_t": 130,
  "size_x": 64,
  "size_y": 64,
  "size_z": 30,
  "snr": 4.143429170216699,
  "spacing_tr": 2.259999990463257,
  "spacing_x": 3.4375,
  "spacing_y": 3.4375,
  "spacing_z": 4.000062942504883,
  "summary_bg_k": 74.26646114357395,
  "summary_bg_mad": 16.47969360395955,
  "summary_bg_mean": 58.63750076293945,
  "summary_bg_median": 11.284615516662598,
  "summary_bg_n": 66916.0,
  "summary_bg_p05": 0.0,
  "summary_bg_p95": 259.828857421875,
  "summary_bg_stdv": 155.0131378173828,
  "summary_fg_k": 0.5175991448567037,
  "summary_fg_mad": 341.580185491918,
  "summary_fg_mean": 1542.717529296875,
  "summary_fg_median": 1496.5384521484375,
  "summary_fg_n": 26356.0,
  "summary_fg_p05": 1042.7904052734375,
  "summary_fg_p95": 2215.4576416015625,
  "summary_fg_stdv": 361.17669677734375,
  "tsnr": 79.46995508624241
}