{
  "bids_meta": {
    "AcquisitionMatrixPE": 256,
    "AcquisitionNumber": 1,
    "AcquisitionTime": "17:01:52.552500",
    "BaseResolution": 256,
    "BodyPartExamined": "BRAIN",
    "ConsistencyInfo": "N4_VD13C_LATEST_20121124",
    "ConversionSoftware": "dcm2niix",
    "ConversionSoftwareVersion": "v1.0.20171103 (OpenJPEG build) GCC6.3.0",
    "DeviceSerialNumber": "45685",
    "DwellTime": 1.03e-05,
    "EchoTime": 0.00344,
    "FlipAngle": 10,
    "ImageComments": "Image_quality:_not_assessed",
    "ImageOrientationPatientDICOM": [
      1,
      0,
      0.000164435,
      0.000164435,
      0,
      -1
    ],
    "ImageType": [
      "ORIGINAL",
      "PRIMARY",
      "M",
      "DIS2D"
    ],
    "InPlanePhaseEncodingDirectionDICOM": "ROW",
    "InstitutionAddress": "HAWKINS_DRIVE_200_IOWA_CITY_IOWA_US_52242",
    "InstitutionName": "UIHC",
    "InstitutionalDepartmentName": "Department",
    "InversionTime": 1,
    "MRAcquisitionType": "3D",
    "MagneticFieldStrength": 3,
    "Manufacturer": "Siemens",
    "ManufacturersModelName": "Skyra",
    "Modality": "MR",
    "PartialFourier": 1,
    "PatientPosition": "HFS",
    "PercentPhaseFOV": 100,
    "PhaseEncodingSteps": 256,
    "PhaseResolution": 1,
    "PixelBandwidth": 190,
    "ProcedureStepDescription": "RESEARCH_HOWARD",
    "ProtocolName": "MPRAGE_TI=1000",
    "PulseSequenceDetails": "%SiemensSeq%_tfl",
    "ReceiveCoilActiveElements": "HE",
    "ReceiveCoilName": "Head_TxRx",
    "ReconMatrixPE": 256,
    "RepetitionTime": 1.9,
    "SAR": 0.125871,
    "ScanOptions": "IR",
    "ScanningSequence": "GR_IR",
    "SequenceName": "_tfl3d1_16ns",
    "SequenceVariant": "SK_SP_MP",
    "SeriesDescription": "MPRAGE_TI=1000",
    "SeriesNumber": 2,
    "ShimSetting": [
      -3818,
      -1311,
      -1062,
      152,
      180,
      -239,
      259,
      81
    ],
    "SliceThickness": 1,
    "SoftwareVersions": "syngo_MR_D13C",
    "StationName": "AWP45685",
    "TxRefAmp": 205.537,
    "dataset": "ds002799",
    "modality": "T1w",
    "session_id": "postop",
    "subject_id": "314"
  },
  "cjv": 0.6406033404112408,
  "cnr": 2.0303789872895477,
  "efc": 0.6443164391815976,
  "fber": 109.7188391803008,
  "fwhm_avg": 4.116170773333334,
  "fwhm_x": 4.25004032,
  "fwhm_y": 4.13636,
  "fwhm_z": 3.9621120000000003,
  "icvs_csf": 0.21774568188824,
  "icvs_gm": 0.39828362890343477,
  "icvs_wm": 0.3839706892083253,
  "inu_med": 1.627497673034668,
  "inu_range": 0.7362507283687592,
  "provenance": {
    "md5sum": "35641536e82651d129cce0488efa4219",
    "settings": {
      "testing": false
    },
    "software": "mriqc",
    "version": "21.0.0rc2",
    "warnings": {
      "large_rot_frame": true,
      "small_air_mask": false
    },
    "webapi_port": null,
    "webapi_url": "https://mriqc.nimh.nih.gov/api/v1"
  },
  "qi_1": 0.0,
  "qi_2": 0.006518246393830956,
  "rpve_csf": 34.583865355253344,
  "rpve_gm": 18.305127891538998,
  "rpve_wm": 21.883101997707648,
  "size_x": 256,
  "size_y": 224,
  "size_z": 256,
  "snr_csf": 2.337391995924847,
  "snr_gm": 11.826172678408607,
  "snr_total": 9.662637175388186,
  "snr_wm": 14.824346851831105,
  "snrd_csf": 10.190813959326539,
  "snrd_gm": 18.27365796519697,
  "snrd_total": 17.119375342505126,
  "snrd_wm": 22.893654102991878,
  "spacing_x": 0.9765625,
  "spacing_y": 1.0,
  "spacing_z": 0.9765625,
  "summary_bg_k": 1.440900701347573,
  "summary_bg_mad": 28.618654887506437,
  "summary_bg_mean": 60.11111931525144,
  "summary_bg_median": 57.08277016878128,
  "summary_bg_n": 2998509.0,
  "summary_bg_p05": 21.330929905176163,
  "summary_bg_p95": 108.15682768821716,
  "summary_bg_stdv": 27.80669367922903,
  "summary_csf_k": 46.14738635877642,
  "summary_csf_mad": 96.88027140906848,
  "summary_csf_mean": 465.86148778496994,
  "summary_csf_median": 445.17049840837717,
  "summary_csf_n": 46856.0,
  "summary_csf_p05": 296.00420688837767,
  "summary_csf_p95": 624.9812244400382,
  "summary_csf_stdv": 190.45403969395986,
  "summary_gm_k": -0.0848308010605976,
  "summary_gm_mad": 68.59568642297263,
  "summary_gm_mean": 797.6347428261083,
  "summary_gm_median": 798.2574754655361,
  "summary_gm_n": 18271.0,
  "summary_gm_p05": 685.2185687497258,
  "summary_gm_p95": 907.2780555970967,
  "summary_gm_stdv": 67.49737653440498,
  "summary_wm_k": 2.048931156367779,
  "summary_wm_mad": 60.689365422922215,
  "summary_wm_mean": 1004.5887442030537,
  "summary_wm_median": 1000.0751115754247,
  "summary_wm_n": 193800.0,
  "summary_wm_p05": 904.461471542716,
  "summary_wm_p95": 1117.9209884107113,
  "summary_wm_stdv": 67.46149030339375,
  "tpm_overlap_csf": 0.13201777637004852,
  "tpm_overlap_gm": 0.40233173966407776,
  "tpm_overlap_wm": 0.43542560935020447,
  "wm2max": 0.5472442562985492
}