{
  "aor": 0.0017017647058823534,
  "aqi": 0.008055268461538461,
  "bids_meta": {
    "AcquisitionMatrixPE": 68,
    "AcquisitionNumber": 1,
    "AcquisitionTime": "19:00:58.435000",
    "BandwidthPerPixelPhaseEncode": 25.355,
    "BaseResolution": 68,
    "BodyPartExamined": "BRAIN",
    "ConsistencyInfo": "N4_VE11A_LATEST_20140830",
    "ConversionSoftware": "dcm2niix",
    "ConversionSoftwareVersion": "v1.0.20171103 (OpenJPEG build) GCC6.3.0",
    "DelayTime": 0.1,
    "DerivedVendorReportedEchoSpacing": 0.000579999,
    "DeviceSerialNumber": "45685",
    "DwellTime": 3.8e-06,
    "EchoTime": 0.03,
    "EchoTrainLength": 68,
    "EffectiveEchoSpacing": 0.000579999,
    "FlipAngle": 90,
    "ImageOrientationPatientDICOM": [
      1,
      0,
      0,
      0,
      1,
      0
    ],
    "ImageType": [
      "ORIGINAL",
      "PRIMARY",
      "M",
      "ND",
      "MOSAIC"
    ],
    "InPlanePhaseEncodingDirectionDICOM": "COL",
    "InstitutionAddress": "HAWKINS_DRIVE_200_IOWA_CITY_IOWA_US_52242",
    "InstitutionName": "UIHC_SKYRA",
    "InstitutionalDepartmentName": "Department",
    "MRAcquisitionType": "2D",
    "MagneticFieldStrength": 3,
    "Manufacturer": "Siemens",
    "ManufacturersModelName": "Skyra",
    "Modality": "MR",
    "PartialFourier": 1,
    "PatientPosition": "HFS",
    "PercentPhaseFOV": 100,
    "PhaseEncodingDirection": "j-",
    "PhaseEncodingSteps": 68,
    "PhaseResolution": 1,
    "PixelBandwidth": 1935,
    "ProcedureStepDescription": "RESEARCH_HOWARD",
    "ProtocolName": "ES-FMRI",
    "PulseSequenceDetails": "%SiemensSeq%_ep2d_pace",
    "ReceiveCoilActiveElements": "HE",
    "ReceiveCoilName": "Head_TxRx",
    "ReconMatrixPE": 68,
    "RepetitionTime": 3,
    "SAR": 0.141957,
    "ScanOptions": "FS",
    "ScanningSequence": "EP",
    "SequenceName": "_epfid2d1_68",
    "SequenceVariant": "SK",
    "SeriesDescription": "ES-FMRI",
    "SeriesNumber": 18,
    "ShimSetting": [
      -3774,
      -1293,
      -825,
      332,
      436,
      227,
      99,
      250
    ],
    "SliceThickness": 3,
    "SliceTiming": [
      1.44,
      0,
      1.505,
      0.065,
      1.5725,
      0.1325,
      1.6375,
      0.1975,
      1.7025,
      0.2625,
      1.7675,
      0.3275,
      1.8325,
      0.3925,
      1.8975,
      0.4575,
      1.965,
      0.525,
      2.03,
      0.59,
      2.095,
      0.655,
      2.16,
      0.72,
      2.225,
      0.785,
      2.2925,
      0.8525,
      2.3575,
      0.9175,
      2.4225,
      0.9825,
      2.4875,
      1.0475,
      2.5525,
      1.1125,
      2.6175,
      1.1775,
      2.685,
      1.245,
      2.75,
      1.31,
      2.815,
      1.375
    ],
    "SoftwareVersions": "syngo_MR_E11",
    "SpacingBetweenSlices": 3,
    "StationName": "AWP45685",
    "TaskName": "es",
    "TotalReadoutTime": 0.03886,
    "TxRefAmp": 207.442,
    "dataset": "ds002799",
    "modality": "bold",
    "run_id": 6,
    "session_id": "postop",
    "subject_id": "369",
    "task_id": "es"
  },
  "dummy_trs": 0,
  "dvars_nstd": 33.64544682072727,
  "dvars_std": 1.1696844010454541,
  "dvars_vstd": 1.0248614934090912,
  "efc": 0.5186299028961525,
  "fber": 1793.6552734375,
  "fd_mean": 0.15965217720011426,
  "fd_num": 44,
  "fd_perc": 19.90950226244344,
  "fwhm_avg": 2.1361573394490185,
  "fwhm_x": 2.0554421907282836,
  "fwhm_y": 2.1769798276187715,
  "fwhm_z": 2.17605,
  "gcor": 0.0185932,
  "gsr_x": -0.003047896781936288,
  "gsr_y": 0.04807763174176216,
  "provenance": {
    "md5sum": "c00bb316b107c284db036a03fd25d8e1",
    "settings": {
      "fd_thres": 0.2,
      "testing": false
    },
    "software": "mriqc",
    "version": "21.0.0rc2",
    "webapi_port": null,
    "webapi_url": "https://mriqc.nimh.nih.gov/api/v1"
  },
  "size_t": 221,
  "size_x": 68,
  "size_y": 68,
  "size_z": 44,
  "snr": 4.414746326864478,
  "spacing_tr": 3.0,
  "spacing_x": 3.2352941036224365,
  "spacing_y": 3.2352941036224365,
  "spacing_z": 3.0,
  "summary_bg_k": 40.73876499277757,
  "summary_bg_mad": 1.9320787940228938,
  "summary_bg_mean": 17.94926643371582,
  "summary_bg_median": 6.1402716636657715,
  "summary_bg_n": 129909.0,
  "summary_bg_p05": 4.782805442810059,
  "summary_bg_p95": 68.99819030761715,
  "summary_bg_stdv": 33.110595703125,
  "summary_fg_k": 1.3605503978593356,
  "summary_fg_mad": 54.44703717911697,
  "summary_fg_mean": 271.633544921875,
  "summary_fg_median": 270.1900634765625,
  "summary_fg_n": 32691.0,
  "summary_fg_p05": 169.29412841796875,
  "summary_fg_p95": 370.68101501464844,
  "summary_fg_stdv": 61.200782775878906,
  "tsnr": 45.78139008837752
}