{
  "aor": 0.0036338914027149324,
  "aqi": 0.0069019542986425335,
  "bids_meta": {
    "AcquisitionMatrixPE": 68,
    "AcquisitionNumber": 1,
    "AcquisitionTime": "17:46:7.857500",
    "BandwidthPerPixelPhaseEncode": 25.355,
    "BaseResolution": 68,
    "BodyPartExamined": "BRAIN",
    "ConsistencyInfo": "N4_VE11A_LATEST_20140830",
    "ConversionSoftware": "dcm2niix",
    "ConversionSoftwareVersion": "v1.0.20171103 (OpenJPEG build) GCC6.3.0",
    "DelayTime": 0.1,
    "DerivedVendorReportedEchoSpacing": 0.000579999,
    "DeviceSerialNumber": "45685",
    "DwellTime": 3.8e-06,
    "EchoTime": 0.03,
    "EchoTrainLength": 68,
    "EffectiveEchoSpacing": 0.000579999,
    "FlipAngle": 90,
    "ImageOrientationPatientDICOM": [
      1,
      0,
      0,
      0,
      1,
      0
    ],
    "ImageType": [
      "ORIGINAL",
      "PRIMARY",
      "M",
      "ND",
      "MOSAIC"
    ],
    "InPlanePhaseEncodingDirectionDICOM": "COL",
    "InstitutionAddress": "HAWKINS_DRIVE_200_IOWA_CITY_IOWA_US_52242",
    "InstitutionName": "UIHC_SKYRA",
    "InstitutionalDepartmentName": "Department",
    "MRAcquisitionType": "2D",
    "MagneticFieldStrength": 3,
    "Manufacturer": "Siemens",
    "ManufacturersModelName": "Skyra",
    "Modality": "MR",
    "PartialFourier": 1,
    "PatientPosition": "HFS",
    "PercentPhaseFOV": 100,
    "PhaseEncodingDirection": "j-",
    "PhaseEncodingSteps": 68,
    "PhaseResolution": 1,
    "PixelBandwidth": 1935,
    "ProcedureStepDescription": "RESEARCH_HOWARD",
    "ProtocolName": "ES-FMRI",
    "PulseSequenceDetails": "%SiemensSeq%_ep2d_pace",
    "ReceiveCoilActiveElements": "HE",
    "ReceiveCoilName": "Head_TxRx",
    "ReconMatrixPE": 68,
    "RepetitionTime": 3,
    "SAR": 0.131732,
    "ScanOptions": "FS",
    "ScanningSequence": "EP",
    "SequenceName": "_epfid2d1_68",
    "SequenceVariant": "SK",
    "SeriesDescription": "ES-FMRI",
    "SeriesNumber": 7,
    "ShimSetting": [
      -3805,
      -1378,
      -767,
      546,
      359,
      -51,
      116,
      260
    ],
    "SliceThickness": 3,
    "SliceTiming": [
      1.44,
      0,
      1.505,
      0.065,
      1.57,
      0.13,
      1.6375,
      0.1975,
      1.7025,
      0.2625,
      1.7675,
      0.3275,
      1.8325,
      0.3925,
      1.8975,
      0.4575,
      1.9625,
      0.525,
      2.03,
      0.59,
      2.095,
      0.655,
      2.16,
      0.72,
      2.225,
      0.785,
      2.29,
      0.85,
      2.3575,
      0.9175,
      2.4225,
      0.9825,
      2.4875,
      1.0475,
      2.5525,
      1.1125,
      2.6175,
      1.1775,
      2.6825,
      1.2425,
      2.75,
      1.31,
      2.815,
      1.375
    ],
    "SoftwareVersions": "syngo_MR_E11",
    "SpacingBetweenSlices": 3,
    "StationName": "AWP45685",
    "TaskName": "es",
    "TotalReadoutTime": 0.03886,
    "TxRefAmp": 200.092,
    "dataset": "ds002799",
    "modality": "bold",
    "run_id": 2,
    "session_id": "postop",
    "subject_id": "369",
    "task_id": "es"
  },
  "dummy_trs": 0,
  "dvars_nstd": 37.485253759090895,
  "dvars_std": 1.2302161726818186,
  "dvars_vstd": 1.0476560923636364,
  "efc": 0.5189732152946314,
  "fber": 1610.5635986328125,
  "fd_mean": 0.21812217004481263,
  "fd_num": 77,
  "fd_perc": 34.841628959276015,
  "fwhm_avg": 2.146150006168351,
  "fwhm_x": 2.063259099853078,
  "fwhm_y": 2.205610918651975,
  "fwhm_z": 2.1695800000000003,
  "gcor": 0.0150647,
  "gsr_x": -0.011456073261797428,
  "gsr_y": 0.04841003194451332,
  "provenance": {
    "md5sum": "db1ad5e9b44e0bfc0b3996cf39b68242",
    "settings": {
      "fd_thres": 0.2,
      "testing": false
    },
    "software": "mriqc",
    "version": "21.0.0rc2",
    "webapi_port": null,
    "webapi_url": "https://mriqc.nimh.nih.gov/api/v1"
  },
  "size_t": 221,
  "size_x": 68,
  "size_y": 68,
  "size_z": 44,
  "snr": 4.2713908997088605,
  "spacing_tr": 3.0,
  "spacing_x": 3.2352941036224365,
  "spacing_y": 3.2352941036224365,
  "spacing_z": 3.0,
  "summary_bg_k": 45.578902146513606,
  "summary_bg_mad": 2.146754215580993,
  "summary_bg_mean": 17.67584991455078,
  "summary_bg_median": 6.117647171020508,
  "summary_bg_n": 130171.0,
  "summary_bg_p05": 4.606335163116455,
  "summary_bg_p95": 67.01358032226562,
  "summary_bg_stdv": 33.25365447998047,
  "summary_fg_k": 0.9991059049341278,
  "summary_fg_mad": 55.124632724293356,
  "summary_fg_mean": 259.3463439941406,
  "summary_fg_median": 257.7104187011719,
  "summary_fg_n": 32050.0,
  "summary_fg_p05": 160.58779678344726,
  "summary_fg_p95": 357.2662933349609,
  "summary_fg_stdv": 60.333133697509766,
  "tsnr": 45.67990493157413
}