{
  "aor": 0.005304751131221719,
  "aqi": 0.011195004117647058,
  "bids_meta": {
    "AcquisitionMatrixPE": 68,
    "AcquisitionNumber": 1,
    "AcquisitionTime": "20:15:18.905000",
    "BandwidthPerPixelPhaseEncode": 25.355,
    "BaseResolution": 68,
    "BodyPartExamined": "BRAIN",
    "ConsistencyInfo": "N4_VE11A_LATEST_20140830",
    "ConversionSoftware": "dcm2niix",
    "ConversionSoftwareVersion": "v1.0.20171103 (OpenJPEG build) GCC6.3.0",
    "DelayTime": 0.1,
    "DerivedVendorReportedEchoSpacing": 0.000579999,
    "DeviceSerialNumber": "45685",
    "DwellTime": 3.8e-06,
    "EchoTime": 0.03,
    "EchoTrainLength": 68,
    "EffectiveEchoSpacing": 0.000579999,
    "FlipAngle": 90,
    "ImageOrientationPatientDICOM": [
      1,
      0,
      0,
      0,
      1,
      0
    ],
    "ImageType": [
      "ORIGINAL",
      "PRIMARY",
      "M",
      "ND",
      "MOSAIC"
    ],
    "InPlanePhaseEncodingDirectionDICOM": "COL",
    "InstitutionAddress": "HAWKINS_DRIVE_200_IOWA_CITY_IOWA_US_52242",
    "InstitutionName": "UIHC_SKYRA",
    "InstitutionalDepartmentName": "Department",
    "MRAcquisitionType": "2D",
    "MagneticFieldStrength": 3,
    "Manufacturer": "Siemens",
    "ManufacturersModelName": "Skyra",
    "Modality": "MR",
    "PartialFourier": 1,
    "PatientPosition": "HFS",
    "PercentPhaseFOV": 100,
    "PhaseEncodingDirection": "j-",
    "PhaseEncodingSteps": 68,
    "PhaseResolution": 1,
    "PixelBandwidth": 1935,
    "ProcedureStepDescription": "RESEARCH_HOWARD",
    "ProtocolName": "ES-FMRI",
    "PulseSequenceDetails": "%SiemensSeq%_ep2d_pace",
    "ReceiveCoilActiveElements": "HE",
    "ReceiveCoilName": "Head_TxRx",
    "ReconMatrixPE": 68,
    "RepetitionTime": 3,
    "SAR": 0.164273,
    "ScanOptions": "FS",
    "ScanningSequence": "EP",
    "SequenceName": "_epfid2d1_68",
    "SequenceVariant": "SK",
    "SeriesDescription": "ES-FMRI",
    "SeriesNumber": 29,
    "ShimSetting": [
      -3843,
      -1335,
      -847,
      392,
      393,
      -22,
      131,
      357
    ],
    "SliceThickness": 3,
    "SliceTiming": [
      1.44,
      0,
      1.5075,
      0.0675,
      1.5725,
      0.1325,
      1.6375,
      0.1975,
      1.7025,
      0.2625,
      1.7675,
      0.3275,
      1.8325,
      0.3925,
      1.9,
      0.46,
      1.965,
      0.525,
      2.03,
      0.59,
      2.095,
      0.655,
      2.16,
      0.72,
      2.2275,
      0.7875,
      2.2925,
      0.8525,
      2.3575,
      0.9175,
      2.4225,
      0.9825,
      2.4875,
      1.0475,
      2.5525,
      1.1125,
      2.62,
      1.18,
      2.685,
      1.245,
      2.75,
      1.31,
      2.815,
      1.375
    ],
    "SoftwareVersions": "syngo_MR_E11",
    "SpacingBetweenSlices": 3,
    "StationName": "AWP45685",
    "TaskName": "es",
    "TotalReadoutTime": 0.03886,
    "TxRefAmp": 221.994,
    "dataset": "ds002799",
    "modality": "bold",
    "run_id": 11,
    "session_id": "postop",
    "subject_id": "369",
    "task_id": "es"
  },
  "dummy_trs": 0,
  "dvars_nstd": 39.09764764109093,
  "dvars_std": 1.1760283121363635,
  "dvars_vstd": 1.0443621676363635,
  "efc": 0.5219759699771095,
  "fber": 1649.498779296875,
  "fd_mean": 0.2836643718290565,
  "fd_num": 109,
  "fd_perc": 49.321266968325794,
  "fwhm_avg": 2.074422167570745,
  "fwhm_x": 2.0092392814370905,
  "fwhm_y": 2.1116905546084777,
  "fwhm_z": 2.1023366666666665,
  "gcor": 0.0805644,
  "gsr_x": -0.004816818982362747,
  "gsr_y": 0.04699408635497093,
  "provenance": {
    "md5sum": "2176c0812f89f1a0b7b40b228154d16e",
    "settings": {
      "fd_thres": 0.2,
      "testing": false
    },
    "software": "mriqc",
    "version": "21.0.0rc2",
    "webapi_port": null,
    "webapi_url": "https://mriqc.nimh.nih.gov/api/v1"
  },
  "size_t": 221,
  "size_x": 68,
  "size_y": 68,
  "size_z": 44,
  "snr": 4.6160570596245245,
  "spacing_tr": 3.0,
  "spacing_x": 3.2352941036224365,
  "spacing_y": 3.2352941036224365,
  "spacing_z": 3.0,
  "summary_bg_k": 44.68675222840723,
  "summary_bg_mad": 1.851575864418521,
  "summary_bg_mean": 17.28740119934082,
  "summary_bg_median": 6.0542988777160645,
  "summary_bg_n": 129617.0,
  "summary_bg_p05": 4.751131534576416,
  "summary_bg_p95": 65.62805633544916,
  "summary_bg_stdv": 31.58138084411621,
  "summary_fg_k": 1.1266420237401196,
  "summary_fg_mad": 49.98919734971241,
  "summary_fg_mean": 258.333740234375,
  "summary_fg_median": 256.26922607421875,
  "summary_fg_n": 32638.0,
  "summary_fg_p05": 168.52398986816408,
  "summary_fg_p95": 349.4547561645507,
  "summary_fg_stdv": 55.51605987548828,
  "tsnr": 38.61156273900997
}