{
  "bids_meta": {
    "AcquisitionMatrixPE": 256,
    "AcquisitionNumber": 1,
    "AcquisitionTime": "17:11:39.467500",
    "BaseResolution": 256,
    "BodyPartExamined": "BRAIN",
    "ConsistencyInfo": "N4_VE11A_LATEST_20140830",
    "ConversionSoftware": "dcm2niix",
    "ConversionSoftwareVersion": "v1.0.20171215 (OpenJPEG build) GCC7.2.0",
    "DeviceSerialNumber": "45685",
    "DwellTime": 1.03e-05,
    "EchoTime": 0.00344,
    "FlipAngle": 10,
    "ImageComments": "Image_quality:_not_assessed",
    "ImageOrientationPatientDICOM": [
      0.999963,
      0.00017212,
      0.0085519,
      0.00855265,
      -0.00494135,
      -0.999951
    ],
    "ImageType": [
      "ORIGINAL",
      "PRIMARY",
      "M",
      "DIS2D"
    ],
    "InPlanePhaseEncodingDirectionDICOM": "ROW",
    "InstitutionAddress": "HAWKINS_DRIVE_200_IOWA_CITY_IOWA_US_52242",
    "InstitutionName": "UIHC_SKYRA",
    "InstitutionalDepartmentName": "Department",
    "InversionTime": 1,
    "MRAcquisitionType": "3D",
    "MagneticFieldStrength": 3,
    "Manufacturer": "Siemens",
    "ManufacturersModelName": "Skyra",
    "Modality": "MR",
    "PartialFourier": 1,
    "PatientPosition": "HFS",
    "PercentPhaseFOV": 100,
    "PhaseEncodingSteps": 256,
    "PhaseResolution": 1,
    "PixelBandwidth": 190,
    "ProcedureStepDescription": "RESEARCH_HOWARD",
    "ProtocolName": "MPRAGE_TI=1000",
    "PulseSequenceDetails": "%SiemensSeq%_tfl",
    "ReceiveCoilActiveElements": "HE",
    "ReceiveCoilName": "Head_TxRx",
    "ReconMatrixPE": 256,
    "RepetitionTime": 1.9,
    "SAR": 0.129613,
    "ScanOptions": "IR",
    "ScanningSequence": "GR_IR",
    "SequenceName": "_tfl3d1_16ns",
    "SequenceVariant": "SK_SP_MP",
    "SeriesDescription": "MPRAGE_TI=1000",
    "SeriesNumber": 3,
    "ShimSetting": [
      -3818,
      -1400,
      -1116,
      221,
      302,
      -728,
      45,
      204
    ],
    "SliceThickness": 1,
    "SoftwareVersions": "syngo_MR_E11",
    "StationName": "AWP45685",
    "TxRefAmp": 239.044,
    "dataset": "ds002799",
    "modality": "T1w",
    "session_id": "postop",
    "subject_id": "331"
  },
  "cjv": 0.655887096887368,
  "cnr": 2.026066221410143,
  "efc": 0.6623485156590857,
  "fber": 133.17848964134552,
  "fwhm_avg": 3.77823009471756,
  "fwhm_x": 3.6434432,
  "fwhm_y": 3.98842212415268,
  "fwhm_z": 3.70282496,
  "icvs_csf": 0.22360780039337474,
  "icvs_gm": 0.39950372559482883,
  "icvs_wm": 0.3768884740117965,
  "inu_med": 1.60989511013031,
  "inu_range": 0.6700156629085541,
  "provenance": {
    "md5sum": "31a64aa21ddca2e09cd189c3d7c0b02f",
    "settings": {
      "testing": false
    },
    "software": "mriqc",
    "version": "21.0.0rc2",
    "warnings": {
      "large_rot_frame": true,
      "small_air_mask": false
    },
    "webapi_port": null,
    "webapi_url": "https://mriqc.nimh.nih.gov/api/v1"
  },
  "qi_1": 0.0,
  "qi_2": 0.008315888990933048,
  "rpve_csf": 29.781551042049024,
  "rpve_gm": 16.2334584804418,
  "rpve_wm": 19.50398746700523,
  "size_x": 256,
  "size_y": 224,
  "size_z": 256,
  "snr_csf": 0.9931973086545914,
  "snr_gm": 10.99744283831892,
  "snr_total": 8.860856786889068,
  "snr_wm": 14.591930213693693,
  "snrd_csf": 11.454197238064513,
  "snrd_gm": 20.995637871896538,
  "snrd_total": 19.671644548612097,
  "snrd_wm": 26.56509853587524,
  "spacing_x": 0.9765625,
  "spacing_y": 0.9999969601631165,
  "spacing_z": 0.9765625,
  "summary_bg_k": 31.680816495072733,
  "summary_bg_mad": 24.663850192229194,
  "summary_bg_mean": 62.670040544713295,
  "summary_bg_median": 62.056075274944305,
  "summary_bg_n": 3636923.0,
  "summary_bg_p05": 23.364486172795296,
  "summary_bg_p95": 115.60747758299112,
  "summary_bg_stdv": 29.100343422966027,
  "summary_csf_k": 26.279895753088997,
  "summary_csf_mad": 101.7037418039114,
  "summary_csf_mean": 530.6148303829493,
  "summary_csf_median": 431.21495680511,
  "summary_csf_n": 68516.0,
  "summary_csf_p05": 288.41121731698513,
  "summary_csf_p95": 1552.8738445024937,
  "summary_csf_stdv": 434.16530252015264,
  "summary_gm_k": -0.11223072212226626,
  "summary_gm_mad": 73.09090436180281,
  "summary_gm_mean": 792.011743810306,
  "summary_gm_median": 790.4205672256649,
  "summary_gm_n": 22314.0,
  "summary_gm_p05": 676.0747718960047,
  "summary_gm_p95": 912.990661688149,
  "summary_gm_stdv": 71.87151298101385,
  "summary_wm_k": 0.8148290116972494,
  "summary_wm_mad": 64.43084460329537,
  "summary_wm_mean": 1005.3917316131775,
  "summary_wm_median": 1000.0934661403298,
  "summary_wm_n": 197362.0,
  "summary_wm_p05": 902.8037457168102,
  "summary_wm_p95": 1126.7289811968803,
  "summary_wm_stdv": 68.53726120112951,
  "tpm_overlap_csf": 0.13586071133613586,
  "tpm_overlap_gm": 0.3847922682762146,
  "tpm_overlap_wm": 0.43712154030799866,
  "wm2max": 0.479221455238477
}