{
  "aor": 0.0035506153846153847,
  "aqi": 0.0038033302307692307,
  "bids_meta": {
    "AcquisitionNumber": 1,
    "AcquisitionTime": "15:11:51.000000",
    "BodyPartExamined": "HEAD",
    "ConversionSoftware": "dcm2niix",
    "ConversionSoftwareVersion": "v1.0.20170624 (OpenJPEG build) GCC6.3.0",
    "DeviceSerialNumber": "0000000319335MR2",
    "EchoTime": 0.03,
    "FlipAngle": 80,
    "ImageType": [
      "ORIGINAL",
      "PRIMARY",
      "EPI",
      "NONE"
    ],
    "InstitutionName": "Iowa_MRRF",
    "MagneticFieldStrength": 3,
    "Manufacturer": "GE",
    "ManufacturersModelName": "DISCOVERY_MR750w",
    "PhaseEncodingLines": 64,
    "ProcedureStepDescription": "MH_EPIL",
    "ProtocolName": "REST",
    "RepetitionTime": 2.26,
    "ScanningSequence": "EP_GR",
    "SequenceVariant": "SS",
    "SeriesDescription": "REST",
    "SoftwareVersions": "27_LX_MR_Software_release:DV25.1_R02_1649.a",
    "TaskName": "rest",
    "dataset": "ds002799",
    "modality": "bold",
    "run_id": 2,
    "session_id": "preop",
    "subject_id": "399",
    "task_id": "rest"
  },
  "dummy_trs": 0,
  "dvars_nstd": 17.140072778294567,
  "dvars_std": 1.1293701504651161,
  "dvars_vstd": 1.0048774699999996,
  "efc": 0.4281218295611464,
  "fber": 30004.37890625,
  "fd_mean": 0.15503924524472712,
  "fd_num": 29,
  "fd_perc": 22.307692307692307,
  "fwhm_avg": 2.487695742424242,
  "fwhm_x": 2.478594909090909,
  "fwhm_y": 2.6445498181818183,
  "fwhm_z": 2.3399425,
  "gcor": 0.0650451,
  "gsr_x": -0.008862528018653393,
  "gsr_y": 0.014253972098231316,
  "provenance": {
    "md5sum": "643b3b9cadb34a031dc864117e9781f9",
    "settings": {
      "fd_thres": 0.2,
      "testing": false
    },
    "software": "mriqc",
    "version": "21.0.0rc2",
    "webapi_port": null,
    "webapi_url": "https://mriqc.nimh.nih.gov/api/v1"
  },
  "size_t": 130,
  "size_x": 64,
  "size_y": 64,
  "size_z": 30,
  "snr": 4.7085116861161795,
  "spacing_tr": 2.259999990463257,
  "spacing_x": 3.4375,
  "spacing_y": 3.4375,
  "spacing_z": 4.0,
  "summary_bg_k": 137.79259163965347,
  "summary_bg_mad": 12.853021485295969,
  "summary_bg_mean": 35.24100875854492,
  "summary_bg_median": 8.876923561096191,
  "summary_bg_n": 78423.0,
  "summary_bg_p05": 0.0,
  "summary_bg_p95": 135.26845703124997,
  "summary_bg_stdv": 99.4168930053711,
  "summary_fg_k": 1.0982695956795059,
  "summary_fg_mad": 291.1831119108434,
  "summary_fg_mean": 1488.6134033203125,
  "summary_fg_median": 1453.0230712890625,
  "summary_fg_n": 17476.0,
  "summary_fg_p05": 1071.5403747558594,
  "summary_fg_p95": 2054.3250732421875,
  "summary_fg_stdv": 308.5861511230469,
  "tsnr": 78.31920163077302
}