{
  "aor": 0.0012863846153846155,
  "aqi": 0.0020201996846153846,
  "bids_meta": {
    "AcquisitionNumber": 1,
    "AcquisitionTime": "14:59:29.000000",
    "BodyPartExamined": "HEAD",
    "ConversionSoftware": "dcm2niix",
    "ConversionSoftwareVersion": "v1.0.20170624 (OpenJPEG build) GCC6.3.0",
    "DeviceSerialNumber": "0000000319335MR2",
    "EchoTime": 0.03,
    "FlipAngle": 80,
    "ImageType": [
      "ORIGINAL",
      "PRIMARY",
      "EPI",
      "NONE"
    ],
    "InstitutionName": "Iowa_MRRF",
    "MagneticFieldStrength": 3,
    "Manufacturer": "GE",
    "ManufacturersModelName": "DISCOVERY_MR750w",
    "PhaseEncodingLines": 64,
    "ProcedureStepDescription": "MH_EPIL",
    "ProtocolName": "REST",
    "RepetitionTime": 2.26,
    "ScanningSequence": "EP_GR",
    "SequenceVariant": "SS",
    "SeriesDescription": "REST",
    "SoftwareVersions": "27_LX_MR_Software_release:DV25.1_R02_1649.a",
    "TaskName": "rest",
    "dataset": "ds002799",
    "modality": "bold",
    "run_id": 1,
    "session_id": "preop",
    "subject_id": "399",
    "task_id": "rest"
  },
  "dummy_trs": 0,
  "dvars_nstd": 12.214357471705421,
  "dvars_std": 1.141661141395349,
  "dvars_vstd": 0.9751879162015502,
  "efc": 0.4292003764189007,
  "fber": 29717.98828125,
  "fd_mean": 0.051032777546889146,
  "fd_num": 0,
  "fd_perc": 0.0,
  "fwhm_avg": 2.4993745303030304,
  "fwhm_x": 2.4767069090909093,
  "fwhm_y": 2.6542341818181816,
  "fwhm_z": 2.3671825,
  "gcor": 0.038468,
  "gsr_x": -0.009110907092690468,
  "gsr_y": 0.012498131953179836,
  "provenance": {
    "md5sum": "bad902c1b192074f9336985fe7028f6c",
    "settings": {
      "fd_thres": 0.2,
      "testing": false
    },
    "software": "mriqc",
    "version": "21.0.0rc2",
    "webapi_port": null,
    "webapi_url": "https://mriqc.nimh.nih.gov/api/v1"
  },
  "size_t": 130,
  "size_x": 64,
  "size_y": 64,
  "size_z": 30,
  "snr": 4.686327976266748,
  "spacing_tr": 2.259999990463257,
  "spacing_x": 3.4375,
  "spacing_y": 3.4375,
  "spacing_z": 4.0,
  "summary_bg_k": 132.98863087729367,
  "summary_bg_mad": 12.693355712627357,
  "summary_bg_mean": 35.23921585083008,
  "summary_bg_median": 8.715384483337402,
  "summary_bg_n": 78392.0,
  "summary_bg_p05": 0.0,
  "summary_bg_p95": 138.93962173461898,
  "summary_bg_stdv": 99.02133178710938,
  "summary_fg_k": 1.1625466445153485,
  "summary_fg_mad": 287.7332384380463,
  "summary_fg_mean": 1478.7073974609375,
  "summary_fg_median": 1440.7923583984375,
  "summary_fg_n": 17460.0,
  "summary_fg_p05": 1060.75966796875,
  "summary_fg_p95": 2052.689953613281,
  "summary_fg_stdv": 307.4371032714844,
  "tsnr": 100.82965371198952
}