{
  "aor": 0.0009075565610859729,
  "aqi": 0.007253770723981901,
  "bids_meta": {
    "AcquisitionMatrixPE": 68,
    "AcquisitionNumber": 1,
    "AcquisitionTime": "18:32:20.225000",
    "BandwidthPerPixelPhaseEncode": 25.355,
    "BaseResolution": 68,
    "BodyPartExamined": "BRAIN",
    "ConsistencyInfo": "N4_VE11A_LATEST_20140830",
    "ConversionSoftware": "dcm2niix",
    "ConversionSoftwareVersion": "v1.0.20171103 (OpenJPEG build) GCC6.3.0",
    "DelayTime": 0.1,
    "DerivedVendorReportedEchoSpacing": 0.000579999,
    "DeviceSerialNumber": "45685",
    "DwellTime": 3.8e-06,
    "EchoTime": 0.03,
    "EchoTrainLength": 68,
    "EffectiveEchoSpacing": 0.000579999,
    "FlipAngle": 90,
    "ImageOrientationPatientDICOM": [
      1,
      0,
      0,
      0,
      0.994703,
      -0.102793
    ],
    "ImageType": [
      "ORIGINAL",
      "PRIMARY",
      "M",
      "ND",
      "MOSAIC"
    ],
    "InPlanePhaseEncodingDirectionDICOM": "COL",
    "InstitutionAddress": "HAWKINS_DRIVE_200_IOWA_CITY_IOWA_US_52242",
    "InstitutionName": "UIHC_SKYRA",
    "InstitutionalDepartmentName": "Department",
    "MRAcquisitionType": "2D",
    "MagneticFieldStrength": 3,
    "Manufacturer": "Siemens",
    "ManufacturersModelName": "Skyra",
    "Modality": "MR",
    "PartialFourier": 1,
    "PatientPosition": "HFS",
    "PercentPhaseFOV": 100,
    "PhaseEncodingDirection": "j-",
    "PhaseEncodingSteps": 68,
    "PhaseResolution": 1,
    "PixelBandwidth": 1935,
    "ProcedureStepDescription": "RESEARCH_HOWARD",
    "ProtocolName": "ES-FMRI",
    "PulseSequenceDetails": "%SiemensSeq%_ep2d_pace",
    "ReceiveCoilActiveElements": "HE",
    "ReceiveCoilName": "Head_TxRx",
    "ReconMatrixPE": 68,
    "RepetitionTime": 3,
    "SAR": 0.150782,
    "ScanOptions": "FS",
    "ScanningSequence": "EP",
    "SequenceName": "_epfid2d1_68",
    "SequenceVariant": "SK",
    "SeriesDescription": "ES-FMRI",
    "SeriesNumber": 17,
    "ShimSetting": [
      -3892,
      -1193,
      -1229,
      226,
      469,
      -1022,
      -152,
      286
    ],
    "SliceThickness": 3,
    "SliceTiming": [
      1.44,
      0,
      1.505,
      0.065,
      1.57,
      0.13,
      1.635,
      0.195,
      1.7,
      0.2625,
      1.7675,
      0.3275,
      1.8325,
      0.3925,
      1.8975,
      0.4575,
      1.9625,
      0.5225,
      2.0275,
      0.5875,
      2.095,
      0.655,
      2.16,
      0.72,
      2.225,
      0.785,
      2.29,
      0.85,
      2.355,
      0.915,
      2.42,
      0.9825,
      2.4875,
      1.0475,
      2.5525,
      1.1125,
      2.6175,
      1.1775,
      2.6825,
      1.2425,
      2.7475,
      1.3075,
      2.815,
      1.375
    ],
    "SoftwareVersions": "syngo_MR_E11",
    "SpacingBetweenSlices": 3,
    "StationName": "AWP45685",
    "TaskName": "es",
    "TotalReadoutTime": 0.03886,
    "TxRefAmp": 237.673,
    "dataset": "ds002799",
    "modality": "bold",
    "run_id": 7,
    "session_id": "postop",
    "subject_id": "334",
    "task_id": "es"
  },
  "dummy_trs": 0,
  "dvars_nstd": 31.742344041045467,
  "dvars_std": 1.0661267654090911,
  "dvars_vstd": 1.016040230363637,
  "efc": 0.47958342024681366,
  "fber": 1453.8463134765625,
  "fd_mean": 0.17290211388490045,
  "fd_num": 47,
  "fd_perc": 21.266968325791854,
  "fwhm_avg": 2.187849521523286,
  "fwhm_x": 2.1137985546176155,
  "fwhm_y": 2.295850009952242,
  "fwhm_z": 2.1539,
  "gcor": 0.0805545,
  "gsr_x": 0.005272899754345417,
  "gsr_y": 0.01839405484497547,
  "provenance": {
    "md5sum": "dad7e8ff3020717e7730208ee59adb28",
    "settings": {
      "fd_thres": 0.2,
      "testing": false
    },
    "software": "mriqc",
    "version": "21.0.0rc2",
    "webapi_port": null,
    "webapi_url": "https://mriqc.nimh.nih.gov/api/v1"
  },
  "size_t": 221,
  "size_x": 68,
  "size_y": 68,
  "size_z": 44,
  "snr": 5.179323255593379,
  "spacing_tr": 3.0,
  "spacing_x": 3.2352941036224365,
  "spacing_y": 3.2352941036224365,
  "spacing_z": 3.0,
  "summary_bg_k": 30.5874017357089,
  "summary_bg_mad": 1.7509464954532261,
  "summary_bg_mean": 14.268385887145996,
  "summary_bg_median": 5.769230842590332,
  "summary_bg_n": 143932.0,
  "summary_bg_p05": 4.5158371925354,
  "summary_bg_p95": 53.323305892944255,
  "summary_bg_stdv": 22.910327911376953,
  "summary_fg_k": 1.2390280746868605,
  "summary_fg_mad": 38.24576886728994,
  "summary_fg_mean": 226.35215759277344,
  "summary_fg_median": 226.17874145507812,
  "summary_fg_n": 22552.0,
  "summary_fg_p05": 150.83597793579102,
  "summary_fg_p95": 296.15838623046875,
  "summary_fg_stdv": 43.66858673095703,
  "tsnr": 42.31517504621297
}