{
  "aor": 0.002514796380090498,
  "aqi": 0.008463547647058823,
  "bids_meta": {
    "AcquisitionMatrixPE": 68,
    "AcquisitionNumber": 1,
    "AcquisitionTime": "18:57:39.120000",
    "BandwidthPerPixelPhaseEncode": 25.355,
    "BaseResolution": 68,
    "BodyPartExamined": "BRAIN",
    "ConsistencyInfo": "N4_VE11A_LATEST_20140830",
    "ConversionSoftware": "dcm2niix",
    "ConversionSoftwareVersion": "v1.0.20171103 (OpenJPEG build) GCC6.3.0",
    "DelayTime": 0.1,
    "DerivedVendorReportedEchoSpacing": 0.000579999,
    "DeviceSerialNumber": "45685",
    "DwellTime": 3.8e-06,
    "EchoTime": 0.03,
    "EchoTrainLength": 68,
    "EffectiveEchoSpacing": 0.000579999,
    "FlipAngle": 90,
    "ImageOrientationPatientDICOM": [
      1,
      0,
      0,
      0,
      0.994703,
      -0.102793
    ],
    "ImageType": [
      "ORIGINAL",
      "PRIMARY",
      "M",
      "ND",
      "MOSAIC"
    ],
    "InPlanePhaseEncodingDirectionDICOM": "COL",
    "InstitutionAddress": "HAWKINS_DRIVE_200_IOWA_CITY_IOWA_US_52242",
    "InstitutionName": "UIHC_SKYRA",
    "InstitutionalDepartmentName": "Department",
    "MRAcquisitionType": "2D",
    "MagneticFieldStrength": 3,
    "Manufacturer": "Siemens",
    "ManufacturersModelName": "Skyra",
    "Modality": "MR",
    "PartialFourier": 1,
    "PatientPosition": "HFS",
    "PercentPhaseFOV": 100,
    "PhaseEncodingDirection": "j-",
    "PhaseEncodingSteps": 68,
    "PhaseResolution": 1,
    "PixelBandwidth": 1935,
    "ProcedureStepDescription": "RESEARCH_HOWARD",
    "ProtocolName": "ES-FMRI",
    "PulseSequenceDetails": "%SiemensSeq%_ep2d_pace",
    "ReceiveCoilActiveElements": "HE",
    "ReceiveCoilName": "Head_TxRx",
    "ReconMatrixPE": 68,
    "RepetitionTime": 3,
    "SAR": 0.150782,
    "ScanOptions": "FS",
    "ScanningSequence": "EP",
    "SequenceName": "_epfid2d1_68",
    "SequenceVariant": "SK",
    "SeriesDescription": "ES-FMRI",
    "SeriesNumber": 21,
    "ShimSetting": [
      -3892,
      -1193,
      -1229,
      226,
      469,
      -1022,
      -152,
      286
    ],
    "SliceThickness": 3,
    "SliceTiming": [
      1.44,
      0,
      1.5075,
      0.0675,
      1.5725,
      0.1325,
      1.6375,
      0.1975,
      1.7025,
      0.2625,
      1.7675,
      0.3275,
      1.8325,
      0.3925,
      1.9,
      0.46,
      1.965,
      0.525,
      2.03,
      0.59,
      2.095,
      0.655,
      2.16,
      0.72,
      2.225,
      0.7875,
      2.2925,
      0.8525,
      2.3575,
      0.9175,
      2.4225,
      0.9825,
      2.4875,
      1.0475,
      2.5525,
      1.1125,
      2.62,
      1.18,
      2.685,
      1.245,
      2.75,
      1.31,
      2.815,
      1.375
    ],
    "SoftwareVersions": "syngo_MR_E11",
    "SpacingBetweenSlices": 3,
    "StationName": "AWP45685",
    "TaskName": "es",
    "TotalReadoutTime": 0.03886,
    "TxRefAmp": 237.673,
    "dataset": "ds002799",
    "modality": "bold",
    "run_id": 9,
    "session_id": "postop",
    "subject_id": "334",
    "task_id": "es"
  },
  "dummy_trs": 0,
  "dvars_nstd": 33.256267972545466,
  "dvars_std": 1.0755346524545457,
  "dvars_vstd": 1.0323024821363633,
  "efc": 0.47774557195757483,
  "fber": 1511.982666015625,
  "fd_mean": 0.24935348351645,
  "fd_num": 83,
  "fd_perc": 37.55656108597285,
  "fwhm_avg": 2.224779258971529,
  "fwhm_x": 2.145502009300501,
  "fwhm_y": 2.3157091009474193,
  "fwhm_z": 2.2131266666666667,
  "gcor": 0.0173326,
  "gsr_x": 0.0056045809760689735,
  "gsr_y": 0.0189007967710495,
  "provenance": {
    "md5sum": "cb1c57ab4b2b5bfdb7004115ba340f3c",
    "settings": {
      "fd_thres": 0.2,
      "testing": false
    },
    "software": "mriqc",
    "version": "21.0.0rc2",
    "webapi_port": null,
    "webapi_url": "https://mriqc.nimh.nih.gov/api/v1"
  },
  "size_t": 221,
  "size_x": 68,
  "size_y": 68,
  "size_z": 44,
  "snr": 5.144889119697595,
  "spacing_tr": 3.0,
  "spacing_x": 3.2352941036224365,
  "spacing_y": 3.2352941036224365,
  "spacing_z": 3.0,
  "summary_bg_k": 31.795627990026567,
  "summary_bg_mad": 1.7106950306510396,
  "summary_bg_mean": 14.24809741973877,
  "summary_bg_median": 5.733031749725342,
  "summary_bg_n": 143907.0,
  "summary_bg_p05": 4.506787300109863,
  "summary_bg_p95": 53.13574981689453,
  "summary_bg_stdv": 23.07772445678711,
  "summary_fg_k": 1.102821404754386,
  "summary_fg_mad": 39.18498479448397,
  "summary_fg_mean": 229.86941528320312,
  "summary_fg_median": 230.0859832763672,
  "summary_fg_n": 22373.0,
  "summary_fg_p05": 151.70860595703124,
  "summary_fg_p95": 300.0380249023437,
  "summary_fg_stdv": 44.720272064208984,
  "tsnr": 41.58024303428829
}