{
  "aor": 0.004025136363636364,
  "aqi": 0.009422342863636364,
  "bids_meta": {
    "AcquisitionMatrixPE": 68,
    "AcquisitionNumber": 1,
    "AcquisitionTime": "18:20:54.907500",
    "BandwidthPerPixelPhaseEncode": 25.355,
    "BaseResolution": 68,
    "BodyPartExamined": "BRAIN",
    "ConsistencyInfo": "N4_VE11A_LATEST_20140830",
    "ConversionSoftware": "dcm2niix",
    "ConversionSoftwareVersion": "v1.0.20180622 GCC7.3.0",
    "DelayTime": 0.1,
    "DerivedVendorReportedEchoSpacing": 0.000579999,
    "DeviceSerialNumber": "45685",
    "DwellTime": 3.8e-06,
    "EchoTime": 0.03,
    "EchoTrainLength": 68,
    "EffectiveEchoSpacing": 0.000579999,
    "FlipAngle": 90,
    "ImageOrientationPatientDICOM": [
      1,
      0,
      0,
      0,
      0.981627,
      -0.190809
    ],
    "ImageType": [
      "ORIGINAL",
      "PRIMARY",
      "M",
      "ND",
      "MOSAIC"
    ],
    "InPlanePhaseEncodingDirectionDICOM": "COL",
    "InstitutionAddress": "HAWKINS_DRIVE_200_IOWA_CITY_IOWA_US_52242",
    "InstitutionName": "UIHC_SKYRA",
    "InstitutionalDepartmentName": "Department",
    "MRAcquisitionType": "2D",
    "MagneticFieldStrength": 3,
    "Manufacturer": "Siemens",
    "ManufacturersModelName": "Skyra",
    "Modality": "MR",
    "PartialFourier": 1,
    "PatientPosition": "HFS",
    "PercentPhaseFOV": 100,
    "PhaseEncodingDirection": "j-",
    "PhaseEncodingSteps": 68,
    "PhaseResolution": 1,
    "PixelBandwidth": 1935,
    "ProcedureStepDescription": "RESEARCH_OYA",
    "ProtocolName": "ES-FMRI",
    "PulseSequenceDetails": "%SiemensSeq%_ep2d_pace",
    "ReceiveCoilActiveElements": "HE",
    "ReceiveCoilName": "TxRx_CP_Head",
    "ReconMatrixPE": 68,
    "RepetitionTime": 3,
    "SAR": 0.0425177,
    "ScanOptions": "FS",
    "ScanningSequence": "EP",
    "SequenceName": "_epfid2d1_68",
    "SequenceVariant": "SK",
    "SeriesDescription": "ES-FMRI",
    "SeriesNumber": 7,
    "ShimSetting": [
      -3733,
      -1293,
      -805,
      378,
      566,
      105,
      -265,
      305
    ],
    "SliceThickness": 3,
    "SliceTiming": [
      1.44,
      0,
      1.5075,
      0.0675,
      1.5725,
      0.1325,
      1.6375,
      0.1975,
      1.7025,
      0.2625,
      1.7675,
      0.3275,
      1.8325,
      0.3925,
      1.9,
      0.46,
      1.965,
      0.525,
      2.03,
      0.59,
      2.095,
      0.655,
      2.16,
      0.72,
      2.225,
      0.7875,
      2.2925,
      0.8525,
      2.3575,
      0.9175,
      2.4225,
      0.9825,
      2.4875,
      1.0475,
      2.5525,
      1.1125,
      2.62,
      1.18,
      2.685,
      1.245,
      2.75,
      1.31,
      2.815,
      1.375
    ],
    "SoftwareVersions": "syngo_MR_E11",
    "SpacingBetweenSlices": 3,
    "StationName": "AWP45685",
    "TaskName": "es",
    "TotalReadoutTime": 0.03886,
    "TxRefAmp": 200.506,
    "dataset": "ds002799",
    "modality": "bold",
    "run_id": 2,
    "session_id": "postop",
    "subject_id": "413",
    "task_id": "es"
  },
  "dummy_trs": 0,
  "dvars_nstd": 39.473400795296826,
  "dvars_std": 1.2069999040182646,
  "dvars_vstd": 1.0315705588584483,
  "efc": 0.5440348875398929,
  "fber": 830.6787109375,
  "fd_mean": 0.39204728335668493,
  "fd_num": 112,
  "fd_perc": 50.90909090909091,
  "fwhm_avg": 2.295223521784552,
  "fwhm_x": 2.2011012822687896,
  "fwhm_y": 2.389359283084866,
  "fwhm_z": 2.29521,
  "gcor": 0.0685733,
  "gsr_x": 0.007560431025922298,
  "gsr_y": 0.031791895627975464,
  "provenance": {
    "md5sum": "b61b9c266ec6dbb6b08b873020e724ba",
    "settings": {
      "fd_thres": 0.2,
      "testing": false
    },
    "software": "mriqc",
    "version": "21.0.0rc2",
    "webapi_port": null,
    "webapi_url": "https://mriqc.nimh.nih.gov/api/v1"
  },
  "size_t": 220,
  "size_x": 68,
  "size_y": 68,
  "size_z": 44,
  "snr": 4.78328651846654,
  "spacing_tr": 3.0,
  "spacing_x": 3.2352941036224365,
  "spacing_y": 3.2352941036224365,
  "spacing_z": 3.0,
  "summary_bg_k": 42.62126703611468,
  "summary_bg_mad": 4.6634576816383975,
  "summary_bg_mean": 33.44633102416992,
  "summary_bg_median": 14.354544639587402,
  "summary_bg_n": 127789.0,
  "summary_bg_p05": 11.054545402526855,
  "summary_bg_p95": 118.60999755859348,
  "summary_bg_stdv": 56.717140197753906,
  "summary_fg_k": 0.24659903664197458,
  "summary_fg_mad": 87.69256401377221,
  "summary_fg_mean": 431.33746337890625,
  "summary_fg_median": 432.338623046875,
  "summary_fg_n": 33936.0,
  "summary_fg_p05": 277.75909423828125,
  "summary_fg_p95": 577.7999877929688,
  "summary_fg_stdv": 90.3839340209961,
  "tsnr": 40.69013693463057
}