{
  "aor": 0.0007215454545454545,
  "aqi": 0.007901818636363635,
  "bids_meta": {
    "AcquisitionMatrixPE": 68,
    "AcquisitionNumber": 1,
    "AcquisitionTime": "18:13:39.177500",
    "BandwidthPerPixelPhaseEncode": 25.355,
    "BaseResolution": 68,
    "BodyPartExamined": "BRAIN",
    "ConsistencyInfo": "N4_VE11A_LATEST_20140830",
    "ConversionSoftware": "dcm2niix",
    "ConversionSoftwareVersion": "v1.0.20180622 GCC7.3.0",
    "DelayTime": 0.1,
    "DerivedVendorReportedEchoSpacing": 0.000579999,
    "DeviceSerialNumber": "45685",
    "DwellTime": 3.8e-06,
    "EchoTime": 0.03,
    "EchoTrainLength": 68,
    "EffectiveEchoSpacing": 0.000579999,
    "FlipAngle": 90,
    "ImageOrientationPatientDICOM": [
      0.995056,
      -0.00173338,
      0.0993046,
      1.2772e-08,
      0.999848,
      0.0174524
    ],
    "ImageType": [
      "ORIGINAL",
      "PRIMARY",
      "M",
      "ND",
      "MOSAIC"
    ],
    "InPlanePhaseEncodingDirectionDICOM": "COL",
    "InstitutionAddress": "HAWKINS_DRIVE_200_IOWA_CITY_IOWA_US_52242",
    "InstitutionName": "UIHC_SKYRA",
    "InstitutionalDepartmentName": "Department",
    "MRAcquisitionType": "2D",
    "MagneticFieldStrength": 3,
    "Manufacturer": "Siemens",
    "ManufacturersModelName": "Skyra",
    "Modality": "MR",
    "PartialFourier": 1,
    "PatientPosition": "HFS",
    "PercentPhaseFOV": 100,
    "PhaseEncodingDirection": "j-",
    "PhaseEncodingSteps": 68,
    "PhaseResolution": 1,
    "PixelBandwidth": 1935,
    "ProcedureStepDescription": "RESEARCH_OYA",
    "ProtocolName": "ES-FMRI",
    "PulseSequenceDetails": "%SiemensSeq%_ep2d_pace",
    "ReceiveCoilActiveElements": "HE",
    "ReceiveCoilName": "TxRx_CP_Head",
    "ReconMatrixPE": 68,
    "RepetitionTime": 3,
    "SAR": 0.0524114,
    "ScanOptions": "FS",
    "ScanningSequence": "EP",
    "SequenceName": "_epfid2d1_68",
    "SequenceVariant": "SK",
    "SeriesDescription": "ES-FMRI",
    "SeriesNumber": 11,
    "ShimSetting": [
      -3723,
      -1378,
      -839,
      373,
      489,
      40,
      132,
      134
    ],
    "SliceThickness": 3,
    "SliceTiming": [
      1.44,
      0,
      1.505,
      0.065,
      1.57,
      0.13,
      1.6375,
      0.1975,
      1.7025,
      0.2625,
      1.7675,
      0.3275,
      1.8325,
      0.3925,
      1.8975,
      0.4575,
      1.9625,
      0.5225,
      2.03,
      0.59,
      2.095,
      0.655,
      2.16,
      0.72,
      2.225,
      0.785,
      2.29,
      0.85,
      2.3575,
      0.9175,
      2.4225,
      0.9825,
      2.4875,
      1.0475,
      2.5525,
      1.1125,
      2.6175,
      1.1775,
      2.6825,
      1.2425,
      2.75,
      1.31,
      2.815,
      1.375
    ],
    "SoftwareVersions": "syngo_MR_E11",
    "SpacingBetweenSlices": 3,
    "StationName": "AWP45685",
    "TaskName": "es",
    "TotalReadoutTime": 0.03886,
    "TxRefAmp": 208.384,
    "dataset": "ds002799",
    "modality": "bold",
    "run_id": 4,
    "session_id": "postop",
    "subject_id": "405",
    "task_id": "es"
  },
  "dummy_trs": 0,
  "dvars_nstd": 30.597961330091323,
  "dvars_std": 1.1325963092694065,
  "dvars_vstd": 1.0046275884474887,
  "efc": 0.5159207327876347,
  "fber": 1002.2903442382812,
  "fd_mean": 0.16718655739592095,
  "fd_num": 59,
  "fd_perc": 26.818181818181817,
  "fwhm_avg": 2.053612208065057,
  "fwhm_x": 1.9896800086250306,
  "fwhm_y": 2.193723282236807,
  "fwhm_z": 1.9774333333333332,
  "gcor": 0.0505938,
  "gsr_x": -0.02273518405854702,
  "gsr_y": 0.0363641232252121,
  "provenance": {
    "md5sum": "17b9701b7f2a9dd1d755547bd3aac280",
    "settings": {
      "fd_thres": 0.2,
      "testing": false
    },
    "software": "mriqc",
    "version": "21.0.0rc2",
    "webapi_port": null,
    "webapi_url": "https://mriqc.nimh.nih.gov/api/v1"
  },
  "size_t": 220,
  "size_x": 68,
  "size_y": 68,
  "size_z": 44,
  "snr": 5.215873325899696,
  "spacing_tr": 3.0,
  "spacing_x": 3.2352941036224365,
  "spacing_y": 3.2352941036224365,
  "spacing_z": 3.0,
  "summary_bg_k": 37.79323136771958,
  "summary_bg_mad": 2.6349891567424306,
  "summary_bg_mean": 30.411468505859375,
  "summary_bg_median": 14.290908813476562,
  "summary_bg_n": 134121.0,
  "summary_bg_p05": 12.42727279663086,
  "summary_bg_p95": 103.19544982910156,
  "summary_bg_stdv": 42.42350387573242,
  "summary_fg_k": 2.1218583500528396,
  "summary_fg_mad": 78.53751341267173,
  "summary_fg_mean": 471.7144470214844,
  "summary_fg_median": 468.7090759277344,
  "summary_fg_n": 29187.0,
  "summary_fg_p05": 335.6263488769531,
  "summary_fg_p95": 619.1686279296874,
  "summary_fg_stdv": 89.86051177978516,
  "tsnr": 50.67689946934115
}