{
  "aor": 0.0007966363636363636,
  "aqi": 0.007693847681818182,
  "bids_meta": {
    "AcquisitionMatrixPE": 68,
    "AcquisitionNumber": 1,
    "AcquisitionTime": "17:48:36.110000",
    "BandwidthPerPixelPhaseEncode": 25.355,
    "BaseResolution": 68,
    "BodyPartExamined": "BRAIN",
    "ConsistencyInfo": "N4_VE11A_LATEST_20140830",
    "ConversionSoftware": "dcm2niix",
    "ConversionSoftwareVersion": "v1.0.20180622 GCC7.3.0",
    "DelayTime": 0.1,
    "DerivedVendorReportedEchoSpacing": 0.000579999,
    "DeviceSerialNumber": "45685",
    "DwellTime": 3.8e-06,
    "EchoTime": 0.03,
    "EchoTrainLength": 68,
    "EffectiveEchoSpacing": 0.000579999,
    "FlipAngle": 90,
    "ImageOrientationPatientDICOM": [
      0.995056,
      -0.00173338,
      0.0993046,
      1.2772e-08,
      0.999848,
      0.0174524
    ],
    "ImageType": [
      "ORIGINAL",
      "PRIMARY",
      "M",
      "ND",
      "MOSAIC"
    ],
    "InPlanePhaseEncodingDirectionDICOM": "COL",
    "InstitutionAddress": "HAWKINS_DRIVE_200_IOWA_CITY_IOWA_US_52242",
    "InstitutionName": "UIHC_SKYRA",
    "InstitutionalDepartmentName": "Department",
    "MRAcquisitionType": "2D",
    "MagneticFieldStrength": 3,
    "Manufacturer": "Siemens",
    "ManufacturersModelName": "Skyra",
    "Modality": "MR",
    "PartialFourier": 1,
    "PatientPosition": "HFS",
    "PercentPhaseFOV": 100,
    "PhaseEncodingDirection": "j-",
    "PhaseEncodingSteps": 68,
    "PhaseResolution": 1,
    "PixelBandwidth": 1935,
    "ProcedureStepDescription": "RESEARCH_OYA",
    "ProtocolName": "ES-FMRI",
    "PulseSequenceDetails": "%SiemensSeq%_ep2d_pace",
    "ReceiveCoilActiveElements": "HE",
    "ReceiveCoilName": "TxRx_CP_Head",
    "ReconMatrixPE": 68,
    "RepetitionTime": 3,
    "SAR": 0.0524114,
    "ScanOptions": "FS",
    "ScanningSequence": "EP",
    "SequenceName": "_epfid2d1_68",
    "SequenceVariant": "SK",
    "SeriesDescription": "ES-FMRI",
    "SeriesNumber": 7,
    "ShimSetting": [
      -3723,
      -1378,
      -839,
      373,
      489,
      40,
      132,
      134
    ],
    "SliceThickness": 3,
    "SliceTiming": [
      1.44,
      0,
      1.505,
      0.065,
      1.5725,
      0.1325,
      1.6375,
      0.1975,
      1.7025,
      0.2625,
      1.7675,
      0.3275,
      1.8325,
      0.3925,
      1.8975,
      0.4575,
      1.965,
      0.525,
      2.03,
      0.59,
      2.095,
      0.655,
      2.16,
      0.72,
      2.225,
      0.785,
      2.2925,
      0.8525,
      2.3575,
      0.9175,
      2.4225,
      0.9825,
      2.4875,
      1.0475,
      2.5525,
      1.1125,
      2.6175,
      1.1775,
      2.685,
      1.245,
      2.75,
      1.31,
      2.815,
      1.375
    ],
    "SoftwareVersions": "syngo_MR_E11",
    "SpacingBetweenSlices": 3,
    "StationName": "AWP45685",
    "TaskName": "es",
    "TotalReadoutTime": 0.03886,
    "TxRefAmp": 208.384,
    "dataset": "ds002799",
    "modality": "bold",
    "run_id": 2,
    "session_id": "postop",
    "subject_id": "405",
    "task_id": "es"
  },
  "dummy_trs": 0,
  "dvars_nstd": 35.497282393926966,
  "dvars_std": 1.1826210073972605,
  "dvars_vstd": 1.0067031806392694,
  "efc": 0.5225918776451661,
  "fber": 770.2390747070312,
  "fd_mean": 0.19481992648849492,
  "fd_num": 102,
  "fd_perc": 46.36363636363637,
  "fwhm_avg": 1.995355723060517,
  "fwhm_x": 1.9323467356492248,
  "fwhm_y": 2.1430571001989933,
  "fwhm_z": 1.9106633333333332,
  "gcor": 0.0649451,
  "gsr_x": -0.022669723257422447,
  "gsr_y": 0.034625884145498276,
  "provenance": {
    "md5sum": "31b6cda9b2989d81be48a6d931159518",
    "settings": {
      "fd_thres": 0.2,
      "testing": false
    },
    "software": "mriqc",
    "version": "21.0.0rc2",
    "webapi_port": null,
    "webapi_url": "https://mriqc.nimh.nih.gov/api/v1"
  },
  "size_t": 220,
  "size_x": 68,
  "size_y": 68,
  "size_z": 44,
  "snr": 5.36383890087032,
  "spacing_tr": 3.0,
  "spacing_x": 3.2352941036224365,
  "spacing_y": 3.2352941036224365,
  "spacing_z": 3.0,
  "summary_bg_k": 43.77535645374542,
  "summary_bg_mad": 2.4193381306208384,
  "summary_bg_mean": 32.05576705932617,
  "summary_bg_median": 16.363636016845703,
  "summary_bg_n": 134238.0,
  "summary_bg_p05": 14.613636016845703,
  "summary_bg_p95": 103.07272338867188,
  "summary_bg_stdv": 42.722389221191406,
  "summary_fg_k": 2.6004181160466917,
  "summary_fg_mad": 75.72729719280808,
  "summary_fg_mean": 472.2472229003906,
  "summary_fg_median": 469.9204406738281,
  "summary_fg_n": 29016.0,
  "summary_fg_p05": 339.07613372802734,
  "summary_fg_p95": 611.1624908447266,
  "summary_fg_stdv": 87.60746765136719,
  "tsnr": 48.008719889912754
}