{
  "aor": 0.009882635658914727,
  "aqi": 0.023124031782945736,
  "bids_meta": {
    "AcquisitionMatrixPE": 64,
    "AcquisitionNumber": 1,
    "AcquisitionTime": "12:04:52.127500",
    "BandwidthPerPixelPhaseEncode": 27.902,
    "BaseResolution": 64,
    "ConversionSoftware": "dcm2niix",
    "ConversionSoftwareVersion": "v1.0.20171215 (OpenJPEG build) GCC7.2.0",
    "DerivedVendorReportedEchoSpacing": 0.000559996,
    "DeviceSerialNumber": "35267",
    "DwellTime": 3.9e-06,
    "EchoTime": 0.03,
    "EffectiveEchoSpacing": 0.000559996,
    "FlipAngle": 80,
    "ImageComments": "PROJECT:MH_EPIL_SUBJECT:320_SESSION:20150727_1",
    "ImageOrientationPatientDICOM": [
      1,
      2e-16,
      0,
      -2e-16,
      0.991671,
      0.128796
    ],
    "ImageType": [
      "ORIGINAL",
      "PRIMARY",
      "M",
      "ND",
      "MOSAIC"
    ],
    "InPlanePhaseEncodingDirectionDICOM": "COL",
    "InstitutionAddress": "Newton_Road_500_Iowa_City_CDI_US_52242",
    "InstitutionName": "University_of_Iowa",
    "InstitutionalDepartmentName": "Department",
    "MRAcquisitionType": "2D",
    "MagneticFieldStrength": 3,
    "Manufacturer": "Siemens",
    "ManufacturersModelName": "TrioTim",
    "Modality": "MR",
    "PartialFourier": 1,
    "PatientPosition": "HFS",
    "PercentPhaseFOV": 100,
    "PhaseEncodingDirection": "j-",
    "PhaseEncodingSteps": 64,
    "PhaseResolution": 1,
    "PixelBandwidth": 2003,
    "ProcedureStepDescription": "RESEARCH_HOWARD",
    "ProtocolName": "REST",
    "PulseSequenceDetails": "%SiemensSeq%_ep2d_pace",
    "ReceiveCoilName": "HeadMatrix",
    "ReconMatrixPE": 64,
    "RepetitionTime": 2.26,
    "SAR": 0.144295,
    "ScanOptions": "FS",
    "ScanningSequence": "EP",
    "SequenceName": "_epfid2d1_64",
    "SequenceVariant": "SK",
    "SeriesDescription": "REST",
    "SeriesNumber": 18,
    "ShimSetting": [
      6529,
      25444,
      6164,
      426,
      119,
      -254,
      424,
      100
    ],
    "SliceThickness": 4,
    "SliceTiming": [
      1.125,
      0,
      1.1875,
      0.0625,
      1.25,
      0.125,
      1.3125,
      0.1875,
      1.375,
      0.25,
      1.4375,
      0.3125,
      1.5,
      0.375,
      1.5625,
      0.4375,
      1.625,
      0.5,
      1.6875,
      0.5625,
      1.75,
      0.625,
      1.8125,
      0.6875,
      1.875,
      0.75,
      1.9375,
      0.8125,
      2,
      0.875,
      2.0625,
      0.9375,
      2.125,
      1,
      2.1875,
      1.0625
    ],
    "SoftwareVersions": "syngo_MR_B17",
    "SpacingBetweenSlices": 4,
    "StationName": "MRC35267",
    "TaskName": "rest",
    "TotalReadoutTime": 0.0352797,
    "TxRefAmp": 369.329,
    "dataset": "ds002799",
    "modality": "bold",
    "run_id": 5,
    "session_id": "preop",
    "subject_id": "320",
    "task_id": "rest"
  },
  "dummy_trs": 1,
  "dvars_nstd": 49.780148863359365,
  "dvars_std": 1.02781010484375,
  "dvars_vstd": 0.9248946175781251,
  "efc": 0.4945146170515943,
  "fber": 1197.2618408203125,
  "fd_mean": 0.618606548847568,
  "fd_num": 114,
  "fd_perc": 88.37209302325581,
  "fwhm_avg": 2.0532188787878787,
  "fwhm_x": 1.9084450909090909,
  "fwhm_y": 2.3413265454545455,
  "fwhm_z": 1.909885,
  "gcor": 0.0442681,
  "gsr_x": -0.016146710142493248,
  "gsr_y": 0.05647846311330795,
  "provenance": {
    "md5sum": "13c5fbfa9c492c13dc7e73a19bdabb1c",
    "settings": {
      "fd_thres": 0.2,
      "testing": false
    },
    "software": "mriqc",
    "version": "21.0.0rc2",
    "webapi_port": null,
    "webapi_url": "https://mriqc.nimh.nih.gov/api/v1"
  },
  "size_t": 129,
  "size_x": 64,
  "size_y": 64,
  "size_z": 36,
  "snr": 4.225654950680273,
  "spacing_tr": 2.259999990463257,
  "spacing_x": 3.4375,
  "spacing_y": 3.4375,
  "spacing_z": 4.0,
  "summary_bg_k": 92.51009961596327,
  "summary_bg_mad": 12.263073648769407,
  "summary_bg_mean": 47.73634338378906,
  "summary_bg_median": 23.193798065185547,
  "summary_bg_n": 94395.0,
  "summary_bg_p05": 14.201550483703613,
  "summary_bg_p95": 150.68682556152348,
  "summary_bg_stdv": 78.01130676269531,
  "summary_fg_k": 2.372547717106068,
  "summary_fg_mad": 139.8587791154091,
  "summary_fg_mean": 843.01904296875,
  "summary_fg_median": 810.1782836914062,
  "summary_fg_n": 22370.0,
  "summary_fg_p05": 592.7128082275391,
  "summary_fg_p95": 1217.4201293945312,
  "summary_fg_stdv": 191.7241668701172,
  "tsnr": 28.125912258401513
}