{
  "aor": 0.001987751937984496,
  "aqi": 0.008460540697674419,
  "bids_meta": {
    "AcquisitionMatrixPE": 64,
    "AcquisitionNumber": 1,
    "AcquisitionTime": "11:14:1.657500",
    "BandwidthPerPixelPhaseEncode": 27.902,
    "BaseResolution": 64,
    "ConversionSoftware": "dcm2niix",
    "ConversionSoftwareVersion": "v1.0.20171215 (OpenJPEG build) GCC7.2.0",
    "DerivedVendorReportedEchoSpacing": 0.000559996,
    "DeviceSerialNumber": "35267",
    "DwellTime": 3.9e-06,
    "EchoTime": 0.03,
    "EffectiveEchoSpacing": 0.000559996,
    "FlipAngle": 80,
    "ImageComments": "PROJECT:MH_EPIL_SUBJECT:320_SESSION:20150727_1",
    "ImageOrientationPatientDICOM": [
      1,
      2e-16,
      0,
      -2e-16,
      0.991671,
      0.128796
    ],
    "ImageType": [
      "ORIGINAL",
      "PRIMARY",
      "M",
      "ND",
      "MOSAIC"
    ],
    "InPlanePhaseEncodingDirectionDICOM": "COL",
    "InstitutionAddress": "Newton_Road_500_Iowa_City_CDI_US_52242",
    "InstitutionName": "University_of_Iowa",
    "InstitutionalDepartmentName": "Department",
    "MRAcquisitionType": "2D",
    "MagneticFieldStrength": 3,
    "Manufacturer": "Siemens",
    "ManufacturersModelName": "TrioTim",
    "Modality": "MR",
    "PartialFourier": 1,
    "PatientPosition": "HFS",
    "PercentPhaseFOV": 100,
    "PhaseEncodingDirection": "j-",
    "PhaseEncodingSteps": 64,
    "PhaseResolution": 1,
    "PixelBandwidth": 2003,
    "ProcedureStepDescription": "RESEARCH_HOWARD",
    "ProtocolName": "REST",
    "PulseSequenceDetails": "%SiemensSeq%_ep2d_pace",
    "ReceiveCoilName": "HeadMatrix",
    "ReconMatrixPE": 64,
    "RepetitionTime": 2.26,
    "SAR": 0.144295,
    "ScanOptions": "FS",
    "ScanningSequence": "EP",
    "SequenceName": "_epfid2d1_64",
    "SequenceVariant": "SK",
    "SeriesDescription": "REST",
    "SeriesNumber": 2,
    "ShimSetting": [
      6529,
      25444,
      6164,
      426,
      119,
      -254,
      424,
      100
    ],
    "SliceThickness": 4,
    "SliceTiming": [
      1.1225,
      0,
      1.185,
      0.06,
      1.2475,
      0.1225,
      1.31,
      0.185,
      1.3725,
      0.2475,
      1.435,
      0.31,
      1.4975,
      0.3725,
      1.56,
      0.435,
      1.6225,
      0.4975,
      1.685,
      0.56,
      1.7475,
      0.6225,
      1.81,
      0.685,
      1.8725,
      0.7475,
      1.935,
      0.81,
      1.9975,
      0.8725,
      2.06,
      0.935,
      2.1225,
      0.9975,
      2.185,
      1.06
    ],
    "SoftwareVersions": "syngo_MR_B17",
    "SpacingBetweenSlices": 4,
    "StationName": "MRC35267",
    "TaskName": "rest",
    "TotalReadoutTime": 0.0352797,
    "TxRefAmp": 369.329,
    "dataset": "ds002799",
    "modality": "bold",
    "run_id": 1,
    "session_id": "preop",
    "subject_id": "320",
    "task_id": "rest"
  },
  "dummy_trs": 1,
  "dvars_nstd": 31.822167485781236,
  "dvars_std": 1.1963182079687502,
  "dvars_vstd": 0.9763668292968756,
  "efc": 0.48879393692088197,
  "fber": 1208.43994140625,
  "fd_mean": 0.1865480634339372,
  "fd_num": 47,
  "fd_perc": 36.434108527131784,
  "fwhm_avg": 2.0975725454545455,
  "fwhm_x": 1.962106181818182,
  "fwhm_y": 2.3640814545454547,
  "fwhm_z": 1.96653,
  "gcor": 0.00905716,
  "gsr_x": -0.0169766154140234,
  "gsr_y": 0.04634923115372658,
  "provenance": {
    "md5sum": "fc821795ac2d1a56cc4878de32a77b4e",
    "settings": {
      "fd_thres": 0.2,
      "testing": false
    },
    "software": "mriqc",
    "version": "21.0.0rc2",
    "webapi_port": null,
    "webapi_url": "https://mriqc.nimh.nih.gov/api/v1"
  },
  "size_t": 129,
  "size_x": 64,
  "size_y": 64,
  "size_z": 36,
  "snr": 4.041976133353798,
  "spacing_tr": 2.259999990463257,
  "spacing_x": 3.4375,
  "spacing_y": 3.4375,
  "spacing_z": 4.0,
  "summary_bg_k": 60.19041211852788,
  "summary_bg_mad": 12.573385182023273,
  "summary_bg_mean": 45.354957580566406,
  "summary_bg_median": 23.255813598632812,
  "summary_bg_n": 94349.0,
  "summary_bg_p05": 13.341085433959961,
  "summary_bg_p95": 140.87131958007785,
  "summary_bg_stdv": 68.75492858886719,
  "summary_fg_k": 2.503287782161726,
  "summary_fg_mad": 151.68511984653188,
  "summary_fg_mean": 862.177490234375,
  "summary_fg_median": 826.2945556640625,
  "summary_fg_n": 21959.0,
  "summary_fg_p05": 599.1589050292969,
  "summary_fg_p95": 1270.6526733398437,
  "summary_fg_stdv": 204.4237060546875,
  "tsnr": 54.51973162824288
}