{
  "aor": 0.0010662790697674419,
  "aqi": 0.00964436875968992,
  "bids_meta": {
    "AcquisitionMatrixPE": 64,
    "AcquisitionNumber": 1,
    "AcquisitionTime": "11:20:24.202500",
    "BandwidthPerPixelPhaseEncode": 27.902,
    "BaseResolution": 64,
    "ConversionSoftware": "dcm2niix",
    "ConversionSoftwareVersion": "v1.0.20171215 (OpenJPEG build) GCC7.2.0",
    "DerivedVendorReportedEchoSpacing": 0.000559996,
    "DeviceSerialNumber": "35267",
    "DwellTime": 3.9e-06,
    "EchoTime": 0.03,
    "EffectiveEchoSpacing": 0.000559996,
    "FlipAngle": 80,
    "ImageComments": "PROJECT:MH_EPIL_SUBJECT:320_SESSION:20150727_1",
    "ImageOrientationPatientDICOM": [
      1,
      2e-16,
      0,
      -2e-16,
      0.991671,
      0.128796
    ],
    "ImageType": [
      "ORIGINAL",
      "PRIMARY",
      "M",
      "ND",
      "MOSAIC"
    ],
    "InPlanePhaseEncodingDirectionDICOM": "COL",
    "InstitutionAddress": "Newton_Road_500_Iowa_City_CDI_US_52242",
    "InstitutionName": "University_of_Iowa",
    "InstitutionalDepartmentName": "Department",
    "MRAcquisitionType": "2D",
    "MagneticFieldStrength": 3,
    "Manufacturer": "Siemens",
    "ManufacturersModelName": "TrioTim",
    "Modality": "MR",
    "PartialFourier": 1,
    "PatientPosition": "HFS",
    "PercentPhaseFOV": 100,
    "PhaseEncodingDirection": "j-",
    "PhaseEncodingSteps": 64,
    "PhaseResolution": 1,
    "PixelBandwidth": 2003,
    "ProcedureStepDescription": "RESEARCH_HOWARD",
    "ProtocolName": "REST",
    "PulseSequenceDetails": "%SiemensSeq%_ep2d_pace",
    "ReceiveCoilName": "HeadMatrix",
    "ReconMatrixPE": 64,
    "RepetitionTime": 2.26,
    "SAR": 0.144295,
    "ScanOptions": "FS",
    "ScanningSequence": "EP",
    "SequenceName": "_epfid2d1_64",
    "SequenceVariant": "SK",
    "SeriesDescription": "REST",
    "SeriesNumber": 5,
    "ShimSetting": [
      6529,
      25444,
      6164,
      426,
      119,
      -254,
      424,
      100
    ],
    "SliceThickness": 4,
    "SliceTiming": [
      1.125,
      0,
      1.1875,
      0.0625,
      1.25,
      0.125,
      1.3125,
      0.1875,
      1.375,
      0.25,
      1.4375,
      0.3125,
      1.5,
      0.375,
      1.5625,
      0.4375,
      1.625,
      0.5,
      1.6875,
      0.5625,
      1.75,
      0.625,
      1.8125,
      0.6875,
      1.875,
      0.75,
      1.9375,
      0.8125,
      2,
      0.875,
      2.0625,
      0.9375,
      2.125,
      1,
      2.1875,
      1.0625
    ],
    "SoftwareVersions": "syngo_MR_B17",
    "SpacingBetweenSlices": 4,
    "StationName": "MRC35267",
    "TaskName": "rest",
    "TotalReadoutTime": 0.0352797,
    "TxRefAmp": 369.329,
    "dataset": "ds002799",
    "modality": "bold",
    "run_id": 2,
    "session_id": "preop",
    "subject_id": "320",
    "task_id": "rest"
  },
  "dummy_trs": 1,
  "dvars_nstd": 34.96343724429687,
  "dvars_std": 1.187606426328125,
  "dvars_vstd": 0.9588378012500001,
  "efc": 0.4922010446415604,
  "fber": 1186.7684326171875,
  "fd_mean": 0.2500797611947705,
  "fd_num": 80,
  "fd_perc": 62.01550387596899,
  "fwhm_avg": 2.0895090606060607,
  "fwhm_x": 1.9555025454545454,
  "fwhm_y": 2.3574196363636366,
  "fwhm_z": 1.955605,
  "gcor": 0.00607526,
  "gsr_x": -0.019558405503630638,
  "gsr_y": 0.053914278745651245,
  "provenance": {
    "md5sum": "9c0802369f7edc5b6aeb496f29c29e12",
    "settings": {
      "fd_thres": 0.2,
      "testing": false
    },
    "software": "mriqc",
    "version": "21.0.0rc2",
    "webapi_port": null,
    "webapi_url": "https://mriqc.nimh.nih.gov/api/v1"
  },
  "size_t": 129,
  "size_x": 64,
  "size_y": 64,
  "size_z": 36,
  "snr": 4.025821021245375,
  "spacing_tr": 2.259999990463257,
  "spacing_x": 3.4375,
  "spacing_y": 3.4375,
  "spacing_z": 4.0,
  "summary_bg_k": 79.76484287101866,
  "summary_bg_mad": 12.263075062689063,
  "summary_bg_mean": 47.35946273803711,
  "summary_bg_median": 23.310077667236328,
  "summary_bg_n": 94089.0,
  "summary_bg_p05": 14.294573783874512,
  "summary_bg_p95": 150.24961242675766,
  "summary_bg_stdv": 76.17155456542969,
  "summary_fg_k": 2.525979008870377,
  "summary_fg_mad": 148.45563685854745,
  "summary_fg_mean": 863.3580322265625,
  "summary_fg_median": 825.6395263671875,
  "summary_fg_n": 22250.0,
  "summary_fg_p05": 602.2042510986328,
  "summary_fg_p95": 1268.7628051757808,
  "summary_fg_stdv": 205.08139038085938,
  "tsnr": 51.85684123635292
}