{
  "aor": 0.0030597692307692314,
  "aqi": 0.01140636323076923,
  "bids_meta": {
    "AcquisitionMatrixPE": 64,
    "AcquisitionNumber": 1,
    "AcquisitionTime": "11:31:52.125000",
    "BandwidthPerPixelPhaseEncode": 27.902,
    "BaseResolution": 64,
    "ConversionSoftware": "dcm2niix",
    "ConversionSoftwareVersion": "v1.0.20171215 (OpenJPEG build) GCC7.2.0",
    "DerivedVendorReportedEchoSpacing": 0.000559996,
    "DeviceSerialNumber": "35267",
    "DwellTime": 3.9e-06,
    "EchoTime": 0.03,
    "EffectiveEchoSpacing": 0.000559996,
    "FlipAngle": 80,
    "ImageComments": "PROJECT:MH_EPIL_SUBJECT:320_SESSION:20150727_1",
    "ImageOrientationPatientDICOM": [
      1,
      2e-16,
      0,
      -2e-16,
      0.991671,
      0.128796
    ],
    "ImageType": [
      "ORIGINAL",
      "PRIMARY",
      "M",
      "ND",
      "MOSAIC"
    ],
    "InPlanePhaseEncodingDirectionDICOM": "COL",
    "InstitutionAddress": "Newton_Road_500_Iowa_City_CDI_US_52242",
    "InstitutionName": "University_of_Iowa",
    "InstitutionalDepartmentName": "Department",
    "MRAcquisitionType": "2D",
    "MagneticFieldStrength": 3,
    "Manufacturer": "Siemens",
    "ManufacturersModelName": "TrioTim",
    "Modality": "MR",
    "PartialFourier": 1,
    "PatientPosition": "HFS",
    "PercentPhaseFOV": 100,
    "PhaseEncodingDirection": "j-",
    "PhaseEncodingSteps": 64,
    "PhaseResolution": 1,
    "PixelBandwidth": 2003,
    "ProcedureStepDescription": "RESEARCH_HOWARD",
    "ProtocolName": "REST",
    "PulseSequenceDetails": "%SiemensSeq%_ep2d_pace",
    "ReceiveCoilName": "HeadMatrix",
    "ReconMatrixPE": 64,
    "RepetitionTime": 2.26,
    "SAR": 0.144295,
    "ScanOptions": "FS",
    "ScanningSequence": "EP",
    "SequenceName": "_epfid2d1_64",
    "SequenceVariant": "SK",
    "SeriesDescription": "REST",
    "SeriesNumber": 7,
    "ShimSetting": [
      6529,
      25444,
      6164,
      426,
      119,
      -254,
      424,
      100
    ],
    "SliceThickness": 4,
    "SliceTiming": [
      1.1225,
      0,
      1.185,
      0.0625,
      1.2475,
      0.125,
      1.31,
      0.1875,
      1.3725,
      0.25,
      1.435,
      0.3125,
      1.4975,
      0.375,
      1.56,
      0.4375,
      1.6225,
      0.5,
      1.685,
      0.5625,
      1.7475,
      0.625,
      1.81,
      0.6875,
      1.8725,
      0.75,
      1.935,
      0.81,
      1.9975,
      0.8725,
      2.06,
      0.935,
      2.1225,
      0.9975,
      2.185,
      1.06
    ],
    "SoftwareVersions": "syngo_MR_B17",
    "SpacingBetweenSlices": 4,
    "StationName": "MRC35267",
    "TaskName": "rest",
    "TotalReadoutTime": 0.0352797,
    "TxRefAmp": 369.329,
    "dataset": "ds002799",
    "modality": "bold",
    "run_id": 3,
    "session_id": "preop",
    "subject_id": "320",
    "task_id": "rest"
  },
  "dummy_trs": 0,
  "dvars_nstd": 53.12631692775194,
  "dvars_std": 1.2346454598449614,
  "dvars_vstd": 1.0086891631782944,
  "efc": 0.4947491368373163,
  "fber": 1184.0408935546875,
  "fd_mean": 0.5217355755859098,
  "fd_num": 127,
  "fd_perc": 97.6923076923077,
  "fwhm_avg": 2.0741486212121214,
  "fwhm_x": 1.9360872727272729,
  "fwhm_y": 2.353021090909091,
  "fwhm_z": 1.9333375,
  "gcor": 0.0195587,
  "gsr_x": -0.019201893359422684,
  "gsr_y": 0.05653076991438866,
  "provenance": {
    "md5sum": "f973acbb8cbac2a3d9bcc1cf0fb0def8",
    "settings": {
      "fd_thres": 0.2,
      "testing": false
    },
    "software": "mriqc",
    "version": "21.0.0rc2",
    "webapi_port": null,
    "webapi_url": "https://mriqc.nimh.nih.gov/api/v1"
  },
  "size_t": 130,
  "size_x": 64,
  "size_y": 64,
  "size_z": 36,
  "snr": 4.043758505792613,
  "spacing_tr": 2.259999990463257,
  "spacing_x": 3.4375,
  "spacing_y": 3.4375,
  "spacing_z": 4.0,
  "summary_bg_k": 70.94565210452252,
  "summary_bg_mad": 12.328406634371296,
  "summary_bg_mean": 48.11576843261719,
  "summary_bg_median": 23.376922607421875,
  "summary_bg_n": 94014.0,
  "summary_bg_p05": 14.330769538879395,
  "summary_bg_p95": 153.75153808593737,
  "summary_bg_stdv": 76.77347564697266,
  "summary_fg_k": 2.522748318082164,
  "summary_fg_mad": 146.90303996133002,
  "summary_fg_mean": 855.5350952148438,
  "summary_fg_median": 820.4769287109375,
  "summary_fg_n": 22439.0,
  "summary_fg_p05": 597.1269470214844,
  "summary_fg_p95": 1257.3192749023438,
  "summary_fg_stdv": 202.8950653076172,
  "tsnr": 42.48734989250079
}