{
  "aor": 0.008024904761904763,
  "aqi": 0.012247491142857142,
  "bids_meta": {
    "AcquisitionMatrixPE": 68,
    "AcquisitionNumber": 1,
    "AcquisitionTime": "18:20:11.810000",
    "BandwidthPerPixelPhaseEncode": 25.355,
    "BaseResolution": 68,
    "BodyPartExamined": "BRAIN",
    "ConsistencyInfo": "N4_VD13C_LATEST_20121124",
    "ConversionSoftware": "dcm2niix",
    "ConversionSoftwareVersion": "v1.0.20171103 (OpenJPEG build) GCC6.3.0",
    "DelayTime": 0.1,
    "DerivedVendorReportedEchoSpacing": 0.000579999,
    "DeviceSerialNumber": "45685",
    "DwellTime": 3.8e-06,
    "EchoTime": 0.028,
    "EchoTrainLength": 68,
    "EffectiveEchoSpacing": 0.000579999,
    "FlipAngle": 90,
    "ImageOrientationPatientDICOM": [
      1,
      0,
      0,
      0,
      1,
      0
    ],
    "ImageType": [
      "ORIGINAL",
      "PRIMARY",
      "M",
      "ND",
      "MOSAIC"
    ],
    "InPlanePhaseEncodingDirectionDICOM": "COL",
    "InstitutionAddress": "HAWKINS_DRIVE_200_IOWA_CITY_IOWA_US_52242",
    "InstitutionName": "UIHC",
    "InstitutionalDepartmentName": "Department",
    "MRAcquisitionType": "2D",
    "MagneticFieldStrength": 3,
    "Manufacturer": "Siemens",
    "ManufacturersModelName": "Skyra",
    "Modality": "MR",
    "PartialFourier": 1,
    "PatientPosition": "HFS",
    "PercentPhaseFOV": 100,
    "PhaseEncodingDirection": "j-",
    "PhaseEncodingSteps": 68,
    "PhaseResolution": 1,
    "PixelBandwidth": 1935,
    "ProcedureStepDescription": "RESEARCH_HOWARD",
    "ProtocolName": "ES-FMRI",
    "PulseSequenceDetails": "%SiemensSeq%_ep2d_pace",
    "ReceiveCoilActiveElements": "HE",
    "ReceiveCoilName": "Head_TxRx",
    "ReconMatrixPE": 68,
    "RepetitionTime": 3,
    "SAR": 0.138561,
    "ScanOptions": "FS",
    "ScanningSequence": "EP",
    "SequenceName": "_epfid2d1_68",
    "SequenceVariant": "SK",
    "SeriesDescription": "ES-FMRI",
    "SeriesNumber": 13,
    "ShimSetting": [
      -3814,
      -1264,
      -950,
      259,
      133,
      257,
      118,
      194
    ],
    "SliceThickness": 3,
    "SliceTiming": [
      1.44,
      0,
      1.5075,
      0.0675,
      1.5725,
      0.1325,
      1.6375,
      0.1975,
      1.7025,
      0.2625,
      1.7675,
      0.3275,
      1.835,
      0.395,
      1.9,
      0.46,
      1.965,
      0.525,
      2.03,
      0.59,
      2.095,
      0.655,
      2.16,
      0.72,
      2.2275,
      0.7875,
      2.2925,
      0.8525,
      2.3575,
      0.9175,
      2.4225,
      0.9825,
      2.4875,
      1.0475,
      2.5525,
      1.115,
      2.62,
      1.18,
      2.685,
      1.245,
      2.75,
      1.31,
      2.815,
      1.375
    ],
    "SoftwareVersions": "syngo_MR_D13C",
    "SpacingBetweenSlices": 3,
    "StationName": "AWP45685",
    "TaskName": "es",
    "TotalReadoutTime": 0.03886,
    "TxRefAmp": 205.537,
    "dataset": "ds002799",
    "modality": "bold",
    "run_id": 5,
    "session_id": "postop",
    "subject_id": "314",
    "task_id": "es"
  },
  "dummy_trs": 0,
  "dvars_nstd": 48.20848928578949,
  "dvars_std": 1.2162163092344505,
  "dvars_vstd": 1.0783016177990434,
  "efc": 0.4836026063487017,
  "fber": 1939.576171875,
  "fd_mean": 0.523695886381262,
  "fd_num": 167,
  "fd_perc": 79.52380952380952,
  "fwhm_avg": 2.264825723741932,
  "fwhm_x": 2.2050360095585737,
  "fwhm_y": 2.3419478283338884,
  "fwhm_z": 2.2474933333333333,
  "gcor": 0.0439538,
  "gsr_x": -0.015572009608149529,
  "gsr_y": 0.019666172564029694,
  "provenance": {
    "md5sum": "c6449d768ba2120b2594fe8a7f1c1f35",
    "settings": {
      "fd_thres": 0.2,
      "testing": false
    },
    "software": "mriqc",
    "version": "21.0.0rc2",
    "webapi_port": null,
    "webapi_url": "https://mriqc.nimh.nih.gov/api/v1"
  },
  "size_t": 210,
  "size_x": 68,
  "size_y": 68,
  "size_z": 44,
  "snr": 4.54354322786363,
  "spacing_tr": 3.0,
  "spacing_x": 3.2352941036224365,
  "spacing_y": 3.2352941036224365,
  "spacing_z": 3.0,
  "summary_bg_k": 31.138516748655107,
  "summary_bg_mad": 2.1956638174042626,
  "summary_bg_mean": 17.953189849853516,
  "summary_bg_median": 6.390476226806641,
  "summary_bg_n": 139008.0,
  "summary_bg_p05": 4.838095188140869,
  "summary_bg_p95": 70.04881019592271,
  "summary_bg_stdv": 31.612089157104492,
  "summary_fg_k": 1.4088436210438005,
  "summary_fg_mad": 53.92436198294458,
  "summary_fg_mean": 300.24017333984375,
  "summary_fg_median": 295.8190612792969,
  "summary_fg_n": 24595.0,
  "summary_fg_p05": 195.2242919921875,
  "summary_fg_p95": 411.70477294921875,
  "summary_fg_stdv": 65.10624694824219,
  "tsnr": 34.66221337969182
}