{
  "bids_meta": {
    "AcquisitionMatrixPE": 256,
    "AcquisitionNumber": 1,
    "AcquisitionTime": "14:45:47.595000",
    "BaseResolution": 256,
    "BodyPartExamined": "HEAD",
    "ConsistencyInfo": "N4_VD13C_LATEST_20121124",
    "ConversionSoftware": "dcm2niix",
    "ConversionSoftwareVersion": "v1.0.20171215 (OpenJPEG build) GCC7.2.0",
    "DeviceSerialNumber": "45685",
    "DwellTime": 1.03e-05,
    "EchoTime": 0.00344,
    "FlipAngle": 10,
    "ImageComments": "Image_quality:_not_assessed",
    "ImageOrientationPatientDICOM": [
      1,
      -7.06146e-05,
      0.000164435,
      0.000164374,
      -0.000872614,
      -1
    ],
    "ImageType": [
      "ORIGINAL",
      "PRIMARY",
      "M",
      "DIS2D"
    ],
    "InPlanePhaseEncodingDirectionDICOM": "ROW",
    "InstitutionAddress": "HAWKINS_DRIVE_200_IOWA_CITY_IOWA_US_52242",
    "InstitutionName": "UIHC_SKYRA",
    "InstitutionalDepartmentName": "Department",
    "InversionTime": 1,
    "MRAcquisitionType": "3D",
    "MagneticFieldStrength": 3,
    "Manufacturer": "Siemens",
    "ManufacturersModelName": "Skyra",
    "Modality": "MR",
    "PartialFourier": 1,
    "PatientPosition": "HFS",
    "PercentPhaseFOV": 100,
    "PhaseEncodingSteps": 256,
    "PhaseResolution": 1,
    "PixelBandwidth": 190,
    "ProcedureStepDescription": "RESEARCH_HOWARD",
    "ProtocolName": "MPRAGE_TI=1000",
    "PulseSequenceDetails": "%SiemensSeq%_tfl",
    "ReceiveCoilActiveElements": "HE",
    "ReceiveCoilName": "Head_TxRx",
    "ReconMatrixPE": 256,
    "RepetitionTime": 1.9,
    "SAR": 0.0592125,
    "ScanOptions": "IR",
    "ScanningSequence": "GR_IR",
    "SequenceName": "_tfl3d1_16ns",
    "SequenceVariant": "SK_SP_MP",
    "SeriesDescription": "MPRAGE_TI=1000",
    "SeriesNumber": 2,
    "ShimSetting": [
      -3797,
      -1259,
      -957,
      116,
      494,
      -5,
      251,
      433
    ],
    "SliceThickness": 1,
    "SoftwareVersions": "syngo_MR_D13C",
    "StationName": "AWP45685",
    "TxRefAmp": 181.986,
    "dataset": "ds002799",
    "modality": "T1w",
    "session_id": "postop",
    "subject_id": "316"
  },
  "cjv": 0.5250787318864566,
  "cnr": 2.5423322492566816,
  "efc": 0.594210813076941,
  "fber": 160.67091691883073,
  "fwhm_avg": 3.840540318892053,
  "fwhm_x": 3.0857728,
  "fwhm_y": 4.48321839667616,
  "fwhm_z": 3.9526297599999998,
  "icvs_csf": 0.18320618909879266,
  "icvs_gm": 0.4429110635869484,
  "icvs_wm": 0.37388274731425897,
  "inu_med": 1.8015466928482056,
  "inu_range": 0.7100465297698975,
  "provenance": {
    "md5sum": "e39809b91a67f9d513d173aba13e9e1a",
    "settings": {
      "testing": false
    },
    "software": "mriqc",
    "version": "21.0.0rc2",
    "warnings": {
      "large_rot_frame": true,
      "small_air_mask": false
    },
    "webapi_port": null,
    "webapi_url": "https://mriqc.nimh.nih.gov/api/v1"
  },
  "qi_1": 0.0,
  "qi_2": 0.007633447381042838,
  "rpve_csf": 37.45381175113731,
  "rpve_gm": 17.038206410534524,
  "rpve_wm": 22.05624638191555,
  "size_x": 256,
  "size_y": 224,
  "size_z": 256,
  "snr_csf": 0.633511768283544,
  "snr_gm": 12.735305390855368,
  "snr_total": 10.960658333097316,
  "snr_wm": 19.51315784015304,
  "snrd_csf": 15.71808262981848,
  "snrd_gm": 26.794164426182117,
  "snrd_total": 25.507199451522364,
  "snrd_wm": 34.00935129856649,
  "spacing_x": 0.9765625,
  "spacing_y": 1.0000003576278687,
  "spacing_z": 0.9765625,
  "summary_bg_k": 30.532593314235157,
  "summary_bg_mad": 19.264681995477716,
  "summary_bg_mean": 48.80009819111067,
  "summary_bg_median": 48.234673999249935,
  "summary_bg_n": 3397619.0,
  "summary_bg_p05": 18.178237684071064,
  "summary_bg_p95": 89.1849278435111,
  "summary_bg_stdv": 22.592056617666216,
  "summary_csf_k": 0.8818356615364653,
  "summary_csf_mad": 138.2581470483527,
  "summary_csf_mean": 813.3701302648153,
  "summary_csf_median": 462.19974010437727,
  "summary_csf_n": 44736.0,
  "summary_csf_p05": 307.2581546455622,
  "summary_csf_p95": 2493.174829803407,
  "summary_csf_stdv": 729.5753565379717,
  "summary_gm_k": 0.047587969125750806,
  "summary_gm_mad": 61.199419066441834,
  "summary_gm_mean": 788.3987009122457,
  "summary_gm_median": 787.8986340612173,
  "summary_gm_n": 47205.0,
  "summary_gm_p05": 687.0980092138052,
  "summary_gm_p95": 891.5211514011025,
  "summary_gm_stdv": 61.8666191611697,
  "summary_wm_k": 0.10813036136954546,
  "summary_wm_mad": 50.2049288366995,
  "summary_wm_mean": 1001.725354910369,
  "summary_wm_median": 1000.0655742511153,
  "summary_wm_n": 195908.0,
  "summary_wm_p05": 919.9369525462389,
  "summary_wm_p95": 1088.922375060618,
  "summary_wm_stdv": 51.25070119630964,
  "tpm_overlap_csf": 0.12934164702892303,
  "tpm_overlap_gm": 0.41236576437950134,
  "tpm_overlap_wm": 0.45711442828178406,
  "wm2max": 0.44666881613271975
}