{
  "bids_meta": {
    "AcquisitionMatrixPE": 256,
    "AcquisitionNumber": 1,
    "AcquisitionTime": "16:11:39.457500",
    "BaseResolution": 256,
    "BodyPartExamined": "BRAIN",
    "ConsistencyInfo": "N4_VE11A_LATEST_20140830",
    "ConversionSoftware": "dcm2niix",
    "ConversionSoftwareVersion": "v1.0.20171215 (OpenJPEG build) GCC7.2.0",
    "DeviceSerialNumber": "45685",
    "DwellTime": 1.03e-05,
    "EchoTime": 0.00344,
    "FlipAngle": 10,
    "ImageComments": "Image_quality:_not_assessed",
    "ImageOrientationPatientDICOM": [
      0.999963,
      0,
      0.00855201,
      0.00855201,
      0,
      -0.999963
    ],
    "ImageType": [
      "ORIGINAL",
      "PRIMARY",
      "M",
      "DIS2D"
    ],
    "InPlanePhaseEncodingDirectionDICOM": "ROW",
    "InstitutionAddress": "HAWKINS_DRIVE_200_IOWA_CITY_IOWA_US_52242",
    "InstitutionName": "UIHC_SKYRA",
    "InstitutionalDepartmentName": "Department",
    "InversionTime": 1,
    "MRAcquisitionType": "3D",
    "MagneticFieldStrength": 3,
    "Manufacturer": "Siemens",
    "ManufacturersModelName": "Skyra",
    "Modality": "MR",
    "PartialFourier": 1,
    "PatientPosition": "HFS",
    "PercentPhaseFOV": 100,
    "PhaseEncodingSteps": 256,
    "PhaseResolution": 1,
    "PixelBandwidth": 190,
    "ProcedureStepDescription": "RESEARCH_HOWARD",
    "ProtocolName": "MPRAGE_TI=1000",
    "PulseSequenceDetails": "%SiemensSeq%_tfl",
    "ReceiveCoilActiveElements": "HE",
    "ReceiveCoilName": "Head_TxRx",
    "ReconMatrixPE": 256,
    "RepetitionTime": 1.9,
    "SAR": 0.109542,
    "ScanOptions": "IR",
    "ScanningSequence": "GR_IR",
    "SequenceName": "_tfl3d1_16ns",
    "SequenceVariant": "SK_SP_MP",
    "SeriesDescription": "MPRAGE_TI=1000",
    "SeriesNumber": 2,
    "ShimSetting": [
      -3831,
      -1462,
      -1090,
      -15,
      188,
      -423,
      339,
      91
    ],
    "SliceThickness": 1,
    "SoftwareVersions": "syngo_MR_E11",
    "StationName": "AWP45685",
    "TxRefAmp": 219.033,
    "dataset": "ds002799",
    "modality": "T1w",
    "session_id": "postop",
    "subject_id": "335"
  },
  "cjv": 0.5930408874022407,
  "cnr": 2.0767974226292347,
  "efc": 0.6929647787546561,
  "fber": 75.98266779526679,
  "fwhm_avg": 3.56766616,
  "fwhm_x": 3.66542848,
  "fwhm_y": 3.66477,
  "fwhm_z": 3.3728000000000002,
  "icvs_csf": 0.22356807868940015,
  "icvs_gm": 0.38236496736078396,
  "icvs_wm": 0.3940669539498159,
  "inu_med": 1.3942737579345703,
  "inu_range": 0.5801875114440918,
  "provenance": {
    "md5sum": "0adf9715f54b2d63ca4b699e757a8da7",
    "settings": {
      "testing": false
    },
    "software": "mriqc",
    "version": "21.0.0rc2",
    "warnings": {
      "large_rot_frame": true,
      "small_air_mask": false
    },
    "webapi_port": null,
    "webapi_url": "https://mriqc.nimh.nih.gov/api/v1"
  },
  "qi_1": 0.0,
  "qi_2": 0.008764599547809076,
  "rpve_csf": 31.180681607111975,
  "rpve_gm": 16.959441109079872,
  "rpve_wm": 19.202595653440202,
  "size_x": 256,
  "size_y": 224,
  "size_z": 256,
  "snr_csf": 2.352546522166201,
  "snr_gm": 11.884627735878226,
  "snr_total": 9.144131204525605,
  "snr_wm": 13.195219355532387,
  "snrd_csf": 7.875408779609172,
  "snrd_gm": 14.599192575198375,
  "snrd_total": 13.728507216909692,
  "snrd_wm": 18.710920295921536,
  "spacing_x": 0.9765625,
  "spacing_y": 1.0,
  "spacing_z": 0.9765625,
  "summary_bg_k": 0.7046658735875173,
  "summary_bg_mad": 35.01358499451149,
  "summary_bg_mean": 75.04251492908985,
  "summary_bg_median": 69.57235560566187,
  "summary_bg_n": 2559278.0,
  "summary_bg_p05": 25.987052880227566,
  "summary_bg_p95": 137.50342366099358,
  "summary_bg_stdv": 33.80869057313224,
  "summary_csf_k": 38.76381942658808,
  "summary_csf_mad": 101.120314964844,
  "summary_csf_mean": 439.96968530578454,
  "summary_csf_median": 420.89907401800156,
  "summary_csf_n": 53702.0,
  "summary_csf_p05": 269.80943674594164,
  "summary_csf_p95": 610.5544095907358,
  "summary_csf_stdv": 178.9104492489965,
  "summary_gm_k": -0.05692192322684342,
  "summary_gm_mad": 65.29560444922413,
  "summary_gm_mean": 779.7178977291007,
  "summary_gm_median": 780.249864898622,
  "summary_gm_n": 11771.0,
  "summary_gm_p05": 670.0556424222887,
  "summary_gm_p95": 886.614416424185,
  "summary_gm_stdv": 65.64923518399243,
  "summary_wm_k": 2.471091276021034,
  "summary_wm_mad": 65.02522927552134,
  "summary_wm_mean": 1007.2726935679983,
  "summary_wm_median": 1000.0000313594937,
  "summary_wm_n": 177080.0,
  "summary_wm_p05": 899.7903081476688,
  "summary_wm_p95": 1139.0535599291325,
  "summary_wm_stdv": 75.78481121297816,
  "tpm_overlap_csf": 0.14833152294158936,
  "tpm_overlap_gm": 0.380838006734848,
  "tpm_overlap_wm": 0.4387756586074829,
  "wm2max": 0.47865813013837505
}