{
  "aor": 0.0015322171945701358,
  "aqi": 0.02092379185520362,
  "bids_meta": {
    "AcquisitionMatrixPE": 68,
    "AcquisitionNumber": 1,
    "AcquisitionTime": "18:35:9.000000",
    "BandwidthPerPixelPhaseEncode": 25.355,
    "BaseResolution": 68,
    "BodyPartExamined": "BRAIN",
    "ConsistencyInfo": "N4_VD13C_LATEST_20121124",
    "ConversionSoftware": "dcm2niix",
    "ConversionSoftwareVersion": "v1.0.20171103 (OpenJPEG build) GCC6.3.0",
    "DelayTime": 0.1,
    "DerivedVendorReportedEchoSpacing": 0.000579999,
    "DeviceSerialNumber": "45685",
    "DwellTime": 3.8e-06,
    "EchoTime": 0.03,
    "EchoTrainLength": 68,
    "EffectiveEchoSpacing": 0.000579999,
    "FlipAngle": 90,
    "ImageOrientationPatientDICOM": [
      1,
      0,
      0,
      0,
      1,
      0
    ],
    "ImageType": [
      "ORIGINAL",
      "PRIMARY",
      "M",
      "ND",
      "MOSAIC"
    ],
    "InPlanePhaseEncodingDirectionDICOM": "COL",
    "InstitutionAddress": "HAWKINS_DRIVE_200_IOWA_CITY_IOWA_US_52242",
    "InstitutionName": "UIHC",
    "InstitutionalDepartmentName": "Department",
    "MRAcquisitionType": "2D",
    "MagneticFieldStrength": 3,
    "Manufacturer": "Siemens",
    "ManufacturersModelName": "Skyra",
    "Modality": "MR",
    "PartialFourier": 1,
    "PatientPosition": "HFS",
    "PercentPhaseFOV": 100,
    "PhaseEncodingDirection": "j-",
    "PhaseEncodingSteps": 68,
    "PhaseResolution": 1,
    "PixelBandwidth": 1935,
    "ProcedureStepDescription": "RESEARCH_HOWARD",
    "ProtocolName": "ES-FMRI-V3",
    "PulseSequenceDetails": "%SiemensSeq%_ep2d_pace",
    "ReceiveCoilActiveElements": "HE",
    "ReceiveCoilName": "Head_TxRx",
    "ReconMatrixPE": 68,
    "RepetitionTime": 3,
    "SAR": 0.125296,
    "ScanOptions": "FS",
    "ScanningSequence": "EP",
    "SequenceName": "_epfid2d1_68",
    "SequenceVariant": "SK",
    "SeriesDescription": "ES-FMRI-V3",
    "SeriesNumber": 7,
    "ShimSetting": [
      -3754,
      -1162,
      -1025,
      106,
      -357,
      -278,
      330,
      487
    ],
    "SliceThickness": 2.8,
    "SliceTiming": [
      1.44,
      0,
      1.505,
      0.065,
      1.57,
      0.13,
      1.6375,
      0.1975,
      1.7025,
      0.2625,
      1.7675,
      0.3275,
      1.8325,
      0.3925,
      1.8975,
      0.4575,
      1.965,
      0.525,
      2.03,
      0.59,
      2.095,
      0.655,
      2.16,
      0.72,
      2.225,
      0.785,
      2.29,
      0.85,
      2.3575,
      0.9175,
      2.4225,
      0.9825,
      2.4875,
      1.0475,
      2.5525,
      1.1125,
      2.6175,
      1.1775,
      2.685,
      1.245,
      2.75,
      1.31,
      2.815,
      1.375
    ],
    "SoftwareVersions": "syngo_MR_D13C",
    "SpacingBetweenSlices": 2.8,
    "StationName": "AWP45685",
    "TaskName": "es",
    "TotalReadoutTime": 0.03886,
    "TxRefAmp": 256.169,
    "dataset": "ds002799",
    "modality": "bold",
    "run_id": 4,
    "session_id": "postop",
    "subject_id": "320",
    "task_id": "es"
  },
  "dummy_trs": 0,
  "dvars_nstd": 63.571045996409055,
  "dvars_std": 1.200182259272728,
  "dvars_vstd": 1.001487879409091,
  "efc": 0.5390957588250294,
  "fber": 684.677978515625,
  "fd_mean": 0.26625707233535123,
  "fd_num": 116,
  "fd_perc": 52.48868778280543,
  "fwhm_avg": 2.1565529495095235,
  "fwhm_x": 1.9623161903245936,
  "fwhm_y": 2.2800461917019157,
  "fwhm_z": 2.2272964665020614,
  "gcor": 0.0295914,
  "gsr_x": 0.031132889911532402,
  "gsr_y": 0.03061317466199398,
  "provenance": {
    "md5sum": "708347781d2378b5549cc955591ecf3c",
    "settings": {
      "fd_thres": 0.2,
      "testing": false
    },
    "software": "mriqc",
    "version": "21.0.0rc2",
    "webapi_port": null,
    "webapi_url": "https://mriqc.nimh.nih.gov/api/v1"
  },
  "size_t": 221,
  "size_x": 68,
  "size_y": 68,
  "size_z": 44,
  "snr": 4.005394165686002,
  "spacing_tr": 3.0,
  "spacing_x": 3.2352941036224365,
  "spacing_y": 3.2352941036224365,
  "spacing_z": 2.799999952316284,
  "summary_bg_k": 32.08830549902204,
  "summary_bg_mad": 3.414681012528496,
  "summary_bg_mean": 21.95636749267578,
  "summary_bg_median": 7.171946048736572,
  "summary_bg_n": 133832.0,
  "summary_bg_p05": 4.746606349945068,
  "summary_bg_p95": 93.1447982788086,
  "summary_bg_stdv": 44.514007568359375,
  "summary_fg_k": 1.1055861544434435,
  "summary_fg_mad": 44.16277378296175,
  "summary_fg_mean": 198.55799865722656,
  "summary_fg_median": 195.1674346923828,
  "summary_fg_n": 30024.0,
  "summary_fg_p05": 123.78733825683594,
  "summary_fg_p95": 282.04685516357415,
  "summary_fg_stdv": 48.725337982177734,
  "tsnr": 26.318326799664646
}