{
  "aor": 0.0017127149321266972,
  "aqi": 0.027779295022624433,
  "bids_meta": {
    "AcquisitionMatrixPE": 68,
    "AcquisitionNumber": 1,
    "AcquisitionTime": "18:47:17.005000",
    "BandwidthPerPixelPhaseEncode": 25.355,
    "BaseResolution": 68,
    "BodyPartExamined": "BRAIN",
    "ConsistencyInfo": "N4_VD13C_LATEST_20121124",
    "ConversionSoftware": "dcm2niix",
    "ConversionSoftwareVersion": "v1.0.20171103 (OpenJPEG build) GCC6.3.0",
    "DelayTime": 0.1,
    "DerivedVendorReportedEchoSpacing": 0.000579999,
    "DeviceSerialNumber": "45685",
    "DwellTime": 3.8e-06,
    "EchoTime": 0.03,
    "EchoTrainLength": 68,
    "EffectiveEchoSpacing": 0.000579999,
    "FlipAngle": 90,
    "ImageOrientationPatientDICOM": [
      1,
      0,
      0,
      0,
      1,
      0
    ],
    "ImageType": [
      "ORIGINAL",
      "PRIMARY",
      "M",
      "ND",
      "MOSAIC"
    ],
    "InPlanePhaseEncodingDirectionDICOM": "COL",
    "InstitutionAddress": "HAWKINS_DRIVE_200_IOWA_CITY_IOWA_US_52242",
    "InstitutionName": "UIHC",
    "InstitutionalDepartmentName": "Department",
    "MRAcquisitionType": "2D",
    "MagneticFieldStrength": 3,
    "Manufacturer": "Siemens",
    "ManufacturersModelName": "Skyra",
    "Modality": "MR",
    "PartialFourier": 1,
    "PatientPosition": "HFS",
    "PercentPhaseFOV": 100,
    "PhaseEncodingDirection": "j-",
    "PhaseEncodingSteps": 68,
    "PhaseResolution": 1,
    "PixelBandwidth": 1935,
    "ProcedureStepDescription": "RESEARCH_HOWARD",
    "ProtocolName": "ES-FMRI-V3",
    "PulseSequenceDetails": "%SiemensSeq%_ep2d_pace",
    "ReceiveCoilActiveElements": "HE",
    "ReceiveCoilName": "Head_TxRx",
    "ReconMatrixPE": 68,
    "RepetitionTime": 3,
    "SAR": 0.125296,
    "ScanOptions": "FS",
    "ScanningSequence": "EP",
    "SequenceName": "_epfid2d1_68",
    "SequenceVariant": "SK",
    "SeriesDescription": "ES-FMRI-V3",
    "SeriesNumber": 8,
    "ShimSetting": [
      -3754,
      -1162,
      -1025,
      106,
      -357,
      -278,
      330,
      487
    ],
    "SliceThickness": 2.8,
    "SliceTiming": [
      1.44,
      0,
      1.505,
      0.065,
      1.57,
      0.13,
      1.635,
      0.195,
      1.7,
      0.26,
      1.7675,
      0.3275,
      1.8325,
      0.3925,
      1.8975,
      0.4575,
      1.9625,
      0.5225,
      2.0275,
      0.5875,
      2.0925,
      0.655,
      2.16,
      0.72,
      2.225,
      0.785,
      2.29,
      0.85,
      2.355,
      0.915,
      2.42,
      0.98,
      2.4875,
      1.0475,
      2.5525,
      1.1125,
      2.6175,
      1.1775,
      2.6825,
      1.2425,
      2.7475,
      1.3075,
      2.8125,
      1.3725
    ],
    "SoftwareVersions": "syngo_MR_D13C",
    "SpacingBetweenSlices": 2.8,
    "StationName": "AWP45685",
    "TaskName": "es",
    "TotalReadoutTime": 0.03886,
    "TxRefAmp": 256.169,
    "dataset": "ds002799",
    "modality": "bold",
    "run_id": 5,
    "session_id": "postop",
    "subject_id": "320",
    "task_id": "es"
  },
  "dummy_trs": 0,
  "dvars_nstd": 90.86183835845455,
  "dvars_std": 1.2355315301363634,
  "dvars_vstd": 1.0180484072272735,
  "efc": 0.5380115771193209,
  "fber": 690.965087890625,
  "fd_mean": 0.5125207759989293,
  "fd_num": 201,
  "fd_perc": 90.9502262443439,
  "fwhm_avg": 2.185527088475801,
  "fwhm_x": 1.9666805539798762,
  "fwhm_y": 2.2887471008305424,
  "fwhm_z": 2.301153610616984,
  "gcor": 0.0415539,
  "gsr_x": 0.038501933217048645,
  "gsr_y": 0.04125253111124039,
  "provenance": {
    "md5sum": "54b6c5b6a195a195ffc940a9c2e29497",
    "settings": {
      "fd_thres": 0.2,
      "testing": false
    },
    "software": "mriqc",
    "version": "21.0.0rc2",
    "webapi_port": null,
    "webapi_url": "https://mriqc.nimh.nih.gov/api/v1"
  },
  "size_t": 221,
  "size_x": 68,
  "size_y": 68,
  "size_z": 44,
  "snr": 4.04887187583211,
  "spacing_tr": 3.0,
  "spacing_x": 3.2352941036224365,
  "spacing_y": 3.2352941036224365,
  "spacing_z": 2.799999952316284,
  "summary_bg_k": 31.96814338076326,
  "summary_bg_mad": 3.300634959935691,
  "summary_bg_mean": 21.643539428710938,
  "summary_bg_median": 7.067873477935791,
  "summary_bg_n": 134408.0,
  "summary_bg_p05": 4.651584148406982,
  "summary_bg_p95": 91.87624702453611,
  "summary_bg_stdv": 43.94453811645508,
  "summary_fg_k": 0.9928116508296365,
  "summary_fg_mad": 42.84115480095038,
  "summary_fg_mean": 196.19541931152344,
  "summary_fg_median": 192.9502410888672,
  "summary_fg_n": 29977.0,
  "summary_fg_p05": 122.72670440673829,
  "summary_fg_p95": 277.5429992675781,
  "summary_fg_stdv": 47.65451431274414,
  "tsnr": 22.807635195349576
}