{
  "aor": 0.0009278775510204082,
  "aqi": 0.016836112244897956,
  "bids_meta": {
    "AcquisitionMatrixPE": 68,
    "AcquisitionNumber": 1,
    "AcquisitionTime": "19:06:26.767500",
    "BandwidthPerPixelPhaseEncode": 25.355,
    "BaseResolution": 68,
    "BodyPartExamined": "BRAIN",
    "ConsistencyInfo": "N4_VD13C_LATEST_20121124",
    "ConversionSoftware": "dcm2niix",
    "ConversionSoftwareVersion": "v1.0.20171103 (OpenJPEG build) GCC6.3.0",
    "DelayTime": 0.1,
    "DerivedVendorReportedEchoSpacing": 0.000579999,
    "DeviceSerialNumber": "45685",
    "DwellTime": 3.8e-06,
    "EchoTime": 0.03,
    "EchoTrainLength": 68,
    "EffectiveEchoSpacing": 0.000579999,
    "FlipAngle": 90,
    "ImageOrientationPatientDICOM": [
      1,
      0,
      0,
      0,
      1,
      0
    ],
    "ImageType": [
      "ORIGINAL",
      "PRIMARY",
      "M",
      "ND",
      "MOSAIC"
    ],
    "InPlanePhaseEncodingDirectionDICOM": "COL",
    "InstitutionAddress": "HAWKINS_DRIVE_200_IOWA_CITY_IOWA_US_52242",
    "InstitutionName": "UIHC",
    "InstitutionalDepartmentName": "Department",
    "MRAcquisitionType": "2D",
    "MagneticFieldStrength": 3,
    "Manufacturer": "Siemens",
    "ManufacturersModelName": "Skyra",
    "Modality": "MR",
    "PartialFourier": 1,
    "PatientPosition": "HFS",
    "PercentPhaseFOV": 100,
    "PhaseEncodingDirection": "j-",
    "PhaseEncodingSteps": 68,
    "PhaseResolution": 1,
    "PixelBandwidth": 1935,
    "ProcedureStepDescription": "RESEARCH_HOWARD",
    "ProtocolName": "ES-FMRI-V3",
    "PulseSequenceDetails": "%SiemensSeq%_ep2d_pace",
    "ReceiveCoilActiveElements": "HE",
    "ReceiveCoilName": "Head_TxRx",
    "ReconMatrixPE": 68,
    "RepetitionTime": 3,
    "SAR": 0.125296,
    "ScanOptions": "FS",
    "ScanningSequence": "EP",
    "SequenceName": "_epfid2d1_68",
    "SequenceVariant": "SK",
    "SeriesDescription": "ES-FMRI-V3",
    "SeriesNumber": 9,
    "ShimSetting": [
      -3754,
      -1162,
      -1025,
      106,
      -357,
      -278,
      330,
      487
    ],
    "SliceThickness": 2.8,
    "SliceTiming": [
      1.44,
      0,
      1.505,
      0.065,
      1.57,
      0.13,
      1.635,
      0.195,
      1.7,
      0.26,
      1.7675,
      0.3275,
      1.8325,
      0.3925,
      1.8975,
      0.4575,
      1.9625,
      0.5225,
      2.0275,
      0.5875,
      2.095,
      0.655,
      2.16,
      0.72,
      2.225,
      0.785,
      2.29,
      0.85,
      2.355,
      0.915,
      2.42,
      0.98,
      2.4875,
      1.0475,
      2.5525,
      1.1125,
      2.6175,
      1.1775,
      2.6825,
      1.2425,
      2.7475,
      1.3075,
      2.815,
      1.375
    ],
    "SoftwareVersions": "syngo_MR_D13C",
    "SpacingBetweenSlices": 2.8,
    "StationName": "AWP45685",
    "TaskName": "es",
    "TotalReadoutTime": 0.03886,
    "TxRefAmp": 256.169,
    "dataset": "ds002799",
    "modality": "bold",
    "run_id": 6,
    "session_id": "postop",
    "subject_id": "320",
    "task_id": "es"
  },
  "dummy_trs": 0,
  "dvars_nstd": 52.72636413586064,
  "dvars_std": 1.1584170730327863,
  "dvars_vstd": 0.9867437650409836,
  "efc": 0.5391396858080412,
  "fber": 596.2394409179688,
  "fd_mean": 0.19129602037636131,
  "fd_num": 88,
  "fd_perc": 35.91836734693877,
  "fwhm_avg": 2.362742756519085,
  "fwhm_x": 2.1737652821502915,
  "fwhm_y": 2.469534374341507,
  "fwhm_z": 2.4449286130654575,
  "gcor": 0.0093621,
  "gsr_x": 0.035387422889471054,
  "gsr_y": 0.0283992737531662,
  "provenance": {
    "md5sum": "e0056b7835995d255e6991a456fd9afd",
    "settings": {
      "fd_thres": 0.2,
      "testing": false
    },
    "software": "mriqc",
    "version": "21.0.0rc2",
    "webapi_port": null,
    "webapi_url": "https://mriqc.nimh.nih.gov/api/v1"
  },
  "size_t": 245,
  "size_x": 68,
  "size_y": 68,
  "size_z": 44,
  "snr": 3.545729675505291,
  "spacing_tr": 3.0,
  "spacing_x": 3.2352941036224365,
  "spacing_y": 3.2352941036224365,
  "spacing_z": 2.799999952316284,
  "summary_bg_k": 32.747879973714305,
  "summary_bg_mad": 3.49167954226241,
  "summary_bg_mean": 21.265457153320312,
  "summary_bg_median": 7.09387731552124,
  "summary_bg_n": 133777.0,
  "summary_bg_p05": 4.395918369293213,
  "summary_bg_p95": 88.40244293212886,
  "summary_bg_stdv": 42.97182846069336,
  "summary_fg_k": 0.5146033243724726,
  "summary_fg_mad": 49.42512258597617,
  "summary_fg_mean": 181.80715942382812,
  "summary_fg_median": 180.47549438476562,
  "summary_fg_n": 29660.0,
  "summary_fg_p05": 102.75428009033203,
  "summary_fg_p95": 266.9889572143554,
  "summary_fg_stdv": 50.898536682128906,
  "tsnr": 26.43661938048899
}