{
  "aor": 0.010194581939799332,
  "aqi": 0.008217347023411372,
  "bids_meta": {
    "AcquisitionMatrixPE": 64,
    "AcquisitionNumber": 1,
    "AcquisitionTime": "15:25:29.307500",
    "BandwidthPerPixelPhaseEncode": 27.902,
    "BaseResolution": 64,
    "ConversionSoftware": "dcm2niix",
    "ConversionSoftwareVersion": "v1.0.20171215 (OpenJPEG build) GCC7.2.0",
    "DerivedVendorReportedEchoSpacing": 0.000559996,
    "DeviceSerialNumber": "35267",
    "DwellTime": 3.9e-06,
    "EchoTime": 0.03,
    "EffectiveEchoSpacing": 0.000559996,
    "FlipAngle": 75,
    "ImageComments": "PROJECT:MH_EPIL_SUBJECT:70210484_SESSION:20140120",
    "ImageOrientationPatientDICOM": [
      1,
      2e-16,
      0,
      -2e-16,
      0.991671,
      -0.128796
    ],
    "ImageType": [
      "ORIGINAL",
      "PRIMARY",
      "M",
      "ND",
      "MOSAIC"
    ],
    "InPlanePhaseEncodingDirectionDICOM": "COL",
    "InstitutionAddress": "Newton_Road_500_Iowa_City_CDI_US_52242",
    "InstitutionName": "University_of_Iowa",
    "InstitutionalDepartmentName": "Department",
    "MRAcquisitionType": "2D",
    "MagneticFieldStrength": 3,
    "Manufacturer": "Siemens",
    "ManufacturersModelName": "TrioTim",
    "Modality": "MR",
    "PartialFourier": 1,
    "PatientPosition": "HFS",
    "PercentPhaseFOV": 100,
    "PhaseEncodingDirection": "j-",
    "PhaseEncodingSteps": 64,
    "PhaseResolution": 1,
    "PixelBandwidth": 2003,
    "ProcedureStepDescription": "RESEARCH_HOWARD",
    "ProtocolName": "PPG_RESTING_STATE",
    "PulseSequenceDetails": "%SiemensSeq%_ep2d_pace",
    "ReceiveCoilName": "HeadMatrix",
    "ReconMatrixPE": 64,
    "RepetitionTime": 2,
    "SAR": 0.112136,
    "ScanOptions": "FS",
    "ScanningSequence": "EP",
    "SequenceName": "_epfid2d1_64",
    "SequenceVariant": "SK",
    "SeriesDescription": "PPG_RESTING_STATE",
    "SeriesNumber": 10,
    "ShimSetting": [
      6555,
      25500,
      6089,
      856,
      -29,
      -101,
      275,
      -24
    ],
    "SliceThickness": 3.5,
    "SliceTiming": [
      0,
      0.065,
      0.1275,
      0.1925,
      0.255,
      0.32,
      0.385,
      0.4475,
      0.5125,
      0.5775,
      0.64,
      0.705,
      0.77,
      0.8325,
      0.8975,
      0.9625,
      1.025,
      1.09,
      1.155,
      1.2175,
      1.2825,
      1.345,
      1.41,
      1.475,
      1.5375,
      1.6025,
      1.6675,
      1.73,
      1.795,
      1.86,
      1.9225
    ],
    "SoftwareVersions": "syngo_MR_B17",
    "SpacingBetweenSlices": 4.025,
    "StationName": "MRC35267",
    "TaskName": "rest",
    "TotalReadoutTime": 0.0352797,
    "TxRefAmp": 275.894,
    "dataset": "ds002799",
    "modality": "bold",
    "run_id": 1,
    "session_id": "preop",
    "subject_id": "302",
    "task_id": "rest"
  },
  "dummy_trs": 1,
  "dvars_nstd": 20.157125674463117,
  "dvars_std": 1.2448504366778532,
  "dvars_vstd": 1.0847146688255034,
  "efc": 0.4941030680488879,
  "fber": 1592.17236328125,
  "fd_mean": 0.2293466818611513,
  "fd_num": 138,
  "fd_perc": 46.15384615384615,
  "fwhm_avg": 1.7782339307286534,
  "fwhm_x": 1.618176,
  "fwhm_y": 2.0474152727272728,
  "fwhm_z": 1.6691105194586873,
  "gcor": 0.0611761,
  "gsr_x": -0.02385620027780533,
  "gsr_y": 0.049086350947618484,
  "provenance": {
    "md5sum": "e7110fb2d302656a5a9ca2966653259a",
    "settings": {
      "fd_thres": 0.2,
      "testing": false
    },
    "software": "mriqc",
    "version": "21.0.0rc2",
    "webapi_port": null,
    "webapi_url": "https://mriqc.nimh.nih.gov/api/v1"
  },
  "size_t": 299,
  "size_x": 64,
  "size_y": 64,
  "size_z": 31,
  "snr": 6.432142383381989,
  "spacing_tr": 2.0,
  "spacing_x": 3.4375,
  "spacing_y": 3.4375,
  "spacing_z": 4.025000095367432,
  "summary_bg_k": 87.41843597823926,
  "summary_bg_mad": 9.718730881252357,
  "summary_bg_mean": 39.057674407958984,
  "summary_bg_median": 21.20401382446289,
  "summary_bg_n": 79134.0,
  "summary_bg_p05": 13.160534858703613,
  "summary_bg_p95": 112.17408180236808,
  "summary_bg_stdv": 57.79330062866211,
  "summary_fg_k": 3.5198712996581847,
  "summary_fg_mad": 105.53496321607412,
  "summary_fg_mean": 863.077880859375,
  "summary_fg_median": 866.3544921875,
  "summary_fg_n": 19364.0,
  "summary_fg_p05": 645.9777435302734,
  "summary_fg_p95": 1062.6372924804687,
  "summary_fg_stdv": 134.68795776367188,
  "tsnr": 66.07253619516268
}