{
  "bids_meta": {
    "AcquisitionMatrixPE": 256,
    "AcquisitionNumber": 1,
    "AcquisitionTime": "16:34:7.425000",
    "BaseResolution": 256,
    "ConversionSoftware": "dcm2niix",
    "ConversionSoftwareVersion": "v1.0.20171103 (OpenJPEG build) GCC7.2.1",
    "DeviceSerialNumber": "35267",
    "DwellTime": 3e-06,
    "EchoTime": 0.00174,
    "FlipAngle": 10,
    "ImageComments": "PROJECT:MH_EPIL_SUBJECT:303_SESSION:20150206",
    "ImageOrientationPatientDICOM": [
      0,
      1,
      0,
      0,
      0,
      -1
    ],
    "ImageType": [
      "ORIGINAL",
      "PRIMARY",
      "OTHER",
      "ND",
      "NORM",
      "MEAN"
    ],
    "InPlanePhaseEncodingDirectionDICOM": "ROW",
    "InstitutionAddress": "Newton_Road_500_Iowa_City_CDI_US_52242",
    "InstitutionName": "University_of_Iowa",
    "InstitutionalDepartmentName": "Department",
    "MRAcquisitionType": "3D",
    "MagneticFieldStrength": 3,
    "Manufacturer": "Siemens",
    "ManufacturersModelName": "TrioTim",
    "Modality": "MR",
    "ParallelReductionFactorInPlane": 2,
    "PartialFourier": 1,
    "PatientPosition": "HFS",
    "PercentPhaseFOV": 100,
    "PhaseEncodingSteps": 255,
    "PhaseResolution": 1,
    "PixelBandwidth": 651,
    "ProcedureStepDescription": "RESEARCH_HOWARD",
    "ProtocolName": "MULTI_ECHO_MPRAGE_V-4",
    "PulseSequenceDetails": "%CustomerSeq%_WIP711_Moco_tfl_multiecho_epinav_711",
    "ReceiveCoilName": "HeadMatrix",
    "ReconMatrixPE": 256,
    "RepetitionTime": 2.15,
    "SAR": 0.099496,
    "ScanOptions": "IR",
    "ScanningSequence": "GR_IR",
    "SequenceName": "Moco3d4_ns",
    "SequenceVariant": "SP_MP",
    "SeriesDescription": "MULTI_ECHO_MPRAGE_V-4_RMS",
    "SeriesNumber": 11,
    "ShimSetting": [
      6575,
      25487,
      6060,
      342,
      222,
      -747,
      174,
      -41
    ],
    "SliceThickness": 1,
    "SoftwareVersions": "syngo_MR_B17",
    "StationName": "MRC35267",
    "TxRefAmp": 270.739,
    "dataset": "ds002799",
    "modality": "T1w",
    "run_id": 1,
    "session_id": "preop",
    "subject_id": "303"
  },
  "cjv": 0.8576944087073998,
  "cnr": 1.6416806209090824,
  "efc": 0.59750389130267,
  "fber": 705.0670776367188,
  "fwhm_avg": 3.2737533333333335,
  "fwhm_x": 3.35075,
  "fwhm_y": 3.39685,
  "fwhm_z": 3.07366,
  "icvs_csf": 0.20454753318077581,
  "icvs_gm": 0.4166687502138422,
  "icvs_wm": 0.378783716605382,
  "inu_med": 1.3154494762420654,
  "inu_range": 0.47372326254844666,
  "provenance": {
    "md5sum": "4f89918d17495dc0db7a9d7f56f309d7",
    "settings": {
      "testing": false
    },
    "software": "mriqc",
    "version": "21.0.0rc2",
    "warnings": {
      "large_rot_frame": true,
      "small_air_mask": false
    },
    "webapi_port": null,
    "webapi_url": "https://mriqc.nimh.nih.gov/api/v1"
  },
  "qi_1": 0.0,
  "qi_2": 0.010502794332698552,
  "rpve_csf": 34.11548221841868,
  "rpve_gm": 16.68073668389904,
  "rpve_wm": 20.80061527292527,
  "size_x": 176,
  "size_y": 256,
  "size_z": 256,
  "snr_csf": 3.770158226784395,
  "snr_gm": 13.03830591153812,
  "snr_total": 12.204357922853879,
  "snr_wm": 19.80460963023912,
  "snrd_csf": 33.4363418127721,
  "snrd_gm": 61.6889961752812,
  "snrd_total": 55.57308598425291,
  "snrd_wm": 71.59391996470544,
  "spacing_x": 1.0,
  "spacing_y": 1.0,
  "spacing_z": 1.0,
  "summary_bg_k": 2.2608314980672066,
  "summary_bg_mad": 9.151054864149131,
  "summary_bg_mean": 27.26201057434082,
  "summary_bg_median": 24.494441986083984,
  "summary_bg_n": 2946783.0,
  "summary_bg_p05": 12.204913139343262,
  "summary_bg_p95": 54.191303253173814,
  "summary_bg_stdv": 13.619723320007324,
  "summary_csf_k": 6.5232557820767685,
  "summary_csf_mad": 112.91944706559774,
  "summary_csf_mean": 496.1824951171875,
  "summary_csf_median": 467.04443359375,
  "summary_csf_n": 26870.0,
  "summary_csf_p05": 343.59773406982424,
  "summary_csf_p95": 713.8928161621094,
  "summary_csf_stdv": 123.87696075439453,
  "summary_gm_k": -0.3284982834991834,
  "summary_gm_mad": 69.7115780623467,
  "summary_gm_mean": 860.9247436523438,
  "summary_gm_median": 861.6822509765625,
  "summary_gm_n": 7968.0,
  "summary_gm_p05": 752.6572875976562,
  "summary_gm_p95": 967.0469024658203,
  "summary_gm_stdv": 66.08436584472656,
  "summary_wm_k": 0.4459950895075031,
  "summary_wm_mad": 48.95356341325217,
  "summary_wm_mean": 1000.7127685546875,
  "summary_wm_median": 1000.035888671875,
  "summary_wm_n": 145741.0,
  "summary_wm_p05": 919.4000854492188,
  "summary_wm_p95": 1084.062255859375,
  "summary_wm_stdv": 50.49493408203125,
  "tpm_overlap_csf": 0.10991538316011429,
  "tpm_overlap_gm": 0.40105223655700684,
  "tpm_overlap_wm": 0.4236087501049042,
  "wm2max": 0.636057989465574
}