{
  "aor": 0.0012664999999999998,
  "aqi": 0.005555501722222222,
  "bids_meta": {
    "AcquisitionMatrixPE": 64,
    "AcquisitionNumber": 1,
    "AcquisitionTime": "17:07:9.250000",
    "BandwidthPerPixelPhaseEncode": 27.902,
    "BaseResolution": 64,
    "ConversionSoftware": "dcm2niix",
    "ConversionSoftwareVersion": "v1.0.20171103 (OpenJPEG build) GCC7.2.1",
    "DerivedVendorReportedEchoSpacing": 0.000559996,
    "DeviceSerialNumber": "35267",
    "DwellTime": 3.9e-06,
    "EchoTime": 0.03,
    "EffectiveEchoSpacing": 0.000559996,
    "FlipAngle": 75,
    "ImageComments": "PROJECT:MH_EPIL_SUBJECT:06728376_SESSON:20140818",
    "ImageOrientationPatientDICOM": [
      1,
      0,
      0,
      0,
      1,
      0
    ],
    "ImageType": [
      "ORIGINAL",
      "PRIMARY",
      "M",
      "ND",
      "MOSAIC"
    ],
    "InPlanePhaseEncodingDirectionDICOM": "COL",
    "InstitutionAddress": "Newton_Road_500_Iowa_City_CDI_US_52242",
    "InstitutionName": "University_of_Iowa",
    "InstitutionalDepartmentName": "Department",
    "MRAcquisitionType": "2D",
    "MagneticFieldStrength": 3,
    "Manufacturer": "Siemens",
    "ManufacturersModelName": "TrioTim",
    "Modality": "MR",
    "PartialFourier": 1,
    "PatientPosition": "HFS",
    "PercentPhaseFOV": 100,
    "PhaseEncodingDirection": "j-",
    "PhaseEncodingSteps": 64,
    "PhaseResolution": 1,
    "PixelBandwidth": 2003,
    "ProcedureStepDescription": "RESEARCH_HOWARD",
    "ProtocolName": "PPG_RESTING_STATE",
    "PulseSequenceDetails": "%SiemensSeq%_ep2d_pace",
    "ReceiveCoilName": "HeadMatrix",
    "ReconMatrixPE": 64,
    "RepetitionTime": 2,
    "SAR": 0.106444,
    "ScanOptions": "FS",
    "ScanningSequence": "EP",
    "SequenceName": "_epfid2d1_64",
    "SequenceVariant": "SK",
    "SeriesDescription": "PPG_RESTING_STATE",
    "SeriesNumber": 12,
    "ShimSetting": [
      6565,
      25522,
      6030,
      1031,
      87,
      60,
      732,
      26
    ],
    "SliceThickness": 3.5,
    "SliceTiming": [
      0,
      0.065,
      0.1275,
      0.1925,
      0.2575,
      0.32,
      0.385,
      0.4475,
      0.5125,
      0.5775,
      0.64,
      0.705,
      0.77,
      0.8325,
      0.8975,
      0.9625,
      1.025,
      1.09,
      1.155,
      1.2175,
      1.2825,
      1.3475,
      1.41,
      1.475,
      1.5375,
      1.6025,
      1.6675,
      1.73,
      1.795,
      1.86,
      1.9225
    ],
    "SoftwareVersions": "syngo_MR_B17",
    "SpacingBetweenSlices": 4.025,
    "StationName": "MRC35267",
    "TaskName": "rest",
    "TotalReadoutTime": 0.0352797,
    "TxRefAmp": 278.517,
    "dataset": "ds002799",
    "modality": "bold",
    "run_id": 2,
    "session_id": "preop",
    "subject_id": "292",
    "task_id": "rest"
  },
  "dummy_trs": 0,
  "dvars_nstd": 18.316782397430163,
  "dvars_std": 1.1195566541340782,
  "dvars_vstd": 0.9788054944692736,
  "efc": 0.4587764061761261,
  "fber": 2141.9990234375,
  "fd_mean": 0.2041366576061932,
  "fd_num": 99,
  "fd_perc": 55.0,
  "fwhm_avg": 1.7339057637738111,
  "fwhm_x": 1.6244770909090909,
  "fwhm_y": 1.9312203636363636,
  "fwhm_z": 1.646019836775979,
  "gcor": 0.0651632,
  "gsr_x": -0.02264990098774433,
  "gsr_y": 0.031211132183670998,
  "provenance": {
    "md5sum": "d80d82d14e1b1fc7b6d2fcd39252ca7c",
    "settings": {
      "fd_thres": 0.2,
      "testing": false
    },
    "software": "mriqc",
    "version": "21.0.0rc2",
    "webapi_port": null,
    "webapi_url": "https://mriqc.nimh.nih.gov/api/v1"
  },
  "size_t": 180,
  "size_x": 64,
  "size_y": 64,
  "size_z": 31,
  "snr": 6.731798131710297,
  "spacing_tr": 2.0,
  "spacing_x": 3.4375,
  "spacing_y": 3.4375,
  "spacing_z": 4.025000095367432,
  "summary_bg_k": 64.07228435104632,
  "summary_bg_mad": 6.770550036914272,
  "summary_bg_mean": 35.65119171142578,
  "summary_bg_median": 19.061111450195312,
  "summary_bg_n": 83482.0,
  "summary_bg_p05": 13.961111068725586,
  "summary_bg_p95": 105.93250122070307,
  "summary_bg_stdv": 54.180015563964844,
  "summary_fg_k": 2.6163285912791148,
  "summary_fg_mad": 109.23898026374138,
  "summary_fg_mean": 904.3447875976562,
  "summary_fg_median": 896.2111206054688,
  "summary_fg_n": 16204.0,
  "summary_fg_p05": 704.3269866943359,
  "summary_fg_p95": 1122.1486267089842,
  "summary_fg_stdv": 133.1269073486328,
  "tsnr": 78.85468592273537
}