{
  "bids_meta": {
    "AcquisitionMatrixPE": 256,
    "AcquisitionNumber": 1,
    "AcquisitionTime": "12:32:7.000000",
    "ConversionSoftware": "dcm2niix",
    "ConversionSoftwareVersion": "v1.0.20180622 GCC7.3.0",
    "DeviceSerialNumber": "0000000319335MR2",
    "EchoTime": 0.003288,
    "FlipAngle": 12,
    "ImageOrientationPatientDICOM": [
      1,
      0,
      0,
      0,
      0,
      -1
    ],
    "ImageType": [
      "DERIVED",
      "PRIMARY",
      "OTHER"
    ],
    "InPlanePhaseEncodingDirectionDICOM": "ROW",
    "InstitutionName": "Iowa_MRRF",
    "InversionTime": 0.45,
    "MRAcquisitionType": "3D",
    "MagneticFieldStrength": 3,
    "Manufacturer": "GE",
    "ManufacturersModelName": "DISCOVERY_MR750w",
    "Modality": "MR",
    "PatientPosition": "HFS",
    "PercentPhaseFOV": 100,
    "PixelBandwidth": 244.141,
    "ProcedureStepDescription": "MH_EPIL",
    "ProtocolName": "PU:Cor_FSPGR_BRAVO",
    "RawImage": true,
    "ReconMatrixPE": 256,
    "RepetitionTime": 0.008504,
    "SAR": 0.194725,
    "ScanOptions": "FAST_GEMS_EDR_GEMS_FILTERED_GEMS_ACC_GEMS",
    "ScanningSequence": "GR",
    "SequenceVariant": "SS_SK",
    "SeriesDescription": "PU:Cor_FSPGR_BRAVO",
    "SeriesNumber": 600,
    "SliceThickness": 0.8,
    "SoftwareVersions": "25_LX_MR_Software_release:DV25.0_R02_1549.b",
    "SpacingBetweenSlices": 0.8,
    "StationName": "Iowa3T",
    "dataset": "ds002799",
    "modality": "T1w",
    "session_id": "preop",
    "subject_id": "372"
  },
  "cjv": 0.4809659053338319,
  "cnr": 2.5510643716612007,
  "efc": 0.720735113660338,
  "fber": 3034.435918367347,
  "fwhm_avg": 3.5404922440506845,
  "fwhm_x": 3.293,
  "fwhm_y": 4.133446732152054,
  "fwhm_z": 3.19503,
  "icvs_csf": 0.2219403306789984,
  "icvs_gm": 0.39422960061332835,
  "icvs_wm": 0.3838300687076732,
  "inu_med": 1.133665919303894,
  "inu_range": 0.24718980789184575,
  "provenance": {
    "md5sum": "ef839f9bd6d01a7bc523e3989900502c",
    "settings": {
      "testing": false
    },
    "software": "mriqc",
    "version": "21.0.0rc2",
    "warnings": {
      "large_rot_frame": true,
      "small_air_mask": false
    },
    "webapi_port": null,
    "webapi_url": "https://mriqc.nimh.nih.gov/api/v1"
  },
  "qi_1": 0.0,
  "qi_2": 0.0022412513687762826,
  "rpve_csf": 26.101304005934246,
  "rpve_gm": 14.78677512725821,
  "rpve_wm": 18.615245101708872,
  "size_x": 256,
  "size_y": 252,
  "size_z": 256,
  "snr_csf": 4.235043838852234,
  "snr_gm": 11.051026794000911,
  "snr_total": 11.13423970796193,
  "snr_wm": 18.116648491032638,
  "snrd_csf": 22.07735822389215,
  "snrd_gm": 44.43998254087234,
  "snrd_total": 41.580795915052,
  "snrd_wm": 58.225046980391525,
  "spacing_x": 1.0,
  "spacing_y": 0.8000030517578125,
  "spacing_z": 1.0,
  "summary_bg_k": 14.301707070634393,
  "summary_bg_mad": 11.251796632423273,
  "summary_bg_mean": 24.38646814053592,
  "summary_bg_median": 10.855468727648258,
  "summary_bg_n": 1355950.0,
  "summary_bg_p05": 1.0567270442843437,
  "summary_bg_p95": 83.67356868833303,
  "summary_bg_stdv": 28.2193924645041,
  "summary_csf_k": 2.309542603507735,
  "summary_csf_mad": 71.71240005601415,
  "summary_csf_mean": 391.96421303587675,
  "summary_csf_median": 379.1728767082095,
  "summary_csf_n": 58862.0,
  "summary_csf_p05": 271.4347512386739,
  "summary_csf_p95": 559.4385022012516,
  "summary_csf_stdv": 89.53145947463987,
  "summary_gm_k": 0.5657621998928892,
  "summary_gm_mad": 64.09251246317054,
  "summary_gm_mean": 768.0897667748316,
  "summary_gm_median": 763.245124258101,
  "summary_gm_n": 29328.0,
  "summary_gm_p05": 664.249013427645,
  "summary_gm_p95": 893.70288117975,
  "summary_gm_stdv": 69.0643617238871,
  "summary_wm_k": 2.31769405341732,
  "summary_wm_mad": 49.77851801306245,
  "summary_wm_mean": 1003.1551558501145,
  "summary_wm_median": 1000.0000152252614,
  "summary_wm_n": 304875.0,
  "summary_wm_p05": 920.0730242393911,
  "summary_wm_p95": 1094.2888874039054,
  "summary_wm_stdv": 55.19775778077661,
  "tpm_overlap_csf": 0.15346749126911163,
  "tpm_overlap_gm": 0.40906795859336853,
  "tpm_overlap_wm": 0.4651096761226654,
  "wm2max": 0.4338557079148085
}