{
  "aor": 0.0016108658008658011,
  "aqi": 0.009635978744588741,
  "bids_meta": {
    "AcquisitionMatrixPE": 72,
    "AcquisitionNumber": 1,
    "AcquisitionTime": "16:50:28.437500",
    "BandwidthPerPixelPhaseEncode": 23.946,
    "BaseResolution": 72,
    "BodyPartExamined": "BRAIN",
    "ConsistencyInfo": "N4_VE11A_LATEST_20140830",
    "ConversionSoftware": "dcm2niix",
    "ConversionSoftwareVersion": "v1.0.20171103 (OpenJPEG build) GCC6.3.0",
    "DelayTime": 0.1,
    "DerivedVendorReportedEchoSpacing": 0.000580009,
    "DeviceSerialNumber": "45685",
    "DwellTime": 3.6e-06,
    "EchoTime": 0.026,
    "EchoTrainLength": 72,
    "EffectiveEchoSpacing": 0.000580009,
    "FlipAngle": 90,
    "ImageOrientationPatientDICOM": [
      1,
      0,
      0,
      0,
      0.939693,
      -0.34202
    ],
    "ImageType": [
      "ORIGINAL",
      "PRIMARY",
      "M",
      "ND",
      "MOSAIC"
    ],
    "InPlanePhaseEncodingDirectionDICOM": "COL",
    "InstitutionAddress": "HAWKINS_DRIVE_200_IOWA_CITY_IOWA_US_52242",
    "InstitutionName": "UIHC_SKYRA",
    "InstitutionalDepartmentName": "Department",
    "MRAcquisitionType": "2D",
    "MagneticFieldStrength": 3,
    "Manufacturer": "Siemens",
    "ManufacturersModelName": "Skyra",
    "Modality": "MR",
    "PartialFourier": 1,
    "PatientPosition": "HFS",
    "PercentPhaseFOV": 100,
    "PhaseEncodingDirection": "j-",
    "PhaseEncodingSteps": 72,
    "PhaseResolution": 1,
    "PixelBandwidth": 1930,
    "ProcedureStepDescription": "RESEARCH_HOWARD",
    "ProtocolName": "ES-FMRI-NEW",
    "PulseSequenceDetails": "%SiemensSeq%_ep2d_pace",
    "ReceiveCoilActiveElements": "HE",
    "ReceiveCoilName": "Head_TxRx",
    "ReconMatrixPE": 72,
    "RepetitionTime": 3,
    "SAR": 0.119537,
    "ScanOptions": "FS",
    "ScanningSequence": "EP",
    "SequenceName": "_epfid2d1_72",
    "SequenceVariant": "SK",
    "SeriesDescription": "ES-FMRI-NEW",
    "SeriesNumber": 22,
    "ShimSetting": [
      -3876,
      -1412,
      -995,
      84,
      -25,
      -425,
      580,
      18
    ],
    "SliceThickness": 3,
    "SliceTiming": [
      1.44,
      0,
      1.505,
      0.065,
      1.57,
      0.13,
      1.6375,
      0.1975,
      1.7025,
      0.2625,
      1.7675,
      0.3275,
      1.8325,
      0.3925,
      1.8975,
      0.4575,
      1.9625,
      0.525,
      2.03,
      0.59,
      2.095,
      0.655,
      2.16,
      0.72,
      2.225,
      0.785,
      2.29,
      0.85,
      2.3575,
      0.9175,
      2.4225,
      0.9825,
      2.4875,
      1.0475,
      2.5525,
      1.1125,
      2.6175,
      1.1775,
      2.6825,
      1.245,
      2.75,
      1.31,
      2.815,
      1.375
    ],
    "SoftwareVersions": "syngo_MR_E11",
    "SpacingBetweenSlices": 3,
    "StationName": "AWP45685",
    "TaskName": "es",
    "TotalReadoutTime": 0.0411806,
    "TxRefAmp": 215.903,
    "dataset": "ds002799",
    "modality": "bold",
    "run_id": 8,
    "session_id": "postop",
    "subject_id": "330",
    "task_id": "es"
  },
  "dummy_trs": 1,
  "dvars_nstd": 38.57017241769566,
  "dvars_std": 1.215535806434783,
  "dvars_vstd": 1.0235948442608698,
  "efc": 0.5469314182013758,
  "fber": 1027.8023681640625,
  "fd_mean": 0.16739465102877193,
  "fd_num": 55,
  "fd_perc": 23.80952380952381,
  "fwhm_avg": 2.0305268770646454,
  "fwhm_x": 2.017937437050408,
  "fwhm_y": 2.073606527476861,
  "fwhm_z": 2.000036666666667,
  "gcor": 0.0479685,
  "gsr_x": -0.022499119862914085,
  "gsr_y": 0.028316305950284004,
  "provenance": {
    "md5sum": "c594b0908a6600fec0f6da35f167c1c0",
    "settings": {
      "fd_thres": 0.2,
      "testing": false
    },
    "software": "mriqc",
    "version": "21.0.0rc2",
    "webapi_port": null,
    "webapi_url": "https://mriqc.nimh.nih.gov/api/v1"
  },
  "size_t": 231,
  "size_x": 72,
  "size_y": 72,
  "size_z": 44,
  "snr": 4.945910331347545,
  "spacing_tr": 3.0,
  "spacing_x": 3.055555582046509,
  "spacing_y": 3.055555582046509,
  "spacing_z": 3.0,
  "summary_bg_k": 30.98463723899023,
  "summary_bg_mad": 4.76229844223729,
  "summary_bg_mean": 23.961233139038086,
  "summary_bg_median": 8.324675559997559,
  "summary_bg_n": 146986.0,
  "summary_bg_p05": 5.017315864562988,
  "summary_bg_p95": 103.76947975158691,
  "summary_bg_stdv": 39.11956024169922,
  "summary_fg_k": 1.5326108088395456,
  "summary_fg_mad": 51.07598124369282,
  "summary_fg_mean": 285.2353210449219,
  "summary_fg_median": 281.2684020996094,
  "summary_fg_n": 36757.0,
  "summary_fg_p05": 198.64761962890626,
  "summary_fg_p95": 379.46062011718743,
  "summary_fg_stdv": 56.86811065673828,
  "tsnr": 46.1696650350932
}