{
  "aor": 0.0010030603448275865,
  "aqi": 0.011128880431034481,
  "bids_meta": {
    "AcquisitionMatrixPE": 72,
    "AcquisitionNumber": 1,
    "AcquisitionTime": "15:48:46.732500",
    "BandwidthPerPixelPhaseEncode": 23.946,
    "BaseResolution": 72,
    "BodyPartExamined": "BRAIN",
    "ConsistencyInfo": "N4_VE11A_LATEST_20140830",
    "ConversionSoftware": "dcm2niix",
    "ConversionSoftwareVersion": "v1.0.20171103 (OpenJPEG build) GCC6.3.0",
    "DelayTime": 0.1,
    "DerivedVendorReportedEchoSpacing": 0.000580009,
    "DeviceSerialNumber": "45685",
    "DwellTime": 3.6e-06,
    "EchoTime": 0.03,
    "EchoTrainLength": 72,
    "EffectiveEchoSpacing": 0.000580009,
    "FlipAngle": 90,
    "ImageOrientationPatientDICOM": [
      1,
      0,
      0,
      0,
      0.991216,
      -0.132256
    ],
    "ImageType": [
      "ORIGINAL",
      "PRIMARY",
      "M",
      "ND",
      "MOSAIC"
    ],
    "InPlanePhaseEncodingDirectionDICOM": "COL",
    "InstitutionAddress": "HAWKINS_DRIVE_200_IOWA_CITY_IOWA_US_52242",
    "InstitutionName": "UIHC_SKYRA",
    "InstitutionalDepartmentName": "Department",
    "MRAcquisitionType": "2D",
    "MagneticFieldStrength": 3,
    "Manufacturer": "Siemens",
    "ManufacturersModelName": "Skyra",
    "Modality": "MR",
    "PartialFourier": 1,
    "PatientPosition": "HFS",
    "PercentPhaseFOV": 100,
    "PhaseEncodingDirection": "j-",
    "PhaseEncodingSteps": 72,
    "PhaseResolution": 1,
    "PixelBandwidth": 1930,
    "ProcedureStepDescription": "RESEARCH_HOWARD",
    "ProtocolName": "ES-FMRI-NEW",
    "PulseSequenceDetails": "%SiemensSeq%_ep2d_pace",
    "ReceiveCoilActiveElements": "HE",
    "ReceiveCoilName": "Head_TxRx",
    "ReconMatrixPE": 72,
    "RepetitionTime": 3,
    "SAR": 0.119537,
    "ScanOptions": "FS",
    "ScanningSequence": "EP",
    "SequenceName": "_epfid2d1_72",
    "SequenceVariant": "SK",
    "SeriesDescription": "ES-FMRI-NEW",
    "SeriesNumber": 12,
    "ShimSetting": [
      -3858,
      -1429,
      -890,
      313,
      36,
      -34,
      576,
      74
    ],
    "SliceThickness": 3,
    "SliceTiming": [
      1.44,
      0,
      1.505,
      0.065,
      1.57,
      0.13,
      1.635,
      0.195,
      1.7,
      0.2625,
      1.7675,
      0.3275,
      1.8325,
      0.3925,
      1.8975,
      0.4575,
      1.9625,
      0.5225,
      2.0275,
      0.5875,
      2.095,
      0.655,
      2.16,
      0.72,
      2.225,
      0.785,
      2.29,
      0.85,
      2.355,
      0.915,
      2.42,
      0.9825,
      2.4875,
      1.0475,
      2.5525,
      1.1125,
      2.6175,
      1.1775,
      2.6825,
      1.2425,
      2.7475,
      1.3075,
      2.815,
      1.375
    ],
    "SoftwareVersions": "syngo_MR_E11",
    "SpacingBetweenSlices": 3,
    "StationName": "AWP45685",
    "TaskName": "es",
    "TotalReadoutTime": 0.0411806,
    "TxRefAmp": 215.903,
    "dataset": "ds002799",
    "modality": "bold",
    "run_id": 3,
    "session_id": "postop",
    "subject_id": "330",
    "task_id": "es"
  },
  "dummy_trs": 0,
  "dvars_nstd": 42.47162656203464,
  "dvars_std": 1.1786297632034626,
  "dvars_vstd": 1.0104979173593072,
  "efc": 0.5236594166903539,
  "fber": 1433.2689208984375,
  "fd_mean": 0.2837664947353155,
  "fd_num": 135,
  "fd_perc": 58.189655172413794,
  "fwhm_avg": 1.9670959278470306,
  "fwhm_x": 1.92318871059913,
  "fwhm_y": 2.0723890729419616,
  "fwhm_z": 1.90571,
  "gcor": 0.0284736,
  "gsr_x": -0.009191034361720085,
  "gsr_y": 0.0496332086622715,
  "provenance": {
    "md5sum": "6fbf5e3f9e578ef8c3aa29b5526b1bc3",
    "settings": {
      "fd_thres": 0.2,
      "testing": false
    },
    "software": "mriqc",
    "version": "21.0.0rc2",
    "webapi_port": null,
    "webapi_url": "https://mriqc.nimh.nih.gov/api/v1"
  },
  "size_t": 232,
  "size_x": 72,
  "size_y": 72,
  "size_z": 44,
  "snr": 4.533116803811108,
  "spacing_tr": 3.0,
  "spacing_x": 3.055555582046509,
  "spacing_y": 3.055555582046509,
  "spacing_z": 3.0,
  "summary_bg_k": 82.1823629516492,
  "summary_bg_mad": 2.172778820792074,
  "summary_bg_mean": 18.97358512878418,
  "summary_bg_median": 6.512930870056152,
  "summary_bg_n": 146332.0,
  "summary_bg_p05": 4.982758522033691,
  "summary_bg_p95": 72.46939468383773,
  "summary_bg_stdv": 38.53513717651367,
  "summary_fg_k": 1.320911177604854,
  "summary_fg_mad": 51.08588999265073,
  "summary_fg_mean": 261.5401306152344,
  "summary_fg_median": 256.89654541015625,
  "summary_fg_n": 36593.0,
  "summary_fg_p05": 178.06552124023438,
  "summary_fg_p95": 359.7663818359375,
  "summary_fg_stdv": 56.6702880859375,
  "tsnr": 40.75164494803175
}