{
  "aor": 0.0009168398268398269,
  "aqi": 0.008373736320346322,
  "bids_meta": {
    "AcquisitionMatrixPE": 72,
    "AcquisitionNumber": 1,
    "AcquisitionTime": "16:35:34.307500",
    "BandwidthPerPixelPhaseEncode": 23.946,
    "BaseResolution": 72,
    "BodyPartExamined": "BRAIN",
    "ConsistencyInfo": "N4_VE11A_LATEST_20140830",
    "ConversionSoftware": "dcm2niix",
    "ConversionSoftwareVersion": "v1.0.20171103 (OpenJPEG build) GCC6.3.0",
    "DelayTime": 0.1,
    "DerivedVendorReportedEchoSpacing": 0.000580009,
    "DeviceSerialNumber": "45685",
    "DwellTime": 3.6e-06,
    "EchoTime": 0.026,
    "EchoTrainLength": 72,
    "EffectiveEchoSpacing": 0.000580009,
    "FlipAngle": 90,
    "ImageOrientationPatientDICOM": [
      1,
      0,
      0,
      0,
      0.939693,
      -0.34202
    ],
    "ImageType": [
      "ORIGINAL",
      "PRIMARY",
      "M",
      "ND",
      "MOSAIC"
    ],
    "InPlanePhaseEncodingDirectionDICOM": "COL",
    "InstitutionAddress": "HAWKINS_DRIVE_200_IOWA_CITY_IOWA_US_52242",
    "InstitutionName": "UIHC_SKYRA",
    "InstitutionalDepartmentName": "Department",
    "MRAcquisitionType": "2D",
    "MagneticFieldStrength": 3,
    "Manufacturer": "Siemens",
    "ManufacturersModelName": "Skyra",
    "Modality": "MR",
    "PartialFourier": 1,
    "PatientPosition": "HFS",
    "PercentPhaseFOV": 100,
    "PhaseEncodingDirection": "j-",
    "PhaseEncodingSteps": 72,
    "PhaseResolution": 1,
    "PixelBandwidth": 1930,
    "ProcedureStepDescription": "RESEARCH_HOWARD",
    "ProtocolName": "ES-FMRI-NEW",
    "PulseSequenceDetails": "%SiemensSeq%_ep2d_pace",
    "ReceiveCoilActiveElements": "HE",
    "ReceiveCoilName": "Head_TxRx",
    "ReconMatrixPE": 72,
    "RepetitionTime": 3,
    "SAR": 0.119537,
    "ScanOptions": "FS",
    "ScanningSequence": "EP",
    "SequenceName": "_epfid2d1_72",
    "SequenceVariant": "SK",
    "SeriesDescription": "ES-FMRI-NEW",
    "SeriesNumber": 20,
    "ShimSetting": [
      -3876,
      -1412,
      -995,
      84,
      -25,
      -425,
      580,
      18
    ],
    "SliceThickness": 3,
    "SliceTiming": [
      1.44,
      0,
      1.505,
      0.065,
      1.57,
      0.13,
      1.635,
      0.195,
      1.7,
      0.26,
      1.7675,
      0.3275,
      1.8325,
      0.3925,
      1.8975,
      0.4575,
      1.9625,
      0.5225,
      2.0275,
      0.5875,
      2.095,
      0.655,
      2.16,
      0.72,
      2.225,
      0.785,
      2.29,
      0.85,
      2.355,
      0.915,
      2.42,
      0.98,
      2.4875,
      1.0475,
      2.5525,
      1.1125,
      2.6175,
      1.1775,
      2.6825,
      1.2425,
      2.7475,
      1.3075,
      2.815,
      1.375
    ],
    "SoftwareVersions": "syngo_MR_E11",
    "SpacingBetweenSlices": 3,
    "StationName": "AWP45685",
    "TaskName": "es",
    "TotalReadoutTime": 0.0411806,
    "TxRefAmp": 215.903,
    "dataset": "ds002799",
    "modality": "bold",
    "run_id": 6,
    "session_id": "postop",
    "subject_id": "330",
    "task_id": "es"
  },
  "dummy_trs": 1,
  "dvars_nstd": 37.22067115613042,
  "dvars_std": 1.2135057069999997,
  "dvars_vstd": 1.0152900508695655,
  "efc": 0.5445213880236552,
  "fber": 1063.8280029296875,
  "fd_mean": 0.13990145770022366,
  "fd_num": 41,
  "fd_perc": 17.748917748917748,
  "fwhm_avg": 2.0175058468542457,
  "fwhm_x": 1.9940628918028496,
  "fwhm_y": 2.0654279820932215,
  "fwhm_z": 1.9930266666666665,
  "gcor": 0.0124626,
  "gsr_x": -0.021919215098023415,
  "gsr_y": 0.028216028586030006,
  "provenance": {
    "md5sum": "0128fb1152cdc49f2624afded529419e",
    "settings": {
      "fd_thres": 0.2,
      "testing": false
    },
    "software": "mriqc",
    "version": "21.0.0rc2",
    "webapi_port": null,
    "webapi_url": "https://mriqc.nimh.nih.gov/api/v1"
  },
  "size_t": 231,
  "size_x": 72,
  "size_y": 72,
  "size_z": 44,
  "snr": 4.8818021262161455,
  "spacing_tr": 3.0,
  "spacing_x": 3.055555582046509,
  "spacing_y": 3.055555582046509,
  "spacing_z": 3.0,
  "summary_bg_k": 31.89245004692126,
  "summary_bg_mad": 4.595424816451016,
  "summary_bg_mean": 23.710935592651367,
  "summary_bg_median": 8.21212100982666,
  "summary_bg_n": 147312.0,
  "summary_bg_p05": 5.0216450691223145,
  "summary_bg_p95": 102.56428451538063,
  "summary_bg_stdv": 38.73882293701172,
  "summary_fg_k": 1.5068342143546793,
  "summary_fg_mad": 51.33908341351124,
  "summary_fg_mean": 287.03045654296875,
  "summary_fg_median": 281.692626953125,
  "summary_fg_n": 36755.0,
  "summary_fg_p05": 201.3982696533203,
  "summary_fg_p95": 385.5393951416015,
  "summary_fg_stdv": 57.701805114746094,
  "tsnr": 48.81702191691147
}