{
  "aor": 0.001037241379310345,
  "aqi": 0.011083315129310344,
  "bids_meta": {
    "AcquisitionMatrixPE": 72,
    "AcquisitionNumber": 1,
    "AcquisitionTime": "16:02:18.337500",
    "BandwidthPerPixelPhaseEncode": 23.946,
    "BaseResolution": 72,
    "BodyPartExamined": "BRAIN",
    "ConsistencyInfo": "N4_VE11A_LATEST_20140830",
    "ConversionSoftware": "dcm2niix",
    "ConversionSoftwareVersion": "v1.0.20171103 (OpenJPEG build) GCC6.3.0",
    "DelayTime": 0.1,
    "DerivedVendorReportedEchoSpacing": 0.000580009,
    "DeviceSerialNumber": "45685",
    "DwellTime": 3.6e-06,
    "EchoTime": 0.03,
    "EchoTrainLength": 72,
    "EffectiveEchoSpacing": 0.000580009,
    "FlipAngle": 90,
    "ImageOrientationPatientDICOM": [
      1,
      0,
      0,
      0,
      0.991216,
      -0.132256
    ],
    "ImageType": [
      "ORIGINAL",
      "PRIMARY",
      "M",
      "ND",
      "MOSAIC"
    ],
    "InPlanePhaseEncodingDirectionDICOM": "COL",
    "InstitutionAddress": "HAWKINS_DRIVE_200_IOWA_CITY_IOWA_US_52242",
    "InstitutionName": "UIHC_SKYRA",
    "InstitutionalDepartmentName": "Department",
    "MRAcquisitionType": "2D",
    "MagneticFieldStrength": 3,
    "Manufacturer": "Siemens",
    "ManufacturersModelName": "Skyra",
    "Modality": "MR",
    "PartialFourier": 1,
    "PatientPosition": "HFS",
    "PercentPhaseFOV": 100,
    "PhaseEncodingDirection": "j-",
    "PhaseEncodingSteps": 72,
    "PhaseResolution": 1,
    "PixelBandwidth": 1930,
    "ProcedureStepDescription": "RESEARCH_HOWARD",
    "ProtocolName": "ES-FMRI-NEW",
    "PulseSequenceDetails": "%SiemensSeq%_ep2d_pace",
    "ReceiveCoilActiveElements": "HE",
    "ReceiveCoilName": "Head_TxRx",
    "ReconMatrixPE": 72,
    "RepetitionTime": 3,
    "SAR": 0.119537,
    "ScanOptions": "FS",
    "ScanningSequence": "EP",
    "SequenceName": "_epfid2d1_72",
    "SequenceVariant": "SK",
    "SeriesDescription": "ES-FMRI-NEW",
    "SeriesNumber": 14,
    "ShimSetting": [
      -3858,
      -1429,
      -890,
      313,
      36,
      -34,
      576,
      74
    ],
    "SliceThickness": 3,
    "SliceTiming": [
      1.44,
      0,
      1.505,
      0.065,
      1.5725,
      0.1325,
      1.6375,
      0.1975,
      1.7025,
      0.2625,
      1.7675,
      0.3275,
      1.8325,
      0.3925,
      1.8975,
      0.46,
      1.965,
      0.525,
      2.03,
      0.59,
      2.095,
      0.655,
      2.16,
      0.72,
      2.225,
      0.785,
      2.2925,
      0.8525,
      2.3575,
      0.9175,
      2.4225,
      0.9825,
      2.4875,
      1.0475,
      2.5525,
      1.1125,
      2.6175,
      1.1775,
      2.685,
      1.245,
      2.75,
      1.31,
      2.815,
      1.375
    ],
    "SoftwareVersions": "syngo_MR_E11",
    "SpacingBetweenSlices": 3,
    "StationName": "AWP45685",
    "TaskName": "es",
    "TotalReadoutTime": 0.0411806,
    "TxRefAmp": 215.903,
    "dataset": "ds002799",
    "modality": "bold",
    "run_id": 4,
    "session_id": "postop",
    "subject_id": "330",
    "task_id": "es"
  },
  "dummy_trs": 0,
  "dvars_nstd": 44.38974213688315,
  "dvars_std": 1.1914038526406925,
  "dvars_vstd": 1.0095077544155848,
  "efc": 0.5279999238828313,
  "fber": 1383.39794921875,
  "fd_mean": 0.28036395979042555,
  "fd_num": 131,
  "fd_perc": 56.46551724137931,
  "fwhm_avg": 1.8822835445162729,
  "fwhm_x": 1.8349134386371835,
  "fwhm_y": 1.9850105282449677,
  "fwhm_z": 1.8269266666666668,
  "gcor": 0.015439,
  "gsr_x": -0.012227374128997326,
  "gsr_y": 0.048053521662950516,
  "provenance": {
    "md5sum": "5d0b3c50c28f2f52adca273620c48fb8",
    "settings": {
      "fd_thres": 0.2,
      "testing": false
    },
    "software": "mriqc",
    "version": "21.0.0rc2",
    "webapi_port": null,
    "webapi_url": "https://mriqc.nimh.nih.gov/api/v1"
  },
  "size_t": 232,
  "size_x": 72,
  "size_y": 72,
  "size_z": 44,
  "snr": 4.869192490773079,
  "spacing_tr": 3.0,
  "spacing_x": 3.055555582046509,
  "spacing_y": 3.055555582046509,
  "spacing_z": 3.0,
  "summary_bg_k": 85.1327016958522,
  "summary_bg_mad": 2.2686369178740264,
  "summary_bg_mean": 19.600610733032227,
  "summary_bg_median": 6.715517044067383,
  "summary_bg_n": 145994.0,
  "summary_bg_p05": 5.120689868927002,
  "summary_bg_p95": 76.15970039367683,
  "summary_bg_stdv": 39.509517669677734,
  "summary_fg_k": 1.4441493348048642,
  "summary_fg_mad": 48.55522265605846,
  "summary_fg_mean": 264.2164306640625,
  "summary_fg_median": 259.64654541015625,
  "summary_fg_n": 36878.0,
  "summary_fg_p05": 185.3306007385254,
  "summary_fg_p95": 352.96810150146484,
  "summary_fg_stdv": 53.323631286621094,
  "tsnr": 41.86244782060385
}