{
  "aor": 0.0010083846153846154,
  "aqi": 0.006170674384615384,
  "bids_meta": {
    "AcquisitionMatrixPE": 64,
    "AcquisitionNumber": 1,
    "AcquisitionTime": "09:06:30.305000",
    "BandwidthPerPixelPhaseEncode": 27.902,
    "BaseResolution": 64,
    "ConversionSoftware": "dcm2niix",
    "ConversionSoftwareVersion": "v1.0.20171103 (OpenJPEG build) GCC6.3.0",
    "DerivedVendorReportedEchoSpacing": 0.000559996,
    "DeviceSerialNumber": "35267",
    "DwellTime": 3.9e-06,
    "EchoTime": 0.03,
    "EffectiveEchoSpacing": 0.000559996,
    "FlipAngle": 80,
    "ImageComments": "PROJECT:MH_EPIL_SUBJECT:334_SESSION:20151207",
    "ImageOrientationPatientDICOM": [
      1,
      0,
      0,
      0,
      1,
      0
    ],
    "ImageType": [
      "ORIGINAL",
      "PRIMARY",
      "M",
      "ND",
      "MOSAIC"
    ],
    "InPlanePhaseEncodingDirectionDICOM": "COL",
    "InstitutionAddress": "Newton_Road_500_Iowa_City_CDI_US_52242",
    "InstitutionName": "University_of_Iowa",
    "InstitutionalDepartmentName": "Department",
    "MRAcquisitionType": "2D",
    "MagneticFieldStrength": 3,
    "Manufacturer": "Siemens",
    "ManufacturersModelName": "TrioTim",
    "Modality": "MR",
    "PartialFourier": 1,
    "PatientPosition": "HFS",
    "PercentPhaseFOV": 100,
    "PhaseEncodingDirection": "j-",
    "PhaseEncodingSteps": 64,
    "PhaseResolution": 1,
    "PixelBandwidth": 2003,
    "ProcedureStepDescription": "RESEARCH_HOWARD",
    "ProtocolName": "REST",
    "PulseSequenceDetails": "%SiemensSeq%_ep2d_pace",
    "ReceiveCoilName": "TxRx_Head",
    "ReconMatrixPE": 64,
    "RepetitionTime": 2.26,
    "SAR": 0.0468127,
    "ScanOptions": "FS",
    "ScanningSequence": "EP",
    "SequenceName": "_epfid2d1_64",
    "SequenceVariant": "SK",
    "SeriesDescription": "REST",
    "SeriesNumber": 10,
    "ShimSetting": [
      6544,
      25391,
      6183,
      567,
      -135,
      -176,
      173,
      16
    ],
    "SliceThickness": 4,
    "SliceTiming": [
      1.1225,
      0,
      1.185,
      0.0625,
      1.2475,
      0.125,
      1.31,
      0.1875,
      1.3725,
      0.25,
      1.435,
      0.3125,
      1.4975,
      0.375,
      1.56,
      0.4375,
      1.6225,
      0.5,
      1.685,
      0.5625,
      1.7475,
      0.625,
      1.81,
      0.6875,
      1.8725,
      0.75,
      1.935,
      0.8125,
      1.9975,
      0.875,
      2.06,
      0.9375,
      2.1225,
      1,
      2.185,
      1.06
    ],
    "SoftwareVersions": "syngo_MR_B17",
    "SpacingBetweenSlices": 4,
    "StationName": "MRC35267",
    "TaskName": "rest",
    "TotalReadoutTime": 0.0352797,
    "TxRefAmp": 219.175,
    "dataset": "ds002799",
    "modality": "bold",
    "run_id": 4,
    "session_id": "preop",
    "subject_id": "331",
    "task_id": "rest"
  },
  "dummy_trs": 0,
  "dvars_nstd": 30.669578389767437,
  "dvars_std": 1.2659352564341084,
  "dvars_vstd": 1.0187170375193795,
  "efc": 0.5051889533760265,
  "fber": 1667.072021484375,
  "fd_mean": 0.11777371705410282,
  "fd_num": 13,
  "fd_perc": 10.0,
  "fwhm_avg": 1.6317345606060607,
  "fwhm_x": 1.5513454545454546,
  "fwhm_y": 1.8194007272727273,
  "fwhm_z": 1.5244575,
  "gcor": 0.0184778,
  "gsr_x": -0.019830631092190742,
  "gsr_y": 0.040732353925704956,
  "provenance": {
    "md5sum": "60c985726d8cee81831c533558cf2b0e",
    "settings": {
      "fd_thres": 0.2,
      "testing": false
    },
    "software": "mriqc",
    "version": "21.0.0rc2",
    "webapi_port": null,
    "webapi_url": "https://mriqc.nimh.nih.gov/api/v1"
  },
  "size_t": 130,
  "size_x": 64,
  "size_y": 64,
  "size_z": 36,
  "snr": 5.786919176442113,
  "spacing_tr": 2.259999990463257,
  "spacing_x": 3.4375,
  "spacing_y": 3.4375,
  "spacing_z": 4.0,
  "summary_bg_k": 25.19975013436671,
  "summary_bg_mad": 7.338880698818798,
  "summary_bg_mean": 26.736183166503906,
  "summary_bg_median": 11.480769157409668,
  "summary_bg_n": 92510.0,
  "summary_bg_p05": 6.169230937957764,
  "summary_bg_p95": 98.79230499267578,
  "summary_bg_stdv": 42.1561279296875,
  "summary_fg_k": 2.6451636134896663,
  "summary_fg_mad": 72.00882423056524,
  "summary_fg_mean": 492.1162109375,
  "summary_fg_median": 480.3999938964844,
  "summary_fg_n": 23641.0,
  "summary_fg_p05": 385.1692199707031,
  "summary_fg_p95": 636.46923828125,
  "summary_fg_stdv": 83.01305389404297,
  "tsnr": 67.68313193973154
}