{
  "aor": 0.0011524806201550389,
  "aqi": 0.00691966953488372,
  "bids_meta": {
    "AcquisitionMatrixPE": 64,
    "AcquisitionNumber": 1,
    "AcquisitionTime": "08:26:15.845000",
    "BandwidthPerPixelPhaseEncode": 27.902,
    "BaseResolution": 64,
    "ConversionSoftware": "dcm2niix",
    "ConversionSoftwareVersion": "v1.0.20171103 (OpenJPEG build) GCC6.3.0",
    "DerivedVendorReportedEchoSpacing": 0.000559996,
    "DeviceSerialNumber": "35267",
    "DwellTime": 3.9e-06,
    "EchoTime": 0.03,
    "EffectiveEchoSpacing": 0.000559996,
    "FlipAngle": 80,
    "ImageComments": "PROJECT:MH_EPIL_SUBJECT:334_SESSION:20151207",
    "ImageOrientationPatientDICOM": [
      1,
      0,
      0,
      0,
      1,
      0
    ],
    "ImageType": [
      "ORIGINAL",
      "PRIMARY",
      "M",
      "ND",
      "MOSAIC"
    ],
    "InPlanePhaseEncodingDirectionDICOM": "COL",
    "InstitutionAddress": "Newton_Road_500_Iowa_City_CDI_US_52242",
    "InstitutionName": "University_of_Iowa",
    "InstitutionalDepartmentName": "Department",
    "MRAcquisitionType": "2D",
    "MagneticFieldStrength": 3,
    "Manufacturer": "Siemens",
    "ManufacturersModelName": "TrioTim",
    "Modality": "MR",
    "PartialFourier": 1,
    "PatientPosition": "HFS",
    "PercentPhaseFOV": 100,
    "PhaseEncodingDirection": "j-",
    "PhaseEncodingSteps": 64,
    "PhaseResolution": 1,
    "PixelBandwidth": 2003,
    "ProcedureStepDescription": "RESEARCH_HOWARD",
    "ProtocolName": "REST",
    "PulseSequenceDetails": "%SiemensSeq%_ep2d_pace",
    "ReceiveCoilName": "TxRx_Head",
    "ReconMatrixPE": 64,
    "RepetitionTime": 2.26,
    "SAR": 0.0468127,
    "ScanOptions": "FS",
    "ScanningSequence": "EP",
    "SequenceName": "_epfid2d1_64",
    "SequenceVariant": "SK",
    "SeriesDescription": "REST",
    "SeriesNumber": 5,
    "ShimSetting": [
      6544,
      25391,
      6183,
      567,
      -135,
      -176,
      173,
      16
    ],
    "SliceThickness": 4,
    "SliceTiming": [
      1.125,
      0,
      1.1875,
      0.0625,
      1.25,
      0.125,
      1.3125,
      0.1875,
      1.375,
      0.25,
      1.4375,
      0.3125,
      1.5,
      0.375,
      1.5625,
      0.4375,
      1.625,
      0.5,
      1.6875,
      0.5625,
      1.7475,
      0.625,
      1.81,
      0.6875,
      1.8725,
      0.75,
      1.935,
      0.8125,
      1.9975,
      0.875,
      2.06,
      0.9375,
      2.1225,
      1,
      2.185,
      1.0625
    ],
    "SoftwareVersions": "syngo_MR_B17",
    "SpacingBetweenSlices": 4,
    "StationName": "MRC35267",
    "TaskName": "rest",
    "TotalReadoutTime": 0.0352797,
    "TxRefAmp": 219.175,
    "dataset": "ds002799",
    "modality": "bold",
    "run_id": 2,
    "session_id": "preop",
    "subject_id": "331",
    "task_id": "rest"
  },
  "dummy_trs": 1,
  "dvars_nstd": 25.89348265531251,
  "dvars_std": 1.2308603240624998,
  "dvars_vstd": 0.9955984247656254,
  "efc": 0.5016938072483162,
  "fber": 1819.040283203125,
  "fd_mean": 0.06193947318792122,
  "fd_num": 4,
  "fd_perc": 3.10077519379845,
  "fwhm_avg": 1.6437377121212122,
  "fwhm_x": 1.5618269090909092,
  "fwhm_y": 1.8304087272727272,
  "fwhm_z": 1.5389775,
  "gcor": 0.0203179,
  "gsr_x": -0.020259181037545204,
  "gsr_y": 0.04058367758989334,
  "provenance": {
    "md5sum": "06ac9e9784b07a4a7d21fe3f541b93bf",
    "settings": {
      "fd_thres": 0.2,
      "testing": false
    },
    "software": "mriqc",
    "version": "21.0.0rc2",
    "webapi_port": null,
    "webapi_url": "https://mriqc.nimh.nih.gov/api/v1"
  },
  "size_t": 129,
  "size_x": 64,
  "size_y": 64,
  "size_z": 36,
  "snr": 5.832239583278479,
  "spacing_tr": 2.259999990463257,
  "spacing_x": 3.4375,
  "spacing_y": 3.4375,
  "spacing_z": 4.0,
  "summary_bg_k": 28.264903984296108,
  "summary_bg_mad": 7.068219714512793,
  "summary_bg_mean": 25.859622955322266,
  "summary_bg_median": 11.155038833618164,
  "summary_bg_n": 92476.0,
  "summary_bg_p05": 5.945736408233643,
  "summary_bg_p95": 93.6375961303711,
  "summary_bg_stdv": 41.351051330566406,
  "summary_fg_k": 2.5965984453028668,
  "summary_fg_mad": 73.26814025680017,
  "summary_fg_mean": 500.95654296875,
  "summary_fg_median": 489.99224853515625,
  "summary_fg_n": 23675.0,
  "summary_fg_p05": 393.23564453125,
  "summary_fg_p95": 648.828692626953,
  "summary_fg_stdv": 84.01264953613281,
  "tsnr": 66.23377137223724
}