{
  "aor": 0.002824827586206896,
  "aqi": 0.0066520657758620694,
  "bids_meta": {
    "AcquisitionMatrixPE": 68,
    "AcquisitionNumber": 1,
    "AcquisitionTime": "17:15:5.885000",
    "BandwidthPerPixelPhaseEncode": 25.355,
    "BaseResolution": 68,
    "BodyPartExamined": "BRAIN",
    "ConsistencyInfo": "N4_VE11A_LATEST_20140830",
    "ConversionSoftware": "dcm2niix",
    "ConversionSoftwareVersion": "v1.0.20171103 (OpenJPEG build) GCC6.3.0",
    "DelayTime": 0.1,
    "DerivedVendorReportedEchoSpacing": 0.000579999,
    "DeviceSerialNumber": "45685",
    "DwellTime": 3.8e-06,
    "EchoTime": 0.03,
    "EchoTrainLength": 68,
    "EffectiveEchoSpacing": 0.000579999,
    "FlipAngle": 90,
    "ImageOrientationPatientDICOM": [
      1,
      0,
      0,
      0,
      1,
      0
    ],
    "ImageType": [
      "ORIGINAL",
      "PRIMARY",
      "M",
      "ND",
      "MOSAIC"
    ],
    "InPlanePhaseEncodingDirectionDICOM": "COL",
    "InstitutionAddress": "HAWKINS_DRIVE_200_IOWA_CITY_IOWA_US_52242",
    "InstitutionName": "UIHC_SKYRA",
    "InstitutionalDepartmentName": "Department",
    "MRAcquisitionType": "2D",
    "MagneticFieldStrength": 3,
    "Manufacturer": "Siemens",
    "ManufacturersModelName": "Skyra",
    "Modality": "MR",
    "PartialFourier": 1,
    "PatientPosition": "HFS",
    "PercentPhaseFOV": 100,
    "PhaseEncodingDirection": "j-",
    "PhaseEncodingSteps": 68,
    "PhaseResolution": 1,
    "PixelBandwidth": 1935,
    "ProcedureStepDescription": "RESEARCH_HOWARD",
    "ProtocolName": "ES-FMRI",
    "PulseSequenceDetails": "%SiemensSeq%_ep2d_pace",
    "ReceiveCoilActiveElements": "HE",
    "ReceiveCoilName": "Head_TxRx",
    "ReconMatrixPE": 68,
    "RepetitionTime": 3,
    "SAR": 0.12994,
    "ScanOptions": "FS",
    "ScanningSequence": "EP",
    "SequenceName": "_epfid2d1_68",
    "SequenceVariant": "SK",
    "SeriesDescription": "ES-FMRI",
    "SeriesNumber": 10,
    "ShimSetting": [
      -3873,
      -1343,
      -917,
      405,
      365,
      -215,
      -126,
      565
    ],
    "SliceThickness": 3,
    "SliceTiming": [
      1.44,
      0,
      1.505,
      0.065,
      1.57,
      0.13,
      1.635,
      0.1975,
      1.7025,
      0.2625,
      1.7675,
      0.3275,
      1.8325,
      0.3925,
      1.8975,
      0.4575,
      1.9625,
      0.5225,
      2.03,
      0.59,
      2.095,
      0.655,
      2.16,
      0.72,
      2.225,
      0.785,
      2.29,
      0.85,
      2.355,
      0.9175,
      2.4225,
      0.9825,
      2.4875,
      1.0475,
      2.5525,
      1.1125,
      2.6175,
      1.1775,
      2.6825,
      1.2425,
      2.75,
      1.31,
      2.815,
      1.375
    ],
    "SoftwareVersions": "syngo_MR_E11",
    "SpacingBetweenSlices": 3,
    "StationName": "AWP45685",
    "TaskName": "es",
    "TotalReadoutTime": 0.03886,
    "TxRefAmp": 214.652,
    "dataset": "ds002799",
    "modality": "bold",
    "run_id": 8,
    "session_id": "postop",
    "subject_id": "331",
    "task_id": "es"
  },
  "dummy_trs": 0,
  "dvars_nstd": 39.35300613181817,
  "dvars_std": 1.2893737649350654,
  "dvars_vstd": 1.0296639545454542,
  "efc": 0.5235770907953993,
  "fber": 1104.556640625,
  "fd_mean": 0.1799501997386131,
  "fd_num": 40,
  "fd_perc": 17.24137931034483,
  "fwhm_avg": 1.9206546520192465,
  "fwhm_x": 1.8005101896231832,
  "fwhm_y": 2.0436070997678892,
  "fwhm_z": 1.9178466666666667,
  "gcor": 0.0248409,
  "gsr_x": 0.03735774755477905,
  "gsr_y": 0.0022070566192269325,
  "provenance": {
    "md5sum": "fe8cd30c75ed77b3e11d7db76298b2d9",
    "settings": {
      "fd_thres": 0.2,
      "testing": false
    },
    "software": "mriqc",
    "version": "21.0.0rc2",
    "webapi_port": null,
    "webapi_url": "https://mriqc.nimh.nih.gov/api/v1"
  },
  "size_t": 232,
  "size_x": 68,
  "size_y": 68,
  "size_z": 44,
  "snr": 4.500305821231722,
  "spacing_tr": 3.0,
  "spacing_x": 3.2352941036224365,
  "spacing_y": 3.2352941036224365,
  "spacing_z": 3.0,
  "summary_bg_k": 34.504837588454954,
  "summary_bg_mad": 4.198576451455523,
  "summary_bg_mean": 25.367103576660156,
  "summary_bg_median": 7.383620738983154,
  "summary_bg_n": 134029.0,
  "summary_bg_p05": 4.465517044067383,
  "summary_bg_p95": 104.99396514892574,
  "summary_bg_stdv": 55.9499397277832,
  "summary_fg_k": 1.4464689923928882,
  "summary_fg_mad": 49.72149145749003,
  "summary_fg_mean": 259.7807312011719,
  "summary_fg_median": 254.987060546875,
  "summary_fg_n": 30010.0,
  "summary_fg_p05": 175.74482803344728,
  "summary_fg_p95": 359.5922393798828,
  "summary_fg_stdv": 56.65899658203125,
  "tsnr": 46.28023140132427
}