{
  "aor": 0.13723238095238094,
  "aqi": 0.10671960095238095,
  "bids_meta": {
    "AcquisitionMatrixPE": 68,
    "AcquisitionNumber": 1,
    "AcquisitionTime": "18:05:41.220000",
    "BandwidthPerPixelPhaseEncode": 25.355,
    "BaseResolution": 68,
    "BodyPartExamined": "BRAIN",
    "ConsistencyInfo": "N4_VE11A_LATEST_20140830",
    "ConversionSoftware": "dcm2niix",
    "ConversionSoftwareVersion": "v1.0.20171103 (OpenJPEG build) GCC6.3.0",
    "DelayTime": 0.1,
    "DerivedVendorReportedEchoSpacing": 0.000579999,
    "DeviceSerialNumber": "45685",
    "DwellTime": 3.8e-06,
    "EchoTime": 0.03,
    "EchoTrainLength": 68,
    "EffectiveEchoSpacing": 0.000579999,
    "FlipAngle": 90,
    "ImageOrientationPatientDICOM": [
      1,
      0,
      0,
      0,
      1,
      0
    ],
    "ImageType": [
      "ORIGINAL",
      "PRIMARY",
      "M",
      "ND",
      "MOSAIC"
    ],
    "InPlanePhaseEncodingDirectionDICOM": "COL",
    "InstitutionAddress": "HAWKINS_DRIVE_200_IOWA_CITY_IOWA_US_52242",
    "InstitutionName": "UIHC_SKYRA",
    "InstitutionalDepartmentName": "Department",
    "MRAcquisitionType": "2D",
    "MagneticFieldStrength": 3,
    "Manufacturer": "Siemens",
    "ManufacturersModelName": "Skyra",
    "Modality": "MR",
    "PartialFourier": 1,
    "PatientPosition": "HFS",
    "PercentPhaseFOV": 100,
    "PhaseEncodingDirection": "j-",
    "PhaseEncodingSteps": 68,
    "PhaseResolution": 1,
    "PixelBandwidth": 1935,
    "ProcedureStepDescription": "RESEARCH_HOWARD",
    "ProtocolName": "ES-FMRI",
    "PulseSequenceDetails": "%SiemensSeq%_ep2d_pace",
    "ReceiveCoilActiveElements": "HE",
    "ReceiveCoilName": "Head_TxRx",
    "ReconMatrixPE": 68,
    "RepetitionTime": 3,
    "SAR": 0.142682,
    "ScanOptions": "FS",
    "ScanningSequence": "EP",
    "SequenceName": "_epfid2d1_68",
    "SequenceVariant": "SK",
    "SeriesDescription": "ES-FMRI",
    "SeriesNumber": 12,
    "ShimSetting": [
      -3781,
      -1328,
      -931,
      402,
      584,
      61,
      48,
      261
    ],
    "SliceThickness": 3,
    "SliceTiming": [
      1.44,
      0,
      1.505,
      0.065,
      1.57,
      0.13,
      1.635,
      0.195,
      1.7,
      0.26,
      1.765,
      0.325,
      1.8325,
      0.3925,
      1.8975,
      0.4575,
      1.9625,
      0.5225,
      2.0275,
      0.5875,
      2.0925,
      0.6525,
      2.1575,
      0.72,
      2.225,
      0.785,
      2.29,
      0.85,
      2.355,
      0.915,
      2.42,
      0.98,
      2.485,
      1.045,
      2.5525,
      1.1125,
      2.6175,
      1.1775,
      2.6825,
      1.2425,
      2.7475,
      1.3075,
      2.8125,
      1.3725
    ],
    "SoftwareVersions": "syngo_MR_E11",
    "SpacingBetweenSlices": 3,
    "StationName": "AWP45685",
    "TaskName": "es",
    "TotalReadoutTime": 0.03886,
    "TxRefAmp": 239.044,
    "dataset": "ds002799",
    "modality": "bold",
    "run_id": 4,
    "session_id": "postop",
    "subject_id": "331",
    "task_id": "es"
  },
  "dummy_trs": 0,
  "dvars_nstd": 139.124198341,
  "dvars_std": 2.2360860249999996,
  "dvars_vstd": 2.461870792,
  "efc": 0.5361881202307665,
  "fber": 781.4274291992188,
  "fd_mean": 8.840573694691775,
  "fd_num": 19,
  "fd_perc": 90.47619047619048,
  "fwhm_avg": 2.2191043093793943,
  "fwhm_x": 2.047242008874555,
  "fwhm_y": 2.346710919263627,
  "fwhm_z": 2.26336,
  "gcor": 0.054242,
  "gsr_x": 0.058277349919080734,
  "gsr_y": 0.011689389124512672,
  "provenance": {
    "md5sum": "bf027306d539c8a989d84e1ab0efef35",
    "settings": {
      "fd_thres": 0.2,
      "testing": false
    },
    "software": "mriqc",
    "version": "21.0.0rc2",
    "webapi_port": null,
    "webapi_url": "https://mriqc.nimh.nih.gov/api/v1"
  },
  "size_t": 21,
  "size_x": 68,
  "size_y": 68,
  "size_z": 44,
  "snr": 4.66960646886146,
  "spacing_tr": 3.0,
  "spacing_x": 3.2352941036224365,
  "spacing_y": 3.2352941036224365,
  "spacing_z": 3.0,
  "summary_bg_k": 23.4047747957355,
  "summary_bg_mad": 5.859809037697314,
  "summary_bg_mean": 23.48257827758789,
  "summary_bg_median": 8.428571701049805,
  "summary_bg_n": 133911.0,
  "summary_bg_p05": 3.904762029647827,
  "summary_bg_p95": 96.0,
  "summary_bg_stdv": 43.813053131103516,
  "summary_fg_k": 1.1844299451281843,
  "summary_fg_mad": 45.678269428373284,
  "summary_fg_mean": 241.30882263183594,
  "summary_fg_median": 238.90476989746094,
  "summary_fg_n": 30008.0,
  "summary_fg_p05": 158.77856979370117,
  "summary_fg_p95": 328.2523803710935,
  "summary_fg_stdv": 51.160797119140625,
  "tsnr": 7.925206168671139
}