{
  "aor": 0.026250232558139533,
  "aqi": 0.01838074511627907,
  "bids_meta": {
    "AcquisitionMatrixPE": 64,
    "AcquisitionNumber": 1,
    "AcquisitionTime": "11:54:0.550000",
    "BandwidthPerPixelPhaseEncode": 27.902,
    "BaseResolution": 64,
    "ConversionSoftware": "dcm2niix",
    "ConversionSoftwareVersion": "v1.0.20171215 (OpenJPEG build) GCC7.2.0",
    "DerivedVendorReportedEchoSpacing": 0.000559996,
    "DeviceSerialNumber": "35267",
    "DwellTime": 3.9e-06,
    "EchoTime": 0.03,
    "EffectiveEchoSpacing": 0.000559996,
    "FlipAngle": 80,
    "ImageComments": "PROJECT:MH_EPIL_SUBJECT:320_SESSION:20150727_1",
    "ImageOrientationPatientDICOM": [
      1,
      2e-16,
      0,
      -2e-16,
      0.991671,
      0.128796
    ],
    "ImageType": [
      "ORIGINAL",
      "PRIMARY",
      "M",
      "ND",
      "MOSAIC"
    ],
    "InPlanePhaseEncodingDirectionDICOM": "COL",
    "InstitutionAddress": "Newton_Road_500_Iowa_City_CDI_US_52242",
    "InstitutionName": "University_of_Iowa",
    "InstitutionalDepartmentName": "Department",
    "MRAcquisitionType": "2D",
    "MagneticFieldStrength": 3,
    "Manufacturer": "Siemens",
    "ManufacturersModelName": "TrioTim",
    "Modality": "MR",
    "PartialFourier": 1,
    "PatientPosition": "HFS",
    "PercentPhaseFOV": 100,
    "PhaseEncodingDirection": "j-",
    "PhaseEncodingSteps": 64,
    "PhaseResolution": 1,
    "PixelBandwidth": 2003,
    "ProcedureStepDescription": "RESEARCH_HOWARD",
    "ProtocolName": "REST",
    "PulseSequenceDetails": "%SiemensSeq%_ep2d_pace",
    "ReceiveCoilName": "HeadMatrix",
    "ReconMatrixPE": 64,
    "RepetitionTime": 2.26,
    "SAR": 0.144295,
    "ScanOptions": "FS",
    "ScanningSequence": "EP",
    "SequenceName": "_epfid2d1_64",
    "SequenceVariant": "SK",
    "SeriesDescription": "REST",
    "SeriesNumber": 13,
    "ShimSetting": [
      6529,
      25444,
      6164,
      426,
      119,
      -254,
      424,
      100
    ],
    "SliceThickness": 4,
    "SliceTiming": [
      1.125,
      0,
      1.1875,
      0.0625,
      1.25,
      0.125,
      1.3125,
      0.1875,
      1.375,
      0.25,
      1.4375,
      0.3125,
      1.5,
      0.375,
      1.5625,
      0.4375,
      1.625,
      0.5,
      1.6875,
      0.5625,
      1.75,
      0.625,
      1.8125,
      0.6875,
      1.875,
      0.75,
      1.9375,
      0.8125,
      2,
      0.875,
      2.0625,
      0.9375,
      2.1225,
      1,
      2.185,
      1.0625
    ],
    "SoftwareVersions": "syngo_MR_B17",
    "SpacingBetweenSlices": 4,
    "StationName": "MRC35267",
    "TaskName": "rest",
    "TotalReadoutTime": 0.0352797,
    "TxRefAmp": 369.329,
    "dataset": "ds002799",
    "modality": "bold",
    "run_id": 4,
    "session_id": "preop",
    "subject_id": "320",
    "task_id": "rest"
  },
  "dummy_trs": 1,
  "dvars_nstd": 45.21014371531251,
  "dvars_std": 1.2172183139843746,
  "dvars_vstd": 1.0882026439843753,
  "efc": 0.49329623601447314,
  "fber": 1280.56298828125,
  "fd_mean": 0.5751803809086338,
  "fd_num": 99,
  "fd_perc": 76.74418604651163,
  "fwhm_avg": 2.0296996515151515,
  "fwhm_x": 1.8952203636363638,
  "fwhm_y": 2.319581090909091,
  "fwhm_z": 1.8742975,
  "gcor": 0.076903,
  "gsr_x": -0.01563085801899433,
  "gsr_y": 0.050176363438367844,
  "provenance": {
    "md5sum": "f38cfcff3f5219374497c1b60c1ad829",
    "settings": {
      "fd_thres": 0.2,
      "testing": false
    },
    "software": "mriqc",
    "version": "21.0.0rc2",
    "webapi_port": null,
    "webapi_url": "https://mriqc.nimh.nih.gov/api/v1"
  },
  "size_t": 129,
  "size_x": 64,
  "size_y": 64,
  "size_z": 36,
  "snr": 4.249089766580703,
  "spacing_tr": 2.259999990463257,
  "spacing_x": 3.4375,
  "spacing_y": 3.4375,
  "spacing_z": 4.0,
  "summary_bg_k": 85.06290824977614,
  "summary_bg_mad": 12.33203192437245,
  "summary_bg_mean": 47.43031311035156,
  "summary_bg_median": 23.00775146484375,
  "summary_bg_n": 94176.0,
  "summary_bg_p05": 13.480620384216309,
  "summary_bg_p95": 149.45736694335938,
  "summary_bg_stdv": 76.44078063964844,
  "summary_fg_k": 2.255182870011054,
  "summary_fg_mad": 143.44456985701694,
  "summary_fg_mean": 853.3382568359375,
  "summary_fg_median": 819.720947265625,
  "summary_fg_n": 22207.0,
  "summary_fg_p05": 602.6659118652344,
  "summary_fg_p95": 1231.165124511719,
  "summary_fg_stdv": 192.91249084472656,
  "tsnr": 28.66715245647356
}