{
  "aor": 0.025762230769230773,
  "aqi": 0.01366676353846154,
  "bids_meta": {
    "AcquisitionMatrixPE": 64,
    "AcquisitionNumber": 1,
    "AcquisitionTime": "16:33:46.000000",
    "BodyPartExamined": "HEAD",
    "CoilString": "32Ch_Head",
    "ConversionSoftware": "dcm2niix",
    "ConversionSoftwareVersion": "v1.0.20181125  (JP2:OpenJPEG) GCC8.2.0",
    "DeviceSerialNumber": "0000000319335MR2",
    "EchoTime": 0.03,
    "EffectiveEchoSpacing": 0.00064,
    "FlipAngle": 80,
    "ImageOrientationPatientDICOM": [
      1,
      0,
      0,
      0,
      1,
      0
    ],
    "ImageType": [
      "ORIGINAL",
      "PRIMARY",
      "EPI",
      "NONE"
    ],
    "ImagingFrequency": 127.758,
    "InPlanePhaseEncodingDirectionDICOM": "COL",
    "InstitutionName": "Iowa_MRRF",
    "MRAcquisitionType": "2D",
    "MagneticFieldStrength": 3,
    "Manufacturer": "GE",
    "ManufacturersModelName": "DISCOVERY_MR750w",
    "Modality": "MR",
    "PatientPosition": "HFS",
    "PercentPhaseFOV": 100,
    "PhaseEncodingDirection": "j-",
    "PhaseEncodingPolarityGE": "Unflipped",
    "PixelBandwidth": 7812.5,
    "ProcedureStepDescription": "MH_EPIL",
    "ProtocolName": "REST",
    "ReconMatrixPE": 64,
    "RepetitionTime": 2.26,
    "SAR": 0.152197,
    "ScanOptions": "SAT_GEMS_EPI_GEMS_ACC_GEMS_FS",
    "ScanningSequence": "EP_GR",
    "SequenceVariant": "SS",
    "SeriesDescription": "REST",
    "SeriesNumber": 5,
    "SliceThickness": 4,
    "SliceTiming": [
      2.1846,
      1.0546,
      2.1093,
      0.9793,
      2.034,
      0.904,
      1.9586,
      0.8286,
      1.8833,
      0.7533,
      1.808,
      0.678,
      1.7326,
      0.6026,
      1.6573,
      0.5273,
      1.582,
      0.452,
      1.5066,
      0.3766,
      1.4313,
      0.3013,
      1.356,
      0.226,
      1.2806,
      0.1506,
      1.2053,
      0.0753,
      1.13,
      0
    ],
    "SoftwareVersions": "27_LX_MR_Software_release:DV25.1_R02_1649.a",
    "SpacingBetweenSlices": 4,
    "StationName": "Iowa3T",
    "TaskName": "rest",
    "TotalReadoutTime": 0.04032,
    "dataset": "ds002799",
    "modality": "bold",
    "run_id": 1,
    "session_id": "preop",
    "subject_id": "384",
    "task_id": "rest"
  },
  "dummy_trs": 0,
  "dvars_nstd": 46.29638043480619,
  "dvars_std": 1.3479830048837207,
  "dvars_vstd": 1.1606103116279072,
  "efc": 0.4896650575851856,
  "fber": 8856.458984375,
  "fd_mean": 0.5526089746313659,
  "fd_num": 114,
  "fd_perc": 87.6923076923077,
  "fwhm_avg": 2.4451905000000003,
  "fwhm_x": 2.3819956363636363,
  "fwhm_y": 2.6636683636363636,
  "fwhm_z": 2.2899075,
  "gcor": 0.12601,
  "gsr_x": -0.006642499472945929,
  "gsr_y": 0.031363196671009064,
  "provenance": {
    "md5sum": "1631a6f8fbd9b6a7f550ba305d94bbd9",
    "settings": {
      "fd_thres": 0.2,
      "testing": false
    },
    "software": "mriqc",
    "version": "21.0.0rc2",
    "webapi_port": null,
    "webapi_url": "https://mriqc.nimh.nih.gov/api/v1"
  },
  "size_t": 130,
  "size_x": 64,
  "size_y": 64,
  "size_z": 30,
  "snr": 4.783605406407849,
  "spacing_tr": 2.259999990463257,
  "spacing_x": 3.4375,
  "spacing_y": 3.4375,
  "spacing_z": 4.0,
  "summary_bg_k": 67.4087507296235,
  "summary_bg_mad": 18.874666154208374,
  "summary_bg_mean": 55.46086883544922,
  "summary_bg_median": 13.65384578704834,
  "summary_bg_n": 73828.0,
  "summary_bg_p05": 0.04615384712815285,
  "summary_bg_p95": 253.02576751708898,
  "summary_bg_stdv": 130.23609924316406,
  "summary_fg_k": 0.6848707208798954,
  "summary_fg_mad": 226.15384756268404,
  "summary_fg_mean": 1242.293701171875,
  "summary_fg_median": 1220.90380859375,
  "summary_fg_n": 21454.0,
  "summary_fg_p05": 853.8265594482422,
  "summary_fg_p95": 1705.0899780273435,
  "summary_fg_stdv": 255.2207489013672,
  "tsnr": 36.36199381726328
}