{
  "aor": 0.004174913793103448,
  "aqi": 0.010361748534482759,
  "bids_meta": {
    "AcquisitionMatrixPE": 72,
    "AcquisitionNumber": 1,
    "AcquisitionTime": "16:15:42.357500",
    "BandwidthPerPixelPhaseEncode": 23.946,
    "BaseResolution": 72,
    "BodyPartExamined": "BRAIN",
    "ConsistencyInfo": "N4_VE11A_LATEST_20140830",
    "ConversionSoftware": "dcm2niix",
    "ConversionSoftwareVersion": "v1.0.20171103 (OpenJPEG build) GCC6.3.0",
    "DelayTime": 0.1,
    "DerivedVendorReportedEchoSpacing": 0.000580009,
    "DeviceSerialNumber": "45685",
    "DwellTime": 3.6e-06,
    "EchoTime": 0.03,
    "EchoTrainLength": 72,
    "EffectiveEchoSpacing": 0.000580009,
    "FlipAngle": 90,
    "ImageOrientationPatientDICOM": [
      1,
      0,
      0,
      0,
      0.991216,
      -0.132256
    ],
    "ImageType": [
      "ORIGINAL",
      "PRIMARY",
      "M",
      "ND",
      "MOSAIC"
    ],
    "InPlanePhaseEncodingDirectionDICOM": "COL",
    "InstitutionAddress": "HAWKINS_DRIVE_200_IOWA_CITY_IOWA_US_52242",
    "InstitutionName": "UIHC_SKYRA",
    "InstitutionalDepartmentName": "Department",
    "MRAcquisitionType": "2D",
    "MagneticFieldStrength": 3,
    "Manufacturer": "Siemens",
    "ManufacturersModelName": "Skyra",
    "Modality": "MR",
    "PartialFourier": 1,
    "PatientPosition": "HFS",
    "PercentPhaseFOV": 100,
    "PhaseEncodingDirection": "j-",
    "PhaseEncodingSteps": 72,
    "PhaseResolution": 1,
    "PixelBandwidth": 1930,
    "ProcedureStepDescription": "RESEARCH_HOWARD",
    "ProtocolName": "ES-FMRI-NEW",
    "PulseSequenceDetails": "%SiemensSeq%_ep2d_pace",
    "ReceiveCoilActiveElements": "HE",
    "ReceiveCoilName": "Head_TxRx",
    "ReconMatrixPE": 72,
    "RepetitionTime": 3,
    "SAR": 0.119537,
    "ScanOptions": "FS",
    "ScanningSequence": "EP",
    "SequenceName": "_epfid2d1_72",
    "SequenceVariant": "SK",
    "SeriesDescription": "ES-FMRI-NEW",
    "SeriesNumber": 16,
    "ShimSetting": [
      -3858,
      -1429,
      -890,
      313,
      36,
      -34,
      576,
      74
    ],
    "SliceThickness": 3,
    "SliceTiming": [
      1.44,
      0,
      1.505,
      0.065,
      1.57,
      0.13,
      1.635,
      0.195,
      1.7,
      0.26,
      1.765,
      0.325,
      1.8325,
      0.3925,
      1.8975,
      0.4575,
      1.9625,
      0.5225,
      2.0275,
      0.5875,
      2.0925,
      0.6525,
      2.16,
      0.72,
      2.225,
      0.785,
      2.29,
      0.85,
      2.355,
      0.915,
      2.42,
      0.98,
      2.485,
      1.045,
      2.5525,
      1.1125,
      2.6175,
      1.1775,
      2.6825,
      1.2425,
      2.7475,
      1.3075,
      2.8125,
      1.3725
    ],
    "SoftwareVersions": "syngo_MR_E11",
    "SpacingBetweenSlices": 3,
    "StationName": "AWP45685",
    "TaskName": "es",
    "TotalReadoutTime": 0.0411806,
    "TxRefAmp": 215.903,
    "dataset": "ds002799",
    "modality": "bold",
    "run_id": 5,
    "session_id": "postop",
    "subject_id": "330",
    "task_id": "es"
  },
  "dummy_trs": 0,
  "dvars_nstd": 41.24728782454546,
  "dvars_std": 1.1912238163636357,
  "dvars_vstd": 1.042960232510822,
  "efc": 0.5269233945688415,
  "fber": 1428.1358642578125,
  "fd_mean": 0.23118726344972554,
  "fd_num": 105,
  "fd_perc": 45.258620689655174,
  "fwhm_avg": 1.9291372412078402,
  "fwhm_x": 1.8814581655063787,
  "fwhm_y": 2.0347068914504756,
  "fwhm_z": 1.8712466666666667,
  "gcor": 0.0328288,
  "gsr_x": -0.013518651947379112,
  "gsr_y": 0.04776547849178314,
  "provenance": {
    "md5sum": "c982a781ecc1871e52180b76a82b4c45",
    "settings": {
      "fd_thres": 0.2,
      "testing": false
    },
    "software": "mriqc",
    "version": "21.0.0rc2",
    "webapi_port": null,
    "webapi_url": "https://mriqc.nimh.nih.gov/api/v1"
  },
  "size_t": 232,
  "size_x": 72,
  "size_y": 72,
  "size_z": 44,
  "snr": 4.694711859031581,
  "spacing_tr": 3.0,
  "spacing_x": 3.055555582046509,
  "spacing_y": 3.055555582046509,
  "spacing_z": 3.0,
  "summary_bg_k": 87.34806016765022,
  "summary_bg_mad": 2.2878082545064857,
  "summary_bg_mean": 19.426265716552734,
  "summary_bg_median": 6.642241477966309,
  "summary_bg_n": 145869.0,
  "summary_bg_p05": 5.038793087005615,
  "summary_bg_p95": 76.58448028564456,
  "summary_bg_stdv": 38.45397186279297,
  "summary_fg_k": 1.3163036316978483,
  "summary_fg_mad": 50.421279885606396,
  "summary_fg_mean": 267.0970153808594,
  "summary_fg_median": 261.7241516113281,
  "summary_fg_n": 37084.0,
  "summary_fg_p05": 185.64418106079103,
  "summary_fg_p95": 362.50731506347654,
  "summary_fg_stdv": 55.747962951660156,
  "tsnr": 41.788670517737046
}