{
  "aor": 0.003954047619047619,
  "aqi": 0.009942531285714287,
  "bids_meta": {
    "AcquisitionMatrixPE": 70,
    "AcquisitionNumber": 1,
    "AcquisitionTime": "15:32:1.330000",
    "BandwidthPerPixelPhaseEncode": 23.81,
    "BaseResolution": 70,
    "BodyPartExamined": "BRAIN",
    "ConsistencyInfo": "N4_VE11A_LATEST_20140830",
    "ConversionSoftware": "dcm2niix",
    "ConversionSoftwareVersion": "v1.0.20171103 (OpenJPEG build) GCC6.3.0",
    "DelayTime": 0.5,
    "DerivedVendorReportedEchoSpacing": 0.000599988,
    "DeviceSerialNumber": "45685",
    "DwellTime": 3.8e-06,
    "EchoTime": 0.03,
    "EchoTrainLength": 70,
    "EffectiveEchoSpacing": 0.000599988,
    "FlipAngle": 90,
    "ImageOrientationPatientDICOM": [
      1,
      0,
      0,
      0,
      0.991216,
      -0.132256
    ],
    "ImageType": [
      "ORIGINAL",
      "PRIMARY",
      "M",
      "ND",
      "MOSAIC"
    ],
    "InPlanePhaseEncodingDirectionDICOM": "COL",
    "InstitutionAddress": "HAWKINS_DRIVE_200_IOWA_CITY_IOWA_US_52242",
    "InstitutionName": "UIHC_SKYRA",
    "InstitutionalDepartmentName": "Department",
    "MRAcquisitionType": "2D",
    "MagneticFieldStrength": 3,
    "Manufacturer": "Siemens",
    "ManufacturersModelName": "Skyra",
    "Modality": "MR",
    "PartialFourier": 1,
    "PatientPosition": "HFS",
    "PercentPhaseFOV": 100,
    "PhaseEncodingDirection": "j-",
    "PhaseEncodingSteps": 70,
    "PhaseResolution": 1,
    "PixelBandwidth": 1880,
    "ProcedureStepDescription": "RESEARCH_HOWARD",
    "ProtocolName": "ES-FMRI_FACE",
    "PulseSequenceDetails": "%SiemensSeq%_ep2d_pace",
    "ReceiveCoilActiveElements": "HE",
    "ReceiveCoilName": "Head_TxRx",
    "ReconMatrixPE": 70,
    "RepetitionTime": 3,
    "SAR": 0.101997,
    "ScanOptions": "FS",
    "ScanningSequence": "EP",
    "SequenceName": "_epfid2d1_70",
    "SequenceVariant": "SK",
    "SeriesDescription": "ES-FMRI_FACE",
    "SeriesNumber": 9,
    "ShimSetting": [
      -3847,
      -1412,
      -868,
      448,
      23,
      147,
      588,
      51
    ],
    "SliceThickness": 3,
    "SliceTiming": [
      0,
      1.275,
      0.0675,
      1.34,
      0.135,
      1.4075,
      0.2025,
      1.475,
      0.2675,
      1.5425,
      0.335,
      1.61,
      0.4025,
      1.675,
      0.47,
      1.7425,
      0.5375,
      1.81,
      0.605,
      1.8775,
      0.67,
      1.945,
      0.7375,
      2.01,
      0.805,
      2.0775,
      0.8725,
      2.145,
      0.94,
      2.2125,
      1.005,
      2.28,
      1.0725,
      2.3475,
      1.14,
      2.4125,
      1.2075
    ],
    "SoftwareVersions": "syngo_MR_E11",
    "SpacingBetweenSlices": 3,
    "StationName": "AWP45685",
    "TaskName": "es",
    "TotalReadoutTime": 0.0413992,
    "TxRefAmp": 217.316,
    "dataset": "ds002799",
    "modality": "bold",
    "run_id": 2,
    "session_id": "postop",
    "subject_id": "330",
    "task_id": "es"
  },
  "dummy_trs": 0,
  "dvars_nstd": 39.824724644832564,
  "dvars_std": 1.1504633211483264,
  "dvars_vstd": 1.0403495957416276,
  "efc": 0.5726197445207384,
  "fber": 1088.1192626953125,
  "fd_mean": 0.3152041204428975,
  "fd_num": 109,
  "fd_perc": 51.904761904761905,
  "fwhm_avg": 1.9058333807679497,
  "fwhm_x": 1.8840066666666668,
  "fwhm_y": 2.0428966666666666,
  "fwhm_z": 1.7905968089705155,
  "gcor": 0.0697708,
  "gsr_x": -0.015952955931425095,
  "gsr_y": 0.06348905712366104,
  "provenance": {
    "md5sum": "816ad199f931b9a1643a857fd6e1dc14",
    "settings": {
      "fd_thres": 0.2,
      "testing": false
    },
    "software": "mriqc",
    "version": "21.0.0rc2",
    "webapi_port": null,
    "webapi_url": "https://mriqc.nimh.nih.gov/api/v1"
  },
  "size_t": 210,
  "size_x": 70,
  "size_y": 70,
  "size_z": 37,
  "snr": 4.704331607514436,
  "spacing_tr": 3.0,
  "spacing_x": 3.0,
  "spacing_y": 3.0,
  "spacing_z": 2.999999761581421,
  "summary_bg_k": 96.56771745692988,
  "summary_bg_mad": 3.289964815242362,
  "summary_bg_mean": 22.733556747436523,
  "summary_bg_median": 7.614285945892334,
  "summary_bg_n": 104414.0,
  "summary_bg_p05": 5.319047927856445,
  "summary_bg_p95": 90.24452514648434,
  "summary_bg_stdv": 45.532875061035156,
  "summary_fg_k": 1.3219025524206067,
  "summary_fg_mad": 52.62534309273446,
  "summary_fg_mean": 276.1977844238281,
  "summary_fg_median": 271.0381164550781,
  "summary_fg_n": 36847.0,
  "summary_fg_p05": 191.1533416748047,
  "summary_fg_p95": 373.60809936523435,
  "summary_fg_stdv": 57.61380386352539,
  "tsnr": 39.76612279191613
}