{
  "aor": 0.0015479230769230772,
  "aqi": 0.0029756067692307694,
  "bids_meta": {
    "AcquisitionMatrixPE": 64,
    "AcquisitionNumber": 1,
    "AcquisitionTime": "12:26:19.000000",
    "ConversionSoftware": "dcm2niix",
    "ConversionSoftwareVersion": "v1.0.20180622 GCC7.3.0",
    "DeviceSerialNumber": "0000000319335MR2",
    "EchoTime": 0.03,
    "EffectiveEchoSpacing": 0.00064,
    "FlipAngle": 80,
    "ImageOrientationPatientDICOM": [
      1,
      0,
      0,
      0,
      1,
      0
    ],
    "ImageType": [
      "ORIGINAL",
      "PRIMARY",
      "EPI",
      "NONE"
    ],
    "InPlanePhaseEncodingDirectionDICOM": "COL",
    "InstitutionName": "Iowa_MRRF",
    "MRAcquisitionType": "2D",
    "MagneticFieldStrength": 3,
    "Manufacturer": "GE",
    "ManufacturersModelName": "DISCOVERY_MR750w",
    "Modality": "MR",
    "PatientPosition": "HFS",
    "PercentPhaseFOV": 100,
    "PhaseEncodingAxis": "j",
    "PixelBandwidth": 7812.5,
    "ProcedureStepDescription": "MH_EPIL",
    "ProtocolName": "REST",
    "ReconMatrixPE": 64,
    "RepetitionTime": 2.26,
    "SAR": 0.156669,
    "ScanOptions": "SAT_GEMS_EPI_GEMS_ACC_GEMS_FS",
    "ScanningSequence": "EP_GR",
    "SequenceVariant": "SS",
    "SeriesDescription": "REST",
    "SeriesNumber": 5,
    "SliceThickness": 4,
    "SoftwareVersions": "25_LX_MR_Software_release:DV25.0_R02_1549.b",
    "SpacingBetweenSlices": 4,
    "StationName": "Iowa3T",
    "TaskName": "rest",
    "TotalReadoutTime": 0.04032,
    "dataset": "ds002799",
    "modality": "bold",
    "run_id": 1,
    "session_id": "preop",
    "subject_id": "372",
    "task_id": "rest"
  },
  "dummy_trs": 0,
  "dvars_nstd": 18.101440526046513,
  "dvars_std": 1.2070570124031008,
  "dvars_vstd": 0.9907015982170543,
  "efc": 0.5148998626324415,
  "fber": 8112.20849609375,
  "fd_mean": 0.09806537909487337,
  "fd_num": 9,
  "fd_perc": 6.923076923076923,
  "fwhm_avg": 2.5917397727272724,
  "fwhm_x": 2.5413381818181815,
  "fwhm_y": 2.7458036363636364,
  "fwhm_z": 2.4880775,
  "gcor": 0.0740106,
  "gsr_x": -0.010957576334476471,
  "gsr_y": 0.0376022644340992,
  "provenance": {
    "md5sum": "5f6cd88209823a5859ac6b1d0e977a58",
    "settings": {
      "fd_thres": 0.2,
      "testing": false
    },
    "software": "mriqc",
    "version": "21.0.0rc2",
    "webapi_port": null,
    "webapi_url": "https://mriqc.nimh.nih.gov/api/v1"
  },
  "size_t": 130,
  "size_x": 64,
  "size_y": 64,
  "size_z": 30,
  "snr": 3.87795034267773,
  "spacing_tr": 2.259999990463257,
  "spacing_x": 3.4375,
  "spacing_y": 3.4375,
  "spacing_z": 4.0,
  "summary_bg_k": 66.01479156923583,
  "summary_bg_mad": 23.59618392802677,
  "summary_bg_mean": 67.3688735961914,
  "summary_bg_median": 16.39230728149414,
  "summary_bg_n": 70082.0,
  "summary_bg_p05": 0.007692307699471712,
  "summary_bg_p95": 305.6315353393551,
  "summary_bg_stdv": 148.7384033203125,
  "summary_fg_k": 1.3782108705650549,
  "summary_fg_mad": 308.654905803948,
  "summary_fg_mean": 1406.1668701171875,
  "summary_fg_median": 1355.199951171875,
  "summary_fg_n": 25133.0,
  "summary_fg_p05": 931.7123168945312,
  "summary_fg_p95": 2067.2999999999993,
  "summary_fg_stdv": 349.45599365234375,
  "tsnr": 82.7771435873583
}