{
  "aor": 0.002056846153846154,
  "aqi": 0.0041171328461538466,
  "bids_meta": {
    "AcquisitionMatrixPE": 64,
    "AcquisitionNumber": 1,
    "AcquisitionTime": "12:39:2.000000",
    "ConversionSoftware": "dcm2niix",
    "ConversionSoftwareVersion": "v1.0.20180622 GCC7.3.0",
    "DeviceSerialNumber": "0000000319335MR2",
    "EchoTime": 0.03,
    "EffectiveEchoSpacing": 0.00064,
    "FlipAngle": 80,
    "ImageOrientationPatientDICOM": [
      1,
      0,
      0,
      0,
      1,
      0
    ],
    "ImageType": [
      "ORIGINAL",
      "PRIMARY",
      "EPI",
      "NONE"
    ],
    "InPlanePhaseEncodingDirectionDICOM": "COL",
    "InstitutionName": "Iowa_MRRF",
    "MRAcquisitionType": "2D",
    "MagneticFieldStrength": 3,
    "Manufacturer": "GE",
    "ManufacturersModelName": "DISCOVERY_MR750w",
    "Modality": "MR",
    "PatientPosition": "HFS",
    "PercentPhaseFOV": 100,
    "PhaseEncodingAxis": "j",
    "PixelBandwidth": 7812.5,
    "ProcedureStepDescription": "MH_EPIL",
    "ProtocolName": "REST",
    "ReconMatrixPE": 64,
    "RepetitionTime": 2.26,
    "SAR": 0.156669,
    "ScanOptions": "SAT_GEMS_EPI_GEMS_ACC_GEMS_FS",
    "ScanningSequence": "EP_GR",
    "SequenceVariant": "SS",
    "SeriesDescription": "REST",
    "SeriesNumber": 7,
    "SliceThickness": 4,
    "SoftwareVersions": "25_LX_MR_Software_release:DV25.0_R02_1549.b",
    "SpacingBetweenSlices": 4,
    "StationName": "Iowa3T",
    "TaskName": "rest",
    "TotalReadoutTime": 0.04032,
    "dataset": "ds002799",
    "modality": "bold",
    "run_id": 2,
    "session_id": "preop",
    "subject_id": "372",
    "task_id": "rest"
  },
  "dummy_trs": 0,
  "dvars_nstd": 20.041488455193807,
  "dvars_std": 1.215603568604652,
  "dvars_vstd": 0.9922294339534886,
  "efc": 0.5153722766159267,
  "fber": 7773.8310546875,
  "fd_mean": 0.11298683962054855,
  "fd_num": 13,
  "fd_perc": 10.0,
  "fwhm_avg": 2.597718075757576,
  "fwhm_x": 2.5524887272727272,
  "fwhm_y": 2.749568,
  "fwhm_z": 2.4910975,
  "gcor": 0.0637146,
  "gsr_x": -0.009941484779119492,
  "gsr_y": 0.039131201803684235,
  "provenance": {
    "md5sum": "45854c076605d866acf75cda1d09f853",
    "settings": {
      "fd_thres": 0.2,
      "testing": false
    },
    "software": "mriqc",
    "version": "21.0.0rc2",
    "webapi_port": null,
    "webapi_url": "https://mriqc.nimh.nih.gov/api/v1"
  },
  "size_t": 130,
  "size_x": 64,
  "size_y": 64,
  "size_z": 30,
  "snr": 3.836435651069994,
  "spacing_tr": 2.259999990463257,
  "spacing_x": 3.4375,
  "spacing_y": 3.4375,
  "spacing_z": 4.0,
  "summary_bg_k": 62.483108126123994,
  "summary_bg_mad": 23.892706077268475,
  "summary_bg_mean": 67.77739715576172,
  "summary_bg_median": 16.69230842590332,
  "summary_bg_n": 69931.0,
  "summary_bg_p05": 0.015384615398943424,
  "summary_bg_p95": 308.3538513183594,
  "summary_bg_stdv": 148.7928924560547,
  "summary_fg_k": 1.3370264911153882,
  "summary_fg_mad": 312.1561780841249,
  "summary_fg_mean": 1398.76513671875,
  "summary_fg_median": 1348.34619140625,
  "summary_fg_n": 25215.0,
  "summary_fg_p05": 918.8746276855469,
  "summary_fg_p95": 2062.01845703125,
  "summary_fg_stdv": 351.4510803222656,
  "tsnr": 72.68252679496072
}