{
  "aor": 0.0006813809523809524,
  "aqi": 0.008008649285714287,
  "bids_meta": {
    "AcquisitionMatrixPE": 68,
    "AcquisitionNumber": 1,
    "AcquisitionTime": "19:27:1.510000",
    "BandwidthPerPixelPhaseEncode": 25.355,
    "BaseResolution": 68,
    "BodyPartExamined": "BRAIN",
    "ConsistencyInfo": "N4_VD13C_LATEST_20121124",
    "ConversionSoftware": "dcm2niix",
    "ConversionSoftwareVersion": "v1.0.20171103 (OpenJPEG build) GCC6.3.0",
    "DelayTime": 0.1,
    "DerivedVendorReportedEchoSpacing": 0.000579999,
    "DeviceSerialNumber": "45685",
    "DwellTime": 3.8e-06,
    "EchoTime": 0.03,
    "EchoTrainLength": 68,
    "EffectiveEchoSpacing": 0.000579999,
    "FlipAngle": 90,
    "ImageOrientationPatientDICOM": [
      1,
      0,
      0,
      0,
      0.906308,
      -0.422618
    ],
    "ImageType": [
      "ORIGINAL",
      "PRIMARY",
      "M",
      "ND",
      "MOSAIC"
    ],
    "InPlanePhaseEncodingDirectionDICOM": "COL",
    "InstitutionAddress": "HAWKINS_DRIVE_200_IOWA_CITY_IOWA_US_52242",
    "InstitutionName": "UIHC",
    "InstitutionalDepartmentName": "Department",
    "MRAcquisitionType": "2D",
    "MagneticFieldStrength": 3,
    "Manufacturer": "Siemens",
    "ManufacturersModelName": "Skyra",
    "Modality": "MR",
    "PartialFourier": 1,
    "PatientPosition": "HFS",
    "PercentPhaseFOV": 100,
    "PhaseEncodingDirection": "j-",
    "PhaseEncodingSteps": 68,
    "PhaseResolution": 1,
    "PixelBandwidth": 1935,
    "ProcedureStepDescription": "RESEARCH_HOWARD",
    "ProtocolName": "ES-FMRI",
    "PulseSequenceDetails": "%SiemensSeq%_ep2d_pace",
    "ReceiveCoilActiveElements": "HE",
    "ReceiveCoilName": "Head_TxRx",
    "ReconMatrixPE": 68,
    "RepetitionTime": 3,
    "SAR": 0.167457,
    "ScanOptions": "FS",
    "ScanningSequence": "EP",
    "SequenceName": "_epfid2d1_68",
    "SequenceVariant": "SK",
    "SeriesDescription": "ES-FMRI",
    "SeriesNumber": 9,
    "ShimSetting": [
      -3889,
      -1222,
      -851,
      406,
      281,
      89,
      -206,
      -31
    ],
    "SliceThickness": 3,
    "SliceTiming": [
      1.44,
      0,
      1.505,
      0.065,
      1.57,
      0.13,
      1.635,
      0.195,
      1.7,
      0.26,
      1.7675,
      0.3275,
      1.8325,
      0.3925,
      1.8975,
      0.4575,
      1.9625,
      0.5225,
      2.0275,
      0.5875,
      2.0925,
      0.6525,
      2.16,
      0.72,
      2.225,
      0.785,
      2.29,
      0.85,
      2.355,
      0.915,
      2.42,
      0.98,
      2.485,
      1.0475,
      2.5525,
      1.1125,
      2.6175,
      1.1775,
      2.6825,
      1.2425,
      2.7475,
      1.3075,
      2.8125,
      1.3725
    ],
    "SoftwareVersions": "syngo_MR_D13C",
    "SpacingBetweenSlices": 3,
    "StationName": "AWP45685",
    "TaskName": "es",
    "TotalReadoutTime": 0.03886,
    "TxRefAmp": 211.149,
    "dataset": "ds002799",
    "modality": "bold",
    "run_id": 3,
    "session_id": "postop",
    "subject_id": "307",
    "task_id": "es"
  },
  "dummy_trs": 0,
  "dvars_nstd": 35.34432475990433,
  "dvars_std": 1.1678063600478474,
  "dvars_vstd": 1.0198638058851672,
  "efc": 0.5410916911156315,
  "fber": 1447.758544921875,
  "fd_mean": 0.250162305203639,
  "fd_num": 113,
  "fd_perc": 53.80952380952381,
  "fwhm_avg": 2.0686374879408334,
  "fwhm_x": 1.9629436448727677,
  "fwhm_y": 2.145121985561179,
  "fwhm_z": 2.097846833388554,
  "gcor": 0.0453135,
  "gsr_x": 0.023545026779174805,
  "gsr_y": 0.014470047317445278,
  "provenance": {
    "md5sum": "9c93c7bdfad41d7a0f6347476eb4d99f",
    "settings": {
      "fd_thres": 0.2,
      "testing": false
    },
    "software": "mriqc",
    "version": "21.0.0rc2",
    "webapi_port": null,
    "webapi_url": "https://mriqc.nimh.nih.gov/api/v1"
  },
  "size_t": 210,
  "size_x": 68,
  "size_y": 68,
  "size_z": 44,
  "snr": 5.056351346587609,
  "spacing_tr": 3.0,
  "spacing_x": 3.2352941036224365,
  "spacing_y": 3.2352938652038574,
  "spacing_z": 2.999999761581421,
  "summary_bg_k": 29.422107512466674,
  "summary_bg_mad": 2.9087247093430944,
  "summary_bg_mean": 21.54113006591797,
  "summary_bg_median": 6.547619342803955,
  "summary_bg_n": 128017.0,
  "summary_bg_p05": 4.514286041259766,
  "summary_bg_p95": 90.2209533691406,
  "summary_bg_stdv": 42.307769775390625,
  "summary_fg_k": 1.7766867889765505,
  "summary_fg_mad": 45.480580837577214,
  "summary_fg_mean": 259.79644775390625,
  "summary_fg_median": 257.0595397949219,
  "summary_fg_n": 34718.0,
  "summary_fg_p05": 181.15214920043945,
  "summary_fg_p95": 342.5157409667969,
  "summary_fg_stdv": 50.83820724487305,
  "tsnr": 46.70699726534076
}