{
  "aor": 0.0006729047619047618,
  "aqi": 0.007491708095238097,
  "bids_meta": {
    "AcquisitionMatrixPE": 68,
    "AcquisitionNumber": 1,
    "AcquisitionTime": "19:57:0.152500",
    "BandwidthPerPixelPhaseEncode": 25.355,
    "BaseResolution": 68,
    "BodyPartExamined": "BRAIN",
    "ConsistencyInfo": "N4_VD13C_LATEST_20121124",
    "ConversionSoftware": "dcm2niix",
    "ConversionSoftwareVersion": "v1.0.20171103 (OpenJPEG build) GCC6.3.0",
    "DelayTime": 0.1,
    "DerivedVendorReportedEchoSpacing": 0.000579999,
    "DeviceSerialNumber": "45685",
    "DwellTime": 3.8e-06,
    "EchoTime": 0.03,
    "EchoTrainLength": 68,
    "EffectiveEchoSpacing": 0.000579999,
    "FlipAngle": 90,
    "ImageOrientationPatientDICOM": [
      1,
      0,
      0,
      0,
      0.906308,
      -0.422618
    ],
    "ImageType": [
      "ORIGINAL",
      "PRIMARY",
      "M",
      "ND",
      "MOSAIC"
    ],
    "InPlanePhaseEncodingDirectionDICOM": "COL",
    "InstitutionAddress": "HAWKINS_DRIVE_200_IOWA_CITY_IOWA_US_52242",
    "InstitutionName": "UIHC",
    "InstitutionalDepartmentName": "Department",
    "MRAcquisitionType": "2D",
    "MagneticFieldStrength": 3,
    "Manufacturer": "Siemens",
    "ManufacturersModelName": "Skyra",
    "Modality": "MR",
    "PartialFourier": 1,
    "PatientPosition": "HFS",
    "PercentPhaseFOV": 100,
    "PhaseEncodingDirection": "j-",
    "PhaseEncodingSteps": 68,
    "PhaseResolution": 1,
    "PixelBandwidth": 1935,
    "ProcedureStepDescription": "RESEARCH_HOWARD",
    "ProtocolName": "ES-FMRI",
    "PulseSequenceDetails": "%SiemensSeq%_ep2d_pace",
    "ReceiveCoilActiveElements": "HE",
    "ReceiveCoilName": "Head_TxRx",
    "ReconMatrixPE": 68,
    "RepetitionTime": 3,
    "SAR": 0.167457,
    "ScanOptions": "FS",
    "ScanningSequence": "EP",
    "SequenceName": "_epfid2d1_68",
    "SequenceVariant": "SK",
    "SeriesDescription": "ES-FMRI",
    "SeriesNumber": 13,
    "ShimSetting": [
      -3889,
      -1222,
      -851,
      406,
      281,
      89,
      -206,
      -31
    ],
    "SliceThickness": 3,
    "SliceTiming": [
      1.44,
      0,
      1.505,
      0.065,
      1.57,
      0.13,
      1.635,
      0.195,
      1.7,
      0.26,
      1.765,
      0.325,
      1.8325,
      0.3925,
      1.8975,
      0.4575,
      1.9625,
      0.5225,
      2.0275,
      0.5875,
      2.0925,
      0.6525,
      2.1575,
      0.72,
      2.225,
      0.785,
      2.29,
      0.85,
      2.355,
      0.915,
      2.42,
      0.98,
      2.485,
      1.045,
      2.5525,
      1.1125,
      2.6175,
      1.1775,
      2.6825,
      1.2425,
      2.7475,
      1.3075,
      2.8125,
      1.3725
    ],
    "SoftwareVersions": "syngo_MR_D13C",
    "SpacingBetweenSlices": 3,
    "StationName": "AWP45685",
    "TaskName": "es",
    "TotalReadoutTime": 0.03886,
    "TxRefAmp": 211.149,
    "dataset": "ds002799",
    "modality": "bold",
    "run_id": 5,
    "session_id": "postop",
    "subject_id": "307",
    "task_id": "es"
  },
  "dummy_trs": 0,
  "dvars_nstd": 37.028429424019116,
  "dvars_std": 1.1652778225837326,
  "dvars_vstd": 1.0159328233014358,
  "efc": 0.5418787457487495,
  "fber": 1359.140625,
  "fd_mean": 0.28427267023041697,
  "fd_num": 120,
  "fd_perc": 57.142857142857146,
  "fwhm_avg": 2.0599262754434293,
  "fwhm_x": 1.9501472811809337,
  "fwhm_y": 2.1542247135441728,
  "fwhm_z": 2.0754068316051826,
  "gcor": 0.0606327,
  "gsr_x": 0.02083229459822178,
  "gsr_y": 0.017256487160921097,
  "provenance": {
    "md5sum": "47de14a65af2090bd30320fde00be3e2",
    "settings": {
      "fd_thres": 0.2,
      "testing": false
    },
    "software": "mriqc",
    "version": "21.0.0rc2",
    "webapi_port": null,
    "webapi_url": "https://mriqc.nimh.nih.gov/api/v1"
  },
  "size_t": 210,
  "size_x": 68,
  "size_y": 68,
  "size_z": 44,
  "snr": 4.9267434099116105,
  "spacing_tr": 3.0,
  "spacing_x": 3.2352941036224365,
  "spacing_y": 3.2352938652038574,
  "spacing_z": 2.999999761581421,
  "summary_bg_k": 28.24527279402868,
  "summary_bg_mad": 3.1346450339351892,
  "summary_bg_mean": 21.752595901489258,
  "summary_bg_median": 6.642857551574707,
  "summary_bg_n": 128610.0,
  "summary_bg_p05": 4.452381134033203,
  "summary_bg_p95": 93.34595603942854,
  "summary_bg_stdv": 41.90971374511719,
  "summary_fg_k": 2.2584185748293546,
  "summary_fg_mad": 44.11802605364956,
  "summary_fg_mean": 254.55267333984375,
  "summary_fg_median": 251.7714385986328,
  "summary_fg_n": 34427.0,
  "summary_fg_p05": 176.72333984375,
  "summary_fg_p95": 337.2133422851562,
  "summary_fg_stdv": 51.102272033691406,
  "tsnr": 46.55034778825939
}