{
  "bids_meta": {
    "AcquisitionMatrixPE": 256,
    "AcquisitionNumber": 1,
    "AcquisitionTime": "15:14:6.000000",
    "BodyPartExamined": "HEAD",
    "ConversionSoftware": "dcm2niix",
    "ConversionSoftwareVersion": "v1.0.20171103 (OpenJPEG build) GCC6.3.0",
    "DeviceSerialNumber": "0000000319335MR2",
    "EchoTime": 0.003288,
    "FlipAngle": 12,
    "ImageOrientationPatientDICOM": [
      1,
      0,
      0,
      0,
      0,
      -1
    ],
    "ImageType": [
      "DERIVED",
      "PRIMARY",
      "OTHER"
    ],
    "InPlanePhaseEncodingDirectionDICOM": "ROW",
    "InstitutionName": "Iowa_MRRF",
    "InversionTime": 0.45,
    "MRAcquisitionType": "3D",
    "MagneticFieldStrength": 3,
    "Manufacturer": "GE",
    "ManufacturersModelName": "DISCOVERY_MR750w",
    "Modality": "MR",
    "PatientPosition": "HFS",
    "PercentPhaseFOV": 100,
    "PixelBandwidth": 244.141,
    "ProcedureStepDescription": "MH_EPIL",
    "ProtocolName": "PU:Cor_FSPGR_BRAVO",
    "RawImage": true,
    "ReconMatrixPE": 256,
    "RepetitionTime": 0.008504,
    "SAR": 0.111415,
    "ScanOptions": "FAST_GEMS_EDR_GEMS_FILTERED_GEMS_ACC_GEMS",
    "ScanningSequence": "GR",
    "SequenceVariant": "SS_SK",
    "SeriesDescription": "PU:Cor_FSPGR_BRAVO",
    "SeriesNumber": 600,
    "SliceThickness": 0.8,
    "SoftwareVersions": "27_LX_MR_Software_release:DV25.1_R02_1649.a",
    "SpacingBetweenSlices": 0.8,
    "StationName": "Iowa3T",
    "dataset": "ds002799",
    "modality": "T1w",
    "session_id": "preop",
    "subject_id": "405"
  },
  "cjv": 0.3596207051095797,
  "cnr": 3.302118091298719,
  "efc": 0.7113367233715028,
  "fber": 3704.2165728423392,
  "fwhm_avg": 3.49173922958569,
  "fwhm_x": 3.39672,
  "fwhm_y": 3.965147688757069,
  "fwhm_z": 3.11335,
  "icvs_csf": 0.18635300194498022,
  "icvs_gm": 0.4594881135045859,
  "icvs_wm": 0.3541588845504339,
  "inu_med": 1.3988585472106934,
  "inu_range": 0.37079478502273533,
  "provenance": {
    "md5sum": "2a8fa01d55fe2e3cb71e2fcc91b3ca6d",
    "settings": {
      "testing": false
    },
    "software": "mriqc",
    "version": "21.0.0rc2",
    "warnings": {
      "large_rot_frame": true,
      "small_air_mask": false
    },
    "webapi_port": null,
    "webapi_url": "https://mriqc.nimh.nih.gov/api/v1"
  },
  "qi_1": 0.0,
  "qi_2": 0.0022585027038826084,
  "rpve_csf": 30.900991927051443,
  "rpve_gm": 14.078415959269103,
  "rpve_wm": 21.054435977937185,
  "size_x": 256,
  "size_y": 252,
  "size_z": 256,
  "snr_csf": 2.911275819233135,
  "snr_gm": 11.036156983984712,
  "snr_total": 10.350854770993067,
  "snr_wm": 17.10513150976135,
  "snrd_csf": 14.388061328128043,
  "snrd_gm": 31.224392066728175,
  "snrd_total": 30.26100800602208,
  "snrd_wm": 45.17057062321003,
  "spacing_x": 1.0,
  "spacing_y": 0.7999954223632812,
  "spacing_z": 1.0,
  "summary_bg_k": 1.0842259067238125,
  "summary_bg_mad": 14.503610548300477,
  "summary_bg_mean": 31.88282875733092,
  "summary_bg_median": 11.96377793699503,
  "summary_bg_n": 1512015.0,
  "summary_bg_p05": 1.1236697509884834,
  "summary_bg_p95": 109.6569480523467,
  "summary_bg_stdv": 37.43213517690413,
  "summary_csf_k": 0.7748220732140649,
  "summary_csf_mad": 96.08641988249066,
  "summary_csf_mean": 336.0123441461973,
  "summary_csf_median": 318.52732529491186,
  "summary_csf_n": 15524.0,
  "summary_csf_p05": 177.69184656366707,
  "summary_csf_p95": 534.7346050292253,
  "summary_csf_stdv": 109.4080690794115,
  "summary_gm_k": 0.6160744191779273,
  "summary_gm_mad": 57.42645798178432,
  "summary_gm_mean": 694.5513549338554,
  "summary_gm_median": 691.2551915198565,
  "summary_gm_n": 41725.0,
  "summary_gm_p05": 597.9906021878123,
  "summary_gm_p95": 804.7326167255637,
  "summary_gm_stdv": 62.63474767601543,
  "summary_wm_k": 1.1070359464950226,
  "summary_wm_mad": 53.60456060757,
  "summary_wm_mean": 1000.6842960402635,
  "summary_wm_median": 999.9999801591039,
  "summary_wm_n": 235310.0,
  "summary_wm_p05": 905.6778192967176,
  "summary_wm_p95": 1096.5033823028207,
  "summary_wm_stdv": 58.46186302219597,
  "tpm_overlap_csf": 0.16392439603805542,
  "tpm_overlap_gm": 0.434829443693161,
  "tpm_overlap_wm": 0.46867701411247253,
  "wm2max": 0.40636583400483484
}