{
  "bids_meta": {
    "AcquisitionMatrixPE": 256,
    "AcquisitionNumber": 1,
    "AcquisitionTime": "15:44:37.000000",
    "BodyPartExamined": "HEAD",
    "ConversionSoftware": "dcm2niix",
    "ConversionSoftwareVersion": "v1.0.20171103 (OpenJPEG build) GCC6.3.0",
    "DeviceSerialNumber": "0000000319335MR2",
    "EchoTime": 0.080043,
    "EchoTrainLength": 140,
    "FlipAngle": 90,
    "ImageOrientationPatientDICOM": [
      0,
      1,
      0,
      0,
      0,
      -1
    ],
    "ImageType": [
      "DERIVED",
      "PRIMARY",
      "OTHER"
    ],
    "InPlanePhaseEncodingDirectionDICOM": "ROW",
    "InstitutionName": "Iowa_MRRF",
    "MRAcquisitionType": "3D",
    "MagneticFieldStrength": 3,
    "Manufacturer": "GE",
    "ManufacturersModelName": "DISCOVERY_MR750w",
    "Modality": "MR",
    "PatientPosition": "HFS",
    "PercentPhaseFOV": 100,
    "PixelBandwidth": 976.562,
    "ProcedureStepDescription": "MH_EPIL",
    "ProtocolName": "PU:CUBE_T2_Sagittal",
    "RawImage": true,
    "ReconMatrixPE": 256,
    "RepetitionTime": 3.2,
    "SAR": 0.391799,
    "ScanOptions": "EDR_GEMS_FILTERED_GEMS_ACC_GEMS",
    "ScanningSequence": "SE",
    "SequenceVariant": "SK",
    "SeriesDescription": "PU:CUBE_T2_Sagittal",
    "SeriesNumber": 1000,
    "SliceThickness": 1,
    "SoftwareVersions": "27_LX_MR_Software_release:DV25.1_R02_1649.a",
    "SpacingBetweenSlices": 1,
    "StationName": "Iowa3T",
    "dataset": "ds002799",
    "modality": "T2w",
    "session_id": "preop",
    "subject_id": "405"
  },
  "cjv": 0.44172425391012776,
  "cnr": 3.1363488688077403,
  "efc": 0.705789501582545,
  "fber": 427.9376442726787,
  "fwhm_avg": 2.6640366666666666,
  "fwhm_x": 2.60035,
  "fwhm_y": 2.88029,
  "fwhm_z": 2.51147,
  "icvs_csf": 0.16817826485136939,
  "icvs_gm": 0.45676687108693953,
  "icvs_wm": 0.3750548640616911,
  "inu_med": 1.1483622789382935,
  "inu_range": 0.21469546556472774,
  "provenance": {
    "md5sum": "ea215f4fe540f34e1d64b10359f3022e",
    "settings": {
      "testing": false
    },
    "software": "mriqc",
    "version": "21.0.0rc2",
    "warnings": {
      "large_rot_frame": true,
      "small_air_mask": false
    },
    "webapi_port": null,
    "webapi_url": "https://mriqc.nimh.nih.gov/api/v1"
  },
  "qi_1": 0.0,
  "qi_2": 0.0036706104528995997,
  "rpve_csf": 30.1042141933129,
  "rpve_gm": 11.935110534974037,
  "rpve_wm": 15.69174153974054,
  "size_x": 172,
  "size_y": 256,
  "size_z": 256,
  "snr_csf": 4.960182985115344,
  "snr_gm": 9.320631885411268,
  "snr_total": 8.296471984746246,
  "snr_wm": 10.608601083712124,
  "snrd_csf": 74.73221774272916,
  "snrd_gm": 30.497629719947188,
  "snrd_total": 41.31121510119261,
  "snrd_wm": 18.70379784090149,
  "spacing_x": 1.0,
  "spacing_y": 1.0,
  "spacing_z": 1.0,
  "summary_bg_k": 18.764679471300315,
  "summary_bg_mad": 35.030530015227406,
  "summary_bg_mean": 37.67527272003097,
  "summary_bg_median": 35.699544847011566,
  "summary_bg_n": 743517.0,
  "summary_bg_p05": 5.984316766262054,
  "summary_bg_p95": 89.76475149393082,
  "summary_bg_stdv": 30.52105699758189,
  "summary_csf_k": 2.891627560669675,
  "summary_csf_mad": 545.650220804874,
  "summary_csf_mean": 3788.514711766336,
  "summary_csf_median": 3995.9759317338467,
  "summary_csf_n": 37657.0,
  "summary_csf_p05": 2165.063899308443,
  "summary_csf_p95": 4707.181026041508,
  "summary_csf_stdv": 805.5998913402675,
  "summary_gm_k": -0.3505498633451758,
  "summary_gm_mad": 188.46119204698763,
  "summary_gm_mean": 1627.2688361967985,
  "summary_gm_median": 1630.7263188064098,
  "summary_gm_n": 50743.0,
  "summary_gm_p05": 1342.6536910235882,
  "summary_gm_p95": 1907.55255818367,
  "summary_gm_stdv": 174.95704908099106,
  "summary_wm_k": 0.3532312629497718,
  "summary_wm_mad": 90.10035886012639,
  "summary_wm_mean": 995.6186441383305,
  "summary_wm_median": 1000.1031450927258,
  "summary_wm_n": 175920.0,
  "summary_wm_p05": 833.1561839953066,
  "summary_wm_p95": 1142.7981466054916,
  "summary_wm_stdv": 94.2725902032481,
  "tpm_overlap_csf": 0.15151432156562805,
  "tpm_overlap_gm": 0.43780627846717834,
  "tpm_overlap_wm": 0.4834023118019104,
  "wm2max": 0.20321221423439534
}