{
  "aor": 0.00150365,
  "aqi": 0.0239686265,
  "bids_meta": {
    "AcquisitionMatrixPE": 68,
    "AcquisitionNumber": 1,
    "AcquisitionTime": "15:10:19.982500",
    "BandwidthPerPixelPhaseEncode": 25.355,
    "BaseResolution": 68,
    "BodyPartExamined": "HEAD",
    "ConsistencyInfo": "N4_VD13C_LATEST_20121124",
    "ConversionSoftware": "dcm2niix",
    "ConversionSoftwareVersion": "v1.0.20171103 (OpenJPEG build) GCC6.3.0",
    "DelayTime": 0.1,
    "DerivedVendorReportedEchoSpacing": 0.000579999,
    "DeviceSerialNumber": "45685",
    "DwellTime": 3.8e-06,
    "EchoTime": 0.03,
    "EchoTrainLength": 68,
    "EffectiveEchoSpacing": 0.000579999,
    "FlipAngle": 90,
    "ImageOrientationPatientDICOM": [
      1,
      0,
      0,
      0,
      1,
      0
    ],
    "ImageType": [
      "ORIGINAL",
      "PRIMARY",
      "M",
      "ND",
      "MOSAIC"
    ],
    "InPlanePhaseEncodingDirectionDICOM": "COL",
    "InstitutionAddress": "HAWKINS_DRIVE_200_IOWA_CITY_IOWA_US_52242",
    "InstitutionName": "UIHC_SKYRA",
    "InstitutionalDepartmentName": "Department",
    "MRAcquisitionType": "2D",
    "MagneticFieldStrength": 3,
    "Manufacturer": "Siemens",
    "ManufacturersModelName": "Skyra",
    "Modality": "MR",
    "PartialFourier": 1,
    "PatientPosition": "HFS",
    "PercentPhaseFOV": 100,
    "PhaseEncodingDirection": "j-",
    "PhaseEncodingSteps": 68,
    "PhaseResolution": 1,
    "PixelBandwidth": 1935,
    "ProcedureStepDescription": "RESEARCH_HOWARD",
    "ProtocolName": "ES-FMRI-V3",
    "PulseSequenceDetails": "%SiemensSeq%_ep2d_pace",
    "ReceiveCoilActiveElements": "HE",
    "ReceiveCoilName": "Head_TxRx",
    "ReconMatrixPE": 68,
    "RepetitionTime": 3,
    "SAR": 0.0651826,
    "ScanOptions": "FS",
    "ScanningSequence": "EP",
    "SequenceName": "_epfid2d1_68",
    "SequenceVariant": "SK",
    "SeriesDescription": "ES-FMRI-V3",
    "SeriesNumber": 4,
    "ShimSetting": [
      -3789,
      -1252,
      -940,
      125,
      497,
      35,
      215,
      451
    ],
    "SliceThickness": 2.8,
    "SliceTiming": [
      1.44,
      0,
      1.505,
      0.065,
      1.57,
      0.13,
      1.635,
      0.195,
      1.7,
      0.26,
      1.7675,
      0.3275,
      1.8325,
      0.3925,
      1.8975,
      0.4575,
      1.9625,
      0.5225,
      2.0275,
      0.5875,
      2.0925,
      0.6525,
      2.16,
      0.72,
      2.225,
      0.785,
      2.29,
      0.85,
      2.355,
      0.915,
      2.42,
      0.98,
      2.4875,
      1.0475,
      2.5525,
      1.1125,
      2.6175,
      1.1775,
      2.6825,
      1.2425,
      2.7475,
      1.3075,
      2.8125,
      1.3725
    ],
    "SoftwareVersions": "syngo_MR_D13C",
    "SpacingBetweenSlices": 2.8,
    "StationName": "AWP45685",
    "TaskName": "es",
    "TotalReadoutTime": 0.03886,
    "TxRefAmp": 181.986,
    "dataset": "ds002799",
    "modality": "bold",
    "run_id": 2,
    "session_id": "postop",
    "subject_id": "316",
    "task_id": "es"
  },
  "dummy_trs": 0,
  "dvars_nstd": 28.717482782763817,
  "dvars_std": 0.9469058879899498,
  "dvars_vstd": 0.937322723718593,
  "efc": 0.4945984335337249,
  "fber": 1647.6995849609375,
  "fd_mean": 0.16662347104543304,
  "fd_num": 53,
  "fd_perc": 26.5,
  "fwhm_avg": 1.931494427988018,
  "fwhm_x": 1.6641330981229137,
  "fwhm_y": 2.1548180093408846,
  "fwhm_z": 1.9755321765002551,
  "gcor": 0.0147389,
  "gsr_x": -0.0030407917220145464,
  "gsr_y": 0.030006809160113335,
  "provenance": {
    "md5sum": "d9e822a503ddbc871f8474d071378518",
    "settings": {
      "fd_thres": 0.2,
      "testing": false
    },
    "software": "mriqc",
    "version": "21.0.0rc2",
    "webapi_port": null,
    "webapi_url": "https://mriqc.nimh.nih.gov/api/v1"
  },
  "size_t": 200,
  "size_x": 68,
  "size_y": 68,
  "size_z": 44,
  "snr": 5.145550310927019,
  "spacing_tr": 3.0,
  "spacing_x": 3.2352941036224365,
  "spacing_y": 3.2352941036224365,
  "spacing_z": 2.799999952316284,
  "summary_bg_k": 66.67928846945867,
  "summary_bg_mad": 3.313615449348944,
  "summary_bg_mean": 16.678071975708008,
  "summary_bg_median": 7.149999618530273,
  "summary_bg_n": 135084.0,
  "summary_bg_p05": 4.514999866485596,
  "summary_bg_p95": 59.349998474121094,
  "summary_bg_stdv": 29.77668571472168,
  "summary_fg_k": 2.6384759854645807,
  "summary_fg_mad": 48.31058062128491,
  "summary_fg_mean": 300.04541015625,
  "summary_fg_median": 298.2550048828125,
  "summary_fg_n": 29728.0,
  "summary_fg_p05": 210.08525161743165,
  "summary_fg_p95": 391.1369827270506,
  "summary_fg_stdv": 57.96269989013672,
  "tsnr": 32.06122203427367
}