{
  "aor": 0.0011125500000000001,
  "aqi": 0.023774710500000004,
  "bids_meta": {
    "AcquisitionMatrixPE": 68,
    "AcquisitionNumber": 1,
    "AcquisitionTime": "15:34:18.160000",
    "BandwidthPerPixelPhaseEncode": 25.355,
    "BaseResolution": 68,
    "BodyPartExamined": "HEAD",
    "ConsistencyInfo": "N4_VD13C_LATEST_20121124",
    "ConversionSoftware": "dcm2niix",
    "ConversionSoftwareVersion": "v1.0.20171103 (OpenJPEG build) GCC6.3.0",
    "DelayTime": 0.1,
    "DerivedVendorReportedEchoSpacing": 0.000579999,
    "DeviceSerialNumber": "45685",
    "DwellTime": 3.8e-06,
    "EchoTime": 0.03,
    "EchoTrainLength": 68,
    "EffectiveEchoSpacing": 0.000579999,
    "FlipAngle": 90,
    "ImageOrientationPatientDICOM": [
      1,
      0,
      0,
      0,
      1,
      0
    ],
    "ImageType": [
      "ORIGINAL",
      "PRIMARY",
      "M",
      "ND",
      "MOSAIC"
    ],
    "InPlanePhaseEncodingDirectionDICOM": "COL",
    "InstitutionAddress": "HAWKINS_DRIVE_200_IOWA_CITY_IOWA_US_52242",
    "InstitutionName": "UIHC_SKYRA",
    "InstitutionalDepartmentName": "Department",
    "MRAcquisitionType": "2D",
    "MagneticFieldStrength": 3,
    "Manufacturer": "Siemens",
    "ManufacturersModelName": "Skyra",
    "Modality": "MR",
    "PartialFourier": 1,
    "PatientPosition": "HFS",
    "PercentPhaseFOV": 100,
    "PhaseEncodingDirection": "j-",
    "PhaseEncodingSteps": 68,
    "PhaseResolution": 1,
    "PixelBandwidth": 1935,
    "ProcedureStepDescription": "RESEARCH_HOWARD",
    "ProtocolName": "ES-FMRI-V3",
    "PulseSequenceDetails": "%SiemensSeq%_ep2d_pace",
    "ReceiveCoilActiveElements": "HE",
    "ReceiveCoilName": "Head_TxRx",
    "ReconMatrixPE": 68,
    "RepetitionTime": 3,
    "SAR": 0.0651826,
    "ScanOptions": "FS",
    "ScanningSequence": "EP",
    "SequenceName": "_epfid2d1_68",
    "SequenceVariant": "SK",
    "SeriesDescription": "ES-FMRI-V3",
    "SeriesNumber": 6,
    "ShimSetting": [
      -3789,
      -1252,
      -940,
      125,
      497,
      35,
      215,
      451
    ],
    "SliceThickness": 2.8,
    "SliceTiming": [
      1.44,
      0,
      1.505,
      0.065,
      1.57,
      0.13,
      1.635,
      0.195,
      1.7,
      0.26,
      1.765,
      0.3275,
      1.8325,
      0.3925,
      1.8975,
      0.4575,
      1.9625,
      0.5225,
      2.0275,
      0.5875,
      2.0925,
      0.6525,
      2.16,
      0.72,
      2.225,
      0.785,
      2.29,
      0.85,
      2.355,
      0.915,
      2.42,
      0.98,
      2.485,
      1.045,
      2.5525,
      1.1125,
      2.6175,
      1.1775,
      2.6825,
      1.2425,
      2.7475,
      1.3075,
      2.8125,
      1.3725
    ],
    "SoftwareVersions": "syngo_MR_D13C",
    "SpacingBetweenSlices": 2.8,
    "StationName": "AWP45685",
    "TaskName": "es",
    "TotalReadoutTime": 0.03886,
    "TxRefAmp": 181.986,
    "dataset": "ds002799",
    "modality": "bold",
    "run_id": 4,
    "session_id": "postop",
    "subject_id": "316",
    "task_id": "es"
  },
  "dummy_trs": 0,
  "dvars_nstd": 29.32029830502513,
  "dvars_std": 0.9495069165326627,
  "dvars_vstd": 0.9344625093467336,
  "efc": 0.49565516087505096,
  "fber": 1711.1656494140625,
  "fd_mean": 0.16401536230236224,
  "fd_num": 46,
  "fd_perc": 23.0,
  "fwhm_avg": 1.9544277443122802,
  "fwhm_x": 1.6761907345388185,
  "fwhm_y": 2.1625174639197153,
  "fwhm_z": 2.0245750344783073,
  "gcor": 0.0132221,
  "gsr_x": -0.0009200524655170739,
  "gsr_y": 0.029793815687298775,
  "provenance": {
    "md5sum": "22a84e5e5a95ae4988e15110fe5ad547",
    "settings": {
      "fd_thres": 0.2,
      "testing": false
    },
    "software": "mriqc",
    "version": "21.0.0rc2",
    "webapi_port": null,
    "webapi_url": "https://mriqc.nimh.nih.gov/api/v1"
  },
  "size_t": 200,
  "size_x": 68,
  "size_y": 68,
  "size_z": 44,
  "snr": 5.198479660830112,
  "spacing_tr": 3.0,
  "spacing_x": 3.2352941036224365,
  "spacing_y": 3.2352941036224365,
  "spacing_z": 2.799999952316284,
  "summary_bg_k": 57.61487683998324,
  "summary_bg_mad": 3.417397859149874,
  "summary_bg_mean": 16.730722427368164,
  "summary_bg_median": 7.009999752044678,
  "summary_bg_n": 134882.0,
  "summary_bg_p05": 4.349999904632568,
  "summary_bg_p95": 61.15899982452387,
  "summary_bg_stdv": 29.751798629760742,
  "summary_fg_k": 2.4466313135210624,
  "summary_fg_mad": 48.621914418450956,
  "summary_fg_mean": 298.9996337890625,
  "summary_fg_median": 298.489990234375,
  "summary_fg_n": 29863.0,
  "summary_fg_p05": 208.3439956665039,
  "summary_fg_p95": 388.0084808349609,
  "summary_fg_stdv": 57.417747497558594,
  "tsnr": 32.31940002494957
}