{
  "aor": 0.00263265,
  "aqi": 0.01880103255,
  "bids_meta": {
    "AcquisitionMatrixPE": 68,
    "AcquisitionNumber": 1,
    "AcquisitionTime": "16:10:23.245000",
    "BandwidthPerPixelPhaseEncode": 25.355,
    "BaseResolution": 68,
    "BodyPartExamined": "HEAD",
    "ConsistencyInfo": "N4_VD13C_LATEST_20121124",
    "ConversionSoftware": "dcm2niix",
    "ConversionSoftwareVersion": "v1.0.20171103 (OpenJPEG build) GCC6.3.0",
    "DelayTime": 0.1,
    "DerivedVendorReportedEchoSpacing": 0.000579999,
    "DeviceSerialNumber": "45685",
    "DwellTime": 3.8e-06,
    "EchoTime": 0.03,
    "EchoTrainLength": 68,
    "EffectiveEchoSpacing": 0.000579999,
    "FlipAngle": 90,
    "ImageOrientationPatientDICOM": [
      1,
      0,
      0,
      0,
      1,
      0
    ],
    "ImageType": [
      "ORIGINAL",
      "PRIMARY",
      "M",
      "ND",
      "MOSAIC"
    ],
    "InPlanePhaseEncodingDirectionDICOM": "COL",
    "InstitutionAddress": "HAWKINS_DRIVE_200_IOWA_CITY_IOWA_US_52242",
    "InstitutionName": "UIHC_SKYRA",
    "InstitutionalDepartmentName": "Department",
    "MRAcquisitionType": "2D",
    "MagneticFieldStrength": 3,
    "Manufacturer": "Siemens",
    "ManufacturersModelName": "Skyra",
    "Modality": "MR",
    "PartialFourier": 1,
    "PatientPosition": "HFS",
    "PercentPhaseFOV": 100,
    "PhaseEncodingDirection": "j-",
    "PhaseEncodingSteps": 68,
    "PhaseResolution": 1,
    "PixelBandwidth": 1935,
    "ProcedureStepDescription": "RESEARCH_HOWARD",
    "ProtocolName": "ES-FMRI-V3",
    "PulseSequenceDetails": "%SiemensSeq%_ep2d_pace",
    "ReceiveCoilActiveElements": "HE",
    "ReceiveCoilName": "Head_TxRx",
    "ReconMatrixPE": 68,
    "RepetitionTime": 3,
    "SAR": 0.0651826,
    "ScanOptions": "FS",
    "ScanningSequence": "EP",
    "SequenceName": "_epfid2d1_68",
    "SequenceVariant": "SK",
    "SeriesDescription": "ES-FMRI-V3",
    "SeriesNumber": 9,
    "ShimSetting": [
      -3789,
      -1252,
      -940,
      125,
      497,
      35,
      215,
      451
    ],
    "SliceThickness": 2.8,
    "SliceTiming": [
      1.44,
      0,
      1.505,
      0.065,
      1.57,
      0.13,
      1.635,
      0.1975,
      1.7025,
      0.2625,
      1.7675,
      0.3275,
      1.8325,
      0.3925,
      1.8975,
      0.4575,
      1.9625,
      0.5225,
      2.03,
      0.59,
      2.095,
      0.655,
      2.16,
      0.72,
      2.225,
      0.785,
      2.29,
      0.85,
      2.355,
      0.9175,
      2.4225,
      0.9825,
      2.4875,
      1.0475,
      2.5525,
      1.1125,
      2.6175,
      1.1775,
      2.6825,
      1.2425,
      2.75,
      1.31,
      2.815,
      1.375
    ],
    "SoftwareVersions": "syngo_MR_D13C",
    "SpacingBetweenSlices": 2.8,
    "StationName": "AWP45685",
    "TaskName": "es",
    "TotalReadoutTime": 0.03886,
    "TxRefAmp": 181.986,
    "dataset": "ds002799",
    "modality": "bold",
    "run_id": 7,
    "session_id": "postop",
    "subject_id": "316",
    "task_id": "es"
  },
  "dummy_trs": 0,
  "dvars_nstd": 32.22313593391959,
  "dvars_std": 1.0298946554271362,
  "dvars_vstd": 0.9911218596984929,
  "efc": 0.49524276975328724,
  "fber": 1675.7862548828125,
  "fd_mean": 0.23217129404939552,
  "fd_num": 87,
  "fd_perc": 43.5,
  "fwhm_avg": 1.906410029664775,
  "fwhm_x": 1.6276449161465598,
  "fwhm_y": 2.1033172818449075,
  "fwhm_z": 1.9882678910028575,
  "gcor": 0.0210732,
  "gsr_x": 0.004530760925263166,
  "gsr_y": 0.02980799227952957,
  "provenance": {
    "md5sum": "d49bae552b34472f1098c94ad1c164cc",
    "settings": {
      "fd_thres": 0.2,
      "testing": false
    },
    "software": "mriqc",
    "version": "21.0.0rc2",
    "webapi_port": null,
    "webapi_url": "https://mriqc.nimh.nih.gov/api/v1"
  },
  "size_t": 200,
  "size_x": 68,
  "size_y": 68,
  "size_z": 44,
  "snr": 5.237494896756931,
  "spacing_tr": 3.0,
  "spacing_x": 3.2352941036224365,
  "spacing_y": 3.2352941036224365,
  "spacing_z": 2.799999952316284,
  "summary_bg_k": 65.84472885087551,
  "summary_bg_mad": 3.2691377786912796,
  "summary_bg_mean": 16.629657745361328,
  "summary_bg_median": 6.884999752044678,
  "summary_bg_n": 135386.0,
  "summary_bg_p05": 4.369999885559082,
  "summary_bg_p95": 59.44499969482422,
  "summary_bg_stdv": 30.45705795288086,
  "summary_fg_k": 2.8612796622129144,
  "summary_fg_mad": 45.65673260415427,
  "summary_fg_mean": 292.5865478515625,
  "summary_fg_median": 291.75,
  "summary_fg_n": 29486.0,
  "summary_fg_p05": 205.7312469482422,
  "summary_fg_p95": 376.94373321533203,
  "summary_fg_stdv": 55.70316696166992,
  "tsnr": 35.53907789848745
}