{
  "aor": 0.00102295,
  "aqi": 0.023062779500000002,
  "bids_meta": {
    "AcquisitionMatrixPE": 68,
    "AcquisitionNumber": 1,
    "AcquisitionTime": "15:45:45.630000",
    "BandwidthPerPixelPhaseEncode": 25.355,
    "BaseResolution": 68,
    "BodyPartExamined": "HEAD",
    "ConsistencyInfo": "N4_VD13C_LATEST_20121124",
    "ConversionSoftware": "dcm2niix",
    "ConversionSoftwareVersion": "v1.0.20171103 (OpenJPEG build) GCC6.3.0",
    "DelayTime": 0.1,
    "DerivedVendorReportedEchoSpacing": 0.000579999,
    "DeviceSerialNumber": "45685",
    "DwellTime": 3.8e-06,
    "EchoTime": 0.03,
    "EchoTrainLength": 68,
    "EffectiveEchoSpacing": 0.000579999,
    "FlipAngle": 90,
    "ImageOrientationPatientDICOM": [
      1,
      0,
      0,
      0,
      1,
      0
    ],
    "ImageType": [
      "ORIGINAL",
      "PRIMARY",
      "M",
      "ND",
      "MOSAIC"
    ],
    "InPlanePhaseEncodingDirectionDICOM": "COL",
    "InstitutionAddress": "HAWKINS_DRIVE_200_IOWA_CITY_IOWA_US_52242",
    "InstitutionName": "UIHC_SKYRA",
    "InstitutionalDepartmentName": "Department",
    "MRAcquisitionType": "2D",
    "MagneticFieldStrength": 3,
    "Manufacturer": "Siemens",
    "ManufacturersModelName": "Skyra",
    "Modality": "MR",
    "PartialFourier": 1,
    "PatientPosition": "HFS",
    "PercentPhaseFOV": 100,
    "PhaseEncodingDirection": "j-",
    "PhaseEncodingSteps": 68,
    "PhaseResolution": 1,
    "PixelBandwidth": 1935,
    "ProcedureStepDescription": "RESEARCH_HOWARD",
    "ProtocolName": "ES-FMRI-V3",
    "PulseSequenceDetails": "%SiemensSeq%_ep2d_pace",
    "ReceiveCoilActiveElements": "HE",
    "ReceiveCoilName": "Head_TxRx",
    "ReconMatrixPE": 68,
    "RepetitionTime": 3,
    "SAR": 0.0651826,
    "ScanOptions": "FS",
    "ScanningSequence": "EP",
    "SequenceName": "_epfid2d1_68",
    "SequenceVariant": "SK",
    "SeriesDescription": "ES-FMRI-V3",
    "SeriesNumber": 7,
    "ShimSetting": [
      -3789,
      -1252,
      -940,
      125,
      497,
      35,
      215,
      451
    ],
    "SliceThickness": 2.8,
    "SliceTiming": [
      1.44,
      0,
      1.505,
      0.065,
      1.57,
      0.13,
      1.635,
      0.195,
      1.7,
      0.2625,
      1.7675,
      0.3275,
      1.8325,
      0.3925,
      1.8975,
      0.4575,
      1.9625,
      0.5225,
      2.0275,
      0.5875,
      2.095,
      0.655,
      2.16,
      0.72,
      2.225,
      0.785,
      2.29,
      0.85,
      2.355,
      0.915,
      2.42,
      0.98,
      2.4875,
      1.0475,
      2.5525,
      1.1125,
      2.6175,
      1.1775,
      2.6825,
      1.2425,
      2.7475,
      1.3075,
      2.815,
      1.375
    ],
    "SoftwareVersions": "syngo_MR_D13C",
    "SpacingBetweenSlices": 2.8,
    "StationName": "AWP45685",
    "TaskName": "es",
    "TotalReadoutTime": 0.03886,
    "TxRefAmp": 181.986,
    "dataset": "ds002799",
    "modality": "bold",
    "run_id": 5,
    "session_id": "postop",
    "subject_id": "316",
    "task_id": "es"
  },
  "dummy_trs": 0,
  "dvars_nstd": 30.88194078386935,
  "dvars_std": 0.9696978787437177,
  "dvars_vstd": 0.940671143115578,
  "efc": 0.49634851641940575,
  "fber": 1670.2158203125,
  "fd_mean": 0.20606405751440202,
  "fd_num": 70,
  "fd_perc": 35.0,
  "fwhm_avg": 1.9391493156272723,
  "fwhm_x": 1.652900734437859,
  "fwhm_y": 2.1511614638704883,
  "fwhm_z": 2.0133857485734694,
  "gcor": 0.00964287,
  "gsr_x": 3.4507190775912022e-06,
  "gsr_y": 0.028672706335783005,
  "provenance": {
    "md5sum": "4584dffce6d0dd5015aee68ef8f88f95",
    "settings": {
      "fd_thres": 0.2,
      "testing": false
    },
    "software": "mriqc",
    "version": "21.0.0rc2",
    "webapi_port": null,
    "webapi_url": "https://mriqc.nimh.nih.gov/api/v1"
  },
  "size_t": 200,
  "size_x": 68,
  "size_y": 68,
  "size_z": 44,
  "snr": 5.202425004415597,
  "spacing_tr": 3.0,
  "spacing_x": 3.2352941036224365,
  "spacing_y": 3.2352941036224365,
  "spacing_z": 2.799999952316284,
  "summary_bg_k": 56.91688408373383,
  "summary_bg_mad": 3.5360059235167496,
  "summary_bg_mean": 16.936906814575195,
  "summary_bg_median": 7.09499979019165,
  "summary_bg_n": 135008.0,
  "summary_bg_p05": 4.380000114440918,
  "summary_bg_p95": 61.826498603820745,
  "summary_bg_stdv": 30.05495262145996,
  "summary_fg_k": 2.574099318943049,
  "summary_fg_mad": 47.6656522758693,
  "summary_fg_mean": 297.9233703613281,
  "summary_fg_median": 297.5400085449219,
  "summary_fg_n": 29787.0,
  "summary_fg_p05": 208.46149291992188,
  "summary_fg_p95": 385.8309967041015,
  "summary_fg_stdv": 57.19160079956055,
  "tsnr": 32.17206389212515
}