{
  "aor": 0.0016242307692307695,
  "aqi": 0.006992817230769231,
  "bids_meta": {
    "AcquisitionMatrixPE": 64,
    "AcquisitionNumber": 1,
    "AcquisitionTime": "16:22:54.245000",
    "BandwidthPerPixelPhaseEncode": 27.902,
    "BaseResolution": 64,
    "ConversionSoftware": "dcm2niix",
    "ConversionSoftwareVersion": "v1.0.20171103 (OpenJPEG build) GCC6.3.0",
    "DerivedVendorReportedEchoSpacing": 0.000559996,
    "DeviceSerialNumber": "35267",
    "DwellTime": 3.9e-06,
    "EchoTime": 0.03,
    "EffectiveEchoSpacing": 0.000559996,
    "FlipAngle": 80,
    "ImageComments": "PROJECT:MH_EPIL_SUBJECT:314_SESSION:20150629",
    "ImageOrientationPatientDICOM": [
      1,
      -1e-16,
      0,
      1e-16,
      0.999328,
      -0.0366437
    ],
    "ImageType": [
      "ORIGINAL",
      "PRIMARY",
      "M",
      "ND",
      "MOSAIC"
    ],
    "InPlanePhaseEncodingDirectionDICOM": "COL",
    "InstitutionAddress": "Newton_Road_500_Iowa_City_CDI_US_52242",
    "InstitutionName": "University_of_Iowa",
    "InstitutionalDepartmentName": "Department",
    "MRAcquisitionType": "2D",
    "MagneticFieldStrength": 3,
    "Manufacturer": "Siemens",
    "ManufacturersModelName": "TrioTim",
    "Modality": "MR",
    "PartialFourier": 1,
    "PatientPosition": "HFS",
    "PercentPhaseFOV": 100,
    "PhaseEncodingDirection": "j-",
    "PhaseEncodingSteps": 64,
    "PhaseResolution": 1,
    "PixelBandwidth": 2003,
    "ProcedureStepDescription": "RESEARCH_HOWARD",
    "ProtocolName": "REST",
    "PulseSequenceDetails": "%SiemensSeq%_ep2d_pace",
    "ReceiveCoilName": "HeadMatrix",
    "ReconMatrixPE": 64,
    "RepetitionTime": 2.26,
    "SAR": 0.129766,
    "ScanOptions": "FS",
    "ScanningSequence": "EP",
    "SequenceName": "_epfid2d1_64",
    "SequenceVariant": "SK",
    "SeriesDescription": "REST",
    "SeriesNumber": 13,
    "ShimSetting": [
      6528,
      25401,
      6044,
      444,
      -64,
      -52,
      -110,
      177
    ],
    "SliceThickness": 4,
    "SliceTiming": [
      1.1225,
      0,
      1.185,
      0.0625,
      1.2475,
      0.125,
      1.31,
      0.1875,
      1.3725,
      0.25,
      1.435,
      0.3125,
      1.4975,
      0.375,
      1.56,
      0.4375,
      1.6225,
      0.5,
      1.685,
      0.5625,
      1.7475,
      0.625,
      1.81,
      0.685,
      1.8725,
      0.7475,
      1.935,
      0.81,
      1.9975,
      0.8725,
      2.06,
      0.935,
      2.1225,
      0.9975,
      2.185,
      1.06
    ],
    "SoftwareVersions": "syngo_MR_B17",
    "SpacingBetweenSlices": 4,
    "StationName": "MRC35267",
    "TaskName": "rest",
    "TotalReadoutTime": 0.0352797,
    "TxRefAmp": 273.724,
    "dataset": "ds002799",
    "modality": "bold",
    "run_id": 4,
    "session_id": "preop",
    "subject_id": "314",
    "task_id": "rest"
  },
  "dummy_trs": 0,
  "dvars_nstd": 20.28796518325581,
  "dvars_std": 1.129520537984496,
  "dvars_vstd": 0.9970953871317833,
  "efc": 0.4648777801213146,
  "fber": 1673.98876953125,
  "fd_mean": 0.1943660538909368,
  "fd_num": 54,
  "fd_perc": 41.53846153846154,
  "fwhm_avg": 1.8955032727272727,
  "fwhm_x": 1.8467403636363635,
  "fwhm_y": 2.0474094545454546,
  "fwhm_z": 1.79236,
  "gcor": 0.0413109,
  "gsr_x": -0.013320863246917725,
  "gsr_y": 0.03368999809026718,
  "provenance": {
    "md5sum": "58dc96f4354f9c23205a3d3992c5239c",
    "settings": {
      "fd_thres": 0.2,
      "testing": false
    },
    "software": "mriqc",
    "version": "21.0.0rc2",
    "webapi_port": null,
    "webapi_url": "https://mriqc.nimh.nih.gov/api/v1"
  },
  "size_t": 130,
  "size_x": 64,
  "size_y": 64,
  "size_z": 36,
  "snr": 6.076963763623844,
  "spacing_tr": 2.259999990463257,
  "spacing_x": 3.4375,
  "spacing_y": 3.4375,
  "spacing_z": 4.0,
  "summary_bg_k": 53.80968655931528,
  "summary_bg_mad": 11.267776012290781,
  "summary_bg_mean": 43.3834228515625,
  "summary_bg_median": 21.830768585205078,
  "summary_bg_n": 99628.0,
  "summary_bg_p05": 13.415384292602539,
  "summary_bg_p95": 144.70923538207973,
  "summary_bg_stdv": 65.7481689453125,
  "summary_fg_k": 0.8745135594937601,
  "summary_fg_mad": 134.169799850699,
  "summary_fg_mean": 917.7330932617188,
  "summary_fg_median": 911.4038696289062,
  "summary_fg_n": 18290.0,
  "summary_fg_p05": 676.8642303466797,
  "summary_fg_p95": 1171.0369140624998,
  "summary_fg_stdv": 149.97274780273438,
  "tsnr": 63.764918356668204
}