{
  "aor": 0.003165153846153846,
  "aqi": 0.014714637846153846,
  "bids_meta": {
    "AcquisitionMatrixPE": 64,
    "AcquisitionNumber": 1,
    "AcquisitionTime": "16:04:36.727500",
    "BandwidthPerPixelPhaseEncode": 27.902,
    "BaseResolution": 64,
    "ConversionSoftware": "dcm2niix",
    "ConversionSoftwareVersion": "v1.0.20171215 (OpenJPEG build) GCC7.2.0",
    "DerivedVendorReportedEchoSpacing": 0.000559996,
    "DeviceSerialNumber": "35267",
    "DwellTime": 3.9e-06,
    "EchoTime": 0.03,
    "EffectiveEchoSpacing": 0.000559996,
    "FlipAngle": 80,
    "ImageComments": "PROJECT:MH_EPIL_SUBJECT:316_SESSION:20150420",
    "ImageOrientationPatientDICOM": [
      1,
      0,
      0,
      0,
      0.999743,
      -0.0226873
    ],
    "ImageType": [
      "ORIGINAL",
      "PRIMARY",
      "M",
      "ND",
      "MOSAIC"
    ],
    "InPlanePhaseEncodingDirectionDICOM": "COL",
    "InstitutionAddress": "Newton_Road_500_Iowa_City_CDI_US_52242",
    "InstitutionName": "University_of_Iowa",
    "InstitutionalDepartmentName": "Department",
    "MRAcquisitionType": "2D",
    "MagneticFieldStrength": 3,
    "Manufacturer": "Siemens",
    "ManufacturersModelName": "TrioTim",
    "Modality": "MR",
    "PartialFourier": 1,
    "PatientPosition": "HFS",
    "PercentPhaseFOV": 100,
    "PhaseEncodingDirection": "j-",
    "PhaseEncodingSteps": 64,
    "PhaseResolution": 1,
    "PixelBandwidth": 2003,
    "ProcedureStepDescription": "RESEARCH_HOWARD",
    "ProtocolName": "REST",
    "PulseSequenceDetails": "%SiemensSeq%_ep2d_pace",
    "ReceiveCoilName": "HeadMatrix",
    "ReconMatrixPE": 64,
    "RepetitionTime": 2.26,
    "SAR": 0.175502,
    "ScanOptions": "FS",
    "ScanningSequence": "EP",
    "SequenceName": "_epfid2d1_64",
    "SequenceVariant": "SK",
    "SeriesDescription": "REST",
    "SeriesNumber": 13,
    "ShimSetting": [
      6549,
      25388,
      6129,
      372,
      21,
      -431,
      350,
      20
    ],
    "SliceThickness": 4,
    "SliceTiming": [
      1.1225,
      0,
      1.185,
      0.0625,
      1.2475,
      0.125,
      1.31,
      0.1875,
      1.3725,
      0.25,
      1.435,
      0.3125,
      1.4975,
      0.375,
      1.56,
      0.4375,
      1.6225,
      0.5,
      1.685,
      0.5625,
      1.7475,
      0.625,
      1.81,
      0.6875,
      1.8725,
      0.75,
      1.935,
      0.8125,
      1.9975,
      0.875,
      2.06,
      0.9375,
      2.1225,
      1,
      2.185,
      1.0625
    ],
    "SoftwareVersions": "syngo_MR_B17",
    "SpacingBetweenSlices": 4,
    "StationName": "MRC35267",
    "TaskName": "rest",
    "TotalReadoutTime": 0.0352797,
    "TxRefAmp": 395.102,
    "dataset": "ds002799",
    "modality": "bold",
    "run_id": 4,
    "session_id": "preop",
    "subject_id": "316",
    "task_id": "rest"
  },
  "dummy_trs": 0,
  "dvars_nstd": 34.21666183736434,
  "dvars_std": 1.1911937575969,
  "dvars_vstd": 1.006914471860465,
  "efc": 0.4778249283554377,
  "fber": 1526.654296875,
  "fd_mean": 0.2868243946397367,
  "fd_num": 89,
  "fd_perc": 68.46153846153847,
  "fwhm_avg": 1.8874153484848486,
  "fwhm_x": 1.8289570909090909,
  "fwhm_y": 2.0914414545454547,
  "fwhm_z": 1.7418475,
  "gcor": 0.047702,
  "gsr_x": -0.01259582582861185,
  "gsr_y": 0.025014186277985573,
  "provenance": {
    "md5sum": "44eda8a93c8f57814ff2bd45780aa693",
    "settings": {
      "fd_thres": 0.2,
      "testing": false
    },
    "software": "mriqc",
    "version": "21.0.0rc2",
    "webapi_port": null,
    "webapi_url": "https://mriqc.nimh.nih.gov/api/v1"
  },
  "size_t": 130,
  "size_x": 64,
  "size_y": 64,
  "size_z": 36,
  "snr": 6.3123303373618835,
  "spacing_tr": 2.259999990463257,
  "spacing_x": 3.4375,
  "spacing_y": 3.4375,
  "spacing_z": 4.0,
  "summary_bg_k": 26.807651365002872,
  "summary_bg_mad": 9.169324120040274,
  "summary_bg_mean": 37.70777893066406,
  "summary_bg_median": 19.05384635925293,
  "summary_bg_n": 98202.0,
  "summary_bg_p05": 12.115385055541992,
  "summary_bg_p95": 128.3307647705078,
  "summary_bg_stdv": 51.26802062988281,
  "summary_fg_k": 1.9176261126873726,
  "summary_fg_mad": 94.17944641945357,
  "summary_fg_mean": 742.9246215820312,
  "summary_fg_median": 741.3307495117188,
  "summary_fg_n": 19469.0,
  "summary_fg_p05": 547.7707641601562,
  "summary_fg_p95": 935.0230712890625,
  "summary_fg_stdv": 117.43867492675781,
  "tsnr": 44.57698804093525
}