{
  "aor": 0.001208153846153846,
  "aqi": 0.005998387153846154,
  "bids_meta": {
    "AcquisitionMatrixPE": 64,
    "AcquisitionNumber": 1,
    "AcquisitionTime": "15:25:9.097500",
    "BandwidthPerPixelPhaseEncode": 27.902,
    "BaseResolution": 64,
    "ConversionSoftware": "dcm2niix",
    "ConversionSoftwareVersion": "v1.0.20171215 (OpenJPEG build) GCC7.2.0",
    "DerivedVendorReportedEchoSpacing": 0.000559996,
    "DeviceSerialNumber": "35267",
    "DwellTime": 3.9e-06,
    "EchoTime": 0.03,
    "EffectiveEchoSpacing": 0.000559996,
    "FlipAngle": 80,
    "ImageComments": "PROJECT:MH_EPIL_SUBJECT:316_SESSION:20150420",
    "ImageOrientationPatientDICOM": [
      1,
      0,
      0,
      0,
      0.999743,
      -0.0226873
    ],
    "ImageType": [
      "ORIGINAL",
      "PRIMARY",
      "M",
      "ND",
      "MOSAIC"
    ],
    "InPlanePhaseEncodingDirectionDICOM": "COL",
    "InstitutionAddress": "Newton_Road_500_Iowa_City_CDI_US_52242",
    "InstitutionName": "University_of_Iowa",
    "InstitutionalDepartmentName": "Department",
    "MRAcquisitionType": "2D",
    "MagneticFieldStrength": 3,
    "Manufacturer": "Siemens",
    "ManufacturersModelName": "TrioTim",
    "Modality": "MR",
    "PartialFourier": 1,
    "PatientPosition": "HFS",
    "PercentPhaseFOV": 100,
    "PhaseEncodingDirection": "j-",
    "PhaseEncodingSteps": 64,
    "PhaseResolution": 1,
    "PixelBandwidth": 2003,
    "ProcedureStepDescription": "RESEARCH_HOWARD",
    "ProtocolName": "REST",
    "PulseSequenceDetails": "%SiemensSeq%_ep2d_pace",
    "ReceiveCoilName": "HeadMatrix",
    "ReconMatrixPE": 64,
    "RepetitionTime": 2.26,
    "SAR": 0.175502,
    "ScanOptions": "FS",
    "ScanningSequence": "EP",
    "SequenceName": "_epfid2d1_64",
    "SequenceVariant": "SK",
    "SeriesDescription": "REST",
    "SeriesNumber": 2,
    "ShimSetting": [
      6549,
      25390,
      6141,
      443,
      18,
      -458,
      343,
      19
    ],
    "SliceThickness": 4,
    "SliceTiming": [
      1.125,
      0,
      1.1875,
      0.0625,
      1.25,
      0.125,
      1.3125,
      0.1875,
      1.375,
      0.25,
      1.4375,
      0.3125,
      1.5,
      0.375,
      1.5625,
      0.4375,
      1.625,
      0.5,
      1.6875,
      0.5625,
      1.75,
      0.625,
      1.8125,
      0.6875,
      1.875,
      0.75,
      1.9375,
      0.8125,
      2,
      0.875,
      2.0625,
      0.9375,
      2.125,
      1,
      2.1875,
      1.0625
    ],
    "SoftwareVersions": "syngo_MR_B17",
    "SpacingBetweenSlices": 4,
    "StationName": "MRC35267",
    "TaskName": "rest",
    "TotalReadoutTime": 0.0352797,
    "TxRefAmp": 395.102,
    "dataset": "ds002799",
    "modality": "bold",
    "run_id": 1,
    "session_id": "preop",
    "subject_id": "316",
    "task_id": "rest"
  },
  "dummy_trs": 0,
  "dvars_nstd": 20.825112926821713,
  "dvars_std": 1.213332213875968,
  "dvars_vstd": 0.9996282656589146,
  "efc": 0.47686093985125694,
  "fber": 1443.51611328125,
  "fd_mean": 0.1469856959356782,
  "fd_num": 25,
  "fd_perc": 19.23076923076923,
  "fwhm_avg": 1.9026577727272729,
  "fwhm_x": 1.8012567272727273,
  "fwhm_y": 2.115069090909091,
  "fwhm_z": 1.7916475,
  "gcor": 0.0161738,
  "gsr_x": -0.014338023029267788,
  "gsr_y": 0.020640244707465172,
  "provenance": {
    "md5sum": "3a05252129949851a1fa701d0409f670",
    "settings": {
      "fd_thres": 0.2,
      "testing": false
    },
    "software": "mriqc",
    "version": "21.0.0rc2",
    "webapi_port": null,
    "webapi_url": "https://mriqc.nimh.nih.gov/api/v1"
  },
  "size_t": 130,
  "size_x": 64,
  "size_y": 64,
  "size_z": 36,
  "snr": 6.070559699434351,
  "spacing_tr": 2.259999990463257,
  "spacing_x": 3.4375,
  "spacing_y": 3.4375,
  "spacing_z": 4.0,
  "summary_bg_k": 23.732798807009978,
  "summary_bg_mad": 9.340395673288882,
  "summary_bg_mean": 37.21089553833008,
  "summary_bg_median": 19.330768585205078,
  "summary_bg_n": 98318.0,
  "summary_bg_p05": 12.438461303710938,
  "summary_bg_p95": 125.67038230895992,
  "summary_bg_stdv": 49.56766128540039,
  "summary_fg_k": 2.263131197784653,
  "summary_fg_mad": 97.61796328956375,
  "summary_fg_mean": 746.32763671875,
  "summary_fg_median": 745.107666015625,
  "summary_fg_n": 19334.0,
  "summary_fg_p05": 546.524609375,
  "summary_fg_p95": 944.5411651611321,
  "summary_fg_stdv": 122.73800659179688,
  "tsnr": 73.37627940054517
}