{
  "aor": 0.004896923076923077,
  "aqi": 0.010057496384615384,
  "bids_meta": {
    "AcquisitionMatrixPE": 64,
    "AcquisitionNumber": 1,
    "AcquisitionTime": "16:15:30.215000",
    "BandwidthPerPixelPhaseEncode": 27.902,
    "BaseResolution": 64,
    "ConversionSoftware": "dcm2niix",
    "ConversionSoftwareVersion": "v1.0.20171215 (OpenJPEG build) GCC7.2.0",
    "DerivedVendorReportedEchoSpacing": 0.000559996,
    "DeviceSerialNumber": "35267",
    "DwellTime": 3.9e-06,
    "EchoTime": 0.03,
    "EffectiveEchoSpacing": 0.000559996,
    "FlipAngle": 80,
    "ImageComments": "PROJECT:MH_EPIL_SUBJECT:316_SESSION:20150420",
    "ImageOrientationPatientDICOM": [
      1,
      0,
      0,
      0,
      0.999743,
      -0.0226873
    ],
    "ImageType": [
      "ORIGINAL",
      "PRIMARY",
      "M",
      "ND",
      "MOSAIC"
    ],
    "InPlanePhaseEncodingDirectionDICOM": "COL",
    "InstitutionAddress": "Newton_Road_500_Iowa_City_CDI_US_52242",
    "InstitutionName": "University_of_Iowa",
    "InstitutionalDepartmentName": "Department",
    "MRAcquisitionType": "2D",
    "MagneticFieldStrength": 3,
    "Manufacturer": "Siemens",
    "ManufacturersModelName": "TrioTim",
    "Modality": "MR",
    "PartialFourier": 1,
    "PatientPosition": "HFS",
    "PercentPhaseFOV": 100,
    "PhaseEncodingDirection": "j-",
    "PhaseEncodingSteps": 64,
    "PhaseResolution": 1,
    "PixelBandwidth": 2003,
    "ProcedureStepDescription": "RESEARCH_HOWARD",
    "ProtocolName": "REST",
    "PulseSequenceDetails": "%SiemensSeq%_ep2d_pace",
    "ReceiveCoilName": "HeadMatrix",
    "ReconMatrixPE": 64,
    "RepetitionTime": 2.26,
    "SAR": 0.175502,
    "ScanOptions": "FS",
    "ScanningSequence": "EP",
    "SequenceName": "_epfid2d1_64",
    "SequenceVariant": "SK",
    "SeriesDescription": "REST",
    "SeriesNumber": 18,
    "ShimSetting": [
      6549,
      25388,
      6129,
      372,
      21,
      -431,
      350,
      20
    ],
    "SliceThickness": 4,
    "SliceTiming": [
      1.125,
      0,
      1.1875,
      0.0625,
      1.25,
      0.125,
      1.3125,
      0.1875,
      1.375,
      0.25,
      1.4375,
      0.3125,
      1.5,
      0.375,
      1.5625,
      0.4375,
      1.625,
      0.5,
      1.6875,
      0.5625,
      1.75,
      0.625,
      1.8125,
      0.6875,
      1.875,
      0.75,
      1.9375,
      0.8125,
      2,
      0.875,
      2.0625,
      0.9375,
      2.125,
      1,
      2.1875,
      1.0625
    ],
    "SoftwareVersions": "syngo_MR_B17",
    "SpacingBetweenSlices": 4,
    "StationName": "MRC35267",
    "TaskName": "rest",
    "TotalReadoutTime": 0.0352797,
    "TxRefAmp": 395.102,
    "dataset": "ds002799",
    "modality": "bold",
    "run_id": 5,
    "session_id": "preop",
    "subject_id": "316",
    "task_id": "rest"
  },
  "dummy_trs": 0,
  "dvars_nstd": 23.499367735891468,
  "dvars_std": 1.2429675952713175,
  "dvars_vstd": 1.0078017065891474,
  "efc": 0.48152227434395845,
  "fber": 1343.9697265625,
  "fd_mean": 0.2047037728032313,
  "fd_num": 39,
  "fd_perc": 30.0,
  "fwhm_avg": 1.882758075757576,
  "fwhm_x": 1.7858938181818182,
  "fwhm_y": 2.079202909090909,
  "fwhm_z": 1.7831775,
  "gcor": 0.0103163,
  "gsr_x": -0.014310112223029137,
  "gsr_y": 0.022419506683945656,
  "provenance": {
    "md5sum": "e5ec9f19d8ef5ba54ca8e1d9ead7a028",
    "settings": {
      "fd_thres": 0.2,
      "testing": false
    },
    "software": "mriqc",
    "version": "21.0.0rc2",
    "webapi_port": null,
    "webapi_url": "https://mriqc.nimh.nih.gov/api/v1"
  },
  "size_t": 130,
  "size_x": 64,
  "size_y": 64,
  "size_z": 36,
  "snr": 6.187767086933461,
  "spacing_tr": 2.259999990463257,
  "spacing_x": 3.4375,
  "spacing_y": 3.4375,
  "spacing_z": 4.0,
  "summary_bg_k": 23.39815775247635,
  "summary_bg_mad": 10.43523890931553,
  "summary_bg_mean": 38.59980392456055,
  "summary_bg_median": 20.05384635925293,
  "summary_bg_n": 98043.0,
  "summary_bg_p05": 11.976922988891602,
  "summary_bg_p95": 130.1676956176757,
  "summary_bg_stdv": 51.34015655517578,
  "summary_fg_k": 2.337932527512483,
  "summary_fg_mad": 95.94148440765798,
  "summary_fg_mean": 745.7348022460938,
  "summary_fg_median": 743.546142578125,
  "summary_fg_n": 19544.0,
  "summary_fg_p05": 550.3642120361328,
  "summary_fg_p95": 938.7030883789062,
  "summary_fg_stdv": 120.16081237792969,
  "tsnr": 57.344956683926284
}