{
  "aor": 0.0019207692307692307,
  "aqi": 0.012087513846153846,
  "bids_meta": {
    "AcquisitionMatrixPE": 64,
    "AcquisitionNumber": 1,
    "AcquisitionTime": "15:42:45.775000",
    "BandwidthPerPixelPhaseEncode": 27.902,
    "BaseResolution": 64,
    "ConversionSoftware": "dcm2niix",
    "ConversionSoftwareVersion": "v1.0.20171215 (OpenJPEG build) GCC7.2.0",
    "DerivedVendorReportedEchoSpacing": 0.000559996,
    "DeviceSerialNumber": "35267",
    "DwellTime": 3.9e-06,
    "EchoTime": 0.03,
    "EffectiveEchoSpacing": 0.000559996,
    "FlipAngle": 80,
    "ImageComments": "PROJECT:MH_EPIL_SUBJECT:316_SESSION:20150420",
    "ImageOrientationPatientDICOM": [
      1,
      0,
      0,
      0,
      0.999743,
      -0.0226873
    ],
    "ImageType": [
      "ORIGINAL",
      "PRIMARY",
      "M",
      "ND",
      "MOSAIC"
    ],
    "InPlanePhaseEncodingDirectionDICOM": "COL",
    "InstitutionAddress": "Newton_Road_500_Iowa_City_CDI_US_52242",
    "InstitutionName": "University_of_Iowa",
    "InstitutionalDepartmentName": "Department",
    "MRAcquisitionType": "2D",
    "MagneticFieldStrength": 3,
    "Manufacturer": "Siemens",
    "ManufacturersModelName": "TrioTim",
    "Modality": "MR",
    "PartialFourier": 1,
    "PatientPosition": "HFS",
    "PercentPhaseFOV": 100,
    "PhaseEncodingDirection": "j-",
    "PhaseEncodingSteps": 64,
    "PhaseResolution": 1,
    "PixelBandwidth": 2003,
    "ProcedureStepDescription": "RESEARCH_HOWARD",
    "ProtocolName": "REST",
    "PulseSequenceDetails": "%SiemensSeq%_ep2d_pace",
    "ReceiveCoilName": "HeadMatrix",
    "ReconMatrixPE": 64,
    "RepetitionTime": 2.26,
    "SAR": 0.175502,
    "ScanOptions": "FS",
    "ScanningSequence": "EP",
    "SequenceName": "_epfid2d1_64",
    "SequenceVariant": "SK",
    "SeriesDescription": "REST",
    "SeriesNumber": 7,
    "ShimSetting": [
      6549,
      25390,
      6141,
      443,
      18,
      -458,
      343,
      19
    ],
    "SliceThickness": 4,
    "SliceTiming": [
      1.125,
      0,
      1.1875,
      0.0625,
      1.25,
      0.125,
      1.3125,
      0.1875,
      1.375,
      0.25,
      1.4375,
      0.3125,
      1.5,
      0.375,
      1.5625,
      0.4375,
      1.625,
      0.5,
      1.6875,
      0.5625,
      1.75,
      0.625,
      1.8125,
      0.6875,
      1.875,
      0.75,
      1.9375,
      0.8125,
      2,
      0.875,
      2.0625,
      0.9375,
      2.125,
      1,
      2.1875,
      1.0625
    ],
    "SoftwareVersions": "syngo_MR_B17",
    "SpacingBetweenSlices": 4,
    "StationName": "MRC35267",
    "TaskName": "rest",
    "TotalReadoutTime": 0.0352797,
    "TxRefAmp": 395.102,
    "dataset": "ds002799",
    "modality": "bold",
    "run_id": 3,
    "session_id": "preop",
    "subject_id": "316",
    "task_id": "rest"
  },
  "dummy_trs": 0,
  "dvars_nstd": 20.656655259767444,
  "dvars_std": 1.134882416434109,
  "dvars_vstd": 0.9604737041860469,
  "efc": 0.4781979697366898,
  "fber": 1463.317138671875,
  "fd_mean": 0.1631930040348953,
  "fd_num": 33,
  "fd_perc": 25.384615384615383,
  "fwhm_avg": 1.879640196969697,
  "fwhm_x": 1.7939054545454545,
  "fwhm_y": 2.0873076363636365,
  "fwhm_z": 1.7577075,
  "gcor": 0.0128701,
  "gsr_x": -0.01347961276769638,
  "gsr_y": 0.024194372817873955,
  "provenance": {
    "md5sum": "5d710ed1129970a1b564ee4667eb79ed",
    "settings": {
      "fd_thres": 0.2,
      "testing": false
    },
    "software": "mriqc",
    "version": "21.0.0rc2",
    "webapi_port": null,
    "webapi_url": "https://mriqc.nimh.nih.gov/api/v1"
  },
  "size_t": 130,
  "size_x": 64,
  "size_y": 64,
  "size_z": 36,
  "snr": 6.203863319649454,
  "spacing_tr": 2.259999990463257,
  "spacing_x": 3.4375,
  "spacing_y": 3.4375,
  "spacing_z": 4.0,
  "summary_bg_k": 26.931693199622007,
  "summary_bg_mad": 9.1122993263443,
  "summary_bg_mean": 37.25074768066406,
  "summary_bg_median": 19.169231414794922,
  "summary_bg_n": 98123.0,
  "summary_bg_p05": 12.546154022216797,
  "summary_bg_p95": 125.42615509033176,
  "summary_bg_stdv": 50.31186294555664,
  "summary_fg_k": 2.2309811656650744,
  "summary_fg_mad": 95.52513596970972,
  "summary_fg_mean": 742.5361938476562,
  "summary_fg_median": 739.59228515625,
  "summary_fg_n": 19463.0,
  "summary_fg_p05": 550.8015319824219,
  "summary_fg_p95": 936.0015380859373,
  "summary_fg_stdv": 119.21173095703125,
  "tsnr": 54.98115858435631
}