{
  "aor": 0.009904666666666668,
  "aqi": 0.023226949583333333,
  "bids_meta": {
    "AcquisitionMatrixPE": 68,
    "AcquisitionNumber": 1,
    "AcquisitionTime": "19:04:59.910000",
    "BandwidthPerPixelPhaseEncode": 25.355,
    "BaseResolution": 68,
    "BodyPartExamined": "BRAIN",
    "ConsistencyInfo": "N4_VE11A_LATEST_20140830",
    "ConversionSoftware": "dcm2niix",
    "ConversionSoftwareVersion": "v1.0.20171103 (OpenJPEG build) GCC6.3.0",
    "DelayTime": 5,
    "DerivedVendorReportedEchoSpacing": 0.000579999,
    "DeviceSerialNumber": "45685",
    "DwellTime": 3.8e-06,
    "EchoTime": 0.03,
    "EchoTrainLength": 68,
    "EffectiveEchoSpacing": 0.000579999,
    "FlipAngle": 90,
    "ImageOrientationPatientDICOM": [
      1,
      0,
      0,
      0,
      0.932324,
      -0.361625
    ],
    "ImageType": [
      "ORIGINAL",
      "PRIMARY",
      "M",
      "ND",
      "MOSAIC"
    ],
    "InPlanePhaseEncodingDirectionDICOM": "COL",
    "InstitutionAddress": "HAWKINS_DRIVE_200_IOWA_CITY_IOWA_US_52242",
    "InstitutionName": "UIHC_SKYRA",
    "InstitutionalDepartmentName": "Department",
    "MRAcquisitionType": "2D",
    "MagneticFieldStrength": 3,
    "Manufacturer": "Siemens",
    "ManufacturersModelName": "Skyra",
    "Modality": "MR",
    "PartialFourier": 1,
    "PatientPosition": "HFS",
    "PercentPhaseFOV": 100,
    "PhaseEncodingDirection": "j-",
    "PhaseEncodingSteps": 68,
    "PhaseResolution": 1,
    "PixelBandwidth": 1935,
    "ProcedureStepDescription": "RESEARCH_HOWARD",
    "ProtocolName": "ES-FMRI",
    "PulseSequenceDetails": "%SiemensSeq%_ep2d_pace",
    "ReceiveCoilActiveElements": "HE",
    "ReceiveCoilName": "Head_TxRx",
    "ReconMatrixPE": 68,
    "RepetitionTime": 8,
    "SAR": 0.0448461,
    "ScanOptions": "FS",
    "ScanningSequence": "EP",
    "SequenceName": "_epfid2d1_68",
    "SequenceVariant": "SK",
    "SeriesDescription": "ES-FMRI",
    "SeriesNumber": 30,
    "ShimSetting": [
      -3832,
      -1490,
      -1078,
      604,
      -10,
      -275,
      795,
      339
    ],
    "SliceThickness": 3,
    "SliceTiming": [
      1.49,
      0,
      1.5575,
      0.07,
      1.6275,
      0.1375,
      1.695,
      0.205,
      1.7625,
      0.2725,
      1.83,
      0.34,
      1.8975,
      0.4075,
      1.965,
      0.475,
      2.0325,
      0.5425,
      2.1,
      0.61,
      2.1675,
      0.6775,
      2.235,
      0.745,
      2.3025,
      0.8125,
      2.3725,
      0.8825,
      2.44,
      0.95,
      2.5075,
      1.0175,
      2.575,
      1.085,
      2.6425,
      1.1525,
      2.71,
      1.22,
      2.7775,
      1.2875,
      2.845,
      1.355,
      2.9125,
      1.4225
    ],
    "SoftwareVersions": "syngo_MR_E11",
    "SpacingBetweenSlices": 3.6,
    "StationName": "AWP45685",
    "TaskName": "es",
    "TotalReadoutTime": 0.03886,
    "TxRefAmp": 217.124,
    "dataset": "ds002799",
    "modality": "bold",
    "run_id": 9,
    "session_id": "postop",
    "subject_id": "352",
    "task_id": "es"
  },
  "dummy_trs": 0,
  "dvars_nstd": 84.94422207336133,
  "dvars_std": 1.2480870692436978,
  "dvars_vstd": 1.076743346134454,
  "efc": 0.4536843898878883,
  "fber": 2185.08544921875,
  "fd_mean": 1.7088996841015482,
  "fd_num": 119,
  "fd_perc": 99.16666666666667,
  "fwhm_avg": 2.027829467351136,
  "fwhm_x": 2.007910190522238,
  "fwhm_y": 2.2616367370766586,
  "fwhm_z": 1.8139414744545117,
  "gcor": 0.0198331,
  "gsr_x": -0.016180889680981636,
  "gsr_y": 0.046346042305231094,
  "provenance": {
    "md5sum": "3e4cde31d8e64ac888fbb8247d1c4cfa",
    "settings": {
      "fd_thres": 0.2,
      "testing": false
    },
    "software": "mriqc",
    "version": "21.0.0rc2",
    "webapi_port": null,
    "webapi_url": "https://mriqc.nimh.nih.gov/api/v1"
  },
  "size_t": 120,
  "size_x": 68,
  "size_y": 68,
  "size_z": 44,
  "snr": 2.8936436708701843,
  "spacing_tr": 8.0,
  "spacing_x": 3.2352941036224365,
  "spacing_y": 3.2352941036224365,
  "spacing_z": 3.6000003814697266,
  "summary_bg_k": 33.92283395724974,
  "summary_bg_mad": 3.632375859514622,
  "summary_bg_mean": 22.17131805419922,
  "summary_bg_median": 7.408333778381348,
  "summary_bg_n": 142317.0,
  "summary_bg_p05": 4.858333587646484,
  "summary_bg_p95": 90.83333740234302,
  "summary_bg_stdv": 41.067604064941406,
  "summary_fg_k": 6.5224823336443905,
  "summary_fg_mad": 82.24736712068407,
  "summary_fg_mean": 381.5833740234375,
  "summary_fg_median": 353.9250183105469,
  "summary_fg_n": 23296.0,
  "summary_fg_p05": 247.04376220703125,
  "summary_fg_p95": 607.1291809082031,
  "summary_fg_stdv": 122.3085708618164,
  "tsnr": 23.57752667996101
}