{
  "aor": 0.00515760180995475,
  "aqi": 0.018542754841628963,
  "bids_meta": {
    "AcquisitionMatrixPE": 68,
    "AcquisitionNumber": 1,
    "AcquisitionTime": "17:19:10.750000",
    "BandwidthPerPixelPhaseEncode": 25.355,
    "BaseResolution": 68,
    "BodyPartExamined": "BRAIN",
    "ConsistencyInfo": "N4_VE11A_LATEST_20140830",
    "ConversionSoftware": "dcm2niix",
    "ConversionSoftwareVersion": "v1.0.20171103 (OpenJPEG build) GCC6.3.0",
    "DelayTime": 0.1,
    "DerivedVendorReportedEchoSpacing": 0.000579999,
    "DeviceSerialNumber": "45685",
    "DwellTime": 3.8e-06,
    "EchoTime": 0.03,
    "EchoTrainLength": 68,
    "EffectiveEchoSpacing": 0.000579999,
    "FlipAngle": 90,
    "ImageOrientationPatientDICOM": [
      1,
      0,
      0,
      0,
      0.932324,
      -0.361625
    ],
    "ImageType": [
      "ORIGINAL",
      "PRIMARY",
      "M",
      "ND",
      "MOSAIC"
    ],
    "InPlanePhaseEncodingDirectionDICOM": "COL",
    "InstitutionAddress": "HAWKINS_DRIVE_200_IOWA_CITY_IOWA_US_52242",
    "InstitutionName": "UIHC_SKYRA",
    "InstitutionalDepartmentName": "Department",
    "MRAcquisitionType": "2D",
    "MagneticFieldStrength": 3,
    "Manufacturer": "Siemens",
    "ManufacturersModelName": "Skyra",
    "Modality": "MR",
    "PartialFourier": 1,
    "PatientPosition": "HFS",
    "PercentPhaseFOV": 100,
    "PhaseEncodingDirection": "j-",
    "PhaseEncodingSteps": 68,
    "PhaseResolution": 1,
    "PixelBandwidth": 1935,
    "ProcedureStepDescription": "RESEARCH_HOWARD",
    "ProtocolName": "ES-FMRI",
    "PulseSequenceDetails": "%SiemensSeq%_ep2d_pace",
    "ReceiveCoilActiveElements": "HE",
    "ReceiveCoilName": "Head_TxRx",
    "ReconMatrixPE": 68,
    "RepetitionTime": 3,
    "SAR": 0.11959,
    "ScanOptions": "FS",
    "ScanningSequence": "EP",
    "SequenceName": "_epfid2d1_68",
    "SequenceVariant": "SK",
    "SeriesDescription": "ES-FMRI",
    "SeriesNumber": 16,
    "ShimSetting": [
      -3823,
      -1525,
      -1115,
      650,
      -58,
      -563,
      1047,
      354
    ],
    "SliceThickness": 3,
    "SliceTiming": [
      1.44,
      0,
      1.505,
      0.065,
      1.5725,
      0.1325,
      1.6375,
      0.1975,
      1.7025,
      0.2625,
      1.7675,
      0.3275,
      1.8325,
      0.3925,
      1.9,
      0.46,
      1.965,
      0.525,
      2.03,
      0.59,
      2.095,
      0.655,
      2.16,
      0.72,
      2.225,
      0.785,
      2.2925,
      0.8525,
      2.3575,
      0.9175,
      2.4225,
      0.9825,
      2.4875,
      1.0475,
      2.5525,
      1.1125,
      2.6175,
      1.18,
      2.685,
      1.245,
      2.75,
      1.31,
      2.815,
      1.375
    ],
    "SoftwareVersions": "syngo_MR_E11",
    "SpacingBetweenSlices": 3,
    "StationName": "AWP45685",
    "TaskName": "es",
    "TotalReadoutTime": 0.03886,
    "TxRefAmp": 217.124,
    "dataset": "ds002799",
    "modality": "bold",
    "run_id": 4,
    "session_id": "postop",
    "subject_id": "352",
    "task_id": "es"
  },
  "dummy_trs": 0,
  "dvars_nstd": 49.048271873045415,
  "dvars_std": 1.0951839327272728,
  "dvars_vstd": 1.038121074318182,
  "efc": 0.5021902737851908,
  "fber": 1167.2611083984375,
  "fd_mean": 0.609775507493598,
  "fd_num": 173,
  "fd_perc": 78.28054298642535,
  "fwhm_avg": 2.20635986488361,
  "fwhm_x": 2.055142372545166,
  "fwhm_y": 2.303280555438998,
  "fwhm_z": 2.2606566666666668,
  "gcor": 0.0214983,
  "gsr_x": -0.01984601467847824,
  "gsr_y": 0.04016045853495598,
  "provenance": {
    "md5sum": "106ef051350c0002180f574485b10c62",
    "settings": {
      "fd_thres": 0.2,
      "testing": false
    },
    "software": "mriqc",
    "version": "21.0.0rc2",
    "webapi_port": null,
    "webapi_url": "https://mriqc.nimh.nih.gov/api/v1"
  },
  "size_t": 221,
  "size_x": 68,
  "size_y": 68,
  "size_z": 44,
  "snr": 4.061106574051782,
  "spacing_tr": 3.0,
  "spacing_x": 3.2352941036224365,
  "spacing_y": 3.2352941036224365,
  "spacing_z": 3.0,
  "summary_bg_k": 27.570798666803228,
  "summary_bg_mad": 2.2473828775864595,
  "summary_bg_mean": 19.733396530151367,
  "summary_bg_median": 8.217194557189941,
  "summary_bg_n": 136189.0,
  "summary_bg_p05": 6.615385055541992,
  "summary_bg_p95": 72.77375793457011,
  "summary_bg_stdv": 30.88367462158203,
  "summary_fg_k": 6.170537914127632,
  "summary_fg_mad": 49.08690169260812,
  "summary_fg_mean": 300.8061218261719,
  "summary_fg_median": 289.76019287109375,
  "summary_fg_n": 27684.0,
  "summary_fg_p05": 211.47082901000977,
  "summary_fg_p95": 424.9185791015625,
  "summary_fg_stdv": 71.34877014160156,
  "tsnr": 29.705171042471193
}