{
  "aor": 0.00965825,
  "aqi": 0.02113371375,
  "bids_meta": {
    "AcquisitionMatrixPE": 68,
    "AcquisitionNumber": 1,
    "AcquisitionTime": "18:00:53.100000",
    "BandwidthPerPixelPhaseEncode": 25.355,
    "BaseResolution": 68,
    "BodyPartExamined": "BRAIN",
    "ConsistencyInfo": "N4_VE11A_LATEST_20140830",
    "ConversionSoftware": "dcm2niix",
    "ConversionSoftwareVersion": "v1.0.20171103 (OpenJPEG build) GCC6.3.0",
    "DelayTime": 5,
    "DerivedVendorReportedEchoSpacing": 0.000579999,
    "DeviceSerialNumber": "45685",
    "DwellTime": 3.8e-06,
    "EchoTime": 0.03,
    "EchoTrainLength": 68,
    "EffectiveEchoSpacing": 0.000579999,
    "FlipAngle": 90,
    "ImageOrientationPatientDICOM": [
      1,
      0,
      0,
      0,
      0.932324,
      -0.361625
    ],
    "ImageType": [
      "ORIGINAL",
      "PRIMARY",
      "M",
      "ND",
      "MOSAIC"
    ],
    "InPlanePhaseEncodingDirectionDICOM": "COL",
    "InstitutionAddress": "HAWKINS_DRIVE_200_IOWA_CITY_IOWA_US_52242",
    "InstitutionName": "UIHC_SKYRA",
    "InstitutionalDepartmentName": "Department",
    "MRAcquisitionType": "2D",
    "MagneticFieldStrength": 3,
    "Manufacturer": "Siemens",
    "ManufacturersModelName": "Skyra",
    "Modality": "MR",
    "PartialFourier": 1,
    "PatientPosition": "HFS",
    "PercentPhaseFOV": 100,
    "PhaseEncodingDirection": "j-",
    "PhaseEncodingSteps": 68,
    "PhaseResolution": 1,
    "PixelBandwidth": 1935,
    "ProcedureStepDescription": "RESEARCH_HOWARD",
    "ProtocolName": "ES-FMRI",
    "PulseSequenceDetails": "%SiemensSeq%_ep2d_pace",
    "ReceiveCoilActiveElements": "HE",
    "ReceiveCoilName": "Head_TxRx",
    "ReconMatrixPE": 68,
    "RepetitionTime": 8,
    "SAR": 0.0448461,
    "ScanOptions": "FS",
    "ScanningSequence": "EP",
    "SequenceName": "_epfid2d1_68",
    "SequenceVariant": "SK",
    "SeriesDescription": "ES-FMRI",
    "SeriesNumber": 24,
    "ShimSetting": [
      -3832,
      -1490,
      -1078,
      604,
      -10,
      -275,
      795,
      339
    ],
    "SliceThickness": 3,
    "SliceTiming": [
      1.49,
      0,
      1.5575,
      0.0675,
      1.625,
      0.135,
      1.6925,
      0.2025,
      1.7625,
      0.2725,
      1.83,
      0.34,
      1.8975,
      0.4075,
      1.965,
      0.475,
      2.0325,
      0.5425,
      2.1,
      0.61,
      2.1675,
      0.6775,
      2.235,
      0.745,
      2.3025,
      0.8125,
      2.37,
      0.88,
      2.4375,
      0.9475,
      2.505,
      1.0175,
      2.575,
      1.085,
      2.6425,
      1.1525,
      2.71,
      1.22,
      2.7775,
      1.2875,
      2.845,
      1.355,
      2.9125,
      1.4225
    ],
    "SoftwareVersions": "syngo_MR_E11",
    "SpacingBetweenSlices": 3.6,
    "StationName": "AWP45685",
    "TaskName": "es",
    "TotalReadoutTime": 0.03886,
    "TxRefAmp": 217.124,
    "dataset": "ds002799",
    "modality": "bold",
    "run_id": 6,
    "session_id": "postop",
    "subject_id": "352",
    "task_id": "es"
  },
  "dummy_trs": 0,
  "dvars_nstd": 87.64470134092436,
  "dvars_std": 1.2257393284873952,
  "dvars_vstd": 1.0626443687394955,
  "efc": 0.4539483945982883,
  "fber": 2118.810546875,
  "fd_mean": 1.6832020119063245,
  "fd_num": 119,
  "fd_perc": 99.16666666666667,
  "fwhm_avg": 2.05448490523605,
  "fwhm_x": 2.0667240089590075,
  "fwhm_y": 2.2843920099025725,
  "fwhm_z": 1.8123386968465702,
  "gcor": 0.0386807,
  "gsr_x": -0.017827672883868217,
  "gsr_y": 0.052522674202919006,
  "provenance": {
    "md5sum": "cd358bedd7beb008b60eeb8e5d7e2652",
    "settings": {
      "fd_thres": 0.2,
      "testing": false
    },
    "software": "mriqc",
    "version": "21.0.0rc2",
    "webapi_port": null,
    "webapi_url": "https://mriqc.nimh.nih.gov/api/v1"
  },
  "size_t": 120,
  "size_x": 68,
  "size_y": 68,
  "size_z": 44,
  "snr": 2.8256992662977702,
  "spacing_tr": 8.0,
  "spacing_x": 3.2352941036224365,
  "spacing_y": 3.2352941036224365,
  "spacing_z": 3.6000003814697266,
  "summary_bg_k": 39.83743225067949,
  "summary_bg_mad": 3.4346950452766674,
  "summary_bg_mean": 22.128740310668945,
  "summary_bg_median": 7.425000190734863,
  "summary_bg_n": 142367.0,
  "summary_bg_p05": 5.008333683013916,
  "summary_bg_p95": 90.1141693115233,
  "summary_bg_stdv": 40.66657257080078,
  "summary_fg_k": 6.992280572295877,
  "summary_fg_mad": 79.99256116489713,
  "summary_fg_mean": 378.0103454589844,
  "summary_fg_median": 349.2083435058594,
  "summary_fg_n": 23094.0,
  "summary_fg_p05": 242.2720932006836,
  "summary_fg_p95": 613.1000274658201,
  "summary_fg_stdv": 123.58030700683594,
  "tsnr": 24.08379385160515
}