{
  "aor": 0.002657286821705427,
  "aqi": 0.005850564341085273,
  "bids_meta": {
    "AcquisitionMatrixPE": 64,
    "AcquisitionNumber": 1,
    "AcquisitionTime": "07:58:47.637500",
    "BandwidthPerPixelPhaseEncode": 27.902,
    "BaseResolution": 64,
    "ConversionSoftware": "dcm2niix",
    "ConversionSoftwareVersion": "v1.0.20171215 (OpenJPEG build) GCC7.2.0",
    "DerivedVendorReportedEchoSpacing": 0.000559996,
    "DeviceSerialNumber": "35267",
    "DwellTime": 3.9e-06,
    "EchoTime": 0.03,
    "EffectiveEchoSpacing": 0.000559996,
    "FlipAngle": 80,
    "ImageComments": "PROJECT:MH_EPIL_SUBJECT:330_SESSION:20151109",
    "ImageOrientationPatientDICOM": [
      1,
      0,
      0,
      0,
      1,
      0
    ],
    "ImageType": [
      "ORIGINAL",
      "PRIMARY",
      "M",
      "ND",
      "MOSAIC"
    ],
    "InPlanePhaseEncodingDirectionDICOM": "COL",
    "InstitutionAddress": "Newton_Road_500_Iowa_City_CDI_US_52242",
    "InstitutionName": "University_of_Iowa",
    "InstitutionalDepartmentName": "Department",
    "MRAcquisitionType": "2D",
    "MagneticFieldStrength": 3,
    "Manufacturer": "Siemens",
    "ManufacturersModelName": "TrioTim",
    "Modality": "MR",
    "PartialFourier": 1,
    "PatientPosition": "HFS",
    "PercentPhaseFOV": 100,
    "PhaseEncodingDirection": "j-",
    "PhaseEncodingSteps": 64,
    "PhaseResolution": 1,
    "PixelBandwidth": 2003,
    "ProcedureStepDescription": "RESEARCH_HOWARD",
    "ProtocolName": "REST",
    "PulseSequenceDetails": "%SiemensSeq%_ep2d_pace",
    "ReceiveCoilName": "HeadMatrix",
    "ReconMatrixPE": 64,
    "RepetitionTime": 2.26,
    "SAR": 0.172333,
    "ScanOptions": "FS",
    "ScanningSequence": "EP",
    "SequenceName": "_epfid2d1_64",
    "SequenceVariant": "SK",
    "SeriesDescription": "REST",
    "SeriesNumber": 6,
    "ShimSetting": [
      6503,
      25325,
      6181,
      515,
      20,
      -469,
      132,
      -72
    ],
    "SliceThickness": 4,
    "SliceTiming": [
      1.125,
      0,
      1.1875,
      0.0625,
      1.25,
      0.125,
      1.3125,
      0.1875,
      1.375,
      0.25,
      1.4375,
      0.3125,
      1.5,
      0.375,
      1.5625,
      0.4375,
      1.625,
      0.5,
      1.685,
      0.5625,
      1.7475,
      0.625,
      1.81,
      0.6875,
      1.8725,
      0.75,
      1.935,
      0.8125,
      1.9975,
      0.875,
      2.06,
      0.9375,
      2.1225,
      1,
      2.185,
      1.0625
    ],
    "SoftwareVersions": "syngo_MR_B17",
    "SpacingBetweenSlices": 4,
    "StationName": "MRC35267",
    "TaskName": "rest",
    "TotalReadoutTime": 0.0352797,
    "TxRefAmp": 307.609,
    "dataset": "ds002799",
    "modality": "bold",
    "run_id": 3,
    "session_id": "preop",
    "subject_id": "330",
    "task_id": "rest"
  },
  "dummy_trs": 1,
  "dvars_nstd": 22.786334559687504,
  "dvars_std": 1.2188306878906248,
  "dvars_vstd": 0.9961346689062501,
  "efc": 0.5067326170954396,
  "fber": 1192.0751953125,
  "fd_mean": 0.14628625580001958,
  "fd_num": 21,
  "fd_perc": 16.27906976744186,
  "fwhm_avg": 1.8601256818181817,
  "fwhm_x": 1.7617745454545455,
  "fwhm_y": 2.0912,
  "fwhm_z": 1.7274025,
  "gcor": 0.0129813,
  "gsr_x": -0.010291003622114658,
  "gsr_y": 0.045491497963666916,
  "provenance": {
    "md5sum": "6051225133928375d828fdcef8c7d570",
    "settings": {
      "fd_thres": 0.2,
      "testing": false
    },
    "software": "mriqc",
    "version": "21.0.0rc2",
    "webapi_port": null,
    "webapi_url": "https://mriqc.nimh.nih.gov/api/v1"
  },
  "size_t": 129,
  "size_x": 64,
  "size_y": 64,
  "size_z": 36,
  "snr": 5.4642130788624526,
  "spacing_tr": 2.259999990463257,
  "spacing_x": 3.4375,
  "spacing_y": 3.4375,
  "spacing_z": 4.0,
  "summary_bg_k": 33.90494802923188,
  "summary_bg_mad": 12.561894256968918,
  "summary_bg_mean": 46.283958435058594,
  "summary_bg_median": 22.89922523498535,
  "summary_bg_n": 92896.0,
  "summary_bg_p05": 13.589147567749023,
  "summary_bg_p95": 156.16085815429688,
  "summary_bg_stdv": 68.859130859375,
  "summary_fg_k": 1.9853890397491583,
  "summary_fg_mad": 118.86100893787642,
  "summary_fg_mean": 822.1463623046875,
  "summary_fg_median": 810.2402954101562,
  "summary_fg_n": 23094.0,
  "summary_fg_p05": 600.2759521484375,
  "summary_fg_p95": 1080.5585327148438,
  "summary_fg_stdv": 148.2780303955078,
  "tsnr": 72.04010066343471
}