{
  "aor": 0.002122480620155039,
  "aqi": 0.006712354108527131,
  "bids_meta": {
    "AcquisitionMatrixPE": 64,
    "AcquisitionNumber": 1,
    "AcquisitionTime": "07:46:31.085000",
    "BandwidthPerPixelPhaseEncode": 27.902,
    "BaseResolution": 64,
    "ConversionSoftware": "dcm2niix",
    "ConversionSoftwareVersion": "v1.0.20171215 (OpenJPEG build) GCC7.2.0",
    "DerivedVendorReportedEchoSpacing": 0.000559996,
    "DeviceSerialNumber": "35267",
    "DwellTime": 3.9e-06,
    "EchoTime": 0.03,
    "EffectiveEchoSpacing": 0.000559996,
    "FlipAngle": 80,
    "ImageComments": "PROJECT:MH_EPIL_SUBJECT:330_SESSION:20151109",
    "ImageOrientationPatientDICOM": [
      1,
      0,
      0,
      0,
      1,
      0
    ],
    "ImageType": [
      "ORIGINAL",
      "PRIMARY",
      "M",
      "ND",
      "MOSAIC"
    ],
    "InPlanePhaseEncodingDirectionDICOM": "COL",
    "InstitutionAddress": "Newton_Road_500_Iowa_City_CDI_US_52242",
    "InstitutionName": "University_of_Iowa",
    "InstitutionalDepartmentName": "Department",
    "MRAcquisitionType": "2D",
    "MagneticFieldStrength": 3,
    "Manufacturer": "Siemens",
    "ManufacturersModelName": "TrioTim",
    "Modality": "MR",
    "PartialFourier": 1,
    "PatientPosition": "HFS",
    "PercentPhaseFOV": 100,
    "PhaseEncodingDirection": "j-",
    "PhaseEncodingSteps": 64,
    "PhaseResolution": 1,
    "PixelBandwidth": 2003,
    "ProcedureStepDescription": "RESEARCH_HOWARD",
    "ProtocolName": "REST",
    "PulseSequenceDetails": "%SiemensSeq%_ep2d_pace",
    "ReceiveCoilName": "HeadMatrix",
    "ReconMatrixPE": 64,
    "RepetitionTime": 2.26,
    "SAR": 0.172333,
    "ScanOptions": "FS",
    "ScanningSequence": "EP",
    "SequenceName": "_epfid2d1_64",
    "SequenceVariant": "SK",
    "SeriesDescription": "REST",
    "SeriesNumber": 2,
    "ShimSetting": [
      6503,
      25325,
      6181,
      515,
      20,
      -469,
      132,
      -72
    ],
    "SliceThickness": 4,
    "SliceTiming": [
      1.125,
      0,
      1.1875,
      0.0625,
      1.25,
      0.125,
      1.3125,
      0.1875,
      1.375,
      0.25,
      1.4375,
      0.3125,
      1.5,
      0.375,
      1.5625,
      0.4375,
      1.625,
      0.5,
      1.6875,
      0.5625,
      1.75,
      0.625,
      1.8125,
      0.6875,
      1.875,
      0.75,
      1.9375,
      0.8125,
      2,
      0.875,
      2.0625,
      0.9375,
      2.125,
      1,
      2.1875,
      1.0625
    ],
    "SoftwareVersions": "syngo_MR_B17",
    "SpacingBetweenSlices": 4,
    "StationName": "MRC35267",
    "TaskName": "rest",
    "TotalReadoutTime": 0.0352797,
    "TxRefAmp": 307.609,
    "dataset": "ds002799",
    "modality": "bold",
    "run_id": 1,
    "session_id": "preop",
    "subject_id": "330",
    "task_id": "rest"
  },
  "dummy_trs": 1,
  "dvars_nstd": 20.65368506289063,
  "dvars_std": 1.2037479153125006,
  "dvars_vstd": 0.9675078720312499,
  "efc": 0.5057969419139086,
  "fber": 1192.76416015625,
  "fd_mean": 0.10434816554161047,
  "fd_num": 13,
  "fd_perc": 10.077519379844961,
  "fwhm_avg": 1.909924393939394,
  "fwhm_x": 1.8149701818181818,
  "fwhm_y": 2.1441280000000003,
  "fwhm_z": 1.770675,
  "gcor": 0.0148984,
  "gsr_x": -0.010325395502150059,
  "gsr_y": 0.04407012462615967,
  "provenance": {
    "md5sum": "e0e69a2999bea7f340d1a57e80ade4ef",
    "settings": {
      "fd_thres": 0.2,
      "testing": false
    },
    "software": "mriqc",
    "version": "21.0.0rc2",
    "webapi_port": null,
    "webapi_url": "https://mriqc.nimh.nih.gov/api/v1"
  },
  "size_t": 129,
  "size_x": 64,
  "size_y": 64,
  "size_z": 36,
  "snr": 5.424650172512378,
  "spacing_tr": 2.259999990463257,
  "spacing_x": 3.4375,
  "spacing_y": 3.4375,
  "spacing_z": 4.0,
  "summary_bg_k": 33.89521253337297,
  "summary_bg_mad": 12.969896327180514,
  "summary_bg_mean": 46.04087448120117,
  "summary_bg_median": 22.996124267578125,
  "summary_bg_n": 92954.0,
  "summary_bg_p05": 13.209301948547363,
  "summary_bg_p95": 157.72131958007793,
  "summary_bg_stdv": 68.2927474975586,
  "summary_fg_k": 1.8436227136478927,
  "summary_fg_mad": 121.15965771439492,
  "summary_fg_mean": 822.849609375,
  "summary_fg_median": 812.0852661132812,
  "summary_fg_n": 23025.0,
  "summary_fg_p05": 594.6852905273438,
  "summary_fg_p95": 1080.9890869140625,
  "summary_fg_stdv": 149.6995391845703,
  "tsnr": 64.13476962619461
}