{
  "aor": 0.0004956589147286822,
  "aqi": 0.007916967596899225,
  "bids_meta": {
    "AcquisitionMatrixPE": 64,
    "AcquisitionNumber": 1,
    "AcquisitionTime": "07:53:11.350000",
    "BandwidthPerPixelPhaseEncode": 27.902,
    "BaseResolution": 64,
    "ConversionSoftware": "dcm2niix",
    "ConversionSoftwareVersion": "v1.0.20171215 (OpenJPEG build) GCC7.2.0",
    "DerivedVendorReportedEchoSpacing": 0.000559996,
    "DeviceSerialNumber": "35267",
    "DwellTime": 3.9e-06,
    "EchoTime": 0.03,
    "EffectiveEchoSpacing": 0.000559996,
    "FlipAngle": 80,
    "ImageComments": "PROJECT:MH_EPIL_SUBJECT:330_SESSION:20151109",
    "ImageOrientationPatientDICOM": [
      1,
      0,
      0,
      0,
      1,
      0
    ],
    "ImageType": [
      "ORIGINAL",
      "PRIMARY",
      "M",
      "ND",
      "MOSAIC"
    ],
    "InPlanePhaseEncodingDirectionDICOM": "COL",
    "InstitutionAddress": "Newton_Road_500_Iowa_City_CDI_US_52242",
    "InstitutionName": "University_of_Iowa",
    "InstitutionalDepartmentName": "Department",
    "MRAcquisitionType": "2D",
    "MagneticFieldStrength": 3,
    "Manufacturer": "Siemens",
    "ManufacturersModelName": "TrioTim",
    "Modality": "MR",
    "PartialFourier": 1,
    "PatientPosition": "HFS",
    "PercentPhaseFOV": 100,
    "PhaseEncodingDirection": "j-",
    "PhaseEncodingSteps": 64,
    "PhaseResolution": 1,
    "PixelBandwidth": 2003,
    "ProcedureStepDescription": "RESEARCH_HOWARD",
    "ProtocolName": "REST",
    "PulseSequenceDetails": "%SiemensSeq%_ep2d_pace",
    "ReceiveCoilName": "HeadMatrix",
    "ReconMatrixPE": 64,
    "RepetitionTime": 2.26,
    "SAR": 0.172333,
    "ScanOptions": "FS",
    "ScanningSequence": "EP",
    "SequenceName": "_epfid2d1_64",
    "SequenceVariant": "SK",
    "SeriesDescription": "REST",
    "SeriesNumber": 5,
    "ShimSetting": [
      6503,
      25325,
      6181,
      515,
      20,
      -469,
      132,
      -72
    ],
    "SliceThickness": 4,
    "SliceTiming": [
      1.125,
      0,
      1.1875,
      0.0625,
      1.25,
      0.125,
      1.3125,
      0.1875,
      1.375,
      0.25,
      1.4375,
      0.3125,
      1.5,
      0.375,
      1.5625,
      0.4375,
      1.625,
      0.5,
      1.6875,
      0.5625,
      1.75,
      0.625,
      1.8125,
      0.6875,
      1.875,
      0.75,
      1.9375,
      0.8125,
      2,
      0.875,
      2.0625,
      0.9375,
      2.125,
      1,
      2.1875,
      1.0625
    ],
    "SoftwareVersions": "syngo_MR_B17",
    "SpacingBetweenSlices": 4,
    "StationName": "MRC35267",
    "TaskName": "rest",
    "TotalReadoutTime": 0.0352797,
    "TxRefAmp": 307.609,
    "dataset": "ds002799",
    "modality": "bold",
    "run_id": 2,
    "session_id": "preop",
    "subject_id": "330",
    "task_id": "rest"
  },
  "dummy_trs": 1,
  "dvars_nstd": 21.450053855859384,
  "dvars_std": 1.1549845310937499,
  "dvars_vstd": 0.9316059299999998,
  "efc": 0.5061467450020425,
  "fber": 1176.37841796875,
  "fd_mean": 0.11239751069088826,
  "fd_num": 8,
  "fd_perc": 6.2015503875969,
  "fwhm_avg": 1.8628990303030302,
  "fwhm_x": 1.7478952727272727,
  "fwhm_y": 2.099781818181818,
  "fwhm_z": 1.74102,
  "gcor": 0.00840499,
  "gsr_x": -0.009276866912841797,
  "gsr_y": 0.04436982050538063,
  "provenance": {
    "md5sum": "40a5c7aec9773d9767893ab191bd825e",
    "settings": {
      "fd_thres": 0.2,
      "testing": false
    },
    "software": "mriqc",
    "version": "21.0.0rc2",
    "webapi_port": null,
    "webapi_url": "https://mriqc.nimh.nih.gov/api/v1"
  },
  "size_t": 129,
  "size_x": 64,
  "size_y": 64,
  "size_z": 36,
  "snr": 5.46034337637068,
  "spacing_tr": 2.259999990463257,
  "spacing_x": 3.4375,
  "spacing_y": 3.4375,
  "spacing_z": 4.0,
  "summary_bg_k": 33.83168479274448,
  "summary_bg_mad": 13.228488093292356,
  "summary_bg_mean": 46.10446548461914,
  "summary_bg_median": 23.170541763305664,
  "summary_bg_n": 92950.0,
  "summary_bg_p05": 12.635659217834473,
  "summary_bg_p95": 157.84379272460953,
  "summary_bg_stdv": 68.36080169677734,
  "summary_fg_k": 2.015424508287416,
  "summary_fg_mad": 118.17137810857764,
  "summary_fg_mean": 823.1251220703125,
  "summary_fg_median": 811.782958984375,
  "summary_fg_n": 23021.0,
  "summary_fg_p05": 600.6434326171875,
  "summary_fg_p95": 1083.2093505859375,
  "summary_fg_stdv": 148.66561889648438,
  "tsnr": 62.043566182255745
}