{
  "aor": 0.0012487596899224806,
  "aqi": 0.0065603810852713175,
  "bids_meta": {
    "AcquisitionMatrixPE": 64,
    "AcquisitionNumber": 1,
    "AcquisitionTime": "08:22:11.517500",
    "BandwidthPerPixelPhaseEncode": 27.902,
    "BaseResolution": 64,
    "ConversionSoftware": "dcm2niix",
    "ConversionSoftwareVersion": "v1.0.20171215 (OpenJPEG build) GCC7.2.0",
    "DerivedVendorReportedEchoSpacing": 0.000559996,
    "DeviceSerialNumber": "35267",
    "DwellTime": 3.9e-06,
    "EchoTime": 0.03,
    "EffectiveEchoSpacing": 0.000559996,
    "FlipAngle": 80,
    "ImageComments": "PROJECT:MH_EPIL_SUBJECT:330_SESSION:20151109",
    "ImageOrientationPatientDICOM": [
      1,
      0,
      0,
      0,
      1,
      0
    ],
    "ImageType": [
      "ORIGINAL",
      "PRIMARY",
      "M",
      "ND",
      "MOSAIC"
    ],
    "InPlanePhaseEncodingDirectionDICOM": "COL",
    "InstitutionAddress": "Newton_Road_500_Iowa_City_CDI_US_52242",
    "InstitutionName": "University_of_Iowa",
    "InstitutionalDepartmentName": "Department",
    "MRAcquisitionType": "2D",
    "MagneticFieldStrength": 3,
    "Manufacturer": "Siemens",
    "ManufacturersModelName": "TrioTim",
    "Modality": "MR",
    "PartialFourier": 1,
    "PatientPosition": "HFS",
    "PercentPhaseFOV": 100,
    "PhaseEncodingDirection": "j-",
    "PhaseEncodingSteps": 64,
    "PhaseResolution": 1,
    "PixelBandwidth": 2003,
    "ProcedureStepDescription": "RESEARCH_HOWARD",
    "ProtocolName": "REST",
    "PulseSequenceDetails": "%SiemensSeq%_ep2d_pace",
    "ReceiveCoilName": "HeadMatrix",
    "ReconMatrixPE": 64,
    "RepetitionTime": 2.26,
    "SAR": 0.172333,
    "ScanOptions": "FS",
    "ScanningSequence": "EP",
    "SequenceName": "_epfid2d1_64",
    "SequenceVariant": "SK",
    "SeriesDescription": "REST",
    "SeriesNumber": 9,
    "ShimSetting": [
      6503,
      25325,
      6181,
      515,
      20,
      -469,
      132,
      -72
    ],
    "SliceThickness": 4,
    "SliceTiming": [
      1.125,
      0,
      1.1875,
      0.0625,
      1.25,
      0.125,
      1.3125,
      0.1875,
      1.375,
      0.25,
      1.4375,
      0.3125,
      1.5,
      0.375,
      1.5625,
      0.4375,
      1.625,
      0.5,
      1.6875,
      0.5625,
      1.75,
      0.625,
      1.8125,
      0.6875,
      1.875,
      0.75,
      1.9375,
      0.8125,
      2,
      0.875,
      2.0625,
      0.9375,
      2.125,
      1,
      2.1875,
      1.0625
    ],
    "SoftwareVersions": "syngo_MR_B17",
    "SpacingBetweenSlices": 4,
    "StationName": "MRC35267",
    "TaskName": "rest",
    "TotalReadoutTime": 0.0352797,
    "TxRefAmp": 307.609,
    "dataset": "ds002799",
    "modality": "bold",
    "run_id": 5,
    "session_id": "preop",
    "subject_id": "330",
    "task_id": "rest"
  },
  "dummy_trs": 1,
  "dvars_nstd": 23.208846851796864,
  "dvars_std": 1.1910027240624996,
  "dvars_vstd": 0.9840264723437506,
  "efc": 0.5068226320929206,
  "fber": 1170.9681396484375,
  "fd_mean": 0.1840616530936217,
  "fd_num": 41,
  "fd_perc": 31.782945736434108,
  "fwhm_avg": 1.844189166666667,
  "fwhm_x": 1.7394298181818182,
  "fwhm_y": 2.074330181818182,
  "fwhm_z": 1.7188075,
  "gcor": 0.0126626,
  "gsr_x": -0.009166862815618515,
  "gsr_y": 0.043418366461992264,
  "provenance": {
    "md5sum": "f06bd94135065a020e2e13588003dad9",
    "settings": {
      "fd_thres": 0.2,
      "testing": false
    },
    "software": "mriqc",
    "version": "21.0.0rc2",
    "webapi_port": null,
    "webapi_url": "https://mriqc.nimh.nih.gov/api/v1"
  },
  "size_t": 129,
  "size_x": 64,
  "size_y": 64,
  "size_z": 36,
  "snr": 5.495164287105289,
  "spacing_tr": 2.259999990463257,
  "spacing_x": 3.4375,
  "spacing_y": 3.4375,
  "spacing_z": 4.0,
  "summary_bg_k": 32.619042230936266,
  "summary_bg_mad": 13.32043246076308,
  "summary_bg_mean": 46.978515625,
  "summary_bg_median": 23.294572830200195,
  "summary_bg_n": 93137.0,
  "summary_bg_p05": 12.968992233276367,
  "summary_bg_p95": 161.73333435058586,
  "summary_bg_stdv": 69.40716552734375,
  "summary_fg_k": 2.1563563185374175,
  "summary_fg_mad": 116.90147465194931,
  "summary_fg_mean": 823.6846313476562,
  "summary_fg_median": 812.9805908203125,
  "summary_fg_n": 22894.0,
  "summary_fg_p05": 603.4038513183594,
  "summary_fg_p95": 1080.1791198730468,
  "summary_fg_stdv": 147.94149780273438,
  "tsnr": 67.35687180631794
}