{
  "bids_meta": {
    "AcquisitionMatrixPE": 256,
    "AcquisitionNumber": 1,
    "AcquisitionTime": "15:20:59.000000",
    "BodyPartExamined": "HEAD",
    "ConversionSoftware": "dcm2niix",
    "ConversionSoftwareVersion": "v1.0.20180622 GCC7.3.0",
    "DeviceSerialNumber": "0000000319335MR2",
    "EchoTime": 0.003288,
    "FlipAngle": 12,
    "ImageOrientationPatientDICOM": [
      1,
      0,
      0,
      0,
      0,
      -1
    ],
    "ImageType": [
      "DERIVED",
      "PRIMARY",
      "OTHER"
    ],
    "InPlanePhaseEncodingDirectionDICOM": "ROW",
    "InstitutionName": "Iowa_MRRF",
    "InversionTime": 0.45,
    "MRAcquisitionType": "3D",
    "MagneticFieldStrength": 3,
    "Manufacturer": "GE",
    "ManufacturersModelName": "DISCOVERY_MR750w",
    "Modality": "MR",
    "PatientPosition": "HFS",
    "PercentPhaseFOV": 100,
    "PixelBandwidth": 244.141,
    "ProcedureStepDescription": "MH_EPIL",
    "ProtocolName": "PU:Cor_FSPGR_BRAVO",
    "RawImage": true,
    "ReconMatrixPE": 256,
    "RepetitionTime": 0.008504,
    "SAR": 0.139185,
    "ScanOptions": "FAST_GEMS_EDR_GEMS_FILTERED_GEMS_ACC_GEMS",
    "ScanningSequence": "GR",
    "SequenceVariant": "SS_SK",
    "SeriesDescription": "PU:Cor_FSPGR_BRAVO",
    "SeriesNumber": 600,
    "SliceThickness": 0.8,
    "SoftwareVersions": "27_LX_MR_Software_release:DV25.1_R02_1649.a",
    "SpacingBetweenSlices": 0.8,
    "StationName": "Iowa3T",
    "dataset": "ds002799",
    "modality": "T1w",
    "session_id": "preop",
    "subject_id": "413"
  },
  "cjv": 0.3592775431535757,
  "cnr": 3.45357445099092,
  "efc": 0.7043047606564684,
  "fber": 4572.061566319602,
  "fwhm_avg": 3.6899979777220406,
  "fwhm_x": 3.54911,
  "fwhm_y": 4.182623933166122,
  "fwhm_z": 3.33826,
  "icvs_csf": 0.2074751056819936,
  "icvs_gm": 0.4348207749540651,
  "icvs_wm": 0.3577041193639413,
  "inu_med": 1.1537551879882812,
  "inu_range": 0.3042832493782044,
  "provenance": {
    "md5sum": "9f35dacba75e9c3a8a3d91ae094458fd",
    "settings": {
      "testing": false
    },
    "software": "mriqc",
    "version": "21.0.0rc2",
    "warnings": {
      "large_rot_frame": true,
      "small_air_mask": false
    },
    "webapi_port": null,
    "webapi_url": "https://mriqc.nimh.nih.gov/api/v1"
  },
  "qi_1": 0.0,
  "qi_2": 0.0019579616868673198,
  "rpve_csf": 24.684689003871622,
  "rpve_gm": 12.657645736489622,
  "rpve_wm": 18.572539006770988,
  "size_x": 256,
  "size_y": 252,
  "size_z": 256,
  "snr_csf": 3.341135235134039,
  "snr_gm": 11.508519427990713,
  "snr_total": 11.348502518173845,
  "snr_wm": 19.195852891396783,
  "snrd_csf": 27.04486222760428,
  "snrd_gm": 52.94410245464439,
  "snrd_total": 51.68937359688363,
  "snrd_wm": 75.07915610840222,
  "spacing_x": 1.0,
  "spacing_y": 0.7999954223632812,
  "spacing_z": 1.0,
  "summary_bg_k": 1.6088982701925625,
  "summary_bg_mad": 8.725466682165782,
  "summary_bg_mean": 23.17840122609781,
  "summary_bg_median": 8.282927334308624,
  "summary_bg_n": 1309800.0,
  "summary_bg_p05": 1.144351802766323,
  "summary_bg_p95": 85.44493460655212,
  "summary_bg_stdv": 28.622124600223845,
  "summary_csf_k": -0.2839698817897047,
  "summary_csf_mad": 118.6825051490883,
  "summary_csf_mean": 366.02689975314763,
  "summary_csf_median": 360.1983531564474,
  "summary_csf_n": 18765.0,
  "summary_csf_p05": 196.45795806348323,
  "summary_csf_p95": 537.9979275405407,
  "summary_csf_stdv": 107.80430304934954,
  "summary_gm_k": 0.5900101128291233,
  "summary_gm_mad": 56.39236800140478,
  "summary_gm_mean": 707.3949514727906,
  "summary_gm_median": 705.1386822760105,
  "summary_gm_n": 39615.0,
  "summary_gm_p05": 610.9748767912388,
  "summary_gm_p95": 812.9257235080004,
  "summary_gm_stdv": 61.270243034897184,
  "summary_wm_k": 1.0383725601778568,
  "summary_wm_mad": 49.525102557107644,
  "summary_wm_mean": 1000.5625505993182,
  "summary_wm_median": 999.9455038458109,
  "summary_wm_n": 290732.0,
  "summary_wm_p05": 916.516808129847,
  "summary_wm_p95": 1085.2269596233964,
  "summary_wm_stdv": 52.091656973954194,
  "tpm_overlap_csf": 0.1644987016916275,
  "tpm_overlap_gm": 0.4243173897266388,
  "tpm_overlap_wm": 0.4843252897262573,
  "wm2max": 0.3986097534484631
}