{
  "bids_meta": {
    "AcquisitionMatrixPE": 256,
    "AcquisitionNumber": 1,
    "AcquisitionTime": "15:51:20.000000",
    "BodyPartExamined": "HEAD",
    "ConversionSoftware": "dcm2niix",
    "ConversionSoftwareVersion": "v1.0.20180622 GCC7.3.0",
    "DeviceSerialNumber": "0000000319335MR2",
    "EchoTime": 0.082379,
    "EchoTrainLength": 140,
    "FlipAngle": 90,
    "ImageOrientationPatientDICOM": [
      0,
      1,
      0,
      0,
      0,
      -1
    ],
    "ImageType": [
      "DERIVED",
      "PRIMARY",
      "OTHER"
    ],
    "InPlanePhaseEncodingDirectionDICOM": "ROW",
    "InstitutionName": "Iowa_MRRF",
    "MRAcquisitionType": "3D",
    "MagneticFieldStrength": 3,
    "Manufacturer": "GE",
    "ManufacturersModelName": "DISCOVERY_MR750w",
    "Modality": "MR",
    "PatientPosition": "HFS",
    "PercentPhaseFOV": 100,
    "PixelBandwidth": 976.562,
    "ProcedureStepDescription": "MH_EPIL",
    "ProtocolName": "PU:CUBE_T2_Sagittal",
    "RawImage": true,
    "ReconMatrixPE": 256,
    "RepetitionTime": 3.2,
    "SAR": 0.426698,
    "ScanOptions": "EDR_GEMS_FILTERED_GEMS_ACC_GEMS",
    "ScanningSequence": "SE",
    "SequenceVariant": "SK",
    "SeriesDescription": "PU:CUBE_T2_Sagittal",
    "SeriesNumber": 1000,
    "SliceThickness": 1,
    "SoftwareVersions": "27_LX_MR_Software_release:DV25.1_R02_1649.a",
    "SpacingBetweenSlices": 1,
    "StationName": "Iowa3T",
    "dataset": "ds002799",
    "modality": "T2w",
    "session_id": "preop",
    "subject_id": "413"
  },
  "cjv": 0.4460427974891876,
  "cnr": 3.106743039485357,
  "efc": 0.7260575473265113,
  "fber": 623.352735176911,
  "fwhm_avg": 2.7286933333333336,
  "fwhm_x": 2.68114,
  "fwhm_y": 2.93858,
  "fwhm_z": 2.56636,
  "icvs_csf": 0.17819113507055231,
  "icvs_gm": 0.44536210594030806,
  "icvs_wm": 0.3764467589891396,
  "inu_med": 1.265169382095337,
  "inu_range": 0.32997658252716056,
  "provenance": {
    "md5sum": "8a809c493ff4e16336b2735b7dc0a080",
    "settings": {
      "testing": false
    },
    "software": "mriqc",
    "version": "21.0.0rc2",
    "warnings": {
      "large_rot_frame": true,
      "small_air_mask": false
    },
    "webapi_port": null,
    "webapi_url": "https://mriqc.nimh.nih.gov/api/v1"
  },
  "qi_1": 0.0,
  "qi_2": 0.010012406356775833,
  "rpve_csf": 24.261372075651447,
  "rpve_gm": 10.373602728599163,
  "rpve_wm": 13.383523483574809,
  "size_x": 172,
  "size_y": 256,
  "size_z": 256,
  "snr_csf": 4.4361657030325325,
  "snr_gm": 10.239115744279804,
  "snr_total": 8.106042942273833,
  "snr_wm": 9.642847379509162,
  "snrd_csf": 150.1083527611407,
  "snrd_gm": 58.142469953444994,
  "snrd_total": 81.66432918683311,
  "snrd_wm": 36.74216484591367,
  "spacing_x": 1.0,
  "spacing_y": 1.0,
  "spacing_z": 1.0,
  "summary_bg_k": 2.855640227451982,
  "summary_bg_mad": 17.83252332697602,
  "summary_bg_mean": 24.493716863082124,
  "summary_bg_median": 18.14728879928589,
  "summary_bg_n": 364425.0,
  "summary_bg_p05": 0.0,
  "summary_bg_p95": 67.10276556015015,
  "summary_bg_stdv": 22.554950149614076,
  "summary_csf_k": 1.216227961169401,
  "summary_csf_mad": 848.2962631771137,
  "summary_csf_mean": 3901.955748559238,
  "summary_csf_median": 4085.8831746578217,
  "summary_csf_n": 39453.0,
  "summary_csf_p05": 2199.2403874874117,
  "summary_csf_p95": 5065.499145841599,
  "summary_csf_stdv": 921.0276770957516,
  "summary_gm_k": 0.17178808371993837,
  "summary_gm_mad": 157.6770483648406,
  "summary_gm_mean": 1587.4886052463114,
  "summary_gm_median": 1582.61239528656,
  "summary_gm_n": 46240.0,
  "summary_gm_p05": 1343.8489385843277,
  "summary_gm_p95": 1842.4773505926132,
  "summary_gm_stdv": 154.56366757596868,
  "summary_wm_k": 0.0600583179927483,
  "summary_wm_mad": 102.1459450220644,
  "summary_wm_mean": 994.4783796759923,
  "summary_wm_median": 1000.1055263280869,
  "summary_wm_n": 205699.0,
  "summary_wm_p05": 812.7242187261581,
  "summary_wm_p95": 1154.9905260801315,
  "summary_wm_stdv": 103.7145000819623,
  "tpm_overlap_csf": 0.1472194492816925,
  "tpm_overlap_gm": 0.42269882559776306,
  "tpm_overlap_wm": 0.4715431332588196,
  "wm2max": 0.197019845680812
}