{
  "aor": 0.01006846153846154,
  "aqi": 0.010627365,
  "bids_meta": {
    "AcquisitionMatrixPE": 64,
    "AcquisitionNumber": 1,
    "AcquisitionTime": "17:31:56.000000",
    "BodyPartExamined": "HEAD",
    "CoilString": "32Ch_Head",
    "ConversionSoftware": "dcm2niix",
    "ConversionSoftwareVersion": "v1.0.20181125  (JP2:OpenJPEG) GCC8.2.0",
    "DeviceSerialNumber": "0000000319335MR2",
    "EchoTime": 0.03,
    "EffectiveEchoSpacing": 0.00064,
    "FlipAngle": 80,
    "ImageOrientationPatientDICOM": [
      1,
      0,
      0,
      0,
      1,
      0
    ],
    "ImageType": [
      "ORIGINAL",
      "PRIMARY",
      "EPI",
      "NONE"
    ],
    "ImagingFrequency": 127.758,
    "InPlanePhaseEncodingDirectionDICOM": "COL",
    "InstitutionName": "Iowa_MRRF",
    "MRAcquisitionType": "2D",
    "MagneticFieldStrength": 3,
    "Manufacturer": "GE",
    "ManufacturersModelName": "DISCOVERY_MR750w",
    "Modality": "MR",
    "PatientPosition": "HFS",
    "PercentPhaseFOV": 100,
    "PhaseEncodingDirection": "j-",
    "PhaseEncodingPolarityGE": "Unflipped",
    "PixelBandwidth": 7812.5,
    "ProcedureStepDescription": "MH_EPIL",
    "ProtocolName": "REST",
    "ReconMatrixPE": 64,
    "RepetitionTime": 2.26,
    "SAR": 0.152197,
    "ScanOptions": "SAT_GEMS_EPI_GEMS_ACC_GEMS_FS",
    "ScanningSequence": "EP_GR",
    "SequenceVariant": "SS",
    "SeriesDescription": "REST",
    "SeriesNumber": 14,
    "SliceThickness": 4,
    "SliceTiming": [
      0,
      1.13,
      0.0753,
      1.2053,
      0.1506,
      1.2806,
      0.226,
      1.356,
      0.3013,
      1.4313,
      0.3766,
      1.5066,
      0.452,
      1.582,
      0.5273,
      1.6573,
      0.6026,
      1.7326,
      0.678,
      1.808,
      0.7533,
      1.8833,
      0.8286,
      1.9586,
      0.904,
      2.034,
      0.9793,
      2.1093,
      1.0546,
      2.1846
    ],
    "SoftwareVersions": "27_LX_MR_Software_release:DV25.1_R02_1649.a",
    "SpacingBetweenSlices": 4,
    "StationName": "Iowa3T",
    "TaskName": "rest",
    "TotalReadoutTime": 0.04032,
    "dataset": "ds002799",
    "modality": "bold",
    "run_id": 3,
    "session_id": "preop",
    "subject_id": "384",
    "task_id": "rest"
  },
  "dummy_trs": 0,
  "dvars_nstd": 39.90139208658915,
  "dvars_std": 1.2406161939534885,
  "dvars_vstd": 1.0333403018604652,
  "efc": 0.4778893560484244,
  "fber": 11081.4228515625,
  "fd_mean": 0.6075980130040445,
  "fd_num": 115,
  "fd_perc": 88.46153846153847,
  "fwhm_avg": 2.4752645,
  "fwhm_x": 2.4696203636363636,
  "fwhm_y": 2.6344756363636366,
  "fwhm_z": 2.3216975,
  "gcor": 0.120482,
  "gsr_x": 0.0010836245492100716,
  "gsr_y": 0.03954783082008362,
  "provenance": {
    "md5sum": "8b53668ab16126d99117a0b0dfbe52bf",
    "settings": {
      "fd_thres": 0.2,
      "testing": false
    },
    "software": "mriqc",
    "version": "21.0.0rc2",
    "webapi_port": null,
    "webapi_url": "https://mriqc.nimh.nih.gov/api/v1"
  },
  "size_t": 130,
  "size_x": 64,
  "size_y": 64,
  "size_z": 30,
  "snr": 4.651069434686763,
  "spacing_tr": 2.259999990463257,
  "spacing_x": 3.4375,
  "spacing_y": 3.4375,
  "spacing_z": 4.0,
  "summary_bg_k": 70.22494998953168,
  "summary_bg_mad": 17.46049225654429,
  "summary_bg_mean": 54.54475784301758,
  "summary_bg_median": 12.246153831481934,
  "summary_bg_n": 74930.0,
  "summary_bg_p05": 0.023076923564076424,
  "summary_bg_p95": 252.30730209350605,
  "summary_bg_stdv": 126.73392486572266,
  "summary_fg_k": 0.44454961467778453,
  "summary_fg_mad": 235.4030991470282,
  "summary_fg_mean": 1231.6953125,
  "summary_fg_median": 1204.607666015625,
  "summary_fg_n": 20313.0,
  "summary_fg_p05": 842.85078125,
  "summary_fg_p95": 1709.6938476562495,
  "summary_fg_stdv": 258.9894714355469,
  "tsnr": 44.36857883830089
}