{
  "aor": 0.013231923076923075,
  "aqi": 0.012706539692307693,
  "bids_meta": {
    "AcquisitionMatrixPE": 64,
    "AcquisitionNumber": 1,
    "AcquisitionTime": "16:46:32.000000",
    "BodyPartExamined": "HEAD",
    "CoilString": "32Ch_Head",
    "ConversionSoftware": "dcm2niix",
    "ConversionSoftwareVersion": "v1.0.20181125  (JP2:OpenJPEG) GCC8.2.0",
    "DeviceSerialNumber": "0000000319335MR2",
    "EchoTime": 0.03,
    "EffectiveEchoSpacing": 0.00064,
    "FlipAngle": 80,
    "ImageOrientationPatientDICOM": [
      1,
      0,
      0,
      0,
      1,
      0
    ],
    "ImageType": [
      "ORIGINAL",
      "PRIMARY",
      "EPI",
      "NONE"
    ],
    "ImagingFrequency": 127.758,
    "InPlanePhaseEncodingDirectionDICOM": "COL",
    "InstitutionName": "Iowa_MRRF",
    "MRAcquisitionType": "2D",
    "MagneticFieldStrength": 3,
    "Manufacturer": "GE",
    "ManufacturersModelName": "DISCOVERY_MR750w",
    "Modality": "MR",
    "PatientPosition": "HFS",
    "PercentPhaseFOV": 100,
    "PhaseEncodingDirection": "j-",
    "PhaseEncodingPolarityGE": "Unflipped",
    "PixelBandwidth": 7812.5,
    "ProcedureStepDescription": "MH_EPIL",
    "ProtocolName": "REST",
    "ReconMatrixPE": 64,
    "RepetitionTime": 2.26,
    "SAR": 0.152197,
    "ScanOptions": "SAT_GEMS_EPI_GEMS_ACC_GEMS_FS",
    "ScanningSequence": "EP_GR",
    "SequenceVariant": "SS",
    "SeriesDescription": "REST",
    "SeriesNumber": 7,
    "SliceThickness": 4,
    "SliceTiming": [
      2.1846,
      1.0546,
      2.1093,
      0.9793,
      2.034,
      0.904,
      1.9586,
      0.8286,
      1.8833,
      0.7533,
      1.808,
      0.678,
      1.7326,
      0.6026,
      1.6573,
      0.5273,
      1.582,
      0.452,
      1.5066,
      0.3766,
      1.4313,
      0.3013,
      1.356,
      0.226,
      1.2806,
      0.1506,
      1.2053,
      0.0753,
      1.13,
      0
    ],
    "SoftwareVersions": "27_LX_MR_Software_release:DV25.1_R02_1649.a",
    "SpacingBetweenSlices": 4,
    "StationName": "Iowa3T",
    "TaskName": "rest",
    "TotalReadoutTime": 0.04032,
    "dataset": "ds002799",
    "modality": "bold",
    "run_id": 2,
    "session_id": "preop",
    "subject_id": "384",
    "task_id": "rest"
  },
  "dummy_trs": 0,
  "dvars_nstd": 43.87340008930232,
  "dvars_std": 1.2821734657364343,
  "dvars_vstd": 1.0866319951937982,
  "efc": 0.4900140638901317,
  "fber": 8958.4619140625,
  "fd_mean": 0.6200069356468919,
  "fd_num": 115,
  "fd_perc": 88.46153846153847,
  "fwhm_avg": 2.4301370454545452,
  "fwhm_x": 2.3794705454545455,
  "fwhm_y": 2.633053090909091,
  "fwhm_z": 2.2778875,
  "gcor": 0.153115,
  "gsr_x": -0.0071738106198608875,
  "gsr_y": 0.03394783288240433,
  "provenance": {
    "md5sum": "b1545ecb7be807668e4a03afd740a0d6",
    "settings": {
      "fd_thres": 0.2,
      "testing": false
    },
    "software": "mriqc",
    "version": "21.0.0rc2",
    "webapi_port": null,
    "webapi_url": "https://mriqc.nimh.nih.gov/api/v1"
  },
  "size_t": 130,
  "size_x": 64,
  "size_y": 64,
  "size_z": 30,
  "snr": 4.835771916383705,
  "spacing_tr": 2.259999990463257,
  "spacing_x": 3.4375,
  "spacing_y": 3.4375,
  "spacing_z": 4.0,
  "summary_bg_k": 68.32945921368353,
  "summary_bg_mad": 19.022926411406925,
  "summary_bg_mean": 56.18510437011719,
  "summary_bg_median": 13.65384578704834,
  "summary_bg_n": 73761.0,
  "summary_bg_p05": 0.03076923079788685,
  "summary_bg_p95": 258.3153991699219,
  "summary_bg_stdv": 132.4191131591797,
  "summary_fg_k": 0.6919009930809761,
  "summary_fg_mad": 225.25292057980795,
  "summary_fg_mean": 1239.8760986328125,
  "summary_fg_median": 1219.9769287109375,
  "summary_fg_n": 21429.0,
  "summary_fg_p05": 853.8461547851563,
  "summary_fg_p95": 1694.40771484375,
  "summary_fg_stdv": 252.27584838867188,
  "tsnr": 40.40764076518826
}