{
  "aor": 0.02494534482758621,
  "aqi": 0.06035455301724137,
  "bids_meta": {
    "AcquisitionMatrixPE": 68,
    "AcquisitionNumber": 1,
    "AcquisitionTime": "17:02:20.587500",
    "BandwidthPerPixelPhaseEncode": 25.355,
    "BaseResolution": 68,
    "BodyPartExamined": "BRAIN",
    "ConsistencyInfo": "N4_VD13C_LATEST_20121124",
    "ConversionSoftware": "dcm2niix",
    "ConversionSoftwareVersion": "v1.0.20171103 (OpenJPEG build) GCC6.3.0",
    "DelayTime": 0.1,
    "DerivedVendorReportedEchoSpacing": 0.000579999,
    "DeviceSerialNumber": "45685",
    "DwellTime": 3.8e-06,
    "EchoTime": 0.03,
    "EchoTrainLength": 68,
    "EffectiveEchoSpacing": 0.000579999,
    "FlipAngle": 90,
    "ImageOrientationPatientDICOM": [
      1,
      0,
      0,
      0,
      0.92521,
      -0.379456
    ],
    "ImageType": [
      "ORIGINAL",
      "PRIMARY",
      "M",
      "ND",
      "MOSAIC"
    ],
    "InPlanePhaseEncodingDirectionDICOM": "COL",
    "InstitutionAddress": "HAWKINS_DRIVE_200_IOWA_CITY_IOWA_US_52242",
    "InstitutionName": "UIHC",
    "InstitutionalDepartmentName": "Department",
    "MRAcquisitionType": "2D",
    "MagneticFieldStrength": 3,
    "Manufacturer": "Siemens",
    "ManufacturersModelName": "Skyra",
    "Modality": "MR",
    "PartialFourier": 1,
    "PatientPosition": "HFS",
    "PercentPhaseFOV": 100,
    "PhaseEncodingDirection": "j-",
    "PhaseEncodingSteps": 68,
    "PhaseResolution": 1,
    "PixelBandwidth": 1935,
    "ProcedureStepDescription": "RESEARCH_HOWARD",
    "ProtocolName": "ES-FMRI",
    "PulseSequenceDetails": "%SiemensSeq%_ep2d_pace",
    "ReceiveCoilActiveElements": "HE",
    "ReceiveCoilName": "Head_TxRx",
    "ReconMatrixPE": 68,
    "RepetitionTime": 3,
    "SAR": 0.0911586,
    "ScanOptions": "FS",
    "ScanningSequence": "EP",
    "SequenceName": "_epfid2d1_68",
    "SequenceVariant": "SK",
    "SeriesDescription": "ES-FMRI",
    "SeriesNumber": 14,
    "ShimSetting": [
      -3887,
      -1217,
      -930,
      304,
      141,
      217,
      -72,
      -14
    ],
    "SliceThickness": 3,
    "SliceTiming": [
      1.44,
      0,
      1.525,
      0.085,
      1.61,
      0.17,
      1.6925,
      0.2525,
      1.7775,
      0.3375,
      1.8625,
      0.4225,
      1.9475,
      0.5075,
      2.0325,
      0.5925,
      2.1175,
      0.6775,
      2.2025,
      0.7625,
      2.2875,
      0.8475,
      2.37,
      0.9325,
      2.455,
      1.015,
      2.54,
      1.1,
      2.625,
      1.185,
      2.71,
      1.27,
      2.795,
      1.355
    ],
    "SoftwareVersions": "syngo_MR_D13C",
    "SpacingBetweenSlices": 3,
    "StationName": "AWP45685",
    "TaskName": "es",
    "TotalReadoutTime": 0.03886,
    "TxRefAmp": 185.022,
    "dataset": "ds002799",
    "modality": "bold",
    "run_id": 2,
    "session_id": "postop",
    "subject_id": "302",
    "task_id": "es"
  },
  "dummy_trs": 0,
  "dvars_nstd": 62.6944299675325,
  "dvars_std": 1.1507894628138522,
  "dvars_vstd": 1.0953747274458867,
  "efc": 0.5159560370848602,
  "fber": 2045.9573974609375,
  "fd_mean": 1.6594961246786433,
  "fd_num": 152,
  "fd_perc": 65.51724137931035,
  "fwhm_avg": 2.2067669961869516,
  "fwhm_x": 1.9548423721103771,
  "fwhm_y": 2.3968052831171436,
  "fwhm_z": 2.2686533333333334,
  "gcor": 0.0655115,
  "gsr_x": -0.020005613565444946,
  "gsr_y": 0.03439254313707352,
  "provenance": {
    "md5sum": "2614d7e1bd8b8ac7b1d0dea2e43a778a",
    "settings": {
      "fd_thres": 0.2,
      "testing": false
    },
    "software": "mriqc",
    "version": "21.0.0rc2",
    "webapi_port": null,
    "webapi_url": "https://mriqc.nimh.nih.gov/api/v1"
  },
  "size_t": 232,
  "size_x": 68,
  "size_y": 68,
  "size_z": 34,
  "snr": 5.145284365861608,
  "spacing_tr": 3.0,
  "spacing_x": 3.2352941036224365,
  "spacing_y": 3.2352941036224365,
  "spacing_z": 3.0,
  "summary_bg_k": 51.968674594304815,
  "summary_bg_mad": 3.7448489264887517,
  "summary_bg_mean": 16.220199584960938,
  "summary_bg_median": 7.086206912994385,
  "summary_bg_n": 95907.0,
  "summary_bg_p05": 4.314655303955078,
  "summary_bg_p95": 54.80043029785155,
  "summary_bg_stdv": 27.954492568969727,
  "summary_fg_k": 4.379444031780585,
  "summary_fg_mad": 48.983380150983955,
  "summary_fg_mean": 340.6381530761719,
  "summary_fg_median": 335.737060546875,
  "summary_fg_n": 27442.0,
  "summary_fg_p05": 246.05667724609376,
  "summary_fg_p95": 451.8827667236325,
  "summary_fg_stdv": 65.2502212524414,
  "tsnr": 19.193319006444653
}