{
  "aor": 0.005428083333333333,
  "aqi": 0.025759953333333332,
  "bids_meta": {
    "AcquisitionMatrixPE": 68,
    "AcquisitionNumber": 1,
    "AcquisitionTime": "18:45:22.592500",
    "BandwidthPerPixelPhaseEncode": 25.355,
    "BaseResolution": 68,
    "BodyPartExamined": "BRAIN",
    "ConsistencyInfo": "N4_VE11A_LATEST_20140830",
    "ConversionSoftware": "dcm2niix",
    "ConversionSoftwareVersion": "v1.0.20171103 (OpenJPEG build) GCC6.3.0",
    "DelayTime": 5,
    "DerivedVendorReportedEchoSpacing": 0.000579999,
    "DeviceSerialNumber": "45685",
    "DwellTime": 3.8e-06,
    "EchoTime": 0.03,
    "EchoTrainLength": 68,
    "EffectiveEchoSpacing": 0.000579999,
    "FlipAngle": 90,
    "ImageOrientationPatientDICOM": [
      1,
      0,
      0,
      0,
      0.932324,
      -0.361625
    ],
    "ImageType": [
      "ORIGINAL",
      "PRIMARY",
      "M",
      "ND",
      "MOSAIC"
    ],
    "InPlanePhaseEncodingDirectionDICOM": "COL",
    "InstitutionAddress": "HAWKINS_DRIVE_200_IOWA_CITY_IOWA_US_52242",
    "InstitutionName": "UIHC_SKYRA",
    "InstitutionalDepartmentName": "Department",
    "MRAcquisitionType": "2D",
    "MagneticFieldStrength": 3,
    "Manufacturer": "Siemens",
    "ManufacturersModelName": "Skyra",
    "Modality": "MR",
    "PartialFourier": 1,
    "PatientPosition": "HFS",
    "PercentPhaseFOV": 100,
    "PhaseEncodingDirection": "j-",
    "PhaseEncodingSteps": 68,
    "PhaseResolution": 1,
    "PixelBandwidth": 1935,
    "ProcedureStepDescription": "RESEARCH_HOWARD",
    "ProtocolName": "ES-FMRI",
    "PulseSequenceDetails": "%SiemensSeq%_ep2d_pace",
    "ReceiveCoilActiveElements": "HE",
    "ReceiveCoilName": "Head_TxRx",
    "ReconMatrixPE": 68,
    "RepetitionTime": 8,
    "SAR": 0.0448461,
    "ScanOptions": "FS",
    "ScanningSequence": "EP",
    "SequenceName": "_epfid2d1_68",
    "SequenceVariant": "SK",
    "SeriesDescription": "ES-FMRI",
    "SeriesNumber": 28,
    "ShimSetting": [
      -3832,
      -1490,
      -1078,
      604,
      -10,
      -275,
      795,
      339
    ],
    "SliceThickness": 3,
    "SliceTiming": [
      1.49,
      0,
      1.56,
      0.07,
      1.6275,
      0.1375,
      1.695,
      0.205,
      1.7625,
      0.2725,
      1.83,
      0.34,
      1.8975,
      0.4075,
      1.965,
      0.475,
      2.0325,
      0.5425,
      2.1,
      0.61,
      2.1675,
      0.6775,
      2.235,
      0.745,
      2.3025,
      0.815,
      2.3725,
      0.8825,
      2.44,
      0.95,
      2.5075,
      1.0175,
      2.575,
      1.085,
      2.6425,
      1.1525,
      2.71,
      1.22,
      2.7775,
      1.2875,
      2.845,
      1.355,
      2.9125,
      1.4225
    ],
    "SoftwareVersions": "syngo_MR_E11",
    "SpacingBetweenSlices": 3.6,
    "StationName": "AWP45685",
    "TaskName": "es",
    "TotalReadoutTime": 0.03886,
    "TxRefAmp": 217.124,
    "dataset": "ds002799",
    "modality": "bold",
    "run_id": 8,
    "session_id": "postop",
    "subject_id": "352",
    "task_id": "es"
  },
  "dummy_trs": 0,
  "dvars_nstd": 79.81166805890757,
  "dvars_std": 1.1480304426890757,
  "dvars_vstd": 1.005088794117647,
  "efc": 0.4629417358702439,
  "fber": 1463.6539306640625,
  "fd_mean": 1.563969166005093,
  "fd_num": 118,
  "fd_perc": 98.33333333333333,
  "fwhm_avg": 2.0321914161428443,
  "fwhm_x": 2.0213618269441858,
  "fwhm_y": 2.2416292824444737,
  "fwhm_z": 1.8335831390398727,
  "gcor": 0.0239036,
  "gsr_x": -0.018726402893662453,
  "gsr_y": 0.043295033276081085,
  "provenance": {
    "md5sum": "520e9e69a660b8210c26f521704ecdea",
    "settings": {
      "fd_thres": 0.2,
      "testing": false
    },
    "software": "mriqc",
    "version": "21.0.0rc2",
    "webapi_port": null,
    "webapi_url": "https://mriqc.nimh.nih.gov/api/v1"
  },
  "size_t": 120,
  "size_x": 68,
  "size_y": 68,
  "size_z": 44,
  "snr": 2.8595412254050574,
  "spacing_tr": 8.0,
  "spacing_x": 3.2352941036224365,
  "spacing_y": 3.2352941036224365,
  "spacing_z": 3.6000003814697266,
  "summary_bg_k": 37.44350475238241,
  "summary_bg_mad": 3.484115072096199,
  "summary_bg_mean": 23.60927391052246,
  "summary_bg_median": 8.933333396911621,
  "summary_bg_n": 142379.0,
  "summary_bg_p05": 6.450000286102295,
  "summary_bg_p95": 94.50833892822266,
  "summary_bg_stdv": 40.94915771484375,
  "summary_fg_k": 6.240829983563749,
  "summary_fg_mad": 82.23501511855847,
  "summary_fg_mean": 378.4729309082031,
  "summary_fg_median": 351.0833435058594,
  "summary_fg_n": 23050.0,
  "summary_fg_p05": 243.49543304443358,
  "summary_fg_p95": 612.0408538818358,
  "summary_fg_stdv": 122.77344512939453,
  "tsnr": 22.48685815790668
}