{
  "aor": 0.030220840336134456,
  "aqi": 0.028342072773109243,
  "bids_meta": {
    "AcquisitionMatrixPE": 68,
    "AcquisitionNumber": 1,
    "AcquisitionTime": "18:23:21.132500",
    "BandwidthPerPixelPhaseEncode": 25.355,
    "BaseResolution": 68,
    "BodyPartExamined": "BRAIN",
    "ConsistencyInfo": "N4_VE11A_LATEST_20140830",
    "ConversionSoftware": "dcm2niix",
    "ConversionSoftwareVersion": "v1.0.20171103 (OpenJPEG build) GCC6.3.0",
    "DelayTime": 5,
    "DerivedVendorReportedEchoSpacing": 0.000579999,
    "DeviceSerialNumber": "45685",
    "DwellTime": 3.8e-06,
    "EchoTime": 0.03,
    "EchoTrainLength": 68,
    "EffectiveEchoSpacing": 0.000579999,
    "FlipAngle": 90,
    "ImageOrientationPatientDICOM": [
      1,
      0,
      0,
      0,
      0.932324,
      -0.361625
    ],
    "ImageType": [
      "ORIGINAL",
      "PRIMARY",
      "M",
      "ND",
      "MOSAIC"
    ],
    "InPlanePhaseEncodingDirectionDICOM": "COL",
    "InstitutionAddress": "HAWKINS_DRIVE_200_IOWA_CITY_IOWA_US_52242",
    "InstitutionName": "UIHC_SKYRA",
    "InstitutionalDepartmentName": "Department",
    "MRAcquisitionType": "2D",
    "MagneticFieldStrength": 3,
    "Manufacturer": "Siemens",
    "ManufacturersModelName": "Skyra",
    "Modality": "MR",
    "PartialFourier": 1,
    "PatientPosition": "HFS",
    "PercentPhaseFOV": 100,
    "PhaseEncodingDirection": "j-",
    "PhaseEncodingSteps": 68,
    "PhaseResolution": 1,
    "PixelBandwidth": 1935,
    "ProcedureStepDescription": "RESEARCH_HOWARD",
    "ProtocolName": "ES-FMRI",
    "PulseSequenceDetails": "%SiemensSeq%_ep2d_pace",
    "ReceiveCoilActiveElements": "HE",
    "ReceiveCoilName": "Head_TxRx",
    "ReconMatrixPE": 68,
    "RepetitionTime": 8,
    "SAR": 0.0448461,
    "ScanOptions": "FS",
    "ScanningSequence": "EP",
    "SequenceName": "_epfid2d1_68",
    "SequenceVariant": "SK",
    "SeriesDescription": "ES-FMRI",
    "SeriesNumber": 26,
    "ShimSetting": [
      -3832,
      -1490,
      -1078,
      604,
      -10,
      -275,
      795,
      339
    ],
    "SliceThickness": 3,
    "SliceTiming": [
      1.49,
      0,
      1.5575,
      0.0675,
      1.625,
      0.135,
      1.6925,
      0.2025,
      1.76,
      0.27,
      1.8275,
      0.3375,
      1.895,
      0.405,
      1.9625,
      0.4725,
      2.0325,
      0.5425,
      2.1,
      0.61,
      2.1675,
      0.6775,
      2.235,
      0.745,
      2.3025,
      0.8125,
      2.37,
      0.88,
      2.4375,
      0.9475,
      2.505,
      1.015,
      2.5725,
      1.0825,
      2.64,
      1.15,
      2.7075,
      1.2175,
      2.775,
      1.2875,
      2.845,
      1.355,
      2.9125,
      1.4225
    ],
    "SoftwareVersions": "syngo_MR_E11",
    "SpacingBetweenSlices": 3.6,
    "StationName": "AWP45685",
    "TaskName": "es",
    "TotalReadoutTime": 0.03886,
    "TxRefAmp": 217.124,
    "dataset": "ds002799",
    "modality": "bold",
    "run_id": 7,
    "session_id": "postop",
    "subject_id": "352",
    "task_id": "es"
  },
  "dummy_trs": 1,
  "dvars_nstd": 75.27566547694917,
  "dvars_std": 1.358453319152542,
  "dvars_vstd": 1.2325344441525414,
  "efc": 0.4515176206008549,
  "fber": 2273.369140625,
  "fd_mean": 1.4366919076645912,
  "fd_num": 118,
  "fd_perc": 99.15966386554622,
  "fwhm_avg": 2.0671902415344383,
  "fwhm_x": 2.0584712816505055,
  "fwhm_y": 2.3183301918678723,
  "fwhm_z": 1.8247692510849367,
  "gcor": 0.0371478,
  "gsr_x": -0.016985751688480377,
  "gsr_y": 0.046580903232097626,
  "provenance": {
    "md5sum": "1b087374f7245c91f80bcd8c99e77102",
    "settings": {
      "fd_thres": 0.2,
      "testing": false
    },
    "software": "mriqc",
    "version": "21.0.0rc2",
    "webapi_port": null,
    "webapi_url": "https://mriqc.nimh.nih.gov/api/v1"
  },
  "size_t": 119,
  "size_x": 68,
  "size_y": 68,
  "size_z": 44,
  "snr": 2.843104490166786,
  "spacing_tr": 8.0,
  "spacing_x": 3.2352941036224365,
  "spacing_y": 3.2352941036224365,
  "spacing_z": 3.6000003814697266,
  "summary_bg_k": 36.11927334760843,
  "summary_bg_mad": 3.52585256645814,
  "summary_bg_mean": 21.922637939453125,
  "summary_bg_median": 7.2941179275512695,
  "summary_bg_n": 142379.0,
  "summary_bg_p05": 4.806723117828369,
  "summary_bg_p95": 89.739501953125,
  "summary_bg_stdv": 40.432830810546875,
  "summary_fg_k": 6.633832119009565,
  "summary_fg_mad": 83.27489081399041,
  "summary_fg_mean": 383.5197448730469,
  "summary_fg_median": 355.45379638671875,
  "summary_fg_n": 23048.0,
  "summary_fg_p05": 244.99455032348632,
  "summary_fg_p95": 621.5731658935541,
  "summary_fg_stdv": 125.0204086303711,
  "tsnr": 20.3936882824637
}