{
  "aor": 0.019874615384615383,
  "aqi": 0.006946173846153847,
  "bids_meta": {
    "AcquisitionMatrixPE": 68,
    "AcquisitionNumber": 1,
    "AcquisitionTime": "18:18:0.410000",
    "BandwidthPerPixelPhaseEncode": 25.355,
    "BaseResolution": 68,
    "BodyPartExamined": "BRAIN",
    "ConsistencyInfo": "N4_VE11A_LATEST_20140830",
    "ConversionSoftware": "dcm2niix",
    "ConversionSoftwareVersion": "v1.0.20180622 GCC7.3.0",
    "DelayTime": 0.1,
    "DerivedVendorReportedEchoSpacing": 0.000579999,
    "DeviceSerialNumber": "45685",
    "DwellTime": 3.8e-06,
    "EchoTime": 0.03,
    "EchoTrainLength": 68,
    "EffectiveEchoSpacing": 0.000579999,
    "FlipAngle": 90,
    "ImageOrientationPatientDICOM": [
      1,
      0,
      0,
      0,
      1,
      0
    ],
    "ImageType": [
      "ORIGINAL",
      "PRIMARY",
      "M",
      "ND",
      "MOSAIC"
    ],
    "InPlanePhaseEncodingDirectionDICOM": "COL",
    "InstitutionAddress": "HAWKINS_DRIVE_200_IOWA_CITY_IOWA_US_52242",
    "InstitutionName": "UIHC_SKYRA",
    "InstitutionalDepartmentName": "Department",
    "MRAcquisitionType": "2D",
    "MagneticFieldStrength": 3,
    "Manufacturer": "Siemens",
    "ManufacturersModelName": "Skyra",
    "Modality": "MR",
    "PartialFourier": 1,
    "PatientPosition": "HFS",
    "PercentPhaseFOV": 100,
    "PhaseEncodingDirection": "j-",
    "PhaseEncodingSteps": 68,
    "PhaseResolution": 1,
    "PixelBandwidth": 1935,
    "ProcedureStepDescription": "RESEARCH_HOWARD",
    "ProtocolName": "ES-FMRI",
    "PulseSequenceDetails": "%SiemensSeq%_ep2d_pace",
    "ReceiveCoilActiveElements": "HE",
    "ReceiveCoilName": "TxRx_CP_Head",
    "ReconMatrixPE": 68,
    "RepetitionTime": 3,
    "SAR": 0.0320313,
    "ScanOptions": "FS",
    "ScanningSequence": "EP",
    "SequenceName": "_epfid2d1_68",
    "SequenceVariant": "SK",
    "SeriesDescription": "ES-FMRI",
    "SeriesNumber": 7,
    "ShimSetting": [
      -3827,
      -1435,
      -906,
      533,
      278,
      80,
      229,
      23
    ],
    "SliceThickness": 3,
    "SliceTiming": [
      1.44,
      0,
      1.505,
      0.065,
      1.57,
      0.13,
      1.635,
      0.195,
      1.7,
      0.26,
      1.765,
      0.325,
      1.8325,
      0.3925,
      1.8975,
      0.4575,
      1.9625,
      0.5225,
      2.0275,
      0.5875,
      2.0925,
      0.6525,
      2.1575,
      0.72,
      2.225,
      0.785,
      2.29,
      0.85,
      2.355,
      0.915,
      2.42,
      0.98,
      2.485,
      1.045,
      2.5525,
      1.1125,
      2.6175,
      1.1775,
      2.6825,
      1.2425,
      2.7475,
      1.3075,
      2.8125,
      1.3725
    ],
    "SoftwareVersions": "syngo_MR_E11",
    "SpacingBetweenSlices": 3,
    "StationName": "AWP45685",
    "TaskName": "es",
    "TotalReadoutTime": 0.03886,
    "TxRefAmp": 179.918,
    "dataset": "ds002799",
    "modality": "bold",
    "run_id": 2,
    "session_id": "postop",
    "subject_id": "394",
    "task_id": "es"
  },
  "dummy_trs": 0,
  "dvars_nstd": 28.97424062166667,
  "dvars_std": 1.1598602833333336,
  "dvars_vstd": 1.2015041416666667,
  "efc": 0.5225845712417418,
  "fber": 823.68994140625,
  "fd_mean": 0.07146119515700712,
  "fd_num": 0,
  "fd_perc": 0.0,
  "fwhm_avg": 1.7810464698544841,
  "fwhm_x": 1.6905201891463895,
  "fwhm_y": 1.9137425537503958,
  "fwhm_z": 1.7388766666666668,
  "gcor": 0.00529823,
  "gsr_x": -0.010839572176337242,
  "gsr_y": 0.029911236837506294,
  "provenance": {
    "md5sum": "5738d18d10de1debfb517fb1106a4559",
    "settings": {
      "fd_thres": 0.2,
      "testing": false
    },
    "software": "mriqc",
    "version": "21.0.0rc2",
    "webapi_port": null,
    "webapi_url": "https://mriqc.nimh.nih.gov/api/v1"
  },
  "size_t": 13,
  "size_x": 68,
  "size_y": 68,
  "size_z": 44,
  "snr": 6.048684261872079,
  "spacing_tr": 3.0,
  "spacing_x": 3.2352941036224365,
  "spacing_y": 3.2352941036224365,
  "spacing_z": 3.0,
  "summary_bg_k": 29.61451214995516,
  "summary_bg_mad": 4.105667790778564,
  "summary_bg_mean": 31.125761032104492,
  "summary_bg_median": 16.076923370361328,
  "summary_bg_n": 133450.0,
  "summary_bg_p05": 12.307692527770996,
  "summary_bg_p95": 104.69231414794922,
  "summary_bg_stdv": 43.5659294128418,
  "summary_fg_k": 2.6561367262124875,
  "summary_fg_mad": 67.74353763576167,
  "summary_fg_mean": 475.6260681152344,
  "summary_fg_median": 473.923095703125,
  "summary_fg_n": 30497.0,
  "summary_fg_p05": 353.23077392578125,
  "summary_fg_p95": 597.4615478515625,
  "summary_fg_stdv": 78.35015106201172,
  "tsnr": 56.39804128417745
}