{
  "aor": 0.001791923076923077,
  "aqi": 0.0026981936153846154,
  "bids_meta": {
    "AcquisitionMatrixPE": 64,
    "AcquisitionNumber": 1,
    "AcquisitionTime": "15:49:40.910000",
    "BandwidthPerPixelPhaseEncode": 27.902,
    "BaseResolution": 64,
    "ConversionSoftware": "dcm2niix",
    "ConversionSoftwareVersion": "v1.0.20171103 (OpenJPEG build) GCC6.3.0",
    "DerivedVendorReportedEchoSpacing": 0.000559996,
    "DeviceSerialNumber": "35267",
    "DwellTime": 3.9e-06,
    "EchoTime": 0.03,
    "EffectiveEchoSpacing": 0.000559996,
    "FlipAngle": 80,
    "ImageComments": "PROJECT:MH_EPIL_SUBJECT:314_SESSION:20150629",
    "ImageOrientationPatientDICOM": [
      1,
      -1e-16,
      0,
      1e-16,
      0.999328,
      -0.0366437
    ],
    "ImageType": [
      "ORIGINAL",
      "PRIMARY",
      "M",
      "ND",
      "MOSAIC"
    ],
    "InPlanePhaseEncodingDirectionDICOM": "COL",
    "InstitutionAddress": "Newton_Road_500_Iowa_City_CDI_US_52242",
    "InstitutionName": "University_of_Iowa",
    "InstitutionalDepartmentName": "Department",
    "MRAcquisitionType": "2D",
    "MagneticFieldStrength": 3,
    "Manufacturer": "Siemens",
    "ManufacturersModelName": "TrioTim",
    "Modality": "MR",
    "PartialFourier": 1,
    "PatientPosition": "HFS",
    "PercentPhaseFOV": 100,
    "PhaseEncodingDirection": "j-",
    "PhaseEncodingSteps": 64,
    "PhaseResolution": 1,
    "PixelBandwidth": 2003,
    "ProcedureStepDescription": "RESEARCH_HOWARD",
    "ProtocolName": "REST",
    "PulseSequenceDetails": "%SiemensSeq%_ep2d_pace",
    "ReceiveCoilName": "HeadMatrix",
    "ReconMatrixPE": 64,
    "RepetitionTime": 2.26,
    "SAR": 0.129766,
    "ScanOptions": "FS",
    "ScanningSequence": "EP",
    "SequenceName": "_epfid2d1_64",
    "SequenceVariant": "SK",
    "SeriesDescription": "REST",
    "SeriesNumber": 5,
    "ShimSetting": [
      6528,
      25401,
      6044,
      444,
      -64,
      -52,
      -110,
      177
    ],
    "SliceThickness": 4,
    "SliceTiming": [
      1.1225,
      0,
      1.185,
      0.0625,
      1.2475,
      0.125,
      1.31,
      0.1875,
      1.3725,
      0.25,
      1.435,
      0.3125,
      1.4975,
      0.375,
      1.56,
      0.4375,
      1.6225,
      0.5,
      1.685,
      0.5625,
      1.7475,
      0.6225,
      1.81,
      0.685,
      1.8725,
      0.7475,
      1.935,
      0.81,
      1.9975,
      0.8725,
      2.06,
      0.935,
      2.1225,
      0.9975,
      2.185,
      1.06
    ],
    "SoftwareVersions": "syngo_MR_B17",
    "SpacingBetweenSlices": 4,
    "StationName": "MRC35267",
    "TaskName": "rest",
    "TotalReadoutTime": 0.0352797,
    "TxRefAmp": 273.724,
    "dataset": "ds002799",
    "modality": "bold",
    "run_id": 2,
    "session_id": "preop",
    "subject_id": "314",
    "task_id": "rest"
  },
  "dummy_trs": 0,
  "dvars_nstd": 17.9357815527907,
  "dvars_std": 1.2173051640310077,
  "dvars_vstd": 1.020667447131783,
  "efc": 0.46437455087723684,
  "fber": 1655.083251953125,
  "fd_mean": 0.0919889735156137,
  "fd_num": 5,
  "fd_perc": 3.8461538461538463,
  "fwhm_avg": 1.8975118181818182,
  "fwhm_x": 1.8310109090909092,
  "fwhm_y": 2.0814545454545454,
  "fwhm_z": 1.78007,
  "gcor": 0.016508,
  "gsr_x": -0.012900516390800476,
  "gsr_y": 0.03204870969057083,
  "provenance": {
    "md5sum": "bf0fd23a0659feb41adfc7b3f813a8fd",
    "settings": {
      "fd_thres": 0.2,
      "testing": false
    },
    "software": "mriqc",
    "version": "21.0.0rc2",
    "webapi_port": null,
    "webapi_url": "https://mriqc.nimh.nih.gov/api/v1"
  },
  "size_t": 130,
  "size_x": 64,
  "size_y": 64,
  "size_z": 36,
  "snr": 5.9391049906932025,
  "spacing_tr": 2.259999990463257,
  "spacing_x": 3.4375,
  "spacing_y": 3.4375,
  "spacing_z": 4.0,
  "summary_bg_k": 58.519833099462254,
  "summary_bg_mad": 11.33620406802236,
  "summary_bg_mean": 42.9125862121582,
  "summary_bg_median": 21.77692222595215,
  "summary_bg_n": 99480.0,
  "summary_bg_p05": 13.453845977783203,
  "summary_bg_p95": 140.1465332031249,
  "summary_bg_stdv": 65.55776977539062,
  "summary_fg_k": 1.0880112706373266,
  "summary_fg_mad": 134.95100742835763,
  "summary_fg_mean": 915.1145629882812,
  "summary_fg_median": 907.5692138671875,
  "summary_fg_n": 18339.0,
  "summary_fg_p05": 672.0053771972656,
  "summary_fg_p95": 1172.9707763671875,
  "summary_fg_stdv": 152.80828857421875,
  "tsnr": 98.65519842552021
}