{
  "aor": 0.006136209677419353,
  "aqi": 0.006807289112903227,
  "bids_meta": {
    "AcquisitionMatrixPE": 64,
    "AcquisitionNumber": 1,
    "AcquisitionTime": "16:01:22.692500",
    "BandwidthPerPixelPhaseEncode": 27.902,
    "BaseResolution": 64,
    "ConversionSoftware": "dcm2niix",
    "ConversionSoftwareVersion": "v1.0.20171103 (OpenJPEG build) GCC6.3.0",
    "DerivedVendorReportedEchoSpacing": 0.000559996,
    "DeviceSerialNumber": "35267",
    "DwellTime": 3.9e-06,
    "EchoTime": 0.03,
    "EffectiveEchoSpacing": 0.000559996,
    "FlipAngle": 80,
    "ImageComments": "PROJECT:MH_EPIL_SUBJECT:314_SESSION:20150629",
    "ImageOrientationPatientDICOM": [
      1,
      -1e-16,
      0,
      1e-16,
      0.999328,
      -0.0366437
    ],
    "ImageType": [
      "ORIGINAL",
      "PRIMARY",
      "M",
      "ND",
      "MOSAIC"
    ],
    "InPlanePhaseEncodingDirectionDICOM": "COL",
    "InstitutionAddress": "Newton_Road_500_Iowa_City_CDI_US_52242",
    "InstitutionName": "University_of_Iowa",
    "InstitutionalDepartmentName": "Department",
    "MRAcquisitionType": "2D",
    "MagneticFieldStrength": 3,
    "Manufacturer": "Siemens",
    "ManufacturersModelName": "TrioTim",
    "Modality": "MR",
    "PartialFourier": 1,
    "PatientPosition": "HFS",
    "PercentPhaseFOV": 100,
    "PhaseEncodingDirection": "j-",
    "PhaseEncodingSteps": 64,
    "PhaseResolution": 1,
    "PixelBandwidth": 2003,
    "ProcedureStepDescription": "RESEARCH_HOWARD",
    "ProtocolName": "REST",
    "PulseSequenceDetails": "%SiemensSeq%_ep2d_pace",
    "ReceiveCoilName": "HeadMatrix",
    "ReconMatrixPE": 64,
    "RepetitionTime": 2.26,
    "SAR": 0.129766,
    "ScanOptions": "FS",
    "ScanningSequence": "EP",
    "SequenceName": "_epfid2d1_64",
    "SequenceVariant": "SK",
    "SeriesDescription": "REST",
    "SeriesNumber": 7,
    "ShimSetting": [
      6528,
      25401,
      6044,
      444,
      -64,
      -52,
      -110,
      177
    ],
    "SliceThickness": 4,
    "SliceTiming": [
      1.125,
      0,
      1.1875,
      0.0625,
      1.25,
      0.125,
      1.3125,
      0.1875,
      1.375,
      0.25,
      1.4375,
      0.3125,
      1.5,
      0.375,
      1.5625,
      0.4375,
      1.625,
      0.5,
      1.6875,
      0.5625,
      1.75,
      0.625,
      1.8125,
      0.6875,
      1.875,
      0.75,
      1.9375,
      0.8125,
      2,
      0.875,
      2.0625,
      0.9375,
      2.125,
      1,
      2.1875,
      1.0625
    ],
    "SoftwareVersions": "syngo_MR_B17",
    "SpacingBetweenSlices": 4,
    "StationName": "MRC35267",
    "TaskName": "rest",
    "TotalReadoutTime": 0.0352797,
    "TxRefAmp": 273.724,
    "dataset": "ds002799",
    "modality": "bold",
    "run_id": 3,
    "session_id": "preop",
    "subject_id": "314",
    "task_id": "rest"
  },
  "dummy_trs": 6,
  "dvars_nstd": 17.762794688292683,
  "dvars_std": 1.1337821968292683,
  "dvars_vstd": 0.9817106354471544,
  "efc": 0.4662957433724351,
  "fber": 1574.437255859375,
  "fd_mean": 0.10631065728870467,
  "fd_num": 14,
  "fd_perc": 11.290322580645162,
  "fwhm_avg": 1.8960395454545456,
  "fwhm_x": 1.8246865454545453,
  "fwhm_y": 2.088477090909091,
  "fwhm_z": 1.774955,
  "gcor": 0.0170034,
  "gsr_x": -0.012939505279064178,
  "gsr_y": 0.031428296118974686,
  "provenance": {
    "md5sum": "7e1acc1431579a8d0b022542c666a42f",
    "settings": {
      "fd_thres": 0.2,
      "testing": false
    },
    "software": "mriqc",
    "version": "21.0.0rc2",
    "webapi_port": null,
    "webapi_url": "https://mriqc.nimh.nih.gov/api/v1"
  },
  "size_t": 124,
  "size_x": 64,
  "size_y": 64,
  "size_z": 36,
  "snr": 5.99320988193469,
  "spacing_tr": 2.259999990463257,
  "spacing_x": 3.4375,
  "spacing_y": 3.4375,
  "spacing_z": 4.0,
  "summary_bg_k": 54.53381057340509,
  "summary_bg_mad": 12.243425821212458,
  "summary_bg_mean": 43.44037628173828,
  "summary_bg_median": 22.30645179748535,
  "summary_bg_n": 99376.0,
  "summary_bg_p05": 12.483870506286621,
  "summary_bg_p95": 142.18951797485352,
  "summary_bg_stdv": 65.36756896972656,
  "summary_fg_k": 1.0851397426584262,
  "summary_fg_mad": 134.03202751929797,
  "summary_fg_mean": 911.4093627929688,
  "summary_fg_median": 905.3306274414062,
  "summary_fg_n": 18390.0,
  "summary_fg_p05": 670.9410919189453,
  "summary_fg_p95": 1164.0471313476562,
  "summary_fg_stdv": 151.05528259277344,
  "tsnr": 70.81496032560244
}