{
  "aor": 0.0017126923076923076,
  "aqi": 0.008513735461538462,
  "bids_meta": {
    "AcquisitionMatrixPE": 64,
    "AcquisitionNumber": 1,
    "AcquisitionTime": "16:34:0.077500",
    "BandwidthPerPixelPhaseEncode": 27.902,
    "BaseResolution": 64,
    "ConversionSoftware": "dcm2niix",
    "ConversionSoftwareVersion": "v1.0.20171103 (OpenJPEG build) GCC6.3.0",
    "DerivedVendorReportedEchoSpacing": 0.000559996,
    "DeviceSerialNumber": "35267",
    "DwellTime": 3.9e-06,
    "EchoTime": 0.03,
    "EffectiveEchoSpacing": 0.000559996,
    "FlipAngle": 80,
    "ImageComments": "PROJECT:MH_EPIL_SUBJECT:314_SESSION:20150629",
    "ImageOrientationPatientDICOM": [
      1,
      -1e-16,
      0,
      1e-16,
      0.999328,
      -0.0366437
    ],
    "ImageType": [
      "ORIGINAL",
      "PRIMARY",
      "M",
      "ND",
      "MOSAIC"
    ],
    "InPlanePhaseEncodingDirectionDICOM": "COL",
    "InstitutionAddress": "Newton_Road_500_Iowa_City_CDI_US_52242",
    "InstitutionName": "University_of_Iowa",
    "InstitutionalDepartmentName": "Department",
    "MRAcquisitionType": "2D",
    "MagneticFieldStrength": 3,
    "Manufacturer": "Siemens",
    "ManufacturersModelName": "TrioTim",
    "Modality": "MR",
    "PartialFourier": 1,
    "PatientPosition": "HFS",
    "PercentPhaseFOV": 100,
    "PhaseEncodingDirection": "j-",
    "PhaseEncodingSteps": 64,
    "PhaseResolution": 1,
    "PixelBandwidth": 2003,
    "ProcedureStepDescription": "RESEARCH_HOWARD",
    "ProtocolName": "REST",
    "PulseSequenceDetails": "%SiemensSeq%_ep2d_pace",
    "ReceiveCoilName": "HeadMatrix",
    "ReconMatrixPE": 64,
    "RepetitionTime": 2.26,
    "SAR": 0.129766,
    "ScanOptions": "FS",
    "ScanningSequence": "EP",
    "SequenceName": "_epfid2d1_64",
    "SequenceVariant": "SK",
    "SeriesDescription": "REST",
    "SeriesNumber": 18,
    "ShimSetting": [
      6528,
      25401,
      6044,
      444,
      -64,
      -52,
      -110,
      177
    ],
    "SliceThickness": 4,
    "SliceTiming": [
      1.125,
      0,
      1.1875,
      0.0625,
      1.25,
      0.125,
      1.3125,
      0.1875,
      1.375,
      0.25,
      1.4375,
      0.3125,
      1.5,
      0.375,
      1.5625,
      0.4375,
      1.625,
      0.5,
      1.6875,
      0.5625,
      1.75,
      0.625,
      1.8125,
      0.6875,
      1.8725,
      0.75,
      1.935,
      0.8125,
      1.9975,
      0.875,
      2.06,
      0.9375,
      2.1225,
      1,
      2.185,
      1.0625
    ],
    "SoftwareVersions": "syngo_MR_B17",
    "SpacingBetweenSlices": 4,
    "StationName": "MRC35267",
    "TaskName": "rest",
    "TotalReadoutTime": 0.0352797,
    "TxRefAmp": 273.724,
    "dataset": "ds002799",
    "modality": "bold",
    "run_id": 5,
    "session_id": "preop",
    "subject_id": "314",
    "task_id": "rest"
  },
  "dummy_trs": 0,
  "dvars_nstd": 22.063393015813958,
  "dvars_std": 1.1143791662790699,
  "dvars_vstd": 0.983688445736434,
  "efc": 0.46557850814621565,
  "fber": 1626.702880859375,
  "fd_mean": 0.21137821976550203,
  "fd_num": 52,
  "fd_perc": 40.0,
  "fwhm_avg": 1.8894714393939396,
  "fwhm_x": 1.8299025454545454,
  "fwhm_y": 2.055159272727273,
  "fwhm_z": 1.7833525,
  "gcor": 0.0286179,
  "gsr_x": -0.013644135557115078,
  "gsr_y": 0.03410044312477112,
  "provenance": {
    "md5sum": "820d7345a8410cc5743e1e4790c89eda",
    "settings": {
      "fd_thres": 0.2,
      "testing": false
    },
    "software": "mriqc",
    "version": "21.0.0rc2",
    "webapi_port": null,
    "webapi_url": "https://mriqc.nimh.nih.gov/api/v1"
  },
  "size_t": 130,
  "size_x": 64,
  "size_y": 64,
  "size_z": 36,
  "snr": 6.086582726379423,
  "spacing_tr": 2.259999990463257,
  "spacing_x": 3.4375,
  "spacing_y": 3.4375,
  "spacing_z": 4.0,
  "summary_bg_k": 55.61563465243856,
  "summary_bg_mad": 11.769581754322367,
  "summary_bg_mean": 43.66740417480469,
  "summary_bg_median": 22.10769271850586,
  "summary_bg_n": 99684.0,
  "summary_bg_p05": 13.123077392578125,
  "summary_bg_p95": 143.7153778076172,
  "summary_bg_stdv": 66.617919921875,
  "summary_fg_k": 0.9835430920736332,
  "summary_fg_mad": 132.41916371061055,
  "summary_fg_mean": 914.8350830078125,
  "summary_fg_median": 908.8461303710938,
  "summary_fg_n": 18281.0,
  "summary_fg_p05": 675.376953125,
  "summary_fg_p95": 1165.4154052734375,
  "summary_fg_stdv": 149.31552124023438,
  "tsnr": 59.54526323918253
}