{
  "aor": 0.0013364615384615385,
  "aqi": 0.0037255507692307696,
  "bids_meta": {
    "AcquisitionMatrixPE": 64,
    "AcquisitionNumber": 1,
    "AcquisitionTime": "15:43:23.737500",
    "BandwidthPerPixelPhaseEncode": 27.902,
    "BaseResolution": 64,
    "ConversionSoftware": "dcm2niix",
    "ConversionSoftwareVersion": "v1.0.20171103 (OpenJPEG build) GCC6.3.0",
    "DerivedVendorReportedEchoSpacing": 0.000559996,
    "DeviceSerialNumber": "35267",
    "DwellTime": 3.9e-06,
    "EchoTime": 0.03,
    "EffectiveEchoSpacing": 0.000559996,
    "FlipAngle": 80,
    "ImageComments": "PROJECT:MH_EPIL_SUBJECT:314_SESSION:20150629",
    "ImageOrientationPatientDICOM": [
      1,
      -1e-16,
      0,
      1e-16,
      0.999328,
      -0.0366437
    ],
    "ImageType": [
      "ORIGINAL",
      "PRIMARY",
      "M",
      "ND",
      "MOSAIC"
    ],
    "InPlanePhaseEncodingDirectionDICOM": "COL",
    "InstitutionAddress": "Newton_Road_500_Iowa_City_CDI_US_52242",
    "InstitutionName": "University_of_Iowa",
    "InstitutionalDepartmentName": "Department",
    "MRAcquisitionType": "2D",
    "MagneticFieldStrength": 3,
    "Manufacturer": "Siemens",
    "ManufacturersModelName": "TrioTim",
    "Modality": "MR",
    "PartialFourier": 1,
    "PatientPosition": "HFS",
    "PercentPhaseFOV": 100,
    "PhaseEncodingDirection": "j-",
    "PhaseEncodingSteps": 64,
    "PhaseResolution": 1,
    "PixelBandwidth": 2003,
    "ProcedureStepDescription": "RESEARCH_HOWARD",
    "ProtocolName": "REST",
    "PulseSequenceDetails": "%SiemensSeq%_ep2d_pace",
    "ReceiveCoilName": "HeadMatrix",
    "ReconMatrixPE": 64,
    "RepetitionTime": 2.26,
    "SAR": 0.129766,
    "ScanOptions": "FS",
    "ScanningSequence": "EP",
    "SequenceName": "_epfid2d1_64",
    "SequenceVariant": "SK",
    "SeriesDescription": "REST",
    "SeriesNumber": 2,
    "ShimSetting": [
      6528,
      25401,
      6044,
      444,
      -64,
      -52,
      -110,
      177
    ],
    "SliceThickness": 4,
    "SliceTiming": [
      1.1225,
      0,
      1.185,
      0.0625,
      1.2475,
      0.125,
      1.31,
      0.1875,
      1.3725,
      0.25,
      1.435,
      0.3125,
      1.4975,
      0.375,
      1.56,
      0.435,
      1.6225,
      0.4975,
      1.685,
      0.56,
      1.7475,
      0.6225,
      1.81,
      0.685,
      1.8725,
      0.7475,
      1.935,
      0.81,
      1.9975,
      0.8725,
      2.06,
      0.935,
      2.1225,
      0.9975,
      2.185,
      1.06
    ],
    "SoftwareVersions": "syngo_MR_B17",
    "SpacingBetweenSlices": 4,
    "StationName": "MRC35267",
    "TaskName": "rest",
    "TotalReadoutTime": 0.0352797,
    "TxRefAmp": 273.724,
    "dataset": "ds002799",
    "modality": "bold",
    "run_id": 1,
    "session_id": "preop",
    "subject_id": "314",
    "task_id": "rest"
  },
  "dummy_trs": 0,
  "dvars_nstd": 18.568734575038768,
  "dvars_std": 1.1755129259689931,
  "dvars_vstd": 0.992940178837209,
  "efc": 0.4637004801127174,
  "fber": 1666.7332763671875,
  "fd_mean": 0.11766495675712414,
  "fd_num": 20,
  "fd_perc": 15.384615384615385,
  "fwhm_avg": 1.89268096969697,
  "fwhm_x": 1.8238167272727275,
  "fwhm_y": 2.058266181818182,
  "fwhm_z": 1.79596,
  "gcor": 0.0283267,
  "gsr_x": -0.013420911505818367,
  "gsr_y": 0.03124452382326126,
  "provenance": {
    "md5sum": "e9aa39dee134c11132966c91bd00a257",
    "settings": {
      "fd_thres": 0.2,
      "testing": false
    },
    "software": "mriqc",
    "version": "21.0.0rc2",
    "webapi_port": null,
    "webapi_url": "https://mriqc.nimh.nih.gov/api/v1"
  },
  "size_t": 130,
  "size_x": 64,
  "size_y": 64,
  "size_z": 36,
  "snr": 5.900367632089232,
  "spacing_tr": 2.259999990463257,
  "spacing_x": 3.4375,
  "spacing_y": 3.4375,
  "spacing_z": 4.0,
  "summary_bg_k": 59.413420822694135,
  "summary_bg_mad": 11.564299001047283,
  "summary_bg_mean": 42.744468688964844,
  "summary_bg_median": 21.753847122192383,
  "summary_bg_n": 99473.0,
  "summary_bg_p05": 13.05384635925293,
  "summary_bg_p95": 139.82615051269528,
  "summary_bg_stdv": 65.28620910644531,
  "summary_fg_k": 1.0641496275022355,
  "summary_fg_mad": 137.25481418378573,
  "summary_fg_mean": 916.5684814453125,
  "summary_fg_median": 909.876953125,
  "summary_fg_n": 18347.0,
  "summary_fg_p05": 671.4407836914063,
  "summary_fg_p95": 1176.0799804687501,
  "summary_fg_stdv": 154.20262145996094,
  "tsnr": 84.87309938110411
}