{
  "bids_meta": {
    "AcquisitionMatrixPE": 256,
    "AcquisitionNumber": 1,
    "AcquisitionTime": "15:39:53.610000",
    "BaseResolution": 256,
    "BodyPartExamined": "BRAIN",
    "ConsistencyInfo": "N4_VD13C_LATEST_20121124",
    "ConversionSoftware": "dcm2niix",
    "ConversionSoftwareVersion": "v1.0.20171103 (OpenJPEG build) GCC7.2.1",
    "DeviceSerialNumber": "45685",
    "DwellTime": 1.03e-05,
    "EchoTime": 0.00344,
    "FlipAngle": 10,
    "ImageComments": "Image_quality:_not_assessed",
    "ImageOrientationPatientDICOM": [
      1,
      0,
      0.000164435,
      0.000164435,
      0,
      -1
    ],
    "ImageType": [
      "ORIGINAL",
      "PRIMARY",
      "M",
      "DIS2D"
    ],
    "InPlanePhaseEncodingDirectionDICOM": "ROW",
    "InstitutionAddress": "HAWKINS_DRIVE_200_IOWA_CITY_IOWA_US_52242",
    "InstitutionName": "UIHC",
    "InstitutionalDepartmentName": "Department",
    "InversionTime": 1,
    "MRAcquisitionType": "3D",
    "MagneticFieldStrength": 3,
    "Manufacturer": "Siemens",
    "ManufacturersModelName": "Skyra",
    "Modality": "MR",
    "PartialFourier": 1,
    "PatientPosition": "HFS",
    "PercentPhaseFOV": 100,
    "PhaseEncodingSteps": 256,
    "PhaseResolution": 1,
    "PixelBandwidth": 190,
    "ProcedureStepDescription": "RESEARCH_HOWARD",
    "ProtocolName": "MPRAGE_TI=1000",
    "PulseSequenceDetails": "%SiemensSeq%_tfl",
    "ReceiveCoilActiveElements": "HE",
    "ReceiveCoilName": "Head_TxRx",
    "ReconMatrixPE": 256,
    "RepetitionTime": 1.9,
    "SAR": 0.124689,
    "ScanOptions": "IR",
    "ScanningSequence": "GR_IR",
    "SequenceName": "_tfl3d1_16ns",
    "SequenceVariant": "SK_SP_MP",
    "SeriesDescription": "MPRAGE_TI=1000",
    "SeriesNumber": 2,
    "ShimSetting": [
      -3848,
      -1334,
      -1123,
      242,
      228,
      -544,
      328,
      228
    ],
    "SliceThickness": 1,
    "SoftwareVersions": "syngo_MR_D13C",
    "StationName": "AWP45685",
    "TxRefAmp": 182.868,
    "dataset": "ds002799",
    "modality": "T1w",
    "session_id": "postop",
    "subject_id": "307"
  },
  "cjv": 0.6135533536263461,
  "cnr": 2.1840305403717335,
  "efc": 0.6191563834507614,
  "fber": 229.48675728999575,
  "fwhm_avg": 3.9642960000000005,
  "fwhm_x": 3.98682112,
  "fwhm_y": 4.0982,
  "fwhm_z": 3.80786688,
  "icvs_csf": 0.19952501078460885,
  "icvs_gm": 0.40686062577879706,
  "icvs_wm": 0.3936143634365941,
  "inu_med": 1.9611116647720337,
  "inu_range": 0.8652033329010009,
  "provenance": {
    "md5sum": "51fcf39c527a9f2053d5b70e5b2ef6ec",
    "settings": {
      "testing": false
    },
    "software": "mriqc",
    "version": "21.0.0rc2",
    "warnings": {
      "large_rot_frame": true,
      "small_air_mask": false
    },
    "webapi_port": null,
    "webapi_url": "https://mriqc.nimh.nih.gov/api/v1"
  },
  "qi_1": 0.0,
  "qi_2": 0.00845937742387236,
  "rpve_csf": 43.12225181148201,
  "rpve_gm": 21.03049978159686,
  "rpve_wm": 24.932835107019013,
  "size_x": 256,
  "size_y": 224,
  "size_z": 256,
  "snr_csf": 1.508464228126666,
  "snr_gm": 13.184586169417285,
  "snr_total": 9.699169500163476,
  "snr_wm": 14.404458102946474,
  "snrd_csf": 17.104545619137625,
  "snrd_gm": 28.91877249995568,
  "snrd_total": 27.47958486174694,
  "snrd_wm": 36.415436466147504,
  "spacing_x": 0.9765625,
  "spacing_y": 1.0,
  "spacing_z": 0.9765625,
  "summary_bg_k": 1.2780478711607008,
  "summary_bg_mad": 17.990622697589362,
  "summary_bg_mean": 46.88037625340498,
  "summary_bg_median": 46.17847815155983,
  "summary_bg_n": 2627650.0,
  "summary_bg_p05": 17.274795658886433,
  "summary_bg_p95": 84.68863237649202,
  "summary_bg_stdv": 20.919260717564015,
  "summary_csf_k": 15.333095001582272,
  "summary_csf_mad": 100.94738291425142,
  "summary_csf_mean": 540.6792370166061,
  "summary_csf_median": 469.70590732991695,
  "summary_csf_n": 30852.0,
  "summary_csf_p05": 328.55818670243025,
  "summary_csf_p95": 1409.5559119284064,
  "summary_csf_stdv": 311.3751630739593,
  "summary_gm_k": -0.05192522127613275,
  "summary_gm_mad": 61.59289576327469,
  "summary_gm_mean": 794.395093888087,
  "summary_gm_median": 794.1349965333939,
  "summary_gm_n": 15397.0,
  "summary_gm_p05": 695.4411395788193,
  "summary_gm_p95": 892.9973880797623,
  "summary_gm_stdv": 60.230120026755976,
  "summary_wm_k": 1.6024649836866596,
  "summary_wm_mad": 64.71626775938395,
  "summary_wm_mean": 1003.0312511869192,
  "summary_wm_median": 1000.0000004097819,
  "summary_wm_n": 163463.0,
  "summary_wm_p05": 895.3400189056993,
  "summary_wm_p95": 1116.2888687476516,
  "summary_wm_stdv": 69.42273943678383,
  "tpm_overlap_csf": 0.10078535974025726,
  "tpm_overlap_gm": 0.3773230016231537,
  "tpm_overlap_wm": 0.39545363187789917,
  "wm2max": 0.582058073376496
}