{
  "bids_meta": {
    "AcquisitionMatrixPE": 256,
    "AcquisitionNumber": 1,
    "AcquisitionTime": "16:55:22.477500",
    "BaseResolution": 256,
    "ConversionSoftware": "dcm2niix",
    "ConversionSoftwareVersion": "v1.0.20171103 (OpenJPEG build) GCC7.2.1",
    "DeviceSerialNumber": "35267",
    "DwellTime": 3e-06,
    "EchoTime": 0.00174,
    "FlipAngle": 10,
    "ImageComments": "PROJECT:MH_EPIL_SUBJECT:303_SESSION:20150206",
    "ImageOrientationPatientDICOM": [
      0,
      1,
      0,
      0,
      0,
      -1
    ],
    "ImageType": [
      "ORIGINAL",
      "PRIMARY",
      "OTHER",
      "ND",
      "NORM",
      "MEAN"
    ],
    "InPlanePhaseEncodingDirectionDICOM": "ROW",
    "InstitutionAddress": "Newton_Road_500_Iowa_City_CDI_US_52242",
    "InstitutionName": "University_of_Iowa",
    "InstitutionalDepartmentName": "Department",
    "MRAcquisitionType": "3D",
    "MagneticFieldStrength": 3,
    "Manufacturer": "Siemens",
    "ManufacturersModelName": "TrioTim",
    "Modality": "MR",
    "ParallelReductionFactorInPlane": 2,
    "PartialFourier": 1,
    "PatientPosition": "HFS",
    "PercentPhaseFOV": 100,
    "PhaseEncodingSteps": 255,
    "PhaseResolution": 1,
    "PixelBandwidth": 651,
    "ProcedureStepDescription": "RESEARCH_HOWARD",
    "ProtocolName": "MULTI_ECHO_MPRAGE_V-4",
    "PulseSequenceDetails": "%CustomerSeq%_WIP711_Moco_tfl_multiecho_epinav_711",
    "ReceiveCoilName": "HeadMatrix",
    "ReconMatrixPE": 256,
    "RepetitionTime": 2.15,
    "SAR": 0.099496,
    "ScanOptions": "IR",
    "ScanningSequence": "GR_IR",
    "SequenceName": "Moco3d4_ns",
    "SequenceVariant": "SP_MP",
    "SeriesDescription": "MULTI_ECHO_MPRAGE_V-4_RMS",
    "SeriesNumber": 17,
    "ShimSetting": [
      6575,
      25487,
      6060,
      342,
      222,
      -747,
      174,
      -41
    ],
    "SliceThickness": 1,
    "SoftwareVersions": "syngo_MR_B17",
    "StationName": "MRC35267",
    "TxRefAmp": 270.739,
    "dataset": "ds002799",
    "modality": "T1w",
    "run_id": 2,
    "session_id": "preop",
    "subject_id": "303"
  },
  "cjv": 0.8359984941020528,
  "cnr": 1.6806002430306217,
  "efc": 0.5962979140523239,
  "fber": 736.8997052872757,
  "fwhm_avg": 3.2771033333333333,
  "fwhm_x": 3.35598,
  "fwhm_y": 3.4004,
  "fwhm_z": 3.07493,
  "icvs_csf": 0.20356394428911717,
  "icvs_gm": 0.41706352434947774,
  "icvs_wm": 0.37937253136140503,
  "inu_med": 1.8809009790420532,
  "inu_range": 0.673979949951172,
  "provenance": {
    "md5sum": "eb9b1f81e5866f54295826f137455a20",
    "settings": {
      "testing": false
    },
    "software": "mriqc",
    "version": "21.0.0rc2",
    "warnings": {
      "large_rot_frame": true,
      "small_air_mask": false
    },
    "webapi_port": null,
    "webapi_url": "https://mriqc.nimh.nih.gov/api/v1"
  },
  "qi_1": 0.0,
  "qi_2": 0.010532584728917497,
  "rpve_csf": 34.29016659797263,
  "rpve_gm": 16.691136110948563,
  "rpve_wm": 20.79583486058741,
  "size_x": 176,
  "size_y": 256,
  "size_z": 256,
  "snr_csf": 3.7125840148323115,
  "snr_gm": 13.159745480492944,
  "snr_total": 12.209937896587704,
  "snr_wm": 19.75748419443785,
  "snrd_csf": 34.29242877854185,
  "snrd_gm": 63.33708434042849,
  "snrd_total": 57.11030267731906,
  "snrd_wm": 73.70139491298686,
  "spacing_x": 1.0,
  "spacing_y": 1.0,
  "spacing_z": 1.0,
  "summary_bg_k": 2.321666784850814,
  "summary_bg_mad": 8.889464036366203,
  "summary_bg_mean": 26.550543270966266,
  "summary_bg_median": 23.893246315419674,
  "summary_bg_n": 2948057.0,
  "summary_bg_p05": 11.90154156088829,
  "summary_bg_p95": 52.70038668438792,
  "summary_bg_stdv": 13.2648338142511,
  "summary_csf_k": 7.627493750422611,
  "summary_csf_mad": 114.12601385034053,
  "summary_csf_mean": 495.0548003570259,
  "summary_csf_median": 465.30970159359276,
  "summary_csf_n": 26616.0,
  "summary_csf_p05": 341.5381775200367,
  "summary_csf_p95": 713.0218057287857,
  "summary_csf_stdv": 125.33075574516923,
  "summary_gm_k": -0.3145113315181649,
  "summary_gm_mad": 68.37535119701221,
  "summary_gm_mean": 858.7263640150013,
  "summary_gm_median": 859.4130210075527,
  "summary_gm_n": 7968.0,
  "summary_gm_p05": 751.915953386575,
  "summary_gm_p95": 964.2795774539933,
  "summary_gm_stdv": 65.30210569492512,
  "summary_wm_k": 0.387024830575025,
  "summary_wm_mad": 49.192823539590414,
  "summary_wm_mean": 1000.3190092645004,
  "summary_wm_median": 1000.0450622923672,
  "summary_wm_n": 145713.0,
  "summary_wm_p05": 917.9334418416023,
  "summary_wm_p95": 1083.1304452344775,
  "summary_wm_stdv": 50.61583857982079,
  "tpm_overlap_csf": 0.10940012335777283,
  "tpm_overlap_gm": 0.398856520652771,
  "tpm_overlap_wm": 0.42153748869895935,
  "wm2max": 0.6458685145286205
}