{
  "bids_meta": {
    "AcquisitionMatrixPE": 256,
    "AcquisitionNumber": 1,
    "AcquisitionTime": "15:17:27.000000",
    "ConversionSoftware": "dcm2niix",
    "ConversionSoftwareVersion": "v1.0.20171215 (OpenJPEG build) GCC7.2.0",
    "DeviceSerialNumber": "0000000319335MR2",
    "EchoTime": 0.003288,
    "FlipAngle": 12,
    "ImageOrientationPatientDICOM": [
      1,
      0,
      0,
      0,
      0,
      -1
    ],
    "ImageType": [
      "DERIVED",
      "PRIMARY",
      "OTHER"
    ],
    "InPlanePhaseEncodingDirectionDICOM": "ROW",
    "InstitutionName": "Iowa_MRRF",
    "InversionTime": 0.45,
    "MRAcquisitionType": "3D",
    "MagneticFieldStrength": 3,
    "Manufacturer": "GE",
    "ManufacturersModelName": "DISCOVERY_MR750w",
    "Modality": "MR",
    "PatientPosition": "HFS",
    "PercentPhaseFOV": 100,
    "PixelBandwidth": 244.141,
    "ProcedureStepDescription": "MH_EPIL",
    "ProtocolName": "PU:Cor_FSPGR_BRAVO",
    "RawImage": true,
    "ReconMatrixPE": 256,
    "RepetitionTime": 0.008504,
    "SAR": 0.122508,
    "ScanOptions": "FAST_GEMS_EDR_GEMS_FILTERED_GEMS_ACC_GEMS",
    "ScanningSequence": "GR",
    "SequenceVariant": "SS_SK",
    "SeriesDescription": "PU:Cor_FSPGR_BRAVO",
    "SeriesNumber": 1000,
    "SliceThickness": 0.8,
    "SoftwareVersions": "25_LX_MR_Software_release:DV25.0_R02_1549.b",
    "SpacingBetweenSlices": 0.8,
    "StationName": "Iowa3T",
    "dataset": "ds002799",
    "modality": "T1w",
    "session_id": "preop",
    "subject_id": "369"
  },
  "cjv": 0.4205063219237551,
  "cnr": 2.833178119897307,
  "efc": 0.7162730655324321,
  "fber": 2956.830308274743,
  "fwhm_avg": 3.4825583137476204,
  "fwhm_x": 3.31017,
  "fwhm_y": 3.9431249412428597,
  "fwhm_z": 3.19438,
  "icvs_csf": 0.1987132207127838,
  "icvs_gm": 0.4028221889616951,
  "icvs_wm": 0.3984645903255212,
  "inu_med": 1.3808670043945312,
  "inu_range": 0.3469768524169923,
  "provenance": {
    "md5sum": "bc533cb6ca4ad041dc87f69ce797f208",
    "settings": {
      "testing": false
    },
    "software": "mriqc",
    "version": "21.0.0rc2",
    "warnings": {
      "large_rot_frame": true,
      "small_air_mask": false
    },
    "webapi_port": null,
    "webapi_url": "https://mriqc.nimh.nih.gov/api/v1"
  },
  "qi_1": 0.0,
  "qi_2": 0.0029091906946377808,
  "rpve_csf": 27.959884517067497,
  "rpve_gm": 14.393365146694945,
  "rpve_wm": 17.890412452753647,
  "size_x": 256,
  "size_y": 252,
  "size_z": 256,
  "snr_csf": 3.6015169778118765,
  "snr_gm": 12.58668624965245,
  "snr_total": 11.930163785920085,
  "snr_wm": 19.60228813029593,
  "snrd_csf": 15.151084152168957,
  "snrd_gm": 28.001172524522303,
  "snrd_total": 26.747644972831708,
  "snrd_wm": 37.090678241803865,
  "spacing_x": 1.0,
  "spacing_y": 0.800000011920929,
  "spacing_z": 1.0,
  "summary_bg_k": 1.4825514173276595,
  "summary_bg_mad": 17.664191116031464,
  "summary_bg_mean": 33.164139056637865,
  "summary_bg_median": 14.5688007324934,
  "summary_bg_n": 1524728.0,
  "summary_bg_p05": 1.2963763363659382,
  "summary_bg_p95": 104.88301883265376,
  "summary_bg_stdv": 35.80574851473823,
  "summary_csf_k": 3.313456461387399,
  "summary_csf_mad": 107.49529775015003,
  "summary_csf_mean": 413.67120820672227,
  "summary_csf_median": 408.51287647150457,
  "summary_csf_n": 24392.0,
  "summary_csf_p05": 236.61954749003053,
  "summary_csf_p95": 594.4811485335231,
  "summary_csf_stdv": 113.42567728857956,
  "summary_gm_k": 0.4224585129793925,
  "summary_gm_mad": 57.38574005052709,
  "summary_gm_mean": 757.0349182152123,
  "summary_gm_median": 754.984885416925,
  "summary_gm_n": 35020.0,
  "summary_gm_p05": 662.6335045024753,
  "summary_gm_p95": 858.2659534910691,
  "summary_gm_stdv": 59.98195959020416,
  "summary_wm_k": 1.2037684580967385,
  "summary_wm_mad": 45.6706288440399,
  "summary_wm_mean": 1002.0778480703656,
  "summary_wm_median": 1000.0617451965809,
  "summary_wm_n": 312112.0,
  "summary_wm_p05": 922.0939683951437,
  "summary_wm_p95": 1087.9066750369966,
  "summary_wm_stdv": 51.017520835321754,
  "tpm_overlap_csf": 0.157480388879776,
  "tpm_overlap_gm": 0.4147531986236572,
  "tpm_overlap_wm": 0.4946590065956116,
  "wm2max": 0.42558781032444504
}