{
  "bids_meta": {
    "AcquisitionMatrixPE": 256,
    "AcquisitionNumber": 1,
    "AcquisitionTime": "13:07:48.170000",
    "BaseResolution": 256,
    "BodyPartExamined": "BRAIN",
    "ConsistencyInfo": "N4_VE11A_LATEST_20140830",
    "ConversionSoftware": "dcm2niix",
    "ConversionSoftwareVersion": "v1.0.20171215 (OpenJPEG build) GCC7.2.0",
    "DeviceSerialNumber": "45685",
    "DwellTime": 9.8e-06,
    "EchoTime": 0.00229,
    "FlipAngle": 8,
    "ImageOrientationPatientDICOM": [
      0.0553847,
      0.987975,
      0.144356,
      0.00685821,
      0.144198,
      -0.989525
    ],
    "ImageType": [
      "ORIGINAL",
      "PRIMARY",
      "M",
      "ND",
      "NORM"
    ],
    "InPlanePhaseEncodingDirectionDICOM": "ROW",
    "InstitutionAddress": "HAWKINS_DRIVE_200_IOWA_CITY_IOWA_US_52242",
    "InstitutionName": "UIHC_SKYRA",
    "InstitutionalDepartmentName": "Department",
    "InversionTime": 0.9,
    "MRAcquisitionType": "3D",
    "MagneticFieldStrength": 3,
    "Manufacturer": "Siemens",
    "ManufacturersModelName": "Skyra",
    "Modality": "MR",
    "ParallelReductionFactorInPlane": 2,
    "PartialFourier": 1,
    "PatientPosition": "HFS",
    "PercentPhaseFOV": 100,
    "PhaseEncodingSteps": 255,
    "PhaseResolution": 1,
    "PixelBandwidth": 200,
    "ProcedureStepDescription": "MRI_FUNCTIONAL_BRAIN_W_MD_ADMIN_NEURO_TESTING_(70555)",
    "ProtocolName": "SAG_T1_3D_MPRAGE",
    "PulseSequenceDetails": "%SiemensSeq%_tfl",
    "ReceiveCoilActiveElements": "HE1-4;NE1,2",
    "ReceiveCoilName": "HeadNeck_20",
    "ReconMatrixPE": 256,
    "RepetitionTime": 2.3,
    "SAR": 0.0902757,
    "ScanOptions": "IR",
    "ScanningSequence": "GR_IR",
    "SequenceName": "_tfl3d1_16ns",
    "SequenceVariant": "SK_SP_MP",
    "SeriesDescription": "SAG_T1_3D_MPRAGE",
    "SeriesNumber": 5,
    "ShimSetting": [
      -3831,
      -1307,
      -1423,
      75,
      235,
      136,
      186,
      253
    ],
    "SliceThickness": 0.94,
    "SoftwareVersions": "syngo_MR_E11",
    "StationName": "AWP45685",
    "TxRefAmp": 390.676,
    "dataset": "ds002799",
    "modality": "T1w",
    "session_id": "preop",
    "subject_id": "403"
  },
  "cjv": 0.4384775507595126,
  "cnr": 3.0814705719269373,
  "efc": 0.5772252278620069,
  "fber": 2453.8382692711616,
  "fwhm_avg": 3.733599483281401,
  "fwhm_x": 3.6570971165108697,
  "fwhm_y": 3.783989333333333,
  "fwhm_z": 3.759712,
  "icvs_csf": 0.2137613941958163,
  "icvs_gm": 0.39040027354427015,
  "icvs_wm": 0.39583833225991355,
  "inu_med": 1.4652725458145142,
  "inu_range": 0.4433144092559813,
  "provenance": {
    "md5sum": "207e3316e473a4c28311f60b62668187",
    "settings": {
      "testing": false
    },
    "software": "mriqc",
    "version": "21.0.0rc2",
    "warnings": {
      "large_rot_frame": true,
      "small_air_mask": false
    },
    "webapi_port": null,
    "webapi_url": "https://mriqc.nimh.nih.gov/api/v1"
  },
  "qi_1": 0.00020397280947892713,
  "qi_2": 0.0046971316266541715,
  "rpve_csf": 27.05836631507802,
  "rpve_gm": 14.949229624420834,
  "rpve_wm": 18.351919162867276,
  "size_x": 192,
  "size_y": 256,
  "size_z": 256,
  "snr_csf": 3.1980371155727263,
  "snr_gm": 10.78571498031009,
  "snr_total": 10.941773649980044,
  "snr_wm": 18.841568854057314,
  "snrd_csf": 28.0675902317443,
  "snrd_gm": 53.19063435788268,
  "snrd_total": 51.33606575567068,
  "snrd_wm": 72.74997267738505,
  "spacing_x": 0.9400023818016052,
  "spacing_y": 0.9375,
  "spacing_z": 0.9375,
  "summary_bg_k": 460.80827752677584,
  "summary_bg_mad": 9.005314443750967,
  "summary_bg_mean": 14.990468522299599,
  "summary_bg_median": 12.147984579205513,
  "summary_bg_n": 2731279.0,
  "summary_bg_p05": 3.0369961448013783,
  "summary_bg_p95": 36.16786317899823,
  "summary_bg_stdv": 14.165220405338784,
  "summary_csf_k": 20.875734847340517,
  "summary_csf_mad": 126.64746767711588,
  "summary_csf_mean": 380.37656206705896,
  "summary_csf_median": 385.80894661322236,
  "summary_csf_n": 17073.0,
  "summary_csf_p05": 198.707896848768,
  "summary_csf_p95": 561.7448941871523,
  "summary_csf_stdv": 120.63576303275967,
  "summary_gm_k": -0.07408875440244866,
  "summary_gm_mad": 67.04865935847312,
  "summary_gm_mean": 731.3044196251681,
  "summary_gm_median": 731.1430173330009,
  "summary_gm_n": 18895.0,
  "summary_gm_p05": 619.2711229808629,
  "summary_gm_p95": 845.0193291407078,
  "summary_gm_stdv": 67.78629612273768,
  "summary_wm_k": 0.3732693631448023,
  "summary_wm_mad": 50.83909335972137,
  "summary_wm_mean": 999.4934367898871,
  "summary_wm_median": 1000.0000033155084,
  "summary_wm_n": 239921.0,
  "summary_wm_p05": 911.0436253286898,
  "summary_wm_p95": 1085.1463315933943,
  "summary_wm_stdv": 53.07402621510835,
  "tpm_overlap_csf": 0.1670377403497696,
  "tpm_overlap_gm": 0.40418317914009094,
  "tpm_overlap_wm": 0.4902799129486084,
  "wm2max": 0.42074204864902537
}