{
  "aor": 0.001768076923076923,
  "aqi": 0.005984337692307692,
  "bids_meta": {
    "AcquisitionMatrixPE": 64,
    "AcquisitionNumber": 1,
    "AcquisitionTime": "15:18:3.662500",
    "BandwidthPerPixelPhaseEncode": 27.902,
    "BaseResolution": 64,
    "ConversionSoftware": "dcm2niix",
    "ConversionSoftwareVersion": "v1.0.20171215 (OpenJPEG build) GCC7.2.0",
    "DerivedVendorReportedEchoSpacing": 0.000559996,
    "DeviceSerialNumber": "35267",
    "DwellTime": 3.9e-06,
    "EchoTime": 0.03,
    "EffectiveEchoSpacing": 0.000559996,
    "FlipAngle": 80,
    "ImageComments": "PROJECT:MH_EPIL_SUBJECT:335_SESSION:20160126",
    "ImageOrientationPatientDICOM": [
      1,
      0,
      0,
      0,
      0.998971,
      -0.045363
    ],
    "ImageType": [
      "ORIGINAL",
      "PRIMARY",
      "M",
      "ND",
      "MOSAIC"
    ],
    "InPlanePhaseEncodingDirectionDICOM": "COL",
    "InstitutionAddress": "Newton_Road_500_Iowa_City_CDI_US_52242",
    "InstitutionName": "University_of_Iowa",
    "InstitutionalDepartmentName": "Department",
    "MRAcquisitionType": "2D",
    "MagneticFieldStrength": 3,
    "Manufacturer": "Siemens",
    "ManufacturersModelName": "TrioTim",
    "Modality": "MR",
    "PartialFourier": 1,
    "PatientPosition": "HFS",
    "PercentPhaseFOV": 100,
    "PhaseEncodingDirection": "j-",
    "PhaseEncodingSteps": 64,
    "PhaseResolution": 1,
    "PixelBandwidth": 2003,
    "ProcedureStepDescription": "RESEARCH_HOWARD",
    "ProtocolName": "REST",
    "PulseSequenceDetails": "%SiemensSeq%_ep2d_pace",
    "ReceiveCoilName": "HeadMatrix",
    "ReconMatrixPE": 64,
    "RepetitionTime": 2.26,
    "SAR": 0.17695,
    "ScanOptions": "FS",
    "ScanningSequence": "EP",
    "SequenceName": "_epfid2d1_64",
    "SequenceVariant": "SK",
    "SeriesDescription": "REST",
    "SeriesNumber": 5,
    "ShimSetting": [
      6524,
      25358,
      6207,
      555,
      0,
      -392,
      52,
      29
    ],
    "SliceThickness": 4,
    "SliceTiming": [
      1.125,
      0,
      1.1875,
      0.0625,
      1.25,
      0.125,
      1.3125,
      0.1875,
      1.375,
      0.25,
      1.4375,
      0.3125,
      1.5,
      0.375,
      1.5625,
      0.4375,
      1.625,
      0.5,
      1.6875,
      0.5625,
      1.75,
      0.625,
      1.8125,
      0.6875,
      1.875,
      0.75,
      1.9375,
      0.8125,
      2,
      0.875,
      2.0625,
      0.9375,
      2.125,
      1,
      2.1875,
      1.0625
    ],
    "SoftwareVersions": "syngo_MR_B17",
    "SpacingBetweenSlices": 4,
    "StationName": "MRC35267",
    "TaskName": "rest",
    "TotalReadoutTime": 0.0352797,
    "TxRefAmp": 314.396,
    "dataset": "ds002799",
    "modality": "bold",
    "run_id": 2,
    "session_id": "preop",
    "subject_id": "335",
    "task_id": "rest"
  },
  "dummy_trs": 0,
  "dvars_nstd": 21.43885718945735,
  "dvars_std": 1.1522501362790702,
  "dvars_vstd": 1.0062539114728684,
  "efc": 0.5073440780219485,
  "fber": 1270.941162109375,
  "fd_mean": 0.18273828869802117,
  "fd_num": 39,
  "fd_perc": 30.0,
  "fwhm_avg": 1.8809633636363638,
  "fwhm_x": 1.7968727272727274,
  "fwhm_y": 2.0832523636363636,
  "fwhm_z": 1.762765,
  "gcor": 0.0322347,
  "gsr_x": -0.007689994294196367,
  "gsr_y": 0.035605788230895996,
  "provenance": {
    "md5sum": "69fdae14d017313e4b702dae43f18086",
    "settings": {
      "fd_thres": 0.2,
      "testing": false
    },
    "software": "mriqc",
    "version": "21.0.0rc2",
    "webapi_port": null,
    "webapi_url": "https://mriqc.nimh.nih.gov/api/v1"
  },
  "size_t": 130,
  "size_x": 64,
  "size_y": 64,
  "size_z": 36,
  "snr": 5.833438661062855,
  "spacing_tr": 2.259999990463257,
  "spacing_x": 3.4375,
  "spacing_y": 3.4375,
  "spacing_z": 4.0,
  "summary_bg_k": 37.39202004545661,
  "summary_bg_mad": 12.088909853230424,
  "summary_bg_mean": 46.75566864013672,
  "summary_bg_median": 21.876922607421875,
  "summary_bg_n": 93224.0,
  "summary_bg_p05": 13.092308044433594,
  "summary_bg_p95": 163.55384826660156,
  "summary_bg_stdv": 71.83151245117188,
  "summary_fg_k": 1.5387593124811811,
  "summary_fg_mad": 119.81713534417098,
  "summary_fg_mean": 808.0349731445312,
  "summary_fg_median": 799.1538696289062,
  "summary_fg_n": 22545.0,
  "summary_fg_p05": 602.6784790039062,
  "summary_fg_p95": 1039.95693359375,
  "summary_fg_stdv": 136.99229431152344,
  "tsnr": 68.84467538364697
}