{
  "bids_meta": {
    "AcquisitionMatrixPE": 256,
    "AcquisitionNumber": 1,
    "AcquisitionTime": "16:22:6.605000",
    "BaseResolution": 256,
    "BodyPartExamined": "BRAIN",
    "ConsistencyInfo": "N4_VE11A_LATEST_20140830",
    "ConversionSoftware": "dcm2niix",
    "ConversionSoftwareVersion": "v1.0.20180622 GCC7.3.0",
    "DeviceSerialNumber": "45685",
    "DwellTime": 1.03e-05,
    "EchoTime": 0.00344,
    "FlipAngle": 10,
    "ImageComments": "Image_quality:_not_assessed",
    "ImageOrientationPatientDICOM": [
      0.999957,
      0.00366264,
      0.0085519,
      0.00856985,
      -0.00491148,
      -0.999951
    ],
    "ImageType": [
      "ORIGINAL",
      "PRIMARY",
      "M",
      "DIS2D"
    ],
    "InPlanePhaseEncodingDirectionDICOM": "ROW",
    "InstitutionAddress": "HAWKINS_DRIVE_200_IOWA_CITY_IOWA_US_52242",
    "InstitutionName": "UIHC_SKYRA",
    "InstitutionalDepartmentName": "Department",
    "InversionTime": 1,
    "MRAcquisitionType": "3D",
    "MagneticFieldStrength": 3,
    "Manufacturer": "Siemens",
    "ManufacturersModelName": "Skyra",
    "Modality": "MR",
    "PartialFourier": 1,
    "PatientPosition": "HFS",
    "PercentPhaseFOV": 100,
    "PhaseEncodingSteps": 256,
    "PhaseResolution": 1,
    "PixelBandwidth": 190,
    "ProcedureStepDescription": "RESEARCH_HOWARD",
    "ProtocolName": "MPRAGE_TI=1000",
    "PulseSequenceDetails": "%SiemensSeq%_tfl",
    "ReceiveCoilActiveElements": "HE",
    "ReceiveCoilName": "Head_TxRx",
    "ReconMatrixPE": 256,
    "RepetitionTime": 1.9,
    "SAR": 0.121501,
    "ScanOptions": "IR",
    "ScanningSequence": "GR_IR",
    "SequenceName": "_tfl3d1_16ns",
    "SequenceVariant": "SK_SP_MP",
    "SeriesDescription": "MPRAGE_TI=1000",
    "SeriesNumber": 2,
    "ShimSetting": [
      -3892,
      -1337,
      -1078,
      98,
      535,
      -638,
      519,
      307
    ],
    "SliceThickness": 1,
    "SoftwareVersions": "syngo_MR_E11",
    "StationName": "AWP45685",
    "TxRefAmp": 172.13,
    "dataset": "ds002799",
    "modality": "T1w",
    "session_id": "postop",
    "subject_id": "376"
  },
  "cjv": 0.6390393737233933,
  "cnr": 2.0460505620751523,
  "efc": 0.6169669588534787,
  "fber": 193.35010290847904,
  "fwhm_avg": 3.7413136628407275,
  "fwhm_x": 3.66928896,
  "fwhm_y": 3.902576508522183,
  "fwhm_z": 3.65207552,
  "icvs_csf": 0.26058778840824254,
  "icvs_gm": 0.3869340153623529,
  "icvs_wm": 0.3524781962294046,
  "inu_med": 1.514024257659912,
  "inu_range": 0.5703179359436035,
  "provenance": {
    "md5sum": "a40fde8146ff09e9d4f319bdd2078f51",
    "settings": {
      "testing": false
    },
    "software": "mriqc",
    "version": "21.0.0rc2",
    "warnings": {
      "large_rot_frame": true,
      "small_air_mask": false
    },
    "webapi_port": null,
    "webapi_url": "https://mriqc.nimh.nih.gov/api/v1"
  },
  "qi_1": 0.0,
  "qi_2": 0.009973190723675085,
  "rpve_csf": 31.536004091815506,
  "rpve_gm": 20.156631482649406,
  "rpve_wm": 25.5725278380839,
  "size_x": 256,
  "size_y": 224,
  "size_z": 256,
  "snr_csf": 2.1921803092696726,
  "snr_gm": 12.437725561313766,
  "snr_total": 10.940167494957308,
  "snr_wm": 18.190596614288484,
  "snrd_csf": 14.465846524417111,
  "snrd_gm": 28.865244511744578,
  "snrd_total": 26.192905845122425,
  "snrd_wm": 35.247626499205595,
  "spacing_x": 0.9765625,
  "spacing_y": 1.000003457069397,
  "spacing_z": 0.9765625,
  "summary_bg_k": 18.7179526624757,
  "summary_bg_mad": 18.586680456527247,
  "summary_bg_mean": 47.06678648443498,
  "summary_bg_median": 43.07663258910179,
  "summary_bg_n": 3031120.0,
  "summary_bg_p05": 18.19210085272789,
  "summary_bg_p95": 85.68196722865105,
  "summary_bg_stdv": 21.794751930724427,
  "summary_csf_k": 55.067912318780444,
  "summary_csf_mad": 84.82793260986496,
  "summary_csf_mean": 442.99983610495343,
  "summary_csf_median": 410.40625447034836,
  "summary_csf_n": 78155.0,
  "summary_csf_p05": 303.23310074210167,
  "summary_csf_p95": 614.761045396328,
  "summary_csf_stdv": 187.21253317290981,
  "summary_gm_k": 0.061474360792060256,
  "summary_gm_mad": 65.40275529063723,
  "summary_gm_mean": 818.5345478537142,
  "summary_gm_median": 818.9273171424866,
  "summary_gm_n": 16460.0,
  "summary_gm_p05": 708.9216627374292,
  "summary_gm_p95": 925.3463941514492,
  "summary_gm_stdv": 65.84020819902165,
  "summary_wm_k": 2.146271869106351,
  "summary_wm_mad": 50.309811762028644,
  "summary_wm_mean": 1003.1735925664526,
  "summary_wm_median": 999.9999893605709,
  "summary_wm_n": 170805.0,
  "summary_wm_p05": 920.8219338357449,
  "summary_wm_p95": 1095.1079155802727,
  "summary_wm_stdv": 54.97329654685752,
  "tpm_overlap_csf": 0.14339417219161987,
  "tpm_overlap_gm": 0.39409834146499634,
  "tpm_overlap_wm": 0.44201409816741943,
  "wm2max": 0.5940100062326087
}