{
  "bids_meta": {
    "AcquisitionMatrixPE": 227,
    "AcquisitionNumber": 1,
    "AcquisitionTime": "08:31:21.745000",
    "BaseResolution": 256,
    "ConversionSoftware": "dcm2niix",
    "ConversionSoftwareVersion": "v1.0.20171215 (OpenJPEG build) GCC7.2.0",
    "DeviceSerialNumber": "35267",
    "DwellTime": 3.3e-06,
    "EchoTime": 0.407,
    "EchoTrainLength": 227,
    "FlipAngle": 120,
    "ImageComments": "PROJECT:MH_EPIL_SUBJECT:334_SESSION:20151207",
    "ImageOrientationPatientDICOM": [
      0,
      1,
      0,
      0,
      0,
      -1
    ],
    "ImageType": [
      "ORIGINAL",
      "PRIMARY",
      "M",
      "ND",
      "NORM"
    ],
    "InPlanePhaseEncodingDirectionDICOM": "ROW",
    "InstitutionAddress": "Newton_Road_500_Iowa_City_CDI_US_52242",
    "InstitutionName": "University_of_Iowa",
    "InstitutionalDepartmentName": "Department",
    "MRAcquisitionType": "3D",
    "MagneticFieldStrength": 3,
    "Manufacturer": "Siemens",
    "ManufacturersModelName": "TrioTim",
    "Modality": "MR",
    "PartialFourier": 1,
    "PatientPosition": "HFS",
    "PercentPhaseFOV": 87.5,
    "PhaseEncodingSteps": 168,
    "PhaseResolution": 1.01339,
    "PixelBandwidth": 592,
    "ProcedureStepDescription": "RESEARCH_HOWARD",
    "ProtocolName": "T2-PREP_3D_T2",
    "PulseSequenceDetails": "%SiemensSeq%_tse_vfl",
    "ReceiveCoilName": "TxRx_Head",
    "ReconMatrixPE": 256,
    "RepetitionTime": 4,
    "SAR": 0.0549054,
    "ScanOptions": "PFP",
    "ScanningSequence": "SE",
    "SequenceName": "_spc3d1_454ns",
    "SequenceVariant": "SK_SP_OSP",
    "SeriesDescription": "T2-PREP_3D_T2",
    "SeriesNumber": 6,
    "ShimSetting": [
      6542,
      25441,
      5715,
      166,
      44,
      -20,
      -60,
      49
    ],
    "SliceThickness": 1,
    "SoftwareVersions": "syngo_MR_B17",
    "StationName": "MRC35267",
    "TxRefAmp": 219.175,
    "dataset": "ds002799",
    "modality": "T2w",
    "session_id": "preop",
    "subject_id": "331"
  },
  "cjv": 0.3260191759375054,
  "cnr": 2.6033189078195997,
  "efc": 0.6301703058048044,
  "fber": 87.68178835825229,
  "fwhm_avg": 1.7528066666666666,
  "fwhm_x": 1.84401,
  "fwhm_y": 1.53199,
  "fwhm_z": 1.88242,
  "icvs_csf": 0.33225730982728935,
  "icvs_gm": 0.08223218076911082,
  "icvs_wm": 0.5855105094035998,
  "inu_med": 1.550868272781372,
  "inu_range": 0.4802732467651367,
  "provenance": {
    "md5sum": "2450b7cf9d09418dd7056def69b8a22b",
    "settings": {
      "testing": false
    },
    "software": "mriqc",
    "version": "21.0.0rc2",
    "warnings": {
      "large_rot_frame": true,
      "small_air_mask": false
    },
    "webapi_port": null,
    "webapi_url": "https://mriqc.nimh.nih.gov/api/v1"
  },
  "qi_1": 0.0,
  "qi_2": 0.011482566421112967,
  "rpve_csf": 13.210449505344931,
  "rpve_gm": 67.14467402233335,
  "rpve_wm": 8.722406900314176,
  "size_x": 176,
  "size_y": 224,
  "size_z": 256,
  "snr_csf": 5.939038054794224,
  "snr_gm": 4.8753926805518155,
  "snr_total": 5.723599158839906,
  "snr_wm": 6.356366741173677,
  "snrd_csf": 16.24272127310618,
  "snrd_gm": 19.831783497443258,
  "snrd_total": 14.858249373017719,
  "snrd_wm": 8.50024334850371,
  "spacing_x": 1.0,
  "spacing_y": 1.0,
  "spacing_z": 1.0,
  "summary_bg_k": 1.8606166917244709,
  "summary_bg_mad": 77.07265889044372,
  "summary_bg_mean": 110.58970033406777,
  "summary_bg_median": 86.44743114709854,
  "summary_bg_n": 3058103.0,
  "summary_bg_p05": 0.0,
  "summary_bg_p95": 292.64240860939026,
  "summary_bg_stdv": 92.12958750564245,
  "summary_csf_k": 0.5643466675200997,
  "summary_csf_mad": 310.2605437762271,
  "summary_csf_mean": 1920.4034964956666,
  "summary_csf_median": 1910.8536161482334,
  "summary_csf_n": 29666.0,
  "summary_csf_p05": 1423.7044874578714,
  "summary_csf_p95": 2460.6792084872723,
  "summary_csf_stdv": 321.7392096372534,
  "summary_gm_k": 4.473313153240477,
  "summary_gm_mad": 284.0361406713317,
  "summary_gm_mean": 2334.9266522491334,
  "summary_gm_median": 2333.0841287970543,
  "summary_gm_n": 9293.0,
  "summary_gm_p05": 1596.0637244582178,
  "summary_gm_p95": 3090.748943686485,
  "summary_gm_stdv": 478.51706501741285,
  "summary_wm_k": 0.5914083460667676,
  "summary_wm_mad": 150.57485914219274,
  "summary_wm_mean": 1004.4653761414265,
  "summary_wm_median": 999.9999672174454,
  "summary_wm_n": 230417.0,
  "summary_wm_p05": 755.9375271201134,
  "summary_wm_p95": 1268.393912911415,
  "summary_wm_stdv": 157.32223107248515,
  "tpm_overlap_csf": 0.10624849796295166,
  "tpm_overlap_gm": 0.07011423259973526,
  "tpm_overlap_wm": 0.41735872626304626,
  "wm2max": 0.28881853504101307
}