{
  "bids_meta": {
    "AcquisitionMatrixPE": 256,
    "AcquisitionNumber": 1,
    "AcquisitionTime": "08:43:5.605000",
    "BaseResolution": 256,
    "ConversionSoftware": "dcm2niix",
    "ConversionSoftwareVersion": "v1.0.20180518 GCC4.8.4",
    "DeviceSerialNumber": "35267",
    "DwellTime": 8.9e-06,
    "EchoTime": 0.00309,
    "FlipAngle": 10,
    "ImageComments": "PROJECT:MH_EPIL_SUBJECT:334_SESSION:20151207",
    "ImageOrientationPatientDICOM": [
      1,
      0,
      0,
      0,
      0,
      -1
    ],
    "ImageType": [
      "ORIGINAL",
      "PRIMARY",
      "M",
      "NORM",
      "DIS2D"
    ],
    "InPlanePhaseEncodingDirectionDICOM": "ROW",
    "InstitutionAddress": "Newton_Road_500_Iowa_City_CDI_US_52242",
    "InstitutionName": "University_of_Iowa",
    "InstitutionalDepartmentName": "Department",
    "InversionTime": 0.9,
    "MRAcquisitionType": "3D",
    "MagneticFieldStrength": 3,
    "Manufacturer": "Siemens",
    "ManufacturersModelName": "TrioTim",
    "Modality": "MR",
    "PartialFourier": 1,
    "PatientPosition": "HFS",
    "PercentPhaseFOV": 100,
    "PhaseEncodingSteps": 256,
    "PhaseResolution": 1,
    "PixelBandwidth": 219,
    "ProcedureStepDescription": "RESEARCH_HOWARD",
    "ProtocolName": "MPRAGE_T1_Coronal_-_TI=900",
    "PulseSequenceDetails": "%SiemensSeq%_tfl",
    "ReceiveCoilName": "TxRx_Head",
    "ReconMatrixPE": 256,
    "RepetitionTime": 2.53,
    "SAR": 0.0366165,
    "ScanOptions": "IR",
    "ScanningSequence": "GR_IR",
    "SequenceName": "_tfl3d1_ns",
    "SequenceVariant": "SP_MP",
    "SeriesDescription": "MPRAGE_T1_Coronal_-_TI=900",
    "SeriesNumber": 8,
    "ShimSetting": [
      6542,
      25441,
      5715,
      166,
      44,
      -20,
      -60,
      49
    ],
    "SliceThickness": 1,
    "SoftwareVersions": "syngo_MR_B17",
    "StationName": "MRC35267",
    "TxRefAmp": 219.175,
    "dataset": "ds002799",
    "modality": "T1w",
    "session_id": "preop",
    "subject_id": "331"
  },
  "cjv": 0.5193278452402411,
  "cnr": 2.2938319487420444,
  "efc": 0.6649425857263691,
  "fber": 74.67111750367152,
  "fwhm_avg": 3.387173333333333,
  "fwhm_x": 3.4563,
  "fwhm_y": 3.43383,
  "fwhm_z": 3.27139,
  "icvs_csf": 0.1889893537304459,
  "icvs_gm": 0.4260762478959189,
  "icvs_wm": 0.3849343983736352,
  "inu_med": 1.3224881887435913,
  "inu_range": 0.38165814876556414,
  "provenance": {
    "md5sum": "f744b3c9109fe36c67444ccbc99103f5",
    "settings": {
      "testing": false
    },
    "software": "mriqc",
    "version": "21.0.0rc2",
    "warnings": {
      "large_rot_frame": true,
      "small_air_mask": false
    },
    "webapi_port": null,
    "webapi_url": "https://mriqc.nimh.nih.gov/api/v1"
  },
  "qi_1": 0.0,
  "qi_2": 0.0027352819897581014,
  "rpve_csf": 39.31212710178991,
  "rpve_gm": 18.038647320595405,
  "rpve_wm": 22.60738902435144,
  "size_x": 256,
  "size_y": 240,
  "size_z": 256,
  "snr_csf": 3.4600195839699204,
  "snr_gm": 10.201070363431533,
  "snr_total": 7.99416493612938,
  "snr_wm": 10.321404860986686,
  "snrd_csf": 6.04537715685467,
  "snrd_gm": 12.476875687981122,
  "snrd_total": 12.01605508326439,
  "snrd_wm": 17.525912404957378,
  "spacing_x": 1.0,
  "spacing_y": 1.0,
  "spacing_z": 1.0,
  "summary_bg_k": 1.9435329536938974,
  "summary_bg_mad": 37.381014257282395,
  "summary_bg_mean": 80.49119398930306,
  "summary_bg_median": 75.69936412200332,
  "summary_bg_n": 3859103.0,
  "summary_bg_p05": 25.213110968470573,
  "summary_bg_p95": 151.27866581082344,
  "summary_bg_stdv": 38.947991444706844,
  "summary_csf_k": 6.08671178950425,
  "summary_csf_mad": 81.08119997234348,
  "summary_csf_mean": 362.4046563657191,
  "summary_csf_median": 344.9393705353141,
  "summary_csf_n": 20120.0,
  "summary_csf_p05": 235.0822441726923,
  "summary_csf_p95": 541.9077952940016,
  "summary_csf_stdv": 99.69041793141677,
  "summary_gm_k": 0.02699084139086949,
  "summary_gm_mad": 68.44285705678611,
  "summary_gm_mean": 714.1048687271826,
  "summary_gm_median": 711.9101975597441,
  "summary_gm_n": 10309.0,
  "summary_gm_p05": 602.1371149003505,
  "summary_gm_p95": 834.0497108370066,
  "summary_gm_stdv": 69.78440916331863,
  "summary_wm_k": 1.169254171811703,
  "summary_wm_mad": 81.17020238724177,
  "summary_wm_mean": 1017.898831333441,
  "summary_wm_median": 1000.0000059828162,
  "summary_wm_n": 189673.0,
  "summary_wm_p05": 891.5235976018012,
  "summary_wm_p95": 1212.090294200927,
  "summary_wm_stdv": 96.88578089241706,
  "tpm_overlap_csf": 0.16391396522521973,
  "tpm_overlap_gm": 0.4153372049331665,
  "tpm_overlap_wm": 0.4764059782028198,
  "wm2max": 0.5627132385231226
}