{
  "bids_meta": {
    "AcquisitionMatrixPE": 256,
    "AcquisitionNumber": 1,
    "AcquisitionTime": "15:19:0.500000",
    "BaseResolution": 256,
    "ConversionSoftware": "dcm2niix",
    "ConversionSoftwareVersion": "v1.0.20171215 (OpenJPEG build) GCC7.2.0",
    "DeviceSerialNumber": "35267",
    "DwellTime": 3e-06,
    "EchoTime": 0.00174,
    "FlipAngle": 10,
    "ImageComments": "PROJECT:MH_EPIL_SUBJECT:70210484_SESSION:20140120",
    "ImageOrientationPatientDICOM": [
      0,
      1,
      0,
      0,
      0,
      -1
    ],
    "ImageType": [
      "ORIGINAL",
      "PRIMARY",
      "OTHER",
      "ND",
      "NORM",
      "MEAN"
    ],
    "InPlanePhaseEncodingDirectionDICOM": "ROW",
    "InstitutionAddress": "Newton_Road_500_Iowa_City_CDI_US_52242",
    "InstitutionName": "University_of_Iowa",
    "InstitutionalDepartmentName": "Department",
    "MRAcquisitionType": "3D",
    "MagneticFieldStrength": 3,
    "Manufacturer": "Siemens",
    "ManufacturersModelName": "TrioTim",
    "Modality": "MR",
    "ParallelReductionFactorInPlane": 2,
    "PartialFourier": 1,
    "PatientPosition": "HFS",
    "PercentPhaseFOV": 100,
    "PhaseEncodingSteps": 255,
    "PhaseResolution": 1,
    "PixelBandwidth": 651,
    "ProcedureStepDescription": "RESEARCH_HOWARD",
    "ProtocolName": "MULTI_ECHO_MPRAGE_V-4",
    "PulseSequenceDetails": "%CustomerSeq%_WIP711_Moco_tfl_multiecho_epinav_711",
    "ReceiveCoilName": "HeadMatrix",
    "ReconMatrixPE": 256,
    "RepetitionTime": 2.15,
    "SAR": 0.0996661,
    "ScanOptions": "IR",
    "ScanningSequence": "GR_IR",
    "SequenceName": "Moco3d4_ns",
    "SequenceVariant": "SP_MP",
    "SeriesDescription": "MULTI_ECHO_MPRAGE_V-4_RMS",
    "SeriesNumber": 9,
    "ShimSetting": [
      6564,
      25439,
      6035,
      431,
      -63,
      -496,
      356,
      -33
    ],
    "SliceThickness": 1,
    "SoftwareVersions": "syngo_MR_B17",
    "StationName": "MRC35267",
    "TxRefAmp": 275.894,
    "dataset": "ds002799",
    "modality": "T1w",
    "session_id": "preop",
    "subject_id": "302"
  },
  "cjv": 0.745706000151745,
  "cnr": 1.8606642736235213,
  "efc": 0.5966493130869074,
  "fber": 569.5712280273438,
  "fwhm_avg": 3.6966033333333335,
  "fwhm_x": 3.58854,
  "fwhm_y": 4.0041,
  "fwhm_z": 3.49717,
  "icvs_csf": 0.1777152809757522,
  "icvs_gm": 0.4469980883468013,
  "icvs_wm": 0.37528663067744644,
  "inu_med": 1.941112756729126,
  "inu_range": 0.7700623631477355,
  "provenance": {
    "md5sum": "c9adc63ae4773cd51a17bed04d2b3d48",
    "settings": {
      "testing": false
    },
    "software": "mriqc",
    "version": "21.0.0rc2",
    "warnings": {
      "large_rot_frame": true,
      "small_air_mask": false
    },
    "webapi_port": null,
    "webapi_url": "https://mriqc.nimh.nih.gov/api/v1"
  },
  "qi_1": 0.0,
  "qi_2": 0.008028155066307954,
  "rpve_csf": 32.163802525600715,
  "rpve_gm": 13.426957508124348,
  "rpve_wm": 17.300856254224193,
  "size_x": 176,
  "size_y": 256,
  "size_z": 256,
  "snr_csf": 3.7771054087692444,
  "snr_gm": 13.079259000320327,
  "snr_total": 11.566518219119748,
  "snr_wm": 17.843190248269675,
  "snrd_csf": 22.884051511922006,
  "snrd_gm": 41.894908483019684,
  "snrd_total": 38.234354766913036,
  "snrd_wm": 49.92410430579742,
  "spacing_x": 1.0,
  "spacing_y": 1.0,
  "spacing_z": 1.0,
  "summary_bg_k": 2.3852533186535343,
  "summary_bg_mad": 13.123071899327488,
  "summary_bg_mean": 30.00358009338379,
  "summary_bg_median": 27.81141471862793,
  "summary_bg_n": 3935680.0,
  "summary_bg_p05": 10.648333406448364,
  "summary_bg_p95": 57.09195804595946,
  "summary_bg_stdv": 14.622380256652832,
  "summary_csf_k": 1.4580962746966097,
  "summary_csf_mad": 104.33808588190271,
  "summary_csf_mean": 481.3748474121094,
  "summary_csf_median": 458.39166259765625,
  "summary_csf_n": 37958.0,
  "summary_csf_p05": 322.3044189453125,
  "summary_csf_p95": 714.442904663086,
  "summary_csf_stdv": 121.35897064208984,
  "summary_gm_k": -0.029176127590388568,
  "summary_gm_mad": 64.54749101983154,
  "summary_gm_mean": 843.4386596679688,
  "summary_gm_median": 839.1991577148438,
  "summary_gm_n": 37462.0,
  "summary_gm_p05": 744.8539611816407,
  "summary_gm_p95": 955.664825439453,
  "summary_gm_stdv": 64.16173553466797,
  "summary_wm_k": 0.12164222044746831,
  "summary_wm_mad": 55.38682998553114,
  "summary_wm_mean": 1000.845458984375,
  "summary_wm_median": 1000.0324096679688,
  "summary_wm_n": 182157.0,
  "summary_wm_p05": 910.1760131835938,
  "summary_wm_p95": 1094.6179687499998,
  "summary_wm_stdv": 56.04545211791992,
  "tpm_overlap_csf": 0.13568119704723358,
  "tpm_overlap_gm": 0.439698189496994,
  "tpm_overlap_wm": 0.4723864197731018,
  "wm2max": 0.6597441118458262
}