{
  "aor": 0.0016385433070866145,
  "aqi": 0.0044145510629921255,
  "bids_meta": {
    "AcquisitionMatrixPE": 68,
    "AcquisitionNumber": 1,
    "AcquisitionTime": "18:39:59.470000",
    "BandwidthPerPixelPhaseEncode": 25.355,
    "BaseResolution": 68,
    "ConversionSoftware": "dcm2niix",
    "ConversionSoftwareVersion": "v1.0.20171103 (OpenJPEG build) GCC6.3.0",
    "DelayTime": 0.1,
    "DerivedVendorReportedEchoSpacing": 0.000579999,
    "DeviceSerialNumber": "35053",
    "DwellTime": 3.8e-06,
    "EchoTime": 0.03,
    "EffectiveEchoSpacing": 0.000579999,
    "FlipAngle": 90,
    "ImageComments": "PROJECT:MH_EPIL_SUBJECT:06728376_SESSION:20140922",
    "ImageOrientationPatientDICOM": [
      0.996195,
      1.17055e-06,
      0.0871552,
      -8.44232e-09,
      1,
      -1.33341e-05
    ],
    "ImageType": [
      "ORIGINAL",
      "PRIMARY",
      "M",
      "ND",
      "MOSAIC"
    ],
    "InPlanePhaseEncodingDirectionDICOM": "COL",
    "InstitutionAddress": "Hawkins_200_Iowa_City_IA_US_52242",
    "InstitutionName": "UI_Hospitals_and_Clinics",
    "InstitutionalDepartmentName": "Radiation_Oncology",
    "MRAcquisitionType": "2D",
    "MagneticFieldStrength": 3,
    "Manufacturer": "Siemens",
    "ManufacturersModelName": "TrioTim",
    "Modality": "MR",
    "PartialFourier": 0.75,
    "PatientPosition": "HFS",
    "PercentPhaseFOV": 100,
    "PhaseEncodingDirection": "j-",
    "PhaseEncodingSteps": 51,
    "PhaseResolution": 1,
    "PixelBandwidth": 1935,
    "ProcedureStepDescription": "RESEARCH_OYA",
    "ProtocolName": "ES_FMRI",
    "PulseSequenceDetails": "%SiemensSeq%_ep2d_bold",
    "ReceiveCoilName": "TxRx_Head",
    "ReconMatrixPE": 68,
    "RepetitionTime": 3.1,
    "SAR": 0.0538539,
    "ScanOptions": "PFP_FS",
    "ScanningSequence": "EP",
    "SequenceName": "_epfid2d1_68",
    "SequenceVariant": "SK",
    "SeriesDescription": "ES_FMRI",
    "SeriesNumber": 9,
    "ShimSetting": [
      -1307,
      -19453,
      6024,
      752,
      -96,
      65,
      269,
      -121
    ],
    "SliceThickness": 3,
    "SliceTiming": [
      1.505,
      0,
      1.5725,
      0.065,
      1.6375,
      0.13,
      1.7025,
      0.1975,
      1.7675,
      0.2625,
      1.8325,
      0.3275,
      1.9,
      0.3925,
      1.965,
      0.4575,
      2.03,
      0.525,
      2.095,
      0.59,
      2.16,
      0.655,
      2.2275,
      0.72,
      2.2925,
      0.785,
      2.3575,
      0.8525,
      2.4225,
      0.9175,
      2.4875,
      0.9825,
      2.5525,
      1.0475,
      2.62,
      1.1125,
      2.685,
      1.18,
      2.75,
      1.245,
      2.815,
      1.31,
      2.88,
      1.375,
      2.9475,
      1.44
    ],
    "SoftwareVersions": "syngo_MR_B19",
    "SpacingBetweenSlices": 3,
    "StationName": "MRC35053",
    "TaskName": "es",
    "TotalReadoutTime": 0.03886,
    "TxRefAmp": 165.729,
    "dataset": "ds002799",
    "modality": "bold",
    "run_id": 5,
    "session_id": "postop",
    "subject_id": "292",
    "task_id": "es"
  },
  "dummy_trs": 0,
  "dvars_nstd": 18.90423295984191,
  "dvars_std": 1.064087312332016,
  "dvars_vstd": 1.0176229358102769,
  "efc": 0.39337196218285647,
  "fber": 5976.82861328125,
  "fd_mean": 0.10821047711094267,
  "fd_num": 12,
  "fd_perc": 4.724409448818897,
  "fwhm_avg": 2.023896122028097,
  "fwhm_x": 1.8948292809411365,
  "fwhm_y": 2.0747789180848333,
  "fwhm_z": 2.1020801670583222,
  "gcor": 0.0161849,
  "gsr_x": -0.022119859233498573,
  "gsr_y": 0.02209748700261116,
  "provenance": {
    "md5sum": "dfe40d0a95bc3cfd282557cc06e97581",
    "settings": {
      "fd_thres": 0.2,
      "testing": false
    },
    "software": "mriqc",
    "version": "21.0.0rc2",
    "webapi_port": null,
    "webapi_url": "https://mriqc.nimh.nih.gov/api/v1"
  },
  "size_t": 254,
  "size_x": 68,
  "size_y": 68,
  "size_z": 46,
  "snr": 5.369173278124166,
  "spacing_tr": 3.0999999046325684,
  "spacing_x": 3.2352941036224365,
  "spacing_y": 3.2352941036224365,
  "spacing_z": 2.999999761581421,
  "summary_bg_k": 88.1224254883469,
  "summary_bg_mad": 1.465091530510566,
  "summary_bg_mean": 20.39539909362793,
  "summary_bg_median": 7.921259880065918,
  "summary_bg_n": 157681.0,
  "summary_bg_p05": 6.716535568237305,
  "summary_bg_p95": 74.21653747558594,
  "summary_bg_stdv": 41.39735794067383,
  "summary_fg_k": 2.3180807695764756,
  "summary_fg_mad": 101.27804702564138,
  "summary_fg_mean": 643.9361572265625,
  "summary_fg_median": 637.7047119140625,
  "summary_fg_n": 17986.0,
  "summary_fg_p05": 454.92224884033203,
  "summary_fg_p95": 834.5118103027344,
  "summary_fg_stdv": 118.7681884765625,
  "tsnr": 64.15987372305244
}