{
  "aor": 0.0015488537549407115,
  "aqi": 0.010513342252964429,
  "bids_meta": {
    "AcquisitionMatrixPE": 68,
    "AcquisitionNumber": 1,
    "AcquisitionTime": "18:08:54.185000",
    "BandwidthPerPixelPhaseEncode": 25.355,
    "BaseResolution": 68,
    "ConversionSoftware": "dcm2niix",
    "ConversionSoftwareVersion": "v1.0.20171103 (OpenJPEG build) GCC6.3.0",
    "DelayTime": 0.1,
    "DerivedVendorReportedEchoSpacing": 0.000579999,
    "DeviceSerialNumber": "35053",
    "DwellTime": 3.8e-06,
    "EchoTime": 0.03,
    "EffectiveEchoSpacing": 0.000579999,
    "FlipAngle": 90,
    "ImageComments": "PROJECT:MH_EPIL_SUBJECT:06728376_SESSION:20140922",
    "ImageOrientationPatientDICOM": [
      0.996195,
      1.17055e-06,
      0.0871552,
      -8.44232e-09,
      1,
      -1.33341e-05
    ],
    "ImageType": [
      "ORIGINAL",
      "PRIMARY",
      "M",
      "ND",
      "MOSAIC"
    ],
    "InPlanePhaseEncodingDirectionDICOM": "COL",
    "InstitutionAddress": "Hawkins_200_Iowa_City_IA_US_52242",
    "InstitutionName": "UI_Hospitals_and_Clinics",
    "InstitutionalDepartmentName": "Radiation_Oncology",
    "MRAcquisitionType": "2D",
    "MagneticFieldStrength": 3,
    "Manufacturer": "Siemens",
    "ManufacturersModelName": "TrioTim",
    "Modality": "MR",
    "PartialFourier": 0.75,
    "PatientPosition": "HFS",
    "PercentPhaseFOV": 100,
    "PhaseEncodingDirection": "j-",
    "PhaseEncodingSteps": 51,
    "PhaseResolution": 1,
    "PixelBandwidth": 1935,
    "ProcedureStepDescription": "RESEARCH_OYA",
    "ProtocolName": "ES_FMRI",
    "PulseSequenceDetails": "%SiemensSeq%_ep2d_bold",
    "ReceiveCoilName": "TxRx_Head",
    "ReconMatrixPE": 68,
    "RepetitionTime": 3.1,
    "SAR": 0.0538539,
    "ScanOptions": "PFP_FS",
    "ScanningSequence": "EP",
    "SequenceName": "_epfid2d1_68",
    "SequenceVariant": "SK",
    "SeriesDescription": "ES_FMRI",
    "SeriesNumber": 7,
    "ShimSetting": [
      -1307,
      -19453,
      6024,
      752,
      -96,
      65,
      269,
      -121
    ],
    "SliceThickness": 3,
    "SliceTiming": [
      1.505,
      0,
      1.57,
      0.065,
      1.635,
      0.13,
      1.7025,
      0.195,
      1.7675,
      0.26,
      1.8325,
      0.3275,
      1.8975,
      0.3925,
      1.9625,
      0.4575,
      2.03,
      0.5225,
      2.095,
      0.5875,
      2.16,
      0.655,
      2.225,
      0.72,
      2.29,
      0.785,
      2.3575,
      0.85,
      2.4225,
      0.915,
      2.4875,
      0.9825,
      2.5525,
      1.0475,
      2.6175,
      1.1125,
      2.6825,
      1.1775,
      2.75,
      1.2425,
      2.815,
      1.3075,
      2.88,
      1.375,
      2.945,
      1.44
    ],
    "SoftwareVersions": "syngo_MR_B19",
    "SpacingBetweenSlices": 3,
    "StationName": "MRC35053",
    "TaskName": "es",
    "TotalReadoutTime": 0.03886,
    "TxRefAmp": 165.729,
    "dataset": "ds002799",
    "modality": "bold",
    "run_id": 3,
    "session_id": "postop",
    "subject_id": "292",
    "task_id": "es"
  },
  "dummy_trs": 1,
  "dvars_nstd": 18.819676217619037,
  "dvars_std": 0.9745818168253967,
  "dvars_vstd": 0.9244004955555553,
  "efc": 0.39193287719144904,
  "fber": 6368.0078125,
  "fd_mean": 0.10764507021327961,
  "fd_num": 13,
  "fd_perc": 5.138339920948616,
  "fwhm_avg": 2.0382561025021197,
  "fwhm_x": 1.895237280942905,
  "fwhm_y": 2.0929441908908504,
  "fwhm_z": 2.126586835672604,
  "gcor": 0.00943866,
  "gsr_x": -0.02331034652888775,
  "gsr_y": 0.023055586963891983,
  "provenance": {
    "md5sum": "0107a81e6837d69b0f1a3309c1f29901",
    "settings": {
      "fd_thres": 0.2,
      "testing": false
    },
    "software": "mriqc",
    "version": "21.0.0rc2",
    "webapi_port": null,
    "webapi_url": "https://mriqc.nimh.nih.gov/api/v1"
  },
  "size_t": 253,
  "size_x": 68,
  "size_y": 68,
  "size_z": 46,
  "snr": 5.429767213484091,
  "spacing_tr": 3.0999999046325684,
  "spacing_x": 3.2352941036224365,
  "spacing_y": 3.2352941036224365,
  "spacing_z": 2.999999761581421,
  "summary_bg_k": 87.40712524012118,
  "summary_bg_mad": 1.6877046970243867,
  "summary_bg_mean": 20.429012298583984,
  "summary_bg_median": 7.794466495513916,
  "summary_bg_n": 157736.0,
  "summary_bg_p05": 6.371541976928711,
  "summary_bg_p95": 75.86561584472656,
  "summary_bg_stdv": 41.37338638305664,
  "summary_fg_k": 2.130989624355128,
  "summary_fg_mad": 101.30623492792805,
  "summary_fg_mean": 655.3629760742188,
  "summary_fg_median": 647.2944946289062,
  "summary_fg_n": 17900.0,
  "summary_fg_p05": 467.548844909668,
  "summary_fg_p95": 852.6887908935547,
  "summary_fg_stdv": 119.20886993408203,
  "tsnr": 49.55477931839414
}