{
  "bids_meta": {
    "AcquisitionMatrixPE": 256,
    "AcquisitionNumber": 1,
    "AcquisitionTime": "08:04:53.830000",
    "BaseResolution": 256,
    "ConversionSoftware": "dcm2niix",
    "ConversionSoftwareVersion": "v1.0.20171215 (OpenJPEG build) GCC7.2.0",
    "DeviceSerialNumber": "35267",
    "DwellTime": 8.9e-06,
    "EchoTime": 0.00309,
    "FlipAngle": 10,
    "ImageComments": "PROJECT:MH_EPIL_SUBJECT:330_SESSION:20151109",
    "ImageOrientationPatientDICOM": [
      1,
      0,
      0,
      0,
      0,
      -1
    ],
    "ImageType": [
      "ORIGINAL",
      "PRIMARY",
      "M",
      "NORM",
      "DIS2D"
    ],
    "InPlanePhaseEncodingDirectionDICOM": "ROW",
    "InstitutionAddress": "Newton_Road_500_Iowa_City_CDI_US_52242",
    "InstitutionName": "University_of_Iowa",
    "InstitutionalDepartmentName": "Department",
    "InversionTime": 0.8,
    "MRAcquisitionType": "3D",
    "MagneticFieldStrength": 3,
    "Manufacturer": "Siemens",
    "ManufacturersModelName": "TrioTim",
    "Modality": "MR",
    "PartialFourier": 1,
    "PatientPosition": "HFS",
    "PercentPhaseFOV": 100,
    "PhaseEncodingSteps": 256,
    "PhaseResolution": 1,
    "PixelBandwidth": 219,
    "ProcedureStepDescription": "RESEARCH_HOWARD",
    "ProtocolName": "MPRAGE_T1_Coronal_-_TI=800",
    "PulseSequenceDetails": "%SiemensSeq%_tfl",
    "ReceiveCoilName": "HeadMatrix",
    "ReconMatrixPE": 256,
    "RepetitionTime": 2.53,
    "SAR": 0.125323,
    "ScanOptions": "IR",
    "ScanningSequence": "GR_IR",
    "SequenceName": "_tfl3d1_ns",
    "SequenceVariant": "SP_MP",
    "SeriesDescription": "MPRAGE_T1_Coronal_-_TI=800",
    "SeriesNumber": 7,
    "ShimSetting": [
      6542,
      25441,
      5715,
      166,
      44,
      -20,
      -60,
      49
    ],
    "SliceThickness": 1,
    "SoftwareVersions": "syngo_MR_B17",
    "StationName": "MRC35267",
    "TxRefAmp": 307.609,
    "dataset": "ds002799",
    "modality": "T1w",
    "session_id": "preop",
    "subject_id": "330"
  },
  "cjv": 0.39212549107631334,
  "cnr": 3.4959331215137386,
  "efc": 0.6167119471936535,
  "fber": 1214.19433831366,
  "fwhm_avg": 3.815936666666667,
  "fwhm_x": 3.93642,
  "fwhm_y": 3.98942,
  "fwhm_z": 3.52197,
  "icvs_csf": 0.2271137774866055,
  "icvs_gm": 0.3819688696425557,
  "icvs_wm": 0.3909173528708388,
  "inu_med": 1.458541989326477,
  "inu_range": 0.4758357524871826,
  "provenance": {
    "md5sum": "7b55a3552b76fce0cc7f19d6e3cce3c0",
    "settings": {
      "testing": false
    },
    "software": "mriqc",
    "version": "21.0.0rc2",
    "warnings": {
      "large_rot_frame": true,
      "small_air_mask": false
    },
    "webapi_port": null,
    "webapi_url": "https://mriqc.nimh.nih.gov/api/v1"
  },
  "qi_1": 0.0,
  "qi_2": 0.0025869671703922245,
  "rpve_csf": 29.167680970285858,
  "rpve_gm": 16.83687073145414,
  "rpve_wm": 20.330972399584034,
  "size_x": 256,
  "size_y": 208,
  "size_z": 256,
  "snr_csf": 1.4231227115057963,
  "snr_gm": 9.688898865400807,
  "snr_total": 9.581756577287692,
  "snr_wm": 17.63324815495647,
  "snrd_csf": 25.132453344399785,
  "snrd_gm": 47.892381740363696,
  "snrd_total": 47.79599791433349,
  "snrd_wm": 70.36315865823698,
  "spacing_x": 1.0,
  "spacing_y": 1.0,
  "spacing_z": 1.0,
  "summary_bg_k": 48.4851185858916,
  "summary_bg_mad": 9.310787262258467,
  "summary_bg_mean": 19.34966866540151,
  "summary_bg_median": 15.636854652315378,
  "summary_bg_n": 3474704.0,
  "summary_bg_p05": 3.2453849278390408,
  "summary_bg_p95": 44.04450973495841,
  "summary_bg_stdv": 13.930918432154671,
  "summary_csf_k": 18.081771087955776,
  "summary_csf_mad": 124.66456770607812,
  "summary_csf_mean": 391.1061070895694,
  "summary_csf_median": 357.18200741522014,
  "summary_csf_n": 21876.0,
  "summary_csf_p05": 173.8809807766229,
  "summary_csf_p95": 577.5309996586293,
  "summary_csf_stdv": 250.97894977519607,
  "summary_gm_k": -0.018966227898547405,
  "summary_gm_mad": 69.98712572972806,
  "summary_gm_mean": 678.8313529900537,
  "summary_gm_median": 680.6457298658788,
  "summary_gm_n": 12191.0,
  "summary_gm_p05": 559.8921218365431,
  "summary_gm_p95": 790.1880081444979,
  "summary_gm_stdv": 70.24717904873371,
  "summary_wm_k": 0.1816641966153809,
  "summary_wm_mad": 55.23983852239251,
  "summary_wm_mean": 1000.0137474196985,
  "summary_wm_median": 1000.0000363364816,
  "summary_wm_n": 216886.0,
  "summary_wm_p05": 906.5582391284406,
  "summary_wm_p95": 1093.4839814007282,
  "summary_wm_stdv": 56.71092031300422,
  "tpm_overlap_csf": 0.1672677844762802,
  "tpm_overlap_gm": 0.4151323735713959,
  "tpm_overlap_wm": 0.5073805451393127,
  "wm2max": 0.5461157785706066
}