{
  "bids_meta": {
    "AcquisitionMatrixPE": 256,
    "AcquisitionNumber": 1,
    "AcquisitionTime": "16:53:32.155000",
    "BaseResolution": 256,
    "ConversionSoftware": "dcm2niix",
    "ConversionSoftwareVersion": "v1.0.20171103 (OpenJPEG build) GCC7.2.1",
    "DeviceSerialNumber": "35267",
    "DwellTime": 3.4e-06,
    "EchoTime": 0.005,
    "FlipAngle": 10,
    "ImageComments": "PROJECT:MH_EPIL_SUBJECT:06728376_SESSON:20140818",
    "ImageOrientationPatientDICOM": [
      0,
      1,
      0,
      0,
      0,
      -1
    ],
    "ImageType": [
      "ORIGINAL",
      "PRIMARY",
      "M",
      "ND",
      "MOSAIC"
    ],
    "InPlanePhaseEncodingDirectionDICOM": "ROW",
    "InstitutionAddress": "Newton_Road_500_Iowa_City_CDI_US_52242",
    "InstitutionName": "University_of_Iowa",
    "InstitutionalDepartmentName": "Department",
    "MRAcquisitionType": "3D",
    "MagneticFieldStrength": 3,
    "Manufacturer": "Siemens",
    "ManufacturersModelName": "TrioTim",
    "Modality": "MR",
    "MultibandAccelerationFactor": 32,
    "ParallelReductionFactorInPlane": 2,
    "PartialFourier": 1,
    "PatientPosition": "HFS",
    "PercentPhaseFOV": 100,
    "PhaseEncodingSteps": 32,
    "PhaseResolution": 1,
    "PixelBandwidth": 574,
    "ProcedureStepDescription": "RESEARCH_HOWARD",
    "ProtocolName": "MULTI_ECHO_MPRAGE_V-4",
    "PulseSequenceDetails": "%CustomerSeq%_WIP711_Moco_tfl_multiecho_epinav_711",
    "ReceiveCoilName": "HeadMatrix",
    "ReconMatrixPE": 32,
    "RepetitionTime": 0.011,
    "SAR": 0.0946077,
    "ScanOptions": "IR",
    "ScanningSequence": "GR_IR",
    "SequenceName": "Moco3d1_32ns",
    "SequenceVariant": "SP_MP",
    "SeriesDescription": "ep-moco-nav-set",
    "SeriesNumber": 7,
    "ShimSetting": [
      6560,
      25433,
      5943,
      675,
      90,
      -220,
      676,
      23
    ],
    "SliceThickness": 8,
    "SliceTiming": [
      0,
      0,
      0,
      0,
      0,
      0,
      0,
      0,
      0,
      0,
      0,
      0,
      0,
      0,
      0,
      0,
      0,
      0,
      0,
      0,
      0,
      0,
      0,
      0,
      0,
      0,
      0,
      0,
      0,
      0,
      0,
      0
    ],
    "SoftwareVersions": "syngo_MR_B17",
    "SpacingBetweenSlices": 8,
    "StationName": "MRC35267",
    "TxRefAmp": 278.517,
    "dataset": "ds002799",
    "modality": "T1w",
    "session_id": "preop",
    "subject_id": "292"
  },
  "cjv": 0.4169818739547005,
  "cnr": 3.3508112212934282,
  "efc": 0.5629225761134417,
  "fber": 870.25,
  "fwhm_avg": 3.7418600000000004,
  "fwhm_x": 3.74648,
  "fwhm_y": 3.99873,
  "fwhm_z": 3.48037,
  "icvs_csf": 0.20751020120223765,
  "icvs_gm": 0.41376603763838704,
  "icvs_wm": 0.37872376115937534,
  "inu_med": 1.3685564994812012,
  "inu_range": 0.36500725746154794,
  "provenance": {
    "md5sum": "d540765c9e5bb2e92905a4e5d8f211b7",
    "settings": {
      "testing": false
    },
    "software": "mriqc",
    "version": "21.0.0rc2",
    "warnings": {
      "large_rot_frame": true,
      "small_air_mask": false
    },
    "webapi_port": null,
    "webapi_url": "https://mriqc.nimh.nih.gov/api/v1"
  },
  "qi_1": 0.0,
  "qi_2": 0.014722007086856788,
  "rpve_csf": 48.66724289967434,
  "rpve_gm": 24.588911099234974,
  "rpve_wm": 30.951145278562496,
  "size_x": 256,
  "size_y": 256,
  "size_z": 256,
  "snr_csf": 4.969469155414358,
  "snr_gm": 18.370969441429043,
  "snr_total": 16.68588886530776,
  "snr_wm": 26.717227999079874,
  "snrd_csf": 29.60614570029419,
  "snrd_gm": 58.328525857296,
  "snrd_total": 53.46781536918801,
  "snrd_wm": 72.46877454997383,
  "spacing_x": 1.0,
  "spacing_y": 1.0,
  "spacing_z": 1.0,
  "summary_bg_k": 3.0955354724356887,
  "summary_bg_mad": 9.040257291968826,
  "summary_bg_mean": 20.413297919718396,
  "summary_bg_median": 18.292682647705078,
  "summary_bg_n": 3134528.0,
  "summary_bg_p05": 6.097560882568359,
  "summary_bg_p95": 36.585365295410156,
  "summary_bg_stdv": 8.398713985122614,
  "summary_csf_k": 4.399148470358801,
  "summary_csf_mad": 63.28180104378178,
  "summary_csf_mean": 427.2260475334189,
  "summary_csf_median": 408.5365791320801,
  "summary_csf_n": 37604.0,
  "summary_csf_p05": 335.36584854125977,
  "summary_csf_p95": 597.5609664916992,
  "summary_csf_stdv": 82.20820659717091,
  "summary_gm_k": 0.23306407220638947,
  "summary_gm_mad": 45.20128645984413,
  "summary_gm_mean": 804.4129968541877,
  "summary_gm_median": 804.8780364990234,
  "summary_gm_n": 16285.0,
  "summary_gm_p05": 731.7073059082031,
  "summary_gm_p95": 878.0487670898438,
  "summary_gm_stdv": 43.81115141658928,
  "summary_wm_k": 0.3218355113691982,
  "summary_wm_mad": 36.161029167875306,
  "summary_wm_mean": 998.1131342713744,
  "summary_wm_median": 999.9999847412109,
  "summary_wm_n": 163319.0,
  "summary_wm_p05": 932.926815032959,
  "summary_wm_p95": 1054.8780326843262,
  "summary_wm_stdv": 37.428917523848625,
  "tpm_overlap_csf": 0.14730577170848846,
  "tpm_overlap_gm": 0.4265351891517639,
  "tpm_overlap_wm": 0.4816093444824219,
  "wm2max": 0.7735849056603774
}