{
  "aor": 0.0014743016759776538,
  "aqi": 0.007949107988826816,
  "bids_meta": {
    "AcquisitionMatrixPE": 64,
    "AcquisitionNumber": 1,
    "AcquisitionTime": "17:00:4.180000",
    "BandwidthPerPixelPhaseEncode": 27.902,
    "BaseResolution": 64,
    "ConversionSoftware": "dcm2niix",
    "ConversionSoftwareVersion": "v1.0.20171103 (OpenJPEG build) GCC7.2.1",
    "DerivedVendorReportedEchoSpacing": 0.000559996,
    "DeviceSerialNumber": "35267",
    "DwellTime": 3.9e-06,
    "EchoTime": 0.03,
    "EffectiveEchoSpacing": 0.000559996,
    "FlipAngle": 75,
    "ImageComments": "PROJECT:MH_EPIL_SUBJECT:06728376_SESSON:20140818",
    "ImageOrientationPatientDICOM": [
      1,
      0,
      0,
      0,
      1,
      0
    ],
    "ImageType": [
      "ORIGINAL",
      "PRIMARY",
      "M",
      "ND",
      "MOSAIC"
    ],
    "InPlanePhaseEncodingDirectionDICOM": "COL",
    "InstitutionAddress": "Newton_Road_500_Iowa_City_CDI_US_52242",
    "InstitutionName": "University_of_Iowa",
    "InstitutionalDepartmentName": "Department",
    "MRAcquisitionType": "2D",
    "MagneticFieldStrength": 3,
    "Manufacturer": "Siemens",
    "ManufacturersModelName": "TrioTim",
    "Modality": "MR",
    "PartialFourier": 1,
    "PatientPosition": "HFS",
    "PercentPhaseFOV": 100,
    "PhaseEncodingDirection": "j-",
    "PhaseEncodingSteps": 64,
    "PhaseResolution": 1,
    "PixelBandwidth": 2003,
    "ProcedureStepDescription": "RESEARCH_HOWARD",
    "ProtocolName": "PPG_RESTING_STATE",
    "PulseSequenceDetails": "%SiemensSeq%_ep2d_pace",
    "ReceiveCoilName": "HeadMatrix",
    "ReconMatrixPE": 64,
    "RepetitionTime": 2,
    "SAR": 0.106444,
    "ScanOptions": "FS",
    "ScanningSequence": "EP",
    "SequenceName": "_epfid2d1_64",
    "SequenceVariant": "SK",
    "SeriesDescription": "PPG_RESTING_STATE",
    "SeriesNumber": 11,
    "ShimSetting": [
      6565,
      25522,
      6030,
      1031,
      87,
      60,
      732,
      26
    ],
    "SliceThickness": 3.5,
    "SliceTiming": [
      0,
      0.065,
      0.1275,
      0.1925,
      0.2575,
      0.32,
      0.385,
      0.45,
      0.5125,
      0.5775,
      0.6425,
      0.705,
      0.77,
      0.8325,
      0.8975,
      0.9625,
      1.025,
      1.09,
      1.155,
      1.2175,
      1.2825,
      1.3475,
      1.41,
      1.475,
      1.54,
      1.6025,
      1.6675,
      1.73,
      1.795,
      1.86,
      1.9225
    ],
    "SoftwareVersions": "syngo_MR_B17",
    "SpacingBetweenSlices": 4.025,
    "StationName": "MRC35267",
    "TaskName": "rest",
    "TotalReadoutTime": 0.0352797,
    "TxRefAmp": 278.517,
    "dataset": "ds002799",
    "modality": "bold",
    "run_id": 1,
    "session_id": "preop",
    "subject_id": "292",
    "task_id": "rest"
  },
  "dummy_trs": 1,
  "dvars_nstd": 18.838543484438212,
  "dvars_std": 1.1162763742696633,
  "dvars_vstd": 0.9825180002808994,
  "efc": 0.4584862125753741,
  "fber": 2147.95751953125,
  "fd_mean": 0.2469223167168587,
  "fd_num": 114,
  "fd_perc": 63.687150837988824,
  "fwhm_avg": 1.7374558876466637,
  "fwhm_x": 1.6370327272727272,
  "fwhm_y": 1.9325672727272727,
  "fwhm_z": 1.6427676629399919,
  "gcor": 0.0406189,
  "gsr_x": -0.022471576929092407,
  "gsr_y": 0.0311180017888546,
  "provenance": {
    "md5sum": "85e53adbb3b63e967ad7a333fa437fdc",
    "settings": {
      "fd_thres": 0.2,
      "testing": false
    },
    "software": "mriqc",
    "version": "21.0.0rc2",
    "webapi_port": null,
    "webapi_url": "https://mriqc.nimh.nih.gov/api/v1"
  },
  "size_t": 179,
  "size_x": 64,
  "size_y": 64,
  "size_z": 31,
  "snr": 6.731252613166651,
  "spacing_tr": 2.0,
  "spacing_x": 3.4375,
  "spacing_y": 3.4375,
  "spacing_z": 4.025000095367432,
  "summary_bg_k": 65.7937419927044,
  "summary_bg_mad": 6.899485370457597,
  "summary_bg_mean": 35.55964660644531,
  "summary_bg_median": 19.05027961730957,
  "summary_bg_n": 83482.0,
  "summary_bg_p05": 13.81005573272705,
  "summary_bg_p95": 104.92150421142577,
  "summary_bg_stdv": 54.43769836425781,
  "summary_fg_k": 2.53334925567403,
  "summary_fg_mad": 109.58008555321018,
  "summary_fg_mean": 904.4666137695312,
  "summary_fg_median": 896.3630981445312,
  "summary_fg_n": 16223.0,
  "summary_fg_p05": 705.9385131835937,
  "summary_fg_p95": 1123.9183959960938,
  "summary_fg_stdv": 133.1602783203125,
  "tsnr": 65.34621993778273
}