{
  "bids_meta": {
    "AcquisitionMatrixPE": 256,
    "AcquisitionNumber": 1,
    "AcquisitionTime": "17:54:20.550000",
    "BaseResolution": 256,
    "BodyPartExamined": "BRAIN",
    "ConsistencyInfo": "N4_VE11A_LATEST_20140830",
    "ConversionSoftware": "dcm2niix",
    "ConversionSoftwareVersion": "v1.0.20180622 GCC7.3.0",
    "DeviceSerialNumber": "45685",
    "DwellTime": 1.03e-05,
    "EchoTime": 0.00344,
    "FlipAngle": 10,
    "ImageComments": "Image_quality:_high",
    "ImageOrientationPatientDICOM": [
      0.99994,
      -0.00680889,
      0.0085519,
      0.00851795,
      -0.00500095,
      -0.999951
    ],
    "ImageType": [
      "ORIGINAL",
      "PRIMARY",
      "M",
      "DIS2D"
    ],
    "InPlanePhaseEncodingDirectionDICOM": "ROW",
    "InstitutionAddress": "HAWKINS_DRIVE_200_IOWA_CITY_IOWA_US_52242",
    "InstitutionName": "UIHC_SKYRA",
    "InstitutionalDepartmentName": "Department",
    "InversionTime": 1,
    "MRAcquisitionType": "3D",
    "MagneticFieldStrength": 3,
    "Manufacturer": "Siemens",
    "ManufacturersModelName": "Skyra",
    "Modality": "MR",
    "PartialFourier": 1,
    "PatientPosition": "HFS",
    "PercentPhaseFOV": 100,
    "PhaseEncodingSteps": 256,
    "PhaseResolution": 1,
    "PixelBandwidth": 190,
    "ProcedureStepDescription": "RESEARCH_HOWARD",
    "ProtocolName": "MPRAGE_TI=1000",
    "PulseSequenceDetails": "%SiemensSeq%_tfl",
    "ReceiveCoilActiveElements": "HE",
    "ReceiveCoilName": "TxRx_CP_Head",
    "ReconMatrixPE": 256,
    "RepetitionTime": 1.9,
    "SAR": 0.0290975,
    "ScanOptions": "IR",
    "ScanningSequence": "GR_IR",
    "SequenceName": "_tfl3d1_16ns",
    "SequenceVariant": "SK_SP_MP",
    "SeriesDescription": "MPRAGE_TI=1000",
    "SeriesNumber": 2,
    "ShimSetting": [
      -3839,
      -1469,
      -1081,
      274,
      194,
      -515,
      307,
      56
    ],
    "SliceThickness": 1,
    "SoftwareVersions": "syngo_MR_E11",
    "StationName": "AWP45685",
    "TxRefAmp": 179.918,
    "dataset": "ds002799",
    "modality": "T1w",
    "session_id": "postop",
    "subject_id": "394"
  },
  "cjv": 0.8900162915079658,
  "cnr": 1.5575377078654424,
  "efc": 0.668197101770219,
  "fber": 118.48243623319682,
  "fwhm_avg": 3.440478405032844,
  "fwhm_x": 3.4338303999999997,
  "fwhm_y": 3.5709916950985323,
  "fwhm_z": 3.31661312,
  "icvs_csf": 0.191771771355536,
  "icvs_gm": 0.420149984847788,
  "icvs_wm": 0.388078243796676,
  "inu_med": 1.3821542263031006,
  "inu_range": 0.5773300647735595,
  "provenance": {
    "md5sum": "3b23a2e5e1d7df230621be3f0198b6b1",
    "settings": {
      "testing": false
    },
    "software": "mriqc",
    "version": "21.0.0rc2",
    "warnings": {
      "large_rot_frame": true,
      "small_air_mask": false
    },
    "webapi_port": null,
    "webapi_url": "https://mriqc.nimh.nih.gov/api/v1"
  },
  "qi_1": 0.0,
  "qi_2": 0.0055825016226797725,
  "rpve_csf": 34.45783976728769,
  "rpve_gm": 16.466629161997485,
  "rpve_wm": 20.502605352354934,
  "size_x": 256,
  "size_y": 224,
  "size_z": 256,
  "snr_csf": 1.6866533108297255,
  "snr_gm": 9.538899612612864,
  "snr_total": 9.420346983748013,
  "snr_wm": 17.03548802780145,
  "snrd_csf": 10.084496629352037,
  "snrd_gm": 17.848405072574923,
  "snrd_total": 16.483353198381305,
  "snrd_wm": 21.517157893216947,
  "spacing_x": 0.9765625,
  "spacing_y": 1.0000051259994507,
  "spacing_z": 0.9765625,
  "summary_bg_k": 0.43778089492210004,
  "summary_bg_mad": 30.449152711495977,
  "summary_bg_mean": 72.39633258168155,
  "summary_bg_median": 69.59251737594604,
  "summary_bg_n": 3323813.0,
  "summary_bg_p05": 27.078291535377502,
  "summary_bg_p95": 128.19674253463745,
  "summary_bg_stdv": 31.249856222000275,
  "summary_csf_k": 23.859821020865027,
  "summary_csf_mad": 111.61456933417793,
  "summary_csf_mean": 525.1707958720135,
  "summary_csf_median": 468.7029882669449,
  "summary_csf_n": 32901.0,
  "summary_csf_p05": 321.342140853405,
  "summary_csf_p95": 776.7676093578339,
  "summary_csf_stdv": 277.8851245091001,
  "summary_gm_k": -0.4068449571884343,
  "summary_gm_mad": 92.99597914116129,
  "summary_gm_mean": 836.8400220718381,
  "summary_gm_median": 829.550655901432,
  "summary_gm_n": 16074.0,
  "summary_gm_p05": 705.974882683158,
  "summary_gm_p95": 986.6570720076561,
  "summary_gm_stdv": 86.96232113495279,
  "summary_wm_k": 0.14331981513496883,
  "summary_wm_mad": 58.764925296708796,
  "summary_wm_mean": 1002.0295738278862,
  "summary_wm_median": 1000.0654047727585,
  "summary_wm_n": 229451.0,
  "summary_wm_p05": 909.4119939804077,
  "summary_wm_p95": 1101.1184492707253,
  "summary_wm_stdv": 58.704700674338696,
  "tpm_overlap_csf": 0.148924320936203,
  "tpm_overlap_gm": 0.42220622301101685,
  "tpm_overlap_wm": 0.4818902909755707,
  "wm2max": 0.49091376099659667
}