{
  "aor": 0.015085215517241382,
  "aqi": 0.010880649094827586,
  "bids_meta": {
    "AcquisitionMatrixPE": 68,
    "AcquisitionNumber": 1,
    "AcquisitionTime": "16:37:7.027500",
    "BandwidthPerPixelPhaseEncode": 25.355,
    "BaseResolution": 68,
    "BodyPartExamined": "BRAIN",
    "ConsistencyInfo": "N4_VE11A_LATEST_20140830",
    "ConversionSoftware": "dcm2niix",
    "ConversionSoftwareVersion": "v1.0.20171103 (OpenJPEG build) GCC6.3.0",
    "DelayTime": 0.1,
    "DerivedVendorReportedEchoSpacing": 0.000579999,
    "DeviceSerialNumber": "45685",
    "DwellTime": 3.8e-06,
    "EchoTime": 0.03,
    "EchoTrainLength": 68,
    "EffectiveEchoSpacing": 0.000579999,
    "FlipAngle": 90,
    "ImageOrientationPatientDICOM": [
      1,
      0,
      0,
      0,
      1,
      0
    ],
    "ImageType": [
      "ORIGINAL",
      "PRIMARY",
      "M",
      "ND",
      "MOSAIC"
    ],
    "InPlanePhaseEncodingDirectionDICOM": "COL",
    "InstitutionAddress": "HAWKINS_DRIVE_200_IOWA_CITY_IOWA_US_52242",
    "InstitutionName": "UIHC_SKYRA",
    "InstitutionalDepartmentName": "Department",
    "MRAcquisitionType": "2D",
    "MagneticFieldStrength": 3,
    "Manufacturer": "Siemens",
    "ManufacturersModelName": "Skyra",
    "Modality": "MR",
    "PartialFourier": 1,
    "PatientPosition": "HFS",
    "PercentPhaseFOV": 100,
    "PhaseEncodingDirection": "j-",
    "PhaseEncodingSteps": 68,
    "PhaseResolution": 1,
    "PixelBandwidth": 1935,
    "ProcedureStepDescription": "RESEARCH_HOWARD",
    "ProtocolName": "ES-FMRI",
    "PulseSequenceDetails": "%SiemensSeq%_ep2d_pace",
    "ReceiveCoilActiveElements": "HE",
    "ReceiveCoilName": "Head_TxRx",
    "ReconMatrixPE": 68,
    "RepetitionTime": 3,
    "SAR": 0.115541,
    "ScanOptions": "FS",
    "ScanningSequence": "EP",
    "SequenceName": "_epfid2d1_68",
    "SequenceVariant": "SK",
    "SeriesDescription": "ES-FMRI",
    "SeriesNumber": 15,
    "ShimSetting": [
      -3819,
      -1234,
      -977,
      294,
      107,
      -251,
      -424,
      56
    ],
    "SliceThickness": 3,
    "SliceTiming": [
      1.44,
      0,
      1.505,
      0.065,
      1.57,
      0.13,
      1.635,
      0.195,
      1.7,
      0.26,
      1.7675,
      0.3275,
      1.8325,
      0.3925,
      1.8975,
      0.4575,
      1.9625,
      0.5225,
      2.0275,
      0.5875,
      2.095,
      0.655,
      2.16,
      0.72,
      2.225,
      0.785,
      2.29,
      0.85,
      2.355,
      0.915,
      2.42,
      0.98,
      2.4875,
      1.0475,
      2.5525,
      1.1125,
      2.6175,
      1.1775,
      2.6825,
      1.2425,
      2.7475,
      1.3075,
      2.8125,
      1.375
    ],
    "SoftwareVersions": "syngo_MR_E11",
    "SpacingBetweenSlices": 3,
    "StationName": "AWP45685",
    "TaskName": "es",
    "TotalReadoutTime": 0.03886,
    "TxRefAmp": 188.919,
    "dataset": "ds002799",
    "modality": "bold",
    "run_id": 5,
    "session_id": "postop",
    "subject_id": "339",
    "task_id": "es"
  },
  "dummy_trs": 0,
  "dvars_nstd": 35.020266256580086,
  "dvars_std": 1.1634126699567091,
  "dvars_vstd": 1.0733261601298696,
  "efc": 0.4757901127138204,
  "fber": 2662.12060546875,
  "fd_mean": 0.2573243996053187,
  "fd_num": 32,
  "fd_perc": 13.793103448275861,
  "fwhm_avg": 1.997899197739511,
  "fwhm_x": 1.9715858267284125,
  "fwhm_y": 2.0564250998234535,
  "fwhm_z": 1.9656866666666666,
  "gcor": 0.120793,
  "gsr_x": -0.006014883518218994,
  "gsr_y": 0.028662962839007378,
  "provenance": {
    "md5sum": "1489d532ee78ec2f1f709fa52f8893d5",
    "settings": {
      "fd_thres": 0.2,
      "testing": false
    },
    "software": "mriqc",
    "version": "21.0.0rc2",
    "webapi_port": null,
    "webapi_url": "https://mriqc.nimh.nih.gov/api/v1"
  },
  "size_t": 232,
  "size_x": 68,
  "size_y": 68,
  "size_z": 44,
  "snr": 5.008896176664125,
  "spacing_tr": 3.0,
  "spacing_x": 3.2352941036224365,
  "spacing_y": 3.2352941036224365,
  "spacing_z": 3.0,
  "summary_bg_k": 30.689780006138875,
  "summary_bg_mad": 1.2589335609676549,
  "summary_bg_mean": 16.618511199951172,
  "summary_bg_median": 5.443965435028076,
  "summary_bg_n": 139256.0,
  "summary_bg_p05": 4.5474138259887695,
  "summary_bg_p95": 68.8114242553711,
  "summary_bg_stdv": 31.237197875976562,
  "summary_fg_k": 2.5821056275802707,
  "summary_fg_mad": 52.46623754154504,
  "summary_fg_mean": 297.09423828125,
  "summary_fg_median": 293.125,
  "summary_fg_n": 24829.0,
  "summary_fg_p05": 211.90948486328125,
  "summary_fg_p95": 392.4431091308593,
  "summary_fg_stdv": 58.51969909667969,
  "tsnr": 36.92083542526234
}