{
  "aor": 0.008854636363636365,
  "aqi": 0.014963776636363635,
  "bids_meta": {
    "AcquisitionMatrixPE": 68,
    "AcquisitionNumber": 1,
    "AcquisitionTime": "18:12:52.682500",
    "BandwidthPerPixelPhaseEncode": 25.355,
    "BaseResolution": 68,
    "BodyPartExamined": "BRAIN",
    "ConsistencyInfo": "N4_VE11A_LATEST_20140830",
    "ConversionSoftware": "dcm2niix",
    "ConversionSoftwareVersion": "v1.0.20180622 GCC7.3.0",
    "DelayTime": 0.22,
    "DerivedVendorReportedEchoSpacing": 0.000579999,
    "DeviceSerialNumber": "45685",
    "DwellTime": 3.8e-06,
    "EchoTime": 0.03,
    "EchoTrainLength": 68,
    "EffectiveEchoSpacing": 0.000579999,
    "FlipAngle": 90,
    "ImageOrientationPatientDICOM": [
      1,
      0,
      0,
      0,
      1,
      0
    ],
    "ImageType": [
      "ORIGINAL",
      "PRIMARY",
      "M",
      "ND",
      "MOSAIC"
    ],
    "InPlanePhaseEncodingDirectionDICOM": "COL",
    "InstitutionAddress": "HAWKINS_DRIVE_200_IOWA_CITY_IOWA_US_52242",
    "InstitutionName": "UIHC_SKYRA",
    "InstitutionalDepartmentName": "Department",
    "MRAcquisitionType": "2D",
    "MagneticFieldStrength": 3,
    "Manufacturer": "Siemens",
    "ManufacturersModelName": "Skyra",
    "Modality": "MR",
    "PartialFourier": 1,
    "PatientPosition": "HFS",
    "PercentPhaseFOV": 100,
    "PhaseEncodingDirection": "j-",
    "PhaseEncodingSteps": 68,
    "PhaseResolution": 1,
    "PixelBandwidth": 1935,
    "ProcedureStepDescription": "RESEARCH_HOWARD",
    "ProtocolName": "ES-FMRI",
    "PulseSequenceDetails": "%SiemensSeq%_ep2d_pace",
    "ReceiveCoilActiveElements": "HE",
    "ReceiveCoilName": "Head_TxRx",
    "ReconMatrixPE": 68,
    "RepetitionTime": 3.06,
    "SAR": 0.141655,
    "ScanOptions": "FS",
    "ScanningSequence": "EP",
    "SequenceName": "_epfid2d1_68",
    "SequenceVariant": "SK",
    "SeriesDescription": "ES-FMRI",
    "SeriesNumber": 20,
    "ShimSetting": [
      -3850,
      -1330,
      -884,
      543,
      676,
      239,
      46,
      200
    ],
    "SliceThickness": 3,
    "SliceTiming": [
      1.41,
      0,
      1.475,
      0.065,
      1.54,
      0.13,
      1.6025,
      0.1925,
      1.6675,
      0.2575,
      1.7325,
      0.3225,
      1.795,
      0.385,
      1.86,
      0.45,
      1.925,
      0.515,
      1.9875,
      0.5775,
      2.0525,
      0.6425,
      2.115,
      0.705,
      2.18,
      0.77,
      2.245,
      0.835,
      2.3075,
      0.8975,
      2.3725,
      0.9625,
      2.4375,
      1.0275,
      2.5,
      1.09,
      2.565,
      1.155,
      2.63,
      1.22,
      2.6925,
      1.2825,
      2.7575,
      1.3475
    ],
    "SoftwareVersions": "syngo_MR_E11",
    "SpacingBetweenSlices": 3,
    "StationName": "AWP45685",
    "TaskName": "es",
    "TotalReadoutTime": 0.03886,
    "TxRefAmp": 178.603,
    "dataset": "ds002799",
    "modality": "bold",
    "run_id": 4,
    "session_id": "postop",
    "subject_id": "376",
    "task_id": "es"
  },
  "dummy_trs": 1,
  "dvars_nstd": 43.628799142420114,
  "dvars_std": 1.1978528077625568,
  "dvars_vstd": 0.9925735568036523,
  "efc": 0.4408070531180116,
  "fber": 3931.0751953125,
  "fd_mean": 0.4482904642585694,
  "fd_num": 101,
  "fd_perc": 45.90909090909091,
  "fwhm_avg": 2.070800369615181,
  "fwhm_x": 1.9653112812466678,
  "fwhm_y": 2.1723898275988742,
  "fwhm_z": 2.0747,
  "gcor": 0.0712278,
  "gsr_x": -0.02215415984392166,
  "gsr_y": 0.031687501817941666,
  "provenance": {
    "md5sum": "c8f81c2a60d0ff01dccfa50eb2157048",
    "settings": {
      "fd_thres": 0.2,
      "testing": false
    },
    "software": "mriqc",
    "version": "21.0.0rc2",
    "webapi_port": null,
    "webapi_url": "https://mriqc.nimh.nih.gov/api/v1"
  },
  "size_t": 220,
  "size_x": 68,
  "size_y": 68,
  "size_z": 44,
  "snr": 4.107507188968886,
  "spacing_tr": 3.059999942779541,
  "spacing_x": 3.2352941036224365,
  "spacing_y": 3.2352941036224365,
  "spacing_z": 3.0,
  "summary_bg_k": 52.824944989763814,
  "summary_bg_mad": 1.1186911119254155,
  "summary_bg_mean": 14.191887855529785,
  "summary_bg_median": 5.027272701263428,
  "summary_bg_n": 141716.0,
  "summary_bg_p05": 4.2272725105285645,
  "summary_bg_p95": 53.079543113708496,
  "summary_bg_stdv": 29.035242080688477,
  "summary_fg_k": 1.8119569465369603,
  "summary_fg_mad": 68.36477999907927,
  "summary_fg_mean": 334.89532470703125,
  "summary_fg_median": 325.7840576171875,
  "summary_fg_n": 24184.0,
  "summary_fg_p05": 224.44431076049804,
  "summary_fg_p95": 479.59657440185515,
  "summary_fg_stdv": 79.31266021728516,
  "tsnr": 33.807841564994305
}