{
  "bids_meta": {
    "AcquisitionMatrixPE": 256,
    "AcquisitionNumber": 1,
    "AcquisitionTime": "15:03:55.552500",
    "BaseResolution": 256,
    "BodyPartExamined": "BRAIN",
    "ConsistencyInfo": "N4_VE11A_LATEST_20140830",
    "ConversionSoftware": "dcm2niix",
    "ConversionSoftwareVersion": "v1.0.20180622 GCC7.3.0",
    "DeviceSerialNumber": "45685",
    "DwellTime": 1.03e-05,
    "EchoTime": 0.00344,
    "FlipAngle": 10,
    "ImageComments": "Image_quality:_not_assessed",
    "ImageOrientationPatientDICOM": [
      0.999958,
      -0.0033184,
      0.0085519,
      0.00853535,
      -0.00497117,
      -0.999951
    ],
    "ImageType": [
      "ORIGINAL",
      "PRIMARY",
      "M",
      "DIS2D"
    ],
    "InPlanePhaseEncodingDirectionDICOM": "ROW",
    "InstitutionAddress": "HAWKINS_DRIVE_200_IOWA_CITY_IOWA_US_52242",
    "InstitutionName": "UIHC_SKYRA",
    "InstitutionalDepartmentName": "Department",
    "InversionTime": 1,
    "MRAcquisitionType": "3D",
    "MagneticFieldStrength": 3,
    "Manufacturer": "Siemens",
    "ManufacturersModelName": "Skyra",
    "Modality": "MR",
    "PartialFourier": 1,
    "PatientPosition": "HFS",
    "PercentPhaseFOV": 100,
    "PhaseEncodingSteps": 256,
    "PhaseResolution": 1,
    "PixelBandwidth": 190,
    "ProcedureStepDescription": "RESEARCH_HOWARD",
    "ProtocolName": "MPRAGE_TI=1000",
    "PulseSequenceDetails": "%SiemensSeq%_tfl",
    "ReceiveCoilActiveElements": "HE",
    "ReceiveCoilName": "Head_TxRx",
    "ReconMatrixPE": 256,
    "RepetitionTime": 1.9,
    "SAR": 0.103643,
    "ScanOptions": "IR",
    "ScanningSequence": "GR_IR",
    "SequenceName": "_tfl3d1_16ns",
    "SequenceVariant": "SK_SP_MP",
    "SeriesDescription": "MPRAGE_TI=1000",
    "SeriesNumber": 2,
    "ShimSetting": [
      -3811,
      -1348,
      -1054,
      -103,
      177,
      -454,
      237,
      216
    ],
    "SliceThickness": 1,
    "SoftwareVersions": "syngo_MR_E11",
    "StationName": "AWP45685",
    "TxRefAmp": 220.251,
    "dataset": "ds002799",
    "modality": "T1w",
    "session_id": "postop",
    "subject_id": "372"
  },
  "cjv": 0.5652553522628654,
  "cnr": 2.260836051441414,
  "efc": 0.6803215665742077,
  "fber": 93.97853877658872,
  "fwhm_avg": 3.450650103817445,
  "fwhm_x": 3.46237952,
  "fwhm_y": 3.5722306314523347,
  "fwhm_z": 3.31734016,
  "icvs_csf": 0.2423892167096728,
  "icvs_gm": 0.38360827095344724,
  "icvs_wm": 0.37400251233688,
  "inu_med": 1.5228886604309082,
  "inu_range": 0.47766869068145734,
  "provenance": {
    "md5sum": "03a12d054f5a10d11294d0ee9e87fe2a",
    "settings": {
      "testing": false
    },
    "software": "mriqc",
    "version": "21.0.0rc2",
    "warnings": {
      "large_rot_frame": true,
      "small_air_mask": false
    },
    "webapi_port": null,
    "webapi_url": "https://mriqc.nimh.nih.gov/api/v1"
  },
  "qi_1": 0.0,
  "qi_2": 0.007752687617436917,
  "rpve_csf": 26.637509489328156,
  "rpve_gm": 15.801588858589623,
  "rpve_wm": 18.715873417363962,
  "size_x": 256,
  "size_y": 224,
  "size_z": 256,
  "snr_csf": 3.1593916580494836,
  "snr_gm": 11.779802213282327,
  "snr_total": 9.710994938743907,
  "snr_wm": 14.193790944899913,
  "snrd_csf": 7.721821959198387,
  "snrd_gm": 14.944538917328785,
  "snrd_total": 14.018386537427673,
  "snrd_wm": 19.388798735755852,
  "spacing_x": 0.9765625,
  "spacing_y": 1.0000026226043701,
  "spacing_z": 0.9765625,
  "summary_bg_k": 35.18167849564639,
  "summary_bg_mad": 33.78942609159997,
  "summary_bg_mean": 68.48405872926041,
  "summary_bg_median": 63.780948117375374,
  "summary_bg_n": 3614703.0,
  "summary_bg_p05": 23.774389401078224,
  "summary_bg_p95": 126.41416709125042,
  "summary_bg_stdv": 32.16156358296703,
  "summary_csf_k": 77.01132484748315,
  "summary_csf_mad": 87.5121826832805,
  "summary_csf_mean": 411.520595075887,
  "summary_csf_median": 398.26201279461384,
  "summary_csf_n": 91121.0,
  "summary_csf_p05": 270.8640778660774,
  "summary_csf_p95": 572.7168426066637,
  "summary_csf_stdv": 126.05585838872084,
  "summary_gm_k": 0.10044211957909521,
  "summary_gm_mad": 64.1756006344057,
  "summary_gm_mean": 771.0019165682567,
  "summary_gm_median": 770.7821005135775,
  "summary_gm_n": 17839.0,
  "summary_gm_p05": 663.3874449431896,
  "summary_gm_p95": 880.472214370966,
  "summary_gm_stdv": 65.43068231599096,
  "summary_wm_k": 1.6915825920404703,
  "summary_wm_mad": 65.39104761611793,
  "summary_wm_mean": 1003.461785296177,
  "summary_wm_median": 1000.0000066012144,
  "summary_wm_n": 219635.0,
  "summary_wm_p05": 895.5566545426846,
  "summary_wm_p95": 1119.8557214438915,
  "summary_wm_stdv": 70.45318153384,
  "tpm_overlap_csf": 0.13561074435710907,
  "tpm_overlap_gm": 0.384983092546463,
  "tpm_overlap_wm": 0.434461772441864,
  "wm2max": 0.4633805346061549
}