{
  "bids_meta": {
    "AcquisitionMatrixPE": 256,
    "AcquisitionNumber": 1,
    "AcquisitionTime": "17:05:25.555000",
    "BaseResolution": 256,
    "BodyPartExamined": "BRAIN",
    "ConsistencyInfo": "N4_VE11A_LATEST_20140830",
    "ConversionSoftware": "dcm2niix",
    "ConversionSoftwareVersion": "v1.0.20171215 (OpenJPEG build) GCC7.2.0",
    "DeviceSerialNumber": "45685",
    "DwellTime": 1.03e-05,
    "EchoTime": 0.00344,
    "FlipAngle": 10,
    "ImageComments": "Image_quality:_not_assessed",
    "ImageOrientationPatientDICOM": [
      0.999962,
      0.00190245,
      0.00855197,
      0.00855799,
      -0.00318122,
      -0.999958
    ],
    "ImageType": [
      "ORIGINAL",
      "PRIMARY",
      "M",
      "DIS2D"
    ],
    "InPlanePhaseEncodingDirectionDICOM": "ROW",
    "InstitutionAddress": "HAWKINS_DRIVE_200_IOWA_CITY_IOWA_US_52242",
    "InstitutionName": "UIHC_SKYRA",
    "InstitutionalDepartmentName": "Department",
    "InversionTime": 1,
    "MRAcquisitionType": "3D",
    "MagneticFieldStrength": 3,
    "Manufacturer": "Siemens",
    "ManufacturersModelName": "Skyra",
    "Modality": "MR",
    "PartialFourier": 1,
    "PatientPosition": "HFS",
    "PercentPhaseFOV": 100,
    "PhaseEncodingSteps": 256,
    "PhaseResolution": 1,
    "PixelBandwidth": 190,
    "ProcedureStepDescription": "RESEARCH_HOWARD",
    "ProtocolName": "MPRAGE_TI=1000",
    "PulseSequenceDetails": "%SiemensSeq%_tfl",
    "ReceiveCoilActiveElements": "HE",
    "ReceiveCoilName": "Head_TxRx",
    "ReconMatrixPE": 256,
    "RepetitionTime": 1.9,
    "SAR": 0.136972,
    "ScanOptions": "IR",
    "ScanningSequence": "GR_IR",
    "SequenceName": "_tfl3d1_16ns",
    "SequenceVariant": "SK_SP_MP",
    "SeriesDescription": "MPRAGE_TI=1000",
    "SeriesNumber": 4,
    "ShimSetting": [
      -3893,
      -1268,
      -1270,
      414,
      219,
      -1226,
      55,
      279
    ],
    "SliceThickness": 1,
    "SoftwareVersions": "syngo_MR_E11",
    "StationName": "AWP45685",
    "TxRefAmp": 237.673,
    "dataset": "ds002799",
    "modality": "T1w",
    "session_id": "postop",
    "subject_id": "334"
  },
  "cjv": 0.6611496714045961,
  "cnr": 1.9175096957847086,
  "efc": 0.6339864749330926,
  "fber": 116.95375910509884,
  "fwhm_avg": 3.845510244600074,
  "fwhm_x": 3.9399935999999998,
  "fwhm_y": 3.8378529738002216,
  "fwhm_z": 3.7586841599999996,
  "icvs_csf": 0.19338096393165433,
  "icvs_gm": 0.4231490826942447,
  "icvs_wm": 0.38346995337410095,
  "inu_med": 1.7234960794448853,
  "inu_range": 0.7388997316360475,
  "provenance": {
    "md5sum": "c5c2e8314c9d269b98b36409b54b5fc2",
    "settings": {
      "testing": false
    },
    "software": "mriqc",
    "version": "21.0.0rc2",
    "warnings": {
      "large_rot_frame": true,
      "small_air_mask": false
    },
    "webapi_port": null,
    "webapi_url": "https://mriqc.nimh.nih.gov/api/v1"
  },
  "qi_1": 2.790363479722777e-06,
  "qi_2": 0.008950006706558315,
  "rpve_csf": 41.77209925419391,
  "rpve_gm": 19.127243974734604,
  "rpve_wm": 23.13637610453197,
  "size_x": 256,
  "size_y": 224,
  "size_z": 256,
  "snr_csf": 1.9561587880885167,
  "snr_gm": 11.927660828112971,
  "snr_total": 9.531131637583952,
  "snr_wm": 14.70957529655037,
  "snrd_csf": 12.113588820251197,
  "snrd_gm": 20.602102310145757,
  "snrd_total": 19.46284487625138,
  "snrd_wm": 25.67284349835719,
  "spacing_x": 0.9765625,
  "spacing_y": 0.9999992251396179,
  "spacing_z": 0.9765625,
  "summary_bg_k": 187.90610620895617,
  "summary_bg_mad": 25.51865255315687,
  "summary_bg_mean": 67.93231094444131,
  "summary_bg_median": 65.44836336374283,
  "summary_bg_n": 4038507.0,
  "summary_bg_p05": 24.54313626140356,
  "summary_bg_p95": 122.60943396389484,
  "summary_bg_stdv": 38.23736039465031,
  "summary_csf_k": 27.505875531443177,
  "summary_csf_mad": 102.70470039912519,
  "summary_csf_mean": 509.1994902899997,
  "summary_csf_median": 471.8444508090615,
  "summary_csf_n": 48865.0,
  "summary_csf_p05": 314.3858883008361,
  "summary_csf_p95": 693.7951505929232,
  "summary_csf_stdv": 241.20721979036486,
  "summary_gm_k": 0.17169575343152887,
  "summary_gm_mad": 66.00194703563413,
  "summary_gm_mean": 803.8000874532962,
  "summary_gm_median": 802.4861826077104,
  "summary_gm_n": 28496.0,
  "summary_gm_p05": 695.9200974553823,
  "summary_gm_p95": 917.0208184942603,
  "summary_gm_stdv": 67.27824620160146,
  "summary_wm_k": 0.8439844731491908,
  "summary_wm_mad": 64.5842441160143,
  "summary_wm_mean": 1004.3515389446566,
  "summary_wm_median": 999.9999934732914,
  "summary_wm_n": 160934.0,
  "summary_wm_p05": 901.6149537414312,
  "summary_wm_p95": 1121.2282119765878,
  "summary_wm_stdv": 67.98271645812353,
  "tpm_overlap_csf": 0.12089451402425766,
  "tpm_overlap_gm": 0.40032610297203064,
  "tpm_overlap_wm": 0.43817177414894104,
  "wm2max": 0.4869879101836038
}