{
  "aor": 0.0014094615384615385,
  "aqi": 0.005986833846153847,
  "bids_meta": {
    "AcquisitionMatrixPE": 64,
    "AcquisitionNumber": 1,
    "AcquisitionTime": "15:31:23.700000",
    "BandwidthPerPixelPhaseEncode": 27.902,
    "BaseResolution": 64,
    "ConversionSoftware": "dcm2niix",
    "ConversionSoftwareVersion": "v1.0.20171215 (OpenJPEG build) GCC7.2.0",
    "DerivedVendorReportedEchoSpacing": 0.000559996,
    "DeviceSerialNumber": "35267",
    "DwellTime": 3.9e-06,
    "EchoTime": 0.03,
    "EffectiveEchoSpacing": 0.000559996,
    "FlipAngle": 80,
    "ImageComments": "PROJECT:MH_EPIL_SUBJECT:316_SESSION:20150420",
    "ImageOrientationPatientDICOM": [
      1,
      0,
      0,
      0,
      0.999743,
      -0.0226873
    ],
    "ImageType": [
      "ORIGINAL",
      "PRIMARY",
      "M",
      "ND",
      "MOSAIC"
    ],
    "InPlanePhaseEncodingDirectionDICOM": "COL",
    "InstitutionAddress": "Newton_Road_500_Iowa_City_CDI_US_52242",
    "InstitutionName": "University_of_Iowa",
    "InstitutionalDepartmentName": "Department",
    "MRAcquisitionType": "2D",
    "MagneticFieldStrength": 3,
    "Manufacturer": "Siemens",
    "ManufacturersModelName": "TrioTim",
    "Modality": "MR",
    "PartialFourier": 1,
    "PatientPosition": "HFS",
    "PercentPhaseFOV": 100,
    "PhaseEncodingDirection": "j-",
    "PhaseEncodingSteps": 64,
    "PhaseResolution": 1,
    "PixelBandwidth": 2003,
    "ProcedureStepDescription": "RESEARCH_HOWARD",
    "ProtocolName": "REST",
    "PulseSequenceDetails": "%SiemensSeq%_ep2d_pace",
    "ReceiveCoilName": "HeadMatrix",
    "ReconMatrixPE": 64,
    "RepetitionTime": 2.26,
    "SAR": 0.175502,
    "ScanOptions": "FS",
    "ScanningSequence": "EP",
    "SequenceName": "_epfid2d1_64",
    "SequenceVariant": "SK",
    "SeriesDescription": "REST",
    "SeriesNumber": 5,
    "ShimSetting": [
      6549,
      25390,
      6141,
      443,
      18,
      -458,
      343,
      19
    ],
    "SliceThickness": 4,
    "SliceTiming": [
      1.1225,
      0,
      1.185,
      0.0625,
      1.2475,
      0.125,
      1.31,
      0.1875,
      1.3725,
      0.25,
      1.435,
      0.3125,
      1.4975,
      0.375,
      1.56,
      0.4375,
      1.6225,
      0.5,
      1.685,
      0.5625,
      1.7475,
      0.6225,
      1.81,
      0.685,
      1.8725,
      0.7475,
      1.935,
      0.81,
      1.9975,
      0.8725,
      2.06,
      0.935,
      2.1225,
      0.9975,
      2.185,
      1.06
    ],
    "SoftwareVersions": "syngo_MR_B17",
    "SpacingBetweenSlices": 4,
    "StationName": "MRC35267",
    "TaskName": "rest",
    "TotalReadoutTime": 0.0352797,
    "TxRefAmp": 395.102,
    "dataset": "ds002799",
    "modality": "bold",
    "run_id": 2,
    "session_id": "preop",
    "subject_id": "316",
    "task_id": "rest"
  },
  "dummy_trs": 0,
  "dvars_nstd": 20.36895499108527,
  "dvars_std": 1.184170344806202,
  "dvars_vstd": 0.9882070285271318,
  "efc": 0.47737741759348024,
  "fber": 1452.470458984375,
  "fd_mean": 0.14328604299443723,
  "fd_num": 23,
  "fd_perc": 17.692307692307693,
  "fwhm_avg": 1.8825812424242425,
  "fwhm_x": 1.7856785454545456,
  "fwhm_y": 2.086490181818182,
  "fwhm_z": 1.775575,
  "gcor": 0.0296053,
  "gsr_x": -0.013610264286398888,
  "gsr_y": 0.02079925313591957,
  "provenance": {
    "md5sum": "63ea7591ac1bd71e3a217c396915fcda",
    "settings": {
      "fd_thres": 0.2,
      "testing": false
    },
    "software": "mriqc",
    "version": "21.0.0rc2",
    "webapi_port": null,
    "webapi_url": "https://mriqc.nimh.nih.gov/api/v1"
  },
  "size_t": 130,
  "size_x": 64,
  "size_y": 64,
  "size_z": 36,
  "snr": 6.119967228046089,
  "spacing_tr": 2.259999990463257,
  "spacing_x": 3.4375,
  "spacing_y": 3.4375,
  "spacing_z": 4.0,
  "summary_bg_k": 25.03798586059922,
  "summary_bg_mad": 9.328988169494304,
  "summary_bg_mean": 37.26869201660156,
  "summary_bg_median": 19.323076248168945,
  "summary_bg_n": 98197.0,
  "summary_bg_p05": 12.39230728149414,
  "summary_bg_p95": 125.28615264892576,
  "summary_bg_stdv": 50.00418472290039,
  "summary_fg_k": 2.1537146023320126,
  "summary_fg_mad": 97.58941342384483,
  "summary_fg_mean": 747.3744506835938,
  "summary_fg_median": 746.015380859375,
  "summary_fg_n": 19386.0,
  "summary_fg_p05": 546.9961547851562,
  "summary_fg_p95": 944.2173156738281,
  "summary_fg_stdv": 121.89544677734375,
  "tsnr": 73.59787548519671
}