{
  "aor": 0.005191227272727273,
  "aqi": 0.024820815818181817,
  "bids_meta": {
    "AcquisitionNumber": 1,
    "AcquisitionTime": "16:34:32.190000",
    "BandwidthPerPixelPhaseEncode": 25.355,
    "BodyPartExamined": "BRAIN",
    "ConversionSoftware": "dcm2niix",
    "ConversionSoftwareVersion": "v1.0.20170624 GCC6.3.0",
    "DeviceSerialNumber": "45685",
    "EchoTime": 0.03,
    "EchoTrainLength": 68,
    "EffectiveEchoSpacing": 0.000579999,
    "FlipAngle": 90,
    "ImageType": [
      "ORIGINAL",
      "PRIMARY",
      "M",
      "ND",
      "MOSAIC"
    ],
    "InstitutionAddress": "HAWKINS_DRIVE_200_IOWA_CITY_IOWA_US_52242",
    "InstitutionName": "UIHC_SKYRA",
    "MagneticFieldStrength": 3,
    "Manufacturer": "Siemens",
    "ManufacturersModelName": "Skyra",
    "PhaseEncodingDirection": "j-",
    "PhaseEncodingLines": 68,
    "ProcedureStepDescription": "RESEARCH_HOWARD",
    "ProtocolName": "ES-FMRI",
    "RepetitionTime": 3,
    "ScanningSequence": "EP",
    "SequenceName": "_epfid2d1_68",
    "SequenceVariant": "SK",
    "SeriesDescription": "ES-FMRI",
    "SliceTiming": [
      1.44,
      0,
      1.505,
      0.065,
      1.57,
      0.13,
      1.635,
      0.195,
      1.7025,
      0.2625,
      1.7675,
      0.3275,
      1.8325,
      0.3925,
      1.8975,
      0.4575,
      1.9625,
      0.5225,
      2.0275,
      0.59,
      2.095,
      0.655,
      2.16,
      0.72,
      2.225,
      0.785,
      2.29,
      0.85,
      2.355,
      0.915,
      2.4225,
      0.9825,
      2.4875,
      1.0475,
      2.5525,
      1.1125,
      2.6175,
      1.1775,
      2.6825,
      1.2425,
      2.7475,
      1.31,
      2.815,
      1.375
    ],
    "SoftwareVersions": "syngo_MR_E11",
    "TaskName": "es",
    "TotalReadoutTime": 0.03886,
    "dataset": "ds002799",
    "modality": "bold",
    "run_id": 3,
    "session_id": "postop",
    "subject_id": "384",
    "task_id": "es"
  },
  "dummy_trs": 0,
  "dvars_nstd": 67.68813602662095,
  "dvars_std": 1.1542246536073062,
  "dvars_vstd": 1.0205715764383567,
  "efc": 0.5419166504840904,
  "fber": 487.402587890625,
  "fd_mean": 0.9536677231848086,
  "fd_num": 204,
  "fd_perc": 92.72727272727273,
  "fwhm_avg": 2.082161238169661,
  "fwhm_x": 1.9007267355121555,
  "fwhm_y": 2.145353645663494,
  "fwhm_z": 2.2004033333333335,
  "gcor": 0.0452391,
  "gsr_x": -0.01218968816101551,
  "gsr_y": 0.030080394819378853,
  "provenance": {
    "md5sum": "287c6e3b36d76cda54cc1acf60581e15",
    "settings": {
      "fd_thres": 0.2,
      "testing": false
    },
    "software": "mriqc",
    "version": "21.0.0rc2",
    "webapi_port": null,
    "webapi_url": "https://mriqc.nimh.nih.gov/api/v1"
  },
  "size_t": 220,
  "size_x": 68,
  "size_y": 68,
  "size_z": 44,
  "snr": 4.1381317217122975,
  "spacing_tr": 3.0,
  "spacing_x": 3.2352941036224365,
  "spacing_y": 3.2352941036224365,
  "spacing_z": 3.0,
  "summary_bg_k": 26.70073614428902,
  "summary_bg_mad": 4.562370909663987,
  "summary_bg_mean": 29.057477951049805,
  "summary_bg_median": 13.845454216003418,
  "summary_bg_n": 133138.0,
  "summary_bg_p05": 10.604545593261719,
  "summary_bg_p95": 104.04681243896479,
  "summary_bg_stdv": 42.37726974487305,
  "summary_fg_k": 8.988811058122947,
  "summary_fg_mad": 69.08927243144686,
  "summary_fg_mean": 333.2306213378906,
  "summary_fg_median": 329.2318115234375,
  "summary_fg_n": 25521.0,
  "summary_fg_p05": 218.81817626953125,
  "summary_fg_p95": 448.59088134765625,
  "summary_fg_stdv": 79.5589370727539,
  "tsnr": 23.079409787693294
}