{
  "bids_meta": {
    "AcquisitionMatrixPE": 256,
    "AcquisitionNumber": 1,
    "AcquisitionTime": "14:44:32.000000",
    "ConversionSoftware": "dcm2niix",
    "ConversionSoftwareVersion": "v1.0.20171215 (OpenJPEG build) GCC7.2.0",
    "DeviceSerialNumber": "0000000319335MR2",
    "EchoTime": 0.080512,
    "EchoTrainLength": 140,
    "FlipAngle": 90,
    "ImageOrientationPatientDICOM": [
      0,
      1,
      0,
      0,
      0,
      -1
    ],
    "ImageType": [
      "DERIVED",
      "PRIMARY",
      "OTHER"
    ],
    "InPlanePhaseEncodingDirectionDICOM": "ROW",
    "InstitutionName": "Iowa_MRRF",
    "MRAcquisitionType": "3D",
    "MagneticFieldStrength": 3,
    "Manufacturer": "GE",
    "ManufacturersModelName": "DISCOVERY_MR750w",
    "Modality": "MR",
    "PatientPosition": "HFS",
    "PercentPhaseFOV": 100,
    "PixelBandwidth": 976.562,
    "ProcedureStepDescription": "MH_EPIL",
    "ProtocolName": "PU:CUBE_T2_Sagittal",
    "RawImage": true,
    "ReconMatrixPE": 256,
    "RepetitionTime": 3.2,
    "SAR": 0.410675,
    "ScanOptions": "EDR_GEMS_FILTERED_GEMS_ACC_GEMS",
    "ScanningSequence": "SE",
    "SequenceVariant": "SK",
    "SeriesDescription": "PU:CUBE_T2_Sagittal",
    "SeriesNumber": 600,
    "SliceThickness": 1,
    "SoftwareVersions": "25_LX_MR_Software_release:DV25.0_R02_1549.b",
    "SpacingBetweenSlices": 1,
    "StationName": "Iowa3T",
    "dataset": "ds002799",
    "modality": "T2w",
    "session_id": "preop",
    "subject_id": "369"
  },
  "cjv": 0.3991029830935723,
  "cnr": 3.3764817049141924,
  "efc": 0.6922433703150397,
  "fber": 718.3388052411391,
  "fwhm_avg": 3.1896299999999997,
  "fwhm_x": 3.08676,
  "fwhm_y": 3.3788,
  "fwhm_z": 3.10333,
  "icvs_csf": 0.1813072604018914,
  "icvs_gm": 0.4286590531484467,
  "icvs_wm": 0.39003368644966185,
  "inu_med": 1.0982774496078491,
  "inu_range": 0.22233124673366556,
  "provenance": {
    "md5sum": "02988df9345d208d62f072fb93e2e306",
    "settings": {
      "testing": false
    },
    "software": "mriqc",
    "version": "21.0.0rc2",
    "warnings": {
      "large_rot_frame": true,
      "small_air_mask": false
    },
    "webapi_port": null,
    "webapi_url": "https://mriqc.nimh.nih.gov/api/v1"
  },
  "qi_1": 0.0,
  "qi_2": 0.005483525751262561,
  "rpve_csf": 25.187322260509372,
  "rpve_gm": 11.34653836183758,
  "rpve_wm": 13.89417715033304,
  "size_x": 172,
  "size_y": 256,
  "size_z": 256,
  "snr_csf": 5.175745284113558,
  "snr_gm": 10.873396293841122,
  "snr_total": 9.0924721809991,
  "snr_wm": 11.228274965042619,
  "snrd_csf": 155.07150907000522,
  "snrd_gm": 54.26527568364324,
  "snrd_total": 81.21149423117662,
  "snrd_wm": 34.29769793988139,
  "spacing_x": 1.0,
  "spacing_y": 1.0,
  "spacing_z": 1.0,
  "summary_bg_k": 1.054401573919189,
  "summary_bg_mad": 19.10339072333066,
  "summary_bg_mean": 28.97505644148428,
  "summary_bg_median": 19.226897470653057,
  "summary_bg_n": 691724.0,
  "summary_bg_p05": 0.0,
  "summary_bg_p95": 75.80028165131807,
  "summary_bg_stdv": 25.008192831330284,
  "summary_csf_k": 2.5784290562240093,
  "summary_csf_mad": 661.007168075246,
  "summary_csf_mean": 4340.220590406213,
  "summary_csf_median": 4521.7938268743455,
  "summary_csf_n": 62502.0,
  "summary_csf_p05": 2585.6704176757485,
  "summary_csf_p95": 5404.066826254129,
  "summary_csf_stdv": 873.6437759824995,
  "summary_gm_k": 0.03803935457107599,
  "summary_gm_mad": 146.11108998547434,
  "summary_gm_mean": 1587.5962119417507,
  "summary_gm_median": 1582.3434625193477,
  "summary_gm_n": 60499.0,
  "summary_gm_p05": 1358.1638778746128,
  "summary_gm_p95": 1834.5178125388918,
  "summary_gm_stdv": 145.52310449005816,
  "summary_wm_k": 0.2098295427693153,
  "summary_wm_mad": 86.26374873504001,
  "summary_wm_mean": 997.8316718862724,
  "summary_wm_median": 1000.1006616279483,
  "summary_wm_n": 247371.0,
  "summary_wm_p05": 846.0841530933976,
  "summary_wm_p95": 1140.0241563096642,
  "summary_wm_stdv": 89.06966059172592,
  "tpm_overlap_csf": 0.13538765907287598,
  "tpm_overlap_gm": 0.42002564668655396,
  "tpm_overlap_wm": 0.4901929497718811,
  "wm2max": 0.1845350867417066
}