{
  "bids_meta": {
    "AcquisitionMatrixPE": 256,
    "AcquisitionNumber": 1,
    "AcquisitionTime": "17:22:58.565000",
    "BaseResolution": 256,
    "BodyPartExamined": "BRAIN",
    "ConsistencyInfo": "N4_VE11A_LATEST_20140830",
    "ConversionSoftware": "dcm2niix",
    "ConversionSoftwareVersion": "v1.0.20180622 GCC7.3.0",
    "DeviceSerialNumber": "45685",
    "DwellTime": 1.03e-05,
    "EchoTime": 0.00344,
    "FlipAngle": 10,
    "ImageComments": "Image_quality:_high",
    "ImageOrientationPatientDICOM": [
      0.996615,
      -0.081764,
      0.00855191,
      0.008119,
      -0.00562553,
      -0.999951
    ],
    "ImageType": [
      "ORIGINAL",
      "PRIMARY",
      "M",
      "DIS2D"
    ],
    "InPlanePhaseEncodingDirectionDICOM": "ROW",
    "InstitutionAddress": "HAWKINS_DRIVE_200_IOWA_CITY_IOWA_US_52242",
    "InstitutionName": "UIHC_SKYRA",
    "InstitutionalDepartmentName": "Department",
    "InversionTime": 1,
    "MRAcquisitionType": "3D",
    "MagneticFieldStrength": 3,
    "Manufacturer": "Siemens",
    "ManufacturersModelName": "Skyra",
    "Modality": "MR",
    "PartialFourier": 1,
    "PatientPosition": "HFS",
    "PercentPhaseFOV": 100,
    "PhaseEncodingSteps": 256,
    "PhaseResolution": 1,
    "PixelBandwidth": 190,
    "ProcedureStepDescription": "RESEARCH_OYA",
    "ProtocolName": "MPRAGE_TI=1000",
    "PulseSequenceDetails": "%SiemensSeq%_tfl",
    "ReceiveCoilActiveElements": "HE",
    "ReceiveCoilName": "TxRx_CP_Head",
    "ReconMatrixPE": 256,
    "RepetitionTime": 1.9,
    "SAR": 0.047611,
    "ScanOptions": "IR",
    "ScanningSequence": "GR_IR",
    "SequenceName": "_tfl3d1_16ns",
    "SequenceVariant": "SK_SP_MP",
    "SeriesDescription": "MPRAGE_TI=1000",
    "SeriesNumber": 2,
    "ShimSetting": [
      -3775,
      -1487,
      -1091,
      129,
      253,
      -646,
      221,
      42
    ],
    "SliceThickness": 1,
    "SoftwareVersions": "syngo_MR_E11",
    "StationName": "AWP45685",
    "TxRefAmp": 208.384,
    "dataset": "ds002799",
    "modality": "T1w",
    "session_id": "postop",
    "subject_id": "405"
  },
  "cjv": 0.6615988967451258,
  "cnr": 1.976469879270753,
  "efc": 0.6635581312505894,
  "fber": 119.39264896342083,
  "fwhm_avg": 3.6223058100418335,
  "fwhm_x": 3.77448448,
  "fwhm_y": 3.649570870125501,
  "fwhm_z": 3.44286208,
  "icvs_csf": 0.20362137193194024,
  "icvs_gm": 0.42642861317405656,
  "icvs_wm": 0.3699500148940032,
  "inu_med": 1.585838794708252,
  "inu_range": 0.7244808018207551,
  "provenance": {
    "md5sum": "b8e553fb695b25241a80765a32844320",
    "settings": {
      "testing": false
    },
    "software": "mriqc",
    "version": "21.0.0rc2",
    "warnings": {
      "large_rot_frame": true,
      "small_air_mask": false
    },
    "webapi_port": null,
    "webapi_url": "https://mriqc.nimh.nih.gov/api/v1"
  },
  "qi_1": 0.0,
  "qi_2": 0.005160986850921827,
  "rpve_csf": 32.11171311026626,
  "rpve_gm": 15.512984790467838,
  "rpve_wm": 19.836228564740914,
  "size_x": 256,
  "size_y": 224,
  "size_z": 256,
  "snr_csf": 2.250950897918386,
  "snr_gm": 10.901094187508862,
  "snr_total": 9.623020961418865,
  "snr_wm": 15.717017798829344,
  "snrd_csf": 10.06297287700532,
  "snrd_gm": 17.74362124600514,
  "snrd_total": 16.679117821878428,
  "snrd_wm": 22.230759342624822,
  "spacing_x": 0.9765625,
  "spacing_y": 0.9999997615814209,
  "spacing_z": 0.9765625,
  "summary_bg_k": 27.70861416856309,
  "summary_bg_mad": 29.469814947212086,
  "summary_bg_mean": 68.77097561828407,
  "summary_bg_median": 64.72056712210178,
  "summary_bg_n": 3744617.0,
  "summary_bg_p05": 23.14192385226488,
  "summary_bg_p95": 124.44785606861115,
  "summary_bg_stdv": 31.943353219356528,
  "summary_csf_k": 38.6436126918917,
  "summary_csf_mad": 112.04224330171938,
  "summary_csf_mean": 480.15770914882813,
  "summary_csf_median": 452.65987153351307,
  "summary_csf_n": 50457.0,
  "summary_csf_p05": 300.3648871779442,
  "summary_csf_p95": 670.2707754090426,
  "summary_csf_stdv": 201.09518440831482,
  "summary_gm_k": -0.24112089113051782,
  "summary_gm_mad": 76.02358058846016,
  "summary_gm_mean": 801.831882678775,
  "summary_gm_median": 798.1563114523888,
  "summary_gm_n": 22473.0,
  "summary_gm_p05": 687.2479212060571,
  "summary_gm_p95": 926.0610524117947,
  "summary_gm_stdv": 73.21637070641309,
  "summary_wm_k": 1.4957935256106882,
  "summary_wm_mad": 57.51596733658784,
  "summary_wm_mean": 1004.8403486171615,
  "summary_wm_median": 999.9999792426825,
  "summary_wm_n": 193409.0,
  "summary_wm_p05": 910.2169966623187,
  "summary_wm_p95": 1115.0374264419079,
  "summary_wm_stdv": 63.62513594142351,
  "tpm_overlap_csf": 0.13650047779083252,
  "tpm_overlap_gm": 0.4122982621192932,
  "tpm_overlap_wm": 0.4377913177013397,
  "wm2max": 0.5185496523739827
}