{
  "aor": 0.001442325581395349,
  "aqi": 0.0014259484728682168,
  "bids_meta": {
    "AcquisitionMatrixPE": 64,
    "AcquisitionNumber": 1,
    "AcquisitionTime": "14:07:37.000000",
    "BodyPartExamined": "HEAD",
    "ConversionSoftware": "dcm2niix",
    "ConversionSoftwareVersion": "v1.0.20170923 (OpenJPEG build) GCC6.3.0",
    "DeviceSerialNumber": "0000000319335MR2",
    "EchoTime": 0.03,
    "EffectiveEchoSpacing": 0.00064,
    "FlipAngle": 80,
    "ImageType": [
      "ORIGINAL",
      "PRIMARY",
      "EPI",
      "NONE"
    ],
    "InstitutionName": "Iowa_MRRF",
    "MagneticFieldStrength": 3,
    "Manufacturer": "GE",
    "ManufacturersModelName": "DISCOVERY_MR750w",
    "Modality": "MR",
    "PercentPhaseFOV": 100,
    "ProcedureStepDescription": "MH_EPIL",
    "ProtocolName": "REST",
    "ReconMatrixPE": 64,
    "RepetitionTime": 2.26,
    "ScanOptions": "SAT_GEMS_EPI_GEMS_ACC_GEMS_FS",
    "ScanningSequence": "EP_GR",
    "SequenceVariant": "SS",
    "SeriesDescription": "REST",
    "SoftwareVersions": "27_LX_MR_Software_release:DV25.1_R02_1649.a",
    "StationName": "Iowa3T",
    "TaskName": "rest",
    "TotalReadoutTime": 0.04032,
    "dataset": "ds002799",
    "modality": "bold",
    "run_id": 3,
    "session_id": "preop",
    "subject_id": "400",
    "task_id": "rest"
  },
  "dummy_trs": 1,
  "dvars_nstd": 18.768864102421887,
  "dvars_std": 1.231230798046875,
  "dvars_vstd": 0.9801618258593752,
  "efc": 0.4648468314556852,
  "fber": 16275.671875,
  "fd_mean": 0.11898847287885707,
  "fd_num": 6,
  "fd_perc": 4.651162790697675,
  "fwhm_avg": 2.5604274090909094,
  "fwhm_x": 2.5828974545454546,
  "fwhm_y": 2.655127272727273,
  "fwhm_z": 2.4432575,
  "gcor": 0.0285803,
  "gsr_x": -0.00677869189530611,
  "gsr_y": 0.02113668993115425,
  "provenance": {
    "md5sum": "0c29bff2e0ea891b70be91765d14f61a",
    "settings": {
      "fd_thres": 0.2,
      "testing": false
    },
    "software": "mriqc",
    "version": "21.0.0rc2",
    "webapi_port": null,
    "webapi_url": "https://mriqc.nimh.nih.gov/api/v1"
  },
  "size_t": 129,
  "size_x": 64,
  "size_y": 64,
  "size_z": 30,
  "snr": 3.6964099169069558,
  "spacing_tr": 2.259999990463257,
  "spacing_x": 3.4375,
  "spacing_y": 3.4375,
  "spacing_z": 4.0,
  "summary_bg_k": 34.594216384057056,
  "summary_bg_mad": 17.342998095757377,
  "summary_bg_mean": 51.00254440307617,
  "summary_bg_median": 12.093023300170898,
  "summary_bg_n": 75153.0,
  "summary_bg_p05": 0.007751937955617905,
  "summary_bg_p95": 236.9426391601556,
  "summary_bg_stdv": 109.16973876953125,
  "summary_fg_k": 1.3395961522436526,
  "summary_fg_mad": 329.6893247789962,
  "summary_fg_mean": 1493.5345458984375,
  "summary_fg_median": 1427.534912109375,
  "summary_fg_n": 20764.0,
  "summary_fg_p05": 964.8108642578125,
  "summary_fg_p95": 2219.335595703124,
  "summary_fg_stdv": 386.1856689453125,
  "tsnr": 96.01699559483677
}