{
  "aor": 0.001223076923076923,
  "aqi": 0.0011269550846153848,
  "bids_meta": {
    "AcquisitionMatrixPE": 64,
    "AcquisitionNumber": 1,
    "AcquisitionTime": "14:35:38.000000",
    "BodyPartExamined": "HEAD",
    "ConversionSoftware": "dcm2niix",
    "ConversionSoftwareVersion": "v1.0.20170923 (OpenJPEG build) GCC6.3.0",
    "DeviceSerialNumber": "0000000319335MR2",
    "EchoTime": 0.03,
    "EffectiveEchoSpacing": 0.00064,
    "FlipAngle": 80,
    "ImageType": [
      "ORIGINAL",
      "PRIMARY",
      "EPI",
      "NONE"
    ],
    "InstitutionName": "Iowa_MRRF",
    "MagneticFieldStrength": 3,
    "Manufacturer": "GE",
    "ManufacturersModelName": "DISCOVERY_MR750w",
    "Modality": "MR",
    "PercentPhaseFOV": 100,
    "ProcedureStepDescription": "MH_EPIL",
    "ProtocolName": "REST",
    "ReconMatrixPE": 64,
    "RepetitionTime": 2.26,
    "ScanOptions": "SAT_GEMS_EPI_GEMS_ACC_GEMS_FS",
    "ScanningSequence": "EP_GR",
    "SequenceVariant": "SS",
    "SeriesDescription": "REST",
    "SoftwareVersions": "27_LX_MR_Software_release:DV25.1_R02_1649.a",
    "StationName": "Iowa3T",
    "TaskName": "rest",
    "TotalReadoutTime": 0.04032,
    "dataset": "ds002799",
    "modality": "bold",
    "run_id": 5,
    "session_id": "preop",
    "subject_id": "400",
    "task_id": "rest"
  },
  "dummy_trs": 0,
  "dvars_nstd": 19.095991821937996,
  "dvars_std": 1.2820356031007751,
  "dvars_vstd": 1.0085607627131783,
  "efc": 0.4657677980294779,
  "fber": 16684.15234375,
  "fd_mean": 0.14005977317405535,
  "fd_num": 22,
  "fd_perc": 16.923076923076923,
  "fwhm_avg": 2.562667348484849,
  "fwhm_x": 2.5815621818181818,
  "fwhm_y": 2.647892363636364,
  "fwhm_z": 2.4585475,
  "gcor": 0.0538358,
  "gsr_x": -0.005731828976422548,
  "gsr_y": 0.021328385919332504,
  "provenance": {
    "md5sum": "15e1ed55f6c6b3fedaacd5b7a0a99eac",
    "settings": {
      "fd_thres": 0.2,
      "testing": false
    },
    "software": "mriqc",
    "version": "21.0.0rc2",
    "webapi_port": null,
    "webapi_url": "https://mriqc.nimh.nih.gov/api/v1"
  },
  "size_t": 130,
  "size_x": 64,
  "size_y": 64,
  "size_z": 30,
  "snr": 3.634668525617778,
  "spacing_tr": 2.259999990463257,
  "spacing_x": 3.4375,
  "spacing_y": 3.4375,
  "spacing_z": 4.0,
  "summary_bg_k": 33.525084271008055,
  "summary_bg_mad": 16.970093664827363,
  "summary_bg_mean": 51.328983306884766,
  "summary_bg_median": 11.853846549987793,
  "summary_bg_n": 75017.0,
  "summary_bg_p05": 0.007692307699471712,
  "summary_bg_p95": 237.04308166503898,
  "summary_bg_stdv": 110.89175415039062,
  "summary_fg_k": 1.2419614448838807,
  "summary_fg_mad": 328.4705034117445,
  "summary_fg_mean": 1467.4075927734375,
  "summary_fg_median": 1401.484619140625,
  "summary_fg_n": 20778.0,
  "summary_fg_p05": 936.74384765625,
  "summary_fg_p95": 2193.90107421875,
  "summary_fg_stdv": 385.5787353515625,
  "tsnr": 112.85829129978083
}