{
  "aor": 0.001371,
  "aqi": 0.0013693798153846155,
  "bids_meta": {
    "AcquisitionMatrixPE": 64,
    "AcquisitionNumber": 1,
    "AcquisitionTime": "13:55:6.000000",
    "BodyPartExamined": "HEAD",
    "ConversionSoftware": "dcm2niix",
    "ConversionSoftwareVersion": "v1.0.20170923 (OpenJPEG build) GCC6.3.0",
    "DeviceSerialNumber": "0000000319335MR2",
    "EchoTime": 0.03,
    "EffectiveEchoSpacing": 0.00064,
    "FlipAngle": 80,
    "ImageType": [
      "ORIGINAL",
      "PRIMARY",
      "EPI",
      "NONE"
    ],
    "InstitutionName": "Iowa_MRRF",
    "MagneticFieldStrength": 3,
    "Manufacturer": "GE",
    "ManufacturersModelName": "DISCOVERY_MR750w",
    "Modality": "MR",
    "PercentPhaseFOV": 100,
    "ProcedureStepDescription": "MH_EPIL",
    "ProtocolName": "REST",
    "ReconMatrixPE": 64,
    "RepetitionTime": 2.26,
    "ScanOptions": "SAT_GEMS_EPI_GEMS_ACC_GEMS_FS",
    "ScanningSequence": "EP_GR",
    "SequenceVariant": "SS",
    "SeriesDescription": "REST",
    "SoftwareVersions": "27_LX_MR_Software_release:DV25.1_R02_1649.a",
    "StationName": "Iowa3T",
    "TaskName": "rest",
    "TotalReadoutTime": 0.04032,
    "dataset": "ds002799",
    "modality": "bold",
    "run_id": 2,
    "session_id": "preop",
    "subject_id": "400",
    "task_id": "rest"
  },
  "dummy_trs": 0,
  "dvars_nstd": 18.998273368837218,
  "dvars_std": 1.2915144260465112,
  "dvars_vstd": 1.0114012184496126,
  "efc": 0.46358060270588847,
  "fber": 17210.291015625,
  "fd_mean": 0.12302617309277607,
  "fd_num": 13,
  "fd_perc": 10.0,
  "fwhm_avg": 2.5494814545454547,
  "fwhm_x": 2.5666705454545453,
  "fwhm_y": 2.6502138181818182,
  "fwhm_z": 2.43156,
  "gcor": 0.0398566,
  "gsr_x": -0.00732041522860527,
  "gsr_y": 0.021804140880703926,
  "provenance": {
    "md5sum": "fd580c4de8e8cecde20c7a97ad6d8966",
    "settings": {
      "fd_thres": 0.2,
      "testing": false
    },
    "software": "mriqc",
    "version": "21.0.0rc2",
    "webapi_port": null,
    "webapi_url": "https://mriqc.nimh.nih.gov/api/v1"
  },
  "size_t": 130,
  "size_x": 64,
  "size_y": 64,
  "size_z": 30,
  "snr": 3.690937052447852,
  "spacing_tr": 2.259999990463257,
  "spacing_x": 3.4375,
  "spacing_y": 3.4375,
  "spacing_z": 4.0,
  "summary_bg_k": 35.81846556822659,
  "summary_bg_mad": 17.061329525994847,
  "summary_bg_mean": 49.81416702270508,
  "summary_bg_median": 11.89230728149414,
  "summary_bg_n": 75089.0,
  "summary_bg_p05": 0.007692307699471712,
  "summary_bg_p95": 231.70769653320247,
  "summary_bg_stdv": 107.06511688232422,
  "summary_fg_k": 1.2413650626340145,
  "summary_fg_mad": 331.3273902916542,
  "summary_fg_mean": 1495.7037353515625,
  "summary_fg_median": 1432.046142578125,
  "summary_fg_n": 20797.0,
  "summary_fg_p05": 964.1000244140625,
  "summary_fg_p95": 2226.90927734375,
  "summary_fg_stdv": 387.98052978515625,
  "tsnr": 104.86055005900562
}