{
  "aor": 0.000831,
  "aqi": 0.0011168727076923076,
  "bids_meta": {
    "AcquisitionMatrixPE": 64,
    "AcquisitionNumber": 1,
    "AcquisitionTime": "14:25:49.000000",
    "BodyPartExamined": "HEAD",
    "ConversionSoftware": "dcm2niix",
    "ConversionSoftwareVersion": "v1.0.20170923 (OpenJPEG build) GCC6.3.0",
    "DeviceSerialNumber": "0000000319335MR2",
    "EchoTime": 0.03,
    "EffectiveEchoSpacing": 0.00064,
    "FlipAngle": 80,
    "ImageType": [
      "ORIGINAL",
      "PRIMARY",
      "EPI",
      "NONE"
    ],
    "InstitutionName": "Iowa_MRRF",
    "MagneticFieldStrength": 3,
    "Manufacturer": "GE",
    "ManufacturersModelName": "DISCOVERY_MR750w",
    "Modality": "MR",
    "PercentPhaseFOV": 100,
    "ProcedureStepDescription": "MH_EPIL",
    "ProtocolName": "REST",
    "ReconMatrixPE": 64,
    "RepetitionTime": 2.26,
    "ScanOptions": "SAT_GEMS_EPI_GEMS_ACC_GEMS_FS",
    "ScanningSequence": "EP_GR",
    "SequenceVariant": "SS",
    "SeriesDescription": "REST",
    "SoftwareVersions": "27_LX_MR_Software_release:DV25.1_R02_1649.a",
    "StationName": "Iowa3T",
    "TaskName": "rest",
    "TotalReadoutTime": 0.04032,
    "dataset": "ds002799",
    "modality": "bold",
    "run_id": 4,
    "session_id": "preop",
    "subject_id": "400",
    "task_id": "rest"
  },
  "dummy_trs": 0,
  "dvars_nstd": 19.0229079007752,
  "dvars_std": 1.2760193810852711,
  "dvars_vstd": 1.0022802782945737,
  "efc": 0.46517310554919805,
  "fber": 16666.58984375,
  "fd_mean": 0.14202298417508993,
  "fd_num": 24,
  "fd_perc": 18.46153846153846,
  "fwhm_avg": 2.597359878787879,
  "fwhm_x": 2.6133876363636364,
  "fwhm_y": 2.6880319999999998,
  "fwhm_z": 2.49066,
  "gcor": 0.0348956,
  "gsr_x": -0.006647561211138964,
  "gsr_y": 0.021671542897820473,
  "provenance": {
    "md5sum": "5642d348d2b6ec8e4f306fd71d259ea1",
    "settings": {
      "fd_thres": 0.2,
      "testing": false
    },
    "software": "mriqc",
    "version": "21.0.0rc2",
    "webapi_port": null,
    "webapi_url": "https://mriqc.nimh.nih.gov/api/v1"
  },
  "size_t": 130,
  "size_x": 64,
  "size_y": 64,
  "size_z": 30,
  "snr": 3.6137816311401934,
  "spacing_tr": 2.259999990463257,
  "spacing_x": 3.4375,
  "spacing_y": 3.4375,
  "spacing_z": 4.0,
  "summary_bg_k": 33.03863426050054,
  "summary_bg_mad": 17.095543421305667,
  "summary_bg_mean": 51.344844818115234,
  "summary_bg_median": 11.89230728149414,
  "summary_bg_n": 75088.0,
  "summary_bg_p05": 0.007692307699471712,
  "summary_bg_p95": 239.28230438232342,
  "summary_bg_stdv": 109.81293487548828,
  "summary_fg_k": 1.2852423305564677,
  "summary_fg_mad": 329.12629066012767,
  "summary_fg_mean": 1471.6103515625,
  "summary_fg_median": 1404.699951171875,
  "summary_fg_n": 20783.0,
  "summary_fg_p05": 940.9007934570312,
  "summary_fg_p95": 2213.4562744140617,
  "summary_fg_stdv": 388.697021484375,
  "tsnr": 117.8038281078916
}