{
  "aor": 0.01273219827586207,
  "aqi": 0.008091626077586208,
  "bids_meta": {
    "AcquisitionMatrixPE": 68,
    "AcquisitionNumber": 1,
    "AcquisitionTime": "16:50:24.432500",
    "BandwidthPerPixelPhaseEncode": 25.355,
    "BaseResolution": 68,
    "BodyPartExamined": "BRAIN",
    "ConsistencyInfo": "N4_VE11A_LATEST_20140830",
    "ConversionSoftware": "dcm2niix",
    "ConversionSoftwareVersion": "v1.0.20171103 (OpenJPEG build) GCC6.3.0",
    "DelayTime": 0.1,
    "DerivedVendorReportedEchoSpacing": 0.000579999,
    "DeviceSerialNumber": "45685",
    "DwellTime": 3.8e-06,
    "EchoTime": 0.03,
    "EchoTrainLength": 68,
    "EffectiveEchoSpacing": 0.000579999,
    "FlipAngle": 90,
    "ImageOrientationPatientDICOM": [
      1,
      0,
      0,
      0,
      1,
      0
    ],
    "ImageType": [
      "ORIGINAL",
      "PRIMARY",
      "M",
      "ND",
      "MOSAIC"
    ],
    "InPlanePhaseEncodingDirectionDICOM": "COL",
    "InstitutionAddress": "HAWKINS_DRIVE_200_IOWA_CITY_IOWA_US_52242",
    "InstitutionName": "UIHC_SKYRA",
    "InstitutionalDepartmentName": "Department",
    "MRAcquisitionType": "2D",
    "MagneticFieldStrength": 3,
    "Manufacturer": "Siemens",
    "ManufacturersModelName": "Skyra",
    "Modality": "MR",
    "PartialFourier": 1,
    "PatientPosition": "HFS",
    "PercentPhaseFOV": 100,
    "PhaseEncodingDirection": "j-",
    "PhaseEncodingSteps": 68,
    "PhaseResolution": 1,
    "PixelBandwidth": 1935,
    "ProcedureStepDescription": "RESEARCH_HOWARD",
    "ProtocolName": "ES-FMRI",
    "PulseSequenceDetails": "%SiemensSeq%_ep2d_pace",
    "ReceiveCoilActiveElements": "HE",
    "ReceiveCoilName": "Head_TxRx",
    "ReconMatrixPE": 68,
    "RepetitionTime": 3,
    "SAR": 0.115541,
    "ScanOptions": "FS",
    "ScanningSequence": "EP",
    "SequenceName": "_epfid2d1_68",
    "SequenceVariant": "SK",
    "SeriesDescription": "ES-FMRI",
    "SeriesNumber": 17,
    "ShimSetting": [
      -3819,
      -1234,
      -977,
      294,
      107,
      -251,
      -424,
      56
    ],
    "SliceThickness": 3,
    "SliceTiming": [
      1.44,
      0,
      1.505,
      0.065,
      1.57,
      0.13,
      1.635,
      0.195,
      1.7025,
      0.2625,
      1.7675,
      0.3275,
      1.8325,
      0.3925,
      1.8975,
      0.4575,
      1.9625,
      0.5225,
      2.03,
      0.59,
      2.095,
      0.655,
      2.16,
      0.72,
      2.225,
      0.785,
      2.29,
      0.85,
      2.355,
      0.915,
      2.4225,
      0.9825,
      2.4875,
      1.0475,
      2.5525,
      1.1125,
      2.6175,
      1.1775,
      2.6825,
      1.2425,
      2.7475,
      1.31,
      2.815,
      1.375
    ],
    "SoftwareVersions": "syngo_MR_E11",
    "SpacingBetweenSlices": 3,
    "StationName": "AWP45685",
    "TaskName": "es",
    "TotalReadoutTime": 0.03886,
    "TxRefAmp": 188.919,
    "dataset": "ds002799",
    "modality": "bold",
    "run_id": 6,
    "session_id": "postop",
    "subject_id": "339",
    "task_id": "es"
  },
  "dummy_trs": 0,
  "dvars_nstd": 31.98469528584415,
  "dvars_std": 1.143747622207792,
  "dvars_vstd": 1.0781529993939394,
  "efc": 0.46834865152919763,
  "fber": 2989.32177734375,
  "fd_mean": 0.19618084517753206,
  "fd_num": 31,
  "fd_perc": 13.362068965517242,
  "fwhm_avg": 2.000815056330573,
  "fwhm_x": 1.9815663722262224,
  "fwhm_y": 2.0500454634321623,
  "fwhm_z": 1.9708333333333332,
  "gcor": 0.0864857,
  "gsr_x": -0.0023585818707942963,
  "gsr_y": 0.03110925480723381,
  "provenance": {
    "md5sum": "8fa831270ab4ff17d1392266d6399e26",
    "settings": {
      "fd_thres": 0.2,
      "testing": false
    },
    "software": "mriqc",
    "version": "21.0.0rc2",
    "webapi_port": null,
    "webapi_url": "https://mriqc.nimh.nih.gov/api/v1"
  },
  "size_t": 232,
  "size_x": 68,
  "size_y": 68,
  "size_z": 44,
  "snr": 4.88619376761209,
  "spacing_tr": 3.0,
  "spacing_x": 3.2352941036224365,
  "spacing_y": 3.2352941036224365,
  "spacing_z": 3.0,
  "summary_bg_k": 32.186163661587486,
  "summary_bg_mad": 1.0991705371376193,
  "summary_bg_mean": 16.21666717529297,
  "summary_bg_median": 5.193965435028076,
  "summary_bg_n": 140318.0,
  "summary_bg_p05": 4.405172348022461,
  "summary_bg_p95": 66.41832046508772,
  "summary_bg_stdv": 31.2080078125,
  "summary_fg_k": 2.5698163546093147,
  "summary_fg_mad": 53.891332819751554,
  "summary_fg_mean": 299.7037048339844,
  "summary_fg_median": 295.0517272949219,
  "summary_fg_n": 24255.0,
  "summary_fg_p05": 212.5952590942383,
  "summary_fg_p95": 399.1491363525391,
  "summary_fg_stdv": 60.3835334777832,
  "tsnr": 41.8641103223199
}