{
  "aor": 0.000727543103448276,
  "aqi": 0.006105347758620689,
  "bids_meta": {
    "AcquisitionMatrixPE": 68,
    "AcquisitionNumber": 1,
    "AcquisitionTime": "15:53:1.930000",
    "BandwidthPerPixelPhaseEncode": 25.355,
    "BaseResolution": 68,
    "BodyPartExamined": "BRAIN",
    "ConsistencyInfo": "N4_VE11A_LATEST_20140830",
    "ConversionSoftware": "dcm2niix",
    "ConversionSoftwareVersion": "v1.0.20171103 (OpenJPEG build) GCC6.3.0",
    "DelayTime": 0.1,
    "DerivedVendorReportedEchoSpacing": 0.000579999,
    "DeviceSerialNumber": "45685",
    "DwellTime": 3.8e-06,
    "EchoTime": 0.03,
    "EchoTrainLength": 68,
    "EffectiveEchoSpacing": 0.000579999,
    "FlipAngle": 90,
    "ImageOrientationPatientDICOM": [
      1,
      0,
      0,
      0,
      1,
      0
    ],
    "ImageType": [
      "ORIGINAL",
      "PRIMARY",
      "M",
      "ND",
      "MOSAIC"
    ],
    "InPlanePhaseEncodingDirectionDICOM": "COL",
    "InstitutionAddress": "HAWKINS_DRIVE_200_IOWA_CITY_IOWA_US_52242",
    "InstitutionName": "UIHC_SKYRA",
    "InstitutionalDepartmentName": "Department",
    "MRAcquisitionType": "2D",
    "MagneticFieldStrength": 3,
    "Manufacturer": "Siemens",
    "ManufacturersModelName": "Skyra",
    "Modality": "MR",
    "PartialFourier": 1,
    "PatientPosition": "HFS",
    "PercentPhaseFOV": 100,
    "PhaseEncodingDirection": "j-",
    "PhaseEncodingSteps": 68,
    "PhaseResolution": 1,
    "PixelBandwidth": 1935,
    "ProcedureStepDescription": "RESEARCH_HOWARD",
    "ProtocolName": "ES-FMRI",
    "PulseSequenceDetails": "%SiemensSeq%_ep2d_pace",
    "ReceiveCoilActiveElements": "HE",
    "ReceiveCoilName": "Head_TxRx",
    "ReconMatrixPE": 68,
    "RepetitionTime": 3,
    "SAR": 0.115541,
    "ScanOptions": "FS",
    "ScanningSequence": "EP",
    "SequenceName": "_epfid2d1_68",
    "SequenceVariant": "SK",
    "SeriesDescription": "ES-FMRI",
    "SeriesNumber": 7,
    "ShimSetting": [
      -3819,
      -1234,
      -977,
      294,
      107,
      -251,
      -424,
      56
    ],
    "SliceThickness": 3,
    "SliceTiming": [
      1.44,
      0,
      1.505,
      0.065,
      1.5725,
      0.1325,
      1.6375,
      0.1975,
      1.7025,
      0.2625,
      1.7675,
      0.3275,
      1.8325,
      0.3925,
      1.8975,
      0.4575,
      1.965,
      0.525,
      2.03,
      0.59,
      2.095,
      0.655,
      2.16,
      0.72,
      2.225,
      0.785,
      2.29,
      0.8525,
      2.3575,
      0.9175,
      2.4225,
      0.9825,
      2.4875,
      1.0475,
      2.5525,
      1.1125,
      2.6175,
      1.1775,
      2.685,
      1.245,
      2.75,
      1.31,
      2.815,
      1.375
    ],
    "SoftwareVersions": "syngo_MR_E11",
    "SpacingBetweenSlices": 3,
    "StationName": "AWP45685",
    "TaskName": "es",
    "TotalReadoutTime": 0.03886,
    "TxRefAmp": 188.919,
    "dataset": "ds002799",
    "modality": "bold",
    "run_id": 2,
    "session_id": "postop",
    "subject_id": "339",
    "task_id": "es"
  },
  "dummy_trs": 0,
  "dvars_nstd": 32.26907618632033,
  "dvars_std": 1.1113162327705624,
  "dvars_vstd": 0.9963084912121217,
  "efc": 0.4737577369685622,
  "fber": 2772.810791015625,
  "fd_mean": 0.11242690141378563,
  "fd_num": 19,
  "fd_perc": 8.189655172413794,
  "fwhm_avg": 2.019401561444217,
  "fwhm_x": 2.0122590996319993,
  "fwhm_y": 2.0630489180339855,
  "fwhm_z": 1.9828966666666668,
  "gcor": 0.0305016,
  "gsr_x": -0.0058984775096178055,
  "gsr_y": 0.033508941531181335,
  "provenance": {
    "md5sum": "2a4defc9b2c65acbedc7666be3f6e78e",
    "settings": {
      "fd_thres": 0.2,
      "testing": false
    },
    "software": "mriqc",
    "version": "21.0.0rc2",
    "webapi_port": null,
    "webapi_url": "https://mriqc.nimh.nih.gov/api/v1"
  },
  "size_t": 232,
  "size_x": 68,
  "size_y": 68,
  "size_z": 44,
  "snr": 4.862670705045785,
  "spacing_tr": 3.0,
  "spacing_x": 3.2352941036224365,
  "spacing_y": 3.2352941036224365,
  "spacing_z": 3.0,
  "summary_bg_k": 33.02355791907174,
  "summary_bg_mad": 1.2461524342260726,
  "summary_bg_mean": 16.357030868530273,
  "summary_bg_median": 5.301723957061768,
  "summary_bg_n": 139212.0,
  "summary_bg_p05": 4.413793087005615,
  "summary_bg_p95": 67.65280342102044,
  "summary_bg_stdv": 31.05986213684082,
  "summary_fg_k": 2.3992536113529797,
  "summary_fg_mad": 54.23958688700734,
  "summary_fg_mean": 295.4707946777344,
  "summary_fg_median": 291.9676513671875,
  "summary_fg_n": 24802.0,
  "summary_fg_p05": 206.59526443481445,
  "summary_fg_p95": 392.8448181152344,
  "summary_fg_stdv": 60.04144287109375,
  "tsnr": 50.19364869146375
}