{
  "aor": 0.021492155172413794,
  "aqi": 0.011575133965517242,
  "bids_meta": {
    "AcquisitionMatrixPE": 68,
    "AcquisitionNumber": 1,
    "AcquisitionTime": "16:22:51.357500",
    "BandwidthPerPixelPhaseEncode": 25.355,
    "BaseResolution": 68,
    "BodyPartExamined": "BRAIN",
    "ConsistencyInfo": "N4_VE11A_LATEST_20140830",
    "ConversionSoftware": "dcm2niix",
    "ConversionSoftwareVersion": "v1.0.20171103 (OpenJPEG build) GCC6.3.0",
    "DelayTime": 0.1,
    "DerivedVendorReportedEchoSpacing": 0.000579999,
    "DeviceSerialNumber": "45685",
    "DwellTime": 3.8e-06,
    "EchoTime": 0.03,
    "EchoTrainLength": 68,
    "EffectiveEchoSpacing": 0.000579999,
    "FlipAngle": 90,
    "ImageOrientationPatientDICOM": [
      1,
      0,
      0,
      0,
      1,
      0
    ],
    "ImageType": [
      "ORIGINAL",
      "PRIMARY",
      "M",
      "ND",
      "MOSAIC"
    ],
    "InPlanePhaseEncodingDirectionDICOM": "COL",
    "InstitutionAddress": "HAWKINS_DRIVE_200_IOWA_CITY_IOWA_US_52242",
    "InstitutionName": "UIHC_SKYRA",
    "InstitutionalDepartmentName": "Department",
    "MRAcquisitionType": "2D",
    "MagneticFieldStrength": 3,
    "Manufacturer": "Siemens",
    "ManufacturersModelName": "Skyra",
    "Modality": "MR",
    "PartialFourier": 1,
    "PatientPosition": "HFS",
    "PercentPhaseFOV": 100,
    "PhaseEncodingDirection": "j-",
    "PhaseEncodingSteps": 68,
    "PhaseResolution": 1,
    "PixelBandwidth": 1935,
    "ProcedureStepDescription": "RESEARCH_HOWARD",
    "ProtocolName": "ES-FMRI",
    "PulseSequenceDetails": "%SiemensSeq%_ep2d_pace",
    "ReceiveCoilActiveElements": "HE",
    "ReceiveCoilName": "Head_TxRx",
    "ReconMatrixPE": 68,
    "RepetitionTime": 3,
    "SAR": 0.115541,
    "ScanOptions": "FS",
    "ScanningSequence": "EP",
    "SequenceName": "_epfid2d1_68",
    "SequenceVariant": "SK",
    "SeriesDescription": "ES-FMRI",
    "SeriesNumber": 13,
    "ShimSetting": [
      -3819,
      -1234,
      -977,
      294,
      107,
      -251,
      -424,
      56
    ],
    "SliceThickness": 3,
    "SliceTiming": [
      1.44,
      0,
      1.505,
      0.065,
      1.57,
      0.13,
      1.635,
      0.195,
      1.7,
      0.26,
      1.7675,
      0.3275,
      1.8325,
      0.3925,
      1.8975,
      0.4575,
      1.9625,
      0.5225,
      2.0275,
      0.5875,
      2.0925,
      0.655,
      2.16,
      0.72,
      2.225,
      0.785,
      2.29,
      0.85,
      2.355,
      0.915,
      2.42,
      0.98,
      2.4875,
      1.0475,
      2.5525,
      1.1125,
      2.6175,
      1.1775,
      2.6825,
      1.2425,
      2.7475,
      1.3075,
      2.8125,
      1.375
    ],
    "SoftwareVersions": "syngo_MR_E11",
    "SpacingBetweenSlices": 3,
    "StationName": "AWP45685",
    "TaskName": "es",
    "TotalReadoutTime": 0.03886,
    "TxRefAmp": 188.919,
    "dataset": "ds002799",
    "modality": "bold",
    "run_id": 4,
    "session_id": "postop",
    "subject_id": "339",
    "task_id": "es"
  },
  "dummy_trs": 0,
  "dvars_nstd": 37.444859550476195,
  "dvars_std": 1.3243088312987017,
  "dvars_vstd": 1.2470112487445888,
  "efc": 0.4777222357478498,
  "fber": 2575.71826171875,
  "fd_mean": 0.4318237449998598,
  "fd_num": 39,
  "fd_perc": 16.810344827586206,
  "fwhm_avg": 1.993947722988003,
  "fwhm_x": 1.9863603722470038,
  "fwhm_y": 2.0388594633836723,
  "fwhm_z": 1.9566233333333332,
  "gcor": 0.2215,
  "gsr_x": -0.005847123917192221,
  "gsr_y": 0.030169406905770302,
  "provenance": {
    "md5sum": "3ae2c48fec46063ad62263b0310b9605",
    "settings": {
      "fd_thres": 0.2,
      "testing": false
    },
    "software": "mriqc",
    "version": "21.0.0rc2",
    "webapi_port": null,
    "webapi_url": "https://mriqc.nimh.nih.gov/api/v1"
  },
  "size_t": 232,
  "size_x": 68,
  "size_y": 68,
  "size_z": 44,
  "snr": 5.0174401330136,
  "spacing_tr": 3.0,
  "spacing_x": 3.2352941036224365,
  "spacing_y": 3.2352941036224365,
  "spacing_z": 3.0,
  "summary_bg_k": 30.46242151339098,
  "summary_bg_mad": 1.2525426441169494,
  "summary_bg_mean": 16.833412170410156,
  "summary_bg_median": 5.5818963050842285,
  "summary_bg_n": 139029.0,
  "summary_bg_p05": 4.685344696044922,
  "summary_bg_p95": 69.47241210937503,
  "summary_bg_stdv": 31.113256454467773,
  "summary_fg_k": 2.67543691514459,
  "summary_fg_mad": 52.80489957784614,
  "summary_fg_mean": 299.87469482421875,
  "summary_fg_median": 295.9180908203125,
  "summary_fg_n": 25013.0,
  "summary_fg_p05": 213.07672424316405,
  "summary_fg_p95": 395.8060424804687,
  "summary_fg_stdv": 58.976722717285156,
  "tsnr": 32.204997674329206
}