{
  "aor": 0.008969655172413793,
  "aqi": 0.008696711206896553,
  "bids_meta": {
    "AcquisitionMatrixPE": 68,
    "AcquisitionNumber": 1,
    "AcquisitionTime": "15:35:55.590000",
    "BandwidthPerPixelPhaseEncode": 25.355,
    "BaseResolution": 68,
    "BodyPartExamined": "BRAIN",
    "ConsistencyInfo": "N4_VE11A_LATEST_20140830",
    "ConversionSoftware": "dcm2niix",
    "ConversionSoftwareVersion": "v1.0.20171103 (OpenJPEG build) GCC6.3.0",
    "DelayTime": 0.1,
    "DerivedVendorReportedEchoSpacing": 0.000579999,
    "DeviceSerialNumber": "45685",
    "DwellTime": 3.8e-06,
    "EchoTime": 0.03,
    "EchoTrainLength": 68,
    "EffectiveEchoSpacing": 0.000579999,
    "FlipAngle": 90,
    "ImageOrientationPatientDICOM": [
      1,
      0,
      0,
      0,
      1,
      0
    ],
    "ImageType": [
      "ORIGINAL",
      "PRIMARY",
      "M",
      "ND",
      "MOSAIC"
    ],
    "InPlanePhaseEncodingDirectionDICOM": "COL",
    "InstitutionAddress": "HAWKINS_DRIVE_200_IOWA_CITY_IOWA_US_52242",
    "InstitutionName": "UIHC_SKYRA",
    "InstitutionalDepartmentName": "Department",
    "MRAcquisitionType": "2D",
    "MagneticFieldStrength": 3,
    "Manufacturer": "Siemens",
    "ManufacturersModelName": "Skyra",
    "Modality": "MR",
    "PartialFourier": 1,
    "PatientPosition": "HFS",
    "PercentPhaseFOV": 100,
    "PhaseEncodingDirection": "j-",
    "PhaseEncodingSteps": 68,
    "PhaseResolution": 1,
    "PixelBandwidth": 1935,
    "ProcedureStepDescription": "RESEARCH_HOWARD",
    "ProtocolName": "ES-FMRI",
    "PulseSequenceDetails": "%SiemensSeq%_ep2d_pace",
    "ReceiveCoilActiveElements": "HE",
    "ReceiveCoilName": "Head_TxRx",
    "ReconMatrixPE": 68,
    "RepetitionTime": 3,
    "SAR": 0.115541,
    "ScanOptions": "FS",
    "ScanningSequence": "EP",
    "SequenceName": "_epfid2d1_68",
    "SequenceVariant": "SK",
    "SeriesDescription": "ES-FMRI",
    "SeriesNumber": 5,
    "ShimSetting": [
      -3819,
      -1234,
      -977,
      294,
      107,
      -251,
      -424,
      56
    ],
    "SliceThickness": 3,
    "SliceTiming": [
      1.44,
      0,
      1.505,
      0.065,
      1.57,
      0.13,
      1.635,
      0.195,
      1.7,
      0.26,
      1.7675,
      0.3275,
      1.8325,
      0.3925,
      1.8975,
      0.4575,
      1.9625,
      0.5225,
      2.0275,
      0.5875,
      2.095,
      0.655,
      2.16,
      0.72,
      2.225,
      0.785,
      2.29,
      0.85,
      2.355,
      0.915,
      2.42,
      0.98,
      2.4875,
      1.0475,
      2.5525,
      1.1125,
      2.6175,
      1.1775,
      2.6825,
      1.2425,
      2.7475,
      1.3075,
      2.815,
      1.375
    ],
    "SoftwareVersions": "syngo_MR_E11",
    "SpacingBetweenSlices": 3,
    "StationName": "AWP45685",
    "TaskName": "es",
    "TotalReadoutTime": 0.03886,
    "TxRefAmp": 188.919,
    "dataset": "ds002799",
    "modality": "bold",
    "run_id": 1,
    "session_id": "postop",
    "subject_id": "339",
    "task_id": "es"
  },
  "dummy_trs": 0,
  "dvars_nstd": 32.53219957077922,
  "dvars_std": 1.1465698117748926,
  "dvars_vstd": 1.0640244714285716,
  "efc": 0.474947972227006,
  "fber": 2758.308837890625,
  "fd_mean": 0.18740630608785058,
  "fd_num": 8,
  "fd_perc": 3.4482758620689653,
  "fwhm_avg": 1.9948848543176283,
  "fwhm_x": 1.9814736449530934,
  "fwhm_y": 2.0551609179997916,
  "fwhm_z": 1.9480199999999999,
  "gcor": 0.0754072,
  "gsr_x": -0.0070876446552574635,
  "gsr_y": 0.035821057856082916,
  "provenance": {
    "md5sum": "1ffb997aeaeae53e64d97076d9dff845",
    "settings": {
      "fd_thres": 0.2,
      "testing": false
    },
    "software": "mriqc",
    "version": "21.0.0rc2",
    "webapi_port": null,
    "webapi_url": "https://mriqc.nimh.nih.gov/api/v1"
  },
  "size_t": 232,
  "size_x": 68,
  "size_y": 68,
  "size_z": 44,
  "snr": 4.996191824125611,
  "spacing_tr": 3.0,
  "spacing_x": 3.2352941036224365,
  "spacing_y": 3.2352941036224365,
  "spacing_z": 3.0,
  "summary_bg_k": 29.91161638536618,
  "summary_bg_mad": 1.310058067933984,
  "summary_bg_mean": 16.77132797241211,
  "summary_bg_median": 5.469827651977539,
  "summary_bg_n": 139166.0,
  "summary_bg_p05": 4.538793087005615,
  "summary_bg_p95": 69.50215530395508,
  "summary_bg_stdv": 31.22934913635254,
  "summary_fg_k": 2.4598803865402585,
  "summary_fg_mad": 54.172487915753564,
  "summary_fg_mean": 303.32574462890625,
  "summary_fg_median": 300.0732727050781,
  "summary_fg_n": 24901.0,
  "summary_fg_p05": 214.46551513671875,
  "summary_fg_p95": 399.9698181152344,
  "summary_fg_stdv": 60.0591926574707,
  "tsnr": 40.62928899144754
}